{
  "bids_meta": {
    "AcquisitionMatrixPE": 256,
    "AcquisitionNumber": 1,
    "AcquisitionTime": "10:18:7.140000",
    "BaseResolution": 256,
    "BodyPartExamined": "BRAIN",
    "ConsistencyInfo": "N4_VE11A_LATEST_20140830",
    "ConversionSoftware": "dcm2niix",
    "ConversionSoftwareVersion": "v1.0.20190902",
    "DeviceSerialNumber": "45239",
    "DwellTime": 1.09e-05,
    "EchoTime": 0.00243,
    "FlipAngle": 9,
    "ImageOrientationPatientDICOM": [
      0,
      1,
      0,
      0,
      0,
      -1
    ],
    "ImageType": [
      "ORIGINAL",
      "PRIMARY",
      "M",
      "ND"
    ],
    "ImagingFrequency": 123.224,
    "InPlanePhaseEncodingDirectionDICOM": "ROW",
    "InstitutionAddress": "E_24th_St._100_Austin_Southmiddle_US_78712",
    "InstitutionName": "The_Univ._of_Texas_at_Austin_IRC",
    "InstitutionalDepartmentName": "IRC",
    "InversionTime": 0.9,
    "MRAcquisitionType": "3D",
    "MagneticFieldStrength": 3,
    "Manufacturer": "Siemens",
    "ManufacturersModelName": "Skyra",
    "Modality": "MR",
    "ParallelReductionFactorInPlane": 2,
    "PartialFourier": 1,
    "PatientPosition": "HFS",
    "PercentPhaseFOV": 100,
    "PhaseEncodingSteps": 255,
    "PhaseResolution": 1,
    "PixelBandwidth": 180,
    "ProcedureStepDescription": "Booth_Language",
    "ProtocolName": "MPRAGE",
    "PulseSequenceDetails": "%SiemensSeq%_tfl",
    "ReceiveCoilActiveElements": "HC1-6",
    "ReceiveCoilName": "HeadNeck_64",
    "ReconMatrixPE": 256,
    "RefLinesPE": 24,
    "RepetitionTime": 1.9,
    "SAR": 0.227912,
    "ScanOptions": "IR",
    "ScanningSequence": "GR_IR",
    "SequenceName": "_tfl3d1_16ns",
    "SequenceVariant": "SK_SP_MP",
    "SeriesDescription": "MPRAGE",
    "SeriesNumber": 2,
    "ShiftedAquisitionDate": "1816-07-21 00:00:00",
    "ShimSetting": [
      -2849,
      8022,
      -16018,
      -1233,
      -75,
      -527,
      -219,
      169
    ],
    "SliceThickness": 1,
    "SoftwareVersions": "syngo_MR_E11",
    "StationName": "AWP45239",
    "TxRefAmp": 337.639,
    "acq_id": "D1S2",
    "dataset": "ds003604",
    "modality": "T1w",
    "session_id": "7",
    "subject_id": "5042"
  },
  "cjv": 0.4765628270419517,
  "cnr": 2.9318866400923835,
  "efc": 0.5188695632224026,
  "fber": -1.0,
  "fwhm_avg": 6.365873333333333,
  "fwhm_x": 6.6743,
  "fwhm_y": 5.7032,
  "fwhm_z": 6.72012,
  "icvs_csf": 0.13358028914139927,
  "icvs_gm": 0.46713228222479025,
  "icvs_wm": 0.39928742863381045,
  "inu_med": 0.9111918807029724,
  "inu_range": 1.3688123285770415,
  "provenance": {
    "md5sum": "a980467440a1fc081141323733dea23b",
    "settings": {
      "testing": false
    },
    "software": "mriqc",
    "version": "22.0.6",
    "warnings": {
      "large_rot_frame": true,
      "small_air_mask": false
    },
    "webapi_port": null,
    "webapi_url": "https://mriqc.nimh.nih.gov/api/v1"
  },
  "qi_1": 0.0,
  "qi_2": 0.003298458649805693,
  "rpve_csf": 46.13816954343497,
  "rpve_gm": 14.515087115378103,
  "rpve_wm": 17.790567495815285,
  "size_x": 192,
  "size_y": 256,
  "size_z": 256,
  "snr_csf": 2.644357265317337,
  "snr_gm": 15.492649428895152,
  "snr_total": 10.922189970917515,
  "snr_wm": 14.629563218540051,
  "snrd_csf": 19.041031809443762,
  "snrd_gm": 42.29069684458715,
  "snrd_total": 39.193296063912925,
  "snrd_wm": 56.24815953770785,
  "spacing_x": 1.0,
  "spacing_y": 1.0,
  "spacing_z": 1.0,
  "summary_bg_k": 7.529356468953351,
  "summary_bg_mad": 0.0,
  "summary_bg_mean": 6.9960428375957315,
  "summary_bg_median": 0.0,
  "summary_bg_n": 2296054.0,
  "summary_bg_p05": 0.0,
  "summary_bg_p95": 29.4084253013134,
  "summary_bg_stdv": 11.647911746403016,
  "summary_csf_k": 34.34175167862676,
  "summary_csf_mad": 96.37672027159003,
  "summary_csf_mean": 349.24479013290704,
  "summary_csf_median": 338.53752909600735,
  "summary_csf_n": 17872.0,
  "summary_csf_p05": 177.16305323168635,
  "summary_csf_p95": 548.5977098196745,
  "summary_csf_stdv": 128.0190321605775,
  "summary_gm_k": 0.13160080080852898,
  "summary_gm_mad": 48.3146178479412,
  "summary_gm_mean": 752.2271520407402,
  "summary_gm_median": 751.901900947094,
  "summary_gm_n": 48877.0,
  "summary_gm_p05": 672.6921809077263,
  "summary_gm_p95": 831.4976775348186,
  "summary_gm_stdv": 48.532319315836126,
  "summary_wm_k": -0.022797864344986873,
  "summary_wm_mad": 69.94677252898805,
  "summary_wm_mean": 1008.3701059033783,
  "summary_wm_median": 1000.0567793101072,
  "summary_wm_n": 146772.0,
  "summary_wm_p05": 911.0934541225433,
  "summary_wm_p95": 1133.1895154714584,
  "summary_wm_stdv": 68.3583889366697,
  "tpm_overlap_csf": 0.14039935365267492,
  "tpm_overlap_gm": 0.46573133471093126,
  "tpm_overlap_wm": 0.45094228945059456,
  "wm2max": 0.342340995750137
}