{
  "bids_meta": {
    "AcquisitionMatrixPE": 256,
    "AcquisitionNumber": 1,
    "AcquisitionTime": "13:06:34.490000",
    "BaseResolution": 256,
    "BodyPartExamined": "BRAIN",
    "ConsistencyInfo": "N4_VE11C_LATEST_20160120",
    "ConversionSoftware": "dcm2niix",
    "ConversionSoftwareVersion": "v1.0.20190902",
    "DeviceSerialNumber": "45239",
    "DwellTime": 1.09e-05,
    "EchoTime": 0.00243,
    "FlipAngle": 9,
    "ImageOrientationPatientDICOM": [
      0,
      1,
      0,
      0,
      0,
      -1
    ],
    "ImageType": [
      "ORIGINAL",
      "PRIMARY",
      "M",
      "ND"
    ],
    "ImagingFrequency": 123.172,
    "InPlanePhaseEncodingDirectionDICOM": "ROW",
    "InstitutionAddress": "E_24th_St._100_Austin_Southmiddle_US_78712",
    "InstitutionName": "The_Univ._of_Texas_at_Austin_IRC",
    "InstitutionalDepartmentName": "IRC",
    "InversionTime": 0.9,
    "MRAcquisitionType": "3D",
    "MagneticFieldStrength": 3,
    "Manufacturer": "Siemens",
    "ManufacturersModelName": "Skyra",
    "Modality": "MR",
    "ParallelReductionFactorInPlane": 2,
    "PartialFourier": 1,
    "PatientPosition": "HFS",
    "PercentPhaseFOV": 100,
    "PhaseEncodingSteps": 255,
    "PhaseResolution": 1,
    "PixelBandwidth": 180,
    "ProcedureStepDescription": "Booth_Language",
    "ProtocolName": "MPRAGE",
    "PulseSequenceDetails": "%SiemensSeq%_tfl",
    "ReceiveCoilActiveElements": "HC1-6",
    "ReceiveCoilName": "HeadNeck_64",
    "ReconMatrixPE": 256,
    "RefLinesPE": 24,
    "RepetitionTime": 1.9,
    "SAR": 0.188409,
    "ScanOptions": "IR",
    "ScanningSequence": "GR_IR",
    "SequenceName": "_tfl3d1_16ns",
    "SequenceVariant": "SK_SP_MP",
    "SeriesDescription": "MPRAGE",
    "SeriesNumber": 2,
    "ShiftedAquisitionDate": "1818-08-02 00:00:00",
    "ShimSetting": [
      -2751,
      8072,
      -15888,
      -462,
      637,
      -681,
      -484,
      -138
    ],
    "SliceThickness": 1,
    "SoftwareVersions": "syngo_MR_E11",
    "StationName": "AWP45239",
    "TxRefAmp": 339.523,
    "acq_id": "D1S2",
    "dataset": "ds003604",
    "modality": "T1w",
    "session_id": "7",
    "subject_id": "5482"
  },
  "cjv": 0.4713094615934686,
  "cnr": 2.8666952938901273,
  "efc": 0.4924217002319736,
  "fber": -1.0,
  "fwhm_avg": 5.167993333333333,
  "fwhm_x": 5.4896,
  "fwhm_y": 4.87212,
  "fwhm_z": 5.14226,
  "icvs_csf": 0.13313556923250397,
  "icvs_gm": 0.46696993698005707,
  "icvs_wm": 0.39989449378743896,
  "inu_med": 1.010755181312561,
  "inu_range": 1.2578531086444853,
  "provenance": {
    "md5sum": "88f909c64d5ed6bd990d17ea105195b6",
    "settings": {
      "testing": false
    },
    "software": "mriqc",
    "version": "22.0.6",
    "warnings": {
      "large_rot_frame": true,
      "small_air_mask": false
    },
    "webapi_port": null,
    "webapi_url": "https://mriqc.nimh.nih.gov/api/v1"
  },
  "qi_1": 2.1416086724137244e-06,
  "qi_2": 0.0028242239375250817,
  "rpve_csf": 38.67339674424779,
  "rpve_gm": 11.983811526679876,
  "rpve_wm": 14.524066191207384,
  "size_x": 192,
  "size_y": 256,
  "size_z": 256,
  "snr_csf": 1.2825086765058933,
  "snr_gm": 15.182516773885927,
  "snr_total": 10.340154258383528,
  "snr_wm": 14.555437324758762,
  "snrd_csf": 20.841789719396846,
  "snrd_gm": 41.86935824433558,
  "snrd_total": 39.39950823267406,
  "snrd_wm": 55.48737673428973,
  "spacing_x": 1.0,
  "spacing_y": 1.0,
  "spacing_z": 1.0,
  "summary_bg_k": 10.854444281251304,
  "summary_bg_mad": 0.0,
  "summary_bg_mean": 6.443018529640435,
  "summary_bg_median": 0.0,
  "summary_bg_n": 3036223.0,
  "summary_bg_p05": 0.0,
  "summary_bg_p95": 27.4100604057312,
  "summary_bg_stdv": 11.807864162116985,
  "summary_csf_k": 9.236016154280092,
  "summary_csf_mad": 112.79414031383726,
  "summary_csf_mean": 444.86408236178914,
  "summary_csf_median": 375.64241874217987,
  "summary_csf_n": 23129.0,
  "summary_csf_p05": 183.46051794290543,
  "summary_csf_p95": 1186.5285637110467,
  "summary_csf_stdv": 292.89025871091405,
  "summary_gm_k": 0.12540699010492595,
  "summary_gm_mad": 49.18147776222587,
  "summary_gm_mean": 754.6865235915978,
  "summary_gm_median": 754.6332255452871,
  "summary_gm_n": 65629.0,
  "summary_gm_p05": 673.1038697361946,
  "summary_gm_p95": 835.9289728850126,
  "summary_gm_stdv": 49.70371431338065,
  "summary_wm_k": 0.2963668283141838,
  "summary_wm_mad": 66.4988995094885,
  "summary_wm_mean": 1010.1272554641429,
  "summary_wm_median": 1000.0778573602438,
  "summary_wm_n": 185132.0,
  "summary_wm_p05": 915.2779829800129,
  "summary_wm_p95": 1139.9314610213041,
  "summary_wm_stdv": 68.70801158750022,
  "tpm_overlap_csf": 0.12976569639767516,
  "tpm_overlap_gm": 0.46963605294961946,
  "tpm_overlap_wm": 0.4472877211124382,
  "wm2max": 0.28663571843056734
}