{
  "bids_meta": {
    "AcquisitionMatrixPE": 256,
    "AcquisitionNumber": 1,
    "AcquisitionTime": "13:59:51.567500",
    "BaseResolution": 256,
    "BodyPartExamined": "BRAIN",
    "ConsistencyInfo": "N4_VE11A_LATEST_20140830",
    "ConversionSoftware": "dcm2niix",
    "ConversionSoftwareVersion": "v1.0.20190902",
    "DeviceSerialNumber": "45239",
    "DwellTime": 1.09e-05,
    "EchoTime": 0.00243,
    "FlipAngle": 9,
    "ImageOrientationPatientDICOM": [
      0,
      1,
      0,
      0,
      0,
      -1
    ],
    "ImageType": [
      "ORIGINAL",
      "PRIMARY",
      "M",
      "ND"
    ],
    "ImagingFrequency": 123.225,
    "InPlanePhaseEncodingDirectionDICOM": "ROW",
    "InstitutionAddress": "E_24th_St._100_Austin_Southmiddle_US_78712",
    "InstitutionName": "The_Univ._of_Texas_at_Austin_IRC",
    "InstitutionalDepartmentName": "IRC",
    "InversionTime": 0.9,
    "MRAcquisitionType": "3D",
    "MagneticFieldStrength": 3,
    "Manufacturer": "Siemens",
    "ManufacturersModelName": "Skyra",
    "Modality": "MR",
    "ParallelReductionFactorInPlane": 2,
    "PartialFourier": 1,
    "PatientPosition": "HFS",
    "PercentPhaseFOV": 100,
    "PhaseEncodingSteps": 255,
    "PhaseResolution": 1,
    "PixelBandwidth": 180,
    "ProcedureStepDescription": "Booth_Language",
    "ProtocolName": "MPRAGE",
    "PulseSequenceDetails": "%SiemensSeq%_tfl",
    "ReceiveCoilActiveElements": "HC1-6",
    "ReceiveCoilName": "HeadNeck_64",
    "ReconMatrixPE": 256,
    "RefLinesPE": 24,
    "RepetitionTime": 1.9,
    "SAR": 0.226441,
    "ScanOptions": "IR",
    "ScanningSequence": "GR_IR",
    "SequenceName": "_tfl3d1_16ns",
    "SequenceVariant": "SK_SP_MP",
    "SeriesDescription": "MPRAGE",
    "SeriesNumber": 2,
    "ShiftedAquisitionDate": "1817-03-06 00:00:00",
    "ShimSetting": [
      -2851,
      8065,
      -15920,
      -530,
      404,
      -610,
      -324,
      -43
    ],
    "SliceThickness": 1,
    "SoftwareVersions": "syngo_MR_E11",
    "StationName": "AWP45239",
    "TxRefAmp": 332.414,
    "acq_id": "D1S2",
    "dataset": "ds003604",
    "modality": "T1w",
    "session_id": "7",
    "subject_id": "5376"
  },
  "cjv": 0.4456404219928243,
  "cnr": 2.9998706246816154,
  "efc": 0.5142333711606615,
  "fber": -1.0,
  "fwhm_avg": 7.019543333333334,
  "fwhm_x": 6.93678,
  "fwhm_y": 6.81292,
  "fwhm_z": 7.30893,
  "icvs_csf": 0.13725784389695855,
  "icvs_gm": 0.45917754041127085,
  "icvs_wm": 0.4035646156917706,
  "inu_med": 0.9510110020637512,
  "inu_range": 1.3283801674842834,
  "provenance": {
    "md5sum": "b1f20b9317a88127e760487e5fb3f980",
    "settings": {
      "testing": false
    },
    "software": "mriqc",
    "version": "22.0.6",
    "warnings": {
      "large_rot_frame": true,
      "small_air_mask": false
    },
    "webapi_port": null,
    "webapi_url": "https://mriqc.nimh.nih.gov/api/v1"
  },
  "qi_1": 0.0,
  "qi_2": 0.005156848028296816,
  "rpve_csf": 42.606377622187296,
  "rpve_gm": 14.179686545433784,
  "rpve_wm": 17.394636779278873,
  "size_x": 192,
  "size_y": 256,
  "size_z": 256,
  "snr_csf": 3.243274556077331,
  "snr_gm": 17.61290225808981,
  "snr_total": 12.214650952033073,
  "snr_wm": 15.787776041932082,
  "snrd_csf": 25.02417135255621,
  "snrd_gm": 51.17717758049719,
  "snrd_total": 47.62750803135216,
  "snrd_wm": 66.68117516100307,
  "spacing_x": 1.0,
  "spacing_y": 1.0,
  "spacing_z": 1.0,
  "summary_bg_k": 5.745613043742427,
  "summary_bg_mad": 0.0,
  "summary_bg_mean": 6.1846876965763355,
  "summary_bg_median": 0.0,
  "summary_bg_n": 2727395.0,
  "summary_bg_p05": 0.0,
  "summary_bg_p95": 22.47190922498703,
  "summary_bg_stdv": 9.824907442739018,
  "summary_csf_k": 15.380824363610795,
  "summary_csf_mad": 95.06422838398355,
  "summary_csf_mean": 388.0782049506895,
  "summary_csf_median": 375.2808840572834,
  "summary_csf_n": 15922.0,
  "summary_csf_p05": 237.6778932362795,
  "summary_csf_p95": 584.2696398496628,
  "summary_csf_stdv": 115.7068550331778,
  "summary_gm_k": 0.05628648338152242,
  "summary_gm_mad": 43.534085895469104,
  "summary_gm_mean": 768.1235641551128,
  "summary_gm_median": 767.4906063973904,
  "summary_gm_n": 40439.0,
  "summary_gm_p05": 697.2284368872643,
  "summary_gm_p95": 839.3258095532656,
  "summary_gm_stdv": 43.57493760011837,
  "summary_wm_k": 0.3631839356772253,
  "summary_wm_mad": 60.081480789410165,
  "summary_wm_mean": 1009.6140877660036,
  "summary_wm_median": 999.9999605119228,
  "summary_wm_n": 154109.0,
  "summary_wm_p05": 922.3969673216343,
  "summary_wm_p95": 1129.558007830382,
  "summary_wm_stdv": 63.339935491481945,
  "tpm_overlap_csf": 0.161689640641147,
  "tpm_overlap_gm": 0.47201995330831814,
  "tpm_overlap_wm": 0.4582871248855312,
  "wm2max": 0.29750629554520536
}