{
  "bids_meta": {
    "AcquisitionMatrixPE": 256,
    "AcquisitionNumber": 1,
    "AcquisitionTime": "10:02:36.830000",
    "BaseResolution": 256,
    "BodyPartExamined": "BRAIN",
    "ConsistencyInfo": "N4_VE11A_LATEST_20140830",
    "ConversionSoftware": "dcm2niix",
    "ConversionSoftwareVersion": "v1.0.20190902",
    "DeviceSerialNumber": "45239",
    "DwellTime": 1.09e-05,
    "EchoTime": 0.00243,
    "FlipAngle": 9,
    "ImageOrientationPatientDICOM": [
      0,
      1,
      0,
      0,
      0,
      -1
    ],
    "ImageType": [
      "ORIGINAL",
      "PRIMARY",
      "M",
      "ND"
    ],
    "ImagingFrequency": 123.224,
    "InPlanePhaseEncodingDirectionDICOM": "ROW",
    "InstitutionAddress": "E_24th_St._100_Austin_Southmiddle_US_78712",
    "InstitutionName": "The_Univ._of_Texas_at_Austin_IRC",
    "InstitutionalDepartmentName": "IRC",
    "InversionTime": 0.9,
    "MRAcquisitionType": "3D",
    "MagneticFieldStrength": 3,
    "Manufacturer": "Siemens",
    "ManufacturersModelName": "Skyra",
    "Modality": "MR",
    "ParallelReductionFactorInPlane": 2,
    "PartialFourier": 1,
    "PatientPosition": "HFS",
    "PercentPhaseFOV": 100,
    "PhaseEncodingSteps": 255,
    "PhaseResolution": 1,
    "PixelBandwidth": 180,
    "ProcedureStepDescription": "Booth_Language",
    "ProtocolName": "MPRAGE",
    "PulseSequenceDetails": "%SiemensSeq%_tfl",
    "ReceiveCoilActiveElements": "HC1-6",
    "ReceiveCoilName": "HeadNeck_64",
    "ReconMatrixPE": 256,
    "RefLinesPE": 24,
    "RepetitionTime": 1.9,
    "SAR": 0.215106,
    "ScanOptions": "IR",
    "ScanningSequence": "GR_IR",
    "SequenceName": "_tfl3d1_16ns",
    "SequenceVariant": "SK_SP_MP",
    "SeriesDescription": "MPRAGE",
    "SeriesNumber": 2,
    "ShiftedAquisitionDate": "1815-09-02 00:00:00",
    "ShimSetting": [
      -2849,
      8022,
      -16018,
      -1233,
      -75,
      -527,
      -219,
      169
    ],
    "SliceThickness": 1,
    "SoftwareVersions": "syngo_MR_E11",
    "StationName": "AWP45239",
    "TxRefAmp": 338.375,
    "acq_id": "D1S2",
    "dataset": "ds003604",
    "modality": "T1w",
    "session_id": "7",
    "subject_id": "5301"
  },
  "cjv": 0.42728854090824914,
  "cnr": 2.9739465801295153,
  "efc": 0.5054419659697851,
  "fber": -1.0,
  "fwhm_avg": 5.9412666666666665,
  "fwhm_x": 6.24162,
  "fwhm_y": 5.43913,
  "fwhm_z": 6.14305,
  "icvs_csf": 0.1590609044703167,
  "icvs_gm": 0.44421913152274145,
  "icvs_wm": 0.3967199640069418,
  "inu_med": 0.949383556842804,
  "inu_range": 1.2463616728782654,
  "provenance": {
    "md5sum": "2151b95846f2d3ebf353f00d637e1930",
    "settings": {
      "testing": false
    },
    "software": "mriqc",
    "version": "22.0.6",
    "warnings": {
      "large_rot_frame": true,
      "small_air_mask": false
    },
    "webapi_port": null,
    "webapi_url": "https://mriqc.nimh.nih.gov/api/v1"
  },
  "qi_1": 0.00045726626761408325,
  "qi_2": 0.003321933717280953,
  "rpve_csf": 38.462666400528185,
  "rpve_gm": 14.672639140530697,
  "rpve_wm": 17.745147032472573,
  "size_x": 192,
  "size_y": 256,
  "size_z": 256,
  "snr_csf": 3.2489570719357057,
  "snr_gm": 16.643801825865165,
  "snr_total": 12.008459291645451,
  "snr_wm": 16.132618977135483,
  "snrd_csf": 16.139059612383598,
  "snrd_gm": 32.96443742109748,
  "snrd_total": 30.71299123812852,
  "snrd_wm": 43.03547668090448,
  "spacing_x": 1.0,
  "spacing_y": 1.0,
  "spacing_z": 1.0,
  "summary_bg_k": 498.5538710962503,
  "summary_bg_mad": 0.0,
  "summary_bg_mean": 8.03911518628775,
  "summary_bg_median": 0.0,
  "summary_bg_n": 2780642.0,
  "summary_bg_p05": 0.0,
  "summary_bg_p95": 31.05677217245102,
  "summary_bg_stdv": 15.225309174136695,
  "summary_csf_k": 27.82526674712649,
  "summary_csf_mad": 86.15176950159866,
  "summary_csf_mean": 389.18297081567164,
  "summary_csf_median": 375.07024854421616,
  "summary_csf_n": 23198.0,
  "summary_csf_p05": 245.42227756232023,
  "summary_csf_p95": 580.543820634484,
  "summary_csf_stdv": 115.44078793451074,
  "summary_gm_k": 0.24508651093162648,
  "summary_gm_mad": 44.586405497804385,
  "summary_gm_mean": 765.7584908318973,
  "summary_gm_median": 766.0904683172703,
  "summary_gm_n": 28947.0,
  "summary_gm_p05": 689.2214439809322,
  "summary_gm_p95": 840.4089025408027,
  "summary_gm_stdv": 46.02777920440796,
  "summary_wm_k": 0.9418362288614213,
  "summary_wm_mad": 55.42048533839237,
  "summary_wm_mean": 1009.9291051920163,
  "summary_wm_median": 1000.1404866576195,
  "summary_wm_n": 155392.0,
  "summary_wm_p05": 926.3630867004395,
  "summary_wm_p95": 1129.426597058773,
  "summary_wm_stdv": 61.994724474000066,
  "tpm_overlap_csf": 0.16283345539220156,
  "tpm_overlap_gm": 0.46818252862494175,
  "tpm_overlap_wm": 0.46186249867975493,
  "wm2max": 0.2739784035570612
}