{
  "aor": 0.0027448113207547173,
  "aqi": 0.00813290537735849,
  "bids_meta": {
    "AcquisitionMatrixPE": 128,
    "AcquisitionNumber": 1,
    "AcquisitionTime": "12:33:1.200000",
    "BandwidthPerPixelPhaseEncode": 23.321,
    "BaseResolution": 128,
    "BodyPartExamined": "BRAIN",
    "ConsistencyInfo": "N4_VE11C_LATEST_20160120",
    "ConversionSoftware": "dcm2niix",
    "ConversionSoftwareVersion": "v1.0.20190902",
    "DerivedVendorReportedEchoSpacing": 0.000669997,
    "DeviceSerialNumber": "45239",
    "DwellTime": 2.2e-06,
    "EchoTime": 0.03,
    "EchoTrainLength": 63,
    "EffectiveEchoSpacing": 0.000334999,
    "FlipAngle": 80,
    "ImageComments": "Unaliased_MB4_PE4_LB",
    "ImageOrientationPatientDICOM": [
      1,
      0,
      0,
      0,
      1,
      0
    ],
    "ImageType": [
      "ORIGINAL",
      "PRIMARY",
      "M",
      "MB",
      "ND",
      "MOSAIC"
    ],
    "ImagingFrequency": 123.186,
    "InPlanePhaseEncodingDirectionDICOM": "COL",
    "InstitutionAddress": "E_24th_St._100_Austin_Southmiddle_US_78712",
    "InstitutionName": "The_Univ._of_Texas_at_Austin_IRC",
    "InstitutionalDepartmentName": "IRC",
    "MRAcquisitionType": "2D",
    "MagneticFieldStrength": 3,
    "Manufacturer": "Siemens",
    "ManufacturersModelName": "Skyra",
    "Modality": "MR",
    "MultibandAccelerationFactor": 4,
    "ParallelReductionFactorInPlane": 2,
    "PartialFourier": 1,
    "PatientPosition": "HFS",
    "PercentPhaseFOV": 100,
    "PhaseEncodingDirection": "j-",
    "PhaseEncodingSteps": 127,
    "PhaseResolution": 1,
    "PixelBandwidth": 1775,
    "ProcedureStepDescription": "Booth_Language",
    "ProtocolName": "Plaus2",
    "PulseSequenceDetails": "%CustomerSeq%_cmrr_mbep2d_bold",
    "ReceiveCoilActiveElements": "HC3-6",
    "ReceiveCoilName": "HeadNeck_64",
    "ReconMatrixPE": 128,
    "RefLinesPE": 58,
    "RepetitionTime": 1.25,
    "SAR": 0.219442,
    "ScanOptions": "FS",
    "ScanningSequence": "EP",
    "SequenceName": "epfid2d1_128",
    "SequenceVariant": "SK_SS",
    "SeriesDescription": "Plaus2",
    "SeriesNumber": 10,
    "ShiftedAquisitionDate": "1818-04-06",
    "ShimSetting": [
      -2709,
      7819,
      -15356,
      65,
      483,
      -545,
      -131,
      155
    ],
    "SliceThickness": 2,
    "SliceTiming": [
      0,
      0.265,
      0.5275,
      0.7925,
      1.055,
      0.09,
      0.3525,
      0.615,
      0.88,
      1.1425,
      0.1775,
      0.44,
      0.705,
      0.9675,
      0,
      0.265,
      0.5275,
      0.7925,
      1.055,
      0.09,
      0.3525,
      0.615,
      0.88,
      1.1425,
      0.1775,
      0.44,
      0.705,
      0.9675,
      0,
      0.265,
      0.5275,
      0.7925,
      1.055,
      0.09,
      0.3525,
      0.615,
      0.88,
      1.1425,
      0.1775,
      0.44,
      0.705,
      0.9675,
      0,
      0.265,
      0.5275,
      0.7925,
      1.055,
      0.09,
      0.3525,
      0.615,
      0.88,
      1.1425,
      0.1775,
      0.44,
      0.705,
      0.9675
    ],
    "SoftwareVersions": "syngo_MR_E11",
    "SpacingBetweenSlices": 2,
    "StationName": "AWP45239",
    "TotalReadoutTime": 0.0425448,
    "TxRefAmp": 327.507,
    "WipMemBlock": "cb5d49f4-99b0-40dc-9098-81c1f6e18a11||Sequence: R016 ve11c/master r/e634e98; Dec 19 2017 11:00:25 by eja",
    "acq_id": "D2S10",
    "dataset": "ds003604",
    "modality": "bold",
    "run_id": 2,
    "session_id": "7",
    "subject_id": "5519",
    "task_id": "Plaus"
  },
  "dummy_trs": 0,
  "dvars_nstd": 54.21223026663506,
  "dvars_std": 1.1562163170142183,
  "dvars_vstd": 1.0148760792890996,
  "efc": 0.42221393507478205,
  "fber": 2847.50634765625,
  "fd_mean": 0.2624004779749052,
  "fd_num": 125,
  "fd_perc": 58.9622641509434,
  "fwhm_avg": 3.7075416666666663,
  "fwhm_x": 3.431495,
  "fwhm_y": 3.73815,
  "fwhm_z": 3.95298,
  "gcor": 0.00541889,
  "gsr_x": -0.011959007009863853,
  "gsr_y": 0.013765942305326462,
  "provenance": {
    "md5sum": "35783de871505e0594a7044a77c1be82",
    "settings": {
      "fd_thres": 0.2,
      "testing": false
    },
    "software": "mriqc",
    "version": "23.0.1",
    "webapi_port": null,
    "webapi_url": "https://mriqc.nimh.nih.gov/api/v1"
  },
  "size_t": 212,
  "size_x": 128,
  "size_y": 128,
  "size_z": 56,
  "snr": 1.9755913574611912,
  "spacing_tr": 1.25,
  "spacing_x": 2.0,
  "spacing_y": 2.0,
  "spacing_z": 2.0,
  "summary_bg_k": 62.305188765181114,
  "summary_bg_mad": 4.8953843369344305,
  "summary_bg_mean": 27.298309326171875,
  "summary_bg_median": 12.245283126831055,
  "summary_bg_n": 666487.0,
  "summary_bg_p05": 8.051886558532715,
  "summary_bg_p95": 92.29104080200173,
  "summary_bg_stdv": 60.632808685302734,
  "summary_fg_k": 1.5976900081481267,
  "summary_fg_mad": 266.5047165724528,
  "summary_fg_mean": 731.8876953125,
  "summary_fg_median": 644.75,
  "summary_fg_n": 147667.0,
  "summary_fg_p05": 373.6698303222656,
  "summary_fg_p95": 1399.0023315429682,
  "summary_fg_stdv": 326.35687255859375,
  "tsnr": 29.399271794361994
}