{
  "aor": 0.0019923394495412845,
  "aqi": 0.010027019816513763,
  "bids_meta": {
    "AcquisitionMatrixPE": 128,
    "AcquisitionNumber": 1,
    "AcquisitionTime": "15:40:34.055000",
    "BandwidthPerPixelPhaseEncode": 23.321,
    "BaseResolution": 128,
    "BodyPartExamined": "BRAIN",
    "ConsistencyInfo": "N4_VE11C_LATEST_20160120",
    "ConversionSoftware": "dcm2niix",
    "ConversionSoftwareVersion": "v1.0.20190902",
    "DerivedVendorReportedEchoSpacing": 0.000669997,
    "DeviceSerialNumber": "45239",
    "DwellTime": 2.2e-06,
    "EchoTime": 0.03,
    "EchoTrainLength": 63,
    "EffectiveEchoSpacing": 0.000334999,
    "FlipAngle": 80,
    "ImageComments": "Unaliased_MB4_PE4_LB",
    "ImageOrientationPatientDICOM": [
      1,
      0,
      0,
      0,
      1,
      0
    ],
    "ImageType": [
      "ORIGINAL",
      "PRIMARY",
      "M",
      "MB",
      "ND",
      "MOSAIC"
    ],
    "ImagingFrequency": 123.186,
    "InPlanePhaseEncodingDirectionDICOM": "COL",
    "InstitutionAddress": "E_24th_St._100_Austin_Southmiddle_US_78712",
    "InstitutionName": "The_Univ._of_Texas_at_Austin_IRC",
    "InstitutionalDepartmentName": "IRC",
    "MRAcquisitionType": "2D",
    "MagneticFieldStrength": 3,
    "Manufacturer": "Siemens",
    "ManufacturersModelName": "Skyra",
    "Modality": "MR",
    "MultibandAccelerationFactor": 4,
    "ParallelReductionFactorInPlane": 2,
    "PartialFourier": 1,
    "PatientPosition": "HFS",
    "PercentPhaseFOV": 100,
    "PhaseEncodingDirection": "j-",
    "PhaseEncodingSteps": 127,
    "PhaseResolution": 1,
    "PixelBandwidth": 1775,
    "ProcedureStepDescription": "Booth_Language",
    "ProtocolName": "Gram1",
    "PulseSequenceDetails": "%CustomerSeq%_cmrr_mbep2d_bold",
    "ReceiveCoilActiveElements": "HC3-6",
    "ReceiveCoilName": "HeadNeck_64",
    "ReconMatrixPE": 128,
    "RefLinesPE": 58,
    "RepetitionTime": 1.25,
    "SAR": 0.183139,
    "ScanOptions": "FS",
    "ScanningSequence": "EP",
    "SequenceName": "epfid2d1_128",
    "SequenceVariant": "SK_SS",
    "SeriesDescription": "Gram1",
    "SeriesNumber": 14,
    "ShiftedAquisitionDate": "1819-01-16",
    "ShimSetting": [
      -2750,
      7918,
      -15479,
      -207,
      589,
      -737,
      -577,
      16
    ],
    "SliceThickness": 2,
    "SliceTiming": [
      0,
      0.265,
      0.5275,
      0.7925,
      1.055,
      0.0875,
      0.3525,
      0.615,
      0.88,
      1.1425,
      0.1775,
      0.44,
      0.7025,
      0.9675,
      0,
      0.265,
      0.5275,
      0.7925,
      1.055,
      0.0875,
      0.3525,
      0.615,
      0.88,
      1.1425,
      0.1775,
      0.44,
      0.7025,
      0.9675,
      0,
      0.265,
      0.5275,
      0.7925,
      1.055,
      0.0875,
      0.3525,
      0.615,
      0.88,
      1.1425,
      0.1775,
      0.44,
      0.7025,
      0.9675,
      0,
      0.265,
      0.5275,
      0.7925,
      1.055,
      0.0875,
      0.3525,
      0.615,
      0.88,
      1.1425,
      0.1775,
      0.44,
      0.7025,
      0.9675
    ],
    "SoftwareVersions": "syngo_MR_E11",
    "SpacingBetweenSlices": 2,
    "StationName": "AWP45239",
    "TotalReadoutTime": 0.0425448,
    "TxRefAmp": 320.98,
    "WipMemBlock": "a84bc6b5-4c2d-41d3-b282-2898141dc514||Sequence: R016 ve11c/master r/e634e98; Dec 19 2017 11:00:25 by eja",
    "acq_id": "D2S14",
    "dataset": "ds003604",
    "modality": "bold",
    "run_id": 1,
    "session_id": "9",
    "subject_id": "5011",
    "task_id": "Gram"
  },
  "dummy_trs": 0,
  "dvars_nstd": 46.21474952483873,
  "dvars_std": 1.0079818165437782,
  "dvars_vstd": 0.9975834330414747,
  "efc": 0.3989601444479198,
  "fber": 3286.35791015625,
  "fd_mean": 0.20138796630532227,
  "fd_num": 65,
  "fd_perc": 29.81651376146789,
  "fwhm_avg": 3.59512,
  "fwhm_x": 3.149065,
  "fwhm_y": 3.598945,
  "fwhm_z": 4.03735,
  "gcor": 0.0111826,
  "gsr_x": -0.005531602073460817,
  "gsr_y": 0.014183389954268932,
  "provenance": {
    "md5sum": "5a0c751ecc08d949d866edf4d4e30fd1",
    "settings": {
      "fd_thres": 0.2,
      "testing": false
    },
    "software": "mriqc",
    "version": "23.0.1",
    "webapi_port": null,
    "webapi_url": "https://mriqc.nimh.nih.gov/api/v1"
  },
  "size_t": 218,
  "size_x": 128,
  "size_y": 128,
  "size_z": 56,
  "snr": 2.3036455028125054,
  "spacing_tr": 1.25,
  "spacing_x": 2.0,
  "spacing_y": 2.0,
  "spacing_z": 2.0,
  "summary_bg_k": 77.00641279300193,
  "summary_bg_mad": 3.0128096979506735,
  "summary_bg_mean": 21.285266876220703,
  "summary_bg_median": 10.059632301330566,
  "summary_bg_n": 699345.0,
  "summary_bg_p05": 7.399082183837891,
  "summary_bg_p95": 63.47614440917937,
  "summary_bg_stdv": 46.57270431518555,
  "summary_fg_k": 1.8303581797455406,
  "summary_fg_mad": 211.59045247044162,
  "summary_fg_mean": 634.41357421875,
  "summary_fg_median": 578.9105224609375,
  "summary_fg_n": 122556.0,
  "summary_fg_p05": 345.78782653808594,
  "summary_fg_p95": 1146.3313903808594,
  "summary_fg_stdv": 251.30088806152344,
  "tsnr": 26.778491294011474
}