{
  "aor": 0.0034894495412844044,
  "aqi": 0.01800398729357798,
  "bids_meta": {
    "AcquisitionMatrixPE": 128,
    "AcquisitionNumber": 1,
    "AcquisitionTime": "14:40:32.850000",
    "BandwidthPerPixelPhaseEncode": 23.321,
    "BaseResolution": 128,
    "BodyPartExamined": "BRAIN",
    "ConsistencyInfo": "N4_VE11C_LATEST_20160120",
    "ConversionSoftware": "dcm2niix",
    "ConversionSoftwareVersion": "v1.0.20190902",
    "DerivedVendorReportedEchoSpacing": 0.000669997,
    "DeviceSerialNumber": "45239",
    "DwellTime": 2.2e-06,
    "EchoTime": 0.03,
    "EchoTrainLength": 63,
    "EffectiveEchoSpacing": 0.000334999,
    "FlipAngle": 80,
    "ImageComments": "Unaliased_MB4_PE4_LB",
    "ImageOrientationPatientDICOM": [
      1,
      0,
      0,
      0,
      1,
      0
    ],
    "ImageType": [
      "ORIGINAL",
      "PRIMARY",
      "M",
      "MB",
      "ND",
      "MOSAIC"
    ],
    "ImagingFrequency": 123.172,
    "InPlanePhaseEncodingDirectionDICOM": "COL",
    "InstitutionAddress": "E_24th_St._100_Austin_Southmiddle_US_78712",
    "InstitutionName": "The_Univ._of_Texas_at_Austin_IRC",
    "InstitutionalDepartmentName": "IRC",
    "MRAcquisitionType": "2D",
    "MagneticFieldStrength": 3,
    "Manufacturer": "Siemens",
    "ManufacturersModelName": "Skyra",
    "Modality": "MR",
    "MultibandAccelerationFactor": 4,
    "ParallelReductionFactorInPlane": 2,
    "PartialFourier": 1,
    "PatientPosition": "HFS",
    "PercentPhaseFOV": 100,
    "PhaseEncodingDirection": "j-",
    "PhaseEncodingSteps": 127,
    "PhaseResolution": 1,
    "PixelBandwidth": 1775,
    "ProcedureStepDescription": "Booth_Language",
    "ProtocolName": "Gram2",
    "PulseSequenceDetails": "%CustomerSeq%_cmrr_mbep2d_bold",
    "ReceiveCoilActiveElements": "HC3-6",
    "ReceiveCoilName": "HeadNeck_64",
    "ReconMatrixPE": 128,
    "RefLinesPE": 58,
    "RepetitionTime": 1.25,
    "SAR": 0.211203,
    "ScanOptions": "FS",
    "ScanningSequence": "EP",
    "SequenceName": "epfid2d1_128",
    "SequenceVariant": "SK_SS",
    "SeriesDescription": "Gram2",
    "SeriesNumber": 3,
    "ShiftedAquisitionDate": "1818-01-14",
    "ShimSetting": [
      -2757,
      7950,
      -15480,
      -29,
      496,
      -599,
      -48,
      -304
    ],
    "SliceThickness": 2,
    "SliceTiming": [
      0,
      0.2625,
      0.5275,
      0.79,
      1.055,
      0.0875,
      0.3525,
      0.615,
      0.8775,
      1.1425,
      0.175,
      0.44,
      0.7025,
      0.965,
      0,
      0.2625,
      0.5275,
      0.79,
      1.055,
      0.0875,
      0.3525,
      0.615,
      0.8775,
      1.1425,
      0.175,
      0.44,
      0.7025,
      0.965,
      0,
      0.2625,
      0.5275,
      0.79,
      1.055,
      0.0875,
      0.3525,
      0.615,
      0.8775,
      1.1425,
      0.175,
      0.44,
      0.7025,
      0.965,
      0,
      0.2625,
      0.5275,
      0.79,
      1.055,
      0.0875,
      0.3525,
      0.615,
      0.8775,
      1.1425,
      0.175,
      0.44,
      0.7025,
      0.965
    ],
    "SoftwareVersions": "syngo_MR_E11",
    "SpacingBetweenSlices": 2,
    "StationName": "AWP45239",
    "TotalReadoutTime": 0.0425448,
    "TxRefAmp": 322.133,
    "WipMemBlock": "55d87fcc-80d3-4b65-af51-a21f5e4795e2||Sequence: R016 ve11c/master r/e634e98; Dec 19 2017 11:00:25 by eja",
    "acq_id": "D1S3",
    "dataset": "ds003604",
    "modality": "bold",
    "run_id": 2,
    "session_id": "7",
    "subject_id": "5222",
    "task_id": "Gram"
  },
  "dummy_trs": 0,
  "dvars_nstd": 69.57945313004615,
  "dvars_std": 1.1597011254377867,
  "dvars_vstd": 1.036836726313364,
  "efc": 0.42292079838854135,
  "fber": 2804.2265625,
  "fd_mean": 0.4219490392850428,
  "fd_num": 133,
  "fd_perc": 61.00917431192661,
  "fwhm_avg": 3.454425,
  "fwhm_x": 3.13641,
  "fwhm_y": 3.538395,
  "fwhm_z": 3.68847,
  "gcor": 0.00977157,
  "gsr_x": -0.01751944050192833,
  "gsr_y": 0.02129512093961239,
  "provenance": {
    "md5sum": "32ac880a53f14f0cdfcab8a68f51952a",
    "settings": {
      "fd_thres": 0.2,
      "testing": false
    },
    "software": "mriqc",
    "version": "23.0.1",
    "webapi_port": null,
    "webapi_url": "https://mriqc.nimh.nih.gov/api/v1"
  },
  "size_t": 218,
  "size_x": 128,
  "size_y": 128,
  "size_z": 56,
  "snr": 2.4368069659065528,
  "spacing_tr": 1.25,
  "spacing_x": 2.0,
  "spacing_y": 2.0,
  "spacing_z": 2.0,
  "summary_bg_k": 96.96237581289051,
  "summary_bg_mad": 3.352857375515864,
  "summary_bg_mean": 21.203340530395508,
  "summary_bg_median": 10.949541091918945,
  "summary_bg_n": 675058.0,
  "summary_bg_p05": 8.11926555633545,
  "summary_bg_p95": 62.381418037414655,
  "summary_bg_stdv": 42.97635269165039,
  "summary_fg_k": 0.904621748094935,
  "summary_fg_mad": 220.7887124562672,
  "summary_fg_mean": 630.1431884765625,
  "summary_fg_median": 582.0274658203125,
  "summary_fg_n": 141518.0,
  "summary_fg_p05": 336.82292785644535,
  "summary_fg_p95": 1095.069024658203,
  "summary_fg_stdv": 238.84756469726562,
  "tsnr": 21.869455430307426
}