{
  "bids_meta": {
    "AcquisitionMatrixPE": 256,
    "AcquisitionNumber": 1,
    "AcquisitionTime": "11:39:9.962500",
    "BaseResolution": 256,
    "BodyPartExamined": "BRAIN",
    "ConsistencyInfo": "N4_VE11C_LATEST_20160120",
    "ConversionSoftware": "dcm2niix",
    "ConversionSoftwareVersion": "v1.0.20190902",
    "DeviceSerialNumber": "45239",
    "DwellTime": 1.09e-05,
    "EchoTime": 0.00243,
    "FlipAngle": 9,
    "ImageOrientationPatientDICOM": [
      0,
      1,
      0,
      0,
      0,
      -1
    ],
    "ImageType": [
      "ORIGINAL",
      "PRIMARY",
      "M",
      "ND"
    ],
    "ImagingFrequency": 123.172,
    "InPlanePhaseEncodingDirectionDICOM": "ROW",
    "InstitutionAddress": "E_24th_St._100_Austin_Southmiddle_US_78712",
    "InstitutionName": "The_Univ._of_Texas_at_Austin_IRC",
    "InstitutionalDepartmentName": "IRC",
    "InversionTime": 0.9,
    "MRAcquisitionType": "3D",
    "MagneticFieldStrength": 3,
    "Manufacturer": "Siemens",
    "ManufacturersModelName": "Skyra",
    "Modality": "MR",
    "ParallelReductionFactorInPlane": 2,
    "PartialFourier": 1,
    "PatientPosition": "HFS",
    "PercentPhaseFOV": 100,
    "PhaseEncodingSteps": 255,
    "PhaseResolution": 1,
    "PixelBandwidth": 180,
    "ProcedureStepDescription": "Booth_Language",
    "ProtocolName": "MPRAGE",
    "PulseSequenceDetails": "%SiemensSeq%_tfl",
    "ReceiveCoilActiveElements": "HC1-6",
    "ReceiveCoilName": "HeadNeck_64",
    "ReconMatrixPE": 256,
    "RefLinesPE": 24,
    "RepetitionTime": 1.9,
    "SAR": 0.250619,
    "ScanOptions": "IR",
    "ScanningSequence": "GR_IR",
    "SequenceName": "_tfl3d1_16ns",
    "SequenceVariant": "SK_SP_MP",
    "SeriesDescription": "MPRAGE",
    "SeriesNumber": 11,
    "ShiftedAquisitionDate": "1818-02-16 00:00:00",
    "ShimSetting": [
      -2751,
      8072,
      -15888,
      -462,
      637,
      -681,
      -484,
      -138
    ],
    "SliceThickness": 1,
    "SoftwareVersions": "syngo_MR_E11",
    "StationName": "AWP45239",
    "TxRefAmp": 318.756,
    "acq_id": "D1S11",
    "dataset": "ds003604",
    "modality": "T1w",
    "session_id": "7",
    "subject_id": "5244"
  },
  "cjv": 0.37055901336815733,
  "cnr": 3.538561473766553,
  "efc": 0.5015028961251402,
  "fber": -1.0,
  "fwhm_avg": 4.8730166666666666,
  "fwhm_x": 5.06284,
  "fwhm_y": 4.50281,
  "fwhm_z": 5.0534,
  "icvs_csf": 0.11991642303283392,
  "icvs_gm": 0.4980227851623278,
  "icvs_wm": 0.3820607918048383,
  "inu_med": 0.9854614734649658,
  "inu_range": 1.0844961404800415,
  "provenance": {
    "md5sum": "0f477e9d1ac1efd9fa23c3f5f1335780",
    "settings": {
      "testing": false
    },
    "software": "mriqc",
    "version": "22.0.6",
    "warnings": {
      "large_rot_frame": true,
      "small_air_mask": false
    },
    "webapi_port": null,
    "webapi_url": "https://mriqc.nimh.nih.gov/api/v1"
  },
  "qi_1": 4.1991458937252166e-06,
  "qi_2": 0.007357349258977638,
  "rpve_csf": 46.94576869199134,
  "rpve_gm": 12.979519984960364,
  "rpve_wm": 17.08150923552225,
  "size_x": 192,
  "size_y": 256,
  "size_z": 256,
  "snr_csf": 2.77217759324917,
  "snr_gm": 16.599655444375568,
  "snr_total": 12.711082033301134,
  "snr_wm": 18.761413062278667,
  "snrd_csf": 31.368606502724578,
  "snrd_gm": 68.64162775600673,
  "snrd_total": 63.792374576841574,
  "snrd_wm": 91.36688947179341,
  "spacing_x": 1.0,
  "spacing_y": 1.0,
  "spacing_z": 1.0,
  "summary_bg_k": 112.24012378064984,
  "summary_bg_mad": 0.0,
  "summary_bg_mean": 4.0279223178594625,
  "summary_bg_median": 0.0,
  "summary_bg_n": 2640449.0,
  "summary_bg_p05": 0.0,
  "summary_bg_p95": 14.681491266936064,
  "summary_bg_stdv": 7.170391744094693,
  "summary_csf_k": 16.93265799385142,
  "summary_csf_mad": 84.33501033725358,
  "summary_csf_mean": 356.5150269027572,
  "summary_csf_median": 343.32575184479356,
  "summary_csf_n": 16135.0,
  "summary_csf_p05": 176.63246857300402,
  "summary_csf_p95": 563.6402640994636,
  "summary_csf_stdv": 123.84311645623605,
  "summary_gm_k": 0.11916989795076915,
  "summary_gm_mad": 44.8086663994911,
  "summary_gm_mean": 751.8578893563981,
  "summary_gm_median": 751.274636797607,
  "summary_gm_n": 68719.0,
  "summary_gm_p05": 678.6043264679611,
  "summary_gm_p95": 826.709244646132,
  "summary_gm_stdv": 45.2581183395548,
  "summary_wm_k": 1.3293635820327454,
  "summary_wm_mad": 47.3587531051532,
  "summary_wm_mean": 1006.4523068044759,
  "summary_wm_median": 999.9999846629798,
  "summary_wm_n": 158806.0,
  "summary_wm_p05": 932.059694532305,
  "summary_wm_p95": 1104.1218578740954,
  "summary_wm_stdv": 53.300720624983036,
  "tpm_overlap_csf": 0.13629420132317768,
  "tpm_overlap_gm": 0.4836990369545787,
  "tpm_overlap_wm": 0.4560338313028034,
  "wm2max": 0.3177810864872589
}