{
  "bids_meta": {
    "AcquisitionMatrixPE": 256,
    "AcquisitionNumber": 1,
    "AcquisitionTime": "11:09:33.087500",
    "BaseResolution": 256,
    "BodyPartExamined": "BRAIN",
    "ConsistencyInfo": "N4_VE11C_LATEST_20160120",
    "ConversionSoftware": "dcm2niix",
    "ConversionSoftwareVersion": "v1.0.20190902",
    "DeviceSerialNumber": "45239",
    "DwellTime": 1.09e-05,
    "EchoTime": 0.00243,
    "FlipAngle": 9,
    "ImageOrientationPatientDICOM": [
      0,
      1,
      0,
      0,
      0,
      -1
    ],
    "ImageType": [
      "ORIGINAL",
      "PRIMARY",
      "M",
      "ND"
    ],
    "ImagingFrequency": 123.172,
    "InPlanePhaseEncodingDirectionDICOM": "ROW",
    "InstitutionAddress": "E_24th_St._100_Austin_Southmiddle_US_78712",
    "InstitutionName": "The_Univ._of_Texas_at_Austin_IRC",
    "InstitutionalDepartmentName": "IRC",
    "InversionTime": 0.9,
    "MRAcquisitionType": "3D",
    "MagneticFieldStrength": 3,
    "Manufacturer": "Siemens",
    "ManufacturersModelName": "Skyra",
    "Modality": "MR",
    "ParallelReductionFactorInPlane": 2,
    "PartialFourier": 1,
    "PatientPosition": "HFS",
    "PercentPhaseFOV": 100,
    "PhaseEncodingSteps": 255,
    "PhaseResolution": 1,
    "PixelBandwidth": 180,
    "ProcedureStepDescription": "Booth_Language",
    "ProtocolName": "MPRAGE",
    "PulseSequenceDetails": "%SiemensSeq%_tfl",
    "ReceiveCoilActiveElements": "HC1-6",
    "ReceiveCoilName": "HeadNeck_64",
    "ReconMatrixPE": 256,
    "RefLinesPE": 24,
    "RepetitionTime": 1.9,
    "SAR": 0.250619,
    "ScanOptions": "IR",
    "ScanningSequence": "GR_IR",
    "SequenceName": "_tfl3d1_16ns",
    "SequenceVariant": "SK_SP_MP",
    "SeriesDescription": "MPRAGE",
    "SeriesNumber": 2,
    "ShiftedAquisitionDate": "1818-02-16 00:00:00",
    "ShimSetting": [
      -2751,
      8072,
      -15888,
      -462,
      637,
      -681,
      -484,
      -138
    ],
    "SliceThickness": 1,
    "SoftwareVersions": "syngo_MR_E11",
    "StationName": "AWP45239",
    "TxRefAmp": 318.756,
    "acq_id": "D1S2",
    "dataset": "ds003604",
    "modality": "T1w",
    "session_id": "7",
    "subject_id": "5244"
  },
  "cjv": 0.4019058097288251,
  "cnr": 3.2593992842613675,
  "efc": 0.5037922691377608,
  "fber": -1.0,
  "fwhm_avg": 4.754243333333334,
  "fwhm_x": 4.92265,
  "fwhm_y": 4.44826,
  "fwhm_z": 4.89182,
  "icvs_csf": 0.12110888562804072,
  "icvs_gm": 0.48519969537343466,
  "icvs_wm": 0.3936914189985246,
  "inu_med": 0.998759001493454,
  "inu_range": 1.0802839219570162,
  "provenance": {
    "md5sum": "72bc8ec1819ebf488d8f29050e42ffb1",
    "settings": {
      "testing": false
    },
    "software": "mriqc",
    "version": "22.0.6",
    "warnings": {
      "large_rot_frame": true,
      "small_air_mask": false
    },
    "webapi_port": null,
    "webapi_url": "https://mriqc.nimh.nih.gov/api/v1"
  },
  "qi_1": 1.427399667729209e-05,
  "qi_2": 0.003068866357465026,
  "rpve_csf": 47.08696272757663,
  "rpve_gm": 13.038880831495058,
  "rpve_wm": 16.345225032478982,
  "size_x": 192,
  "size_y": 256,
  "size_z": 256,
  "snr_csf": 2.2864385177662125,
  "snr_gm": 15.881674537429308,
  "snr_total": 11.660904330837274,
  "snr_wm": 16.814599937316306,
  "snrd_csf": 22.63381772512072,
  "snrd_gm": 49.441854944165826,
  "snrd_total": 45.98986111048057,
  "snrd_wm": 65.89391066215515,
  "spacing_x": 1.0,
  "spacing_y": 1.0,
  "spacing_z": 1.0,
  "summary_bg_k": 22.621936651252213,
  "summary_bg_mad": 0.0,
  "summary_bg_mean": 5.826713733842427,
  "summary_bg_median": 0.0,
  "summary_bg_n": 2652835.0,
  "summary_bg_p05": 0.0,
  "summary_bg_p95": 26.441266164183617,
  "summary_bg_stdv": 9.94229063952172,
  "summary_csf_k": 20.13812805675701,
  "summary_csf_mad": 94.37829628013812,
  "summary_csf_mean": 362.22879228400546,
  "summary_csf_median": 343.4887667745352,
  "summary_csf_n": 16353.0,
  "summary_csf_p05": 175.65174613893032,
  "summary_csf_p95": 578.8965359777211,
  "summary_csf_stdv": 150.22414188199602,
  "summary_gm_k": 0.07023180218885372,
  "summary_gm_mad": 46.91372509644998,
  "summary_gm_mean": 750.9738419410944,
  "summary_gm_median": 750.3251103311777,
  "summary_gm_n": 68949.0,
  "summary_gm_p05": 674.3451721966267,
  "summary_gm_p95": 829.2773687839508,
  "summary_gm_stdv": 47.24436754971379,
  "summary_wm_k": 0.9385338165278259,
  "summary_wm_mad": 53.43207046210154,
  "summary_wm_mean": 1008.7246517419086,
  "summary_wm_median": 1000.0000170618296,
  "summary_wm_n": 161291.0,
  "summary_wm_p05": 927.2400926053524,
  "summary_wm_p95": 1121.122070029378,
  "summary_wm_stdv": 59.47194228812537,
  "tpm_overlap_csf": 0.13070058859419054,
  "tpm_overlap_gm": 0.4818141288697034,
  "tpm_overlap_wm": 0.45298468718590934,
  "wm2max": 0.30547621299536554
}