{
  "bids_meta": {
    "AcquisitionMatrixPE": 256,
    "AcquisitionNumber": 1,
    "AcquisitionTime": "10:03:36.470000",
    "BaseResolution": 256,
    "BodyPartExamined": "BRAIN",
    "ConsistencyInfo": "N4_VE11A_LATEST_20140830",
    "ConversionSoftware": "dcm2niix",
    "ConversionSoftwareVersion": "v1.0.20190902",
    "DeviceSerialNumber": "45239",
    "DwellTime": 1.09e-05,
    "EchoTime": 0.00243,
    "FlipAngle": 9,
    "ImageOrientationPatientDICOM": [
      0,
      1,
      0,
      0,
      0,
      -1
    ],
    "ImageType": [
      "ORIGINAL",
      "PRIMARY",
      "M",
      "ND"
    ],
    "ImagingFrequency": 123.223,
    "InPlanePhaseEncodingDirectionDICOM": "ROW",
    "InstitutionAddress": "E_24th_St._100_Austin_Southmiddle_US_78712",
    "InstitutionName": "The_Univ._of_Texas_at_Austin_IRC",
    "InstitutionalDepartmentName": "IRC",
    "InversionTime": 0.9,
    "MRAcquisitionType": "3D",
    "MagneticFieldStrength": 3,
    "Manufacturer": "Siemens",
    "ManufacturersModelName": "Skyra",
    "Modality": "MR",
    "ParallelReductionFactorInPlane": 2,
    "PartialFourier": 1,
    "PatientPosition": "HFS",
    "PercentPhaseFOV": 100,
    "PhaseEncodingSteps": 255,
    "PhaseResolution": 1,
    "PixelBandwidth": 180,
    "ProcedureStepDescription": "Booth_Language",
    "ProtocolName": "MPRAGE",
    "PulseSequenceDetails": "%SiemensSeq%_tfl",
    "ReceiveCoilActiveElements": "HC1-6",
    "ReceiveCoilName": "HeadNeck_64",
    "ReconMatrixPE": 256,
    "RefLinesPE": 24,
    "RepetitionTime": 1.9,
    "SAR": 0.242481,
    "ScanOptions": "IR",
    "ScanningSequence": "GR_IR",
    "SequenceName": "_tfl3d1_16ns",
    "SequenceVariant": "SK_SP_MP",
    "SeriesDescription": "MPRAGE",
    "SeriesNumber": 2,
    "ShiftedAquisitionDate": "1815-11-03 00:00:00",
    "ShimSetting": [
      -2849,
      8022,
      -16018,
      -1233,
      -75,
      -527,
      -219,
      169
    ],
    "SliceThickness": 1,
    "SoftwareVersions": "syngo_MR_E11",
    "StationName": "AWP45239",
    "TxRefAmp": 334.804,
    "acq_id": "D2S2",
    "dataset": "ds003604",
    "modality": "T1w",
    "session_id": "5",
    "subject_id": "5177"
  },
  "cjv": 0.4558096307236547,
  "cnr": 3.0360609873662066,
  "efc": 0.5176325219582286,
  "fber": -1.0,
  "fwhm_avg": 7.00153,
  "fwhm_x": 7.41194,
  "fwhm_y": 6.41697,
  "fwhm_z": 7.17568,
  "icvs_csf": 0.10176297562564508,
  "icvs_gm": 0.49896412938370166,
  "icvs_wm": 0.39927289499065327,
  "inu_med": 0.9538769125938416,
  "inu_range": 1.4030522137880315,
  "provenance": {
    "md5sum": "b97e3ddaad467ca97a8fecef943b5eb6",
    "settings": {
      "testing": false
    },
    "software": "mriqc",
    "version": "22.0.6",
    "warnings": {
      "large_rot_frame": true,
      "small_air_mask": false
    },
    "webapi_port": null,
    "webapi_url": "https://mriqc.nimh.nih.gov/api/v1"
  },
  "qi_1": 0.0,
  "qi_2": 0.0029047725616726454,
  "rpve_csf": 54.904175699051876,
  "rpve_gm": 12.840749564663499,
  "rpve_wm": 16.19329826576676,
  "size_x": 192,
  "size_y": 256,
  "size_z": 256,
  "snr_csf": 1.8458950429765741,
  "snr_gm": 17.798288684401474,
  "snr_total": 11.97114098425565,
  "snr_wm": 16.269239225388898,
  "snrd_csf": 20.345695912362515,
  "snrd_gm": 41.42259997406512,
  "snrd_total": 38.54617290060967,
  "snrd_wm": 53.87022281540136,
  "spacing_x": 1.0,
  "spacing_y": 1.0,
  "spacing_z": 1.0,
  "summary_bg_k": 10.042490647573356,
  "summary_bg_mad": 0.0,
  "summary_bg_mean": 7.081221291886063,
  "summary_bg_median": 0.0,
  "summary_bg_n": 2356420.0,
  "summary_bg_p05": 0.0,
  "summary_bg_p95": 26.95845142006874,
  "summary_bg_stdv": 12.162153812316086,
  "summary_csf_k": 18.66909049149999,
  "summary_csf_mad": 122.91538462802428,
  "summary_csf_mean": 404.6201624796455,
  "summary_csf_median": 377.7037623077631,
  "summary_csf_n": 9476.0,
  "summary_csf_p05": 177.1804574802518,
  "summary_csf_p95": 670.8531346321106,
  "summary_csf_stdv": 204.60742539258277,
  "summary_gm_k": 0.031745347337555074,
  "summary_gm_mad": 43.166152673498964,
  "summary_gm_mean": 769.0552641075444,
  "summary_gm_median": 768.9818978011608,
  "summary_gm_n": 65228.0,
  "summary_gm_p05": 697.7481544017792,
  "summary_gm_p95": 839.4544613957405,
  "summary_gm_stdv": 43.20505284777577,
  "summary_wm_k": -0.06635792277885999,
  "summary_wm_mad": 62.16302160606278,
  "summary_wm_mean": 1006.429865082878,
  "summary_wm_median": 1000.06340020895,
  "summary_wm_n": 142597.0,
  "summary_wm_p05": 916.8410748839378,
  "summary_wm_p95": 1117.6022484004498,
  "summary_wm_stdv": 61.46937049365713,
  "tpm_overlap_csf": 0.11243538623412001,
  "tpm_overlap_gm": 0.46536283963527814,
  "tpm_overlap_wm": 0.4177923794728633,
  "wm2max": 0.3126155968592812
}