{
  "aor": 0.0027539873417721512,
  "aqi": 0.0059597598101265815,
  "bids_meta": {
    "AcquisitionMatrixPE": 128,
    "AcquisitionNumber": 1,
    "AcquisitionTime": "14:43:4.707500",
    "BandwidthPerPixelPhaseEncode": 23.321,
    "BaseResolution": 128,
    "BodyPartExamined": "BRAIN",
    "ConsistencyInfo": "N4_VE11C_LATEST_20160120",
    "ConversionSoftware": "dcm2niix",
    "ConversionSoftwareVersion": "v1.0.20190902",
    "DerivedVendorReportedEchoSpacing": 0.000669997,
    "DeviceSerialNumber": "45239",
    "DwellTime": 2.2e-06,
    "EchoTime": 0.03,
    "EchoTrainLength": 63,
    "EffectiveEchoSpacing": 0.000334999,
    "FlipAngle": 80,
    "ImageComments": "Unaliased_MB4_PE4_LB",
    "ImageOrientationPatientDICOM": [
      1,
      0,
      0,
      0,
      1,
      0
    ],
    "ImageType": [
      "ORIGINAL",
      "PRIMARY",
      "M",
      "MB",
      "ND",
      "MOSAIC"
    ],
    "ImagingFrequency": 123.186,
    "InPlanePhaseEncodingDirectionDICOM": "COL",
    "InstitutionAddress": "E_24th_St._100_Austin_Southmiddle_US_78712",
    "InstitutionName": "The_Univ._of_Texas_at_Austin_IRC",
    "InstitutionalDepartmentName": "IRC",
    "MRAcquisitionType": "2D",
    "MagneticFieldStrength": 3,
    "Manufacturer": "Siemens",
    "ManufacturersModelName": "Skyra",
    "Modality": "MR",
    "MultibandAccelerationFactor": 4,
    "ParallelReductionFactorInPlane": 2,
    "PartialFourier": 1,
    "PatientPosition": "HFS",
    "PercentPhaseFOV": 100,
    "PhaseEncodingDirection": "j-",
    "PhaseEncodingSteps": 127,
    "PhaseResolution": 1,
    "PixelBandwidth": 1775,
    "ProcedureStepDescription": "Booth_Language",
    "ProtocolName": "SEM1",
    "PulseSequenceDetails": "%CustomerSeq%_cmrr_mbep2d_bold",
    "ReceiveCoilActiveElements": "HC1-6",
    "ReceiveCoilName": "HeadNeck_64",
    "ReconMatrixPE": 128,
    "RefLinesPE": 58,
    "RepetitionTime": 1.25,
    "SAR": 0.266168,
    "ScanOptions": "FS",
    "ScanningSequence": "EP",
    "SequenceName": "epfid2d1_128",
    "SequenceVariant": "SK_SS",
    "SeriesDescription": "SEM1",
    "SeriesNumber": 5,
    "ShiftedAquisitionDate": "1819-01-28",
    "ShimSetting": [
      -2738,
      8027,
      -15414,
      -141,
      838,
      -604,
      -639,
      -11
    ],
    "SliceThickness": 2,
    "SliceTiming": [
      0,
      0.265,
      0.5275,
      0.7925,
      1.055,
      0.0875,
      0.3525,
      0.615,
      0.88,
      1.1425,
      0.1775,
      0.44,
      0.7025,
      0.9675,
      0,
      0.265,
      0.5275,
      0.7925,
      1.055,
      0.0875,
      0.3525,
      0.615,
      0.88,
      1.1425,
      0.1775,
      0.44,
      0.7025,
      0.9675,
      0,
      0.265,
      0.5275,
      0.7925,
      1.055,
      0.0875,
      0.3525,
      0.615,
      0.88,
      1.1425,
      0.1775,
      0.44,
      0.7025,
      0.9675,
      0,
      0.265,
      0.5275,
      0.7925,
      1.055,
      0.0875,
      0.3525,
      0.615,
      0.88,
      1.1425,
      0.1775,
      0.44,
      0.7025,
      0.9675
    ],
    "SoftwareVersions": "syngo_MR_E11",
    "SpacingBetweenSlices": 2,
    "StationName": "AWP45239",
    "TotalReadoutTime": 0.0425448,
    "TxRefAmp": 320.46,
    "WipMemBlock": "7c37ccd3-ef5b-4621-9d70-7bfd9494ae7e||Sequence: R016 ve11c/master r/e634e98; Dec 19 2017 11:00:25 by eja",
    "acq_id": "D1S5",
    "dataset": "ds003604",
    "modality": "bold",
    "run_id": 1,
    "session_id": "7",
    "subject_id": "5587",
    "task_id": "Sem"
  },
  "dummy_trs": 0,
  "dvars_nstd": 48.175790434331205,
  "dvars_std": 1.2249415701910833,
  "dvars_vstd": 1.0349915530573244,
  "efc": 0.413916663744332,
  "fber": 3447.146484375,
  "fd_mean": 0.1444130766840607,
  "fd_num": 17,
  "fd_perc": 10.759493670886076,
  "fwhm_avg": 3.445173333333333,
  "fwhm_x": 3.224625,
  "fwhm_y": 3.54445,
  "fwhm_z": 3.566445,
  "gcor": 0.015594,
  "gsr_x": -0.015449054539203644,
  "gsr_y": 0.023745032027363777,
  "provenance": {
    "md5sum": "bca67f5d9d9f8062c3f381b58181e8f6",
    "settings": {
      "fd_thres": 0.2,
      "testing": false
    },
    "software": "mriqc",
    "version": "23.0.1",
    "webapi_port": null,
    "webapi_url": "https://mriqc.nimh.nih.gov/api/v1"
  },
  "size_t": 158,
  "size_x": 128,
  "size_y": 128,
  "size_z": 56,
  "snr": 2.2994661323429897,
  "spacing_tr": 1.25,
  "spacing_x": 2.0,
  "spacing_y": 2.0,
  "spacing_z": 2.0,
  "summary_bg_k": 100.48138593645123,
  "summary_bg_mad": 3.4719164802533977,
  "summary_bg_mean": 23.298547744750977,
  "summary_bg_median": 12.107595443725586,
  "summary_bg_n": 674022.0,
  "summary_bg_p05": 9.259493827819824,
  "summary_bg_p95": 63.132911682128906,
  "summary_bg_stdv": 48.15714645385742,
  "summary_fg_k": 1.236259742833659,
  "summary_fg_mad": 280.96719173524036,
  "summary_fg_mean": 764.112548828125,
  "summary_fg_median": 711.509521484375,
  "summary_fg_n": 142040.0,
  "summary_fg_p05": 377.1961975097656,
  "summary_fg_p95": 1374.0844909667965,
  "summary_fg_stdv": 309.4226989746094,
  "tsnr": 38.89219591557048
}