{
  "bids_meta": {
    "AcquisitionMatrixPE": 256,
    "AcquisitionNumber": 1,
    "AcquisitionTime": "15:30:59.330000",
    "BaseResolution": 256,
    "BodyPartExamined": "BRAIN",
    "ConsistencyInfo": "N4_VE11A_LATEST_20140830",
    "ConversionSoftware": "dcm2niix",
    "ConversionSoftwareVersion": "v1.0.20190902",
    "DeviceSerialNumber": "45239",
    "DwellTime": 1.09e-05,
    "EchoTime": 0.00243,
    "FlipAngle": 9,
    "ImageOrientationPatientDICOM": [
      0,
      1,
      0,
      0,
      0,
      -1
    ],
    "ImageType": [
      "ORIGINAL",
      "PRIMARY",
      "M",
      "ND"
    ],
    "ImagingFrequency": 123.224,
    "InPlanePhaseEncodingDirectionDICOM": "ROW",
    "InstitutionAddress": "E_24th_St._100_Austin_Southmiddle_US_78712",
    "InstitutionName": "The_Univ._of_Texas_at_Austin_IRC",
    "InstitutionalDepartmentName": "IRC",
    "InversionTime": 0.9,
    "MRAcquisitionType": "3D",
    "MagneticFieldStrength": 3,
    "Manufacturer": "Siemens",
    "ManufacturersModelName": "Skyra",
    "Modality": "MR",
    "ParallelReductionFactorInPlane": 2,
    "PartialFourier": 1,
    "PatientPosition": "HFS",
    "PercentPhaseFOV": 100,
    "PhaseEncodingSteps": 255,
    "PhaseResolution": 1,
    "PixelBandwidth": 180,
    "ProcedureStepDescription": "Booth_Language",
    "ProtocolName": "MPRAGE",
    "PulseSequenceDetails": "%SiemensSeq%_tfl",
    "ReceiveCoilActiveElements": "HC1-6",
    "ReceiveCoilName": "HeadNeck_64",
    "ReconMatrixPE": 256,
    "RefLinesPE": 24,
    "RepetitionTime": 1.9,
    "SAR": 0.24437,
    "ScanOptions": "IR",
    "ScanningSequence": "GR_IR",
    "SequenceName": "_tfl3d1_16ns",
    "SequenceVariant": "SK_SP_MP",
    "SeriesDescription": "MPRAGE",
    "SeriesNumber": 11,
    "ShiftedAquisitionDate": "1816-05-26 00:00:00",
    "ShimSetting": [
      -2849,
      8022,
      -16018,
      -1233,
      -75,
      -527,
      -219,
      169
    ],
    "SliceThickness": 1,
    "SoftwareVersions": "syngo_MR_E11",
    "StationName": "AWP45239",
    "TxRefAmp": 335.735,
    "acq_id": "D2S11",
    "dataset": "ds003604",
    "modality": "T1w",
    "session_id": "5",
    "subject_id": "5338"
  },
  "cjv": 0.4182175696380722,
  "cnr": 3.239054790469733,
  "efc": 0.49991862598977943,
  "fber": -1.0,
  "fwhm_avg": 5.786326666666667,
  "fwhm_x": 6.10638,
  "fwhm_y": 5.28114,
  "fwhm_z": 5.97146,
  "icvs_csf": 0.1277024437879331,
  "icvs_gm": 0.487141692368572,
  "icvs_wm": 0.3851558638434949,
  "inu_med": 0.9542599320411682,
  "inu_range": 1.3329104781150805,
  "provenance": {
    "md5sum": "ad05514f18566c30fc14463968acbf67",
    "settings": {
      "testing": false
    },
    "software": "mriqc",
    "version": "22.0.6",
    "warnings": {
      "large_rot_frame": true,
      "small_air_mask": false
    },
    "webapi_port": null,
    "webapi_url": "https://mriqc.nimh.nih.gov/api/v1"
  },
  "qi_1": 0.0,
  "qi_2": 0.003653338869469884,
  "rpve_csf": 45.182823687189504,
  "rpve_gm": 13.317767269132922,
  "rpve_wm": 17.02201360458783,
  "size_x": 192,
  "size_y": 256,
  "size_z": 256,
  "snr_csf": 2.056632848068879,
  "snr_gm": 16.93555878332857,
  "snr_total": 11.904834398570566,
  "snr_wm": 16.722311564314246,
  "snrd_csf": 18.850730328893096,
  "snrd_gm": 40.90912189891985,
  "snrd_total": 37.97604644496496,
  "snrd_wm": 54.168287107081916,
  "spacing_x": 1.0,
  "spacing_y": 1.0,
  "spacing_z": 1.0,
  "summary_bg_k": 10.383069508919501,
  "summary_bg_mad": 0.0,
  "summary_bg_mean": 6.518427481098724,
  "summary_bg_median": 0.0,
  "summary_bg_n": 2536707.0,
  "summary_bg_p05": 0.0,
  "summary_bg_p95": 25.808433651924133,
  "summary_bg_stdv": 12.095392933669267,
  "summary_csf_k": 19.03353474080146,
  "summary_csf_mad": 100.44205759480556,
  "summary_csf_mean": 365.5716411474612,
  "summary_csf_median": 348.02980022877455,
  "summary_csf_n": 15818.0,
  "summary_csf_p05": 141.94638508558273,
  "summary_csf_p95": 596.8008254971354,
  "summary_csf_stdv": 169.21775771172247,
  "summary_gm_k": 0.1620427729854237,
  "summary_gm_mad": 43.95763518321422,
  "summary_gm_mean": 755.0386459203961,
  "summary_gm_median": 755.2807383909822,
  "summary_gm_n": 57384.0,
  "summary_gm_p05": 681.4655457139015,
  "summary_gm_p95": 827.636525593698,
  "summary_gm_stdv": 44.59694345431876,
  "summary_wm_k": 0.26210499778629526,
  "summary_wm_mad": 58.42038043779507,
  "summary_wm_mean": 1006.3927570954288,
  "summary_wm_median": 1000.0768040120602,
  "summary_wm_n": 138214.0,
  "summary_wm_p05": 919.348638035357,
  "summary_wm_p95": 1114.6785391569138,
  "summary_wm_stdv": 59.804721512503725,
  "tpm_overlap_csf": 0.13590243471851443,
  "tpm_overlap_gm": 0.4663478646842597,
  "tpm_overlap_wm": 0.4214738231372222,
  "wm2max": 0.2937358163755839
}