{
  "bids_meta": {
    "AcquisitionMatrixPE": 256,
    "AcquisitionNumber": 1,
    "AcquisitionTime": "11:31:16.615000",
    "BaseResolution": 256,
    "BodyPartExamined": "BRAIN",
    "ConsistencyInfo": "N4_VD13A_LATEST_20120616",
    "ConversionSoftware": "dcm2niix",
    "ConversionSoftwareVersion": "v1.0.20190902",
    "DeviceSerialNumber": "45239",
    "DwellTime": 1.09e-05,
    "EchoTime": 0.00244,
    "FlipAngle": 9,
    "ImageOrientationPatientDICOM": [
      0,
      1,
      0,
      0.0348995,
      0,
      -0.999391
    ],
    "ImageType": [
      "ORIGINAL",
      "PRIMARY",
      "M",
      "ND"
    ],
    "ImagingFrequency": 123.224,
    "InPlanePhaseEncodingDirectionDICOM": "ROW",
    "InstitutionAddress": "E_24th_St._100_Austin_Southmiddle_US_78712",
    "InstitutionName": "The_Univ._of_Texas_at_Austin_IRC",
    "InstitutionalDepartmentName": "IRC",
    "InversionTime": 0.9,
    "MRAcquisitionType": "3D",
    "MagneticFieldStrength": 3,
    "Manufacturer": "Siemens",
    "ManufacturersModelName": "Skyra",
    "Modality": "MR",
    "ParallelReductionFactorInPlane": 2,
    "PartialFourier": 1,
    "PatientPosition": "HFS",
    "PercentPhaseFOV": 100,
    "PhaseEncodingSteps": 255,
    "PhaseResolution": 1,
    "PixelBandwidth": 180,
    "ProcedureStepDescription": "Booth_Language",
    "ProtocolName": "MPRAGE",
    "PulseSequenceDetails": "%SiemensSeq%_tfl",
    "ReceiveCoilActiveElements": "HC1-6",
    "ReceiveCoilName": "HeadNeck_64",
    "ReconMatrixPE": 256,
    "RefLinesPE": 24,
    "RepetitionTime": 1.9,
    "SAR": 0.198558,
    "ScanOptions": "IR",
    "ScanningSequence": "GR_IR",
    "SequenceName": "_tfl3d1_16ns",
    "SequenceVariant": "SK_SP_MP",
    "SeriesDescription": "MPRAGE",
    "SeriesNumber": 2,
    "ShiftedAquisitionDate": "1814-10-19 00:00:00",
    "ShimSetting": [
      -2849,
      8022,
      -16018,
      -1233,
      -75,
      -527,
      -219,
      169
    ],
    "SliceThickness": 1,
    "SoftwareVersions": "syngo_MR_D13",
    "StationName": "AWP45239",
    "TxRefAmp": 323.726,
    "acq_id": "D1S2",
    "dataset": "ds003604",
    "modality": "T1w",
    "session_id": "5",
    "subject_id": "5010"
  },
  "cjv": 0.4207599643720297,
  "cnr": 3.2902083415057857,
  "efc": 0.5270689270410157,
  "fber": -1.0,
  "fwhm_avg": 5.966768313413016,
  "fwhm_x": 6.27714,
  "fwhm_y": 5.518564462151394,
  "fwhm_z": 6.104600478087649,
  "icvs_csf": 0.10864529428911908,
  "icvs_gm": 0.4874200773345479,
  "icvs_wm": 0.40393462837633304,
  "inu_med": 0.9784278869628906,
  "inu_range": 1.3765481114387512,
  "provenance": {
    "md5sum": "147f9b21662180b9c0f28878bc49f67b",
    "settings": {
      "testing": false
    },
    "software": "mriqc",
    "version": "23.0.1",
    "warnings": {
      "large_rot_frame": true,
      "small_air_mask": false
    },
    "webapi_port": null,
    "webapi_url": "https://mriqc.nimh.nih.gov/api/v1"
  },
  "qi_1": 0.0,
  "qi_2": 0.00515903296411648,
  "rpve_csf": 46.675695608447874,
  "rpve_gm": 11.997891580241758,
  "rpve_wm": 14.886173898499475,
  "size_x": 192,
  "size_y": 256,
  "size_z": 256,
  "snr_csf": 1.808122560000966,
  "snr_gm": 16.49764330163277,
  "snr_total": 11.854982461766397,
  "snr_wm": 17.25918152366545,
  "snrd_csf": 29.176660216283626,
  "snrd_gm": 63.768287323892686,
  "snrd_total": 59.1110839301276,
  "snrd_wm": 84.38830425020649,
  "spacing_x": 1.0,
  "spacing_y": 0.98046875,
  "spacing_z": 0.98046875,
  "summary_bg_k": 6.569009793637093,
  "summary_bg_mad": 0.0,
  "summary_bg_mean": 4.7127706234335704,
  "summary_bg_median": 0.0,
  "summary_bg_n": 2271558.0,
  "summary_bg_p05": 0.0,
  "summary_bg_p95": 18.681174404919147,
  "summary_bg_stdv": 7.7638642126144175,
  "summary_csf_k": 23.487113417263235,
  "summary_csf_mad": 103.20683914132854,
  "summary_csf_mean": 378.8722560685096,
  "summary_csf_median": 345.7655964419246,
  "summary_csf_n": 14507.0,
  "summary_csf_p05": 174.20031262636186,
  "summary_csf_p95": 656.7055509142577,
  "summary_csf_stdv": 191.22247943075928,
  "summary_gm_k": 0.11360514339205174,
  "summary_gm_mad": 45.48097996058546,
  "summary_gm_mean": 756.5380109017445,
  "summary_gm_median": 755.7026656642556,
  "summary_gm_n": 79735.0,
  "summary_gm_p05": 682.8133114948869,
  "summary_gm_p95": 832.6559946164489,
  "summary_gm_stdv": 45.80641689201398,
  "summary_wm_k": 0.15092065461331705,
  "summary_wm_mad": 57.337132856293636,
  "summary_wm_mean": 1005.7336958921676,
  "summary_wm_median": 1000.0655364766717,
  "summary_wm_n": 195226.0,
  "summary_wm_p05": 921.6209909711033,
  "summary_wm_p95": 1110.7105273380876,
  "summary_wm_stdv": 57.94382391772183,
  "tpm_overlap_csf": 0.13244360662426347,
  "tpm_overlap_gm": 0.47857428500036536,
  "tpm_overlap_wm": 0.4584974548349106,
  "wm2max": 0.30383351588170865
}