{
  "bids_meta": {
    "AcquisitionMatrixPE": 256,
    "AcquisitionNumber": 1,
    "AcquisitionTime": "13:38:57.660000",
    "BaseResolution": 256,
    "BodyPartExamined": "BRAIN",
    "ConsistencyInfo": "N4_VE11A_LATEST_20140830",
    "ConversionSoftware": "dcm2niix",
    "ConversionSoftwareVersion": "v1.0.20190902",
    "DeviceSerialNumber": "45239",
    "DwellTime": 1.09e-05,
    "EchoTime": 0.00243,
    "FlipAngle": 9,
    "ImageOrientationPatientDICOM": [
      0,
      1,
      0,
      0,
      0,
      -1
    ],
    "ImageType": [
      "ORIGINAL",
      "PRIMARY",
      "M",
      "ND"
    ],
    "ImagingFrequency": 123.224,
    "InPlanePhaseEncodingDirectionDICOM": "ROW",
    "InstitutionAddress": "E_24th_St._100_Austin_Southmiddle_US_78712",
    "InstitutionName": "The_Univ._of_Texas_at_Austin_IRC",
    "InstitutionalDepartmentName": "IRC",
    "InversionTime": 0.9,
    "MRAcquisitionType": "3D",
    "MagneticFieldStrength": 3,
    "Manufacturer": "Siemens",
    "ManufacturersModelName": "Skyra",
    "Modality": "MR",
    "ParallelReductionFactorInPlane": 2,
    "PartialFourier": 1,
    "PatientPosition": "HFS",
    "PercentPhaseFOV": 100,
    "PhaseEncodingSteps": 255,
    "PhaseResolution": 1,
    "PixelBandwidth": 180,
    "ProcedureStepDescription": "Booth_Language",
    "ProtocolName": "MPRAGE",
    "PulseSequenceDetails": "%SiemensSeq%_tfl",
    "ReceiveCoilActiveElements": "HC1-6",
    "ReceiveCoilName": "HeadNeck_64",
    "ReconMatrixPE": 256,
    "RefLinesPE": 24,
    "RepetitionTime": 1.9,
    "SAR": 0.264386,
    "ScanOptions": "IR",
    "ScanningSequence": "GR_IR",
    "SequenceName": "_tfl3d1_16ns",
    "SequenceVariant": "SK_SP_MP",
    "SeriesDescription": "MPRAGE",
    "SeriesNumber": 2,
    "ShiftedAquisitionDate": "1817-06-25 00:00:00",
    "ShimSetting": [
      -2851,
      8065,
      -15920,
      -530,
      404,
      -610,
      -324,
      -43
    ],
    "SliceThickness": 1,
    "SoftwareVersions": "syngo_MR_E11",
    "StationName": "AWP45239",
    "TxRefAmp": 355.167,
    "acq_id": "D1S2",
    "dataset": "ds003604",
    "modality": "T1w",
    "session_id": "7",
    "subject_id": "5185"
  },
  "cjv": 0.4749424871889006,
  "cnr": 2.761517870135088,
  "efc": 0.5005118036180577,
  "fber": -1.0,
  "fwhm_avg": 5.38279,
  "fwhm_x": 5.64816,
  "fwhm_y": 4.84319,
  "fwhm_z": 5.65702,
  "icvs_csf": 0.15269535453249614,
  "icvs_gm": 0.45770469530206687,
  "icvs_wm": 0.389599950165437,
  "inu_med": 0.9996018409729004,
  "inu_range": 1.2258202195167536,
  "provenance": {
    "md5sum": "f207be12da1bbbd27f2c0e89c30b17af",
    "settings": {
      "testing": false
    },
    "software": "mriqc",
    "version": "22.0.6",
    "warnings": {
      "large_rot_frame": true,
      "small_air_mask": false
    },
    "webapi_port": null,
    "webapi_url": "https://mriqc.nimh.nih.gov/api/v1"
  },
  "qi_1": 1.0592604788099482e-05,
  "qi_2": 0.001756490091071949,
  "rpve_csf": 34.30145942598469,
  "rpve_gm": 12.32563010799295,
  "rpve_wm": 15.219684226599481,
  "size_x": 192,
  "size_y": 256,
  "size_z": 256,
  "snr_csf": 3.225400064899774,
  "snr_gm": 15.478484896930535,
  "snr_total": 10.66673251837104,
  "snr_wm": 13.296312593282813,
  "snrd_csf": 15.63319141388428,
  "snrd_gm": 33.3129792567477,
  "snrd_total": 31.128242881887314,
  "snrd_wm": 44.43855797502995,
  "spacing_x": 1.0,
  "spacing_y": 1.0,
  "spacing_z": 1.0,
  "summary_bg_k": 15.397700773457778,
  "summary_bg_mad": 0.0,
  "summary_bg_mean": 7.887429850944313,
  "summary_bg_median": 0.0,
  "summary_bg_n": 3078258.0,
  "summary_bg_p05": 0.0,
  "summary_bg_p95": 37.87933051586151,
  "summary_bg_stdv": 14.743578893732899,
  "summary_csf_k": 10.01463582456365,
  "summary_csf_mad": 89.02633107313738,
  "summary_csf_mean": 361.50044367338114,
  "summary_csf_median": 351.8186303973198,
  "summary_csf_n": 28583.0,
  "summary_csf_p05": 209.62765865027905,
  "summary_csf_p95": 552.4786445125937,
  "summary_csf_stdv": 109.07560889532492,
  "summary_gm_k": 0.19963334057546245,
  "summary_gm_mad": 47.65089166160758,
  "summary_gm_mean": 749.0463305072652,
  "summary_gm_median": 749.6950831264257,
  "summary_gm_n": 44550.0,
  "summary_gm_p05": 669.7754350304604,
  "summary_gm_p95": 827.5019541699436,
  "summary_gm_stdv": 48.43411186463376,
  "summary_wm_k": 0.6882306235535549,
  "summary_wm_mad": 71.26361029749349,
  "summary_wm_mean": 1009.6732202423757,
  "summary_wm_median": 1000.0717185437679,
  "summary_wm_n": 162931.0,
  "summary_wm_p05": 905.4810039885342,
  "summary_wm_p95": 1151.0151113569736,
  "summary_wm_stdv": 75.21398451781874,
  "tpm_overlap_csf": 0.15029028526873248,
  "tpm_overlap_gm": 0.4595320794117199,
  "tpm_overlap_wm": 0.4331477286970357,
  "wm2max": 0.2775701173427628
}