{
  "bids_meta": {
    "AcquisitionMatrixPE": 256,
    "AcquisitionNumber": 1,
    "AcquisitionTime": "11:30:19.020000",
    "BaseResolution": 256,
    "BodyPartExamined": "BRAIN",
    "ConsistencyInfo": "N4_VE11A_LATEST_20140830",
    "ConversionSoftware": "dcm2niix",
    "ConversionSoftwareVersion": "v1.0.20190902",
    "DeviceSerialNumber": "45239",
    "DwellTime": 1.09e-05,
    "EchoTime": 0.00243,
    "FlipAngle": 9,
    "ImageOrientationPatientDICOM": [
      0,
      1,
      0,
      0,
      0,
      -1
    ],
    "ImageType": [
      "ORIGINAL",
      "PRIMARY",
      "M",
      "ND"
    ],
    "ImagingFrequency": 123.225,
    "InPlanePhaseEncodingDirectionDICOM": "ROW",
    "InstitutionAddress": "E_24th_St._100_Austin_Southmiddle_US_78712",
    "InstitutionName": "The_Univ._of_Texas_at_Austin_IRC",
    "InstitutionalDepartmentName": "IRC",
    "InversionTime": 0.9,
    "MRAcquisitionType": "3D",
    "MagneticFieldStrength": 3,
    "Manufacturer": "Siemens",
    "ManufacturersModelName": "Skyra",
    "Modality": "MR",
    "ParallelReductionFactorInPlane": 2,
    "PartialFourier": 1,
    "PatientPosition": "HFS",
    "PercentPhaseFOV": 100,
    "PhaseEncodingSteps": 255,
    "PhaseResolution": 1,
    "PixelBandwidth": 180,
    "ProcedureStepDescription": "Booth_Language",
    "ProtocolName": "MPRAGE",
    "PulseSequenceDetails": "%SiemensSeq%_tfl",
    "ReceiveCoilActiveElements": "HC1-6",
    "ReceiveCoilName": "HeadNeck_64",
    "ReconMatrixPE": 256,
    "RefLinesPE": 24,
    "RepetitionTime": 1.9,
    "SAR": 0.183934,
    "ScanOptions": "IR",
    "ScanningSequence": "GR_IR",
    "SequenceName": "_tfl3d1_16ns",
    "SequenceVariant": "SK_SP_MP",
    "SeriesDescription": "MPRAGE",
    "SeriesNumber": 2,
    "ShiftedAquisitionDate": "1816-11-13 00:00:00",
    "ShimSetting": [
      -2851,
      8065,
      -15920,
      -530,
      404,
      -610,
      -324,
      -43
    ],
    "SliceThickness": 1,
    "SoftwareVersions": "syngo_MR_E11",
    "StationName": "AWP45239",
    "TxRefAmp": 367.99,
    "acq_id": "D1S2",
    "dataset": "ds003604",
    "modality": "T1w",
    "session_id": "7",
    "subject_id": "5187"
  },
  "cjv": 0.47456362402497193,
  "cnr": 2.772363448562218,
  "efc": 0.49086449033058505,
  "fber": -1.0,
  "fwhm_avg": 5.748256666666666,
  "fwhm_x": 5.80934,
  "fwhm_y": 5.43964,
  "fwhm_z": 5.99579,
  "icvs_csf": 0.15271620587135712,
  "icvs_gm": 0.44739121610795607,
  "icvs_wm": 0.39989257802068684,
  "inu_med": 1.022426724433899,
  "inu_range": 1.2523907959461211,
  "provenance": {
    "md5sum": "5cc2d691337bdd1f1e8cfc94990ffce4",
    "settings": {
      "testing": false
    },
    "software": "mriqc",
    "version": "22.0.6",
    "warnings": {
      "large_rot_frame": true,
      "small_air_mask": false
    },
    "webapi_port": null,
    "webapi_url": "https://mriqc.nimh.nih.gov/api/v1"
  },
  "qi_1": 3.5178886101613625e-06,
  "qi_2": 0.0023990146444853103,
  "rpve_csf": 31.775261270960076,
  "rpve_gm": 11.560601338464238,
  "rpve_wm": 13.894938717040747,
  "size_x": 192,
  "size_y": 256,
  "size_z": 256,
  "snr_csf": 2.800136825972268,
  "snr_gm": 15.70606190848579,
  "snr_total": 11.152556689696118,
  "snr_wm": 14.951471334630297,
  "snrd_csf": 16.145176016489643,
  "snrd_gm": 34.26825108913044,
  "snrd_total": 31.700048826298513,
  "snrd_wm": 44.68671937327546,
  "spacing_x": 1.0,
  "spacing_y": 1.0,
  "spacing_z": 1.0,
  "summary_bg_k": 9.099142784366052,
  "summary_bg_mad": 0.0,
  "summary_bg_mean": 8.045332518845242,
  "summary_bg_median": 0.0,
  "summary_bg_n": 3178049.0,
  "summary_bg_p05": 0.0,
  "summary_bg_p95": 31.397444173693657,
  "summary_bg_stdv": 14.661909004661172,
  "summary_csf_k": 55.217856963016786,
  "summary_csf_mad": 78.47349966934128,
  "summary_csf_mean": 374.961004624036,
  "summary_csf_median": 361.32796409726143,
  "summary_csf_n": 40628.0,
  "summary_csf_p05": 228.53221660852432,
  "summary_csf_p95": 550.2831018272789,
  "summary_csf_stdv": 129.0378077004907,
  "summary_gm_k": 0.12039370603334465,
  "summary_gm_mad": 48.07614728526905,
  "summary_gm_mean": 767.2412791318822,
  "summary_gm_median": 766.9211773574352,
  "summary_gm_n": 53207.0,
  "summary_gm_p05": 687.3123571574688,
  "summary_gm_p95": 847.8167780563235,
  "summary_gm_stdv": 48.82917021686382,
  "summary_wm_k": 0.7354241138934365,
  "summary_wm_mad": 62.575302815747015,
  "summary_wm_mean": 1009.8974272477675,
  "summary_wm_median": 1000.0858037620783,
  "summary_wm_n": 204353.0,
  "summary_wm_p05": 919.19020306319,
  "summary_wm_p95": 1137.0850342139602,
  "summary_wm_stdv": 66.88862483294274,
  "tpm_overlap_csf": 0.13864358381178543,
  "tpm_overlap_gm": 0.4569613551993101,
  "tpm_overlap_wm": 0.43519380473282854,
  "wm2max": 0.24263971782611363
}