{
  "bids_meta": {
    "AcquisitionMatrixPE": 256,
    "AcquisitionNumber": 1,
    "AcquisitionTime": "13:58:18.195000",
    "BaseResolution": 256,
    "BodyPartExamined": "BRAIN",
    "ConsistencyInfo": "N4_VE11C_LATEST_20160120",
    "ConversionSoftware": "dcm2niix",
    "ConversionSoftwareVersion": "v1.0.20190902",
    "DeviceSerialNumber": "45239",
    "DwellTime": 1.09e-05,
    "EchoTime": 0.00243,
    "FlipAngle": 9,
    "ImageOrientationPatientDICOM": [
      0,
      1,
      0,
      0,
      0,
      -1
    ],
    "ImageType": [
      "ORIGINAL",
      "PRIMARY",
      "M",
      "ND"
    ],
    "ImagingFrequency": 123.186,
    "InPlanePhaseEncodingDirectionDICOM": "ROW",
    "InstitutionAddress": "E_24th_St._100_Austin_Southmiddle_US_78712",
    "InstitutionName": "The_Univ._of_Texas_at_Austin_IRC",
    "InstitutionalDepartmentName": "IRC",
    "InversionTime": 0.9,
    "MRAcquisitionType": "3D",
    "MagneticFieldStrength": 3,
    "Manufacturer": "Siemens",
    "ManufacturersModelName": "Skyra",
    "Modality": "MR",
    "ParallelReductionFactorInPlane": 2,
    "PartialFourier": 1,
    "PatientPosition": "HFS",
    "PercentPhaseFOV": 100,
    "PhaseEncodingSteps": 255,
    "PhaseResolution": 1,
    "PixelBandwidth": 180,
    "ProcedureStepDescription": "Booth_Language",
    "ProtocolName": "MPRAGE",
    "PulseSequenceDetails": "%SiemensSeq%_tfl",
    "ReceiveCoilActiveElements": "HC1-6",
    "ReceiveCoilName": "HeadNeck_64",
    "ReconMatrixPE": 256,
    "RefLinesPE": 24,
    "RepetitionTime": 1.9,
    "SAR": 0.228135,
    "ScanOptions": "IR",
    "ScanningSequence": "GR_IR",
    "SequenceName": "_tfl3d1_16ns",
    "SequenceVariant": "SK_SP_MP",
    "SeriesDescription": "MPRAGE",
    "SeriesNumber": 2,
    "ShiftedAquisitionDate": "1819-01-09 00:00:00",
    "ShimSetting": [
      -2727,
      7934,
      -15901,
      -500,
      562,
      -716,
      -526,
      132
    ],
    "SliceThickness": 1,
    "SoftwareVersions": "syngo_MR_E11",
    "StationName": "AWP45239",
    "TxRefAmp": 323.834,
    "acq_id": "D1S2",
    "dataset": "ds003604",
    "modality": "T1w",
    "session_id": "9",
    "subject_id": "5414"
  },
  "cjv": 0.39891158166563234,
  "cnr": 3.444144040111285,
  "efc": 0.5105316740742416,
  "fber": -1.0,
  "fwhm_avg": 4.95644,
  "fwhm_x": 5.2827,
  "fwhm_y": 4.79434,
  "fwhm_z": 4.79228,
  "icvs_csf": 0.11762682271862698,
  "icvs_gm": 0.48826687622899734,
  "icvs_wm": 0.39410630105237565,
  "inu_med": 1.0267831087112427,
  "inu_range": 1.077586871385574,
  "provenance": {
    "md5sum": "7d4ece5e6c8f29a7f5124f8814702ce3",
    "settings": {
      "testing": false
    },
    "software": "mriqc",
    "version": "22.0.6",
    "warnings": {
      "large_rot_frame": true,
      "small_air_mask": false
    },
    "webapi_port": null,
    "webapi_url": "https://mriqc.nimh.nih.gov/api/v1"
  },
  "qi_1": 0.0,
  "qi_2": 0.006458196657279562,
  "rpve_csf": 40.69948277430506,
  "rpve_gm": 11.127424732065258,
  "rpve_wm": 14.254803946358269,
  "size_x": 192,
  "size_y": 256,
  "size_z": 256,
  "snr_csf": 1.206159824801237,
  "snr_gm": 16.106596809177688,
  "snr_total": 11.964824096688757,
  "snr_wm": 18.581715656087344,
  "snrd_csf": 31.561758217228405,
  "snrd_gm": 67.23568632218377,
  "snrd_total": 62.68970719191498,
  "snrd_wm": 89.27167703633276,
  "spacing_x": 1.0,
  "spacing_y": 1.0,
  "spacing_z": 1.0,
  "summary_bg_k": 9.54671257907658,
  "summary_bg_mad": 0.0,
  "summary_bg_mean": 4.1027720216592645,
  "summary_bg_median": 0.0,
  "summary_bg_n": 2818556.0,
  "summary_bg_p05": 0.0,
  "summary_bg_p95": 18.758373990654945,
  "summary_bg_stdv": 7.3391495731382985,
  "summary_csf_k": 18.01225065085492,
  "summary_csf_mad": 96.06217891483469,
  "summary_csf_mean": 417.1443608314723,
  "summary_csf_median": 353.5698281265795,
  "summary_csf_n": 17948.0,
  "summary_csf_p05": 175.92994055487216,
  "summary_csf_p95": 911.6665465448042,
  "summary_csf_stdv": 293.1286309494129,
  "summary_gm_k": 0.10884944255043694,
  "summary_gm_mad": 46.06822366472131,
  "summary_gm_mean": 754.2805388613483,
  "summary_gm_median": 753.206139318645,
  "summary_gm_n": 87420.0,
  "summary_gm_p05": 679.0627090606838,
  "summary_gm_p95": 832.9611307755113,
  "summary_gm_stdv": 46.763561555309,
  "summary_wm_k": 0.4588913583347054,
  "summary_wm_mad": 52.40615176643862,
  "summary_wm_mean": 1005.4600881469363,
  "summary_wm_median": 1000.0637888759375,
  "summary_wm_n": 210460.0,
  "summary_wm_p05": 927.7738646194339,
  "summary_wm_p95": 1102.5968058928847,
  "summary_wm_stdv": 53.81964892168552,
  "tpm_overlap_csf": 0.13178246527279147,
  "tpm_overlap_gm": 0.48374557312670075,
  "tpm_overlap_wm": 0.4676448699859187,
  "wm2max": 0.3303924979191532
}