{
  "aor": 0.005155063291139241,
  "aqi": 0.007083396265822786,
  "bids_meta": {
    "AcquisitionMatrixPE": 128,
    "AcquisitionNumber": 1,
    "AcquisitionTime": "14:23:36.700000",
    "BandwidthPerPixelPhaseEncode": 23.321,
    "BaseResolution": 128,
    "BodyPartExamined": "BRAIN",
    "ConsistencyInfo": "N4_VE11C_LATEST_20160120",
    "ConversionSoftware": "dcm2niix",
    "ConversionSoftwareVersion": "v1.0.20190902",
    "DerivedVendorReportedEchoSpacing": 0.000669997,
    "DeviceSerialNumber": "45239",
    "DwellTime": 2.2e-06,
    "EchoTime": 0.03,
    "EchoTrainLength": 63,
    "EffectiveEchoSpacing": 0.000334999,
    "FlipAngle": 80,
    "ImageComments": "Unaliased_MB4_PE4_LB",
    "ImageOrientationPatientDICOM": [
      1,
      0,
      0,
      0,
      1,
      0
    ],
    "ImageType": [
      "ORIGINAL",
      "PRIMARY",
      "M",
      "MB",
      "ND",
      "MOSAIC"
    ],
    "ImagingFrequency": 123.186,
    "InPlanePhaseEncodingDirectionDICOM": "COL",
    "InstitutionAddress": "E_24th_St._100_Austin_Southmiddle_US_78712",
    "InstitutionName": "The_Univ._of_Texas_at_Austin_IRC",
    "InstitutionalDepartmentName": "IRC",
    "MRAcquisitionType": "2D",
    "MagneticFieldStrength": 3,
    "Manufacturer": "Siemens",
    "ManufacturersModelName": "Skyra",
    "Modality": "MR",
    "MultibandAccelerationFactor": 4,
    "ParallelReductionFactorInPlane": 2,
    "PartialFourier": 1,
    "PatientPosition": "HFS",
    "PercentPhaseFOV": 100,
    "PhaseEncodingDirection": "j-",
    "PhaseEncodingSteps": 127,
    "PhaseResolution": 1,
    "PixelBandwidth": 1775,
    "ProcedureStepDescription": "Booth_Language",
    "ProtocolName": "Phon2",
    "PulseSequenceDetails": "%CustomerSeq%_cmrr_mbep2d_bold",
    "ReceiveCoilActiveElements": "HC3-6",
    "ReceiveCoilName": "HeadNeck_64",
    "ReconMatrixPE": 128,
    "RefLinesPE": 58,
    "RepetitionTime": 1.25,
    "SAR": 0.197784,
    "ScanOptions": "FS",
    "ScanningSequence": "EP",
    "SequenceName": "epfid2d1_128",
    "SequenceVariant": "SK_SS",
    "SeriesDescription": "Phon2",
    "SeriesNumber": 18,
    "ShiftedAquisitionDate": "1819-05-06",
    "ShimSetting": [
      -2705,
      7887,
      -15211,
      -24,
      797,
      -526,
      -334,
      150
    ],
    "SliceThickness": 2,
    "SliceTiming": [
      0,
      0.2625,
      0.525,
      0.79,
      1.0525,
      0.0875,
      0.35,
      0.615,
      0.8775,
      1.14,
      0.175,
      0.4375,
      0.7025,
      0.965,
      0,
      0.2625,
      0.525,
      0.79,
      1.0525,
      0.0875,
      0.35,
      0.615,
      0.8775,
      1.14,
      0.175,
      0.4375,
      0.7025,
      0.965,
      0,
      0.2625,
      0.525,
      0.79,
      1.0525,
      0.0875,
      0.35,
      0.615,
      0.8775,
      1.14,
      0.175,
      0.4375,
      0.7025,
      0.965,
      0,
      0.2625,
      0.525,
      0.79,
      1.0525,
      0.0875,
      0.35,
      0.615,
      0.8775,
      1.14,
      0.175,
      0.4375,
      0.7025,
      0.965
    ],
    "SoftwareVersions": "syngo_MR_E11",
    "SpacingBetweenSlices": 2,
    "StationName": "AWP45239",
    "TotalReadoutTime": 0.0425448,
    "TxRefAmp": 321.546,
    "WipMemBlock": "38ae39df-5755-42fc-a6f8-5a3d02f308ab||Sequence: R016 ve11c/master r/e634e98; Dec 19 2017 11:00:25 by eja",
    "acq_id": "D1S18",
    "dataset": "ds003604",
    "modality": "bold",
    "run_id": 2,
    "session_id": "7",
    "subject_id": "5547",
    "task_id": "Phon"
  },
  "dummy_trs": 0,
  "dvars_nstd": 48.882066325668774,
  "dvars_std": 1.1697579485987257,
  "dvars_vstd": 1.0712869078343945,
  "efc": 0.4394577909845015,
  "fber": 2661.53955078125,
  "fd_mean": 0.19029328477459748,
  "fd_num": 58,
  "fd_perc": 36.70886075949367,
  "fwhm_avg": 3.4168183333333335,
  "fwhm_x": 3.105395,
  "fwhm_y": 3.52574,
  "fwhm_z": 3.61932,
  "gcor": 0.0293152,
  "gsr_x": -0.009309661574661732,
  "gsr_y": 0.01199174951761961,
  "provenance": {
    "md5sum": "549d9c7846193be4e290b8be44aa2ebb",
    "settings": {
      "fd_thres": 0.2,
      "testing": false
    },
    "software": "mriqc",
    "version": "23.0.1",
    "webapi_port": null,
    "webapi_url": "https://mriqc.nimh.nih.gov/api/v1"
  },
  "size_t": 158,
  "size_x": 128,
  "size_y": 128,
  "size_z": 56,
  "snr": 2.2461621496361293,
  "spacing_tr": 1.25,
  "spacing_x": 2.0,
  "spacing_y": 2.0,
  "spacing_z": 2.0,
  "summary_bg_k": 57.19265003308581,
  "summary_bg_mad": 5.43307960162563,
  "summary_bg_mean": 26.606889724731445,
  "summary_bg_median": 12.702531814575195,
  "summary_bg_n": 657875.0,
  "summary_bg_p05": 8.46202564239502,
  "summary_bg_p95": 94.23417663574219,
  "summary_bg_stdv": 50.45281219482422,
  "summary_fg_k": 0.7409026880232803,
  "summary_fg_mad": 266.8121140172931,
  "summary_fg_mean": 717.9444580078125,
  "summary_fg_median": 656.3038330078125,
  "summary_fg_n": 156557.0,
  "summary_fg_p05": 364.8924255371094,
  "summary_fg_p95": 1287.3392333984366,
  "summary_fg_stdv": 292.18804931640625,
  "tsnr": 31.665652024094015
}