{
  "aor": 0.0026348734177215186,
  "aqi": 0.011402792215189875,
  "bids_meta": {
    "AcquisitionMatrixPE": 128,
    "AcquisitionNumber": 1,
    "AcquisitionTime": "11:33:0.012500",
    "BandwidthPerPixelPhaseEncode": 23.321,
    "BaseResolution": 128,
    "BodyPartExamined": "BRAIN",
    "ConsistencyInfo": "N4_VE11C_LATEST_20160120",
    "ConversionSoftware": "dcm2niix",
    "ConversionSoftwareVersion": "v1.0.20190902",
    "DerivedVendorReportedEchoSpacing": 0.000669997,
    "DeviceSerialNumber": "45239",
    "DwellTime": 2.2e-06,
    "EchoTime": 0.03,
    "EchoTrainLength": 63,
    "EffectiveEchoSpacing": 0.000334999,
    "FlipAngle": 80,
    "ImageComments": "Unaliased_MB4_PE4_LB",
    "ImageOrientationPatientDICOM": [
      1,
      0,
      0,
      0,
      1,
      0
    ],
    "ImageType": [
      "ORIGINAL",
      "PRIMARY",
      "M",
      "MB",
      "ND",
      "MOSAIC"
    ],
    "ImagingFrequency": 123.186,
    "InPlanePhaseEncodingDirectionDICOM": "COL",
    "InstitutionAddress": "E_24th_St._100_Austin_Southmiddle_US_78712",
    "InstitutionName": "The_Univ._of_Texas_at_Austin_IRC",
    "InstitutionalDepartmentName": "IRC",
    "MRAcquisitionType": "2D",
    "MagneticFieldStrength": 3,
    "Manufacturer": "Siemens",
    "ManufacturersModelName": "Skyra",
    "Modality": "MR",
    "MultibandAccelerationFactor": 4,
    "ParallelReductionFactorInPlane": 2,
    "PartialFourier": 1,
    "PatientPosition": "HFS",
    "PercentPhaseFOV": 100,
    "PhaseEncodingDirection": "j-",
    "PhaseEncodingSteps": 127,
    "PhaseResolution": 1,
    "PixelBandwidth": 1775,
    "ProcedureStepDescription": "Booth_Language",
    "ProtocolName": "SEM2",
    "PulseSequenceDetails": "%CustomerSeq%_cmrr_mbep2d_bold",
    "ReceiveCoilActiveElements": "HC3-7",
    "ReceiveCoilName": "HeadNeck_64",
    "ReconMatrixPE": 128,
    "RefLinesPE": 58,
    "RepetitionTime": 1.25,
    "SAR": 0.215797,
    "ScanOptions": "FS",
    "ScanningSequence": "EP",
    "SequenceName": "epfid2d1_128",
    "SequenceVariant": "SK_SS",
    "SeriesDescription": "SEM2",
    "SeriesNumber": 3,
    "ShiftedAquisitionDate": "1818-09-25",
    "ShimSetting": [
      -2794,
      7824,
      -15419,
      -50,
      514,
      -782,
      -62,
      27
    ],
    "SliceThickness": 2,
    "SliceTiming": [
      0,
      0.265,
      0.5275,
      0.7925,
      1.055,
      0.09,
      0.3525,
      0.615,
      0.88,
      1.1425,
      0.1775,
      0.44,
      0.705,
      0.9675,
      0,
      0.265,
      0.5275,
      0.7925,
      1.055,
      0.09,
      0.3525,
      0.615,
      0.88,
      1.1425,
      0.1775,
      0.44,
      0.705,
      0.9675,
      0,
      0.265,
      0.5275,
      0.7925,
      1.055,
      0.09,
      0.3525,
      0.615,
      0.88,
      1.1425,
      0.1775,
      0.44,
      0.705,
      0.9675,
      0,
      0.265,
      0.5275,
      0.7925,
      1.055,
      0.09,
      0.3525,
      0.615,
      0.88,
      1.1425,
      0.1775,
      0.44,
      0.705,
      0.9675
    ],
    "SoftwareVersions": "syngo_MR_E11",
    "SpacingBetweenSlices": 2,
    "StationName": "AWP45239",
    "TotalReadoutTime": 0.0425448,
    "TxRefAmp": 323.882,
    "WipMemBlock": "724c401a-b582-4d55-8f42-ea0f1e5bbee4||Sequence: R016 ve11c/master r/e634e98; Dec 19 2017 11:00:25 by eja",
    "acq_id": "D1S3",
    "dataset": "ds003604",
    "modality": "bold",
    "run_id": 2,
    "session_id": "7",
    "subject_id": "5520",
    "task_id": "Sem"
  },
  "dummy_trs": 0,
  "dvars_nstd": 60.89439367751591,
  "dvars_std": 1.161475854331211,
  "dvars_vstd": 1.0287162645859869,
  "efc": 0.4294396984541984,
  "fber": 2184.89794921875,
  "fd_mean": 0.2544104149478897,
  "fd_num": 88,
  "fd_perc": 55.69620253164557,
  "fwhm_avg": 3.40052,
  "fwhm_x": 3.02849,
  "fwhm_y": 3.505535,
  "fwhm_z": 3.667535,
  "gcor": 0.0138076,
  "gsr_x": -0.023242129012942314,
  "gsr_y": 0.020012304186820984,
  "provenance": {
    "md5sum": "4115686039dfa687a517e90829c824e9",
    "settings": {
      "fd_thres": 0.2,
      "testing": false
    },
    "software": "mriqc",
    "version": "23.0.1",
    "webapi_port": null,
    "webapi_url": "https://mriqc.nimh.nih.gov/api/v1"
  },
  "size_t": 158,
  "size_x": 128,
  "size_y": 128,
  "size_z": 56,
  "snr": 2.212665368370476,
  "spacing_tr": 1.25,
  "spacing_x": 2.0,
  "spacing_y": 2.0,
  "spacing_z": 2.0,
  "summary_bg_k": 56.70178932383185,
  "summary_bg_mad": 3.837874235537433,
  "summary_bg_mean": 26.372318267822266,
  "summary_bg_median": 12.569620132446289,
  "summary_bg_n": 674873.0,
  "summary_bg_p05": 9.550633430480957,
  "summary_bg_p95": 84.48101806640625,
  "summary_bg_stdv": 53.5357551574707,
  "summary_fg_k": 1.2705183962379403,
  "summary_fg_mad": 229.3670195735026,
  "summary_fg_mean": 648.6714477539062,
  "summary_fg_median": 588.424072265625,
  "summary_fg_n": 141000.0,
  "summary_fg_p05": 339.0433624267578,
  "summary_fg_p95": 1172.723773193359,
  "summary_fg_stdv": 265.9335632324219,
  "tsnr": 26.68840396089945
}