{
  "bids_meta": {
    "AcquisitionMatrixPE": 256,
    "AcquisitionNumber": 1,
    "AcquisitionTime": "14:40:56.147500",
    "BaseResolution": 256,
    "BodyPartExamined": "BRAIN",
    "ConsistencyInfo": "N4_VE11A_LATEST_20140830",
    "ConversionSoftware": "dcm2niix",
    "ConversionSoftwareVersion": "v1.0.20190902",
    "DeviceSerialNumber": "45239",
    "DwellTime": 1.09e-05,
    "EchoTime": 0.00243,
    "FlipAngle": 9,
    "ImageOrientationPatientDICOM": [
      0,
      1,
      0,
      0,
      0,
      -1
    ],
    "ImageType": [
      "ORIGINAL",
      "PRIMARY",
      "M",
      "ND"
    ],
    "ImagingFrequency": 123.225,
    "InPlanePhaseEncodingDirectionDICOM": "ROW",
    "InstitutionAddress": "E_24th_St._100_Austin_Southmiddle_US_78712",
    "InstitutionName": "The_Univ._of_Texas_at_Austin_IRC",
    "InstitutionalDepartmentName": "IRC",
    "InversionTime": 0.9,
    "MRAcquisitionType": "3D",
    "MagneticFieldStrength": 3,
    "Manufacturer": "Siemens",
    "ManufacturersModelName": "Skyra",
    "Modality": "MR",
    "ParallelReductionFactorInPlane": 2,
    "PartialFourier": 1,
    "PatientPosition": "HFS",
    "PercentPhaseFOV": 100,
    "PhaseEncodingSteps": 255,
    "PhaseResolution": 1,
    "PixelBandwidth": 180,
    "ProcedureStepDescription": "Booth_Language",
    "ProtocolName": "MPRAGE",
    "PulseSequenceDetails": "%SiemensSeq%_tfl",
    "ReceiveCoilActiveElements": "HC1-6",
    "ReceiveCoilName": "HeadNeck_64",
    "ReconMatrixPE": 256,
    "RefLinesPE": 24,
    "RepetitionTime": 1.9,
    "SAR": 0.239123,
    "ScanOptions": "IR",
    "ScanningSequence": "GR_IR",
    "SequenceName": "_tfl3d1_16ns",
    "SequenceVariant": "SK_SP_MP",
    "SeriesDescription": "MPRAGE",
    "SeriesNumber": 2,
    "ShiftedAquisitionDate": "1817-02-24 00:00:00",
    "ShimSetting": [
      -2849,
      8055,
      -15936,
      -670,
      286,
      -583,
      -301,
      11
    ],
    "SliceThickness": 1,
    "SoftwareVersions": "syngo_MR_E11",
    "StationName": "AWP45239",
    "TxRefAmp": 378.111,
    "acq_id": "D1S2",
    "dataset": "ds003604",
    "modality": "T1w",
    "session_id": "7",
    "subject_id": "5157"
  },
  "cjv": 0.44024684339163206,
  "cnr": 2.945747268479018,
  "efc": 0.5253607750727975,
  "fber": 5423.2704081632655,
  "fwhm_avg": 5.526276666666667,
  "fwhm_x": 5.8043,
  "fwhm_y": 5.00509,
  "fwhm_z": 5.76944,
  "icvs_csf": 0.14816957155855806,
  "icvs_gm": 0.4510645092319255,
  "icvs_wm": 0.4007659192095165,
  "inu_med": 0.990232527256012,
  "inu_range": 1.2833288311958313,
  "provenance": {
    "md5sum": "cd0fde4d01563c941cb6b217f11fade9",
    "settings": {
      "testing": false
    },
    "software": "mriqc",
    "version": "22.0.6",
    "warnings": {
      "large_rot_frame": true,
      "small_air_mask": false
    },
    "webapi_port": null,
    "webapi_url": "https://mriqc.nimh.nih.gov/api/v1"
  },
  "qi_1": 0.0005552913227280738,
  "qi_2": 0.002286998505846334,
  "rpve_csf": 33.512013005273346,
  "rpve_gm": 11.953761925568825,
  "rpve_wm": 14.581194410635709,
  "size_x": 192,
  "size_y": 256,
  "size_z": 256,
  "snr_csf": 2.5689515506007905,
  "snr_gm": 14.63153243768353,
  "snr_total": 10.80921570235619,
  "snr_wm": 15.227163118784246,
  "snrd_csf": 9.362916809921154,
  "snrd_gm": 21.8037336480811,
  "snrd_total": 20.12744673203639,
  "snrd_wm": 29.215689738106914,
  "spacing_x": 1.0,
  "spacing_y": 1.0,
  "spacing_z": 1.0,
  "summary_bg_k": 10.457232759997034,
  "summary_bg_mad": 0.0,
  "summary_bg_mean": 13.55629240395353,
  "summary_bg_median": 0.0,
  "summary_bg_n": 2668502.0,
  "summary_bg_p05": 0.0,
  "summary_bg_p95": 61.05430795252323,
  "summary_bg_stdv": 22.425754111533628,
  "summary_csf_k": 48.44059203696879,
  "summary_csf_mad": 72.35089890556029,
  "summary_csf_mean": 342.3898812163576,
  "summary_csf_median": 320.49886122345924,
  "summary_csf_n": 40246.0,
  "summary_csf_p05": 216.89869199879467,
  "summary_csf_p95": 520.6112440880388,
  "summary_csf_stdv": 124.75707429194502,
  "summary_gm_k": 0.17310428155011248,
  "summary_gm_mad": 50.2048585273353,
  "summary_gm_mean": 746.5600176899061,
  "summary_gm_median": 746.3562847450376,
  "summary_gm_n": 42970.0,
  "summary_gm_p05": 663.1462240669877,
  "summary_gm_p95": 829.9615306705236,
  "summary_gm_stdv": 51.00953049537056,
  "summary_wm_k": 0.6740238979234525,
  "summary_wm_mad": 61.49288881720726,
  "summary_wm_mean": 1009.1825942773622,
  "summary_wm_median": 1000.0724647045135,
  "summary_wm_n": 197721.0,
  "summary_wm_p05": 918.4250172525644,
  "summary_wm_p95": 1132.5501614138484,
  "summary_wm_stdv": 65.67670733549323,
  "tpm_overlap_csf": 0.16530272549320155,
  "tpm_overlap_gm": 0.46210899868818806,
  "tpm_overlap_wm": 0.45669643771288426,
  "wm2max": 0.2736833750049609
}