{
  "bids_meta": {
    "AcquisitionMatrixPE": 256,
    "AcquisitionNumber": 1,
    "AcquisitionTime": "13:35:15.590000",
    "BaseResolution": 256,
    "BodyPartExamined": "BRAIN",
    "ConsistencyInfo": "N4_VE11C_LATEST_20160120",
    "ConversionSoftware": "dcm2niix",
    "ConversionSoftwareVersion": "v1.0.20190902",
    "DeviceSerialNumber": "45239",
    "DwellTime": 1.09e-05,
    "EchoTime": 0.00243,
    "FlipAngle": 9,
    "ImageOrientationPatientDICOM": [
      0,
      1,
      0,
      0,
      0,
      -1
    ],
    "ImageType": [
      "ORIGINAL",
      "PRIMARY",
      "M",
      "ND"
    ],
    "ImagingFrequency": 123.186,
    "InPlanePhaseEncodingDirectionDICOM": "ROW",
    "InstitutionAddress": "E_24th_St._100_Austin_Southmiddle_US_78712",
    "InstitutionName": "The_Univ._of_Texas_at_Austin_IRC",
    "InstitutionalDepartmentName": "IRC",
    "InversionTime": 0.9,
    "MRAcquisitionType": "3D",
    "MagneticFieldStrength": 3,
    "Manufacturer": "Siemens",
    "ManufacturersModelName": "Skyra",
    "Modality": "MR",
    "ParallelReductionFactorInPlane": 2,
    "PartialFourier": 1,
    "PatientPosition": "HFS",
    "PercentPhaseFOV": 100,
    "PhaseEncodingSteps": 255,
    "PhaseResolution": 1,
    "PixelBandwidth": 180,
    "ProcedureStepDescription": "Booth_Language",
    "ProtocolName": "MPRAGE",
    "PulseSequenceDetails": "%SiemensSeq%_tfl",
    "ReceiveCoilActiveElements": "HC1-6",
    "ReceiveCoilName": "HeadNeck_64",
    "ReconMatrixPE": 256,
    "RefLinesPE": 24,
    "RepetitionTime": 1.9,
    "SAR": 0.200937,
    "ScanOptions": "IR",
    "ScanningSequence": "GR_IR",
    "SequenceName": "_tfl3d1_16ns",
    "SequenceVariant": "SK_SP_MP",
    "SeriesDescription": "MPRAGE",
    "SeriesNumber": 2,
    "ShiftedAquisitionDate": "1818-11-20 00:00:00",
    "ShimSetting": [
      -2727,
      7934,
      -15901,
      -500,
      562,
      -716,
      -526,
      132
    ],
    "SliceThickness": 1,
    "SoftwareVersions": "syngo_MR_E11",
    "StationName": "AWP45239",
    "TxRefAmp": 323.51,
    "acq_id": "D1S2",
    "dataset": "ds003604",
    "modality": "T1w",
    "session_id": "9",
    "subject_id": "5074"
  },
  "cjv": 0.5140537015398585,
  "cnr": 2.556036166454817,
  "efc": 0.5637064849618367,
  "fber": 3418.318356754466,
  "fwhm_avg": 5.16139,
  "fwhm_x": 5.31071,
  "fwhm_y": 4.37275,
  "fwhm_z": 5.80071,
  "icvs_csf": 0.12920617337641624,
  "icvs_gm": 0.4585943420110405,
  "icvs_wm": 0.4121994846125433,
  "inu_med": 1.0104442834854126,
  "inu_range": 1.2290799021720886,
  "provenance": {
    "md5sum": "b1b82d309fd91e09fd5bf8adbefa08ea",
    "settings": {
      "testing": false
    },
    "software": "mriqc",
    "version": "22.0.6",
    "warnings": {
      "large_rot_frame": true,
      "small_air_mask": false
    },
    "webapi_port": null,
    "webapi_url": "https://mriqc.nimh.nih.gov/api/v1"
  },
  "qi_1": 0.004671892885252368,
  "qi_2": 0.0018901686487376788,
  "rpve_csf": 41.21565046268873,
  "rpve_gm": 12.014187664325817,
  "rpve_wm": 14.206413324443064,
  "size_x": 192,
  "size_y": 256,
  "size_z": 256,
  "snr_csf": 2.563840057127824,
  "snr_gm": 12.871068149841944,
  "snr_total": 9.280600429971626,
  "snr_wm": 12.406893082945109,
  "snrd_csf": 15.383871391263558,
  "snrd_gm": 33.43226952676557,
  "snrd_total": 31.521854125236114,
  "snrd_wm": 45.749421457679205,
  "spacing_x": 1.0,
  "spacing_y": 1.0,
  "spacing_z": 1.0,
  "summary_bg_k": 10.325608212623392,
  "summary_bg_mad": 14.321759321293218,
  "summary_bg_mean": 22.302950493854485,
  "summary_bg_median": 9.659879866987467,
  "summary_bg_n": 2458097.0,
  "summary_bg_p05": 0.0,
  "summary_bg_p95": 100.35863215103745,
  "summary_bg_stdv": 37.08406594625123,
  "summary_csf_k": 4.616105442367257,
  "summary_csf_mad": 118.43323127368822,
  "summary_csf_mean": 346.6248138846955,
  "summary_csf_median": 336.3026439920068,
  "summary_csf_n": 18925.0,
  "summary_csf_p05": 148.79685610681773,
  "summary_csf_p95": 565.6062114693223,
  "summary_csf_stdv": 131.16799458576932,
  "summary_gm_k": -0.03331300565775308,
  "summary_gm_mad": 56.77248305806054,
  "summary_gm_mean": 731.7347536307204,
  "summary_gm_median": 730.8537851460278,
  "summary_gm_n": 30567.0,
  "summary_gm_p05": 638.4197251014411,
  "summary_gm_p95": 827.0881691861896,
  "summary_gm_stdv": 56.7817543650657,
  "summary_wm_k": 0.021704046839136737,
  "summary_wm_mad": 81.64260403515654,
  "summary_wm_mean": 1007.1887739697233,
  "summary_wm_median": 1000.1157059893012,
  "summary_wm_n": 122333.0,
  "summary_wm_p05": 888.5354169867933,
  "summary_wm_p95": 1151.9782724730667,
  "summary_wm_stdv": 80.6093525282506,
  "tpm_overlap_csf": 0.1519032263514444,
  "tpm_overlap_gm": 0.447674281226941,
  "tpm_overlap_wm": 0.4283746510892173,
  "wm2max": 0.3486941615407885
}