{
  "aor": 0.00796137614678899,
  "aqi": 0.011208763623853209,
  "bids_meta": {
    "AcquisitionMatrixPE": 128,
    "AcquisitionNumber": 1,
    "AcquisitionTime": "09:52:35.385000",
    "BandwidthPerPixelPhaseEncode": 23.321,
    "BaseResolution": 128,
    "BodyPartExamined": "BRAIN",
    "ConsistencyInfo": "N4_VE11A_LATEST_20140830",
    "ConversionSoftware": "dcm2niix",
    "ConversionSoftwareVersion": "v1.0.20190902",
    "DerivedVendorReportedEchoSpacing": 0.000669997,
    "DeviceSerialNumber": "45239",
    "DwellTime": 2.2e-06,
    "EchoTime": 0.03,
    "EchoTrainLength": 63,
    "EffectiveEchoSpacing": 0.000334999,
    "FlipAngle": 80,
    "ImageComments": "Unaliased_MB4_PE4_LB",
    "ImageOrientationPatientDICOM": [
      1,
      0,
      0,
      0,
      1,
      0
    ],
    "ImageType": [
      "ORIGINAL",
      "PRIMARY",
      "M",
      "MB",
      "ND",
      "MOSAIC"
    ],
    "ImagingFrequency": 123.224,
    "InPlanePhaseEncodingDirectionDICOM": "COL",
    "InstitutionAddress": "E_24th_St._100_Austin_Southmiddle_US_78712",
    "InstitutionName": "The_Univ._of_Texas_at_Austin_IRC",
    "InstitutionalDepartmentName": "IRC",
    "MRAcquisitionType": "2D",
    "MagneticFieldStrength": 3,
    "Manufacturer": "Siemens",
    "ManufacturersModelName": "Skyra",
    "Modality": "MR",
    "MultibandAccelerationFactor": 4,
    "ParallelReductionFactorInPlane": 2,
    "PartialFourier": 1,
    "PatientPosition": "HFS",
    "PercentPhaseFOV": 100,
    "PhaseEncodingDirection": "j-",
    "PhaseEncodingSteps": 127,
    "PhaseResolution": 1,
    "PixelBandwidth": 1775,
    "ProcedureStepDescription": "Booth_Language",
    "ProtocolName": "Gram1",
    "PulseSequenceDetails": "%CustomerSeq%_cmrr_mbep2d_bold",
    "ReceiveCoilActiveElements": "HC1-6",
    "ReceiveCoilName": "HeadNeck_64",
    "ReconMatrixPE": 128,
    "RefLinesPE": 58,
    "RepetitionTime": 1.25,
    "SAR": 0.325668,
    "ScanOptions": "FS",
    "ScanningSequence": "EP",
    "SequenceName": "epfid2d1_128",
    "SequenceVariant": "SK_SS",
    "SeriesDescription": "Gram1",
    "SeriesNumber": 14,
    "ShiftedAquisitionDate": "1815-10-24",
    "ShimSetting": [
      -2876,
      7776,
      -15408,
      -398,
      -106,
      314,
      304,
      -262
    ],
    "SliceThickness": 2,
    "SliceTiming": [
      0,
      0.265,
      0.5275,
      0.79,
      1.055,
      0.0875,
      0.3525,
      0.615,
      0.88,
      1.1425,
      0.175,
      0.44,
      0.7025,
      0.9675,
      0,
      0.265,
      0.5275,
      0.79,
      1.055,
      0.0875,
      0.3525,
      0.615,
      0.88,
      1.1425,
      0.175,
      0.44,
      0.7025,
      0.9675,
      0,
      0.265,
      0.5275,
      0.79,
      1.055,
      0.0875,
      0.3525,
      0.615,
      0.88,
      1.1425,
      0.175,
      0.44,
      0.7025,
      0.9675,
      0,
      0.265,
      0.5275,
      0.79,
      1.055,
      0.0875,
      0.3525,
      0.615,
      0.88,
      1.1425,
      0.175,
      0.44,
      0.7025,
      0.9675
    ],
    "SoftwareVersions": "syngo_MR_E11",
    "SpacingBetweenSlices": 2,
    "StationName": "AWP45239",
    "TotalReadoutTime": 0.0425448,
    "TxRefAmp": 338.351,
    "WipMemBlock": "c71fb123-a2d9-43a2-837e-690d4db29d30||Sequence: ve11a/master r/3765ccc; Dec 14 2015 15:37:15 by eja",
    "acq_id": "D1S14",
    "dataset": "ds003604",
    "modality": "bold",
    "run_id": 1,
    "session_id": "5",
    "subject_id": "5179",
    "task_id": "Gram"
  },
  "dummy_trs": 0,
  "dvars_nstd": 64.19425561723503,
  "dvars_std": 1.1916222991244243,
  "dvars_vstd": 1.0707331959447004,
  "efc": 0.42003505248708106,
  "fber": 1531.6387939453125,
  "fd_mean": 0.5443114333511366,
  "fd_num": 187,
  "fd_perc": 85.77981651376147,
  "fwhm_avg": 4.104496666666667,
  "fwhm_x": 3.76429,
  "fwhm_y": 4.029915,
  "fwhm_z": 4.519285,
  "gcor": 0.0427876,
  "gsr_x": -0.02224358730018139,
  "gsr_y": 0.009885406121611595,
  "provenance": {
    "md5sum": "d975897a07d88e3a994cebf8d615e8db",
    "settings": {
      "fd_thres": 0.2,
      "testing": false
    },
    "software": "mriqc",
    "version": "23.0.1",
    "webapi_port": null,
    "webapi_url": "https://mriqc.nimh.nih.gov/api/v1"
  },
  "size_t": 218,
  "size_x": 128,
  "size_y": 128,
  "size_z": 56,
  "snr": 1.689358156242294,
  "spacing_tr": 1.25,
  "spacing_x": 2.0,
  "spacing_y": 2.0,
  "spacing_z": 2.0,
  "summary_bg_k": 51.30330138772436,
  "summary_bg_mad": 3.352857375515864,
  "summary_bg_mean": 30.89557647705078,
  "summary_bg_median": 16.334861755371094,
  "summary_bg_n": 670737.0,
  "summary_bg_p05": 13.577980995178223,
  "summary_bg_p95": 94.83944702148438,
  "summary_bg_stdv": 56.011016845703125,
  "summary_fg_k": 4.028457553926674,
  "summary_fg_mad": 247.9073521413306,
  "summary_fg_mean": 761.8429565429688,
  "summary_fg_median": 645.4678344726562,
  "summary_fg_n": 141861.0,
  "summary_fg_p05": 388.238525390625,
  "summary_fg_p95": 1568.1558837890625,
  "summary_fg_stdv": 382.077392578125,
  "tsnr": 24.016700486536138
}