{
  "aor": 0.004556273584905661,
  "aqi": 0.012094653726415093,
  "bids_meta": {
    "AcquisitionMatrixPE": 128,
    "AcquisitionNumber": 1,
    "AcquisitionTime": "16:12:55.092500",
    "BandwidthPerPixelPhaseEncode": 23.321,
    "BaseResolution": 128,
    "BodyPartExamined": "BRAIN",
    "ConsistencyInfo": "N4_VE11C_LATEST_20160120",
    "ConversionSoftware": "dcm2niix",
    "ConversionSoftwareVersion": "v1.0.20190902",
    "DerivedVendorReportedEchoSpacing": 0.000669997,
    "DeviceSerialNumber": "45239",
    "DwellTime": 2.2e-06,
    "EchoTime": 0.03,
    "EchoTrainLength": 63,
    "EffectiveEchoSpacing": 0.000334999,
    "FlipAngle": 80,
    "ImageComments": "Unaliased_MB4_PE4_LB",
    "ImageOrientationPatientDICOM": [
      1,
      0,
      0,
      0,
      1,
      0
    ],
    "ImageType": [
      "ORIGINAL",
      "PRIMARY",
      "M",
      "MB",
      "ND",
      "MOSAIC"
    ],
    "ImagingFrequency": 123.186,
    "InPlanePhaseEncodingDirectionDICOM": "COL",
    "InstitutionAddress": "E_24th_St._100_Austin_Southmiddle_US_78712",
    "InstitutionName": "The_Univ._of_Texas_at_Austin_IRC",
    "InstitutionalDepartmentName": "IRC",
    "MRAcquisitionType": "2D",
    "MagneticFieldStrength": 3,
    "Manufacturer": "Siemens",
    "ManufacturersModelName": "Skyra",
    "Modality": "MR",
    "MultibandAccelerationFactor": 4,
    "ParallelReductionFactorInPlane": 2,
    "PartialFourier": 1,
    "PatientPosition": "HFS",
    "PercentPhaseFOV": 100,
    "PhaseEncodingDirection": "j-",
    "PhaseEncodingSteps": 127,
    "PhaseResolution": 1,
    "PixelBandwidth": 1775,
    "ProcedureStepDescription": "Booth_Language",
    "ProtocolName": "Plaus2",
    "PulseSequenceDetails": "%CustomerSeq%_cmrr_mbep2d_bold",
    "ReceiveCoilActiveElements": "HC3-6",
    "ReceiveCoilName": "HeadNeck_64",
    "ReconMatrixPE": 128,
    "RefLinesPE": 58,
    "RepetitionTime": 1.25,
    "SAR": 0.259782,
    "ScanOptions": "FS",
    "ScanningSequence": "EP",
    "SequenceName": "epfid2d1_128",
    "SequenceVariant": "SK_SS",
    "SeriesDescription": "Plaus2",
    "SeriesNumber": 4,
    "ShiftedAquisitionDate": "1819-02-14",
    "ShimSetting": [
      -2737,
      7756,
      -15315,
      71,
      777,
      -1198,
      44,
      -70
    ],
    "SliceThickness": 2,
    "SliceTiming": [
      0,
      0.2625,
      0.525,
      0.79,
      1.0525,
      0.0875,
      0.35,
      0.6125,
      0.8775,
      1.14,
      0.175,
      0.4375,
      0.7025,
      0.965,
      0,
      0.2625,
      0.525,
      0.79,
      1.0525,
      0.0875,
      0.35,
      0.6125,
      0.8775,
      1.14,
      0.175,
      0.4375,
      0.7025,
      0.965,
      0,
      0.2625,
      0.525,
      0.79,
      1.0525,
      0.0875,
      0.35,
      0.6125,
      0.8775,
      1.14,
      0.175,
      0.4375,
      0.7025,
      0.965,
      0,
      0.2625,
      0.525,
      0.79,
      1.0525,
      0.0875,
      0.35,
      0.6125,
      0.8775,
      1.14,
      0.175,
      0.4375,
      0.7025,
      0.965
    ],
    "SoftwareVersions": "syngo_MR_E11",
    "SpacingBetweenSlices": 2,
    "StationName": "AWP45239",
    "TotalReadoutTime": 0.0425448,
    "TxRefAmp": 329.77,
    "WipMemBlock": "0f40ddcd-b875-4773-9041-6714fbef2de5||Sequence: R016 ve11c/master r/e634e98; Dec 19 2017 11:00:25 by eja",
    "acq_id": "D2S4",
    "dataset": "ds003604",
    "modality": "bold",
    "run_id": 2,
    "session_id": "9",
    "subject_id": "5151",
    "task_id": "Plaus"
  },
  "dummy_trs": 0,
  "dvars_nstd": 53.88792112109003,
  "dvars_std": 1.122625233649289,
  "dvars_vstd": 1.0286260607109,
  "efc": 0.41310465089256626,
  "fber": 3489.625,
  "fd_mean": 0.2559114344131808,
  "fd_num": 65,
  "fd_perc": 30.660377358490567,
  "fwhm_avg": 3.323665,
  "fwhm_x": 2.952785,
  "fwhm_y": 3.528015,
  "fwhm_z": 3.490195,
  "gcor": 0.0157241,
  "gsr_x": -0.016189662739634514,
  "gsr_y": 0.014836383052170277,
  "provenance": {
    "md5sum": "701b397ee306f55149256a5436177afb",
    "settings": {
      "fd_thres": 0.2,
      "testing": false
    },
    "software": "mriqc",
    "version": "23.0.1",
    "webapi_port": null,
    "webapi_url": "https://mriqc.nimh.nih.gov/api/v1"
  },
  "size_t": 212,
  "size_x": 128,
  "size_y": 128,
  "size_z": 56,
  "snr": 2.5095993618129047,
  "spacing_tr": 1.25,
  "spacing_x": 2.0,
  "spacing_y": 2.0,
  "spacing_z": 2.0,
  "summary_bg_k": 89.4434192838724,
  "summary_bg_mad": 3.154026337636748,
  "summary_bg_mean": 19.42824363708496,
  "summary_bg_median": 10.316038131713867,
  "summary_bg_n": 679950.0,
  "summary_bg_p05": 7.485849380493164,
  "summary_bg_p95": 55.936557006835606,
  "summary_bg_stdv": 37.04125213623047,
  "summary_fg_k": 1.634120444790561,
  "summary_fg_mad": 220.0825444226574,
  "summary_fg_mean": 654.7636108398438,
  "summary_fg_median": 609.910400390625,
  "summary_fg_n": 138459.0,
  "summary_fg_p05": 355.28350524902345,
  "summary_fg_p95": 1111.4179809570314,
  "summary_fg_stdv": 243.0301055908203,
  "tsnr": 26.307940363883972
}