{
  "aor": 0.0007561926605504587,
  "aqi": 0.00681157866972477,
  "bids_meta": {
    "AcquisitionMatrixPE": 128,
    "AcquisitionNumber": 1,
    "AcquisitionTime": "14:03:56.512500",
    "BandwidthPerPixelPhaseEncode": 23.321,
    "BaseResolution": 128,
    "BodyPartExamined": "BRAIN",
    "ConsistencyInfo": "N4_VE11A_LATEST_20140830",
    "ConversionSoftware": "dcm2niix",
    "ConversionSoftwareVersion": "v1.0.20190902",
    "DerivedVendorReportedEchoSpacing": 0.000669997,
    "DeviceSerialNumber": "45239",
    "DwellTime": 2.2e-06,
    "EchoTime": 0.03,
    "EchoTrainLength": 63,
    "EffectiveEchoSpacing": 0.000334999,
    "FlipAngle": 80,
    "ImageComments": "Unaliased_MB4_PE4_LB",
    "ImageOrientationPatientDICOM": [
      1,
      0,
      0,
      0,
      1,
      0
    ],
    "ImageType": [
      "ORIGINAL",
      "PRIMARY",
      "M",
      "MB",
      "ND",
      "MOSAIC"
    ],
    "ImagingFrequency": 123.225,
    "InPlanePhaseEncodingDirectionDICOM": "COL",
    "InstitutionAddress": "E_24th_St._100_Austin_Southmiddle_US_78712",
    "InstitutionName": "The_Univ._of_Texas_at_Austin_IRC",
    "InstitutionalDepartmentName": "IRC",
    "MRAcquisitionType": "2D",
    "MagneticFieldStrength": 3,
    "Manufacturer": "Siemens",
    "ManufacturersModelName": "Skyra",
    "Modality": "MR",
    "MultibandAccelerationFactor": 4,
    "ParallelReductionFactorInPlane": 2,
    "PartialFourier": 1,
    "PatientPosition": "HFS",
    "PercentPhaseFOV": 100,
    "PhaseEncodingDirection": "j-",
    "PhaseEncodingSteps": 127,
    "PhaseResolution": 1,
    "PixelBandwidth": 1775,
    "ProcedureStepDescription": "Booth_Language",
    "ProtocolName": "Gram1",
    "PulseSequenceDetails": "%CustomerSeq%_cmrr_mbep2d_bold",
    "ReceiveCoilActiveElements": "HC3-7",
    "ReceiveCoilName": "HeadNeck_64",
    "ReconMatrixPE": 128,
    "RefLinesPE": 58,
    "RepetitionTime": 1.25,
    "SAR": 0.271593,
    "ScanOptions": "FS",
    "ScanningSequence": "EP",
    "SequenceName": "epfid2d1_128",
    "SequenceVariant": "SK_SS",
    "SeriesDescription": "Gram1",
    "SeriesNumber": 9,
    "ShiftedAquisitionDate": "1817-05-13",
    "ShimSetting": [
      -2876,
      7841,
      -15444,
      113,
      187,
      53,
      269,
      -218
    ],
    "SliceThickness": 2,
    "SliceTiming": [
      0,
      0.265,
      0.5275,
      0.79,
      1.055,
      0.0875,
      0.3525,
      0.615,
      0.88,
      1.1425,
      0.175,
      0.44,
      0.7025,
      0.9675,
      0,
      0.265,
      0.5275,
      0.79,
      1.055,
      0.0875,
      0.3525,
      0.615,
      0.88,
      1.1425,
      0.175,
      0.44,
      0.7025,
      0.9675,
      0,
      0.265,
      0.5275,
      0.79,
      1.055,
      0.0875,
      0.3525,
      0.615,
      0.88,
      1.1425,
      0.175,
      0.44,
      0.7025,
      0.9675,
      0,
      0.265,
      0.5275,
      0.79,
      1.055,
      0.0875,
      0.3525,
      0.615,
      0.88,
      1.1425,
      0.175,
      0.44,
      0.7025,
      0.9675
    ],
    "SoftwareVersions": "syngo_MR_E11",
    "SpacingBetweenSlices": 2,
    "StationName": "AWP45239",
    "TotalReadoutTime": 0.0425448,
    "TxRefAmp": 373.833,
    "WipMemBlock": "20234e65-8863-4c77-a67f-7b4713c5727c||Sequence: ve11a/master r/5a7612f; Mar  3 2017 11:38:58 by eja",
    "acq_id": "D1S9",
    "dataset": "ds003604",
    "modality": "bold",
    "run_id": 1,
    "session_id": "7",
    "subject_id": "5179",
    "task_id": "Gram"
  },
  "dummy_trs": 0,
  "dvars_nstd": 53.87614845230414,
  "dvars_std": 1.1593162767281104,
  "dvars_vstd": 1.0123788510138245,
  "efc": 0.42966106199430937,
  "fber": 2152.375244140625,
  "fd_mean": 0.25645812769088866,
  "fd_num": 146,
  "fd_perc": 66.97247706422019,
  "fwhm_avg": 3.8505633333333336,
  "fwhm_x": 3.63184,
  "fwhm_y": 3.76877,
  "fwhm_z": 4.15108,
  "gcor": 0.00646408,
  "gsr_x": -0.024589035660028458,
  "gsr_y": 0.013805736787617207,
  "provenance": {
    "md5sum": "3d91a904742d6d3be6044e417c2863c9",
    "settings": {
      "fd_thres": 0.2,
      "testing": false
    },
    "software": "mriqc",
    "version": "23.0.1",
    "webapi_port": null,
    "webapi_url": "https://mriqc.nimh.nih.gov/api/v1"
  },
  "size_t": 218,
  "size_x": 128,
  "size_y": 128,
  "size_z": 56,
  "snr": 1.8563896663826542,
  "spacing_tr": 1.25,
  "spacing_x": 2.0,
  "spacing_y": 2.0,
  "spacing_z": 2.0,
  "summary_bg_k": 49.909642743472475,
  "summary_bg_mad": 5.134700136359176,
  "summary_bg_mean": 29.450990676879883,
  "summary_bg_median": 13.68807315826416,
  "summary_bg_n": 663946.0,
  "summary_bg_p05": 9.701834678649902,
  "summary_bg_p95": 100.7236213684082,
  "summary_bg_stdv": 58.98828125,
  "summary_fg_k": 3.1615460933614967,
  "summary_fg_mad": 253.03533333147857,
  "summary_fg_mean": 729.5269775390625,
  "summary_fg_median": 636.0321044921875,
  "summary_fg_n": 150161.0,
  "summary_fg_p05": 373.1972351074219,
  "summary_fg_p95": 1435.041259765625,
  "summary_fg_stdv": 342.61663818359375,
  "tsnr": 30.682369083166122
}