{
  "bids_meta": {
    "AcquisitionMatrixPE": 256,
    "AcquisitionNumber": 1,
    "AcquisitionTime": "11:55:20.460000",
    "BaseResolution": 256,
    "BodyPartExamined": "BRAIN",
    "ConsistencyInfo": "N4_VD13A_LATEST_20120616",
    "ConversionSoftware": "dcm2niix",
    "ConversionSoftwareVersion": "v1.0.20190902",
    "DeviceSerialNumber": "45239",
    "DwellTime": 1.09e-05,
    "EchoTime": 0.00243,
    "FlipAngle": 9,
    "ImageOrientationPatientDICOM": [
      -0.187381,
      0.982287,
      0,
      0,
      0,
      -1
    ],
    "ImageType": [
      "ORIGINAL",
      "PRIMARY",
      "M",
      "ND"
    ],
    "ImagingFrequency": 123.224,
    "InPlanePhaseEncodingDirectionDICOM": "ROW",
    "InstitutionAddress": "E_24th_St._100_Austin_Southmiddle_US_78712",
    "InstitutionName": "The_Univ._of_Texas_at_Austin_IRC",
    "InstitutionalDepartmentName": "IRC",
    "InversionTime": 0.9,
    "MRAcquisitionType": "3D",
    "MagneticFieldStrength": 3,
    "Manufacturer": "Siemens",
    "ManufacturersModelName": "Skyra",
    "Modality": "MR",
    "ParallelReductionFactorInPlane": 2,
    "PartialFourier": 1,
    "PatientPosition": "HFS",
    "PercentPhaseFOV": 100,
    "PhaseEncodingSteps": 255,
    "PhaseResolution": 1,
    "PixelBandwidth": 180,
    "ProcedureStepDescription": "Booth_Language",
    "ProtocolName": "MPRAGE",
    "PulseSequenceDetails": "%SiemensSeq%_tfl",
    "ReceiveCoilActiveElements": "HC1-7",
    "ReceiveCoilName": "HeadNeck_64",
    "ReconMatrixPE": 256,
    "RefLinesPE": 24,
    "RepetitionTime": 1.9,
    "SAR": 0.231116,
    "ScanOptions": "IR",
    "ScanningSequence": "GR_IR",
    "SequenceName": "_tfl3d1_16ns",
    "SequenceVariant": "SK_SP_MP",
    "SeriesDescription": "MPRAGE",
    "SeriesNumber": 2,
    "ShiftedAquisitionDate": "1815-02-04 00:00:00",
    "ShimSetting": [
      -2849,
      8022,
      -16018,
      -1233,
      -75,
      -527,
      -219,
      169
    ],
    "SliceThickness": 1,
    "SoftwareVersions": "syngo_MR_D13",
    "StationName": "AWP45239",
    "TxRefAmp": 317.984,
    "acq_id": "D1S2",
    "dataset": "ds003604",
    "modality": "T1w",
    "session_id": "5",
    "subject_id": "5061"
  },
  "cjv": 0.3805859999569726,
  "cnr": 3.5227092808604397,
  "efc": 0.507544394581392,
  "fber": -1.0,
  "fwhm_avg": 5.928753333333333,
  "fwhm_x": 6.25002,
  "fwhm_y": 5.32162,
  "fwhm_z": 6.21462,
  "icvs_csf": 0.12917890949748362,
  "icvs_gm": 0.5066425970746211,
  "icvs_wm": 0.36417849342789527,
  "inu_med": 0.9040652513504028,
  "inu_range": 1.274032521247864,
  "provenance": {
    "md5sum": "baac0d5bf1482150fe6ac08f63a2d717",
    "settings": {
      "testing": false
    },
    "software": "mriqc",
    "version": "23.0.1",
    "warnings": {
      "large_rot_frame": true,
      "small_air_mask": false
    },
    "webapi_port": null,
    "webapi_url": "https://mriqc.nimh.nih.gov/api/v1"
  },
  "qi_1": 0.00017048143958538914,
  "qi_2": 0.006937766973790691,
  "rpve_csf": 43.54848331050594,
  "rpve_gm": 12.983783789432762,
  "rpve_wm": 18.011650653634874,
  "size_x": 192,
  "size_y": 256,
  "size_z": 256,
  "snr_csf": 2.8811013285472193,
  "snr_gm": 17.387586891389432,
  "snr_total": 12.650059759916394,
  "snr_wm": 17.681491059812522,
  "snrd_csf": 26.22627878838168,
  "snrd_gm": 55.94503163501654,
  "snrd_total": 52.327613871101825,
  "snrd_wm": 74.81153118990726,
  "spacing_x": 1.0,
  "spacing_y": 1.0,
  "spacing_z": 1.0,
  "summary_bg_k": 9.054685916626447,
  "summary_bg_mad": 0.0,
  "summary_bg_mean": 5.040184230862996,
  "summary_bg_median": 0.0,
  "summary_bg_n": 2284848.0,
  "summary_bg_p05": 0.0,
  "summary_bg_p95": 23.462976664304733,
  "summary_bg_stdv": 8.757854686657481,
  "summary_csf_k": 7.863938152571354,
  "summary_csf_mad": 93.03850891656616,
  "summary_csf_mean": 363.3833029947498,
  "summary_csf_median": 350.5925462245941,
  "summary_csf_n": 14652.0,
  "summary_csf_p05": 193.92349051833156,
  "summary_csf_p95": 573.7612452834843,
  "summary_csf_stdv": 121.68283654730952,
  "summary_gm_k": 0.08166274128916884,
  "summary_gm_mad": 42.68686974372237,
  "summary_gm_mean": 747.893571953291,
  "summary_gm_median": 747.8724392354488,
  "summary_gm_n": 61761.0,
  "summary_gm_p05": 677.0062961578369,
  "summary_gm_p95": 818.1022982001305,
  "summary_gm_stdv": 43.01151098848337,
  "summary_wm_k": 0.7773187178405143,
  "summary_wm_mad": 53.299627414813564,
  "summary_wm_mean": 1004.4013368029392,
  "summary_wm_median": 1000.0795544981956,
  "summary_wm_n": 139285.0,
  "summary_wm_p05": 921.0212534666061,
  "summary_wm_p95": 1104.032471448183,
  "summary_wm_stdv": 56.560612510626996,
  "tpm_overlap_csf": 0.14428048169536647,
  "tpm_overlap_gm": 0.48005376399566596,
  "tpm_overlap_wm": 0.44156523288838556,
  "wm2max": 0.25581585099831
}