{
  "bids_meta": {
    "AcquisitionMatrixPE": 256,
    "AcquisitionNumber": 1,
    "AcquisitionTime": "12:36:29.295000",
    "BaseResolution": 256,
    "BodyPartExamined": "BRAIN",
    "ConsistencyInfo": "N4_VE11C_LATEST_20160120",
    "ConversionSoftware": "dcm2niix",
    "ConversionSoftwareVersion": "v1.0.20190902",
    "DeviceSerialNumber": "45239",
    "DwellTime": 1.09e-05,
    "EchoTime": 0.00243,
    "FlipAngle": 9,
    "ImageOrientationPatientDICOM": [
      0,
      1,
      0,
      0,
      0,
      -1
    ],
    "ImageType": [
      "ORIGINAL",
      "PRIMARY",
      "M",
      "ND"
    ],
    "ImagingFrequency": 123.186,
    "InPlanePhaseEncodingDirectionDICOM": "ROW",
    "InstitutionAddress": "E_24th_St._100_Austin_Southmiddle_US_78712",
    "InstitutionName": "The_Univ._of_Texas_at_Austin_IRC",
    "InstitutionalDepartmentName": "IRC",
    "InversionTime": 0.9,
    "MRAcquisitionType": "3D",
    "MagneticFieldStrength": 3,
    "Manufacturer": "Siemens",
    "ManufacturersModelName": "Skyra",
    "Modality": "MR",
    "ParallelReductionFactorInPlane": 2,
    "PartialFourier": 1,
    "PatientPosition": "HFS",
    "PercentPhaseFOV": 100,
    "PhaseEncodingSteps": 255,
    "PhaseResolution": 1,
    "PixelBandwidth": 180,
    "ProcedureStepDescription": "Booth_Language",
    "ProtocolName": "MPRAGE",
    "PulseSequenceDetails": "%SiemensSeq%_tfl",
    "ReceiveCoilActiveElements": "HC1-6",
    "ReceiveCoilName": "HeadNeck_64",
    "ReconMatrixPE": 256,
    "RefLinesPE": 24,
    "RepetitionTime": 1.9,
    "SAR": 0.256496,
    "ScanOptions": "IR",
    "ScanningSequence": "GR_IR",
    "SequenceName": "_tfl3d1_16ns",
    "SequenceVariant": "SK_SP_MP",
    "SeriesDescription": "MPRAGE",
    "SeriesNumber": 2,
    "ShiftedAquisitionDate": "1819-04-23 00:00:00",
    "ShimSetting": [
      -2727,
      7934,
      -15901,
      -500,
      562,
      -716,
      -526,
      132
    ],
    "SliceThickness": 1,
    "SoftwareVersions": "syngo_MR_E11",
    "StationName": "AWP45239",
    "TxRefAmp": 321.97,
    "acq_id": "D2S2",
    "dataset": "ds003604",
    "modality": "T1w",
    "session_id": "7",
    "subject_id": "5544"
  },
  "cjv": 0.42231946614567045,
  "cnr": 3.1391242169729945,
  "efc": 0.4970276054369689,
  "fber": -1.0,
  "fwhm_avg": 5.349676666666667,
  "fwhm_x": 5.58603,
  "fwhm_y": 4.96943,
  "fwhm_z": 5.49357,
  "icvs_csf": 0.12866237327789312,
  "icvs_gm": 0.48725622499851545,
  "icvs_wm": 0.38408140172359145,
  "inu_med": 0.9966163039207458,
  "inu_range": 1.1007166624069211,
  "provenance": {
    "md5sum": "3e267f5a7c2fcda3e25e6e9b12a9d781",
    "settings": {
      "testing": false
    },
    "software": "mriqc",
    "version": "23.0.1",
    "warnings": {
      "large_rot_frame": true,
      "small_air_mask": false
    },
    "webapi_port": null,
    "webapi_url": "https://mriqc.nimh.nih.gov/api/v1"
  },
  "qi_1": 0.0,
  "qi_2": 0.006547117558971957,
  "rpve_csf": 44.43338676388189,
  "rpve_gm": 13.660394368674792,
  "rpve_wm": 17.665408796125853,
  "size_x": 192,
  "size_y": 256,
  "size_z": 256,
  "snr_csf": 3.311831284470236,
  "snr_gm": 18.038804856059436,
  "snr_total": 12.409633275187366,
  "snr_wm": 15.878263685032424,
  "snrd_csf": 26.27841211107497,
  "snrd_gm": 56.1400230613474,
  "snrd_total": 52.08036087582517,
  "snrd_wm": 73.82264745505316,
  "spacing_x": 1.0,
  "spacing_y": 1.0,
  "spacing_z": 1.0,
  "summary_bg_k": 31.95310339315411,
  "summary_bg_mad": 0.0,
  "summary_bg_mean": 4.805029232258816,
  "summary_bg_median": 0.0,
  "summary_bg_n": 2758201.0,
  "summary_bg_p05": 0.0,
  "summary_bg_p95": 17.453732080757618,
  "summary_bg_stdv": 8.875048606195893,
  "summary_csf_k": 3.3876058500319957,
  "summary_csf_mad": 84.56389316596126,
  "summary_csf_mean": 365.70652210406735,
  "summary_csf_median": 355.990271307528,
  "summary_csf_n": 13217.0,
  "summary_csf_p05": 218.3889993712306,
  "summary_csf_p95": 562.6819770276546,
  "summary_csf_stdv": 107.48639448696868,
  "summary_gm_k": 0.08700462771973472,
  "summary_gm_mad": 41.89135123348427,
  "summary_gm_mean": 761.1178205156142,
  "summary_gm_median": 760.5216767415404,
  "summary_gm_n": 60019.0,
  "summary_gm_p05": 692.9460951760411,
  "summary_gm_p95": 831.1928258836269,
  "summary_gm_stdv": 42.15996276412634,
  "summary_wm_k": 0.6439706241066947,
  "summary_wm_mad": 59.27284428607215,
  "summary_wm_mean": 1007.8484298237386,
  "summary_wm_median": 1000.0659166574478,
  "summary_wm_n": 153140.0,
  "summary_wm_p05": 919.5152965262532,
  "summary_wm_p95": 1124.8107036799192,
  "summary_wm_stdv": 62.983124054887554,
  "tpm_overlap_csf": 0.13869688107346914,
  "tpm_overlap_gm": 0.46849050092842365,
  "tpm_overlap_wm": 0.435850821147932,
  "wm2max": 0.30786074897102655
}