{
  "bids_meta": {
    "AcquisitionMatrixPE": 256,
    "AcquisitionNumber": 1,
    "AcquisitionTime": "13:23:12.592500",
    "BaseResolution": 256,
    "BodyPartExamined": "BRAIN",
    "ConsistencyInfo": "N4_VE11A_LATEST_20140830",
    "ConversionSoftware": "dcm2niix",
    "ConversionSoftwareVersion": "v1.0.20190902",
    "DeviceSerialNumber": "45239",
    "DwellTime": 1.09e-05,
    "EchoTime": 0.00243,
    "FlipAngle": 9,
    "ImageOrientationPatientDICOM": [
      0,
      1,
      0,
      0,
      0,
      -1
    ],
    "ImageType": [
      "ORIGINAL",
      "PRIMARY",
      "M",
      "ND"
    ],
    "ImagingFrequency": 123.224,
    "InPlanePhaseEncodingDirectionDICOM": "ROW",
    "InstitutionAddress": "E_24th_St._100_Austin_Southmiddle_US_78712",
    "InstitutionName": "The_Univ._of_Texas_at_Austin_IRC",
    "InstitutionalDepartmentName": "IRC",
    "InversionTime": 0.9,
    "MRAcquisitionType": "3D",
    "MagneticFieldStrength": 3,
    "Manufacturer": "Siemens",
    "ManufacturersModelName": "Skyra",
    "Modality": "MR",
    "ParallelReductionFactorInPlane": 2,
    "PartialFourier": 1,
    "PatientPosition": "HFS",
    "PercentPhaseFOV": 100,
    "PhaseEncodingSteps": 255,
    "PhaseResolution": 1,
    "PixelBandwidth": 180,
    "ProcedureStepDescription": "Booth_Language",
    "ProtocolName": "MPRAGE",
    "PulseSequenceDetails": "%SiemensSeq%_tfl",
    "ReceiveCoilActiveElements": "HC1-6",
    "ReceiveCoilName": "HeadNeck_64",
    "ReconMatrixPE": 256,
    "RefLinesPE": 24,
    "RepetitionTime": 1.9,
    "SAR": 0.26755,
    "ScanOptions": "IR",
    "ScanningSequence": "GR_IR",
    "SequenceName": "_tfl3d1_16ns",
    "SequenceVariant": "SK_SP_MP",
    "SeriesDescription": "MPRAGE",
    "SeriesNumber": 2,
    "ShiftedAquisitionDate": "1816-03-15 00:00:00",
    "ShimSetting": [
      -2849,
      8022,
      -16018,
      -1233,
      -75,
      -527,
      -219,
      169
    ],
    "SliceThickness": 1,
    "SoftwareVersions": "syngo_MR_E11",
    "StationName": "AWP45239",
    "TxRefAmp": 337.658,
    "acq_id": "D1S2",
    "dataset": "ds003604",
    "modality": "T1w",
    "session_id": "5",
    "subject_id": "5218"
  },
  "cjv": 0.4906798793111157,
  "cnr": 2.7529977892528117,
  "efc": 0.5273659390939783,
  "fber": -1.0,
  "fwhm_avg": 6.011880000000001,
  "fwhm_x": 6.03015,
  "fwhm_y": 5.51217,
  "fwhm_z": 6.49332,
  "icvs_csf": 0.12527062684980952,
  "icvs_gm": 0.456099654405935,
  "icvs_wm": 0.4186297187442555,
  "inu_med": 0.9513309597969055,
  "inu_range": 1.2696110367774955,
  "provenance": {
    "md5sum": "a4e6d5a7c6e9083d7de3fc7500649434",
    "settings": {
      "testing": false
    },
    "software": "mriqc",
    "version": "22.0.6",
    "warnings": {
      "large_rot_frame": true,
      "small_air_mask": false
    },
    "webapi_port": null,
    "webapi_url": "https://mriqc.nimh.nih.gov/api/v1"
  },
  "qi_1": 0.0006675196722987761,
  "qi_2": 0.001997887927354599,
  "rpve_csf": 45.926348007770976,
  "rpve_gm": 13.88942010897281,
  "rpve_wm": 16.269155452345387,
  "size_x": 192,
  "size_y": 256,
  "size_z": 256,
  "snr_csf": 2.58053903316937,
  "snr_gm": 14.778332864201623,
  "snr_total": 10.56124510152312,
  "snr_wm": 14.324863407198368,
  "snrd_csf": 9.630402921792527,
  "snrd_gm": 20.22427625648435,
  "snrd_total": 18.906673117415224,
  "snrd_wm": 26.865340173968793,
  "spacing_x": 1.0,
  "spacing_y": 1.0,
  "spacing_z": 1.0,
  "summary_bg_k": 13.395872504448917,
  "summary_bg_mad": 0.0,
  "summary_bg_mean": 13.43480818136337,
  "summary_bg_median": 0.0,
  "summary_bg_n": 2396390.0,
  "summary_bg_p05": 0.0,
  "summary_bg_p95": 59.07781206071377,
  "summary_bg_stdv": 24.38593447344056,
  "summary_csf_k": 10.264043274053016,
  "summary_csf_mad": 119.0401922917998,
  "summary_csf_mean": 373.21742605067493,
  "summary_csf_median": 358.4694341570139,
  "summary_csf_n": 15338.0,
  "summary_csf_p05": 181.03987244702876,
  "summary_csf_p95": 590.9382230788469,
  "summary_csf_stdv": 138.90809001331587,
  "summary_gm_k": 0.13875720248503365,
  "summary_gm_mad": 50.08470702606133,
  "summary_gm_mean": 753.6412075049815,
  "summary_gm_median": 752.8018219769001,
  "summary_gm_n": 38725.0,
  "summary_gm_p05": 670.4451105296612,
  "summary_gm_p95": 838.4566443413496,
  "summary_gm_stdv": 50.93890555780602,
  "summary_wm_k": -0.06099732518998957,
  "summary_wm_mad": 71.21048392330995,
  "summary_wm_mean": 1008.0742995680105,
  "summary_wm_median": 1000.0000382959843,
  "summary_wm_n": 168383.0,
  "summary_wm_p05": 907.8610658273101,
  "summary_wm_p95": 1134.8863707110286,
  "summary_wm_stdv": 69.80848894992262,
  "tpm_overlap_csf": 0.14550262298985514,
  "tpm_overlap_gm": 0.46837521583709046,
  "tpm_overlap_wm": 0.4696331910961246,
  "wm2max": 0.30887152606072593
}