{
  "aor": 0.002267452830188679,
  "aqi": 0.010028301603773585,
  "bids_meta": {
    "AcquisitionMatrixPE": 128,
    "AcquisitionNumber": 1,
    "AcquisitionTime": "16:04:1.722500",
    "BandwidthPerPixelPhaseEncode": 23.321,
    "BaseResolution": 128,
    "BodyPartExamined": "BRAIN",
    "ConsistencyInfo": "N4_VE11A_LATEST_20140830",
    "ConversionSoftware": "dcm2niix",
    "ConversionSoftwareVersion": "v1.0.20190902",
    "DerivedVendorReportedEchoSpacing": 0.000669997,
    "DeviceSerialNumber": "45239",
    "DwellTime": 2.2e-06,
    "EchoTime": 0.03,
    "EchoTrainLength": 63,
    "EffectiveEchoSpacing": 0.000334999,
    "FlipAngle": 80,
    "ImageComments": "Unaliased_MB4_PE4_LB",
    "ImageOrientationPatientDICOM": [
      1,
      0,
      0,
      0,
      1,
      0
    ],
    "ImageType": [
      "ORIGINAL",
      "PRIMARY",
      "M",
      "MB",
      "ND",
      "MOSAIC"
    ],
    "ImagingFrequency": 123.224,
    "InPlanePhaseEncodingDirectionDICOM": "COL",
    "InstitutionAddress": "E_24th_St._100_Austin_Southmiddle_US_78712",
    "InstitutionName": "The_Univ._of_Texas_at_Austin_IRC",
    "InstitutionalDepartmentName": "IRC",
    "MRAcquisitionType": "2D",
    "MagneticFieldStrength": 3,
    "Manufacturer": "Siemens",
    "ManufacturersModelName": "Skyra",
    "Modality": "MR",
    "MultibandAccelerationFactor": 4,
    "ParallelReductionFactorInPlane": 2,
    "PartialFourier": 1,
    "PatientPosition": "HFS",
    "PercentPhaseFOV": 100,
    "PhaseEncodingDirection": "j-",
    "PhaseEncodingSteps": 127,
    "PhaseResolution": 1,
    "PixelBandwidth": 1775,
    "ProcedureStepDescription": "Booth_Language",
    "ProtocolName": "Plaus1",
    "PulseSequenceDetails": "%CustomerSeq%_cmrr_mbep2d_bold",
    "ReceiveCoilActiveElements": "HC1-6",
    "ReceiveCoilName": "HeadNeck_64",
    "ReconMatrixPE": 128,
    "RefLinesPE": 58,
    "RepetitionTime": 1.25,
    "SAR": 0.290711,
    "ScanOptions": "FS",
    "ScanningSequence": "EP",
    "SequenceName": "epfid2d1_128",
    "SequenceVariant": "SK_SS",
    "SeriesDescription": "Plaus1",
    "SeriesNumber": 2,
    "ShiftedAquisitionDate": "1815-12-17",
    "ShimSetting": [
      -2908,
      7928,
      -15482,
      -727,
      -346,
      -11,
      50,
      23
    ],
    "SliceThickness": 2,
    "SliceTiming": [
      0,
      0.265,
      0.5275,
      0.7925,
      1.055,
      0.0875,
      0.3525,
      0.615,
      0.88,
      1.1425,
      0.1775,
      0.44,
      0.7025,
      0.9675,
      0,
      0.265,
      0.5275,
      0.7925,
      1.055,
      0.0875,
      0.3525,
      0.615,
      0.88,
      1.1425,
      0.1775,
      0.44,
      0.7025,
      0.9675,
      0,
      0.265,
      0.5275,
      0.7925,
      1.055,
      0.0875,
      0.3525,
      0.615,
      0.88,
      1.1425,
      0.1775,
      0.44,
      0.7025,
      0.9675,
      0,
      0.265,
      0.5275,
      0.7925,
      1.055,
      0.0875,
      0.3525,
      0.615,
      0.88,
      1.1425,
      0.1775,
      0.44,
      0.7025,
      0.9675
    ],
    "SoftwareVersions": "syngo_MR_E11",
    "SpacingBetweenSlices": 2,
    "StationName": "AWP45239",
    "TotalReadoutTime": 0.0425448,
    "TxRefAmp": 340.34,
    "WipMemBlock": "76f392e1-e915-484c-9a6b-e2f112cfdd1a||Sequence: ve11a/master r/fabf655; Jul 21 2016 12:54:08 by eja",
    "acq_id": "D2S2",
    "dataset": "ds003604",
    "modality": "bold",
    "run_id": 1,
    "session_id": "7",
    "subject_id": "5009",
    "task_id": "Plaus"
  },
  "dummy_trs": 0,
  "dvars_nstd": 61.77209700450235,
  "dvars_std": 1.2370143470142176,
  "dvars_vstd": 1.007867566113744,
  "efc": 0.4083956075465856,
  "fber": 1548.8729248046875,
  "fd_mean": 0.17215830108459657,
  "fd_num": 40,
  "fd_perc": 18.867924528301888,
  "fwhm_avg": 3.6363283333333336,
  "fwhm_x": 3.414415,
  "fwhm_y": 3.63981,
  "fwhm_z": 3.85476,
  "gcor": 0.00444987,
  "gsr_x": -0.020845063030719757,
  "gsr_y": 0.005618557799607515,
  "provenance": {
    "md5sum": "73798c6109f67ab1efb72d434d9ec52c",
    "settings": {
      "fd_thres": 0.2,
      "testing": false
    },
    "software": "mriqc",
    "version": "23.0.1",
    "webapi_port": null,
    "webapi_url": "https://mriqc.nimh.nih.gov/api/v1"
  },
  "size_t": 212,
  "size_x": 128,
  "size_y": 128,
  "size_z": 56,
  "snr": 2.046833741676609,
  "spacing_tr": 1.25,
  "spacing_x": 2.0,
  "spacing_y": 2.0,
  "spacing_z": 2.0,
  "summary_bg_k": 81.11200619640174,
  "summary_bg_mad": 2.426711721633323,
  "summary_bg_mean": 25.430057525634766,
  "summary_bg_median": 15.49056625366211,
  "summary_bg_n": 692937.0,
  "summary_bg_p05": 13.339622497558594,
  "summary_bg_p95": 62.226417541503906,
  "summary_bg_stdv": 41.65068054199219,
  "summary_fg_k": 1.8590127231793394,
  "summary_fg_mad": 231.25097137023252,
  "summary_fg_mean": 693.0810546875,
  "summary_fg_median": 613.5943603515625,
  "summary_fg_n": 127076.0,
  "summary_fg_p05": 356.93042755126953,
  "summary_fg_p95": 1311.8349304199219,
  "summary_fg_stdv": 299.7761535644531,
  "tsnr": 28.25527800898999
}