{
  "bids_meta": {
    "AcquisitionMatrixPE": 256,
    "AcquisitionNumber": 1,
    "AcquisitionTime": "15:39:22.560000",
    "BaseResolution": 256,
    "BodyPartExamined": "BRAIN",
    "ConsistencyInfo": "N4_VE11C_LATEST_20160120",
    "ConversionSoftware": "dcm2niix",
    "ConversionSoftwareVersion": "v1.0.20190902",
    "DeviceSerialNumber": "45239",
    "DwellTime": 1.09e-05,
    "EchoTime": 0.00243,
    "FlipAngle": 9,
    "ImageOrientationPatientDICOM": [
      0,
      1,
      0,
      0,
      0,
      -1
    ],
    "ImageType": [
      "ORIGINAL",
      "PRIMARY",
      "M",
      "ND"
    ],
    "ImagingFrequency": 123.172,
    "InPlanePhaseEncodingDirectionDICOM": "ROW",
    "InstitutionAddress": "E_24th_St._100_Austin_Southmiddle_US_78712",
    "InstitutionName": "The_Univ._of_Texas_at_Austin_IRC",
    "InstitutionalDepartmentName": "IRC",
    "InversionTime": 0.9,
    "MRAcquisitionType": "3D",
    "MagneticFieldStrength": 3,
    "Manufacturer": "Siemens",
    "ManufacturersModelName": "Skyra",
    "Modality": "MR",
    "ParallelReductionFactorInPlane": 2,
    "PartialFourier": 1,
    "PatientPosition": "HFS",
    "PercentPhaseFOV": 100,
    "PhaseEncodingSteps": 255,
    "PhaseResolution": 1,
    "PixelBandwidth": 180,
    "ProcedureStepDescription": "Booth_Language",
    "ProtocolName": "MPRAGE",
    "PulseSequenceDetails": "%SiemensSeq%_tfl",
    "ReceiveCoilActiveElements": "HC1-6",
    "ReceiveCoilName": "HeadNeck_64",
    "ReconMatrixPE": 256,
    "RefLinesPE": 24,
    "RepetitionTime": 1.9,
    "SAR": 0.213549,
    "ScanOptions": "IR",
    "ScanningSequence": "GR_IR",
    "SequenceName": "_tfl3d1_16ns",
    "SequenceVariant": "SK_SP_MP",
    "SeriesDescription": "MPRAGE",
    "SeriesNumber": 9,
    "ShiftedAquisitionDate": "1817-10-18 00:00:00",
    "ShimSetting": [
      -2751,
      8072,
      -15888,
      -462,
      637,
      -681,
      -484,
      -138
    ],
    "SliceThickness": 1,
    "SoftwareVersions": "syngo_MR_E11",
    "StationName": "AWP45239",
    "TxRefAmp": 321.397,
    "acq_id": "D1S9",
    "dataset": "ds003604",
    "modality": "T1w",
    "session_id": "9",
    "subject_id": "5018"
  },
  "cjv": 0.5183421563285633,
  "cnr": 2.05805793797492,
  "efc": 0.5092771344249805,
  "fber": 2763.102079395085,
  "fwhm_avg": 4.53695,
  "fwhm_x": 4.67999,
  "fwhm_y": 4.46225,
  "fwhm_z": 4.46861,
  "icvs_csf": 0.12130692270214984,
  "icvs_gm": 0.5085875464943617,
  "icvs_wm": 0.3701055308034885,
  "inu_med": 1.4217246770858765,
  "inu_range": 1.153196313977241,
  "provenance": {
    "md5sum": "166d674528cebbfd23da26beaf383cd5",
    "settings": {
      "testing": false
    },
    "software": "mriqc",
    "version": "21.0.0rc2",
    "warnings": {
      "large_rot_frame": true,
      "small_air_mask": false
    },
    "webapi_port": null,
    "webapi_url": "https://mriqc.nimh.nih.gov/api/v1"
  },
  "qi_1": 0.0002227232213076076,
  "qi_2": 0.002623026393179745,
  "rpve_csf": 45.32592822855821,
  "rpve_gm": 11.009629221667526,
  "rpve_wm": 14.385275634921278,
  "size_x": 192,
  "size_y": 256,
  "size_z": 256,
  "snr_csf": 1.3041085907252723,
  "snr_gm": 11.630175582856715,
  "snr_total": 7.212431420874073,
  "snr_wm": 8.703010089040234,
  "snrd_csf": 89.51968584719064,
  "snrd_gm": 64.11142647753518,
  "snrd_total": 80.51232181356231,
  "snrd_wm": 87.9058531159611,
  "spacing_x": 1.0,
  "spacing_y": 1.0,
  "spacing_z": 1.0,
  "summary_bg_k": 15.526471421026049,
  "summary_bg_mad": 7.453519272117963,
  "summary_bg_mean": 15.564576421497987,
  "summary_bg_median": 12.459016263484955,
  "summary_bg_n": 2166979.0,
  "summary_bg_p05": 2.513661175966263,
  "summary_bg_p95": 37.377048790454865,
  "summary_bg_stdv": 12.776407224118705,
  "summary_csf_k": -0.05638378015312995,
  "summary_csf_mad": 937.6851310379707,
  "summary_csf_mean": 1123.122653130743,
  "summary_csf_median": 1018.4699347317219,
  "summary_csf_n": 16758.0,
  "summary_csf_p05": 282.622947871685,
  "summary_csf_p95": 2542.327842333913,
  "summary_csf_stdv": 780.9468888920088,
  "summary_gm_k": 0.051006725057360924,
  "summary_gm_mad": 63.35491381300269,
  "summary_gm_mean": 730.149554616055,
  "summary_gm_median": 729.3988994956017,
  "summary_gm_n": 142032.0,
  "summary_gm_p05": 629.5081901550293,
  "summary_gm_p95": 833.8797727227211,
  "summary_gm_stdv": 62.71584866172582,
  "summary_wm_k": 2.733924662974622,
  "summary_wm_mad": 76.96568813600071,
  "summary_wm_mean": 1030.267766636919,
  "summary_wm_median": 1000.1092791855335,
  "summary_wm_n": 115296.0,
  "summary_wm_p05": 903.497258335352,
  "summary_wm_p95": 1281.2021724283695,
  "summary_wm_stdv": 114.91483197264938,
  "tpm_overlap_csf": 0.11080065369606018,
  "tpm_overlap_gm": 0.44152387976646423,
  "tpm_overlap_wm": 0.36138203740119934,
  "wm2max": 0.22664709822055337
}