{
  "bids_meta": {
    "AcquisitionMatrixPE": 256,
    "AcquisitionNumber": 1,
    "AcquisitionTime": "15:03:59.092500",
    "BaseResolution": 256,
    "BodyPartExamined": "BRAIN",
    "ConsistencyInfo": "N4_VE11A_LATEST_20140830",
    "ConversionSoftware": "dcm2niix",
    "ConversionSoftwareVersion": "v1.0.20190902",
    "DeviceSerialNumber": "45239",
    "DwellTime": 1.09e-05,
    "EchoTime": 0.00243,
    "FlipAngle": 9,
    "ImageOrientationPatientDICOM": [
      0,
      1,
      0,
      0,
      0,
      -1
    ],
    "ImageType": [
      "ORIGINAL",
      "PRIMARY",
      "M",
      "ND"
    ],
    "ImagingFrequency": 123.224,
    "InPlanePhaseEncodingDirectionDICOM": "ROW",
    "InstitutionAddress": "E_24th_St._100_Austin_Southmiddle_US_78712",
    "InstitutionName": "The_Univ._of_Texas_at_Austin_IRC",
    "InstitutionalDepartmentName": "IRC",
    "InversionTime": 0.9,
    "MRAcquisitionType": "3D",
    "MagneticFieldStrength": 3,
    "Manufacturer": "Siemens",
    "ManufacturersModelName": "Skyra",
    "Modality": "MR",
    "ParallelReductionFactorInPlane": 2,
    "PartialFourier": 1,
    "PatientPosition": "HFS",
    "PercentPhaseFOV": 100,
    "PhaseEncodingSteps": 255,
    "PhaseResolution": 1,
    "PixelBandwidth": 180,
    "ProcedureStepDescription": "Booth_Language",
    "ProtocolName": "MPRAGE",
    "PulseSequenceDetails": "%SiemensSeq%_tfl",
    "ReceiveCoilActiveElements": "HC1-6",
    "ReceiveCoilName": "HeadNeck_64",
    "ReconMatrixPE": 256,
    "RefLinesPE": 24,
    "RepetitionTime": 1.9,
    "SAR": 0.275382,
    "ScanOptions": "IR",
    "ScanningSequence": "GR_IR",
    "SequenceName": "_tfl3d1_16ns",
    "SequenceVariant": "SK_SP_MP",
    "SeriesDescription": "MPRAGE",
    "SeriesNumber": 2,
    "ShiftedAquisitionDate": "1816-08-11 00:00:00",
    "ShimSetting": [
      -2849,
      8022,
      -16018,
      -1233,
      -75,
      -527,
      -219,
      169
    ],
    "SliceThickness": 1,
    "SoftwareVersions": "syngo_MR_E11",
    "StationName": "AWP45239",
    "TxRefAmp": 331.125,
    "acq_id": "D1S2",
    "dataset": "ds003604",
    "modality": "T1w",
    "session_id": "5",
    "subject_id": "5342"
  },
  "cjv": 0.4545799947804814,
  "cnr": 3.0011370887026514,
  "efc": 0.5149975151159064,
  "fber": -1.0,
  "fwhm_avg": 5.846243333333334,
  "fwhm_x": 6.1462,
  "fwhm_y": 5.3296,
  "fwhm_z": 6.06293,
  "icvs_csf": 0.11524326607114364,
  "icvs_gm": 0.48452038666405217,
  "icvs_wm": 0.40023634726480417,
  "inu_med": 0.9415913224220276,
  "inu_range": 1.1908481657505032,
  "provenance": {
    "md5sum": "3ae5d88f61497d8bf5bd4af17953cf82",
    "settings": {
      "testing": false
    },
    "software": "mriqc",
    "version": "22.0.6",
    "warnings": {
      "large_rot_frame": true,
      "small_air_mask": false
    },
    "webapi_port": null,
    "webapi_url": "https://mriqc.nimh.nih.gov/api/v1"
  },
  "qi_1": 2.741666118333443e-06,
  "qi_2": 0.004853232843295883,
  "rpve_csf": 50.39345323538518,
  "rpve_gm": 13.870725052526286,
  "rpve_wm": 17.252959713587707,
  "size_x": 192,
  "size_y": 256,
  "size_z": 256,
  "snr_csf": 3.1853580794114613,
  "snr_gm": 17.40022693842239,
  "snr_total": 12.023643364119456,
  "snr_wm": 15.485345074524517,
  "snrd_csf": 23.77964708596099,
  "snrd_gm": 50.056180805574385,
  "snrd_total": 46.45851619364512,
  "snrd_wm": 65.53972068939996,
  "spacing_x": 1.0,
  "spacing_y": 1.0,
  "spacing_z": 1.0,
  "summary_bg_k": 30.051423392358068,
  "summary_bg_mad": 0.0,
  "summary_bg_mean": 5.26265324100472,
  "summary_bg_median": 0.0,
  "summary_bg_n": 2346283.0,
  "summary_bg_p05": 0.0,
  "summary_bg_p95": 20.819778442382812,
  "summary_bg_stdv": 9.996020461713533,
  "summary_csf_k": 2.400403322994052,
  "summary_csf_mad": 86.60034501262939,
  "summary_csf_mean": 377.85328239789857,
  "summary_csf_median": 362.82801389694214,
  "summary_csf_n": 11315.0,
  "summary_csf_p05": 226.32111239433289,
  "summary_csf_p95": 592.0118458271027,
  "summary_csf_stdv": 113.89990432586929,
  "summary_gm_k": 0.11659901419612417,
  "summary_gm_mad": 43.300172506314695,
  "summary_gm_mean": 763.8671110824968,
  "summary_gm_median": 763.75333070755,
  "summary_gm_n": 51810.0,
  "summary_gm_p05": 691.8238878250122,
  "summary_gm_p95": 835.8273553848267,
  "summary_gm_stdv": 43.892873504542365,
  "summary_wm_k": 0.27568649809921153,
  "summary_wm_mad": 64.09282960093117,
  "summary_wm_mean": 1007.2608982076542,
  "summary_wm_median": 999.9999833106995,
  "summary_wm_n": 143359.0,
  "summary_wm_p05": 915.7810878753662,
  "summary_wm_p95": 1125.424690246582,
  "summary_wm_stdv": 64.57695910194872,
  "tpm_overlap_csf": 0.14069742222750947,
  "tpm_overlap_gm": 0.48022424331213814,
  "tpm_overlap_wm": 0.4496682651423286,
  "wm2max": 0.29792595464237254
}