{
  "aor": 0.0008738216560509556,
  "aqi": 0.006553932101910827,
  "bids_meta": {
    "AcquisitionMatrixPE": 128,
    "AcquisitionNumber": 1,
    "AcquisitionTime": "10:12:42.107500",
    "BandwidthPerPixelPhaseEncode": 23.321,
    "BaseResolution": 128,
    "BodyPartExamined": "BRAIN",
    "ConsistencyInfo": "N4_VE11C_LATEST_20160120",
    "ConversionSoftware": "dcm2niix",
    "ConversionSoftwareVersion": "v1.0.20190902",
    "DerivedVendorReportedEchoSpacing": 0.000669997,
    "DeviceSerialNumber": "45239",
    "DwellTime": 2.2e-06,
    "EchoTime": 0.03,
    "EchoTrainLength": 63,
    "EffectiveEchoSpacing": 0.000334999,
    "FlipAngle": 80,
    "ImageComments": "Unaliased_MB4_PE4_LB",
    "ImageOrientationPatientDICOM": [
      1,
      0,
      0,
      0,
      1,
      0
    ],
    "ImageType": [
      "ORIGINAL",
      "PRIMARY",
      "M",
      "MB",
      "ND",
      "MOSAIC"
    ],
    "ImagingFrequency": 123.186,
    "InPlanePhaseEncodingDirectionDICOM": "COL",
    "InstitutionAddress": "E_24th_St._100_Austin_Southmiddle_US_78712",
    "InstitutionName": "The_Univ._of_Texas_at_Austin_IRC",
    "InstitutionalDepartmentName": "IRC",
    "MRAcquisitionType": "2D",
    "MagneticFieldStrength": 3,
    "Manufacturer": "Siemens",
    "ManufacturersModelName": "Skyra",
    "Modality": "MR",
    "MultibandAccelerationFactor": 4,
    "ParallelReductionFactorInPlane": 2,
    "PartialFourier": 1,
    "PatientPosition": "HFS",
    "PercentPhaseFOV": 100,
    "PhaseEncodingDirection": "j-",
    "PhaseEncodingSteps": 127,
    "PhaseResolution": 1,
    "PixelBandwidth": 1775,
    "ProcedureStepDescription": "Booth_Language",
    "ProtocolName": "Phon2",
    "PulseSequenceDetails": "%CustomerSeq%_cmrr_mbep2d_bold",
    "ReceiveCoilActiveElements": "HC3-6",
    "ReceiveCoilName": "HeadNeck_64",
    "ReconMatrixPE": 128,
    "RefLinesPE": 58,
    "RepetitionTime": 1.25,
    "SAR": 0.219352,
    "ScanOptions": "FS",
    "ScanningSequence": "EP",
    "SequenceName": "epfid2d1_128",
    "SequenceVariant": "SK_SS",
    "SeriesDescription": "Phon2",
    "SeriesNumber": 7,
    "ShiftedAquisitionDate": "1818-09-10",
    "ShimSetting": [
      -2763,
      7733,
      -15449,
      123,
      653,
      -910,
      302,
      -138
    ],
    "SliceThickness": 2,
    "SliceTiming": [
      0,
      0.2625,
      0.5275,
      0.79,
      1.055,
      0.0875,
      0.35,
      0.615,
      0.8775,
      1.1425,
      0.175,
      0.44,
      0.7025,
      0.965,
      0,
      0.2625,
      0.5275,
      0.79,
      1.055,
      0.0875,
      0.35,
      0.615,
      0.8775,
      1.1425,
      0.175,
      0.44,
      0.7025,
      0.965,
      0,
      0.2625,
      0.5275,
      0.79,
      1.055,
      0.0875,
      0.35,
      0.615,
      0.8775,
      1.1425,
      0.175,
      0.44,
      0.7025,
      0.965,
      0,
      0.2625,
      0.5275,
      0.79,
      1.055,
      0.0875,
      0.35,
      0.615,
      0.8775,
      1.1425,
      0.175,
      0.44,
      0.7025,
      0.965
    ],
    "SoftwareVersions": "syngo_MR_E11",
    "SpacingBetweenSlices": 2,
    "StationName": "AWP45239",
    "TotalReadoutTime": 0.0425448,
    "TxRefAmp": 332.739,
    "WipMemBlock": "ecf1117a-4a95-48b0-a109-d6001a76dbe5||Sequence: R016 ve11c/master r/e634e98; Dec 19 2017 11:00:25 by eja",
    "acq_id": "D1S7",
    "dataset": "ds003604",
    "modality": "bold",
    "run_id": 2,
    "session_id": "9",
    "subject_id": "5192",
    "task_id": "Phon"
  },
  "dummy_trs": 1,
  "dvars_nstd": 42.24496068737178,
  "dvars_std": 1.0430950777564105,
  "dvars_vstd": 0.9991577637179486,
  "efc": 0.4295587342659387,
  "fber": 2870.852783203125,
  "fd_mean": 0.09119451563456425,
  "fd_num": 3,
  "fd_perc": 1.910828025477707,
  "fwhm_avg": 3.4405117385367596,
  "fwhm_x": 3.229395,
  "fwhm_y": 3.4748,
  "fwhm_z": 3.6173402156102785,
  "gcor": 0.00137409,
  "gsr_x": -0.016075076535344124,
  "gsr_y": 0.022414013743400574,
  "provenance": {
    "md5sum": "565fa922f281410d273b3bc4727898a4",
    "settings": {
      "fd_thres": 0.2,
      "testing": false
    },
    "software": "mriqc",
    "version": "23.0.1",
    "webapi_port": null,
    "webapi_url": "https://mriqc.nimh.nih.gov/api/v1"
  },
  "size_t": 157,
  "size_x": 128,
  "size_y": 128,
  "size_z": 56,
  "snr": 2.11901409781621,
  "spacing_tr": 1.25,
  "spacing_x": 2.0,
  "spacing_y": 2.0,
  "spacing_z": 1.9999998807907104,
  "summary_bg_k": 75.05262550601763,
  "summary_bg_mad": 4.051188052465614,
  "summary_bg_mean": 23.36847496032715,
  "summary_bg_median": 11.573248863220215,
  "summary_bg_n": 660948.0,
  "summary_bg_p05": 8.229299545288086,
  "summary_bg_p95": 69.71337890625,
  "summary_bg_stdv": 48.401329040527344,
  "summary_fg_k": 1.3724012506820547,
  "summary_fg_mad": 250.21509524908444,
  "summary_fg_mean": 694.5048217773438,
  "summary_fg_median": 623.4108276367188,
  "summary_fg_n": 153734.0,
  "summary_fg_p05": 360.88312377929685,
  "summary_fg_p95": 1296.9155700683596,
  "summary_fg_stdv": 294.19757080078125,
  "tsnr": 32.15640961378813
}