{
  "aor": 0.0006324683544303799,
  "aqi": 0.007531661898734178,
  "bids_meta": {
    "AcquisitionMatrixPE": 128,
    "AcquisitionNumber": 1,
    "AcquisitionTime": "11:51:55.187500",
    "BandwidthPerPixelPhaseEncode": 23.321,
    "BaseResolution": 128,
    "BodyPartExamined": "BRAIN",
    "ConsistencyInfo": "N4_VE11C_LATEST_20160120",
    "ConversionSoftware": "dcm2niix",
    "ConversionSoftwareVersion": "v1.0.20190902",
    "DerivedVendorReportedEchoSpacing": 0.000669997,
    "DeviceSerialNumber": "45239",
    "DwellTime": 2.2e-06,
    "EchoTime": 0.03,
    "EchoTrainLength": 63,
    "EffectiveEchoSpacing": 0.000334999,
    "FlipAngle": 80,
    "ImageComments": "Unaliased_MB4_PE4_LB",
    "ImageOrientationPatientDICOM": [
      1,
      0,
      0,
      0,
      1,
      0
    ],
    "ImageType": [
      "ORIGINAL",
      "PRIMARY",
      "M",
      "MB",
      "ND",
      "MOSAIC"
    ],
    "ImagingFrequency": 123.186,
    "InPlanePhaseEncodingDirectionDICOM": "COL",
    "InstitutionAddress": "E_24th_St._100_Austin_Southmiddle_US_78712",
    "InstitutionName": "The_Univ._of_Texas_at_Austin_IRC",
    "InstitutionalDepartmentName": "IRC",
    "MRAcquisitionType": "2D",
    "MagneticFieldStrength": 3,
    "Manufacturer": "Siemens",
    "ManufacturersModelName": "Skyra",
    "Modality": "MR",
    "MultibandAccelerationFactor": 4,
    "ParallelReductionFactorInPlane": 2,
    "PartialFourier": 1,
    "PatientPosition": "HFS",
    "PercentPhaseFOV": 100,
    "PhaseEncodingDirection": "j-",
    "PhaseEncodingSteps": 127,
    "PhaseResolution": 1,
    "PixelBandwidth": 1775,
    "ProcedureStepDescription": "Booth_Language",
    "ProtocolName": "SEM1",
    "PulseSequenceDetails": "%CustomerSeq%_cmrr_mbep2d_bold",
    "ReceiveCoilActiveElements": "HC3-6",
    "ReceiveCoilName": "HeadNeck_64",
    "ReconMatrixPE": 128,
    "RefLinesPE": 58,
    "RepetitionTime": 1.25,
    "SAR": 0.243963,
    "ScanOptions": "FS",
    "ScanningSequence": "EP",
    "SequenceName": "epfid2d1_128",
    "SequenceVariant": "SK_SS",
    "SeriesDescription": "SEM1",
    "SeriesNumber": 4,
    "ShiftedAquisitionDate": "1818-09-27",
    "ShimSetting": [
      -2724,
      7693,
      -15356,
      102,
      879,
      -1314,
      241,
      -3
    ],
    "SliceThickness": 2,
    "SliceTiming": [
      0,
      0.265,
      0.5275,
      0.7925,
      1.055,
      0.0875,
      0.3525,
      0.615,
      0.88,
      1.1425,
      0.1775,
      0.44,
      0.7025,
      0.9675,
      0,
      0.265,
      0.5275,
      0.7925,
      1.055,
      0.0875,
      0.3525,
      0.615,
      0.88,
      1.1425,
      0.1775,
      0.44,
      0.7025,
      0.9675,
      0,
      0.265,
      0.5275,
      0.7925,
      1.055,
      0.0875,
      0.3525,
      0.615,
      0.88,
      1.1425,
      0.1775,
      0.44,
      0.7025,
      0.9675,
      0,
      0.265,
      0.5275,
      0.7925,
      1.055,
      0.0875,
      0.3525,
      0.615,
      0.88,
      1.1425,
      0.1775,
      0.44,
      0.7025,
      0.9675
    ],
    "SoftwareVersions": "syngo_MR_E11",
    "SpacingBetweenSlices": 2,
    "StationName": "AWP45239",
    "TotalReadoutTime": 0.0425448,
    "TxRefAmp": 324.95,
    "WipMemBlock": "b59363cb-e545-43c0-8b77-ce902a14f52e||Sequence: R016 ve11c/master r/e634e98; Dec 19 2017 11:00:25 by eja",
    "acq_id": "D2S4",
    "dataset": "ds003604",
    "modality": "bold",
    "run_id": 1,
    "session_id": "9",
    "subject_id": "5192",
    "task_id": "Sem"
  },
  "dummy_trs": 0,
  "dvars_nstd": 45.85887520171976,
  "dvars_std": 1.0753987646496816,
  "dvars_vstd": 1.0114762285350318,
  "efc": 0.432313525922855,
  "fber": 3162.96484375,
  "fd_mean": 0.12894672955840558,
  "fd_num": 19,
  "fd_perc": 12.025316455696203,
  "fwhm_avg": 3.113895,
  "fwhm_x": 2.798975,
  "fwhm_y": 3.277675,
  "fwhm_z": 3.265035,
  "gcor": 0.00542593,
  "gsr_x": -0.010429066605865955,
  "gsr_y": 0.018530791625380516,
  "provenance": {
    "md5sum": "de2d941f249d709a0ce5df17805bdb50",
    "settings": {
      "fd_thres": 0.2,
      "testing": false
    },
    "software": "mriqc",
    "version": "23.0.1",
    "webapi_port": null,
    "webapi_url": "https://mriqc.nimh.nih.gov/api/v1"
  },
  "size_t": 158,
  "size_x": 128,
  "size_y": 128,
  "size_z": 56,
  "snr": 2.7500456661392105,
  "spacing_tr": 1.25,
  "spacing_x": 2.0,
  "spacing_y": 2.0,
  "spacing_z": 2.0,
  "summary_bg_k": 97.2144712513497,
  "summary_bg_mad": 3.5751354430709195,
  "summary_bg_mean": 20.06976318359375,
  "summary_bg_median": 10.943037986755371,
  "summary_bg_n": 666273.0,
  "summary_bg_p05": 7.873417854309082,
  "summary_bg_p95": 59.322784423828125,
  "summary_bg_stdv": 36.579288482666016,
  "summary_fg_k": 0.17608621757950305,
  "summary_fg_mad": 226.7067467054495,
  "summary_fg_mean": 654.1654663085938,
  "summary_fg_median": 617.1455688476562,
  "summary_fg_n": 149648.0,
  "summary_fg_p05": 358.2237380981445,
  "summary_fg_p95": 1059.9570007324216,
  "summary_fg_stdv": 224.41209411621094,
  "tsnr": 32.10210138512775
}