{
  "bids_meta": {
    "AcquisitionMatrixPE": 256,
    "AcquisitionNumber": 1,
    "AcquisitionTime": "13:00:32.472500",
    "BaseResolution": 256,
    "BodyPartExamined": "BRAIN",
    "ConsistencyInfo": "N4_VE11C_LATEST_20160120",
    "ConversionSoftware": "dcm2niix",
    "ConversionSoftwareVersion": "v1.0.20190902",
    "DeviceSerialNumber": "45239",
    "DwellTime": 1.09e-05,
    "EchoTime": 0.00243,
    "FlipAngle": 9,
    "ImageOrientationPatientDICOM": [
      0,
      1,
      0,
      0.0854169,
      0,
      -0.996345
    ],
    "ImageType": [
      "ORIGINAL",
      "PRIMARY",
      "M",
      "ND"
    ],
    "ImagingFrequency": 123.186,
    "InPlanePhaseEncodingDirectionDICOM": "ROW",
    "InstitutionAddress": "E_24th_St._100_Austin_Southmiddle_US_78712",
    "InstitutionName": "The_Univ._of_Texas_at_Austin_IRC",
    "InstitutionalDepartmentName": "IRC",
    "InversionTime": 0.9,
    "MRAcquisitionType": "3D",
    "MagneticFieldStrength": 3,
    "Manufacturer": "Siemens",
    "ManufacturersModelName": "Skyra",
    "Modality": "MR",
    "ParallelReductionFactorInPlane": 2,
    "PartialFourier": 1,
    "PatientPosition": "HFS",
    "PercentPhaseFOV": 100,
    "PhaseEncodingSteps": 255,
    "PhaseResolution": 1,
    "PixelBandwidth": 180,
    "ProcedureStepDescription": "Booth_Language",
    "ProtocolName": "MPRAGE",
    "PulseSequenceDetails": "%SiemensSeq%_tfl",
    "ReceiveCoilActiveElements": "HC1-6",
    "ReceiveCoilName": "HeadNeck_64",
    "ReconMatrixPE": 256,
    "RefLinesPE": 24,
    "RepetitionTime": 1.9,
    "SAR": 0.202207,
    "ScanOptions": "IR",
    "ScanningSequence": "GR_IR",
    "SequenceName": "_tfl3d1_16ns",
    "SequenceVariant": "SK_SP_MP",
    "SeriesDescription": "MPRAGE",
    "SeriesNumber": 2,
    "ShiftedAquisitionDate": "1819-07-25 00:00:00",
    "ShimSetting": [
      -2727,
      7934,
      -15901,
      -500,
      562,
      -716,
      -526,
      132
    ],
    "SliceThickness": 1,
    "SoftwareVersions": "syngo_MR_E11",
    "StationName": "AWP45239",
    "TxRefAmp": 328.933,
    "acq_id": "D2S2",
    "dataset": "ds003604",
    "modality": "T1w",
    "session_id": "9",
    "subject_id": "5020"
  },
  "cjv": 0.5030089003586797,
  "cnr": 2.3904126618161694,
  "efc": 0.5184647913934988,
  "fber": 2709.7489087634685,
  "fwhm_avg": 5.27178,
  "fwhm_x": 5.344,
  "fwhm_y": 5.03424,
  "fwhm_z": 5.4371,
  "icvs_csf": 0.12656558996251516,
  "icvs_gm": 0.46410043466662027,
  "icvs_wm": 0.4093339753708646,
  "inu_med": 1.623136043548584,
  "inu_range": 1.2368521571159363,
  "provenance": {
    "md5sum": "788d056a7e7b04ac8dd28086d6f423e7",
    "settings": {
      "testing": false
    },
    "software": "mriqc",
    "version": "21.0.0rc2",
    "warnings": {
      "large_rot_frame": true,
      "small_air_mask": false
    },
    "webapi_port": null,
    "webapi_url": "https://mriqc.nimh.nih.gov/api/v1"
  },
  "qi_1": 4.27598370323033e-05,
  "qi_2": 0.0038916046671685725,
  "rpve_csf": 37.35369030390738,
  "rpve_gm": 10.829271135391116,
  "rpve_wm": 12.882197214891534,
  "size_x": 192,
  "size_y": 256,
  "size_z": 256,
  "snr_csf": 1.0411278080138013,
  "snr_gm": 11.542357973862043,
  "snr_total": 8.043133171311627,
  "snr_wm": 11.545913732059038,
  "snrd_csf": 30.219079867416312,
  "snrd_gm": 64.09438331313088,
  "snrd_total": 60.26710833935669,
  "snrd_wm": 86.48786183752287,
  "spacing_x": 1.0,
  "spacing_y": 1.0,
  "spacing_z": 1.0,
  "summary_bg_k": 8.510777391791864,
  "summary_bg_mad": 7.5748936482017255,
  "summary_bg_mean": 14.781030996679227,
  "summary_bg_median": 12.6081577911973,
  "summary_bg_n": 3179038.0,
  "summary_bg_p05": 2.554594062268734,
  "summary_bg_p95": 32.96250402927399,
  "summary_bg_stdv": 10.4296769239074,
  "summary_csf_k": 8.334792383002291,
  "summary_csf_mad": 94.0752920825053,
  "summary_csf_mean": 458.31458775713037,
  "summary_csf_median": 349.40254271030426,
  "summary_csf_n": 16671.0,
  "summary_csf_p05": 251.050671312958,
  "summary_csf_p95": 1493.6546669565141,
  "summary_csf_stdv": 335.58998281685376,
  "summary_gm_k": 0.046168450440553954,
  "summary_gm_mad": 63.40919037768864,
  "summary_gm_mean": 743.2926930525837,
  "summary_gm_median": 741.0794968381524,
  "summary_gm_n": 72867.0,
  "summary_gm_p05": 640.3790470287204,
  "summary_gm_p95": 851.4214790761471,
  "summary_gm_stdv": 64.20476763475834,
  "summary_wm_k": 2.9987402980500004,
  "summary_wm_mad": 66.83011008977974,
  "summary_wm_mean": 1016.0600614258437,
  "summary_wm_median": 999.9999659880996,
  "summary_wm_n": 169973.0,
  "summary_wm_p05": 908.5290173068643,
  "summary_wm_p95": 1183.469263415038,
  "summary_wm_stdv": 86.61047081648911,
  "tpm_overlap_csf": 0.15567241609096527,
  "tpm_overlap_gm": 0.43093380331993103,
  "tpm_overlap_wm": 0.3960127830505371,
  "wm2max": 0.30783015659459645
}