{
  "aor": 0.001653632075471698,
  "aqi": 0.0066259556132075475,
  "bids_meta": {
    "AcquisitionMatrixPE": 128,
    "AcquisitionNumber": 1,
    "AcquisitionTime": "16:07:42.040000",
    "BandwidthPerPixelPhaseEncode": 22.645,
    "BaseResolution": 128,
    "BodyPartExamined": "BRAIN",
    "ConsistencyInfo": "N4_VD13A_LATEST_20120616",
    "ConversionSoftware": "dcm2niix",
    "ConversionSoftwareVersion": "v1.0.20190902",
    "DerivedVendorReportedEchoSpacing": 0.000689998,
    "DeviceSerialNumber": "45239",
    "DwellTime": 2.2e-06,
    "EchoTime": 0.03,
    "EchoTrainLength": 63,
    "EffectiveEchoSpacing": 0.000344999,
    "FlipAngle": 80,
    "ImageComments": "Unaliased_MB4_PE4",
    "ImageOrientationPatientDICOM": [
      0.999917,
      -0.000300788,
      0.012868,
      0.000231429,
      0.999985,
      0.00539119
    ],
    "ImageType": [
      "ORIGINAL",
      "PRIMARY",
      "M",
      "MB",
      "ND",
      "MOSAIC"
    ],
    "ImagingFrequency": 123.224,
    "InPlanePhaseEncodingDirectionDICOM": "COL",
    "InstitutionAddress": "E_24th_St._100_Austin_Southmiddle_US_78712",
    "InstitutionName": "The_Univ._of_Texas_at_Austin_IRC",
    "InstitutionalDepartmentName": "IRC",
    "MRAcquisitionType": "2D",
    "MagneticFieldStrength": 3,
    "Manufacturer": "Siemens",
    "ManufacturersModelName": "Skyra",
    "Modality": "MR",
    "MultibandAccelerationFactor": 4,
    "ParallelReductionFactorInPlane": 2,
    "PartialFourier": 1,
    "PatientPosition": "HFS",
    "PercentPhaseFOV": 100,
    "PhaseEncodingDirection": "j-",
    "PhaseEncodingSteps": 127,
    "PhaseResolution": 1,
    "PixelBandwidth": 1775,
    "ProcedureStepDescription": "Booth_Language",
    "ProtocolName": "Plaus2",
    "PulseSequenceDetails": "%CustomerSeq%_cmrr_mbep2d_bold",
    "ReceiveCoilActiveElements": "HC3-6",
    "ReceiveCoilName": "HeadNeck_64",
    "ReconMatrixPE": 128,
    "RefLinesPE": 100,
    "RepetitionTime": 1.25,
    "SAR": 0.192619,
    "ScanOptions": "FS",
    "ScanningSequence": "EP",
    "SequenceName": "epfid2d1_128",
    "SequenceVariant": "SK_SS",
    "SeriesDescription": "Plaus2",
    "SeriesNumber": 5,
    "ShiftedAquisitionDate": "1814-08-29",
    "ShimSetting": [
      -2822,
      7857,
      -15574,
      -732,
      -464,
      -150,
      258,
      263
    ],
    "SliceThickness": 2,
    "SliceTiming": [
      0,
      0.2625,
      0.525,
      0.79,
      1.0525,
      0.0875,
      0.35,
      0.615,
      0.8775,
      1.14,
      0.175,
      0.4375,
      0.7025,
      0.965,
      0,
      0.2625,
      0.525,
      0.79,
      1.0525,
      0.0875,
      0.35,
      0.615,
      0.8775,
      1.14,
      0.175,
      0.4375,
      0.7025,
      0.965,
      0,
      0.2625,
      0.525,
      0.79,
      1.0525,
      0.0875,
      0.35,
      0.615,
      0.8775,
      1.14,
      0.175,
      0.4375,
      0.7025,
      0.965,
      0,
      0.2625,
      0.525,
      0.79,
      1.0525,
      0.0875,
      0.35,
      0.615,
      0.8775,
      1.14,
      0.175,
      0.4375,
      0.7025,
      0.965
    ],
    "SoftwareVersions": "syngo_MR_D13",
    "SpacingBetweenSlices": 2,
    "StationName": "AWP45239",
    "TotalReadoutTime": 0.0438149,
    "TxRefAmp": 354.678,
    "WipMemBlock": "43895850-50c9-4562-b958-bf9e0c36aff4||Sequence: vd13a/R012 r/b34510a; May 18 2015 10:31:31 by eja",
    "acq_id": "D2S5",
    "dataset": "ds003604",
    "modality": "bold",
    "run_id": 2,
    "session_id": "5",
    "subject_id": "5077",
    "task_id": "Plaus"
  },
  "dummy_trs": 0,
  "dvars_nstd": 54.9654355700948,
  "dvars_std": 1.1447653463033167,
  "dvars_vstd": 1.0163489147867306,
  "efc": 0.43038890323496615,
  "fber": 1352.884033203125,
  "fd_mean": 0.2115969206094358,
  "fd_num": 109,
  "fd_perc": 51.41509433962264,
  "fwhm_avg": 3.776956666666667,
  "fwhm_x": 3.4484,
  "fwhm_y": 3.85044,
  "fwhm_z": 4.03203,
  "gcor": 0.00532017,
  "gsr_x": -0.019897621124982834,
  "gsr_y": 0.02176516503095627,
  "provenance": {
    "md5sum": "febb4c65193b04cc43c3df86a5584b6d",
    "settings": {
      "fd_thres": 0.2,
      "testing": false
    },
    "software": "mriqc",
    "version": "23.0.1",
    "webapi_port": null,
    "webapi_url": "https://mriqc.nimh.nih.gov/api/v1"
  },
  "size_t": 212,
  "size_x": 128,
  "size_y": 128,
  "size_z": 56,
  "snr": 1.96637208089124,
  "spacing_tr": 1.25,
  "spacing_x": 2.0,
  "spacing_y": 2.0,
  "spacing_z": 2.0,
  "summary_bg_k": 78.94229208583191,
  "summary_bg_mad": 43.225458163787046,
  "summary_bg_mean": 332.1756896972656,
  "summary_bg_median": 197.79432678222656,
  "summary_bg_n": 671422.0,
  "summary_bg_p05": 162.10211410522462,
  "summary_bg_p95": 804.0624908447254,
  "summary_bg_stdv": 532.1967163085938,
  "summary_fg_k": 1.7427928566384292,
  "summary_fg_mad": 3003.855978197406,
  "summary_fg_mean": 8338.3779296875,
  "summary_fg_median": 7306.28564453125,
  "summary_fg_n": 145038.0,
  "summary_fg_p05": 4285.14482421875,
  "summary_fg_p95": 15782.65009765625,
  "summary_fg_stdv": 3715.604248046875,
  "tsnr": 29.594640731811523
}