{
  "bids_meta": {
    "AcquisitionMatrixPE": 256,
    "AcquisitionNumber": 1,
    "AcquisitionTime": "12:03:13.180000",
    "BaseResolution": 256,
    "BodyPartExamined": "BRAIN",
    "ConsistencyInfo": "N4_VE11A_LATEST_20140830",
    "ConversionSoftware": "dcm2niix",
    "ConversionSoftwareVersion": "v1.0.20190902",
    "DeviceSerialNumber": "45239",
    "DwellTime": 1.09e-05,
    "EchoTime": 0.00243,
    "FlipAngle": 9,
    "ImageOrientationPatientDICOM": [
      0,
      1,
      0,
      0,
      0,
      -1
    ],
    "ImageType": [
      "ORIGINAL",
      "PRIMARY",
      "M",
      "ND"
    ],
    "ImagingFrequency": 123.225,
    "InPlanePhaseEncodingDirectionDICOM": "ROW",
    "InstitutionAddress": "E_24th_St._100_Austin_Southmiddle_US_78712",
    "InstitutionName": "The_Univ._of_Texas_at_Austin_IRC",
    "InstitutionalDepartmentName": "IRC",
    "InversionTime": 0.9,
    "MRAcquisitionType": "3D",
    "MagneticFieldStrength": 3,
    "Manufacturer": "Siemens",
    "ManufacturersModelName": "Skyra",
    "Modality": "MR",
    "ParallelReductionFactorInPlane": 2,
    "PartialFourier": 1,
    "PatientPosition": "HFS",
    "PercentPhaseFOV": 100,
    "PhaseEncodingSteps": 255,
    "PhaseResolution": 1,
    "PixelBandwidth": 180,
    "ProcedureStepDescription": "Booth_Language",
    "ProtocolName": "MPRAGE",
    "PulseSequenceDetails": "%SiemensSeq%_tfl",
    "ReceiveCoilActiveElements": "HC1-6",
    "ReceiveCoilName": "HeadNeck_64",
    "ReconMatrixPE": 256,
    "RefLinesPE": 24,
    "RepetitionTime": 1.9,
    "SAR": 0.236592,
    "ScanOptions": "IR",
    "ScanningSequence": "GR_IR",
    "SequenceName": "_tfl3d1_16ns",
    "SequenceVariant": "SK_SP_MP",
    "SeriesDescription": "MPRAGE",
    "SeriesNumber": 2,
    "ShiftedAquisitionDate": "1817-09-07 00:00:00",
    "ShimSetting": [
      -2849,
      8055,
      -15936,
      -670,
      286,
      -583,
      -301,
      11
    ],
    "SliceThickness": 1,
    "SoftwareVersions": "syngo_MR_E11",
    "StationName": "AWP45239",
    "TxRefAmp": 408.755,
    "acq_id": "D1S2",
    "dataset": "ds003604",
    "modality": "T1w",
    "session_id": "7",
    "subject_id": "5447"
  },
  "cjv": 0.4645653911026844,
  "cnr": 2.9313122503702216,
  "efc": 0.5115734218892938,
  "fber": -1.0,
  "fwhm_avg": 5.4997,
  "fwhm_x": 5.63032,
  "fwhm_y": 5.11114,
  "fwhm_z": 5.75764,
  "icvs_csf": 0.12219218540722875,
  "icvs_gm": 0.47584985867549756,
  "icvs_wm": 0.4019579559172737,
  "inu_med": 0.9578214287757874,
  "inu_range": 1.151512622833252,
  "provenance": {
    "md5sum": "a5571fea76eb428ad352d24cc8e20c14",
    "settings": {
      "testing": false
    },
    "software": "mriqc",
    "version": "22.0.6",
    "warnings": {
      "large_rot_frame": true,
      "small_air_mask": false
    },
    "webapi_port": null,
    "webapi_url": "https://mriqc.nimh.nih.gov/api/v1"
  },
  "qi_1": 0.0,
  "qi_2": 0.005037227644126602,
  "rpve_csf": 49.780190282564845,
  "rpve_gm": 14.269193772039378,
  "rpve_wm": 17.464274664027137,
  "size_x": 192,
  "size_y": 256,
  "size_z": 256,
  "snr_csf": 1.5627247330023382,
  "snr_gm": 17.005998820910435,
  "snr_total": 11.431532204987127,
  "snr_wm": 15.725873061048608,
  "snrd_csf": 22.420441044124146,
  "snrd_gm": 47.6809523310131,
  "snrd_total": 44.03048852252321,
  "snrd_wm": 61.99007219243237,
  "spacing_x": 1.0,
  "spacing_y": 1.0,
  "spacing_z": 1.0,
  "summary_bg_k": 10.395559332324229,
  "summary_bg_mad": 0.0,
  "summary_bg_mean": 6.05269303532643,
  "summary_bg_median": 0.0,
  "summary_bg_n": 2332707.0,
  "summary_bg_p05": 0.0,
  "summary_bg_p95": 23.266392946243286,
  "summary_bg_stdv": 10.569094898845206,
  "summary_csf_k": 16.532007404457346,
  "summary_csf_mad": 112.73442118577195,
  "summary_csf_mean": 404.86488429438776,
  "summary_csf_median": 361.7014244198799,
  "summary_csf_n": 12300.0,
  "summary_csf_p05": 155.77110037207603,
  "summary_csf_p95": 714.6909494698039,
  "summary_csf_stdv": 231.44621261365998,
  "summary_gm_k": 0.18375982294154758,
  "summary_gm_mad": 44.13022641289193,
  "summary_gm_mean": 769.0016665160192,
  "summary_gm_median": 769.2207455635071,
  "summary_gm_n": 48225.0,
  "summary_gm_p05": 693.7674432992935,
  "summary_gm_p95": 843.0492997169495,
  "summary_gm_stdv": 45.2318489664137,
  "summary_wm_k": 0.11473988400584112,
  "summary_wm_mad": 63.112005022803956,
  "summary_wm_mean": 1007.4785748038264,
  "summary_wm_median": 1000.0649571418762,
  "summary_wm_n": 140267.0,
  "summary_wm_p05": 916.8778538703918,
  "summary_wm_p95": 1125.4305213689804,
  "summary_wm_stdv": 63.59337814767898,
  "tpm_overlap_csf": 0.13530184723138614,
  "tpm_overlap_gm": 0.4731870182488216,
  "tpm_overlap_wm": 0.44702831223279105,
  "wm2max": 0.3189553321587729
}