{
  "bids_meta": {
    "AcquisitionMatrixPE": 256,
    "AcquisitionNumber": 1,
    "AcquisitionTime": "10:53:43.947500",
    "BaseResolution": 256,
    "BodyPartExamined": "BRAIN",
    "ConsistencyInfo": "N4_VE11C_LATEST_20160120",
    "ConversionSoftware": "dcm2niix",
    "ConversionSoftwareVersion": "v1.0.20190902",
    "DeviceSerialNumber": "45239",
    "DwellTime": 1.09e-05,
    "EchoTime": 0.00243,
    "FlipAngle": 9,
    "ImageOrientationPatientDICOM": [
      0,
      1,
      0,
      0,
      0,
      -1
    ],
    "ImageType": [
      "ORIGINAL",
      "PRIMARY",
      "M",
      "ND"
    ],
    "ImagingFrequency": 123.186,
    "InPlanePhaseEncodingDirectionDICOM": "ROW",
    "InstitutionAddress": "E_24th_St._100_Austin_Southmiddle_US_78712",
    "InstitutionName": "The_Univ._of_Texas_at_Austin_IRC",
    "InstitutionalDepartmentName": "IRC",
    "InversionTime": 0.9,
    "MRAcquisitionType": "3D",
    "MagneticFieldStrength": 3,
    "Manufacturer": "Siemens",
    "ManufacturersModelName": "Skyra",
    "Modality": "MR",
    "ParallelReductionFactorInPlane": 2,
    "PartialFourier": 1,
    "PatientPosition": "HFS",
    "PercentPhaseFOV": 100,
    "PhaseEncodingSteps": 255,
    "PhaseResolution": 1,
    "PixelBandwidth": 180,
    "ProcedureStepDescription": "Booth_Language",
    "ProtocolName": "MPRAGE",
    "PulseSequenceDetails": "%SiemensSeq%_tfl",
    "ReceiveCoilActiveElements": "HC1-6",
    "ReceiveCoilName": "HeadNeck_64",
    "ReconMatrixPE": 256,
    "RefLinesPE": 24,
    "RepetitionTime": 1.9,
    "SAR": 0.179727,
    "ScanOptions": "IR",
    "ScanningSequence": "GR_IR",
    "SequenceName": "_tfl3d1_16ns",
    "SequenceVariant": "SK_SP_MP",
    "SeriesDescription": "MPRAGE",
    "SeriesNumber": 2,
    "ShiftedAquisitionDate": "1818-04-12 00:00:00",
    "ShimSetting": [
      -2727,
      7934,
      -15901,
      -500,
      562,
      -716,
      -526,
      132
    ],
    "SliceThickness": 1,
    "SoftwareVersions": "syngo_MR_E11",
    "StationName": "AWP45239",
    "TxRefAmp": 318.319,
    "acq_id": "D1S2",
    "dataset": "ds003604",
    "modality": "T1w",
    "session_id": "9",
    "subject_id": "5023"
  },
  "cjv": 0.5089051163872352,
  "cnr": 2.5972775153753713,
  "efc": 0.49951934896287953,
  "fber": -1.0,
  "fwhm_avg": 5.613383333333334,
  "fwhm_x": 5.66532,
  "fwhm_y": 5.27196,
  "fwhm_z": 5.90287,
  "icvs_csf": 0.14582856706461025,
  "icvs_gm": 0.44609850890127767,
  "icvs_wm": 0.40807292403411205,
  "inu_med": 0.986450731754303,
  "inu_range": 1.2141283333301554,
  "provenance": {
    "md5sum": "7770bd3277818e8580bc73d190c45492",
    "settings": {
      "testing": false
    },
    "software": "mriqc",
    "version": "23.0.1",
    "warnings": {
      "large_rot_frame": true,
      "small_air_mask": false
    },
    "webapi_port": null,
    "webapi_url": "https://mriqc.nimh.nih.gov/api/v1"
  },
  "qi_1": 0.00018346732007314432,
  "qi_2": 0.0018527176487745745,
  "rpve_csf": 37.354825812457484,
  "rpve_gm": 13.140076497997516,
  "rpve_wm": 15.55677631907353,
  "size_x": 192,
  "size_y": 256,
  "size_z": 256,
  "snr_csf": 2.9983532870814735,
  "snr_gm": 14.299960850306961,
  "snr_total": 9.972134546338545,
  "snr_wm": 12.6180895016272,
  "snrd_csf": 13.634808530539374,
  "snrd_gm": 29.462162473473022,
  "snrd_total": 27.46942375115113,
  "snrd_wm": 39.31130024944099,
  "spacing_x": 1.0,
  "spacing_y": 1.0,
  "spacing_z": 1.0,
  "summary_bg_k": 66.34444524492756,
  "summary_bg_mad": 0.0,
  "summary_bg_mean": 8.985235824127749,
  "summary_bg_median": 0.0,
  "summary_bg_n": 3066913.0,
  "summary_bg_p05": 0.0,
  "summary_bg_p95": 38.02100794762373,
  "summary_bg_stdv": 16.666474129068135,
  "summary_csf_k": 0.5255628505492775,
  "summary_csf_mad": 106.71118117363629,
  "summary_csf_mean": 349.24786331403004,
  "summary_csf_median": 346.86545218527317,
  "summary_csf_n": 21308.0,
  "summary_csf_p05": 158.72584779560566,
  "summary_csf_p95": 548.0175940543413,
  "summary_csf_stdv": 115.68260293399719,
  "summary_gm_k": 0.07517338188591749,
  "summary_gm_mad": 51.848370513744186,
  "summary_gm_mean": 750.4339090126149,
  "summary_gm_median": 749.5086040869355,
  "summary_gm_n": 39202.0,
  "summary_gm_p05": 665.5370731651783,
  "summary_gm_p95": 837.9531947672367,
  "summary_gm_stdv": 52.41266408354468,
  "summary_wm_k": 0.36164797838734186,
  "summary_wm_mad": 75.66244766831274,
  "summary_wm_mean": 1013.843548247048,
  "summary_wm_median": 1000.067724198103,
  "summary_wm_n": 178849.0,
  "summary_wm_p05": 908.505546413362,
  "summary_wm_p95": 1167.1297288164496,
  "summary_wm_stdv": 79.25644593196621,
  "tpm_overlap_csf": 0.1406362355850497,
  "tpm_overlap_gm": 0.4586318988710254,
  "tpm_overlap_wm": 0.44752656445931477,
  "wm2max": 0.29808294446801203
}