{
  "bids_meta": {
    "AcquisitionMatrixPE": 256,
    "AcquisitionNumber": 1,
    "AcquisitionTime": "13:06:4.782500",
    "BaseResolution": 256,
    "BodyPartExamined": "BRAIN",
    "ConsistencyInfo": "N4_VE11A_LATEST_20140830",
    "ConversionSoftware": "dcm2niix",
    "ConversionSoftwareVersion": "v1.0.20190902",
    "DeviceSerialNumber": "45239",
    "DwellTime": 1.09e-05,
    "EchoTime": 0.00243,
    "FlipAngle": 9,
    "ImageOrientationPatientDICOM": [
      0,
      1,
      0,
      0,
      0,
      -1
    ],
    "ImageType": [
      "ORIGINAL",
      "PRIMARY",
      "M",
      "ND"
    ],
    "ImagingFrequency": 123.225,
    "InPlanePhaseEncodingDirectionDICOM": "ROW",
    "InstitutionAddress": "E_24th_St._100_Austin_Southmiddle_US_78712",
    "InstitutionName": "The_Univ._of_Texas_at_Austin_IRC",
    "InstitutionalDepartmentName": "IRC",
    "InversionTime": 0.9,
    "MRAcquisitionType": "3D",
    "MagneticFieldStrength": 3,
    "Manufacturer": "Siemens",
    "ManufacturersModelName": "Skyra",
    "Modality": "MR",
    "ParallelReductionFactorInPlane": 2,
    "PartialFourier": 1,
    "PatientPosition": "HFS",
    "PercentPhaseFOV": 100,
    "PhaseEncodingSteps": 255,
    "PhaseResolution": 1,
    "PixelBandwidth": 180,
    "ProcedureStepDescription": "Booth_Language",
    "ProtocolName": "MPRAGE",
    "PulseSequenceDetails": "%SiemensSeq%_tfl",
    "ReceiveCoilActiveElements": "HC1-6",
    "ReceiveCoilName": "HeadNeck_64",
    "ReconMatrixPE": 256,
    "RefLinesPE": 24,
    "RepetitionTime": 1.9,
    "SAR": 0.198552,
    "ScanOptions": "IR",
    "ScanningSequence": "GR_IR",
    "SequenceName": "_tfl3d1_16ns",
    "SequenceVariant": "SK_SP_MP",
    "SeriesDescription": "MPRAGE",
    "SeriesNumber": 13,
    "ShiftedAquisitionDate": "1817-04-25 00:00:00",
    "ShimSetting": [
      -2851,
      8065,
      -15920,
      -530,
      404,
      -610,
      -324,
      -43
    ],
    "SliceThickness": 1,
    "SoftwareVersions": "syngo_MR_E11",
    "StationName": "AWP45239",
    "TxRefAmp": 352.274,
    "acq_id": "D1S13",
    "dataset": "ds003604",
    "modality": "T1w",
    "session_id": "7",
    "subject_id": "5403"
  },
  "cjv": 0.45944952142382084,
  "cnr": 2.9817888376094475,
  "efc": 0.5114763375273219,
  "fber": -1.0,
  "fwhm_avg": 6.142553333333333,
  "fwhm_x": 6.41225,
  "fwhm_y": 5.82864,
  "fwhm_z": 6.18677,
  "icvs_csf": 0.11667535236192807,
  "icvs_gm": 0.46091896157199386,
  "icvs_wm": 0.4224056860660781,
  "inu_med": 1.0480692386627197,
  "inu_range": 1.3496884226798969,
  "provenance": {
    "md5sum": "b9c38f36b2afabf598921b0994db4995",
    "settings": {
      "testing": false
    },
    "software": "mriqc",
    "version": "22.0.6",
    "warnings": {
      "large_rot_frame": true,
      "small_air_mask": false
    },
    "webapi_port": null,
    "webapi_url": "https://mriqc.nimh.nih.gov/api/v1"
  },
  "qi_1": 4.974525101631325e-06,
  "qi_2": 0.0026111779642096224,
  "rpve_csf": 41.48289971077104,
  "rpve_gm": 11.963967616025203,
  "rpve_wm": 14.097936814082365,
  "size_x": 192,
  "size_y": 256,
  "size_z": 256,
  "snr_csf": 2.1348720377589165,
  "snr_gm": 17.217725292417757,
  "snr_total": 12.074520360159099,
  "snr_wm": 16.870963750300625,
  "snrd_csf": 23.979990193079946,
  "snrd_gm": 50.64681402123888,
  "snrd_total": 46.63206453189971,
  "snrd_wm": 65.26938938138028,
  "spacing_x": 1.0,
  "spacing_y": 1.0,
  "spacing_z": 1.0,
  "summary_bg_k": 7.378247597942892,
  "summary_bg_mad": 0.0,
  "summary_bg_mean": 5.7761804035982465,
  "summary_bg_median": 0.0,
  "summary_bg_n": 2591088.0,
  "summary_bg_p05": 0.0,
  "summary_bg_p95": 23.355236761271954,
  "summary_bg_stdv": 10.038216438485716,
  "summary_csf_k": 19.01716014241723,
  "summary_csf_mad": 104.23171166900008,
  "summary_csf_mean": 393.1673616238155,
  "summary_csf_median": 367.42933494597673,
  "summary_csf_n": 13523.0,
  "summary_csf_p05": 184.25302547290923,
  "summary_csf_p95": 637.5583784356713,
  "summary_csf_stdv": 172.10200089183394,
  "summary_gm_k": 0.25703450244483017,
  "summary_gm_mad": 43.899392076808596,
  "summary_gm_mean": 776.0040073535733,
  "summary_gm_median": 776.0272228270769,
  "summary_gm_n": 47965.0,
  "summary_gm_p05": 701.5279760733247,
  "summary_gm_p95": 849.4972557574511,
  "summary_gm_stdv": 45.07094404689696,
  "summary_wm_k": 0.12974738739032476,
  "summary_wm_mad": 59.04116100169712,
  "summary_wm_mean": 1007.1608714132482,
  "summary_wm_median": 1000.0791551470757,
  "summary_wm_n": 211544.0,
  "summary_wm_p05": 922.5714372172952,
  "summary_wm_p95": 1115.9052954241633,
  "summary_wm_stdv": 59.277988275263276,
  "tpm_overlap_csf": 0.14175629192817196,
  "tpm_overlap_gm": 0.46504132311663426,
  "tpm_overlap_wm": 0.4529978479374237,
  "wm2max": 0.2730770893683255
}