{
  "bids_meta": {
    "AcquisitionMatrixPE": 256,
    "AcquisitionNumber": 1,
    "AcquisitionTime": "13:37:17.922500",
    "BaseResolution": 256,
    "BodyPartExamined": "BRAIN",
    "ConsistencyInfo": "N4_VE11A_LATEST_20140830",
    "ConversionSoftware": "dcm2niix",
    "ConversionSoftwareVersion": "v1.0.20190902",
    "DeviceSerialNumber": "45239",
    "DwellTime": 1.09e-05,
    "EchoTime": 0.00243,
    "FlipAngle": 9,
    "ImageOrientationPatientDICOM": [
      0,
      1,
      0,
      0,
      0,
      -1
    ],
    "ImageType": [
      "ORIGINAL",
      "PRIMARY",
      "M",
      "ND"
    ],
    "ImagingFrequency": 123.224,
    "InPlanePhaseEncodingDirectionDICOM": "ROW",
    "InstitutionAddress": "E_24th_St._100_Austin_Southmiddle_US_78712",
    "InstitutionName": "The_Univ._of_Texas_at_Austin_IRC",
    "InstitutionalDepartmentName": "IRC",
    "InversionTime": 0.9,
    "MRAcquisitionType": "3D",
    "MagneticFieldStrength": 3,
    "Manufacturer": "Siemens",
    "ManufacturersModelName": "Skyra",
    "Modality": "MR",
    "ParallelReductionFactorInPlane": 2,
    "PartialFourier": 1,
    "PatientPosition": "HFS",
    "PercentPhaseFOV": 100,
    "PhaseEncodingSteps": 255,
    "PhaseResolution": 1,
    "PixelBandwidth": 180,
    "ProcedureStepDescription": "Booth_Language",
    "ProtocolName": "MPRAGE",
    "PulseSequenceDetails": "%SiemensSeq%_tfl",
    "ReceiveCoilActiveElements": "HC1-6",
    "ReceiveCoilName": "HeadNeck_64",
    "ReconMatrixPE": 256,
    "RefLinesPE": 24,
    "RepetitionTime": 1.9,
    "SAR": 0.258313,
    "ScanOptions": "IR",
    "ScanningSequence": "GR_IR",
    "SequenceName": "_tfl3d1_16ns",
    "SequenceVariant": "SK_SP_MP",
    "SeriesDescription": "MPRAGE",
    "SeriesNumber": 2,
    "ShiftedAquisitionDate": "1816-03-01 00:00:00",
    "ShimSetting": [
      -2849,
      8022,
      -16018,
      -1233,
      -75,
      -527,
      -219,
      169
    ],
    "SliceThickness": 1,
    "SoftwareVersions": "syngo_MR_E11",
    "StationName": "AWP45239",
    "TxRefAmp": 341.366,
    "acq_id": "D1S2",
    "dataset": "ds003604",
    "modality": "T1w",
    "session_id": "5",
    "subject_id": "5185"
  },
  "cjv": 0.4629849903125522,
  "cnr": 2.864610355233555,
  "efc": 0.5632777995706566,
  "fber": -1.0,
  "fwhm_avg": 5.40275,
  "fwhm_x": 5.70179,
  "fwhm_y": 4.92461,
  "fwhm_z": 5.58185,
  "icvs_csf": 0.15441387021446593,
  "icvs_gm": 0.46219610091498914,
  "icvs_wm": 0.3833900288705449,
  "inu_med": 1.0137059688568115,
  "inu_range": 1.3682051897048946,
  "provenance": {
    "md5sum": "247a6b3c9298a3f74cde14e1efcf34be",
    "settings": {
      "testing": false
    },
    "software": "mriqc",
    "version": "22.0.6",
    "warnings": {
      "large_rot_frame": true,
      "small_air_mask": false
    },
    "webapi_port": null,
    "webapi_url": "https://mriqc.nimh.nih.gov/api/v1"
  },
  "qi_1": 4.2456071612475535e-06,
  "qi_2": 0.0027344004899605787,
  "rpve_csf": 34.63681330537405,
  "rpve_gm": 12.512796018254376,
  "rpve_wm": 15.679928536379764,
  "size_x": 192,
  "size_y": 256,
  "size_z": 256,
  "snr_csf": 2.777588790187007,
  "snr_gm": 16.27573222648645,
  "snr_total": 10.990216767481476,
  "snr_wm": 13.917329285770972,
  "snrd_csf": 21.350835557057074,
  "snrd_gm": 44.119083112703024,
  "snrd_total": 41.35114502308921,
  "snrd_wm": 58.58351639950754,
  "spacing_x": 1.0,
  "spacing_y": 1.0,
  "spacing_z": 1.0,
  "summary_bg_k": 6.424505107616879,
  "summary_bg_mad": 0.0,
  "summary_bg_mean": 6.662612488779388,
  "summary_bg_median": 0.0,
  "summary_bg_n": 1471014.0,
  "summary_bg_p05": 0.0,
  "summary_bg_p95": 27.913416624069214,
  "summary_bg_stdv": 11.183762417988797,
  "summary_csf_k": 41.53528362848115,
  "summary_csf_mad": 82.71496007202957,
  "summary_csf_mean": 379.1011400788464,
  "summary_csf_median": 364.4777977466583,
  "summary_csf_n": 28192.0,
  "summary_csf_p05": 229.1050152182579,
  "summary_csf_p95": 571.3796213865276,
  "summary_csf_stdv": 131.21860758182194,
  "summary_gm_k": 0.13037441185113074,
  "summary_gm_mad": 45.8146872247427,
  "summary_gm_mean": 752.7320315053265,
  "summary_gm_median": 753.1520819664001,
  "summary_gm_n": 48307.0,
  "summary_gm_p05": 675.8253586292267,
  "summary_gm_p95": 827.8550899028778,
  "summary_gm_stdv": 46.27406472224926,
  "summary_wm_k": 0.8328735180822373,
  "summary_wm_mad": 68.505923821903,
  "summary_wm_mean": 1009.7067165494212,
  "summary_wm_median": 1000.0728535652161,
  "summary_wm_n": 159769.0,
  "summary_wm_p05": 911.0851728916168,
  "summary_wm_p95": 1143.2111048698425,
  "summary_wm_stdv": 71.85787612545376,
  "tpm_overlap_csf": 0.15422480435447003,
  "tpm_overlap_gm": 0.46641259637526983,
  "tpm_overlap_wm": 0.43215496374158285,
  "wm2max": 0.26934113264541015
}