{
  "aor": 0.0028263679245283018,
  "aqi": 0.020076906603773585,
  "bids_meta": {
    "AcquisitionMatrixPE": 128,
    "AcquisitionNumber": 1,
    "AcquisitionTime": "10:22:47.625000",
    "BandwidthPerPixelPhaseEncode": 23.321,
    "BaseResolution": 128,
    "BodyPartExamined": "BRAIN",
    "ConsistencyInfo": "N4_VE11C_LATEST_20160120",
    "ConversionSoftware": "dcm2niix",
    "ConversionSoftwareVersion": "v1.0.20190902",
    "DerivedVendorReportedEchoSpacing": 0.000669997,
    "DeviceSerialNumber": "45239",
    "DwellTime": 2.2e-06,
    "EchoTime": 0.03,
    "EchoTrainLength": 63,
    "EffectiveEchoSpacing": 0.000334999,
    "FlipAngle": 80,
    "ImageComments": "Unaliased_MB4_PE4_LB",
    "ImageOrientationPatientDICOM": [
      1,
      0,
      0,
      0,
      1,
      0
    ],
    "ImageType": [
      "ORIGINAL",
      "PRIMARY",
      "M",
      "MB",
      "ND",
      "MOSAIC"
    ],
    "ImagingFrequency": 123.186,
    "InPlanePhaseEncodingDirectionDICOM": "COL",
    "InstitutionAddress": "E_24th_St._100_Austin_Southmiddle_US_78712",
    "InstitutionName": "The_Univ._of_Texas_at_Austin_IRC",
    "InstitutionalDepartmentName": "IRC",
    "MRAcquisitionType": "2D",
    "MagneticFieldStrength": 3,
    "Manufacturer": "Siemens",
    "ManufacturersModelName": "Skyra",
    "Modality": "MR",
    "MultibandAccelerationFactor": 4,
    "ParallelReductionFactorInPlane": 2,
    "PartialFourier": 1,
    "PatientPosition": "HFS",
    "PercentPhaseFOV": 100,
    "PhaseEncodingDirection": "j-",
    "PhaseEncodingSteps": 127,
    "PhaseResolution": 1,
    "PixelBandwidth": 1775,
    "ProcedureStepDescription": "Booth_Language",
    "ProtocolName": "Plaus1",
    "PulseSequenceDetails": "%CustomerSeq%_cmrr_mbep2d_bold",
    "ReceiveCoilActiveElements": "HC3-6",
    "ReceiveCoilName": "HeadNeck_64",
    "ReconMatrixPE": 128,
    "RefLinesPE": 58,
    "RepetitionTime": 1.25,
    "SAR": 0.174951,
    "ScanOptions": "FS",
    "ScanningSequence": "EP",
    "SequenceName": "epfid2d1_128",
    "SequenceVariant": "SK_SS",
    "SeriesDescription": "Plaus1",
    "SeriesNumber": 7,
    "ShiftedAquisitionDate": "1818-05-16",
    "ShimSetting": [
      -2718,
      7854,
      -15474,
      87,
      452,
      -502,
      -74,
      -5
    ],
    "SliceThickness": 2,
    "SliceTiming": [
      0,
      0.265,
      0.5275,
      0.79,
      1.055,
      0.0875,
      0.3525,
      0.615,
      0.88,
      1.1425,
      0.175,
      0.44,
      0.7025,
      0.9675,
      0,
      0.265,
      0.5275,
      0.79,
      1.055,
      0.0875,
      0.3525,
      0.615,
      0.88,
      1.1425,
      0.175,
      0.44,
      0.7025,
      0.9675,
      0,
      0.265,
      0.5275,
      0.79,
      1.055,
      0.0875,
      0.3525,
      0.615,
      0.88,
      1.1425,
      0.175,
      0.44,
      0.7025,
      0.9675,
      0,
      0.265,
      0.5275,
      0.79,
      1.055,
      0.0875,
      0.3525,
      0.615,
      0.88,
      1.1425,
      0.175,
      0.44,
      0.7025,
      0.9675
    ],
    "SoftwareVersions": "syngo_MR_E11",
    "SpacingBetweenSlices": 2,
    "StationName": "AWP45239",
    "TotalReadoutTime": 0.0425448,
    "TxRefAmp": 333.442,
    "WipMemBlock": "e415acb4-47f4-474a-b821-a1af454dc0bb||Sequence: R016 ve11c/master r/e634e98; Dec 19 2017 11:00:25 by eja",
    "acq_id": "D2S7",
    "dataset": "ds003604",
    "modality": "bold",
    "run_id": 1,
    "session_id": "9",
    "subject_id": "5023",
    "task_id": "Plaus"
  },
  "dummy_trs": 0,
  "dvars_nstd": 67.20260978104271,
  "dvars_std": 1.0524563079620852,
  "dvars_vstd": 0.9843804059715648,
  "efc": 0.44592407915208115,
  "fber": 2348.049560546875,
  "fd_mean": 0.6331129761144978,
  "fd_num": 157,
  "fd_perc": 74.05660377358491,
  "fwhm_avg": 3.3630250000000004,
  "fwhm_x": 3.00856,
  "fwhm_y": 3.50216,
  "fwhm_z": 3.578355,
  "gcor": 0.0140178,
  "gsr_x": -0.02551165223121643,
  "gsr_y": 0.026581188663840294,
  "provenance": {
    "md5sum": "3709f26a920230dd59763d9de923f06b",
    "settings": {
      "fd_thres": 0.2,
      "testing": false
    },
    "software": "mriqc",
    "version": "23.0.1",
    "webapi_port": null,
    "webapi_url": "https://mriqc.nimh.nih.gov/api/v1"
  },
  "size_t": 212,
  "size_x": 128,
  "size_y": 128,
  "size_z": 56,
  "snr": 2.333841424553923,
  "spacing_tr": 1.25,
  "spacing_x": 2.0,
  "spacing_y": 2.0,
  "spacing_z": 2.0,
  "summary_bg_k": 50.264812840011665,
  "summary_bg_mad": 5.175121271520231,
  "summary_bg_mean": 27.74514389038086,
  "summary_bg_median": 12.24056625366211,
  "summary_bg_n": 657973.0,
  "summary_bg_p05": 6.669811248779297,
  "summary_bg_p95": 98.70755004882812,
  "summary_bg_stdv": 60.44075393676758,
  "summary_fg_k": 1.017383218370692,
  "summary_fg_mad": 241.4544038074229,
  "summary_fg_mean": 645.3661499023438,
  "summary_fg_median": 596.0990600585938,
  "summary_fg_n": 154447.0,
  "summary_fg_p05": 332.9099182128906,
  "summary_fg_p95": 1127.3698608398436,
  "summary_fg_stdv": 255.41458129882812,
  "tsnr": 19.215302521246485
}