{
  "bids_meta": {
    "AcquisitionMatrixPE": 256,
    "AcquisitionNumber": 1,
    "AcquisitionTime": "14:36:14.405000",
    "BaseResolution": 256,
    "BodyPartExamined": "BRAIN",
    "ConsistencyInfo": "N4_VE11A_LATEST_20140830",
    "ConversionSoftware": "dcm2niix",
    "ConversionSoftwareVersion": "v1.0.20190902",
    "DeviceSerialNumber": "45239",
    "DwellTime": 1.09e-05,
    "EchoTime": 0.00243,
    "FlipAngle": 9,
    "ImageOrientationPatientDICOM": [
      0,
      1,
      0,
      0,
      0,
      -1
    ],
    "ImageType": [
      "ORIGINAL",
      "PRIMARY",
      "M",
      "ND"
    ],
    "ImagingFrequency": 123.225,
    "InPlanePhaseEncodingDirectionDICOM": "ROW",
    "InstitutionAddress": "E_24th_St._100_Austin_Southmiddle_US_78712",
    "InstitutionName": "The_Univ._of_Texas_at_Austin_IRC",
    "InstitutionalDepartmentName": "IRC",
    "InversionTime": 0.9,
    "MRAcquisitionType": "3D",
    "MagneticFieldStrength": 3,
    "Manufacturer": "Siemens",
    "ManufacturersModelName": "Skyra",
    "Modality": "MR",
    "ParallelReductionFactorInPlane": 2,
    "PartialFourier": 1,
    "PatientPosition": "HFS",
    "PercentPhaseFOV": 100,
    "PhaseEncodingSteps": 255,
    "PhaseResolution": 1,
    "PixelBandwidth": 180,
    "ProcedureStepDescription": "Booth_Language",
    "ProtocolName": "MPRAGE",
    "PulseSequenceDetails": "%SiemensSeq%_tfl",
    "ReceiveCoilActiveElements": "HC1-6",
    "ReceiveCoilName": "HeadNeck_64",
    "ReconMatrixPE": 256,
    "RefLinesPE": 24,
    "RepetitionTime": 1.9,
    "SAR": 0.272147,
    "ScanOptions": "IR",
    "ScanningSequence": "GR_IR",
    "SequenceName": "_tfl3d1_16ns",
    "SequenceVariant": "SK_SP_MP",
    "SeriesDescription": "MPRAGE",
    "SeriesNumber": 2,
    "ShiftedAquisitionDate": "1816-10-25 00:00:00",
    "ShimSetting": [
      -2851,
      8065,
      -15920,
      -530,
      404,
      -610,
      -324,
      -43
    ],
    "SliceThickness": 1,
    "SoftwareVersions": "syngo_MR_E11",
    "StationName": "AWP45239",
    "TxRefAmp": 347.344,
    "acq_id": "D1S2",
    "dataset": "ds003604",
    "modality": "T1w",
    "session_id": "7",
    "subject_id": "5162"
  },
  "cjv": 0.4442436677115897,
  "cnr": 3.007244815429957,
  "efc": 0.5153894729535486,
  "fber": -1.0,
  "fwhm_avg": 6.277386666666668,
  "fwhm_x": 6.4765,
  "fwhm_y": 5.88479,
  "fwhm_z": 6.47087,
  "icvs_csf": 0.11838180479969673,
  "icvs_gm": 0.4818002638695297,
  "icvs_wm": 0.3998179313307736,
  "inu_med": 1.0157904624938965,
  "inu_range": 1.365120607614517,
  "provenance": {
    "md5sum": "3c048c836c398a73af188557f0fee735",
    "settings": {
      "testing": false
    },
    "software": "mriqc",
    "version": "22.0.6",
    "warnings": {
      "large_rot_frame": true,
      "small_air_mask": false
    },
    "webapi_port": null,
    "webapi_url": "https://mriqc.nimh.nih.gov/api/v1"
  },
  "qi_1": 7.279866418282733e-06,
  "qi_2": 0.003208400032129073,
  "rpve_csf": 43.624379356689715,
  "rpve_gm": 11.891212835573928,
  "rpve_wm": 14.742850953719113,
  "size_x": 192,
  "size_y": 256,
  "size_z": 256,
  "snr_csf": 1.4225837973107904,
  "snr_gm": 16.531975498703392,
  "snr_total": 11.65480850211558,
  "snr_wm": 17.009866210332557,
  "snrd_csf": 21.944519396337665,
  "snrd_gm": 45.21433982363393,
  "snrd_total": 41.9150300588555,
  "snrd_wm": 58.5862309565949,
  "spacing_x": 1.0,
  "spacing_y": 1.0,
  "spacing_z": 1.0,
  "summary_bg_k": 12.137533853093927,
  "summary_bg_mad": 0.0,
  "summary_bg_mean": 6.870656412391522,
  "summary_bg_median": 0.0,
  "summary_bg_n": 2386368.0,
  "summary_bg_p05": 0.0,
  "summary_bg_p95": 25.554302632808685,
  "summary_bg_stdv": 11.183269899414592,
  "summary_csf_k": 17.095994760233605,
  "summary_csf_mad": 117.78357977936572,
  "summary_csf_mean": 436.5171110023669,
  "summary_csf_median": 374.59601271152496,
  "summary_csf_n": 15825.0,
  "summary_csf_p05": 224.27658545970917,
  "summary_csf_p95": 802.555422097444,
  "summary_csf_stdv": 263.3125568108008,
  "summary_gm_k": 0.07524692741063355,
  "summary_gm_mad": 46.132830679902945,
  "summary_gm_mean": 772.2696177297343,
  "summary_gm_median": 771.8150992244482,
  "summary_gm_n": 59554.0,
  "summary_gm_p05": 695.5279898941517,
  "summary_gm_p95": 849.2296042591333,
  "summary_gm_stdv": 46.685807107419286,
  "summary_wm_k": 0.5014958288813571,
  "summary_wm_mad": 55.27025124935232,
  "summary_wm_mean": 1008.9374667033308,
  "summary_wm_median": 1000.0751495063305,
  "summary_wm_n": 164467.0,
  "summary_wm_p05": 928.5231021344662,
  "summary_wm_p95": 1119.7294135987759,
  "summary_wm_stdv": 58.793649331715834,
  "tpm_overlap_csf": 0.15213165569645262,
  "tpm_overlap_gm": 0.48127934278333695,
  "tpm_overlap_wm": 0.4413765710010773,
  "wm2max": 0.26569488817891374
}