{
  "bids_meta": {
    "AcquisitionMatrixPE": 256,
    "AcquisitionNumber": 1,
    "AcquisitionTime": "11:55:20.460000",
    "BaseResolution": 256,
    "BodyPartExamined": "BRAIN",
    "ConsistencyInfo": "N4_VD13A_LATEST_20120616",
    "ConversionSoftware": "dcm2niix",
    "ConversionSoftwareVersion": "v1.0.20190902",
    "DeviceSerialNumber": "45239",
    "DwellTime": 1.09e-05,
    "EchoTime": 0.00243,
    "FlipAngle": 9,
    "ImageOrientationPatientDICOM": [
      -0.187381,
      0.982287,
      0,
      0,
      0,
      -1
    ],
    "ImageType": [
      "ORIGINAL",
      "PRIMARY",
      "M",
      "ND"
    ],
    "ImagingFrequency": 123.224,
    "InPlanePhaseEncodingDirectionDICOM": "ROW",
    "InstitutionAddress": "E_24th_St._100_Austin_Southmiddle_US_78712",
    "InstitutionName": "The_Univ._of_Texas_at_Austin_IRC",
    "InstitutionalDepartmentName": "IRC",
    "InversionTime": 0.9,
    "MRAcquisitionType": "3D",
    "MagneticFieldStrength": 3,
    "Manufacturer": "Siemens",
    "ManufacturersModelName": "Skyra",
    "Modality": "MR",
    "ParallelReductionFactorInPlane": 2,
    "PartialFourier": 1,
    "PatientPosition": "HFS",
    "PercentPhaseFOV": 100,
    "PhaseEncodingSteps": 255,
    "PhaseResolution": 1,
    "PixelBandwidth": 180,
    "ProcedureStepDescription": "Booth_Language",
    "ProtocolName": "MPRAGE",
    "PulseSequenceDetails": "%SiemensSeq%_tfl",
    "ReceiveCoilActiveElements": "HC1-7",
    "ReceiveCoilName": "HeadNeck_64",
    "ReconMatrixPE": 256,
    "RefLinesPE": 24,
    "RepetitionTime": 1.9,
    "SAR": 0.231116,
    "ScanOptions": "IR",
    "ScanningSequence": "GR_IR",
    "SequenceName": "_tfl3d1_16ns",
    "SequenceVariant": "SK_SP_MP",
    "SeriesDescription": "MPRAGE",
    "SeriesNumber": 2,
    "ShiftedAquisitionDate": "1815-02-04 00:00:00",
    "ShimSetting": [
      -2849,
      8022,
      -16018,
      -1233,
      -75,
      -527,
      -219,
      169
    ],
    "SliceThickness": 1,
    "SoftwareVersions": "syngo_MR_D13",
    "StationName": "AWP45239",
    "TxRefAmp": 317.984,
    "acq_id": "D1S2",
    "dataset": "ds003604",
    "modality": "T1w",
    "session_id": "5",
    "subject_id": "5061"
  },
  "cjv": 0.5954157650977875,
  "cnr": 1.3265346991817812,
  "efc": 0.4994825989150493,
  "fber": 1667.012126524947,
  "fwhm_avg": 6.096933333333332,
  "fwhm_x": 6.29759,
  "fwhm_y": 5.5931,
  "fwhm_z": 6.40011,
  "icvs_csf": 0.12319399662795595,
  "icvs_gm": 0.49028665761061857,
  "icvs_wm": 0.3865193457614255,
  "inu_med": 0.9917745590209961,
  "inu_range": 0.6799642592668533,
  "provenance": {
    "md5sum": "baac0d5bf1482150fe6ac08f63a2d717",
    "settings": {
      "testing": false
    },
    "software": "mriqc",
    "version": "21.0.0rc2",
    "warnings": {
      "large_rot_frame": true,
      "small_air_mask": false
    },
    "webapi_port": null,
    "webapi_url": "https://mriqc.nimh.nih.gov/api/v1"
  },
  "qi_1": 0.0,
  "qi_2": 0.01075297222419709,
  "rpve_csf": 46.729074898083255,
  "rpve_gm": 13.2752527061722,
  "rpve_wm": 17.093321961246232,
  "size_x": 192,
  "size_y": 256,
  "size_z": 256,
  "snr_csf": 2.3291022432923003,
  "snr_gm": 10.951263229679707,
  "snr_total": 6.060565327035849,
  "snr_wm": 4.901330508135536,
  "snrd_csf": 26.778095961758623,
  "snrd_gm": 55.525726562854516,
  "snrd_total": 53.299479075227566,
  "snrd_wm": 77.59461470106955,
  "spacing_x": 1.0,
  "spacing_y": 1.0,
  "spacing_z": 1.0,
  "summary_bg_k": 1.9502320560686845,
  "summary_bg_mad": 8.443064818321018,
  "summary_bg_mean": 15.898811835748928,
  "summary_bg_median": 13.99284052848816,
  "summary_bg_n": 1448779.0,
  "summary_bg_p05": 2.7660266160964966,
  "summary_bg_p95": 30.58900022506714,
  "summary_bg_stdv": 8.514361535290847,
  "summary_csf_k": 28.529692373895248,
  "summary_csf_mad": 97.69832146914321,
  "summary_csf_mean": 382.81324281439987,
  "summary_csf_median": 345.10249722003937,
  "summary_csf_n": 9149.0,
  "summary_csf_p05": 240.6443156003952,
  "summary_csf_p95": 614.708738565445,
  "summary_csf_stdv": 148.16165223201432,
  "summary_gm_k": 1.668619852029031,
  "summary_gm_mad": 59.10145372824713,
  "summary_gm_mean": 716.5022624117925,
  "summary_gm_median": 715.5873563289642,
  "summary_gm_n": 69952.0,
  "summary_gm_p05": 612.4308342933655,
  "summary_gm_p95": 822.1607347726822,
  "summary_gm_stdv": 65.34243826098141,
  "summary_wm_k": 2.1217545587058915,
  "summary_wm_mad": 110.24230348493444,
  "summary_wm_mean": 1081.221809490015,
  "summary_wm_median": 999.9999754428864,
  "summary_wm_n": 132922.0,
  "summary_wm_p05": 892.2876448631287,
  "summary_wm_p95": 1551.2528092861176,
  "summary_wm_stdv": 204.0254604686416,
  "tpm_overlap_csf": 0.15347346663475037,
  "tpm_overlap_gm": 0.44928064942359924,
  "tpm_overlap_wm": 0.38959866762161255,
  "wm2max": 0.2024004542385151
}