{
  "bids_meta": {
    "AcquisitionMatrixPE": 256,
    "AcquisitionNumber": 1,
    "AcquisitionTime": "12:46:29.930000",
    "BaseResolution": 256,
    "BodyPartExamined": "BRAIN",
    "ConsistencyInfo": "N4_VD13A_LATEST_20120616",
    "ConversionSoftware": "dcm2niix",
    "ConversionSoftwareVersion": "v1.0.20190902",
    "DeviceSerialNumber": "45239",
    "DwellTime": 1.09e-05,
    "EchoTime": 0.00243,
    "FlipAngle": 9,
    "ImageOrientationPatientDICOM": [
      0,
      1,
      0,
      0,
      0,
      -1
    ],
    "ImageType": [
      "ORIGINAL",
      "PRIMARY",
      "M",
      "ND"
    ],
    "ImagingFrequency": 123.224,
    "InPlanePhaseEncodingDirectionDICOM": "ROW",
    "InstitutionAddress": "E_24th_St._100_Austin_Southmiddle_US_78712",
    "InstitutionName": "The_Univ._of_Texas_at_Austin_IRC",
    "InstitutionalDepartmentName": "IRC",
    "InversionTime": 0.9,
    "MRAcquisitionType": "3D",
    "MagneticFieldStrength": 3,
    "Manufacturer": "Siemens",
    "ManufacturersModelName": "Skyra",
    "Modality": "MR",
    "ParallelReductionFactorInPlane": 2,
    "PartialFourier": 1,
    "PatientPosition": "HFS",
    "PercentPhaseFOV": 100,
    "PhaseEncodingSteps": 255,
    "PhaseResolution": 1,
    "PixelBandwidth": 180,
    "ProcedureStepDescription": "Booth_Language",
    "ProtocolName": "MPRAGE",
    "PulseSequenceDetails": "%SiemensSeq%_tfl",
    "ReceiveCoilActiveElements": "HC1-6",
    "ReceiveCoilName": "HeadNeck_64",
    "ReconMatrixPE": 256,
    "RefLinesPE": 24,
    "RepetitionTime": 1.9,
    "SAR": 0.154778,
    "ScanOptions": "IR",
    "ScanningSequence": "GR_IR",
    "SequenceName": "_tfl3d1_16ns",
    "SequenceVariant": "SK_SP_MP",
    "SeriesDescription": "MPRAGE",
    "SeriesNumber": 2,
    "ShiftedAquisitionDate": "1814-11-16 00:00:00",
    "ShimSetting": [
      -2849,
      8022,
      -16018,
      -1233,
      -75,
      -527,
      -219,
      169
    ],
    "SliceThickness": 1,
    "SoftwareVersions": "syngo_MR_D13",
    "StationName": "AWP45239",
    "TxRefAmp": 322.013,
    "acq_id": "D1S2",
    "dataset": "ds003604",
    "modality": "T1w",
    "session_id": "5",
    "subject_id": "5100"
  },
  "cjv": 0.5732192859262851,
  "cnr": 1.6908609375635526,
  "efc": 0.4775436868615824,
  "fber": 1564.7761785443738,
  "fwhm_avg": 6.032176666666667,
  "fwhm_x": 6.82935,
  "fwhm_y": 3.85421,
  "fwhm_z": 7.41297,
  "icvs_csf": 0.10130182514764387,
  "icvs_gm": 0.5350440507645218,
  "icvs_wm": 0.3636541240878343,
  "inu_med": 1.1624847650527954,
  "inu_range": 0.6710344076156615,
  "provenance": {
    "md5sum": "53948414c0356fdbd211876f2e15229e",
    "settings": {
      "testing": false
    },
    "software": "mriqc",
    "version": "21.0.0rc2",
    "warnings": {
      "large_rot_frame": true,
      "small_air_mask": false
    },
    "webapi_port": null,
    "webapi_url": "https://mriqc.nimh.nih.gov/api/v1"
  },
  "qi_1": 0.0009213749506124062,
  "qi_2": 0.0019601690709340606,
  "rpve_csf": 64.33168035035717,
  "rpve_gm": 13.905941451584965,
  "rpve_wm": 19.363902001495923,
  "size_x": 192,
  "size_y": 256,
  "size_z": 256,
  "snr_csf": 0.390387410446839,
  "snr_gm": 7.620701409400258,
  "snr_total": 4.654565962883991,
  "snr_wm": 5.952609068804876,
  "snrd_csf": 46.3496602868006,
  "snrd_gm": 44.66858452510317,
  "snrd_total": 52.318279753093954,
  "snrd_wm": 65.9365944473781,
  "spacing_x": 1.0,
  "spacing_y": 1.0,
  "spacing_z": 1.0,
  "summary_bg_k": 107.4839873168721,
  "summary_bg_mad": 9.935853620997175,
  "summary_bg_mean": 20.79817836943048,
  "summary_bg_median": 18.79370552301407,
  "summary_bg_n": 2317120.0,
  "summary_bg_p05": 3.2051280736923218,
  "summary_bg_p95": 47.2027952671051,
  "summary_bg_stdv": 16.32015307493511,
  "summary_csf_k": 6.7963431933354155,
  "summary_csf_mad": 572.1755704787286,
  "summary_csf_mean": 1335.6862112289969,
  "summary_csf_median": 702.9428616166115,
  "summary_csf_n": 11041.0,
  "summary_csf_p05": 242.27854484319687,
  "summary_csf_p95": 6641.753806889057,
  "summary_csf_stdv": 1800.5473762444096,
  "summary_gm_k": 0.574465528498675,
  "summary_gm_mad": 80.78280987506399,
  "summary_gm_mean": 669.5573755952564,
  "summary_gm_median": 677.4475246667862,
  "summary_gm_n": 112561.0,
  "summary_gm_p05": 505.8274850845337,
  "summary_gm_p95": 799.8251420259476,
  "summary_gm_stdv": 88.89529703634058,
  "summary_wm_k": 2.6454301046280086,
  "summary_wm_mad": 104.11046620262258,
  "summary_wm_mean": 1045.465953023538,
  "summary_wm_median": 999.9999589920044,
  "summary_wm_n": 88109.0,
  "summary_wm_p05": 863.6363282203674,
  "summary_wm_p95": 1416.3752332925797,
  "summary_wm_stdv": 167.99260166898978,
  "tpm_overlap_csf": 0.11100209504365921,
  "tpm_overlap_gm": 0.433614581823349,
  "tpm_overlap_wm": 0.38677889108657837,
  "wm2max": 0.17328519855595667
}