{
  "aor": 0.0034082075471698115,
  "aqi": 0.015439818396226416,
  "bids_meta": {
    "AcquisitionMatrixPE": 128,
    "AcquisitionNumber": 1,
    "AcquisitionTime": "13:04:49.905000",
    "BandwidthPerPixelPhaseEncode": 23.321,
    "BaseResolution": 128,
    "BodyPartExamined": "BRAIN",
    "ConsistencyInfo": "N4_VE11C_LATEST_20160120",
    "ConversionSoftware": "dcm2niix",
    "ConversionSoftwareVersion": "v1.0.20190902",
    "DerivedVendorReportedEchoSpacing": 0.000669997,
    "DeviceSerialNumber": "45239",
    "DwellTime": 2.2e-06,
    "EchoTime": 0.03,
    "EchoTrainLength": 63,
    "EffectiveEchoSpacing": 0.000334999,
    "FlipAngle": 80,
    "ImageComments": "Unaliased_MB4_PE4_LB",
    "ImageOrientationPatientDICOM": [
      1,
      0,
      0,
      0,
      1,
      0
    ],
    "ImageType": [
      "ORIGINAL",
      "PRIMARY",
      "M",
      "MB",
      "ND",
      "MOSAIC"
    ],
    "ImagingFrequency": 123.172,
    "InPlanePhaseEncodingDirectionDICOM": "COL",
    "InstitutionAddress": "E_24th_St._100_Austin_Southmiddle_US_78712",
    "InstitutionName": "The_Univ._of_Texas_at_Austin_IRC",
    "InstitutionalDepartmentName": "IRC",
    "MRAcquisitionType": "2D",
    "MagneticFieldStrength": 3,
    "Manufacturer": "Siemens",
    "ManufacturersModelName": "Skyra",
    "Modality": "MR",
    "MultibandAccelerationFactor": 4,
    "ParallelReductionFactorInPlane": 2,
    "PartialFourier": 1,
    "PatientPosition": "HFS",
    "PercentPhaseFOV": 100,
    "PhaseEncodingDirection": "j-",
    "PhaseEncodingSteps": 127,
    "PhaseResolution": 1,
    "PixelBandwidth": 1775,
    "ProcedureStepDescription": "Booth_Language",
    "ProtocolName": "Plaus1",
    "PulseSequenceDetails": "%CustomerSeq%_cmrr_mbep2d_bold",
    "ReceiveCoilActiveElements": "HC3-6",
    "ReceiveCoilName": "HeadNeck_64",
    "ReconMatrixPE": 128,
    "RefLinesPE": 58,
    "RepetitionTime": 1.25,
    "SAR": 0.223816,
    "ScanOptions": "FS",
    "ScanningSequence": "EP",
    "SequenceName": "epfid2d1_128",
    "SequenceVariant": "SK_SS",
    "SeriesDescription": "Plaus1",
    "SeriesNumber": 6,
    "ShiftedAquisitionDate": "1818-10-03",
    "ShimSetting": [
      -2728,
      8067,
      -15392,
      -93,
      384,
      -298,
      -594,
      -141
    ],
    "SliceThickness": 2,
    "SliceTiming": [
      0,
      0.2625,
      0.5275,
      0.79,
      1.0525,
      0.0875,
      0.35,
      0.615,
      0.8775,
      1.14,
      0.175,
      0.4375,
      0.7025,
      0.965,
      0,
      0.2625,
      0.5275,
      0.79,
      1.0525,
      0.0875,
      0.35,
      0.615,
      0.8775,
      1.14,
      0.175,
      0.4375,
      0.7025,
      0.965,
      0,
      0.2625,
      0.5275,
      0.79,
      1.0525,
      0.0875,
      0.35,
      0.615,
      0.8775,
      1.14,
      0.175,
      0.4375,
      0.7025,
      0.965,
      0,
      0.2625,
      0.5275,
      0.79,
      1.0525,
      0.0875,
      0.35,
      0.615,
      0.8775,
      1.14,
      0.175,
      0.4375,
      0.7025,
      0.965
    ],
    "SoftwareVersions": "syngo_MR_E11",
    "SpacingBetweenSlices": 2,
    "StationName": "AWP45239",
    "TotalReadoutTime": 0.0425448,
    "TxRefAmp": 340.9,
    "WipMemBlock": "91b4b0fc-3107-4b92-99cc-a0419b4b157c||Sequence: R016 ve11c/master r/e634e98; Dec 19 2017 11:00:25 by eja",
    "acq_id": "D2S6",
    "dataset": "ds003604",
    "modality": "bold",
    "run_id": 1,
    "session_id": "7",
    "subject_id": "5508",
    "task_id": "Plaus"
  },
  "dummy_trs": 0,
  "dvars_nstd": 54.84729889777247,
  "dvars_std": 1.016825579620853,
  "dvars_vstd": 0.9838908277725118,
  "efc": 0.40130172663856717,
  "fber": 3039.111572265625,
  "fd_mean": 0.24899452579375872,
  "fd_num": 87,
  "fd_perc": 41.0377358490566,
  "fwhm_avg": 3.4843733333333335,
  "fwhm_x": 3.15129,
  "fwhm_y": 3.621415,
  "fwhm_z": 3.680415,
  "gcor": 0.0197228,
  "gsr_x": -0.01595202460885048,
  "gsr_y": 0.010663267225027084,
  "provenance": {
    "md5sum": "12582ece690d53317c586dd1596799c8",
    "settings": {
      "fd_thres": 0.2,
      "testing": false
    },
    "software": "mriqc",
    "version": "23.0.1",
    "webapi_port": null,
    "webapi_url": "https://mriqc.nimh.nih.gov/api/v1"
  },
  "size_t": 212,
  "size_x": 128,
  "size_y": 128,
  "size_z": 56,
  "snr": 2.3137127552149583,
  "spacing_tr": 1.25,
  "spacing_x": 2.0,
  "spacing_y": 2.0,
  "spacing_z": 2.0,
  "summary_bg_k": 77.29080170516909,
  "summary_bg_mad": 2.9791909302605797,
  "summary_bg_mean": 20.504009246826172,
  "summary_bg_median": 10.495283126831055,
  "summary_bg_n": 693210.0,
  "summary_bg_p05": 7.759434223175049,
  "summary_bg_p95": 57.28773498535156,
  "summary_bg_stdv": 42.0093994140625,
  "summary_fg_k": 1.068614545025265,
  "summary_fg_mad": 212.94575667436698,
  "summary_fg_mean": 634.0022583007812,
  "summary_fg_median": 577.681640625,
  "summary_fg_n": 125878.0,
  "summary_fg_p05": 344.1684112548828,
  "summary_fg_p95": 1138.326147460937,
  "summary_fg_stdv": 249.6763458251953,
  "tsnr": 22.353804366197437
}