{
  "bids_meta": {
    "AcquisitionMatrixPE": 256,
    "AcquisitionNumber": 1,
    "AcquisitionTime": "16:11:4.325000",
    "BaseResolution": 256,
    "BodyPartExamined": "BRAIN",
    "ConsistencyInfo": "N4_VE11C_LATEST_20160120",
    "ConversionSoftware": "dcm2niix",
    "ConversionSoftwareVersion": "v1.0.20190902",
    "DeviceSerialNumber": "45239",
    "DwellTime": 1.09e-05,
    "EchoTime": 0.00243,
    "FlipAngle": 9,
    "ImageOrientationPatientDICOM": [
      0,
      1,
      0,
      0,
      0,
      -1
    ],
    "ImageType": [
      "ORIGINAL",
      "PRIMARY",
      "M",
      "ND"
    ],
    "ImagingFrequency": 123.196,
    "InPlanePhaseEncodingDirectionDICOM": "ROW",
    "InstitutionAddress": "E_24th_St._100_Austin_Southmiddle_US_78712",
    "InstitutionName": "The_Univ._of_Texas_at_Austin_IRC",
    "InstitutionalDepartmentName": "IRC",
    "InversionTime": 0.9,
    "MRAcquisitionType": "3D",
    "MagneticFieldStrength": 3,
    "Manufacturer": "Siemens",
    "ManufacturersModelName": "Skyra",
    "Modality": "MR",
    "ParallelReductionFactorInPlane": 2,
    "PartialFourier": 1,
    "PatientPosition": "HFS",
    "PercentPhaseFOV": 100,
    "PhaseEncodingSteps": 255,
    "PhaseResolution": 1,
    "PixelBandwidth": 180,
    "ProcedureStepDescription": "Booth_Language",
    "ProtocolName": "MPRAGE",
    "PulseSequenceDetails": "%SiemensSeq%_tfl",
    "ReceiveCoilActiveElements": "HC1-6",
    "ReceiveCoilName": "HeadNeck_64",
    "ReconMatrixPE": 256,
    "RefLinesPE": 24,
    "RepetitionTime": 1.9,
    "SAR": 0.242143,
    "ScanOptions": "IR",
    "ScanningSequence": "GR_IR",
    "SequenceName": "_tfl3d1_16ns",
    "SequenceVariant": "SK_SP_MP",
    "SeriesDescription": "MPRAGE",
    "SeriesNumber": 2,
    "ShiftedAquisitionDate": "1818-08-20 00:00:00",
    "ShimSetting": [
      -2751,
      8072,
      -15888,
      -462,
      637,
      -681,
      -484,
      -138
    ],
    "SliceThickness": 1,
    "SoftwareVersions": "syngo_MR_E11",
    "StationName": "AWP45239",
    "TxRefAmp": 324.194,
    "acq_id": "D1S2",
    "dataset": "ds003604",
    "modality": "T1w",
    "session_id": "9",
    "subject_id": "5069"
  },
  "cjv": 0.5715398146717623,
  "cnr": 1.54959958617605,
  "efc": 0.4972289137171619,
  "fber": 2331.0791015625,
  "fwhm_avg": 5.3617,
  "fwhm_x": 5.53776,
  "fwhm_y": 5.08573,
  "fwhm_z": 5.46161,
  "icvs_csf": 0.15696864509195582,
  "icvs_gm": 0.46172009574985096,
  "icvs_wm": 0.38131125915819325,
  "inu_med": 1.5472893714904785,
  "inu_range": 1.190381446480751,
  "provenance": {
    "md5sum": "3316261020acec332efa624482697229",
    "settings": {
      "testing": false
    },
    "software": "mriqc",
    "version": "21.0.0rc2",
    "warnings": {
      "large_rot_frame": true,
      "small_air_mask": false
    },
    "webapi_port": null,
    "webapi_url": "https://mriqc.nimh.nih.gov/api/v1"
  },
  "qi_1": 0.0,
  "qi_2": 0.00819713125968939,
  "rpve_csf": 33.87281584701378,
  "rpve_gm": 12.383071026534978,
  "rpve_wm": 16.267272309167737,
  "size_x": 192,
  "size_y": 256,
  "size_z": 256,
  "snr_csf": 2.215977192315932,
  "snr_gm": 11.94869478249159,
  "snr_total": 7.059837407116493,
  "snr_wm": 7.014840246541959,
  "snrd_csf": 35.30893467776567,
  "snrd_gm": 63.68948099255063,
  "snrd_total": 61.01317213031621,
  "snrd_wm": 84.04110072063233,
  "spacing_x": 1.0,
  "spacing_y": 1.0,
  "spacing_z": 1.0,
  "summary_bg_k": 5.0903798316136495,
  "summary_bg_mad": 7.795428452235636,
  "summary_bg_mean": 13.633593373389944,
  "summary_bg_median": 13.19444464892149,
  "summary_bg_n": 1382287.0,
  "summary_bg_p05": 2.5793651193380356,
  "summary_bg_p95": 29.265873469412327,
  "summary_bg_stdv": 8.796673151370332,
  "summary_csf_k": 37.64283905342114,
  "summary_csf_mad": 119.72601434188316,
  "summary_csf_mean": 446.8089981188761,
  "summary_csf_median": 420.1388953998685,
  "summary_csf_n": 10915.0,
  "summary_csf_p05": 261.40873420983553,
  "summary_csf_p95": 648.1746132194994,
  "summary_csf_stdv": 189.5866304376581,
  "summary_gm_k": 0.4793407255998141,
  "summary_gm_mad": 61.48092628366973,
  "summary_gm_mean": 756.4610463606024,
  "summary_gm_median": 757.8373133316636,
  "summary_gm_n": 41720.0,
  "summary_gm_p05": 649.8015973716974,
  "summary_gm_p95": 856.0516005679965,
  "summary_gm_stdv": 63.423515676827186,
  "summary_wm_k": 7.236798185358493,
  "summary_wm_mad": 76.92469963243845,
  "summary_wm_mean": 1042.0526522071114,
  "summary_wm_median": 1000.0000154972076,
  "summary_wm_n": 134846.0,
  "summary_wm_p05": 909.5238236188889,
  "summary_wm_p95": 1340.2777985483408,
  "summary_wm_stdv": 142.55439502699156,
  "tpm_overlap_csf": 0.15569868683815002,
  "tpm_overlap_gm": 0.43531569838523865,
  "tpm_overlap_wm": 0.3900989592075348,
  "wm2max": 0.23566470369423131
}