{
  "bids_meta": {
    "AcquisitionMatrixPE": 256,
    "AcquisitionNumber": 1,
    "AcquisitionTime": "13:23:43.415000",
    "BaseResolution": 256,
    "BodyPartExamined": "BRAIN",
    "ConsistencyInfo": "N4_VE11C_LATEST_20160120",
    "ConversionSoftware": "dcm2niix",
    "ConversionSoftwareVersion": "v1.0.20190902",
    "DeviceSerialNumber": "45239",
    "DwellTime": 1.09e-05,
    "EchoTime": 0.00243,
    "FlipAngle": 9,
    "ImageOrientationPatientDICOM": [
      0,
      1,
      0,
      0,
      0,
      -1
    ],
    "ImageType": [
      "ORIGINAL",
      "PRIMARY",
      "M",
      "ND"
    ],
    "ImagingFrequency": 123.186,
    "InPlanePhaseEncodingDirectionDICOM": "ROW",
    "InstitutionAddress": "E_24th_St._100_Austin_Southmiddle_US_78712",
    "InstitutionName": "The_Univ._of_Texas_at_Austin_IRC",
    "InstitutionalDepartmentName": "IRC",
    "InversionTime": 0.9,
    "MRAcquisitionType": "3D",
    "MagneticFieldStrength": 3,
    "Manufacturer": "Siemens",
    "ManufacturersModelName": "Skyra",
    "Modality": "MR",
    "ParallelReductionFactorInPlane": 2,
    "PartialFourier": 1,
    "PatientPosition": "HFS",
    "PercentPhaseFOV": 100,
    "PhaseEncodingSteps": 255,
    "PhaseResolution": 1,
    "PixelBandwidth": 180,
    "ProcedureStepDescription": "Booth_Language",
    "ProtocolName": "MPRAGE",
    "PulseSequenceDetails": "%SiemensSeq%_tfl",
    "ReceiveCoilActiveElements": "HC1-6",
    "ReceiveCoilName": "HeadNeck_64",
    "ReconMatrixPE": 256,
    "RefLinesPE": 24,
    "RepetitionTime": 1.9,
    "SAR": 0.177545,
    "ScanOptions": "IR",
    "ScanningSequence": "GR_IR",
    "SequenceName": "_tfl3d1_16ns",
    "SequenceVariant": "SK_SP_MP",
    "SeriesDescription": "MPRAGE",
    "SeriesNumber": 2,
    "ShiftedAquisitionDate": "1818-06-22 00:00:00",
    "ShimSetting": [
      -2727,
      7934,
      -15901,
      -500,
      562,
      -716,
      -526,
      132
    ],
    "SliceThickness": 1,
    "SoftwareVersions": "syngo_MR_E11",
    "StationName": "AWP45239",
    "TxRefAmp": 322.022,
    "acq_id": "D1S2",
    "dataset": "ds003604",
    "modality": "T1w",
    "session_id": "9",
    "subject_id": "5430"
  },
  "cjv": 0.4551564492569139,
  "cnr": 3.0122734059624428,
  "efc": 0.4996635069458216,
  "fber": -1.0,
  "fwhm_avg": 5.382473333333333,
  "fwhm_x": 5.30457,
  "fwhm_y": 5.4185,
  "fwhm_z": 5.42435,
  "icvs_csf": 0.10835521930363282,
  "icvs_gm": 0.48763559661128875,
  "icvs_wm": 0.40400918408507847,
  "inu_med": 0.9575330018997192,
  "inu_range": 0.9182377815246581,
  "provenance": {
    "md5sum": "b70226a2758ca19faef468b3252eaf35",
    "settings": {
      "testing": false
    },
    "software": "mriqc",
    "version": "23.0.1",
    "warnings": {
      "large_rot_frame": true,
      "small_air_mask": false
    },
    "webapi_port": null,
    "webapi_url": "https://mriqc.nimh.nih.gov/api/v1"
  },
  "qi_1": 0.0,
  "qi_2": 0.004360842996538917,
  "rpve_csf": 49.85899781996404,
  "rpve_gm": 12.822152505914584,
  "rpve_wm": 15.895505923192976,
  "size_x": 192,
  "size_y": 256,
  "size_z": 256,
  "snr_csf": 2.2941857384048148,
  "snr_gm": 17.217852745175357,
  "snr_total": 11.958653917298458,
  "snr_wm": 16.363923268315208,
  "snrd_csf": 21.484121161486062,
  "snrd_gm": 48.15420045524433,
  "snrd_total": 44.06554958659641,
  "snrd_wm": 62.55832714305884,
  "spacing_x": 1.0,
  "spacing_y": 1.0,
  "spacing_z": 1.0,
  "summary_bg_k": 4.2059912856730275,
  "summary_bg_mad": 0.0,
  "summary_bg_mean": 7.077204089696647,
  "summary_bg_median": 0.0,
  "summary_bg_n": 2607903.0,
  "summary_bg_p05": 0.0,
  "summary_bg_p95": 27.949138462543488,
  "summary_bg_stdv": 10.473068732365462,
  "summary_csf_k": 28.37028089326036,
  "summary_csf_mad": 97.34068748097381,
  "summary_csf_mean": 362.3502936446746,
  "summary_csf_median": 343.4470708370209,
  "summary_csf_n": 13571.0,
  "summary_csf_p05": 146.48118288815022,
  "summary_csf_p95": 608.0826070904732,
  "summary_csf_stdv": 149.69773856670332,
  "summary_gm_k": 0.12362532842993446,
  "summary_gm_mad": 43.8639723068626,
  "summary_gm_mean": 770.0622229636652,
  "summary_gm_median": 769.7973294109106,
  "summary_gm_n": 57218.0,
  "summary_gm_p05": 696.273469671607,
  "summary_gm_p95": 843.8247772306204,
  "summary_gm_stdv": 44.70886201047566,
  "summary_wm_k": 0.13515230501517417,
  "summary_wm_mad": 60.94292322634315,
  "summary_wm_mean": 1005.5734468191804,
  "summary_wm_median": 1000.0629791766405,
  "summary_wm_n": 169003.0,
  "summary_wm_p05": 916.6562033593655,
  "summary_wm_p95": 1116.8954138308764,
  "summary_wm_stdv": 61.11370751749672,
  "tpm_overlap_csf": 0.1368897332842003,
  "tpm_overlap_gm": 0.4710138362680624,
  "tpm_overlap_wm": 0.4523941726516069,
  "wm2max": 0.30986931929003314
}