{
  "aor": 0.005842361111111111,
  "aqi": 0.01139311726851852,
  "bids_meta": {
    "AcquisitionMatrixPE": 128,
    "AcquisitionNumber": 1,
    "AcquisitionTime": "12:35:18.815000",
    "BandwidthPerPixelPhaseEncode": 22.645,
    "BaseResolution": 128,
    "BodyPartExamined": "BRAIN",
    "ConsistencyInfo": "N4_VD13A_LATEST_20120616",
    "ConversionSoftware": "dcm2niix",
    "ConversionSoftwareVersion": "v1.0.20190902",
    "DerivedVendorReportedEchoSpacing": 0.000689998,
    "DeviceSerialNumber": "45239",
    "DwellTime": 2.2e-06,
    "EchoTime": 0.03,
    "EchoTrainLength": 63,
    "EffectiveEchoSpacing": 0.000344999,
    "FlipAngle": 80,
    "ImageComments": "Unaliased_MB4_PE4",
    "ImageOrientationPatientDICOM": [
      1,
      -0.000234912,
      0.000651372,
      0.000231399,
      0.999985,
      0.00538791
    ],
    "ImageType": [
      "ORIGINAL",
      "PRIMARY",
      "M",
      "MB",
      "ND",
      "MOSAIC"
    ],
    "ImagingFrequency": 123.224,
    "InPlanePhaseEncodingDirectionDICOM": "COL",
    "InstitutionAddress": "E_24th_St._100_Austin_Southmiddle_US_78712",
    "InstitutionName": "The_Univ._of_Texas_at_Austin_IRC",
    "InstitutionalDepartmentName": "IRC",
    "MRAcquisitionType": "2D",
    "MagneticFieldStrength": 3,
    "Manufacturer": "Siemens",
    "ManufacturersModelName": "Skyra",
    "Modality": "MR",
    "MultibandAccelerationFactor": 4,
    "ParallelReductionFactorInPlane": 2,
    "PartialFourier": 1,
    "PatientPosition": "HFS",
    "PercentPhaseFOV": 100,
    "PhaseEncodingDirection": "j-",
    "PhaseEncodingSteps": 127,
    "PhaseResolution": 1,
    "PixelBandwidth": 1775,
    "ProcedureStepDescription": "Booth_Language",
    "ProtocolName": "Gram1",
    "PulseSequenceDetails": "%CustomerSeq%_cmrr_mbep2d_bold",
    "ReceiveCoilActiveElements": "HC1-7",
    "ReceiveCoilName": "HeadNeck_64",
    "ReconMatrixPE": 128,
    "RefLinesPE": 100,
    "RepetitionTime": 1.25,
    "SAR": 0.215966,
    "ScanOptions": "FS",
    "ScanningSequence": "EP",
    "SequenceName": "epfid2d1_128",
    "SequenceVariant": "SK_SS",
    "SeriesDescription": "Gram1",
    "SeriesNumber": 9,
    "ShiftedAquisitionDate": "1814-04-26",
    "ShimSetting": [
      -2888,
      8143,
      -15569,
      -1451,
      39,
      -73,
      -223,
      -56
    ],
    "SliceThickness": 2,
    "SliceTiming": [
      0,
      0.265,
      0.5275,
      0.79,
      1.055,
      0.0875,
      0.3525,
      0.615,
      0.88,
      1.1425,
      0.175,
      0.44,
      0.7025,
      0.9675,
      0,
      0.265,
      0.5275,
      0.79,
      1.055,
      0.0875,
      0.3525,
      0.615,
      0.88,
      1.1425,
      0.175,
      0.44,
      0.7025,
      0.9675,
      0,
      0.265,
      0.5275,
      0.79,
      1.055,
      0.0875,
      0.3525,
      0.615,
      0.88,
      1.1425,
      0.175,
      0.44,
      0.7025,
      0.9675,
      0,
      0.265,
      0.5275,
      0.79,
      1.055,
      0.0875,
      0.3525,
      0.615,
      0.88,
      1.1425,
      0.175,
      0.44,
      0.7025,
      0.9675
    ],
    "SoftwareVersions": "syngo_MR_D13",
    "SpacingBetweenSlices": 2,
    "StationName": "AWP45239",
    "TotalReadoutTime": 0.0438149,
    "TxRefAmp": 327.735,
    "WipMemBlock": "b7dcfe60-86aa-4c7d-9fcb-be255bb2e1ab||Sequence: vd13a/master r/58f62de; Dec 19 2014 18:04:02 by eja",
    "acq_id": "D3S9",
    "dataset": "ds003604",
    "modality": "bold",
    "run_id": 1,
    "session_id": "5",
    "subject_id": "5024",
    "task_id": "Gram"
  },
  "dummy_trs": 2,
  "dvars_nstd": 53.68132741172095,
  "dvars_std": 1.1544116718139539,
  "dvars_vstd": 1.019150690976745,
  "efc": 0.43735955274586474,
  "fber": 1164.4765625,
  "fd_mean": 0.3333731012792315,
  "fd_num": 134,
  "fd_perc": 62.03703703703704,
  "fwhm_avg": 3.5668783333333334,
  "fwhm_x": 3.293075,
  "fwhm_y": 3.69144,
  "fwhm_z": 3.71612,
  "gcor": 0.0198952,
  "gsr_x": -0.02278647944331169,
  "gsr_y": 0.022856591269373894,
  "provenance": {
    "md5sum": "38ac7af3fdb67c4d0f0a7e855c1a0c47",
    "settings": {
      "fd_thres": 0.2,
      "testing": false
    },
    "software": "mriqc",
    "version": "23.0.1",
    "webapi_port": null,
    "webapi_url": "https://mriqc.nimh.nih.gov/api/v1"
  },
  "size_t": 216,
  "size_x": 128,
  "size_y": 128,
  "size_z": 56,
  "snr": 2.3588246504729677,
  "spacing_tr": 1.25,
  "spacing_x": 2.0,
  "spacing_y": 2.0,
  "spacing_z": 2.0,
  "summary_bg_k": 76.88478932125973,
  "summary_bg_mad": 40.2758973338635,
  "summary_bg_mean": 393.43731689453125,
  "summary_bg_median": 254.52964782714844,
  "summary_bg_n": 675299.0,
  "summary_bg_p05": 220.4446807861328,
  "summary_bg_p95": 899.8580505371092,
  "summary_bg_stdv": 572.4991455078125,
  "summary_fg_k": 1.4238998129238096,
  "summary_fg_mad": 3330.4458101060254,
  "summary_fg_mean": 9398.9208984375,
  "summary_fg_median": 8746.0234375,
  "summary_fg_n": 139057.0,
  "summary_fg_p05": 4780.14658203125,
  "summary_fg_p95": 16701.903124999993,
  "summary_fg_stdv": 3707.775390625,
  "tsnr": 26.5577392578125
}