{
  "bids_meta": {
    "AcquisitionMatrixPE": 256,
    "AcquisitionNumber": 1,
    "AcquisitionTime": "14:26:50.720000",
    "BaseResolution": 256,
    "BodyPartExamined": "BRAIN",
    "ConsistencyInfo": "N4_VE11A_LATEST_20140830",
    "ConversionSoftware": "dcm2niix",
    "ConversionSoftwareVersion": "v1.0.20190902",
    "DeviceSerialNumber": "45239",
    "DwellTime": 1.09e-05,
    "EchoTime": 0.00243,
    "FlipAngle": 9,
    "ImageOrientationPatientDICOM": [
      0,
      1,
      0,
      0,
      0,
      -1
    ],
    "ImageType": [
      "ORIGINAL",
      "PRIMARY",
      "M",
      "ND"
    ],
    "ImagingFrequency": 123.224,
    "InPlanePhaseEncodingDirectionDICOM": "ROW",
    "InstitutionAddress": "E_24th_St._100_Austin_Southmiddle_US_78712",
    "InstitutionName": "The_Univ._of_Texas_at_Austin_IRC",
    "InstitutionalDepartmentName": "IRC",
    "InversionTime": 0.9,
    "MRAcquisitionType": "3D",
    "MagneticFieldStrength": 3,
    "Manufacturer": "Siemens",
    "ManufacturersModelName": "Skyra",
    "Modality": "MR",
    "ParallelReductionFactorInPlane": 2,
    "PartialFourier": 1,
    "PatientPosition": "HFS",
    "PercentPhaseFOV": 100,
    "PhaseEncodingSteps": 255,
    "PhaseResolution": 1,
    "PixelBandwidth": 180,
    "ProcedureStepDescription": "Booth_Language",
    "ProtocolName": "MPRAGE",
    "PulseSequenceDetails": "%SiemensSeq%_tfl",
    "ReceiveCoilActiveElements": "HC1-6",
    "ReceiveCoilName": "HeadNeck_64",
    "ReconMatrixPE": 256,
    "RefLinesPE": 24,
    "RepetitionTime": 1.9,
    "SAR": 0.252246,
    "ScanOptions": "IR",
    "ScanningSequence": "GR_IR",
    "SequenceName": "_tfl3d1_16ns",
    "SequenceVariant": "SK_SP_MP",
    "SeriesDescription": "MPRAGE",
    "SeriesNumber": 2,
    "ShiftedAquisitionDate": "1816-07-12 00:00:00",
    "ShimSetting": [
      -2849,
      8022,
      -16018,
      -1233,
      -75,
      -527,
      -219,
      169
    ],
    "SliceThickness": 1,
    "SoftwareVersions": "syngo_MR_E11",
    "StationName": "AWP45239",
    "TxRefAmp": 336.788,
    "acq_id": "D1S2",
    "dataset": "ds003604",
    "modality": "T1w",
    "session_id": "5",
    "subject_id": "5330"
  },
  "cjv": 0.49948630890830437,
  "cnr": 2.40850757931573,
  "efc": 0.5964398553456632,
  "fber": 998.0781813021904,
  "fwhm_avg": 5.323250000000001,
  "fwhm_x": 5.70435,
  "fwhm_y": 4.38085,
  "fwhm_z": 5.88455,
  "icvs_csf": 0.12766038307577526,
  "icvs_gm": 0.46277806005895256,
  "icvs_wm": 0.4095615568652722,
  "inu_med": 1.0450550317764282,
  "inu_range": 1.2008082211017606,
  "provenance": {
    "md5sum": "83338295de5445d953b230f2a9c0ac57",
    "settings": {
      "testing": false
    },
    "software": "mriqc",
    "version": "22.0.6",
    "warnings": {
      "large_rot_frame": true,
      "small_air_mask": false
    },
    "webapi_port": null,
    "webapi_url": "https://mriqc.nimh.nih.gov/api/v1"
  },
  "qi_1": 2.7937595876749487e-05,
  "qi_2": 0.0008569773718574468,
  "rpve_csf": 46.28859300843936,
  "rpve_gm": 13.040621152105084,
  "rpve_wm": 15.327994119436028,
  "size_x": 192,
  "size_y": 256,
  "size_z": 256,
  "snr_csf": 2.4147128546808965,
  "snr_gm": 13.014128414231173,
  "snr_total": 9.505223583967375,
  "snr_wm": 13.086829482990055,
  "snrd_csf": 11.120716800639064,
  "snrd_gm": 20.868821852970058,
  "snrd_total": 20.147649221082947,
  "snrd_wm": 28.45340900963972,
  "spacing_x": 1.0,
  "spacing_y": 1.0,
  "spacing_z": 1.0,
  "summary_bg_k": 9.861122519681386,
  "summary_bg_mad": 23.024882024425033,
  "summary_bg_mean": 39.428511767999254,
  "summary_bg_median": 15.530046924948692,
  "summary_bg_n": 2159943.0,
  "summary_bg_p05": 0.0,
  "summary_bg_p95": 150.7990063726902,
  "summary_bg_stdv": 56.86912266919569,
  "summary_csf_k": 6.379454704180434,
  "summary_csf_mad": 142.76539168284796,
  "summary_csf_mean": 393.0692483977351,
  "summary_csf_median": 390.8395142778754,
  "summary_csf_n": 19884.0,
  "summary_csf_p05": 143.98304133340716,
  "summary_csf_p95": 621.9521208107471,
  "summary_csf_stdv": 161.85348307832388,
  "summary_gm_k": 0.014687685586559418,
  "summary_gm_mad": 55.94935100621155,
  "summary_gm_mean": 734.1886146652299,
  "summary_gm_median": 733.438351392746,
  "summary_gm_n": 30843.0,
  "summary_gm_p05": 642.0661574319005,
  "summary_gm_p95": 828.9443887621164,
  "summary_gm_stdv": 56.35617216033479,
  "summary_wm_k": -0.013718169345292797,
  "summary_wm_mad": 77.19453200459407,
  "summary_wm_mean": 1005.3001803145498,
  "summary_wm_median": 999.9999780803919,
  "summary_wm_n": 104722.0,
  "summary_wm_p05": 890.0892595052719,
  "summary_wm_p95": 1139.92044916749,
  "summary_wm_stdv": 76.41233538061508,
  "tpm_overlap_csf": 0.14025430607957823,
  "tpm_overlap_gm": 0.4224479869531258,
  "tpm_overlap_wm": 0.3918129840650319,
  "wm2max": 0.3095448211797492
}