{
  "aor": 0.004326084905660377,
  "aqi": 0.010836213490566038,
  "bids_meta": {
    "AcquisitionMatrixPE": 128,
    "AcquisitionNumber": 1,
    "AcquisitionTime": "13:06:48.475000",
    "BandwidthPerPixelPhaseEncode": 23.321,
    "BaseResolution": 128,
    "BodyPartExamined": "BRAIN",
    "ConsistencyInfo": "N4_VE11C_LATEST_20160120",
    "ConversionSoftware": "dcm2niix",
    "ConversionSoftwareVersion": "v1.0.20190902",
    "DerivedVendorReportedEchoSpacing": 0.000669997,
    "DeviceSerialNumber": "45239",
    "DwellTime": 2.2e-06,
    "EchoTime": 0.03,
    "EchoTrainLength": 63,
    "EffectiveEchoSpacing": 0.000334999,
    "FlipAngle": 80,
    "ImageComments": "Unaliased_MB4_PE4_LB",
    "ImageOrientationPatientDICOM": [
      1,
      0,
      0,
      0,
      1,
      0
    ],
    "ImageType": [
      "ORIGINAL",
      "PRIMARY",
      "M",
      "MB",
      "ND",
      "MOSAIC"
    ],
    "ImagingFrequency": 123.186,
    "InPlanePhaseEncodingDirectionDICOM": "COL",
    "InstitutionAddress": "E_24th_St._100_Austin_Southmiddle_US_78712",
    "InstitutionName": "The_Univ._of_Texas_at_Austin_IRC",
    "InstitutionalDepartmentName": "IRC",
    "MRAcquisitionType": "2D",
    "MagneticFieldStrength": 3,
    "Manufacturer": "Siemens",
    "ManufacturersModelName": "Skyra",
    "Modality": "MR",
    "MultibandAccelerationFactor": 4,
    "ParallelReductionFactorInPlane": 2,
    "PartialFourier": 1,
    "PatientPosition": "HFS",
    "PercentPhaseFOV": 100,
    "PhaseEncodingDirection": "j-",
    "PhaseEncodingSteps": 127,
    "PhaseResolution": 1,
    "PixelBandwidth": 1775,
    "ProcedureStepDescription": "Booth_Language",
    "ProtocolName": "Plaus1",
    "PulseSequenceDetails": "%CustomerSeq%_cmrr_mbep2d_bold",
    "ReceiveCoilActiveElements": "HC3-6",
    "ReceiveCoilName": "HeadNeck_64",
    "ReconMatrixPE": 128,
    "RefLinesPE": 58,
    "RepetitionTime": 1.25,
    "SAR": 0.183698,
    "ScanOptions": "FS",
    "ScanningSequence": "EP",
    "SequenceName": "epfid2d1_128",
    "SequenceVariant": "SK_SS",
    "SeriesDescription": "Plaus1",
    "SeriesNumber": 4,
    "ShiftedAquisitionDate": "1819-02-15",
    "ShimSetting": [
      -2737,
      7812,
      -15310,
      -53,
      971,
      -791,
      48,
      -81
    ],
    "SliceThickness": 2,
    "SliceTiming": [
      0,
      0.2625,
      0.525,
      0.79,
      1.0525,
      0.0875,
      0.35,
      0.615,
      0.8775,
      1.14,
      0.175,
      0.4375,
      0.7025,
      0.965,
      0,
      0.2625,
      0.525,
      0.79,
      1.0525,
      0.0875,
      0.35,
      0.615,
      0.8775,
      1.14,
      0.175,
      0.4375,
      0.7025,
      0.965,
      0,
      0.2625,
      0.525,
      0.79,
      1.0525,
      0.0875,
      0.35,
      0.615,
      0.8775,
      1.14,
      0.175,
      0.4375,
      0.7025,
      0.965,
      0,
      0.2625,
      0.525,
      0.79,
      1.0525,
      0.0875,
      0.35,
      0.615,
      0.8775,
      1.14,
      0.175,
      0.4375,
      0.7025,
      0.965
    ],
    "SoftwareVersions": "syngo_MR_E11",
    "SpacingBetweenSlices": 2,
    "StationName": "AWP45239",
    "TotalReadoutTime": 0.0425448,
    "TxRefAmp": 314.117,
    "WipMemBlock": "45a5f772-b838-423d-bdb5-4f9fffe6b4f4||Sequence: R016 ve11c/master r/e634e98; Dec 19 2017 11:00:25 by eja",
    "acq_id": "D2S4",
    "dataset": "ds003604",
    "modality": "bold",
    "run_id": 1,
    "session_id": "7",
    "subject_id": "5526",
    "task_id": "Plaus"
  },
  "dummy_trs": 0,
  "dvars_nstd": 54.404249001801,
  "dvars_std": 1.0668064733175364,
  "dvars_vstd": 1.0211952314691943,
  "efc": 0.43917479318129354,
  "fber": 2713.23779296875,
  "fd_mean": 0.3650420736208132,
  "fd_num": 160,
  "fd_perc": 75.47169811320755,
  "fwhm_avg": 3.347558333333333,
  "fwhm_x": 3.015145,
  "fwhm_y": 3.466845,
  "fwhm_z": 3.560685,
  "gcor": 0.00837271,
  "gsr_x": -0.015169079415500164,
  "gsr_y": 0.020378876477479935,
  "provenance": {
    "md5sum": "79dfb96df5c10885c7027df1abf1fe81",
    "settings": {
      "fd_thres": 0.2,
      "testing": false
    },
    "software": "mriqc",
    "version": "23.0.1",
    "webapi_port": null,
    "webapi_url": "https://mriqc.nimh.nih.gov/api/v1"
  },
  "size_t": 212,
  "size_x": 128,
  "size_y": 128,
  "size_z": 56,
  "snr": 2.3953247757602587,
  "spacing_tr": 1.25,
  "spacing_x": 2.0,
  "spacing_y": 2.0,
  "spacing_z": 2.0,
  "summary_bg_k": 67.40497079270324,
  "summary_bg_mad": 5.000285864144063,
  "summary_bg_mean": 23.268333435058594,
  "summary_bg_median": 12.212264060974121,
  "summary_bg_n": 657188.0,
  "summary_bg_p05": 8.018868446350098,
  "summary_bg_p95": 73.70118217468273,
  "summary_bg_stdv": 41.587581634521484,
  "summary_fg_k": 0.8334979469914026,
  "summary_fg_mad": 248.99328768351666,
  "summary_fg_mean": 693.7589111328125,
  "summary_fg_median": 639.7594604492188,
  "summary_fg_n": 156551.0,
  "summary_fg_p05": 365.7099151611328,
  "summary_fg_p95": 1204.2406005859375,
  "summary_fg_stdv": 267.08587646484375,
  "tsnr": 25.411139012663625
}