{
  "bids_meta": {
    "AcquisitionMatrixPE": 256,
    "AcquisitionNumber": 1,
    "AcquisitionTime": "14:42:34.255000",
    "BaseResolution": 256,
    "BodyPartExamined": "BRAIN",
    "ConsistencyInfo": "N4_VD13A_LATEST_20120616",
    "ConversionSoftware": "dcm2niix",
    "ConversionSoftwareVersion": "v1.0.20190902",
    "DeviceSerialNumber": "45239",
    "DwellTime": 1.09e-05,
    "EchoTime": 0.00243,
    "FlipAngle": 9,
    "ImageOrientationPatientDICOM": [
      0,
      1,
      0,
      0.00349062,
      0,
      -0.999994
    ],
    "ImageType": [
      "ORIGINAL",
      "PRIMARY",
      "M",
      "ND"
    ],
    "ImagingFrequency": 123.224,
    "InPlanePhaseEncodingDirectionDICOM": "ROW",
    "InstitutionAddress": "E_24th_St._100_Austin_Southmiddle_US_78712",
    "InstitutionName": "The_Univ._of_Texas_at_Austin_IRC",
    "InstitutionalDepartmentName": "IRC",
    "InversionTime": 0.9,
    "MRAcquisitionType": "3D",
    "MagneticFieldStrength": 3,
    "Manufacturer": "Siemens",
    "ManufacturersModelName": "Skyra",
    "Modality": "MR",
    "ParallelReductionFactorInPlane": 2,
    "PartialFourier": 1,
    "PatientPosition": "HFS",
    "PercentPhaseFOV": 100,
    "PhaseEncodingSteps": 255,
    "PhaseResolution": 1,
    "PixelBandwidth": 180,
    "ProcedureStepDescription": "Booth_Language",
    "ProtocolName": "MPRAGE",
    "PulseSequenceDetails": "%SiemensSeq%_tfl",
    "ReceiveCoilActiveElements": "HC1-6",
    "ReceiveCoilName": "HeadNeck_64",
    "ReconMatrixPE": 256,
    "RefLinesPE": 24,
    "RepetitionTime": 1.9,
    "SAR": 0.185937,
    "ScanOptions": "IR",
    "ScanningSequence": "GR_IR",
    "SequenceName": "_tfl3d1_16ns",
    "SequenceVariant": "SK_SP_MP",
    "SeriesDescription": "MPRAGE",
    "SeriesNumber": 2,
    "ShiftedAquisitionDate": "1815-03-06 00:00:00",
    "ShimSetting": [
      -2849,
      8022,
      -16018,
      -1233,
      -75,
      -527,
      -219,
      169
    ],
    "SliceThickness": 1,
    "SoftwareVersions": "syngo_MR_D13",
    "StationName": "AWP45239",
    "TxRefAmp": 347.362,
    "acq_id": "D1S2",
    "dataset": "ds003604",
    "modality": "T1w",
    "session_id": "5",
    "subject_id": "5002"
  },
  "cjv": 0.5511640820172281,
  "cnr": 1.7869282644023996,
  "efc": 0.5047798293916188,
  "fber": 2019.0441208718917,
  "fwhm_avg": 5.574493333333333,
  "fwhm_x": 5.67607,
  "fwhm_y": 5.10068,
  "fwhm_z": 5.94673,
  "icvs_csf": 0.12625924594364857,
  "icvs_gm": 0.4818755418427094,
  "icvs_wm": 0.391865212213642,
  "inu_med": 1.1003315448760986,
  "inu_range": 0.802576869726181,
  "provenance": {
    "md5sum": "7972e05d56a9471202e24098c130883d",
    "settings": {
      "testing": false
    },
    "software": "mriqc",
    "version": "21.0.0rc2",
    "warnings": {
      "large_rot_frame": true,
      "small_air_mask": false
    },
    "webapi_port": null,
    "webapi_url": "https://mriqc.nimh.nih.gov/api/v1"
  },
  "qi_1": 7.244453485072472e-05,
  "qi_2": 0.0017599228145124773,
  "rpve_csf": 47.88087741955204,
  "rpve_gm": 13.695299925535728,
  "rpve_wm": 17.332026627321792,
  "size_x": 192,
  "size_y": 256,
  "size_z": 256,
  "snr_csf": 0.9695603071270227,
  "snr_gm": 12.388857499649795,
  "snr_total": 6.820892700123882,
  "snr_wm": 7.1042602935948285,
  "snrd_csf": 32.07049192678251,
  "snrd_gm": 55.847184139590524,
  "snrd_total": 55.12204318099166,
  "snrd_wm": 77.44845347660196,
  "spacing_x": 1.0,
  "spacing_y": 1.0,
  "spacing_z": 1.0,
  "summary_bg_k": 3553.2949724027785,
  "summary_bg_mad": 8.45807079182825,
  "summary_bg_mean": 19.97109754546711,
  "summary_bg_median": 16.456390544772148,
  "summary_bg_n": 2927367.0,
  "summary_bg_p05": 2.8524410277605057,
  "summary_bg_p95": 47.94295112043619,
  "summary_bg_stdv": 34.073027569543406,
  "summary_csf_k": 7.889637112681047,
  "summary_csf_mad": 127.35902750002923,
  "summary_csf_mean": 537.6233542891711,
  "summary_csf_median": 414.04278610646725,
  "summary_csf_n": 9078.0,
  "summary_csf_p05": 263.6313765272498,
  "summary_csf_p95": 1828.5902336269614,
  "summary_csf_stdv": 427.01828622632416,
  "summary_gm_k": 1.580220637428476,
  "summary_gm_mad": 56.44135701470005,
  "summary_gm_mean": 719.6217875479251,
  "summary_gm_median": 721.009324401617,
  "summary_gm_n": 56812.0,
  "summary_gm_p05": 623.5874923765659,
  "summary_gm_p95": 807.1804707575586,
  "summary_gm_stdv": 58.19769731160612,
  "summary_wm_k": 3.077253396416417,
  "summary_wm_mad": 97.26781410602487,
  "summary_wm_mean": 1038.4032819910833,
  "summary_wm_median": 999.8902895003557,
  "summary_wm_n": 123152.0,
  "summary_wm_p05": 885.5732298493385,
  "summary_wm_p95": 1330.224902369082,
  "summary_wm_stdv": 140.7445938904645,
  "tpm_overlap_csf": 0.13765820860862732,
  "tpm_overlap_gm": 0.44480645656585693,
  "tpm_overlap_wm": 0.3968505859375,
  "wm2max": 0.24424494171244807
}