{
  "bids_meta": {
    "AcquisitionMatrixPE": 256,
    "AcquisitionNumber": 1,
    "AcquisitionTime": "16:29:3.917500",
    "BaseResolution": 256,
    "BodyPartExamined": "BRAIN",
    "ConsistencyInfo": "N4_VD13A_LATEST_20120616",
    "ConversionSoftware": "dcm2niix",
    "ConversionSoftwareVersion": "v1.0.20190902",
    "DeviceSerialNumber": "45239",
    "DwellTime": 1.09e-05,
    "EchoTime": 0.00243,
    "FlipAngle": 9,
    "ImageOrientationPatientDICOM": [
      0,
      1,
      0,
      0,
      0,
      -1
    ],
    "ImageType": [
      "ORIGINAL",
      "PRIMARY",
      "M",
      "ND"
    ],
    "ImagingFrequency": 123.224,
    "InPlanePhaseEncodingDirectionDICOM": "ROW",
    "InstitutionAddress": "E_24th_St._100_Austin_Southmiddle_US_78712",
    "InstitutionName": "The_Univ._of_Texas_at_Austin_IRC",
    "InstitutionalDepartmentName": "IRC",
    "InversionTime": 0.9,
    "MRAcquisitionType": "3D",
    "MagneticFieldStrength": 3,
    "Manufacturer": "Siemens",
    "ManufacturersModelName": "Skyra",
    "Modality": "MR",
    "ParallelReductionFactorInPlane": 2,
    "PartialFourier": 1,
    "PatientPosition": "HFS",
    "PercentPhaseFOV": 100,
    "PhaseEncodingSteps": 255,
    "PhaseResolution": 1,
    "PixelBandwidth": 180,
    "ProcedureStepDescription": "Booth_Language",
    "ProtocolName": "MPRAGE",
    "PulseSequenceDetails": "%SiemensSeq%_tfl",
    "ReceiveCoilActiveElements": "HC1-6",
    "ReceiveCoilName": "HeadNeck_64",
    "ReconMatrixPE": 256,
    "RefLinesPE": 24,
    "RepetitionTime": 1.9,
    "SAR": 0.167853,
    "ScanOptions": "IR",
    "ScanningSequence": "GR_IR",
    "SequenceName": "_tfl3d1_16ns",
    "SequenceVariant": "SK_SP_MP",
    "SeriesDescription": "MPRAGE",
    "SeriesNumber": 2,
    "ShiftedAquisitionDate": "1814-10-03 00:00:00",
    "ShimSetting": [
      -2849,
      8022,
      -16018,
      -1233,
      -75,
      -527,
      -219,
      169
    ],
    "SliceThickness": 1,
    "SoftwareVersions": "syngo_MR_D13",
    "StationName": "AWP45239",
    "TxRefAmp": 352.019,
    "acq_id": "D1S2",
    "dataset": "ds003604",
    "modality": "T1w",
    "session_id": "5",
    "subject_id": "5065"
  },
  "cjv": 0.5776035896693732,
  "cnr": 1.923014693105694,
  "efc": 0.5078380661804179,
  "fber": 1805.4167627835448,
  "fwhm_avg": 4.9677066666666665,
  "fwhm_x": 5.36697,
  "fwhm_y": 4.37872,
  "fwhm_z": 5.15743,
  "icvs_csf": 0.14005868688898496,
  "icvs_gm": 0.502065547321561,
  "icvs_wm": 0.35787576578945407,
  "inu_med": 1.1570286750793457,
  "inu_range": 0.8365578144788741,
  "provenance": {
    "md5sum": "d4ca2c22f05db564fad2cf4866f5d29c",
    "settings": {
      "testing": false
    },
    "software": "mriqc",
    "version": "21.0.0rc2",
    "warnings": {
      "large_rot_frame": true,
      "small_air_mask": false
    },
    "webapi_port": null,
    "webapi_url": "https://mriqc.nimh.nih.gov/api/v1"
  },
  "qi_1": 0.0007687942743131189,
  "qi_2": 0.0013833430224113382,
  "rpve_csf": 39.212384918895225,
  "rpve_gm": 11.461280212581766,
  "rpve_wm": 15.715626879780013,
  "size_x": 192,
  "size_y": 256,
  "size_z": 256,
  "snr_csf": 0.6001500936956412,
  "snr_gm": 11.925555776897612,
  "snr_total": 6.413808191129857,
  "snr_wm": 6.71571870279632,
  "snrd_csf": 27.41681742259265,
  "snrd_gm": 41.617322856858586,
  "snrd_total": 43.27103565377687,
  "snrd_wm": 60.77896668187938,
  "spacing_x": 1.0,
  "spacing_y": 1.0,
  "spacing_z": 1.0,
  "summary_bg_k": 22.23368879501427,
  "summary_bg_mad": 10.780186127787967,
  "summary_bg_mean": 27.42106904052041,
  "summary_bg_median": 16.74562132358551,
  "summary_bg_n": 3494560.0,
  "summary_bg_p05": 2.423708349466324,
  "summary_bg_p95": 94.1941199451685,
  "summary_bg_stdv": 37.53895852092912,
  "summary_csf_k": 5.710608776110639,
  "summary_csf_mad": 251.53767631505258,
  "summary_csf_mean": 789.8522070888254,
  "summary_csf_median": 451.1402586847544,
  "summary_csf_n": 16524.0,
  "summary_csf_p05": 229.93831279948355,
  "summary_csf_p95": 2358.5161032937426,
  "summary_csf_stdv": 751.6896392357414,
  "summary_gm_k": 0.8850712555656202,
  "summary_gm_mad": 54.717611406196504,
  "summary_gm_mean": 685.2207933081792,
  "summary_gm_median": 684.8077772855759,
  "summary_gm_n": 73789.0,
  "summary_gm_p05": 593.1916016757489,
  "summary_gm_p95": 778.2307173013687,
  "summary_gm_stdv": 57.42316331166166,
  "summary_wm_k": 0.9571451408325804,
  "summary_wm_mad": 127.40219969203962,
  "summary_wm_mean": 1037.0084610430015,
  "summary_wm_median": 1000.1101998388767,
  "summary_wm_n": 80705.0,
  "summary_wm_p05": 858.5435985177755,
  "summary_wm_p95": 1334.2514463812113,
  "summary_wm_stdv": 148.9198770814376,
  "tpm_overlap_csf": 0.13117404282093048,
  "tpm_overlap_gm": 0.43066567182540894,
  "tpm_overlap_wm": 0.366317480802536,
  "wm2max": 0.2294684158641086
}