{
  "bids_meta": {
    "AcquisitionMatrixPE": 256,
    "AcquisitionNumber": 1,
    "AcquisitionTime": "15:21:48.257500",
    "BaseResolution": 256,
    "BodyPartExamined": "BRAIN",
    "ConsistencyInfo": "N4_VD13A_LATEST_20120616",
    "ConversionSoftware": "dcm2niix",
    "ConversionSoftwareVersion": "v1.0.20190902",
    "DeviceSerialNumber": "45239",
    "DwellTime": 1.09e-05,
    "EchoTime": 0.00243,
    "FlipAngle": 9,
    "ImageOrientationPatientDICOM": [
      0,
      1,
      0,
      0,
      0,
      -1
    ],
    "ImageType": [
      "ORIGINAL",
      "PRIMARY",
      "M",
      "ND"
    ],
    "ImagingFrequency": 123.224,
    "InPlanePhaseEncodingDirectionDICOM": "ROW",
    "InstitutionAddress": "E_24th_St._100_Austin_Southmiddle_US_78712",
    "InstitutionName": "The_Univ._of_Texas_at_Austin_IRC",
    "InstitutionalDepartmentName": "IRC",
    "InversionTime": 0.9,
    "MRAcquisitionType": "3D",
    "MagneticFieldStrength": 3,
    "Manufacturer": "Siemens",
    "ManufacturersModelName": "Skyra",
    "Modality": "MR",
    "ParallelReductionFactorInPlane": 2,
    "PartialFourier": 1,
    "PatientPosition": "HFS",
    "PercentPhaseFOV": 100,
    "PhaseEncodingSteps": 255,
    "PhaseResolution": 1,
    "PixelBandwidth": 180,
    "ProcedureStepDescription": "Booth_Language",
    "ProtocolName": "MPRAGE",
    "PulseSequenceDetails": "%SiemensSeq%_tfl",
    "ReceiveCoilActiveElements": "HC1-6",
    "ReceiveCoilName": "HeadNeck_64",
    "ReconMatrixPE": 256,
    "RefLinesPE": 24,
    "RepetitionTime": 1.9,
    "SAR": 0.168723,
    "ScanOptions": "IR",
    "ScanningSequence": "GR_IR",
    "SequenceName": "_tfl3d1_16ns",
    "SequenceVariant": "SK_SP_MP",
    "SeriesDescription": "MPRAGE",
    "SeriesNumber": 2,
    "ShiftedAquisitionDate": "1814-08-15 00:00:00",
    "ShimSetting": [
      -2849,
      8022,
      -16018,
      -1233,
      -75,
      -527,
      -219,
      169
    ],
    "SliceThickness": 1,
    "SoftwareVersions": "syngo_MR_D13",
    "StationName": "AWP45239",
    "TxRefAmp": 367.918,
    "acq_id": "D1S2",
    "dataset": "ds003604",
    "modality": "T1w",
    "session_id": "5",
    "subject_id": "5077"
  },
  "cjv": 0.5321220833745354,
  "cnr": 1.7341088299094072,
  "efc": 0.514156130044038,
  "fber": 1811.2534602076125,
  "fwhm_avg": 5.700853333333334,
  "fwhm_x": 5.87107,
  "fwhm_y": 5.47381,
  "fwhm_z": 5.75768,
  "icvs_csf": 0.14194434163856315,
  "icvs_gm": 0.4696696225547717,
  "icvs_wm": 0.3883860358066652,
  "inu_med": 1.5840256214141846,
  "inu_range": 1.2630137503147125,
  "provenance": {
    "md5sum": "88e6c0a9105b0e6c120eac589cf0a833",
    "settings": {
      "testing": false
    },
    "software": "mriqc",
    "version": "21.0.0rc2",
    "warnings": {
      "large_rot_frame": true,
      "small_air_mask": false
    },
    "webapi_port": null,
    "webapi_url": "https://mriqc.nimh.nih.gov/api/v1"
  },
  "qi_1": 0.0001256198366882304,
  "qi_2": 0.0024510173683854122,
  "rpve_csf": 39.35450769453119,
  "rpve_gm": 12.393174575548981,
  "rpve_wm": 15.414329585166227,
  "size_x": 192,
  "size_y": 256,
  "size_z": 256,
  "snr_csf": 0.9424338685837538,
  "snr_gm": 10.87120401404583,
  "snr_total": 6.357066771472231,
  "snr_wm": 7.25756243178711,
  "snrd_csf": 25.38887854633764,
  "snrd_gm": 42.65331595784724,
  "snrd_total": 42.11840523427555,
  "snrd_wm": 58.313021198641756,
  "spacing_x": 1.0,
  "spacing_y": 1.0,
  "spacing_z": 1.0,
  "summary_bg_k": 494.7120324616006,
  "summary_bg_mad": 11.23482103569477,
  "summary_bg_mean": 22.440831308655117,
  "summary_bg_median": 15.82026007771492,
  "summary_bg_n": 3084939.0,
  "summary_bg_p05": 2.6588672399520874,
  "summary_bg_p95": 62.217493414878845,
  "summary_bg_stdv": 21.671891194034785,
  "summary_csf_k": 3.6920224820086744,
  "summary_csf_mad": 163.29910926444063,
  "summary_csf_mean": 613.6167552970229,
  "summary_csf_median": 435.3895105421543,
  "summary_csf_n": 21902.0,
  "summary_csf_p05": 267.48204433918,
  "summary_csf_p95": 1831.5141680642969,
  "summary_csf_stdv": 461.9736041435969,
  "summary_gm_k": 0.5840806006790791,
  "summary_gm_mad": 65.24080285640296,
  "summary_gm_mean": 729.6926058457203,
  "summary_gm_median": 731.4543777108192,
  "summary_gm_n": 66638.0,
  "summary_gm_p05": 615.926596134901,
  "summary_gm_p95": 833.5548797249794,
  "summary_gm_stdv": 67.28315359341923,
  "summary_wm_k": 3.7900176186555177,
  "summary_wm_mad": 77.65823663269718,
  "summary_wm_mean": 1039.7788417208405,
  "summary_wm_median": 999.9999689459801,
  "summary_wm_n": 128326.0,
  "summary_wm_p05": 900.0265607237816,
  "summary_wm_p95": 1354.0281419456005,
  "summary_wm_stdv": 137.7867682174009,
  "tpm_overlap_csf": 0.13715000450611115,
  "tpm_overlap_gm": 0.4342610836029053,
  "tpm_overlap_wm": 0.38327157497406006,
  "wm2max": 0.23537076951001779
}