{
  "bids_meta": {
    "AcquisitionMatrixPE": 256,
    "AcquisitionNumber": 1,
    "AcquisitionTime": "11:59:14.625000",
    "BaseResolution": 256,
    "BodyPartExamined": "BRAIN",
    "ConsistencyInfo": "N4_VE11C_LATEST_20160120",
    "ConversionSoftware": "dcm2niix",
    "ConversionSoftwareVersion": "v1.0.20190902",
    "DeviceSerialNumber": "45239",
    "DwellTime": 1.09e-05,
    "EchoTime": 0.00243,
    "FlipAngle": 9,
    "ImageOrientationPatientDICOM": [
      0,
      1,
      0,
      0,
      0,
      -1
    ],
    "ImageType": [
      "ORIGINAL",
      "PRIMARY",
      "M",
      "ND"
    ],
    "ImagingFrequency": 123.172,
    "InPlanePhaseEncodingDirectionDICOM": "ROW",
    "InstitutionAddress": "E_24th_St._100_Austin_Southmiddle_US_78712",
    "InstitutionName": "The_Univ._of_Texas_at_Austin_IRC",
    "InstitutionalDepartmentName": "IRC",
    "InversionTime": 0.9,
    "MRAcquisitionType": "3D",
    "MagneticFieldStrength": 3,
    "Manufacturer": "Siemens",
    "ManufacturersModelName": "Skyra",
    "Modality": "MR",
    "ParallelReductionFactorInPlane": 2,
    "PartialFourier": 1,
    "PatientPosition": "HFS",
    "PercentPhaseFOV": 100,
    "PhaseEncodingSteps": 255,
    "PhaseResolution": 1,
    "PixelBandwidth": 180,
    "ProcedureStepDescription": "Booth_Language",
    "ProtocolName": "MPRAGE",
    "PulseSequenceDetails": "%SiemensSeq%_tfl",
    "ReceiveCoilActiveElements": "HC1-6",
    "ReceiveCoilName": "HeadNeck_64",
    "ReconMatrixPE": 256,
    "RefLinesPE": 24,
    "RepetitionTime": 1.9,
    "SAR": 0.216249,
    "ScanOptions": "IR",
    "ScanningSequence": "GR_IR",
    "SequenceName": "_tfl3d1_16ns",
    "SequenceVariant": "SK_SP_MP",
    "SeriesDescription": "MPRAGE",
    "SeriesNumber": 2,
    "ShiftedAquisitionDate": "1818-02-01 00:00:00",
    "ShimSetting": [
      -2751,
      8072,
      -15888,
      -462,
      637,
      -681,
      -484,
      -138
    ],
    "SliceThickness": 1,
    "SoftwareVersions": "syngo_MR_E11",
    "StationName": "AWP45239",
    "TxRefAmp": 324.243,
    "acq_id": "D1S2",
    "dataset": "ds003604",
    "modality": "T1w",
    "session_id": "9",
    "subject_id": "5374"
  },
  "cjv": 0.4343370554542415,
  "cnr": 3.0967070408610624,
  "efc": 0.516660150979242,
  "fber": 14158.264499933943,
  "fwhm_avg": 5.720133333333333,
  "fwhm_x": 5.97781,
  "fwhm_y": 5.39199,
  "fwhm_z": 5.7906,
  "icvs_csf": 0.13698246860322236,
  "icvs_gm": 0.46347656553439054,
  "icvs_wm": 0.39954096586238713,
  "inu_med": 1.0722564458847046,
  "inu_range": 1.3531038880348205,
  "provenance": {
    "md5sum": "a73bb2632c1dcbb547de4263f1827803",
    "settings": {
      "testing": false
    },
    "software": "mriqc",
    "version": "22.0.6",
    "warnings": {
      "large_rot_frame": true,
      "small_air_mask": false
    },
    "webapi_port": null,
    "webapi_url": "https://mriqc.nimh.nih.gov/api/v1"
  },
  "qi_1": 0.0,
  "qi_2": 0.0024638543772499107,
  "rpve_csf": 34.32403509397429,
  "rpve_gm": 11.16566804715107,
  "rpve_wm": 13.701026229786091,
  "size_x": 192,
  "size_y": 256,
  "size_z": 256,
  "snr_csf": 2.0592777137888993,
  "snr_gm": 16.37006148368899,
  "snr_total": 11.42547776606547,
  "snr_wm": 15.847094100718525,
  "snrd_csf": 25.105354730685143,
  "snrd_gm": 54.20317421460024,
  "snrd_total": 50.32960130320518,
  "snrd_wm": 71.68027496433017,
  "spacing_x": 1.0,
  "spacing_y": 1.0,
  "spacing_z": 1.0,
  "summary_bg_k": 9.030238006214965,
  "summary_bg_mad": 0.0,
  "summary_bg_mean": 5.970868243562097,
  "summary_bg_median": 0.0,
  "summary_bg_n": 3105505.0,
  "summary_bg_p05": 0.0,
  "summary_bg_p95": 23.27634669840336,
  "summary_bg_stdv": 9.140436356498423,
  "summary_csf_k": 41.507802644920545,
  "summary_csf_mad": 88.53487951998697,
  "summary_csf_mean": 370.4254899799383,
  "summary_csf_median": 350.2688861787319,
  "summary_csf_n": 28210.0,
  "summary_csf_p05": 193.75552044808865,
  "summary_csf_p95": 578.0560307651758,
  "summary_csf_stdv": 170.0900638794939,
  "summary_gm_k": 0.17355766716735666,
  "summary_gm_mad": 45.45742469977826,
  "summary_gm_mean": 756.4559533858918,
  "summary_gm_median": 756.2404779046774,
  "summary_gm_n": 57722.0,
  "summary_gm_p05": 680.6324827671051,
  "summary_gm_p95": 831.6879465132952,
  "summary_gm_stdv": 46.19615680228831,
  "summary_wm_k": 0.34456611699752804,
  "summary_wm_mad": 60.451234941066375,
  "summary_wm_mean": 1008.3211825059578,
  "summary_wm_median": 1000.0802753865719,
  "summary_wm_n": 191790.0,
  "summary_wm_p05": 920.1380639672279,
  "summary_wm_p95": 1126.8159699961543,
  "summary_wm_stdv": 63.10795290288941,
  "tpm_overlap_csf": 0.15016806820577802,
  "tpm_overlap_gm": 0.46087121012416427,
  "tpm_overlap_wm": 0.43526124149709594,
  "wm2max": 0.2808520229910966
}