{
  "bids_meta": {
    "AcquisitionMatrixPE": 256,
    "AcquisitionNumber": 1,
    "AcquisitionTime": "13:29:50.787500",
    "BaseResolution": 256,
    "BodyPartExamined": "BRAIN",
    "ConsistencyInfo": "N4_VE11C_LATEST_20160120",
    "ConversionSoftware": "dcm2niix",
    "ConversionSoftwareVersion": "v1.0.20190902",
    "DeviceSerialNumber": "45239",
    "DwellTime": 1.09e-05,
    "EchoTime": 0.00243,
    "FlipAngle": 9,
    "ImageOrientationPatientDICOM": [
      0,
      1,
      0,
      0,
      0,
      -1
    ],
    "ImageType": [
      "ORIGINAL",
      "PRIMARY",
      "M",
      "ND"
    ],
    "ImagingFrequency": 123.172,
    "InPlanePhaseEncodingDirectionDICOM": "ROW",
    "InstitutionAddress": "E_24th_St._100_Austin_Southmiddle_US_78712",
    "InstitutionName": "The_Univ._of_Texas_at_Austin_IRC",
    "InstitutionalDepartmentName": "IRC",
    "InversionTime": 0.9,
    "MRAcquisitionType": "3D",
    "MagneticFieldStrength": 3,
    "Manufacturer": "Siemens",
    "ManufacturersModelName": "Skyra",
    "Modality": "MR",
    "ParallelReductionFactorInPlane": 2,
    "PartialFourier": 1,
    "PatientPosition": "HFS",
    "PercentPhaseFOV": 100,
    "PhaseEncodingSteps": 255,
    "PhaseResolution": 1,
    "PixelBandwidth": 180,
    "ProcedureStepDescription": "Booth_Language",
    "ProtocolName": "MPRAGE",
    "PulseSequenceDetails": "%SiemensSeq%_tfl",
    "ReceiveCoilActiveElements": "HC1-6",
    "ReceiveCoilName": "HeadNeck_64",
    "ReconMatrixPE": 256,
    "RefLinesPE": 24,
    "RepetitionTime": 1.9,
    "SAR": 0.126899,
    "ScanOptions": "IR",
    "ScanningSequence": "GR_IR",
    "SequenceName": "_tfl3d1_16ns",
    "SequenceVariant": "SK_SP_MP",
    "SeriesDescription": "MPRAGE",
    "SeriesNumber": 2,
    "ShiftedAquisitionDate": "1817-11-06 00:00:00",
    "ShimSetting": [
      -2751,
      8072,
      -15888,
      -462,
      637,
      -681,
      -484,
      -138
    ],
    "SliceThickness": 1,
    "SoftwareVersions": "syngo_MR_E11",
    "StationName": "AWP45239",
    "TxRefAmp": 313.739,
    "acq_id": "D1S2",
    "dataset": "ds003604",
    "modality": "T1w",
    "session_id": "9",
    "subject_id": "5227"
  },
  "cjv": 0.424286293673989,
  "cnr": 3.0951609018796638,
  "efc": 0.4932594388946144,
  "fber": -1.0,
  "fwhm_avg": 4.431813333333333,
  "fwhm_x": 4.50858,
  "fwhm_y": 4.44976,
  "fwhm_z": 4.3371,
  "icvs_csf": 0.14203770914551742,
  "icvs_gm": 0.483243187982781,
  "icvs_wm": 0.37471910287170157,
  "inu_med": 0.9544066190719604,
  "inu_range": 0.8290462583303453,
  "provenance": {
    "md5sum": "ff5fb034cd9287decdbdeb39d0a40f83",
    "settings": {
      "testing": false
    },
    "software": "mriqc",
    "version": "22.0.6",
    "warnings": {
      "large_rot_frame": true,
      "small_air_mask": false
    },
    "webapi_port": null,
    "webapi_url": "https://mriqc.nimh.nih.gov/api/v1"
  },
  "qi_1": 0.0028336086814527628,
  "qi_2": 0.001683981478832312,
  "rpve_csf": 48.79723728305588,
  "rpve_gm": 15.762109616901858,
  "rpve_wm": 20.863769616891197,
  "size_x": 192,
  "size_y": 256,
  "size_z": 256,
  "snr_csf": 2.065225079366345,
  "snr_gm": 15.96344972079303,
  "snr_total": 12.138089242969082,
  "snr_wm": 18.38559292874787,
  "snrd_csf": 10.571500953694606,
  "snrd_gm": 23.354835403822474,
  "snrd_total": 21.473505763178093,
  "snrd_wm": 30.49418093201719,
  "spacing_x": 1.0,
  "spacing_y": 1.0,
  "spacing_z": 1.0,
  "summary_bg_k": 318.46696807736555,
  "summary_bg_mad": 0.0,
  "summary_bg_mean": 9.300642204352041,
  "summary_bg_median": 0.0,
  "summary_bg_n": 3000480.0,
  "summary_bg_p05": 0.0,
  "summary_bg_p95": 35.77654927968979,
  "summary_bg_stdv": 21.485609981502595,
  "summary_csf_k": 21.484162189105806,
  "summary_csf_mad": 102.03917654650236,
  "summary_csf_mean": 360.7987948879948,
  "summary_csf_median": 346.6990178078413,
  "summary_csf_n": 13894.0,
  "summary_csf_p05": 126.22603287175299,
  "summary_csf_p95": 589.3542212750762,
  "summary_csf_stdv": 167.86864757445528,
  "summary_gm_k": 0.036072544410560514,
  "summary_gm_mad": 48.09776163205177,
  "summary_gm_mean": 765.3614051675249,
  "summary_gm_median": 765.9365052357316,
  "summary_gm_n": 38347.0,
  "summary_gm_p05": 684.9844827130437,
  "summary_gm_p95": 841.9616724550724,
  "summary_gm_stdv": 47.9800125694241,
  "summary_wm_k": 0.4306819243097144,
  "summary_wm_mad": 51.244344168728055,
  "summary_wm_mean": 1005.9579297940211,
  "summary_wm_median": 1000.0758288055658,
  "summary_wm_n": 116122.0,
  "summary_wm_p05": 927.0067747682333,
  "summary_wm_p95": 1105.8137233927846,
  "summary_wm_stdv": 54.394303546760966,
  "tpm_overlap_csf": 0.15048748976891668,
  "tpm_overlap_gm": 0.47725583308514646,
  "tpm_overlap_wm": 0.45981389395795574,
  "wm2max": 0.2550277594932784
}