{
  "bids_meta": {
    "AcquisitionMatrixPE": 256,
    "AcquisitionNumber": 1,
    "AcquisitionTime": "14:04:58.722500",
    "BaseResolution": 256,
    "BodyPartExamined": "BRAIN",
    "ConsistencyInfo": "N4_VE11A_LATEST_20140830",
    "ConversionSoftware": "dcm2niix",
    "ConversionSoftwareVersion": "v1.0.20190902",
    "DeviceSerialNumber": "45239",
    "DwellTime": 1.09e-05,
    "EchoTime": 0.00243,
    "FlipAngle": 9,
    "ImageOrientationPatientDICOM": [
      0,
      1,
      0,
      0,
      0,
      -1
    ],
    "ImageType": [
      "ORIGINAL",
      "PRIMARY",
      "M",
      "ND"
    ],
    "ImagingFrequency": 123.224,
    "InPlanePhaseEncodingDirectionDICOM": "ROW",
    "InstitutionAddress": "E_24th_St._100_Austin_Southmiddle_US_78712",
    "InstitutionName": "The_Univ._of_Texas_at_Austin_IRC",
    "InstitutionalDepartmentName": "IRC",
    "InversionTime": 0.9,
    "MRAcquisitionType": "3D",
    "MagneticFieldStrength": 3,
    "Manufacturer": "Siemens",
    "ManufacturersModelName": "Skyra",
    "Modality": "MR",
    "ParallelReductionFactorInPlane": 2,
    "PartialFourier": 1,
    "PatientPosition": "HFS",
    "PercentPhaseFOV": 100,
    "PhaseEncodingSteps": 255,
    "PhaseResolution": 1,
    "PixelBandwidth": 180,
    "ProcedureStepDescription": "Booth_Language",
    "ProtocolName": "MPRAGE",
    "PulseSequenceDetails": "%SiemensSeq%_tfl",
    "ReceiveCoilActiveElements": "HC1-6",
    "ReceiveCoilName": "HeadNeck_64",
    "ReconMatrixPE": 256,
    "RefLinesPE": 24,
    "RepetitionTime": 1.9,
    "SAR": 0.274038,
    "ScanOptions": "IR",
    "ScanningSequence": "GR_IR",
    "SequenceName": "_tfl3d1_16ns",
    "SequenceVariant": "SK_SP_MP",
    "SeriesDescription": "MPRAGE",
    "SeriesNumber": 2,
    "ShiftedAquisitionDate": "1815-04-29 00:00:00",
    "ShimSetting": [
      -2849,
      8022,
      -16018,
      -1233,
      -75,
      -527,
      -219,
      169
    ],
    "SliceThickness": 1,
    "SoftwareVersions": "syngo_MR_E11",
    "StationName": "AWP45239",
    "TxRefAmp": 335.727,
    "acq_id": "D1S2",
    "dataset": "ds003604",
    "modality": "T1w",
    "session_id": "7",
    "subject_id": "5173"
  },
  "cjv": 0.45998791633770864,
  "cnr": 2.891494517493107,
  "efc": 0.516153615005772,
  "fber": -1.0,
  "fwhm_avg": 5.712066666666668,
  "fwhm_x": 5.93436,
  "fwhm_y": 5.32576,
  "fwhm_z": 5.87608,
  "icvs_csf": 0.1326986745846637,
  "icvs_gm": 0.4565874821863429,
  "icvs_wm": 0.4107138432289934,
  "inu_med": 1.0070523023605347,
  "inu_range": 1.3084384202957153,
  "provenance": {
    "md5sum": "588ad5fb9dedfc95f8da3cfa74cda947",
    "settings": {
      "testing": false
    },
    "software": "mriqc",
    "version": "22.0.6",
    "warnings": {
      "large_rot_frame": true,
      "small_air_mask": false
    },
    "webapi_port": null,
    "webapi_url": "https://mriqc.nimh.nih.gov/api/v1"
  },
  "qi_1": 2.7086858655741116e-06,
  "qi_2": 0.0031227005970224596,
  "rpve_csf": 37.691712208120684,
  "rpve_gm": 12.205630702035945,
  "rpve_wm": 14.551785724715131,
  "size_x": 192,
  "size_y": 256,
  "size_z": 256,
  "snr_csf": 1.9594006338151344,
  "snr_gm": 15.468846811698656,
  "snr_total": 10.782672633619654,
  "snr_wm": 14.919770455345175,
  "snrd_csf": 19.4188457405688,
  "snrd_gm": 43.48611206209529,
  "snrd_total": 40.09901270386576,
  "snrd_wm": 57.392080308933195,
  "spacing_x": 1.0,
  "spacing_y": 1.0,
  "spacing_z": 1.0,
  "summary_bg_k": 26.704195556631547,
  "summary_bg_mad": 0.0,
  "summary_bg_mean": 6.332298452089809,
  "summary_bg_median": 0.0,
  "summary_bg_n": 2370295.0,
  "summary_bg_p05": 0.0,
  "summary_bg_p95": 26.636537559330463,
  "summary_bg_stdv": 11.416664239527304,
  "summary_csf_k": 63.18393584370591,
  "summary_csf_mad": 83.44967176336729,
  "summary_csf_mean": 365.02706656715617,
  "summary_csf_median": 338.40043346583843,
  "summary_csf_n": 24135.0,
  "summary_csf_p05": 221.99397112429142,
  "summary_csf_p95": 555.1218765899539,
  "summary_csf_stdv": 172.70251778973176,
  "summary_gm_k": 0.12057309614251999,
  "summary_gm_mad": 47.91757308066832,
  "summary_gm_mean": 758.0573253731735,
  "summary_gm_median": 757.806069843471,
  "summary_gm_n": 49579.0,
  "summary_gm_p05": 677.9649315550923,
  "summary_gm_p95": 839.3590678721666,
  "summary_gm_stdv": 48.98868264840812,
  "summary_wm_k": 0.49166154233060855,
  "summary_wm_mad": 63.551696501055865,
  "summary_wm_mean": 1009.3858570892215,
  "summary_wm_median": 1000.1369346827269,
  "summary_wm_n": 184846.0,
  "summary_wm_p05": 916.5981793552637,
  "summary_wm_p95": 1135.8531748950481,
  "summary_wm_stdv": 67.03415661438424,
  "tpm_overlap_csf": 0.15216919517870123,
  "tpm_overlap_gm": 0.45840296589227647,
  "tpm_overlap_wm": 0.44370328577661056,
  "wm2max": 0.2890986616875517
}