{
  "bids_meta": {
    "AcquisitionMatrixPE": 256,
    "AcquisitionNumber": 1,
    "AcquisitionTime": "14:11:30.272500",
    "BaseResolution": 256,
    "BodyPartExamined": "BRAIN",
    "ConsistencyInfo": "N4_VE11A_LATEST_20140830",
    "ConversionSoftware": "dcm2niix",
    "ConversionSoftwareVersion": "v1.0.20190902",
    "DeviceSerialNumber": "45239",
    "DwellTime": 1.09e-05,
    "EchoTime": 0.00243,
    "FlipAngle": 9,
    "ImageOrientationPatientDICOM": [
      0,
      1,
      0,
      0,
      0,
      -1
    ],
    "ImageType": [
      "ORIGINAL",
      "PRIMARY",
      "M",
      "ND"
    ],
    "ImagingFrequency": 123.224,
    "InPlanePhaseEncodingDirectionDICOM": "ROW",
    "InstitutionAddress": "E_24th_St._100_Austin_Southmiddle_US_78712",
    "InstitutionName": "The_Univ._of_Texas_at_Austin_IRC",
    "InstitutionalDepartmentName": "IRC",
    "InversionTime": 0.9,
    "MRAcquisitionType": "3D",
    "MagneticFieldStrength": 3,
    "Manufacturer": "Siemens",
    "ManufacturersModelName": "Skyra",
    "Modality": "MR",
    "ParallelReductionFactorInPlane": 2,
    "PartialFourier": 1,
    "PatientPosition": "HFS",
    "PercentPhaseFOV": 100,
    "PhaseEncodingSteps": 255,
    "PhaseResolution": 1,
    "PixelBandwidth": 180,
    "ProcedureStepDescription": "Booth_Language",
    "ProtocolName": "MPRAGE",
    "PulseSequenceDetails": "%SiemensSeq%_tfl",
    "ReceiveCoilActiveElements": "HC1-6",
    "ReceiveCoilName": "HeadNeck_64",
    "ReconMatrixPE": 256,
    "RefLinesPE": 24,
    "RepetitionTime": 1.9,
    "SAR": 0.274038,
    "ScanOptions": "IR",
    "ScanningSequence": "GR_IR",
    "SequenceName": "_tfl3d1_16ns",
    "SequenceVariant": "SK_SP_MP",
    "SeriesDescription": "MPRAGE",
    "SeriesNumber": 3,
    "ShiftedAquisitionDate": "1815-04-29 00:00:00",
    "ShimSetting": [
      -2849,
      8022,
      -16018,
      -1233,
      -75,
      -527,
      -219,
      169
    ],
    "SliceThickness": 1,
    "SoftwareVersions": "syngo_MR_E11",
    "StationName": "AWP45239",
    "TxRefAmp": 335.727,
    "acq_id": "D1S3",
    "dataset": "ds003604",
    "modality": "T1w",
    "session_id": "7",
    "subject_id": "5173"
  },
  "cjv": 0.4592357173800786,
  "cnr": 2.916509670376419,
  "efc": 0.5185475360784553,
  "fber": -1.0,
  "fwhm_avg": 5.685693333333333,
  "fwhm_x": 5.93038,
  "fwhm_y": 5.3154,
  "fwhm_z": 5.8113,
  "icvs_csf": 0.12984157050929523,
  "icvs_gm": 0.4669692941099413,
  "icvs_wm": 0.4031891353807634,
  "inu_med": 1.0027531385421753,
  "inu_range": 1.314855775237083,
  "provenance": {
    "md5sum": "bc88ee71bb28a2547ae9660919862be5",
    "settings": {
      "testing": false
    },
    "software": "mriqc",
    "version": "22.0.6",
    "warnings": {
      "large_rot_frame": true,
      "small_air_mask": false
    },
    "webapi_port": null,
    "webapi_url": "https://mriqc.nimh.nih.gov/api/v1"
  },
  "qi_1": 0.0,
  "qi_2": 0.00339464146181556,
  "rpve_csf": 38.34618152861365,
  "rpve_gm": 12.057759310598996,
  "rpve_wm": 14.731256281407035,
  "size_x": 192,
  "size_y": 256,
  "size_z": 256,
  "snr_csf": 2.1922376925515863,
  "snr_gm": 15.756783263308247,
  "snr_total": 11.07425513987071,
  "snr_wm": 15.273744463752292,
  "snrd_csf": 21.913517314220066,
  "snrd_gm": 49.22311593216505,
  "snrd_total": 45.27577643490874,
  "snrd_wm": 64.69069605834109,
  "spacing_x": 1.0,
  "spacing_y": 1.0,
  "spacing_z": 1.0,
  "summary_bg_k": 34.71561711588437,
  "summary_bg_mad": 0.0,
  "summary_bg_mean": 5.777110075612935,
  "summary_bg_median": 0.0,
  "summary_bg_n": 2284725.0,
  "summary_bg_p05": 0.0,
  "summary_bg_p95": 21.319029927253723,
  "summary_bg_stdv": 10.127909024001218,
  "summary_csf_k": 67.19211934097366,
  "summary_csf_mad": 74.4308967050632,
  "summary_csf_mean": 365.04973600967327,
  "summary_csf_median": 338.7662626504898,
  "summary_csf_n": 23472.0,
  "summary_csf_p05": 233.24050306379795,
  "summary_csf_p95": 554.1125347882511,
  "summary_csf_stdv": 154.5266041787024,
  "summary_gm_k": 0.12544210180323168,
  "summary_gm_mad": 47.41146159980054,
  "summary_gm_mean": 762.0957769602811,
  "summary_gm_median": 760.951826274395,
  "summary_gm_n": 53899.0,
  "summary_gm_p05": 684.0657764077187,
  "summary_gm_p95": 843.415209454298,
  "summary_gm_stdv": 48.29315441307907,
  "summary_wm_k": 0.48260464797735425,
  "summary_wm_mad": 62.399601073285865,
  "summary_wm_mean": 1008.7329774658928,
  "summary_wm_median": 1000.068816781044,
  "summary_wm_n": 185459.0,
  "summary_wm_p05": 917.6810817718506,
  "summary_wm_p95": 1131.1464653015137,
  "summary_wm_stdv": 65.47615897015726,
  "tpm_overlap_csf": 0.15270892884609494,
  "tpm_overlap_gm": 0.4667005157832115,
  "tpm_overlap_wm": 0.44806931274954975,
  "wm2max": 0.29009683572815936
}