{
  "aor": 0.0066080188679245285,
  "aqi": 0.007129455330188679,
  "bids_meta": {
    "AcquisitionMatrixPE": 128,
    "AcquisitionNumber": 1,
    "AcquisitionTime": "15:47:51.005000",
    "BandwidthPerPixelPhaseEncode": 23.321,
    "BaseResolution": 128,
    "BodyPartExamined": "BRAIN",
    "ConsistencyInfo": "N4_VE11A_LATEST_20140830",
    "ConversionSoftware": "dcm2niix",
    "ConversionSoftwareVersion": "v1.0.20190902",
    "DerivedVendorReportedEchoSpacing": 0.000669997,
    "DeviceSerialNumber": "45239",
    "DwellTime": 2.2e-06,
    "EchoTime": 0.03,
    "EchoTrainLength": 63,
    "EffectiveEchoSpacing": 0.000334999,
    "FlipAngle": 80,
    "ImageComments": "Unaliased_MB4_PE4_LB",
    "ImageOrientationPatientDICOM": [
      1,
      0,
      0,
      0,
      1,
      0
    ],
    "ImageType": [
      "ORIGINAL",
      "PRIMARY",
      "M",
      "MB",
      "ND",
      "MOSAIC"
    ],
    "ImagingFrequency": 123.224,
    "InPlanePhaseEncodingDirectionDICOM": "COL",
    "InstitutionAddress": "E_24th_St._100_Austin_Southmiddle_US_78712",
    "InstitutionName": "The_Univ._of_Texas_at_Austin_IRC",
    "InstitutionalDepartmentName": "IRC",
    "MRAcquisitionType": "2D",
    "MagneticFieldStrength": 3,
    "Manufacturer": "Siemens",
    "ManufacturersModelName": "Skyra",
    "Modality": "MR",
    "MultibandAccelerationFactor": 4,
    "ParallelReductionFactorInPlane": 2,
    "PartialFourier": 1,
    "PatientPosition": "HFS",
    "PercentPhaseFOV": 100,
    "PhaseEncodingDirection": "j-",
    "PhaseEncodingSteps": 127,
    "PhaseResolution": 1,
    "PixelBandwidth": 1775,
    "ProcedureStepDescription": "Booth_Language",
    "ProtocolName": "Plaus2",
    "PulseSequenceDetails": "%CustomerSeq%_cmrr_mbep2d_bold",
    "ReceiveCoilActiveElements": "HC1-6",
    "ReceiveCoilName": "HeadNeck_64",
    "ReconMatrixPE": 128,
    "RefLinesPE": 58,
    "RepetitionTime": 1.25,
    "SAR": 0.311815,
    "ScanOptions": "FS",
    "ScanningSequence": "EP",
    "SequenceName": "epfid2d1_128",
    "SequenceVariant": "SK_SS",
    "SeriesDescription": "Plaus2",
    "SeriesNumber": 17,
    "ShiftedAquisitionDate": "1815-06-23",
    "ShimSetting": [
      -2864,
      8006,
      -15389,
      -1059,
      -490,
      84,
      52,
      82
    ],
    "SliceThickness": 2,
    "SliceTiming": [
      0,
      0.265,
      0.5275,
      0.7925,
      1.055,
      0.09,
      0.3525,
      0.615,
      0.88,
      1.1425,
      0.1775,
      0.44,
      0.705,
      0.9675,
      0,
      0.265,
      0.5275,
      0.7925,
      1.055,
      0.09,
      0.3525,
      0.615,
      0.88,
      1.1425,
      0.1775,
      0.44,
      0.705,
      0.9675,
      0,
      0.265,
      0.5275,
      0.7925,
      1.055,
      0.09,
      0.3525,
      0.615,
      0.88,
      1.1425,
      0.1775,
      0.44,
      0.705,
      0.9675,
      0,
      0.265,
      0.5275,
      0.7925,
      1.055,
      0.09,
      0.3525,
      0.615,
      0.88,
      1.1425,
      0.1775,
      0.44,
      0.705,
      0.9675
    ],
    "SoftwareVersions": "syngo_MR_E11",
    "SpacingBetweenSlices": 2,
    "StationName": "AWP45239",
    "TotalReadoutTime": 0.0425448,
    "TxRefAmp": 334.729,
    "WipMemBlock": "6660c044-834e-47c7-819d-29ee53502d94||Sequence: ve11a/master r/3765ccc; Dec 14 2015 15:37:15 by eja",
    "acq_id": "D2S17",
    "dataset": "ds003604",
    "modality": "bold",
    "run_id": 2,
    "session_id": "5",
    "subject_id": "5162",
    "task_id": "Plaus"
  },
  "dummy_trs": 0,
  "dvars_nstd": 46.00460551469193,
  "dvars_std": 1.139860724597156,
  "dvars_vstd": 1.0623390038388627,
  "efc": 0.4351227859315564,
  "fber": 1755.5267333984375,
  "fd_mean": 0.24887610401312277,
  "fd_num": 71,
  "fd_perc": 33.490566037735846,
  "fwhm_avg": 3.5821567430561827,
  "fwhm_x": 3.316305,
  "fwhm_y": 3.585355,
  "fwhm_z": 3.844810229168548,
  "gcor": 0.0119854,
  "gsr_x": -0.017373526468873024,
  "gsr_y": 0.012332825921475887,
  "provenance": {
    "md5sum": "d5900af837fad2fa104a6416cc8d8708",
    "settings": {
      "fd_thres": 0.2,
      "testing": false
    },
    "software": "mriqc",
    "version": "23.0.1",
    "webapi_port": null,
    "webapi_url": "https://mriqc.nimh.nih.gov/api/v1"
  },
  "size_t": 212,
  "size_x": 128,
  "size_y": 128,
  "size_z": 56,
  "snr": 2.1830396390070965,
  "spacing_tr": 1.25,
  "spacing_x": 2.0,
  "spacing_y": 2.0,
  "spacing_z": 1.9999998807907104,
  "summary_bg_k": 46.92708947229208,
  "summary_bg_mad": 3.503698566308742,
  "summary_bg_mean": 28.83234405517578,
  "summary_bg_median": 16.183961868286133,
  "summary_bg_n": 663755.0,
  "summary_bg_p05": 13.033019065856934,
  "summary_bg_p95": 84.17453002929688,
  "summary_bg_stdv": 48.551185607910156,
  "summary_fg_k": 1.2389097965999074,
  "summary_fg_mad": 273.63806566813685,
  "summary_fg_mean": 755.1583251953125,
  "summary_fg_median": 685.4764404296875,
  "summary_fg_n": 147295.0,
  "summary_fg_p05": 387.4801818847656,
  "summary_fg_p95": 1392.6457275390624,
  "summary_fg_stdv": 313.9998474121094,
  "tsnr": 30.386765773873776
}