{
  "bids_meta": {
    "AcquisitionMatrixPE": 256,
    "AcquisitionNumber": 1,
    "AcquisitionTime": "10:49:24.530000",
    "BaseResolution": 256,
    "BodyPartExamined": "BRAIN",
    "ConsistencyInfo": "N4_VE11A_LATEST_20140830",
    "ConversionSoftware": "dcm2niix",
    "ConversionSoftwareVersion": "v1.0.20190902",
    "DeviceSerialNumber": "45239",
    "DwellTime": 1.09e-05,
    "EchoTime": 0.00243,
    "FlipAngle": 9,
    "ImageOrientationPatientDICOM": [
      0,
      1,
      0,
      0,
      0,
      -1
    ],
    "ImageType": [
      "ORIGINAL",
      "PRIMARY",
      "M",
      "ND"
    ],
    "ImagingFrequency": 123.224,
    "InPlanePhaseEncodingDirectionDICOM": "ROW",
    "InstitutionAddress": "E_24th_St._100_Austin_Southmiddle_US_78712",
    "InstitutionName": "The_Univ._of_Texas_at_Austin_IRC",
    "InstitutionalDepartmentName": "IRC",
    "InversionTime": 0.9,
    "MRAcquisitionType": "3D",
    "MagneticFieldStrength": 3,
    "Manufacturer": "Siemens",
    "ManufacturersModelName": "Skyra",
    "Modality": "MR",
    "ParallelReductionFactorInPlane": 2,
    "PartialFourier": 1,
    "PatientPosition": "HFS",
    "PercentPhaseFOV": 100,
    "PhaseEncodingSteps": 255,
    "PhaseResolution": 1,
    "PixelBandwidth": 180,
    "ProcedureStepDescription": "Booth_Language",
    "ProtocolName": "MPRAGE",
    "PulseSequenceDetails": "%SiemensSeq%_tfl",
    "ReceiveCoilActiveElements": "HC1-6",
    "ReceiveCoilName": "HeadNeck_64",
    "ReconMatrixPE": 256,
    "RefLinesPE": 24,
    "RepetitionTime": 1.9,
    "SAR": 0.253164,
    "ScanOptions": "IR",
    "ScanningSequence": "GR_IR",
    "SequenceName": "_tfl3d1_16ns",
    "SequenceVariant": "SK_SP_MP",
    "SeriesDescription": "MPRAGE",
    "SeriesNumber": 7,
    "ShiftedAquisitionDate": "1816-01-12 00:00:00",
    "ShimSetting": [
      -2849,
      8022,
      -16018,
      -1233,
      -75,
      -527,
      -219,
      169
    ],
    "SliceThickness": 1,
    "SoftwareVersions": "syngo_MR_E11",
    "StationName": "AWP45239",
    "TxRefAmp": 349.961,
    "acq_id": "D2S7",
    "dataset": "ds003604",
    "modality": "T1w",
    "session_id": "5",
    "subject_id": "5165"
  },
  "cjv": 0.48706584373416206,
  "cnr": 2.87822316921914,
  "efc": 0.5289727688340429,
  "fber": -1.0,
  "fwhm_avg": 6.358736666666666,
  "fwhm_x": 6.76975,
  "fwhm_y": 5.46906,
  "fwhm_z": 6.8374,
  "icvs_csf": 0.10642012848427859,
  "icvs_gm": 0.4880590398008711,
  "icvs_wm": 0.40552083171485026,
  "inu_med": 0.9415115714073181,
  "inu_range": 1.4041781187057483,
  "provenance": {
    "md5sum": "35f2bdda2640f1841c5b916925b0a568",
    "settings": {
      "testing": false
    },
    "software": "mriqc",
    "version": "22.0.6",
    "warnings": {
      "large_rot_frame": true,
      "small_air_mask": false
    },
    "webapi_port": null,
    "webapi_url": "https://mriqc.nimh.nih.gov/api/v1"
  },
  "qi_1": 0.0,
  "qi_2": 0.0019085415566969701,
  "rpve_csf": 54.73145533348755,
  "rpve_gm": 13.257314023521426,
  "rpve_wm": 16.205237670447303,
  "size_x": 192,
  "size_y": 256,
  "size_z": 256,
  "snr_csf": 1.5221424598059488,
  "snr_gm": 16.595963084210638,
  "snr_total": 11.112227386631952,
  "snr_wm": 15.218576615879273,
  "snrd_csf": 15.823192247738016,
  "snrd_gm": 32.71331635709537,
  "snrd_total": 30.43620715243557,
  "snrd_wm": 42.77211285247332,
  "spacing_x": 1.0,
  "spacing_y": 1.0,
  "spacing_z": 1.0,
  "summary_bg_k": 9.13311986641632,
  "summary_bg_mad": 0.0,
  "summary_bg_mean": 9.67371328111003,
  "summary_bg_median": 0.0,
  "summary_bg_n": 2308134.0,
  "summary_bg_p05": 0.0,
  "summary_bg_p95": 39.082529336214066,
  "summary_bg_stdv": 15.31796612121382,
  "summary_csf_k": 14.17880859510575,
  "summary_csf_mad": 127.0860565465757,
  "summary_csf_mean": 416.64690101845497,
  "summary_csf_median": 369.9674186632037,
  "summary_csf_n": 11741.0,
  "summary_csf_p05": 167.27876918017864,
  "summary_csf_p95": 781.4427009299397,
  "summary_csf_stdv": 243.04667449624077,
  "summary_gm_k": 0.10386964159040346,
  "summary_gm_mad": 45.61536710321715,
  "summary_gm_mean": 765.1821380701402,
  "summary_gm_median": 764.8811326473951,
  "summary_gm_n": 63128.0,
  "summary_gm_p05": 689.8586142327637,
  "summary_gm_p95": 841.1059239059687,
  "summary_gm_stdv": 46.0880197531049,
  "summary_wm_k": -0.25479965130895366,
  "summary_wm_mad": 68.93673722130339,
  "summary_wm_mean": 1006.2342813140726,
  "summary_wm_median": 1000.0692613124847,
  "summary_wm_n": 139415.0,
  "summary_wm_p05": 909.8953332535923,
  "summary_wm_p95": 1123.4841278865933,
  "summary_wm_stdv": 65.71348292845664,
  "tpm_overlap_csf": 0.12249404594696901,
  "tpm_overlap_gm": 0.4640787380768056,
  "tpm_overlap_wm": 0.42511534040876414,
  "wm2max": 0.33849690837183366
}