{
  "aor": 0.0011043577981651378,
  "aqi": 0.00532259,
  "bids_meta": {
    "AcquisitionMatrixPE": 128,
    "AcquisitionNumber": 1,
    "AcquisitionTime": "15:26:37.027500",
    "BandwidthPerPixelPhaseEncode": 23.321,
    "BaseResolution": 128,
    "BodyPartExamined": "BRAIN",
    "ConsistencyInfo": "N4_VE11C_LATEST_20160120",
    "ConversionSoftware": "dcm2niix",
    "ConversionSoftwareVersion": "v1.0.20190902",
    "DerivedVendorReportedEchoSpacing": 0.000669997,
    "DeviceSerialNumber": "45239",
    "DwellTime": 2.2e-06,
    "EchoTime": 0.03,
    "EchoTrainLength": 63,
    "EffectiveEchoSpacing": 0.000334999,
    "FlipAngle": 80,
    "ImageComments": "Unaliased_MB4_PE4_LB",
    "ImageOrientationPatientDICOM": [
      1,
      0,
      0,
      0,
      1,
      0
    ],
    "ImageType": [
      "ORIGINAL",
      "PRIMARY",
      "M",
      "MB",
      "ND",
      "MOSAIC"
    ],
    "ImagingFrequency": 123.186,
    "InPlanePhaseEncodingDirectionDICOM": "COL",
    "InstitutionAddress": "E_24th_St._100_Austin_Southmiddle_US_78712",
    "InstitutionName": "The_Univ._of_Texas_at_Austin_IRC",
    "InstitutionalDepartmentName": "IRC",
    "MRAcquisitionType": "2D",
    "MagneticFieldStrength": 3,
    "Manufacturer": "Siemens",
    "ManufacturersModelName": "Skyra",
    "Modality": "MR",
    "MultibandAccelerationFactor": 4,
    "ParallelReductionFactorInPlane": 2,
    "PartialFourier": 1,
    "PatientPosition": "HFS",
    "PercentPhaseFOV": 100,
    "PhaseEncodingDirection": "j-",
    "PhaseEncodingSteps": 127,
    "PhaseResolution": 1,
    "PixelBandwidth": 1775,
    "ProcedureStepDescription": "Booth_Language",
    "ProtocolName": "Gram2",
    "PulseSequenceDetails": "%CustomerSeq%_cmrr_mbep2d_bold",
    "ReceiveCoilActiveElements": "HC1-6",
    "ReceiveCoilName": "HeadNeck_64",
    "ReconMatrixPE": 128,
    "RefLinesPE": 58,
    "RepetitionTime": 1.25,
    "SAR": 0.234141,
    "ScanOptions": "FS",
    "ScanningSequence": "EP",
    "SequenceName": "epfid2d1_128",
    "SequenceVariant": "SK_SS",
    "SeriesDescription": "Gram2",
    "SeriesNumber": 13,
    "ShiftedAquisitionDate": "1818-08-15",
    "ShimSetting": [
      -2718,
      7905,
      -15395,
      -83,
      827,
      -584,
      -237,
      6
    ],
    "SliceThickness": 2,
    "SliceTiming": [
      0,
      0.2625,
      0.5275,
      0.79,
      1.055,
      0.0875,
      0.35,
      0.615,
      0.8775,
      1.1425,
      0.175,
      0.44,
      0.7025,
      0.965,
      0,
      0.2625,
      0.5275,
      0.79,
      1.055,
      0.0875,
      0.35,
      0.615,
      0.8775,
      1.1425,
      0.175,
      0.44,
      0.7025,
      0.965,
      0,
      0.2625,
      0.5275,
      0.79,
      1.055,
      0.0875,
      0.35,
      0.615,
      0.8775,
      1.1425,
      0.175,
      0.44,
      0.7025,
      0.965,
      0,
      0.2625,
      0.5275,
      0.79,
      1.055,
      0.0875,
      0.35,
      0.615,
      0.8775,
      1.1425,
      0.175,
      0.44,
      0.7025,
      0.965
    ],
    "SoftwareVersions": "syngo_MR_E11",
    "SpacingBetweenSlices": 2,
    "StationName": "AWP45239",
    "TotalReadoutTime": 0.0425448,
    "TxRefAmp": 319.724,
    "WipMemBlock": "8f4dc09b-f5da-44ff-ab54-c9cbff203cd6||Sequence: R016 ve11c/master r/e634e98; Dec 19 2017 11:00:25 by eja",
    "acq_id": "D1S13",
    "dataset": "ds003604",
    "modality": "bold",
    "run_id": 2,
    "session_id": "7",
    "subject_id": "5571",
    "task_id": "Gram"
  },
  "dummy_trs": 0,
  "dvars_nstd": 45.280430718894,
  "dvars_std": 1.198561849262674,
  "dvars_vstd": 1.0200678580184341,
  "efc": 0.42047822511619287,
  "fber": 3260.472412109375,
  "fd_mean": 0.12508785741167486,
  "fd_num": 24,
  "fd_perc": 11.009174311926605,
  "fwhm_avg": 3.400815,
  "fwhm_x": 3.114485,
  "fwhm_y": 3.557415,
  "fwhm_z": 3.530545,
  "gcor": 0.0126746,
  "gsr_x": -0.011597012169659138,
  "gsr_y": 0.015721891075372696,
  "provenance": {
    "md5sum": "e0a21322eecf7590394ef45ebb48ed9e",
    "settings": {
      "fd_thres": 0.2,
      "testing": false
    },
    "software": "mriqc",
    "version": "23.0.1",
    "webapi_port": null,
    "webapi_url": "https://mriqc.nimh.nih.gov/api/v1"
  },
  "size_t": 218,
  "size_x": 128,
  "size_y": 128,
  "size_z": 56,
  "snr": 2.4852074808770244,
  "spacing_tr": 1.25,
  "spacing_x": 2.0,
  "spacing_y": 2.0,
  "spacing_z": 2.0,
  "summary_bg_k": 93.40219264298348,
  "summary_bg_mad": 3.1556311364477105,
  "summary_bg_mean": 21.121423721313477,
  "summary_bg_median": 11.720183372497559,
  "summary_bg_n": 671886.0,
  "summary_bg_p05": 9.059632301330566,
  "summary_bg_p95": 59.41742706298828,
  "summary_bg_stdv": 37.90831756591797,
  "summary_fg_k": 0.7867362208575392,
  "summary_fg_mad": 254.0350310859305,
  "summary_fg_mean": 712.7088623046875,
  "summary_fg_median": 670.8715209960938,
  "summary_fg_n": 144519.0,
  "summary_fg_p05": 362.1779754638672,
  "summary_fg_p95": 1231.2619262695314,
  "summary_fg_stdv": 269.9449462890625,
  "tsnr": 37.795171868638135
}