{
  "bids_meta": {
    "AcquisitionMatrixPE": 256,
    "AcquisitionNumber": 1,
    "AcquisitionTime": "12:39:42.810000",
    "BaseResolution": 256,
    "BodyPartExamined": "BRAIN",
    "ConsistencyInfo": "N4_VE11A_LATEST_20140830",
    "ConversionSoftware": "dcm2niix",
    "ConversionSoftwareVersion": "v1.0.20190902",
    "DeviceSerialNumber": "45239",
    "DwellTime": 1.09e-05,
    "EchoTime": 0.00243,
    "FlipAngle": 9,
    "ImageOrientationPatientDICOM": [
      0,
      1,
      0,
      0,
      0,
      -1
    ],
    "ImageType": [
      "ORIGINAL",
      "PRIMARY",
      "M",
      "ND"
    ],
    "ImagingFrequency": 123.225,
    "InPlanePhaseEncodingDirectionDICOM": "ROW",
    "InstitutionAddress": "E_24th_St._100_Austin_Southmiddle_US_78712",
    "InstitutionName": "The_Univ._of_Texas_at_Austin_IRC",
    "InstitutionalDepartmentName": "IRC",
    "InversionTime": 0.9,
    "MRAcquisitionType": "3D",
    "MagneticFieldStrength": 3,
    "Manufacturer": "Siemens",
    "ManufacturersModelName": "Skyra",
    "Modality": "MR",
    "ParallelReductionFactorInPlane": 2,
    "PartialFourier": 1,
    "PatientPosition": "HFS",
    "PercentPhaseFOV": 100,
    "PhaseEncodingSteps": 255,
    "PhaseResolution": 1,
    "PixelBandwidth": 180,
    "ProcedureStepDescription": "Booth_Language",
    "ProtocolName": "MPRAGE",
    "PulseSequenceDetails": "%SiemensSeq%_tfl",
    "ReceiveCoilActiveElements": "HC1-6",
    "ReceiveCoilName": "HeadNeck_64",
    "ReconMatrixPE": 256,
    "RefLinesPE": 24,
    "RepetitionTime": 1.9,
    "SAR": 0.263307,
    "ScanOptions": "IR",
    "ScanningSequence": "GR_IR",
    "SequenceName": "_tfl3d1_16ns",
    "SequenceVariant": "SK_SP_MP",
    "SeriesDescription": "MPRAGE",
    "SeriesNumber": 2,
    "ShiftedAquisitionDate": "1817-03-15 00:00:00",
    "ShimSetting": [
      -2849,
      8055,
      -15936,
      -670,
      286,
      -583,
      -301,
      11
    ],
    "SliceThickness": 1,
    "SoftwareVersions": "syngo_MR_E11",
    "StationName": "AWP45239",
    "TxRefAmp": 363.168,
    "acq_id": "D1S2",
    "dataset": "ds003604",
    "modality": "T1w",
    "session_id": "7",
    "subject_id": "5033"
  },
  "cjv": 0.5861740981796886,
  "cnr": 1.7115308687521538,
  "efc": 0.4932124708460895,
  "fber": 2226.123966942149,
  "fwhm_avg": 5.400356666666667,
  "fwhm_x": 5.73834,
  "fwhm_y": 5.11431,
  "fwhm_z": 5.34842,
  "icvs_csf": 0.12263023561894873,
  "icvs_gm": 0.5103087955100062,
  "icvs_wm": 0.36706096887104506,
  "inu_med": 1.6709909439086914,
  "inu_range": 1.3027231454849244,
  "provenance": {
    "md5sum": "5d1d8cff7c95e4484cc81d7a2cc93bf6",
    "settings": {
      "testing": false
    },
    "software": "mriqc",
    "version": "21.0.0rc2",
    "warnings": {
      "large_rot_frame": true,
      "small_air_mask": false
    },
    "webapi_port": null,
    "webapi_url": "https://mriqc.nimh.nih.gov/api/v1"
  },
  "qi_1": 1.7088093870595663e-05,
  "qi_2": 0.0021754757077446477,
  "rpve_csf": 41.4142027673222,
  "rpve_gm": 10.549871466828899,
  "rpve_wm": 14.003389284317912,
  "size_x": 192,
  "size_y": 256,
  "size_z": 256,
  "snr_csf": 0.6966903615757081,
  "snr_gm": 10.32716143435173,
  "snr_total": 5.675098056242291,
  "snr_wm": 6.001442372799434,
  "snrd_csf": 40.49539971586081,
  "snrd_gm": 56.12963301743763,
  "snrd_total": 59.24736146183013,
  "snrd_wm": 81.11705165219196,
  "spacing_x": 1.0,
  "spacing_y": 1.0,
  "spacing_z": 1.0,
  "summary_bg_k": 8.934395593502638,
  "summary_bg_mad": 8.076432490805514,
  "summary_bg_mean": 15.924782030540923,
  "summary_bg_median": 13.229572266340256,
  "summary_bg_n": 2917450.0,
  "summary_bg_p05": 2.7237354665994644,
  "summary_bg_p95": 36.835279643535614,
  "summary_bg_stdv": 11.796879483569562,
  "summary_csf_k": -0.23647292556902544,
  "summary_csf_mad": 314.59627511804337,
  "summary_csf_mean": 913.3050032003911,
  "summary_csf_median": 499.2218005210161,
  "summary_csf_n": 20651.0,
  "summary_csf_p05": 268.02854008227587,
  "summary_csf_p95": 2259.20886785537,
  "summary_csf_stdv": 716.5445954154235,
  "summary_gm_k": 0.99572246150829,
  "summary_gm_mad": 61.727019751156426,
  "summary_gm_mean": 688.0636467789973,
  "summary_gm_median": 691.9585102051497,
  "summary_gm_n": 135697.0,
  "summary_gm_p05": 569.4941755592823,
  "summary_gm_p95": 790.1426886916161,
  "summary_gm_stdv": 67.00349994076734,
  "summary_wm_k": 1.1385350756026398,
  "summary_wm_mad": 118.83893522185255,
  "summary_wm_mean": 1055.0590792475798,
  "summary_wm_median": 1000.0000213086605,
  "summary_wm_n": 123694.0,
  "summary_wm_p05": 875.2269966006279,
  "summary_wm_p95": 1408.4306396096945,
  "summary_wm_stdv": 166.62594039050867,
  "tpm_overlap_csf": 0.11850272119045258,
  "tpm_overlap_gm": 0.4382169246673584,
  "tpm_overlap_wm": 0.36079204082489014,
  "wm2max": 0.2033603249545011
}