{
  "bids_meta": {
    "AcquisitionMatrixPE": 256,
    "AcquisitionNumber": 1,
    "AcquisitionTime": "15:39:0.487500",
    "BaseResolution": 256,
    "BodyPartExamined": "BRAIN",
    "ConsistencyInfo": "N4_VE11A_LATEST_20140830",
    "ConversionSoftware": "dcm2niix",
    "ConversionSoftwareVersion": "v1.0.20190902",
    "DeviceSerialNumber": "45239",
    "DwellTime": 1.09e-05,
    "EchoTime": 0.00243,
    "FlipAngle": 9,
    "ImageOrientationPatientDICOM": [
      0,
      1,
      0,
      0,
      0,
      -1
    ],
    "ImageType": [
      "ORIGINAL",
      "PRIMARY",
      "M",
      "ND"
    ],
    "ImagingFrequency": 123.225,
    "InPlanePhaseEncodingDirectionDICOM": "ROW",
    "InstitutionAddress": "E_24th_St._100_Austin_Southmiddle_US_78712",
    "InstitutionName": "The_Univ._of_Texas_at_Austin_IRC",
    "InstitutionalDepartmentName": "IRC",
    "InversionTime": 0.9,
    "MRAcquisitionType": "3D",
    "MagneticFieldStrength": 3,
    "Manufacturer": "Siemens",
    "ManufacturersModelName": "Skyra",
    "Modality": "MR",
    "ParallelReductionFactorInPlane": 2,
    "PartialFourier": 1,
    "PatientPosition": "HFS",
    "PercentPhaseFOV": 100,
    "PhaseEncodingSteps": 255,
    "PhaseResolution": 1,
    "PixelBandwidth": 180,
    "ProcedureStepDescription": "Booth_Language",
    "ProtocolName": "MPRAGE",
    "PulseSequenceDetails": "%SiemensSeq%_tfl",
    "ReceiveCoilActiveElements": "HC1-6",
    "ReceiveCoilName": "HeadNeck_64",
    "ReconMatrixPE": 256,
    "RefLinesPE": 24,
    "RepetitionTime": 1.9,
    "SAR": 0.203788,
    "ScanOptions": "IR",
    "ScanningSequence": "GR_IR",
    "SequenceName": "_tfl3d1_16ns",
    "SequenceVariant": "SK_SP_MP",
    "SeriesDescription": "MPRAGE",
    "SeriesNumber": 2,
    "ShiftedAquisitionDate": "1817-10-01 00:00:00",
    "ShimSetting": [
      -2849,
      8055,
      -15936,
      -670,
      286,
      -583,
      -301,
      11
    ],
    "SliceThickness": 1,
    "SoftwareVersions": "syngo_MR_E11",
    "StationName": "AWP45239",
    "TxRefAmp": 385.473,
    "acq_id": "D2S2",
    "dataset": "ds003604",
    "modality": "T1w",
    "session_id": "7",
    "subject_id": "5448"
  },
  "cjv": 0.4421212893749889,
  "cnr": 3.0600062773104404,
  "efc": 0.4981683442932059,
  "fber": -1.0,
  "fwhm_avg": 5.858053333333333,
  "fwhm_x": 6.0757,
  "fwhm_y": 5.56036,
  "fwhm_z": 5.9381,
  "icvs_csf": 0.12556079835424094,
  "icvs_gm": 0.48192894161321287,
  "icvs_wm": 0.3925102600325462,
  "inu_med": 0.9726288020610809,
  "inu_range": 1.2095835804939263,
  "provenance": {
    "md5sum": "8aaf08717cfb2e47e5e00ab65a0db5f2",
    "settings": {
      "testing": false
    },
    "software": "mriqc",
    "version": "22.0.6",
    "warnings": {
      "large_rot_frame": true,
      "small_air_mask": false
    },
    "webapi_port": null,
    "webapi_url": "https://mriqc.nimh.nih.gov/api/v1"
  },
  "qi_1": 0.0,
  "qi_2": 0.003568606473377549,
  "rpve_csf": 45.69073751303574,
  "rpve_gm": 13.37977646710296,
  "rpve_wm": 16.949030353443916,
  "size_x": 192,
  "size_y": 256,
  "size_z": 256,
  "snr_csf": 2.7954628429952235,
  "snr_gm": 16.694555395585464,
  "snr_total": 11.93352835239453,
  "snr_wm": 16.3105668186029,
  "snrd_csf": 17.589517266366677,
  "snrd_gm": 37.304217427167416,
  "snrd_total": 34.60586786768459,
  "snrd_wm": 48.923868909519676,
  "spacing_x": 1.0,
  "spacing_y": 1.0,
  "spacing_z": 1.0,
  "summary_bg_k": 6.430955990412926,
  "summary_bg_mad": 0.0,
  "summary_bg_mean": 7.186905564139288,
  "summary_bg_median": 0.0,
  "summary_bg_n": 2475282.0,
  "summary_bg_p05": 0.0,
  "summary_bg_p95": 32.33414329588413,
  "summary_bg_stdv": 13.391954192749575,
  "summary_csf_k": 11.6953315096618,
  "summary_csf_mad": 99.03565771461938,
  "summary_csf_mean": 369.148289949243,
  "summary_csf_median": 359.55567345023155,
  "summary_csf_n": 17210.0,
  "summary_csf_p05": 189.70251670852304,
  "summary_csf_p95": 582.4786693826317,
  "summary_csf_stdv": 128.61742307644622,
  "summary_gm_k": 0.1463399255952753,
  "summary_gm_mad": 45.005953790584435,
  "summary_gm_mean": 763.1366379383006,
  "summary_gm_median": 762.553219422698,
  "summary_gm_n": 49067.0,
  "summary_gm_p05": 688.6792120337486,
  "summary_gm_p95": 839.0139582753181,
  "summary_gm_stdv": 45.676295701439074,
  "summary_wm_k": 0.28717769663174764,
  "summary_wm_mad": 60.00793838744591,
  "summary_wm_mean": 1006.8918854177684,
  "summary_wm_median": 1000.0760320574045,
  "summary_wm_n": 148497.0,
  "summary_wm_p05": 919.2026336491108,
  "summary_wm_p95": 1119.141759723425,
  "summary_wm_stdv": 61.31440285592746,
  "tpm_overlap_csf": 0.15202757984982973,
  "tpm_overlap_gm": 0.48048957055035374,
  "tpm_overlap_wm": 0.4483461111137316,
  "wm2max": 0.26693312190144824
}