{
  "aor": 0.0010524683544303798,
  "aqi": 0.005924947848101265,
  "bids_meta": {
    "AcquisitionMatrixPE": 128,
    "AcquisitionNumber": 1,
    "AcquisitionTime": "14:17:36.240000",
    "BandwidthPerPixelPhaseEncode": 23.321,
    "BaseResolution": 128,
    "BodyPartExamined": "BRAIN",
    "ConsistencyInfo": "N4_VE11A_LATEST_20140830",
    "ConversionSoftware": "dcm2niix",
    "ConversionSoftwareVersion": "v1.0.20190902",
    "DerivedVendorReportedEchoSpacing": 0.000669997,
    "DeviceSerialNumber": "45239",
    "DwellTime": 2.2e-06,
    "EchoTime": 0.03,
    "EchoTrainLength": 63,
    "EffectiveEchoSpacing": 0.000334999,
    "FlipAngle": 80,
    "ImageComments": "Unaliased_MB4_PE4_LB",
    "ImageOrientationPatientDICOM": [
      1,
      0,
      0,
      0,
      1,
      0
    ],
    "ImageType": [
      "ORIGINAL",
      "PRIMARY",
      "M",
      "MB",
      "ND",
      "MOSAIC"
    ],
    "ImagingFrequency": 123.225,
    "InPlanePhaseEncodingDirectionDICOM": "COL",
    "InstitutionAddress": "E_24th_St._100_Austin_Southmiddle_US_78712",
    "InstitutionName": "The_Univ._of_Texas_at_Austin_IRC",
    "InstitutionalDepartmentName": "IRC",
    "MRAcquisitionType": "2D",
    "MagneticFieldStrength": 3,
    "Manufacturer": "Siemens",
    "ManufacturersModelName": "Skyra",
    "Modality": "MR",
    "MultibandAccelerationFactor": 4,
    "ParallelReductionFactorInPlane": 2,
    "PartialFourier": 1,
    "PatientPosition": "HFS",
    "PercentPhaseFOV": 100,
    "PhaseEncodingDirection": "j-",
    "PhaseEncodingSteps": 127,
    "PhaseResolution": 1,
    "PixelBandwidth": 1775,
    "ProcedureStepDescription": "Booth_Language",
    "ProtocolName": "SEM1",
    "PulseSequenceDetails": "%CustomerSeq%_cmrr_mbep2d_bold",
    "ReceiveCoilActiveElements": "HC1-6",
    "ReceiveCoilName": "HeadNeck_64",
    "ReconMatrixPE": 128,
    "RefLinesPE": 58,
    "RepetitionTime": 1.25,
    "SAR": 0.294521,
    "ScanOptions": "FS",
    "ScanningSequence": "EP",
    "SequenceName": "epfid2d1_128",
    "SequenceVariant": "SK_SS",
    "SeriesDescription": "SEM1",
    "SeriesNumber": 2,
    "ShiftedAquisitionDate": "1816-03-13",
    "ShimSetting": [
      -2860,
      8052,
      -15356,
      -479,
      824,
      -420,
      217,
      -181
    ],
    "SliceThickness": 2,
    "SliceTiming": [
      0,
      0.265,
      0.5275,
      0.7925,
      1.055,
      0.09,
      0.3525,
      0.615,
      0.88,
      1.1425,
      0.1775,
      0.44,
      0.705,
      0.9675,
      0,
      0.265,
      0.5275,
      0.7925,
      1.055,
      0.09,
      0.3525,
      0.615,
      0.88,
      1.1425,
      0.1775,
      0.44,
      0.705,
      0.9675,
      0,
      0.265,
      0.5275,
      0.7925,
      1.055,
      0.09,
      0.3525,
      0.615,
      0.88,
      1.1425,
      0.1775,
      0.44,
      0.705,
      0.9675,
      0,
      0.265,
      0.5275,
      0.7925,
      1.055,
      0.09,
      0.3525,
      0.615,
      0.88,
      1.1425,
      0.1775,
      0.44,
      0.705,
      0.9675
    ],
    "SoftwareVersions": "syngo_MR_E11",
    "SpacingBetweenSlices": 2,
    "StationName": "AWP45239",
    "TotalReadoutTime": 0.0425448,
    "TxRefAmp": 338.135,
    "WipMemBlock": "f04e21a2-5c5e-4de2-96af-ad5c8f048afc||Sequence: ve11a/master r/fabf655; Jul 21 2016 12:54:08 by eja",
    "acq_id": "D2S2",
    "dataset": "ds003604",
    "modality": "bold",
    "run_id": 1,
    "session_id": "7",
    "subject_id": "5024",
    "task_id": "Sem"
  },
  "dummy_trs": 0,
  "dvars_nstd": 49.315558123885346,
  "dvars_std": 1.1857761671974527,
  "dvars_vstd": 1.0190018323566878,
  "efc": 0.43065463601869214,
  "fber": 1989.1329345703125,
  "fd_mean": 0.21572417818424963,
  "fd_num": 86,
  "fd_perc": 54.43037974683544,
  "fwhm_avg": 3.5922533333333333,
  "fwhm_x": 3.31522,
  "fwhm_y": 3.755295,
  "fwhm_z": 3.706245,
  "gcor": 0.00835713,
  "gsr_x": -0.022827820852398872,
  "gsr_y": 0.017428578808903694,
  "provenance": {
    "md5sum": "326641be61a8e1a5431018c56b5ac864",
    "settings": {
      "fd_thres": 0.2,
      "testing": false
    },
    "software": "mriqc",
    "version": "23.0.1",
    "webapi_port": null,
    "webapi_url": "https://mriqc.nimh.nih.gov/api/v1"
  },
  "size_t": 158,
  "size_x": 128,
  "size_y": 128,
  "size_z": 56,
  "snr": 2.2997574612140856,
  "spacing_tr": 1.25,
  "spacing_x": 2.0,
  "spacing_y": 2.0,
  "spacing_z": 2.0,
  "summary_bg_k": 76.62151780564388,
  "summary_bg_mad": 3.274862739383427,
  "summary_bg_mean": 29.544191360473633,
  "summary_bg_median": 16.607595443725586,
  "summary_bg_n": 668012.0,
  "summary_bg_p05": 14.069620132446289,
  "summary_bg_p95": 82.57247200012178,
  "summary_bg_stdv": 51.26839828491211,
  "summary_fg_k": 1.2601948165482204,
  "summary_fg_mad": 310.0421306580551,
  "summary_fg_mean": 803.6666870117188,
  "summary_fg_median": 750.4683837890625,
  "summary_fg_n": 144379.0,
  "summary_fg_p05": 390.73797912597655,
  "summary_fg_p95": 1410.4855102539066,
  "summary_fg_stdv": 326.3238830566406,
  "tsnr": 36.50263565941714
}