{
  "bids_meta": {
    "AcquisitionMatrixPE": 256,
    "AcquisitionNumber": 1,
    "AcquisitionTime": "13:14:55.342500",
    "BaseResolution": 256,
    "BodyPartExamined": "BRAIN",
    "ConsistencyInfo": "N4_VE11C_LATEST_20160120",
    "ConversionSoftware": "dcm2niix",
    "ConversionSoftwareVersion": "v1.0.20190902",
    "DeviceSerialNumber": "45239",
    "DwellTime": 1.09e-05,
    "EchoTime": 0.00243,
    "FlipAngle": 9,
    "ImageOrientationPatientDICOM": [
      0,
      1,
      0,
      0,
      0,
      -1
    ],
    "ImageType": [
      "ORIGINAL",
      "PRIMARY",
      "M",
      "ND"
    ],
    "ImagingFrequency": 123.186,
    "InPlanePhaseEncodingDirectionDICOM": "ROW",
    "InstitutionAddress": "E_24th_St._100_Austin_Southmiddle_US_78712",
    "InstitutionName": "The_Univ._of_Texas_at_Austin_IRC",
    "InstitutionalDepartmentName": "IRC",
    "InversionTime": 0.9,
    "MRAcquisitionType": "3D",
    "MagneticFieldStrength": 3,
    "Manufacturer": "Siemens",
    "ManufacturersModelName": "Skyra",
    "Modality": "MR",
    "ParallelReductionFactorInPlane": 2,
    "PartialFourier": 1,
    "PatientPosition": "HFS",
    "PercentPhaseFOV": 100,
    "PhaseEncodingSteps": 255,
    "PhaseResolution": 1,
    "PixelBandwidth": 180,
    "ProcedureStepDescription": "Booth_Language",
    "ProtocolName": "MPRAGE",
    "PulseSequenceDetails": "%SiemensSeq%_tfl",
    "ReceiveCoilActiveElements": "HC1-6",
    "ReceiveCoilName": "HeadNeck_64",
    "ReconMatrixPE": 256,
    "RefLinesPE": 24,
    "RepetitionTime": 1.9,
    "SAR": 0.198583,
    "ScanOptions": "IR",
    "ScanningSequence": "GR_IR",
    "SequenceName": "_tfl3d1_16ns",
    "SequenceVariant": "SK_SP_MP",
    "SeriesDescription": "MPRAGE",
    "SeriesNumber": 2,
    "ShiftedAquisitionDate": "1819-01-19 00:00:00",
    "ShimSetting": [
      -2727,
      7934,
      -15901,
      -500,
      562,
      -716,
      -526,
      132
    ],
    "SliceThickness": 1,
    "SoftwareVersions": "syngo_MR_E11",
    "StationName": "AWP45239",
    "TxRefAmp": 316.453,
    "acq_id": "D1S2",
    "dataset": "ds003604",
    "modality": "T1w",
    "session_id": "7",
    "subject_id": "5526"
  },
  "cjv": 0.4552717092874345,
  "cnr": 3.0471280002290624,
  "efc": 0.4983465962341157,
  "fber": -1.0,
  "fwhm_avg": 5.944826666666667,
  "fwhm_x": 5.85915,
  "fwhm_y": 5.80601,
  "fwhm_z": 6.16932,
  "icvs_csf": 0.12951474456974216,
  "icvs_gm": 0.4590331399315442,
  "icvs_wm": 0.41145211549871363,
  "inu_med": 1.0146050453186035,
  "inu_range": 1.2106940329074847,
  "provenance": {
    "md5sum": "b872a91a0a761cd55aaf833353aacb60",
    "settings": {
      "testing": false
    },
    "software": "mriqc",
    "version": "23.0.1",
    "warnings": {
      "large_rot_frame": true,
      "small_air_mask": false
    },
    "webapi_port": null,
    "webapi_url": "https://mriqc.nimh.nih.gov/api/v1"
  },
  "qi_1": 0.0,
  "qi_2": 0.0036253287375387086,
  "rpve_csf": 38.42332455639642,
  "rpve_gm": 11.971117930206898,
  "rpve_wm": 14.227159229729313,
  "size_x": 192,
  "size_y": 256,
  "size_z": 256,
  "snr_csf": 2.402296418942425,
  "snr_gm": 16.216988855665907,
  "snr_total": 11.1858135976359,
  "snr_wm": 14.938155518299371,
  "snrd_csf": 18.359850836442806,
  "snrd_gm": 42.57010079177692,
  "snrd_total": 39.239308994043434,
  "snrd_wm": 56.78797535391057,
  "spacing_x": 1.0,
  "spacing_y": 1.0,
  "spacing_z": 1.0,
  "summary_bg_k": 7.6104449899660835,
  "summary_bg_mad": 0.0,
  "summary_bg_mean": 7.089735318774294,
  "summary_bg_median": 0.0,
  "summary_bg_n": 3012424.0,
  "summary_bg_p05": 0.0,
  "summary_bg_p95": 27.278198182582855,
  "summary_bg_stdv": 11.537305453262789,
  "summary_csf_k": 22.783493251501756,
  "summary_csf_mad": 90.40136772992042,
  "summary_csf_mean": 348.10167150731996,
  "summary_csf_median": 323.3268784582615,
  "summary_csf_n": 23431.0,
  "summary_csf_p05": 193.35428711771965,
  "summary_csf_p95": 561.977683391422,
  "summary_csf_stdv": 134.58787861550869,
  "summary_gm_k": 0.10015051908307937,
  "summary_gm_mad": 45.99367831873144,
  "summary_gm_mean": 750.1879322300239,
  "summary_gm_median": 749.6824417188764,
  "summary_gm_n": 52399.0,
  "summary_gm_p05": 674.7275692127645,
  "summary_gm_p95": 826.3689449429512,
  "summary_gm_stdv": 46.22777352577949,
  "summary_wm_k": -0.04886605547047296,
  "summary_wm_mad": 67.99927441088312,
  "summary_wm_mean": 1007.293294237983,
  "summary_wm_median": 1000.0668833702803,
  "summary_wm_n": 189395.0,
  "summary_wm_p05": 910.4098643437028,
  "summary_wm_p95": 1129.1034581065178,
  "summary_wm_stdv": 66.9469695893794,
  "tpm_overlap_csf": 0.14857003165311697,
  "tpm_overlap_gm": 0.4650626185283323,
  "tpm_overlap_wm": 0.4531045787522207,
  "wm2max": 0.29657655425926394
}