{
  "aor": 0.004390569620253165,
  "aqi": 0.008496679556962023,
  "bids_meta": {
    "AcquisitionMatrixPE": 128,
    "AcquisitionNumber": 1,
    "AcquisitionTime": "09:56:53.387500",
    "BandwidthPerPixelPhaseEncode": 23.321,
    "BaseResolution": 128,
    "BodyPartExamined": "BRAIN",
    "ConsistencyInfo": "N4_VE11A_LATEST_20140830",
    "ConversionSoftware": "dcm2niix",
    "ConversionSoftwareVersion": "v1.0.20190902",
    "DerivedVendorReportedEchoSpacing": 0.000669997,
    "DeviceSerialNumber": "45239",
    "DwellTime": 2.2e-06,
    "EchoTime": 0.03,
    "EchoTrainLength": 63,
    "EffectiveEchoSpacing": 0.000334999,
    "FlipAngle": 80,
    "ImageComments": "Unaliased_MB4_PE4_LB",
    "ImageOrientationPatientDICOM": [
      1,
      0,
      0,
      0,
      1,
      0
    ],
    "ImageType": [
      "ORIGINAL",
      "PRIMARY",
      "M",
      "MB",
      "ND",
      "MOSAIC"
    ],
    "ImagingFrequency": 123.225,
    "InPlanePhaseEncodingDirectionDICOM": "COL",
    "InstitutionAddress": "E_24th_St._100_Austin_Southmiddle_US_78712",
    "InstitutionName": "The_Univ._of_Texas_at_Austin_IRC",
    "InstitutionalDepartmentName": "IRC",
    "MRAcquisitionType": "2D",
    "MagneticFieldStrength": 3,
    "Manufacturer": "Siemens",
    "ManufacturersModelName": "Skyra",
    "Modality": "MR",
    "MultibandAccelerationFactor": 4,
    "ParallelReductionFactorInPlane": 2,
    "PartialFourier": 1,
    "PatientPosition": "HFS",
    "PercentPhaseFOV": 100,
    "PhaseEncodingDirection": "j-",
    "PhaseEncodingSteps": 127,
    "PhaseResolution": 1,
    "PixelBandwidth": 1775,
    "ProcedureStepDescription": "Booth_Language",
    "ProtocolName": "SEM1",
    "PulseSequenceDetails": "%CustomerSeq%_cmrr_mbep2d_bold",
    "ReceiveCoilActiveElements": "HC1-6",
    "ReceiveCoilName": "HeadNeck_64",
    "ReconMatrixPE": 128,
    "RefLinesPE": 58,
    "RepetitionTime": 1.25,
    "SAR": 0.269402,
    "ScanOptions": "FS",
    "ScanningSequence": "EP",
    "SequenceName": "epfid2d1_128",
    "SequenceVariant": "SK_SS",
    "SeriesDescription": "SEM1",
    "SeriesNumber": 8,
    "ShiftedAquisitionDate": "1817-02-26",
    "ShimSetting": [
      -2852,
      7936,
      -15397,
      -267,
      208,
      -507,
      97,
      -53
    ],
    "SliceThickness": 2,
    "SliceTiming": [
      0,
      0.265,
      0.5275,
      0.7925,
      1.055,
      0.0875,
      0.3525,
      0.615,
      0.88,
      1.1425,
      0.1775,
      0.44,
      0.7025,
      0.9675,
      0,
      0.265,
      0.5275,
      0.7925,
      1.055,
      0.0875,
      0.3525,
      0.615,
      0.88,
      1.1425,
      0.1775,
      0.44,
      0.7025,
      0.9675,
      0,
      0.265,
      0.5275,
      0.7925,
      1.055,
      0.0875,
      0.3525,
      0.615,
      0.88,
      1.1425,
      0.1775,
      0.44,
      0.7025,
      0.9675,
      0,
      0.265,
      0.5275,
      0.7925,
      1.055,
      0.0875,
      0.3525,
      0.615,
      0.88,
      1.1425,
      0.1775,
      0.44,
      0.7025,
      0.9675
    ],
    "SoftwareVersions": "syngo_MR_E11",
    "SpacingBetweenSlices": 2,
    "StationName": "AWP45239",
    "TotalReadoutTime": 0.0425448,
    "TxRefAmp": 334.793,
    "WipMemBlock": "9987af24-9433-4b9c-ba74-84e3eb896169||Sequence: ve11a/master r/fabf655; Jul 21 2016 12:54:08 by eja",
    "acq_id": "D3S8",
    "dataset": "ds003604",
    "modality": "bold",
    "run_id": 1,
    "session_id": "7",
    "subject_id": "5043",
    "task_id": "Sem"
  },
  "dummy_trs": 0,
  "dvars_nstd": 51.53579976757964,
  "dvars_std": 1.1173689503821655,
  "dvars_vstd": 1.0458459556687896,
  "efc": 0.4302784071102814,
  "fber": 1534.834716796875,
  "fd_mean": 0.2727294413315193,
  "fd_num": 86,
  "fd_perc": 54.43037974683544,
  "fwhm_avg": 3.616608333333333,
  "fwhm_x": 3.40012,
  "fwhm_y": 3.689,
  "fwhm_z": 3.760705,
  "gcor": 0.00760954,
  "gsr_x": -0.021038208156824112,
  "gsr_y": 0.007705469150096178,
  "provenance": {
    "md5sum": "ae06e9c6d9baa238d74227aec32d94ea",
    "settings": {
      "fd_thres": 0.2,
      "testing": false
    },
    "software": "mriqc",
    "version": "23.0.1",
    "webapi_port": null,
    "webapi_url": "https://mriqc.nimh.nih.gov/api/v1"
  },
  "size_t": 158,
  "size_x": 128,
  "size_y": 128,
  "size_z": 56,
  "snr": 2.0811192602599813,
  "spacing_tr": 1.25,
  "spacing_x": 2.0,
  "spacing_y": 2.0,
  "spacing_z": 2.0,
  "summary_bg_k": 82.12669386966517,
  "summary_bg_mad": 3.3123966506044065,
  "summary_bg_mean": 29.564224243164062,
  "summary_bg_median": 16.537975311279297,
  "summary_bg_n": 674761.0,
  "summary_bg_p05": 13.810127258300781,
  "summary_bg_p95": 88.2025375366211,
  "summary_bg_stdv": 50.98997116088867,
  "summary_fg_k": 1.3945316547580218,
  "summary_fg_mad": 268.3041272850373,
  "summary_fg_mean": 721.4430541992188,
  "summary_fg_median": 650.4050903320312,
  "summary_fg_n": 142007.0,
  "summary_fg_p05": 352.2886199951172,
  "summary_fg_p95": 1354.1677612304682,
  "summary_fg_stdv": 312.5254821777344,
  "tsnr": 28.540474828332663
}