{
  "aor": 0.0050918396226415094,
  "aqi": 0.013875735801886793,
  "bids_meta": {
    "AcquisitionMatrixPE": 128,
    "AcquisitionNumber": 1,
    "AcquisitionTime": "09:33:35.735000",
    "BandwidthPerPixelPhaseEncode": 23.321,
    "BaseResolution": 128,
    "BodyPartExamined": "BRAIN",
    "ConsistencyInfo": "N4_VE11A_LATEST_20140830",
    "ConversionSoftware": "dcm2niix",
    "ConversionSoftwareVersion": "v1.0.20190902",
    "DerivedVendorReportedEchoSpacing": 0.000669997,
    "DeviceSerialNumber": "45239",
    "DwellTime": 2.2e-06,
    "EchoTime": 0.03,
    "EchoTrainLength": 63,
    "EffectiveEchoSpacing": 0.000334999,
    "FlipAngle": 80,
    "ImageComments": "Unaliased_MB4_PE4_LB",
    "ImageOrientationPatientDICOM": [
      1,
      0,
      0,
      0,
      1,
      0
    ],
    "ImageType": [
      "ORIGINAL",
      "PRIMARY",
      "M",
      "MB",
      "ND",
      "MOSAIC"
    ],
    "ImagingFrequency": 123.224,
    "InPlanePhaseEncodingDirectionDICOM": "COL",
    "InstitutionAddress": "E_24th_St._100_Austin_Southmiddle_US_78712",
    "InstitutionName": "The_Univ._of_Texas_at_Austin_IRC",
    "InstitutionalDepartmentName": "IRC",
    "MRAcquisitionType": "2D",
    "MagneticFieldStrength": 3,
    "Manufacturer": "Siemens",
    "ManufacturersModelName": "Skyra",
    "Modality": "MR",
    "MultibandAccelerationFactor": 4,
    "ParallelReductionFactorInPlane": 2,
    "PartialFourier": 1,
    "PatientPosition": "HFS",
    "PercentPhaseFOV": 100,
    "PhaseEncodingDirection": "j-",
    "PhaseEncodingSteps": 127,
    "PhaseResolution": 1,
    "PixelBandwidth": 1775,
    "ProcedureStepDescription": "Booth_Language",
    "ProtocolName": "Plaus1",
    "PulseSequenceDetails": "%CustomerSeq%_cmrr_mbep2d_bold",
    "ReceiveCoilActiveElements": "HC1-6",
    "ReceiveCoilName": "HeadNeck_64",
    "ReconMatrixPE": 128,
    "RefLinesPE": 58,
    "RepetitionTime": 1.25,
    "SAR": 0.242243,
    "ScanOptions": "FS",
    "ScanningSequence": "EP",
    "SequenceName": "epfid2d1_128",
    "SequenceVariant": "SK_SS",
    "SeriesDescription": "Plaus1",
    "SeriesNumber": 12,
    "ShiftedAquisitionDate": "1817-01-29",
    "ShimSetting": [
      -2837,
      7906,
      -15587,
      -754,
      -832,
      -286,
      -15,
      163
    ],
    "SliceThickness": 2,
    "SliceTiming": [
      0,
      0.2625,
      0.5275,
      0.79,
      1.055,
      0.0875,
      0.3525,
      0.615,
      0.8775,
      1.1425,
      0.175,
      0.44,
      0.7025,
      0.9675,
      0,
      0.2625,
      0.5275,
      0.79,
      1.055,
      0.0875,
      0.3525,
      0.615,
      0.8775,
      1.1425,
      0.175,
      0.44,
      0.7025,
      0.9675,
      0,
      0.2625,
      0.5275,
      0.79,
      1.055,
      0.0875,
      0.3525,
      0.615,
      0.8775,
      1.1425,
      0.175,
      0.44,
      0.7025,
      0.9675,
      0,
      0.2625,
      0.5275,
      0.79,
      1.055,
      0.0875,
      0.3525,
      0.615,
      0.8775,
      1.1425,
      0.175,
      0.44,
      0.7025,
      0.9675
    ],
    "SoftwareVersions": "syngo_MR_E11",
    "SpacingBetweenSlices": 2,
    "StationName": "AWP45239",
    "TotalReadoutTime": 0.0425448,
    "TxRefAmp": 358.236,
    "WipMemBlock": "877968ef-4190-45f2-8a5f-d6132f60308e||Sequence: ve11a/master r/fabf655; Jul 21 2016 12:54:08 by eja",
    "acq_id": "D2S12",
    "dataset": "ds003604",
    "modality": "bold",
    "run_id": 1,
    "session_id": "7",
    "subject_id": "5043",
    "task_id": "Plaus"
  },
  "dummy_trs": 0,
  "dvars_nstd": 58.35441269345971,
  "dvars_std": 1.0812879953080574,
  "dvars_vstd": 1.0245664356398103,
  "efc": 0.43232978845733483,
  "fber": 1455.8226318359375,
  "fd_mean": 0.4562331894204619,
  "fd_num": 176,
  "fd_perc": 83.01886792452831,
  "fwhm_avg": 3.618356666666667,
  "fwhm_x": 3.359175,
  "fwhm_y": 3.709455,
  "fwhm_z": 3.78644,
  "gcor": 0.0288895,
  "gsr_x": -0.02139066345989704,
  "gsr_y": 0.008369285613298416,
  "provenance": {
    "md5sum": "b0faa1a08b973a97917809de94cede24",
    "settings": {
      "fd_thres": 0.2,
      "testing": false
    },
    "software": "mriqc",
    "version": "23.0.1",
    "webapi_port": null,
    "webapi_url": "https://mriqc.nimh.nih.gov/api/v1"
  },
  "size_t": 212,
  "size_x": 128,
  "size_y": 128,
  "size_z": 56,
  "snr": 2.086999997558289,
  "spacing_tr": 1.25,
  "spacing_x": 2.0,
  "spacing_y": 2.0,
  "spacing_z": 2.0,
  "summary_bg_k": 70.07801007087903,
  "summary_bg_mad": 3.1120654439689637,
  "summary_bg_mean": 28.962080001831055,
  "summary_bg_median": 16.339622497558594,
  "summary_bg_n": 674547.0,
  "summary_bg_p05": 13.811321258544922,
  "summary_bg_p95": 85.85848999023438,
  "summary_bg_stdv": 48.81480407714844,
  "summary_fg_k": 1.376852587726403,
  "summary_fg_mad": 252.78367825520513,
  "summary_fg_mean": 695.3262329101562,
  "summary_fg_median": 625.0518798828125,
  "summary_fg_n": 142351.0,
  "summary_fg_p05": 342.9575500488281,
  "summary_fg_p95": 1306.5047607421875,
  "summary_fg_stdv": 299.4967346191406,
  "tsnr": 23.416216454701498
}