{
  "aor": 0.004972516129032257,
  "aqi": 0.006669128967741935,
  "bids_meta": {
    "AcquisitionMatrixPE": 128,
    "AcquisitionNumber": 1,
    "AcquisitionTime": "09:15:16.177500",
    "BandwidthPerPixelPhaseEncode": 23.321,
    "BaseResolution": 128,
    "BodyPartExamined": "BRAIN",
    "ConsistencyInfo": "N4_VE11A_LATEST_20140830",
    "ConversionSoftware": "dcm2niix",
    "ConversionSoftwareVersion": "v1.0.20190902",
    "DerivedVendorReportedEchoSpacing": 0.000669997,
    "DeviceSerialNumber": "45239",
    "DwellTime": 2.2e-06,
    "EchoTime": 0.03,
    "EchoTrainLength": 63,
    "EffectiveEchoSpacing": 0.000334999,
    "FlipAngle": 80,
    "ImageComments": "Unaliased_MB4_PE4_LB",
    "ImageOrientationPatientDICOM": [
      1,
      0,
      0,
      0,
      1,
      0
    ],
    "ImageType": [
      "ORIGINAL",
      "PRIMARY",
      "M",
      "MB",
      "ND",
      "MOSAIC"
    ],
    "ImagingFrequency": 123.224,
    "InPlanePhaseEncodingDirectionDICOM": "COL",
    "InstitutionAddress": "E_24th_St._100_Austin_Southmiddle_US_78712",
    "InstitutionName": "The_Univ._of_Texas_at_Austin_IRC",
    "InstitutionalDepartmentName": "IRC",
    "MRAcquisitionType": "2D",
    "MagneticFieldStrength": 3,
    "Manufacturer": "Siemens",
    "ManufacturersModelName": "Skyra",
    "Modality": "MR",
    "MultibandAccelerationFactor": 4,
    "ParallelReductionFactorInPlane": 2,
    "PartialFourier": 1,
    "PatientPosition": "HFS",
    "PercentPhaseFOV": 100,
    "PhaseEncodingDirection": "j-",
    "PhaseEncodingSteps": 127,
    "PhaseResolution": 1,
    "PixelBandwidth": 1775,
    "ProcedureStepDescription": "Booth_Language",
    "ProtocolName": "SEM1",
    "PulseSequenceDetails": "%CustomerSeq%_cmrr_mbep2d_bold",
    "ReceiveCoilActiveElements": "HC1-6",
    "ReceiveCoilName": "HeadNeck_64",
    "ReconMatrixPE": 128,
    "RefLinesPE": 58,
    "RepetitionTime": 1.25,
    "SAR": 0.23879,
    "ScanOptions": "FS",
    "ScanningSequence": "EP",
    "SequenceName": "epfid2d1_128",
    "SequenceVariant": "SK_SS",
    "SeriesDescription": "SEM1",
    "SeriesNumber": 4,
    "ShiftedAquisitionDate": "1817-01-29",
    "ShimSetting": [
      -2837,
      7906,
      -15587,
      -754,
      -832,
      -286,
      -15,
      163
    ],
    "SliceThickness": 2,
    "SliceTiming": [
      0,
      0.2625,
      0.5275,
      0.79,
      1.0525,
      0.0875,
      0.35,
      0.615,
      0.8775,
      1.1425,
      0.175,
      0.4375,
      0.7025,
      0.965,
      0,
      0.2625,
      0.5275,
      0.79,
      1.0525,
      0.0875,
      0.35,
      0.615,
      0.8775,
      1.1425,
      0.175,
      0.4375,
      0.7025,
      0.965,
      0,
      0.2625,
      0.5275,
      0.79,
      1.0525,
      0.0875,
      0.35,
      0.615,
      0.8775,
      1.1425,
      0.175,
      0.4375,
      0.7025,
      0.965,
      0,
      0.2625,
      0.5275,
      0.79,
      1.0525,
      0.0875,
      0.35,
      0.615,
      0.8775,
      1.1425,
      0.175,
      0.4375,
      0.7025,
      0.965
    ],
    "SoftwareVersions": "syngo_MR_E11",
    "SpacingBetweenSlices": 2,
    "StationName": "AWP45239",
    "TotalReadoutTime": 0.0425448,
    "TxRefAmp": 358.236,
    "WipMemBlock": "05e76007-e43f-4533-ae4e-71a76adc95da||Sequence: ve11a/master r/fabf655; Jul 21 2016 12:54:08 by eja",
    "acq_id": "D2S4",
    "dataset": "ds003604",
    "modality": "bold",
    "run_id": 1,
    "session_id": "7",
    "subject_id": "5043",
    "task_id": "Sem"
  },
  "dummy_trs": 3,
  "dvars_nstd": 49.29135030246754,
  "dvars_std": 1.1060003369480518,
  "dvars_vstd": 1.0571193901948055,
  "efc": 0.43135043486835334,
  "fber": 1423.517578125,
  "fd_mean": 0.280533748128229,
  "fd_num": 103,
  "fd_perc": 66.45161290322581,
  "fwhm_avg": 3.655885,
  "fwhm_x": 3.397215,
  "fwhm_y": 3.73395,
  "fwhm_z": 3.83649,
  "gcor": 0.0159264,
  "gsr_x": -0.022315140813589096,
  "gsr_y": 0.014462483115494251,
  "provenance": {
    "md5sum": "dd2680bb59c75c7681ed70701e7c173e",
    "settings": {
      "fd_thres": 0.2,
      "testing": false
    },
    "software": "mriqc",
    "version": "23.0.1",
    "webapi_port": null,
    "webapi_url": "https://mriqc.nimh.nih.gov/api/v1"
  },
  "size_t": 155,
  "size_x": 128,
  "size_y": 128,
  "size_z": 56,
  "snr": 1.9858792785095996,
  "spacing_tr": 1.25,
  "spacing_x": 2.0,
  "spacing_y": 2.0,
  "spacing_z": 2.0,
  "summary_bg_k": 82.21630259184369,
  "summary_bg_mad": 3.2617245979283926,
  "summary_bg_mean": 29.304981231689453,
  "summary_bg_median": 16.52903175354004,
  "summary_bg_n": 672181.0,
  "summary_bg_p05": 13.92258071899414,
  "summary_bg_p95": 86.29032135009766,
  "summary_bg_stdv": 50.094139099121094,
  "summary_fg_k": 1.3404779712935966,
  "summary_fg_mad": 261.17715779484666,
  "summary_fg_mean": 702.81982421875,
  "summary_fg_median": 625.9161376953125,
  "summary_fg_n": 143828.0,
  "summary_fg_p05": 338.8970916748047,
  "summary_fg_p95": 1351.6338623046872,
  "summary_fg_stdv": 315.1822814941406,
  "tsnr": 29.34528158174362
}