{
  "aor": 0.0037824528301886795,
  "aqi": 0.00572220254716981,
  "bids_meta": {
    "AcquisitionMatrixPE": 128,
    "AcquisitionNumber": 1,
    "AcquisitionTime": "14:38:25.220000",
    "BandwidthPerPixelPhaseEncode": 22.645,
    "BaseResolution": 128,
    "BodyPartExamined": "BRAIN",
    "ConsistencyInfo": "N4_VD13A_LATEST_20120616",
    "ConversionSoftware": "dcm2niix",
    "ConversionSoftwareVersion": "v1.0.20190902",
    "DerivedVendorReportedEchoSpacing": 0.000689998,
    "DeviceSerialNumber": "45239",
    "DwellTime": 2.2e-06,
    "EchoTime": 0.03,
    "EchoTrainLength": 63,
    "EffectiveEchoSpacing": 0.000344999,
    "FlipAngle": 80,
    "ImageComments": "Unaliased_MB4_PE4",
    "ImageOrientationPatientDICOM": [
      1,
      -0.000234912,
      0.000651372,
      0.000231399,
      0.999985,
      0.00538791
    ],
    "ImageType": [
      "ORIGINAL",
      "PRIMARY",
      "M",
      "MB",
      "ND",
      "MOSAIC"
    ],
    "ImagingFrequency": 123.224,
    "InPlanePhaseEncodingDirectionDICOM": "COL",
    "InstitutionAddress": "E_24th_St._100_Austin_Southmiddle_US_78712",
    "InstitutionName": "The_Univ._of_Texas_at_Austin_IRC",
    "InstitutionalDepartmentName": "IRC",
    "MRAcquisitionType": "2D",
    "MagneticFieldStrength": 3,
    "Manufacturer": "Siemens",
    "ManufacturersModelName": "Skyra",
    "Modality": "MR",
    "MultibandAccelerationFactor": 4,
    "ParallelReductionFactorInPlane": 2,
    "PartialFourier": 1,
    "PatientPosition": "HFS",
    "PercentPhaseFOV": 100,
    "PhaseEncodingDirection": "j-",
    "PhaseEncodingSteps": 127,
    "PhaseResolution": 1,
    "PixelBandwidth": 1775,
    "ProcedureStepDescription": "Booth_Language",
    "ProtocolName": "Plaus1",
    "PulseSequenceDetails": "%CustomerSeq%_cmrr_mbep2d_bold",
    "ReceiveCoilActiveElements": "HC1-6",
    "ReceiveCoilName": "HeadNeck_64",
    "ReconMatrixPE": 128,
    "RefLinesPE": 100,
    "RepetitionTime": 1.25,
    "SAR": 0.223606,
    "ScanOptions": "FS",
    "ScanningSequence": "EP",
    "SequenceName": "epfid2d1_128",
    "SequenceVariant": "SK_SS",
    "SeriesDescription": "Plaus1",
    "SeriesNumber": 3,
    "ShiftedAquisitionDate": "1814-10-23",
    "ShimSetting": [
      -2898,
      8089,
      -15559,
      -1109,
      -282,
      98,
      -311,
      2
    ],
    "SliceThickness": 2,
    "SliceTiming": [
      0,
      0.265,
      0.5275,
      0.7925,
      1.055,
      0.09,
      0.3525,
      0.615,
      0.88,
      1.1425,
      0.1775,
      0.44,
      0.705,
      0.9675,
      0,
      0.265,
      0.5275,
      0.7925,
      1.055,
      0.09,
      0.3525,
      0.615,
      0.88,
      1.1425,
      0.1775,
      0.44,
      0.705,
      0.9675,
      0,
      0.265,
      0.5275,
      0.7925,
      1.055,
      0.09,
      0.3525,
      0.615,
      0.88,
      1.1425,
      0.1775,
      0.44,
      0.705,
      0.9675,
      0,
      0.265,
      0.5275,
      0.7925,
      1.055,
      0.09,
      0.3525,
      0.615,
      0.88,
      1.1425,
      0.1775,
      0.44,
      0.705,
      0.9675
    ],
    "SoftwareVersions": "syngo_MR_D13",
    "SpacingBetweenSlices": 2,
    "StationName": "AWP45239",
    "TotalReadoutTime": 0.0438149,
    "TxRefAmp": 338.774,
    "WipMemBlock": "1de0f2d1-05c7-4994-b5a1-f752bc4c2572||Sequence: vd13a/R012 r/b34510a; May 18 2015 10:31:31 by eja",
    "acq_id": "D2S3",
    "dataset": "ds003604",
    "modality": "bold",
    "run_id": 1,
    "session_id": "5",
    "subject_id": "5010",
    "task_id": "Plaus"
  },
  "dummy_trs": 0,
  "dvars_nstd": 49.61782162545024,
  "dvars_std": 1.1913689037440758,
  "dvars_vstd": 1.0320254427014215,
  "efc": 0.4295187833821481,
  "fber": 1491.1055908203125,
  "fd_mean": 0.3357392342849103,
  "fd_num": 151,
  "fd_perc": 71.22641509433963,
  "fwhm_avg": 3.6163066666666666,
  "fwhm_x": 3.446535,
  "fwhm_y": 3.7081,
  "fwhm_z": 3.694285,
  "gcor": 0.0227816,
  "gsr_x": -0.017643285915255547,
  "gsr_y": 0.012867357581853867,
  "provenance": {
    "md5sum": "d06014f2b88dd1652d53e862b6564af1",
    "settings": {
      "fd_thres": 0.2,
      "testing": false
    },
    "software": "mriqc",
    "version": "23.0.1",
    "webapi_port": null,
    "webapi_url": "https://mriqc.nimh.nih.gov/api/v1"
  },
  "size_t": 212,
  "size_x": 128,
  "size_y": 128,
  "size_z": 56,
  "snr": 2.2510947850324228,
  "spacing_tr": 1.25,
  "spacing_x": 2.0,
  "spacing_y": 2.0,
  "spacing_z": 2.0,
  "summary_bg_k": 74.7347674195561,
  "summary_bg_mad": 42.41501072761679,
  "summary_bg_mean": 374.6764831542969,
  "summary_bg_median": 228.42453002929688,
  "summary_bg_n": 675872.0,
  "summary_bg_p05": 194.03773498535156,
  "summary_bg_p95": 897.7825500488277,
  "summary_bg_stdv": 599.9172973632812,
  "summary_fg_k": 1.231652117666652,
  "summary_fg_mad": 3638.1386171070467,
  "summary_fg_mean": 9641.04296875,
  "summary_fg_median": 8869.4580078125,
  "summary_fg_n": 139063.0,
  "summary_fg_p05": 4813.43251953125,
  "summary_fg_p95": 17370.550390625,
  "summary_fg_stdv": 3940.050048828125,
  "tsnr": 35.14640808152035
}