{
  "aor": 0.0022851834862385317,
  "aqi": 0.010368178394495412,
  "bids_meta": {
    "AcquisitionMatrixPE": 128,
    "AcquisitionNumber": 1,
    "AcquisitionTime": "16:20:47.790000",
    "BandwidthPerPixelPhaseEncode": 23.321,
    "BaseResolution": 128,
    "BodyPartExamined": "BRAIN",
    "ConsistencyInfo": "N4_VE11A_LATEST_20140830",
    "ConversionSoftware": "dcm2niix",
    "ConversionSoftwareVersion": "v1.0.20190902",
    "DerivedVendorReportedEchoSpacing": 0.000669997,
    "DeviceSerialNumber": "45239",
    "DwellTime": 2.2e-06,
    "EchoTime": 0.03,
    "EchoTrainLength": 63,
    "EffectiveEchoSpacing": 0.000334999,
    "FlipAngle": 80,
    "ImageComments": "Unaliased_MB4_PE4_LB",
    "ImageOrientationPatientDICOM": [
      1,
      0,
      0,
      0,
      1,
      0
    ],
    "ImageType": [
      "ORIGINAL",
      "PRIMARY",
      "M",
      "MB",
      "ND",
      "MOSAIC"
    ],
    "ImagingFrequency": 123.224,
    "InPlanePhaseEncodingDirectionDICOM": "COL",
    "InstitutionAddress": "E_24th_St._100_Austin_Southmiddle_US_78712",
    "InstitutionName": "The_Univ._of_Texas_at_Austin_IRC",
    "InstitutionalDepartmentName": "IRC",
    "MRAcquisitionType": "2D",
    "MagneticFieldStrength": 3,
    "Manufacturer": "Siemens",
    "ManufacturersModelName": "Skyra",
    "Modality": "MR",
    "MultibandAccelerationFactor": 4,
    "ParallelReductionFactorInPlane": 2,
    "PartialFourier": 1,
    "PatientPosition": "HFS",
    "PercentPhaseFOV": 100,
    "PhaseEncodingDirection": "j-",
    "PhaseEncodingSteps": 127,
    "PhaseResolution": 1,
    "PixelBandwidth": 1775,
    "ProcedureStepDescription": "Booth_Language",
    "ProtocolName": "Gram1",
    "PulseSequenceDetails": "%CustomerSeq%_cmrr_mbep2d_bold",
    "ReceiveCoilActiveElements": "HC1-6",
    "ReceiveCoilName": "HeadNeck_64",
    "ReconMatrixPE": 128,
    "RefLinesPE": 58,
    "RepetitionTime": 1.25,
    "SAR": 0.283403,
    "ScanOptions": "FS",
    "ScanningSequence": "EP",
    "SequenceName": "epfid2d1_128",
    "SequenceVariant": "SK_SS",
    "SeriesDescription": "Gram1",
    "SeriesNumber": 11,
    "ShiftedAquisitionDate": "1816-02-04",
    "ShimSetting": [
      -2920,
      8016,
      -15477,
      -936,
      -215,
      -101,
      -394,
      33
    ],
    "SliceThickness": 2,
    "SliceTiming": [
      0,
      0.265,
      0.5275,
      0.7925,
      1.055,
      0.0875,
      0.3525,
      0.615,
      0.88,
      1.1425,
      0.1775,
      0.44,
      0.7025,
      0.9675,
      0,
      0.265,
      0.5275,
      0.7925,
      1.055,
      0.0875,
      0.3525,
      0.615,
      0.88,
      1.1425,
      0.1775,
      0.44,
      0.7025,
      0.9675,
      0,
      0.265,
      0.5275,
      0.7925,
      1.055,
      0.0875,
      0.3525,
      0.615,
      0.88,
      1.1425,
      0.1775,
      0.44,
      0.7025,
      0.9675,
      0,
      0.265,
      0.5275,
      0.7925,
      1.055,
      0.0875,
      0.3525,
      0.615,
      0.88,
      1.1425,
      0.1775,
      0.44,
      0.7025,
      0.9675
    ],
    "SoftwareVersions": "syngo_MR_E11",
    "SpacingBetweenSlices": 2,
    "StationName": "AWP45239",
    "TotalReadoutTime": 0.0425448,
    "TxRefAmp": 340.253,
    "WipMemBlock": "c851c02f-4ff8-4e2d-bdc6-97afb0224714||Sequence: ve11a/master r/fabf655; Jul 21 2016 12:54:08 by eja",
    "acq_id": "D1S11",
    "dataset": "ds003604",
    "modality": "bold",
    "run_id": 1,
    "session_id": "7",
    "subject_id": "5034",
    "task_id": "Gram"
  },
  "dummy_trs": 0,
  "dvars_nstd": 60.75046047096774,
  "dvars_std": 1.2940322355760372,
  "dvars_vstd": 1.0226832392626735,
  "efc": 0.4422745510661822,
  "fber": 1700.371826171875,
  "fd_mean": 0.24512942438692634,
  "fd_num": 100,
  "fd_perc": 45.87155963302752,
  "fwhm_avg": 3.7589866666666665,
  "fwhm_x": 3.54262,
  "fwhm_y": 3.727585,
  "fwhm_z": 4.006755,
  "gcor": 0.013929,
  "gsr_x": -0.023774689063429832,
  "gsr_y": 0.012769087217748165,
  "provenance": {
    "md5sum": "700cee49553927ba5051941273a27c97",
    "settings": {
      "fd_thres": 0.2,
      "testing": false
    },
    "software": "mriqc",
    "version": "23.0.1",
    "webapi_port": null,
    "webapi_url": "https://mriqc.nimh.nih.gov/api/v1"
  },
  "size_t": 218,
  "size_x": 128,
  "size_y": 128,
  "size_z": 56,
  "snr": 2.03684610617586,
  "spacing_tr": 1.25,
  "spacing_x": 2.0,
  "spacing_y": 2.0,
  "spacing_z": 2.0,
  "summary_bg_k": 40.80159856122652,
  "summary_bg_mad": 3.5772888427088896,
  "summary_bg_mean": 31.60928726196289,
  "summary_bg_median": 16.894495010375977,
  "summary_bg_n": 656104.0,
  "summary_bg_p05": 14.105504035949707,
  "summary_bg_p95": 95.65068588256825,
  "summary_bg_stdv": 56.945858001708984,
  "summary_fg_k": 2.0723507637950984,
  "summary_fg_mad": 281.12993954346683,
  "summary_fg_mean": 783.1190795898438,
  "summary_fg_median": 699.3990478515625,
  "summary_fg_n": 156287.0,
  "summary_fg_p05": 395.1619049072266,
  "summary_fg_p95": 1481.6966674804682,
  "summary_fg_stdv": 343.3724365234375,
  "tsnr": 29.26342544425279
}