{
  "aor": 0.01241440366972477,
  "aqi": 0.02260181013761468,
  "bids_meta": {
    "AcquisitionMatrixPE": 128,
    "AcquisitionNumber": 1,
    "AcquisitionTime": "12:27:2.837500",
    "BandwidthPerPixelPhaseEncode": 23.321,
    "BaseResolution": 128,
    "BodyPartExamined": "BRAIN",
    "ConsistencyInfo": "N4_VE11C_LATEST_20160120",
    "ConversionSoftware": "dcm2niix",
    "ConversionSoftwareVersion": "v1.0.20190902",
    "DerivedVendorReportedEchoSpacing": 0.000669997,
    "DeviceSerialNumber": "45239",
    "DwellTime": 2.2e-06,
    "EchoTime": 0.03,
    "EchoTrainLength": 63,
    "EffectiveEchoSpacing": 0.000334999,
    "FlipAngle": 80,
    "ImageComments": "Unaliased_MB4_PE4_LB",
    "ImageOrientationPatientDICOM": [
      1,
      0,
      0,
      0,
      1,
      0
    ],
    "ImageType": [
      "ORIGINAL",
      "PRIMARY",
      "M",
      "MB",
      "ND",
      "MOSAIC"
    ],
    "ImagingFrequency": 123.186,
    "InPlanePhaseEncodingDirectionDICOM": "COL",
    "InstitutionAddress": "E_24th_St._100_Austin_Southmiddle_US_78712",
    "InstitutionName": "The_Univ._of_Texas_at_Austin_IRC",
    "InstitutionalDepartmentName": "IRC",
    "MRAcquisitionType": "2D",
    "MagneticFieldStrength": 3,
    "Manufacturer": "Siemens",
    "ManufacturersModelName": "Skyra",
    "Modality": "MR",
    "MultibandAccelerationFactor": 4,
    "ParallelReductionFactorInPlane": 2,
    "PartialFourier": 1,
    "PatientPosition": "HFS",
    "PercentPhaseFOV": 100,
    "PhaseEncodingDirection": "j-",
    "PhaseEncodingSteps": 127,
    "PhaseResolution": 1,
    "PixelBandwidth": 1775,
    "ProcedureStepDescription": "Booth_Language",
    "ProtocolName": "Gram2",
    "PulseSequenceDetails": "%CustomerSeq%_cmrr_mbep2d_bold",
    "ReceiveCoilActiveElements": "HC3-6",
    "ReceiveCoilName": "HeadNeck_64",
    "ReconMatrixPE": 128,
    "RefLinesPE": 58,
    "RepetitionTime": 1.25,
    "SAR": 0.20936,
    "ScanOptions": "FS",
    "ScanningSequence": "EP",
    "SequenceName": "epfid2d1_128",
    "SequenceVariant": "SK_SS",
    "SeriesDescription": "Gram2",
    "SeriesNumber": 3,
    "ShiftedAquisitionDate": "1819-06-02",
    "ShimSetting": [
      -2767,
      7805,
      -15363,
      -85,
      574,
      -971,
      258,
      90
    ],
    "SliceThickness": 2,
    "SliceTiming": [
      0,
      0.2625,
      0.5275,
      0.79,
      1.055,
      0.0875,
      0.3525,
      0.615,
      0.8775,
      1.1425,
      0.175,
      0.44,
      0.7025,
      0.9675,
      0,
      0.2625,
      0.5275,
      0.79,
      1.055,
      0.0875,
      0.3525,
      0.615,
      0.8775,
      1.1425,
      0.175,
      0.44,
      0.7025,
      0.9675,
      0,
      0.2625,
      0.5275,
      0.79,
      1.055,
      0.0875,
      0.3525,
      0.615,
      0.8775,
      1.1425,
      0.175,
      0.44,
      0.7025,
      0.9675,
      0,
      0.2625,
      0.5275,
      0.79,
      1.055,
      0.0875,
      0.3525,
      0.615,
      0.8775,
      1.1425,
      0.175,
      0.44,
      0.7025,
      0.9675
    ],
    "SoftwareVersions": "syngo_MR_E11",
    "SpacingBetweenSlices": 2,
    "StationName": "AWP45239",
    "TotalReadoutTime": 0.0425448,
    "TxRefAmp": 328.273,
    "WipMemBlock": "75dfd43f-ce97-4c39-9e9e-b43d7b2811ab||Sequence: R016 ve11c/master r/e634e98; Dec 19 2017 11:00:25 by eja",
    "acq_id": "D1S3",
    "dataset": "ds003604",
    "modality": "bold",
    "run_id": 2,
    "session_id": "7",
    "subject_id": "5574",
    "task_id": "Gram"
  },
  "dummy_trs": 0,
  "dvars_nstd": 82.38474440691247,
  "dvars_std": 1.2144941199539172,
  "dvars_vstd": 1.0673012617972353,
  "efc": 0.4307088444669582,
  "fber": 2954.197021484375,
  "fd_mean": 0.6760455345197174,
  "fd_num": 131,
  "fd_perc": 60.091743119266056,
  "fwhm_avg": 3.5334116666666664,
  "fwhm_x": 3.280455,
  "fwhm_y": 3.652475,
  "fwhm_z": 3.667305,
  "gcor": 0.0535588,
  "gsr_x": -0.011343770660459995,
  "gsr_y": 0.017853781580924988,
  "provenance": {
    "md5sum": "2e8d41d778b3a365b90d0923f858b56f",
    "settings": {
      "fd_thres": 0.2,
      "testing": false
    },
    "software": "mriqc",
    "version": "23.0.1",
    "webapi_port": null,
    "webapi_url": "https://mriqc.nimh.nih.gov/api/v1"
  },
  "size_t": 218,
  "size_x": 128,
  "size_y": 128,
  "size_z": 56,
  "snr": 2.3629110257960764,
  "spacing_tr": 1.25,
  "spacing_x": 2.0,
  "spacing_y": 2.0,
  "spacing_z": 2.0,
  "summary_bg_k": 77.30904558675839,
  "summary_bg_mad": 4.332190445144641,
  "summary_bg_mean": 22.42580795288086,
  "summary_bg_median": 11.614678382873535,
  "summary_bg_n": 662548.0,
  "summary_bg_p05": 7.912843704223633,
  "summary_bg_p95": 72.17889404296875,
  "summary_bg_stdv": 41.71934509277344,
  "summary_fg_k": 0.7762275528299072,
  "summary_fg_mad": 250.89300751226403,
  "summary_fg_mean": 679.15380859375,
  "summary_fg_median": 627.67431640625,
  "summary_fg_n": 152168.0,
  "summary_fg_p05": 354.6192626953125,
  "summary_fg_p95": 1189.1446472167968,
  "summary_fg_stdv": 265.6351623535156,
  "tsnr": 18.619191074976698
}