{
  "aor": 0.018918486238532106,
  "aqi": 0.02092935399082569,
  "bids_meta": {
    "AcquisitionMatrixPE": 128,
    "AcquisitionNumber": 1,
    "AcquisitionTime": "12:35:51.597500",
    "BandwidthPerPixelPhaseEncode": 23.321,
    "BaseResolution": 128,
    "BodyPartExamined": "BRAIN",
    "ConsistencyInfo": "N4_VE11C_LATEST_20160120",
    "ConversionSoftware": "dcm2niix",
    "ConversionSoftwareVersion": "v1.0.20190902",
    "DerivedVendorReportedEchoSpacing": 0.000669997,
    "DeviceSerialNumber": "45239",
    "DwellTime": 2.2e-06,
    "EchoTime": 0.03,
    "EchoTrainLength": 63,
    "EffectiveEchoSpacing": 0.000334999,
    "FlipAngle": 80,
    "ImageComments": "Unaliased_MB4_PE4_LB",
    "ImageOrientationPatientDICOM": [
      1,
      0,
      0,
      0,
      1,
      0
    ],
    "ImageType": [
      "ORIGINAL",
      "PRIMARY",
      "M",
      "MB",
      "ND",
      "MOSAIC"
    ],
    "ImagingFrequency": 123.186,
    "InPlanePhaseEncodingDirectionDICOM": "COL",
    "InstitutionAddress": "E_24th_St._100_Austin_Southmiddle_US_78712",
    "InstitutionName": "The_Univ._of_Texas_at_Austin_IRC",
    "InstitutionalDepartmentName": "IRC",
    "MRAcquisitionType": "2D",
    "MagneticFieldStrength": 3,
    "Manufacturer": "Siemens",
    "ManufacturersModelName": "Skyra",
    "Modality": "MR",
    "MultibandAccelerationFactor": 4,
    "ParallelReductionFactorInPlane": 2,
    "PartialFourier": 1,
    "PatientPosition": "HFS",
    "PercentPhaseFOV": 100,
    "PhaseEncodingDirection": "j-",
    "PhaseEncodingSteps": 127,
    "PhaseResolution": 1,
    "PixelBandwidth": 1775,
    "ProcedureStepDescription": "Booth_Language",
    "ProtocolName": "Gram1",
    "PulseSequenceDetails": "%CustomerSeq%_cmrr_mbep2d_bold",
    "ReceiveCoilActiveElements": "HC3-6",
    "ReceiveCoilName": "HeadNeck_64",
    "ReconMatrixPE": 128,
    "RefLinesPE": 58,
    "RepetitionTime": 1.25,
    "SAR": 0.20936,
    "ScanOptions": "FS",
    "ScanningSequence": "EP",
    "SequenceName": "epfid2d1_128",
    "SequenceVariant": "SK_SS",
    "SeriesDescription": "Gram1",
    "SeriesNumber": 7,
    "ShiftedAquisitionDate": "1819-06-02",
    "ShimSetting": [
      -2767,
      7805,
      -15363,
      -85,
      574,
      -971,
      258,
      90
    ],
    "SliceThickness": 2,
    "SliceTiming": [
      0,
      0.2625,
      0.5275,
      0.79,
      1.055,
      0.0875,
      0.3525,
      0.615,
      0.8775,
      1.1425,
      0.175,
      0.44,
      0.7025,
      0.9675,
      0,
      0.2625,
      0.5275,
      0.79,
      1.055,
      0.0875,
      0.3525,
      0.615,
      0.8775,
      1.1425,
      0.175,
      0.44,
      0.7025,
      0.9675,
      0,
      0.2625,
      0.5275,
      0.79,
      1.055,
      0.0875,
      0.3525,
      0.615,
      0.8775,
      1.1425,
      0.175,
      0.44,
      0.7025,
      0.9675,
      0,
      0.2625,
      0.5275,
      0.79,
      1.055,
      0.0875,
      0.3525,
      0.615,
      0.8775,
      1.1425,
      0.175,
      0.44,
      0.7025,
      0.9675
    ],
    "SoftwareVersions": "syngo_MR_E11",
    "SpacingBetweenSlices": 2,
    "StationName": "AWP45239",
    "TotalReadoutTime": 0.0425448,
    "TxRefAmp": 328.273,
    "WipMemBlock": "2f2c26a9-22ff-4e56-8d5c-e4dfe1e9322f||Sequence: R016 ve11c/master r/e634e98; Dec 19 2017 11:00:25 by eja",
    "acq_id": "D1S7",
    "dataset": "ds003604",
    "modality": "bold",
    "run_id": 1,
    "session_id": "7",
    "subject_id": "5574",
    "task_id": "Gram"
  },
  "dummy_trs": 0,
  "dvars_nstd": 84.08079071760369,
  "dvars_std": 1.379768070645162,
  "dvars_vstd": 1.1812767723502307,
  "efc": 0.43421783900718114,
  "fber": 2817.90576171875,
  "fd_mean": 0.6217918321383685,
  "fd_num": 119,
  "fd_perc": 54.58715596330275,
  "fwhm_avg": 3.5397266666666667,
  "fwhm_x": 3.31301,
  "fwhm_y": 3.66088,
  "fwhm_z": 3.64529,
  "gcor": 0.0294733,
  "gsr_x": -0.013012302108108997,
  "gsr_y": 0.019060645252466202,
  "provenance": {
    "md5sum": "6677b72b2809c4dba9560bb6fad266e5",
    "settings": {
      "fd_thres": 0.2,
      "testing": false
    },
    "software": "mriqc",
    "version": "23.0.1",
    "webapi_port": null,
    "webapi_url": "https://mriqc.nimh.nih.gov/api/v1"
  },
  "size_t": 218,
  "size_x": 128,
  "size_y": 128,
  "size_z": 56,
  "snr": 2.291489010086188,
  "spacing_tr": 1.25,
  "spacing_x": 2.0,
  "spacing_y": 2.0,
  "spacing_z": 2.0,
  "summary_bg_k": 72.2112103048978,
  "summary_bg_mad": 4.556621912337667,
  "summary_bg_mean": 23.30323028564453,
  "summary_bg_median": 11.885320663452148,
  "summary_bg_n": 658869.0,
  "summary_bg_p05": 8.123852729797363,
  "summary_bg_p95": 76.30091552734365,
  "summary_bg_stdv": 43.892276763916016,
  "summary_fg_k": 0.8234572760859211,
  "summary_fg_mad": 255.33058870081973,
  "summary_fg_mean": 687.6937866210938,
  "summary_fg_median": 631.1949462890625,
  "summary_fg_n": 155260.0,
  "summary_fg_p05": 356.4309539794922,
  "summary_fg_p95": 1223.5150512695309,
  "summary_fg_stdv": 275.45098876953125,
  "tsnr": 19.72956024442101
}