{
  "aor": 0.009624303797468352,
  "aqi": 0.01147311582278481,
  "bids_meta": {
    "AcquisitionMatrixPE": 128,
    "AcquisitionNumber": 1,
    "AcquisitionTime": "16:17:53.405000",
    "BandwidthPerPixelPhaseEncode": 23.321,
    "BaseResolution": 128,
    "BodyPartExamined": "BRAIN",
    "ConsistencyInfo": "N4_VE11A_LATEST_20140830",
    "ConversionSoftware": "dcm2niix",
    "ConversionSoftwareVersion": "v1.0.20190902",
    "DerivedVendorReportedEchoSpacing": 0.000669997,
    "DeviceSerialNumber": "45239",
    "DwellTime": 2.2e-06,
    "EchoTime": 0.03,
    "EchoTrainLength": 63,
    "EffectiveEchoSpacing": 0.000334999,
    "FlipAngle": 80,
    "ImageComments": "Unaliased_MB4_PE4_LB",
    "ImageOrientationPatientDICOM": [
      1,
      0,
      0,
      0,
      1,
      0
    ],
    "ImageType": [
      "ORIGINAL",
      "PRIMARY",
      "M",
      "MB",
      "ND",
      "MOSAIC"
    ],
    "ImagingFrequency": 123.225,
    "InPlanePhaseEncodingDirectionDICOM": "COL",
    "InstitutionAddress": "E_24th_St._100_Austin_Southmiddle_US_78712",
    "InstitutionName": "The_Univ._of_Texas_at_Austin_IRC",
    "InstitutionalDepartmentName": "IRC",
    "MRAcquisitionType": "2D",
    "MagneticFieldStrength": 3,
    "Manufacturer": "Siemens",
    "ManufacturersModelName": "Skyra",
    "Modality": "MR",
    "MultibandAccelerationFactor": 4,
    "ParallelReductionFactorInPlane": 2,
    "PartialFourier": 1,
    "PatientPosition": "HFS",
    "PercentPhaseFOV": 100,
    "PhaseEncodingDirection": "j-",
    "PhaseEncodingSteps": 127,
    "PhaseResolution": 1,
    "PixelBandwidth": 1775,
    "ProcedureStepDescription": "Booth_Language",
    "ProtocolName": "Phon2",
    "PulseSequenceDetails": "%CustomerSeq%_cmrr_mbep2d_bold",
    "ReceiveCoilActiveElements": "HC1-6",
    "ReceiveCoilName": "HeadNeck_64",
    "ReconMatrixPE": 128,
    "RefLinesPE": 58,
    "RepetitionTime": 1.25,
    "SAR": 0.476651,
    "ScanOptions": "FS",
    "ScanningSequence": "EP",
    "SequenceName": "epfid2d1_128",
    "SequenceVariant": "SK_SS",
    "SeriesDescription": "Phon2",
    "SeriesNumber": 4,
    "ShiftedAquisitionDate": "1816-12-26",
    "ShimSetting": [
      -2909,
      7934,
      -15345,
      54,
      416,
      -447,
      23,
      -147
    ],
    "SliceThickness": 2,
    "SliceTiming": [
      0,
      0.2625,
      0.5275,
      0.79,
      1.055,
      0.0875,
      0.3525,
      0.615,
      0.8775,
      1.1425,
      0.175,
      0.44,
      0.7025,
      0.9675,
      0,
      0.2625,
      0.5275,
      0.79,
      1.055,
      0.0875,
      0.3525,
      0.615,
      0.8775,
      1.1425,
      0.175,
      0.44,
      0.7025,
      0.9675,
      0,
      0.2625,
      0.5275,
      0.79,
      1.055,
      0.0875,
      0.3525,
      0.615,
      0.8775,
      1.1425,
      0.175,
      0.44,
      0.7025,
      0.9675,
      0,
      0.2625,
      0.5275,
      0.79,
      1.055,
      0.0875,
      0.3525,
      0.615,
      0.8775,
      1.1425,
      0.175,
      0.44,
      0.7025,
      0.9675
    ],
    "SoftwareVersions": "syngo_MR_E11",
    "SpacingBetweenSlices": 2,
    "StationName": "AWP45239",
    "TotalReadoutTime": 0.0425448,
    "TxRefAmp": 337.062,
    "WipMemBlock": "a3b1013d-a3f3-4935-808f-6e91be327e5c||Sequence: ve11a/master r/5a7612f; Mar  3 2017 11:38:58 by eja",
    "acq_id": "D2S4",
    "dataset": "ds003604",
    "modality": "bold",
    "run_id": 2,
    "session_id": "7",
    "subject_id": "5393",
    "task_id": "Phon"
  },
  "dummy_trs": 0,
  "dvars_nstd": 49.4988217201274,
  "dvars_std": 1.1214504901273885,
  "dvars_vstd": 1.0740825356050954,
  "efc": 0.4081336619284234,
  "fber": 3331.20361328125,
  "fd_mean": 0.3797893046972144,
  "fd_num": 75,
  "fd_perc": 47.46835443037975,
  "fwhm_avg": 3.406115,
  "fwhm_x": 3.126365,
  "fwhm_y": 3.589515,
  "fwhm_z": 3.502465,
  "gcor": 0.0312399,
  "gsr_x": -0.01468310970813036,
  "gsr_y": 0.005811890587210655,
  "provenance": {
    "md5sum": "dc783cd166478597fd96737518e68ec2",
    "settings": {
      "fd_thres": 0.2,
      "testing": false
    },
    "software": "mriqc",
    "version": "23.0.1",
    "webapi_port": null,
    "webapi_url": "https://mriqc.nimh.nih.gov/api/v1"
  },
  "size_t": 158,
  "size_x": 128,
  "size_y": 128,
  "size_z": 56,
  "snr": 2.519743834700467,
  "spacing_tr": 1.25,
  "spacing_x": 2.0,
  "spacing_y": 2.0,
  "spacing_z": 2.0,
  "summary_bg_k": 62.28809535215777,
  "summary_bg_mad": 2.9276705257902247,
  "summary_bg_mean": 22.842315673828125,
  "summary_bg_median": 11.531645774841309,
  "summary_bg_n": 688095.0,
  "summary_bg_p05": 9.120253562927246,
  "summary_bg_p95": 68.31645965576172,
  "summary_bg_stdv": 45.966007232666016,
  "summary_fg_k": 0.8246504210659906,
  "summary_fg_mad": 247.19107175433223,
  "summary_fg_mean": 704.9841918945312,
  "summary_fg_median": 664.2152099609375,
  "summary_fg_n": 129289.0,
  "summary_fg_p05": 361.13165283203125,
  "summary_fg_p95": 1213.2899169921873,
  "summary_fg_stdv": 263.6032409667969,
  "tsnr": 25.66383101651445
}