{
  "aor": 0.0033386792452830194,
  "aqi": 0.0064802767452830186,
  "bids_meta": {
    "AcquisitionMatrixPE": 128,
    "AcquisitionNumber": 1,
    "AcquisitionTime": "16:08:36.412500",
    "BandwidthPerPixelPhaseEncode": 23.321,
    "BaseResolution": 128,
    "BodyPartExamined": "BRAIN",
    "ConsistencyInfo": "N4_VE11A_LATEST_20140830",
    "ConversionSoftware": "dcm2niix",
    "ConversionSoftwareVersion": "v1.0.20190902",
    "DerivedVendorReportedEchoSpacing": 0.000669997,
    "DeviceSerialNumber": "45239",
    "DwellTime": 2.2e-06,
    "EchoTime": 0.03,
    "EchoTrainLength": 63,
    "EffectiveEchoSpacing": 0.000334999,
    "FlipAngle": 80,
    "ImageComments": "Unaliased_MB4_PE4_LB",
    "ImageOrientationPatientDICOM": [
      1,
      0,
      0,
      0,
      1,
      0
    ],
    "ImageType": [
      "ORIGINAL",
      "PRIMARY",
      "M",
      "MB",
      "ND",
      "MOSAIC"
    ],
    "ImagingFrequency": 123.225,
    "InPlanePhaseEncodingDirectionDICOM": "COL",
    "InstitutionAddress": "E_24th_St._100_Austin_Southmiddle_US_78712",
    "InstitutionName": "The_Univ._of_Texas_at_Austin_IRC",
    "InstitutionalDepartmentName": "IRC",
    "MRAcquisitionType": "2D",
    "MagneticFieldStrength": 3,
    "Manufacturer": "Siemens",
    "ManufacturersModelName": "Skyra",
    "Modality": "MR",
    "MultibandAccelerationFactor": 4,
    "ParallelReductionFactorInPlane": 2,
    "PartialFourier": 1,
    "PatientPosition": "HFS",
    "PercentPhaseFOV": 100,
    "PhaseEncodingDirection": "j-",
    "PhaseEncodingSteps": 127,
    "PhaseResolution": 1,
    "PixelBandwidth": 1775,
    "ProcedureStepDescription": "Booth_Language",
    "ProtocolName": "Plaus2",
    "PulseSequenceDetails": "%CustomerSeq%_cmrr_mbep2d_bold",
    "ReceiveCoilActiveElements": "HC1-6",
    "ReceiveCoilName": "HeadNeck_64",
    "ReconMatrixPE": 128,
    "RefLinesPE": 58,
    "RepetitionTime": 1.25,
    "SAR": 0.31019,
    "ScanOptions": "FS",
    "ScanningSequence": "EP",
    "SequenceName": "epfid2d1_128",
    "SequenceVariant": "SK_SS",
    "SeriesDescription": "Plaus2",
    "SeriesNumber": 3,
    "ShiftedAquisitionDate": "1816-11-29",
    "ShimSetting": [
      -2889,
      7893,
      -15385,
      99,
      238,
      -545,
      104,
      20
    ],
    "SliceThickness": 2,
    "SliceTiming": [
      0,
      0.2625,
      0.5275,
      0.79,
      1.055,
      0.0875,
      0.3525,
      0.615,
      0.8775,
      1.1425,
      0.175,
      0.44,
      0.7025,
      0.9675,
      0,
      0.2625,
      0.5275,
      0.79,
      1.055,
      0.0875,
      0.3525,
      0.615,
      0.8775,
      1.1425,
      0.175,
      0.44,
      0.7025,
      0.9675,
      0,
      0.2625,
      0.5275,
      0.79,
      1.055,
      0.0875,
      0.3525,
      0.615,
      0.8775,
      1.1425,
      0.175,
      0.44,
      0.7025,
      0.9675,
      0,
      0.2625,
      0.5275,
      0.79,
      1.055,
      0.0875,
      0.3525,
      0.615,
      0.8775,
      1.1425,
      0.175,
      0.44,
      0.7025,
      0.9675
    ],
    "SoftwareVersions": "syngo_MR_E11",
    "SpacingBetweenSlices": 2,
    "StationName": "AWP45239",
    "TotalReadoutTime": 0.0425448,
    "TxRefAmp": 344.303,
    "WipMemBlock": "a06ed2c0-fecb-4373-af29-e4d8ec357688||Sequence: ve11a/master r/5a7612f; Mar  3 2017 11:38:58 by eja",
    "acq_id": "D1S3",
    "dataset": "ds003604",
    "modality": "bold",
    "run_id": 2,
    "session_id": "7",
    "subject_id": "5393",
    "task_id": "Plaus"
  },
  "dummy_trs": 0,
  "dvars_nstd": 41.868797085355425,
  "dvars_std": 1.0822262453554508,
  "dvars_vstd": 1.0227886420379146,
  "efc": 0.4061944475143917,
  "fber": 3161.01416015625,
  "fd_mean": 0.20151554218881515,
  "fd_num": 60,
  "fd_perc": 28.30188679245283,
  "fwhm_avg": 3.456313404676124,
  "fwhm_x": 3.16262,
  "fwhm_y": 3.61552,
  "fwhm_z": 3.5908002140283712,
  "gcor": 0.00654477,
  "gsr_x": -0.01583828777074814,
  "gsr_y": 0.008184329606592655,
  "provenance": {
    "md5sum": "66365458aae6fee4b9fd956e1f75a0f8",
    "settings": {
      "fd_thres": 0.2,
      "testing": false
    },
    "software": "mriqc",
    "version": "23.0.1",
    "webapi_port": null,
    "webapi_url": "https://mriqc.nimh.nih.gov/api/v1"
  },
  "size_t": 212,
  "size_x": 128,
  "size_y": 128,
  "size_z": 56,
  "snr": 2.2714987674486973,
  "spacing_tr": 1.25,
  "spacing_x": 2.0,
  "spacing_y": 2.0,
  "spacing_z": 1.9999998807907104,
  "summary_bg_k": 57.749065606817865,
  "summary_bg_mad": 3.1190586905936515,
  "summary_bg_mean": 24.110294342041016,
  "summary_bg_median": 11.745283126831055,
  "summary_bg_n": 687330.0,
  "summary_bg_p05": 9.169811248779297,
  "summary_bg_p95": 70.72429580688444,
  "summary_bg_stdv": 50.70389938354492,
  "summary_fg_k": 1.341107439404805,
  "summary_fg_mad": 253.84319046683677,
  "summary_fg_mean": 716.8375854492188,
  "summary_fg_median": 660.6061401367188,
  "summary_fg_n": 129848.0,
  "summary_fg_p05": 359.0912750244141,
  "summary_fg_p95": 1297.3115295410153,
  "summary_fg_stdv": 290.8227844238281,
  "tsnr": 32.902906618779525
}