{
  "aor": 0.00335624203821656,
  "aqi": 0.011509681146496815,
  "bids_meta": {
    "AcquisitionMatrixPE": 128,
    "AcquisitionNumber": 1,
    "AcquisitionTime": "11:37:12.112500",
    "BandwidthPerPixelPhaseEncode": 23.321,
    "BaseResolution": 128,
    "BodyPartExamined": "BRAIN",
    "ConsistencyInfo": "N4_VE11C_LATEST_20160120",
    "ConversionSoftware": "dcm2niix",
    "ConversionSoftwareVersion": "v1.0.20190902",
    "DerivedVendorReportedEchoSpacing": 0.000669997,
    "DeviceSerialNumber": "45239",
    "DwellTime": 2.2e-06,
    "EchoTime": 0.03,
    "EchoTrainLength": 63,
    "EffectiveEchoSpacing": 0.000334999,
    "FlipAngle": 80,
    "ImageComments": "Unaliased_MB4_PE4_LB",
    "ImageOrientationPatientDICOM": [
      1,
      0,
      0,
      0,
      1,
      0
    ],
    "ImageType": [
      "ORIGINAL",
      "PRIMARY",
      "M",
      "MB",
      "ND",
      "MOSAIC"
    ],
    "ImagingFrequency": 123.186,
    "InPlanePhaseEncodingDirectionDICOM": "COL",
    "InstitutionAddress": "E_24th_St._100_Austin_Southmiddle_US_78712",
    "InstitutionName": "The_Univ._of_Texas_at_Austin_IRC",
    "InstitutionalDepartmentName": "IRC",
    "MRAcquisitionType": "2D",
    "MagneticFieldStrength": 3,
    "Manufacturer": "Siemens",
    "ManufacturersModelName": "Skyra",
    "Modality": "MR",
    "MultibandAccelerationFactor": 4,
    "ParallelReductionFactorInPlane": 2,
    "PartialFourier": 1,
    "PatientPosition": "HFS",
    "PercentPhaseFOV": 100,
    "PhaseEncodingDirection": "j-",
    "PhaseEncodingSteps": 127,
    "PhaseResolution": 1,
    "PixelBandwidth": 1775,
    "ProcedureStepDescription": "Booth_Language",
    "ProtocolName": "SEM1",
    "PulseSequenceDetails": "%CustomerSeq%_cmrr_mbep2d_bold",
    "ReceiveCoilActiveElements": "HC3-6",
    "ReceiveCoilName": "HeadNeck_64",
    "ReconMatrixPE": 128,
    "RefLinesPE": 58,
    "RepetitionTime": 1.25,
    "SAR": 0.154242,
    "ScanOptions": "FS",
    "ScanningSequence": "EP",
    "SequenceName": "epfid2d1_128",
    "SequenceVariant": "SK_SS",
    "SeriesDescription": "SEM1",
    "SeriesNumber": 17,
    "ShiftedAquisitionDate": "1818-11-05",
    "ShimSetting": [
      -2752,
      7805,
      -15328,
      233,
      521,
      -713,
      84,
      93
    ],
    "SliceThickness": 2,
    "SliceTiming": [
      0,
      0.2625,
      0.5275,
      0.79,
      1.055,
      0.0875,
      0.35,
      0.615,
      0.8775,
      1.1425,
      0.175,
      0.44,
      0.7025,
      0.965,
      0,
      0.2625,
      0.5275,
      0.79,
      1.055,
      0.0875,
      0.35,
      0.615,
      0.8775,
      1.1425,
      0.175,
      0.44,
      0.7025,
      0.965,
      0,
      0.2625,
      0.5275,
      0.79,
      1.055,
      0.0875,
      0.35,
      0.615,
      0.8775,
      1.1425,
      0.175,
      0.44,
      0.7025,
      0.965,
      0,
      0.2625,
      0.5275,
      0.79,
      1.055,
      0.0875,
      0.35,
      0.615,
      0.8775,
      1.1425,
      0.175,
      0.44,
      0.7025,
      0.965
    ],
    "SoftwareVersions": "syngo_MR_E11",
    "SpacingBetweenSlices": 2,
    "StationName": "AWP45239",
    "TotalReadoutTime": 0.0425448,
    "TxRefAmp": 328.006,
    "WipMemBlock": "d081c775-5c8d-4aae-8ff6-5249538e0411||Sequence: R016 ve11c/master r/e634e98; Dec 19 2017 11:00:25 by eja",
    "acq_id": "D2S17",
    "dataset": "ds003604",
    "modality": "bold",
    "run_id": 1,
    "session_id": "7",
    "subject_id": "5558",
    "task_id": "Sem"
  },
  "dummy_trs": 1,
  "dvars_nstd": 55.866997352243594,
  "dvars_std": 1.0922718279487176,
  "dvars_vstd": 1.0407189598717954,
  "efc": 0.4028037090753518,
  "fber": 3247.33642578125,
  "fd_mean": 0.2967641138534725,
  "fd_num": 87,
  "fd_perc": 55.4140127388535,
  "fwhm_avg": 3.319623333333334,
  "fwhm_x": 2.853045,
  "fwhm_y": 3.53579,
  "fwhm_z": 3.570035,
  "gcor": 0.00760853,
  "gsr_x": 0.0007605929276905954,
  "gsr_y": 0.017775965854525566,
  "provenance": {
    "md5sum": "c98fa292a99e48f72bd862c6272d8356",
    "settings": {
      "fd_thres": 0.2,
      "testing": false
    },
    "software": "mriqc",
    "version": "23.0.1",
    "webapi_port": null,
    "webapi_url": "https://mriqc.nimh.nih.gov/api/v1"
  },
  "size_t": 157,
  "size_x": 128,
  "size_y": 128,
  "size_z": 56,
  "snr": 2.438322578895857,
  "spacing_tr": 1.25,
  "spacing_x": 2.0,
  "spacing_y": 2.0,
  "spacing_z": 2.0,
  "summary_bg_k": 168.1643826770337,
  "summary_bg_mad": 3.2201744479210355,
  "summary_bg_mean": 19.037839889526367,
  "summary_bg_median": 10.127388954162598,
  "summary_bg_n": 694206.0,
  "summary_bg_p05": 7.337579727172852,
  "summary_bg_p95": 56.39968299865723,
  "summary_bg_stdv": 35.620582580566406,
  "summary_fg_k": 1.2675806775565848,
  "summary_fg_mad": 208.89113279713428,
  "summary_fg_mean": 625.9577026367188,
  "summary_fg_median": 577.3216552734375,
  "summary_fg_n": 126750.0,
  "summary_fg_p05": 341.2038269042969,
  "summary_fg_p95": 1093.1605163574216,
  "summary_fg_stdv": 236.76907348632812,
  "tsnr": 26.192489219654817
}