{
  "bids_meta": {
    "AcquisitionMatrixPE": 256,
    "AcquisitionNumber": 1,
    "AcquisitionTime": "16:08:1.467500",
    "BaseResolution": 256,
    "BodyPartExamined": "BRAIN",
    "ConsistencyInfo": "N4_VE11A_LATEST_20140830",
    "ConversionSoftware": "dcm2niix",
    "ConversionSoftwareVersion": "v1.0.20190902",
    "DeviceSerialNumber": "45239",
    "DwellTime": 1.09e-05,
    "EchoTime": 0.00243,
    "FlipAngle": 9,
    "ImageOrientationPatientDICOM": [
      0,
      1,
      0,
      0,
      0,
      -1
    ],
    "ImageType": [
      "ORIGINAL",
      "PRIMARY",
      "M",
      "ND"
    ],
    "ImagingFrequency": 123.224,
    "InPlanePhaseEncodingDirectionDICOM": "ROW",
    "InstitutionAddress": "E_24th_St._100_Austin_Southmiddle_US_78712",
    "InstitutionName": "The_Univ._of_Texas_at_Austin_IRC",
    "InstitutionalDepartmentName": "IRC",
    "InversionTime": 0.9,
    "MRAcquisitionType": "3D",
    "MagneticFieldStrength": 3,
    "Manufacturer": "Siemens",
    "ManufacturersModelName": "Skyra",
    "Modality": "MR",
    "ParallelReductionFactorInPlane": 2,
    "PartialFourier": 1,
    "PatientPosition": "HFS",
    "PercentPhaseFOV": 100,
    "PhaseEncodingSteps": 255,
    "PhaseResolution": 1,
    "PixelBandwidth": 180,
    "ProcedureStepDescription": "Booth_Language",
    "ProtocolName": "MPRAGE",
    "PulseSequenceDetails": "%SiemensSeq%_tfl",
    "ReceiveCoilActiveElements": "HC1-6",
    "ReceiveCoilName": "HeadNeck_64",
    "ReconMatrixPE": 256,
    "RefLinesPE": 24,
    "RepetitionTime": 1.9,
    "SAR": 0.299376,
    "ScanOptions": "IR",
    "ScanningSequence": "GR_IR",
    "SequenceName": "_tfl3d1_16ns",
    "SequenceVariant": "SK_SP_MP",
    "SeriesDescription": "MPRAGE",
    "SeriesNumber": 2,
    "ShiftedAquisitionDate": "1816-03-17 00:00:00",
    "ShimSetting": [
      -2849,
      8022,
      -16018,
      -1233,
      -75,
      -527,
      -219,
      169
    ],
    "SliceThickness": 1,
    "SoftwareVersions": "syngo_MR_E11",
    "StationName": "AWP45239",
    "TxRefAmp": 352.124,
    "acq_id": "D2S2",
    "dataset": "ds003604",
    "modality": "T1w",
    "session_id": "5",
    "subject_id": "5166"
  },
  "cjv": 0.48481242758123916,
  "cnr": 2.843013074684008,
  "efc": 0.5401282108036465,
  "fber": 13121.204461247637,
  "fwhm_avg": 6.654886666666667,
  "fwhm_x": 7.1092,
  "fwhm_y": 5.81839,
  "fwhm_z": 7.03707,
  "icvs_csf": 0.10526179605752217,
  "icvs_gm": 0.475009427988912,
  "icvs_wm": 0.41972877595356584,
  "inu_med": 0.946682870388031,
  "inu_range": 1.439219826459884,
  "provenance": {
    "md5sum": "6aec3237ea9a9eed788a2108fd41cf95",
    "settings": {
      "testing": false
    },
    "software": "mriqc",
    "version": "22.0.6",
    "warnings": {
      "large_rot_frame": true,
      "small_air_mask": false
    },
    "webapi_port": null,
    "webapi_url": "https://mriqc.nimh.nih.gov/api/v1"
  },
  "qi_1": 0.0054532216390593,
  "qi_2": 0.0024576205288441375,
  "rpve_csf": 48.27313593239011,
  "rpve_gm": 11.814813932479769,
  "rpve_wm": 13.92389573980371,
  "size_x": 192,
  "size_y": 256,
  "size_z": 256,
  "snr_csf": 1.3955281865170595,
  "snr_gm": 14.911153905357427,
  "snr_total": 10.25735951944944,
  "snr_wm": 14.46539646647383,
  "snrd_csf": 12.242051978496226,
  "snrd_gm": 26.496282860105254,
  "snrd_total": 24.67086973363497,
  "snrd_wm": 35.274274362303416,
  "spacing_x": 1.0,
  "spacing_y": 1.0,
  "spacing_z": 1.0,
  "summary_bg_k": 11.524965410908015,
  "summary_bg_mad": 0.0,
  "summary_bg_mean": 11.03023008975978,
  "summary_bg_median": 0.0,
  "summary_bg_n": 2533686.0,
  "summary_bg_p05": 0.0,
  "summary_bg_p95": 47.528993993997574,
  "summary_bg_stdv": 18.573809802278042,
  "summary_csf_k": 23.674172855394488,
  "summary_csf_mad": 125.98006091983639,
  "summary_csf_mean": 392.3926489793624,
  "summary_csf_median": 347.0751205980778,
  "summary_csf_n": 14560.0,
  "summary_csf_p05": 153.61824716627598,
  "summary_csf_p95": 685.0132018335163,
  "summary_csf_stdv": 248.69666192206043,
  "summary_gm_k": 0.11946803419798213,
  "summary_gm_mad": 49.719133834831574,
  "summary_gm_mean": 751.5837251972044,
  "summary_gm_median": 751.1976411491632,
  "summary_gm_n": 63138.0,
  "summary_gm_p05": 668.6743222005665,
  "summary_gm_p95": 834.5309701412916,
  "summary_gm_stdv": 50.37783776079847,
  "summary_wm_k": -0.13727509137883054,
  "summary_wm_mad": 70.93387703127286,
  "summary_wm_mean": 1007.4651909270167,
  "summary_wm_median": 1000.0629837065935,
  "summary_wm_n": 165603.0,
  "summary_wm_p05": 907.6524993628263,
  "summary_wm_p95": 1133.131559729576,
  "summary_wm_stdv": 69.13463910655443,
  "tpm_overlap_csf": 0.13547702917856078,
  "tpm_overlap_gm": 0.4501157084439759,
  "tpm_overlap_wm": 0.4275307473150217,
  "wm2max": 0.3211308046935732
}