{
  "bids_meta": {
    "AcquisitionMatrixPE": 256,
    "AcquisitionNumber": 1,
    "AcquisitionTime": "13:41:44.977500",
    "BaseResolution": 256,
    "BodyPartExamined": "BRAIN",
    "ConsistencyInfo": "N4_VE11A_LATEST_20140830",
    "ConversionSoftware": "dcm2niix",
    "ConversionSoftwareVersion": "v1.0.20190902",
    "DeviceSerialNumber": "45239",
    "DwellTime": 1.09e-05,
    "EchoTime": 0.00243,
    "FlipAngle": 9,
    "ImageOrientationPatientDICOM": [
      0,
      1,
      0,
      0,
      0,
      -1
    ],
    "ImageType": [
      "ORIGINAL",
      "PRIMARY",
      "M",
      "ND"
    ],
    "ImagingFrequency": 123.224,
    "InPlanePhaseEncodingDirectionDICOM": "ROW",
    "InstitutionAddress": "E_24th_St._100_Austin_Southmiddle_US_78712",
    "InstitutionName": "The_Univ._of_Texas_at_Austin_IRC",
    "InstitutionalDepartmentName": "IRC",
    "InversionTime": 0.9,
    "MRAcquisitionType": "3D",
    "MagneticFieldStrength": 3,
    "Manufacturer": "Siemens",
    "ManufacturersModelName": "Skyra",
    "Modality": "MR",
    "ParallelReductionFactorInPlane": 2,
    "PartialFourier": 1,
    "PatientPosition": "HFS",
    "PercentPhaseFOV": 100,
    "PhaseEncodingSteps": 255,
    "PhaseResolution": 1,
    "PixelBandwidth": 180,
    "ProcedureStepDescription": "Booth_Language",
    "ProtocolName": "MPRAGE",
    "PulseSequenceDetails": "%SiemensSeq%_tfl",
    "ReceiveCoilActiveElements": "HC1-6",
    "ReceiveCoilName": "HeadNeck_64",
    "ReconMatrixPE": 256,
    "RefLinesPE": 24,
    "RepetitionTime": 1.9,
    "SAR": 0.250493,
    "ScanOptions": "IR",
    "ScanningSequence": "GR_IR",
    "SequenceName": "_tfl3d1_16ns",
    "SequenceVariant": "SK_SP_MP",
    "SeriesDescription": "MPRAGE",
    "SeriesNumber": 2,
    "ShiftedAquisitionDate": "1816-02-17 00:00:00",
    "ShimSetting": [
      -2849,
      8022,
      -16018,
      -1233,
      -75,
      -527,
      -219,
      169
    ],
    "SliceThickness": 1,
    "SoftwareVersions": "syngo_MR_E11",
    "StationName": "AWP45239",
    "TxRefAmp": 341.127,
    "acq_id": "D1S2",
    "dataset": "ds003604",
    "modality": "T1w",
    "session_id": "5",
    "subject_id": "5166"
  },
  "cjv": 0.43021033441443696,
  "cnr": 3.074690847192337,
  "efc": 0.5616853481388238,
  "fber": -1.0,
  "fwhm_avg": 7.231306666666666,
  "fwhm_x": 7.60283,
  "fwhm_y": 6.48187,
  "fwhm_z": 7.60922,
  "icvs_csf": 0.10760364304915895,
  "icvs_gm": 0.49181231374750417,
  "icvs_wm": 0.4005840432033369,
  "inu_med": 0.9741676449775696,
  "inu_range": 1.568270981311798,
  "provenance": {
    "md5sum": "dc864c1aa4cb633fdfcf0a24fc46dd49",
    "settings": {
      "testing": false
    },
    "software": "mriqc",
    "version": "22.0.6",
    "warnings": {
      "large_rot_frame": true,
      "small_air_mask": false
    },
    "webapi_port": null,
    "webapi_url": "https://mriqc.nimh.nih.gov/api/v1"
  },
  "qi_1": 0.0,
  "qi_2": 0.0028020194761696356,
  "rpve_csf": 45.865042668394636,
  "rpve_gm": 11.72193674096529,
  "rpve_wm": 14.77210728659961,
  "size_x": 192,
  "size_y": 256,
  "size_z": 256,
  "snr_csf": 1.5290351017805988,
  "snr_gm": 16.20098814199351,
  "snr_total": 11.33833077054146,
  "snr_wm": 16.28496906785027,
  "snrd_csf": 19.626679225279805,
  "snrd_gm": 42.59022576201523,
  "snrd_total": 39.42542527324977,
  "snrd_wm": 56.05937083245429,
  "spacing_x": 1.0,
  "spacing_y": 1.0,
  "spacing_z": 1.0,
  "summary_bg_k": 7.0259152779998555,
  "summary_bg_mad": 0.0,
  "summary_bg_mean": 6.8672451021084795,
  "summary_bg_median": 0.0,
  "summary_bg_n": 2015856.0,
  "summary_bg_p05": 0.0,
  "summary_bg_p95": 31.572715044021606,
  "summary_bg_stdv": 11.687242736526786,
  "summary_csf_k": 22.706220100606796,
  "summary_csf_mad": 113.41618974912296,
  "summary_csf_mean": 394.9764797245634,
  "summary_csf_median": 350.1282545402646,
  "summary_csf_n": 14732.0,
  "summary_csf_p05": 182.46398235857487,
  "summary_csf_p95": 677.4616665836423,
  "summary_csf_stdv": 228.97863539881442,
  "summary_gm_k": 0.1551412582956666,
  "summary_gm_mad": 45.932094042852036,
  "summary_gm_mean": 759.5664374354241,
  "summary_gm_median": 759.784232236445,
  "summary_gm_n": 72361.0,
  "summary_gm_p05": 681.3128800541162,
  "summary_gm_p95": 835.6245248317719,
  "summary_gm_stdv": 46.89707662289085,
  "summary_wm_k": 0.41107209472352135,
  "summary_wm_mad": 57.43949764594448,
  "summary_wm_mean": 1008.6293166847191,
  "summary_wm_median": 1000.0657490193844,
  "summary_wm_n": 187961.0,
  "summary_wm_p05": 922.4494912028313,
  "summary_wm_p95": 1124.3175380155444,
  "summary_wm_stdv": 61.41019270886817,
  "tpm_overlap_csf": 0.1459040167475816,
  "tpm_overlap_gm": 0.46644895026021777,
  "tpm_overlap_wm": 0.44421765911610916,
  "wm2max": 0.3123149103038885
}