{
  "bids_meta": {
    "AcquisitionMatrixPE": 256,
    "AcquisitionNumber": 1,
    "AcquisitionTime": "13:41:23.417500",
    "BaseResolution": 256,
    "BodyPartExamined": "BRAIN",
    "ConsistencyInfo": "N4_VE11A_LATEST_20140830",
    "ConversionSoftware": "dcm2niix",
    "ConversionSoftwareVersion": "v1.0.20190902",
    "DeviceSerialNumber": "45239",
    "DwellTime": 1.09e-05,
    "EchoTime": 0.00243,
    "FlipAngle": 9,
    "ImageOrientationPatientDICOM": [
      0,
      1,
      0,
      0,
      0,
      -1
    ],
    "ImageType": [
      "ORIGINAL",
      "PRIMARY",
      "M",
      "ND"
    ],
    "ImagingFrequency": 123.224,
    "InPlanePhaseEncodingDirectionDICOM": "ROW",
    "InstitutionAddress": "E_24th_St._100_Austin_Southmiddle_US_78712",
    "InstitutionName": "The_Univ._of_Texas_at_Austin_IRC",
    "InstitutionalDepartmentName": "IRC",
    "InversionTime": 0.9,
    "MRAcquisitionType": "3D",
    "MagneticFieldStrength": 3,
    "Manufacturer": "Siemens",
    "ManufacturersModelName": "Skyra",
    "Modality": "MR",
    "ParallelReductionFactorInPlane": 2,
    "PartialFourier": 1,
    "PatientPosition": "HFS",
    "PercentPhaseFOV": 100,
    "PhaseEncodingSteps": 255,
    "PhaseResolution": 1,
    "PixelBandwidth": 180,
    "ProcedureStepDescription": "Booth_Language",
    "ProtocolName": "MPRAGE",
    "PulseSequenceDetails": "%SiemensSeq%_tfl",
    "ReceiveCoilActiveElements": "HC1-6",
    "ReceiveCoilName": "HeadNeck_64",
    "ReconMatrixPE": 256,
    "RefLinesPE": 24,
    "RepetitionTime": 1.9,
    "SAR": 0.232047,
    "ScanOptions": "IR",
    "ScanningSequence": "GR_IR",
    "SequenceName": "_tfl3d1_16ns",
    "SequenceVariant": "SK_SP_MP",
    "SeriesDescription": "MPRAGE",
    "SeriesNumber": 2,
    "ShiftedAquisitionDate": "1816-04-29 00:00:00",
    "ShimSetting": [
      -2849,
      8022,
      -16018,
      -1233,
      -75,
      -527,
      -219,
      169
    ],
    "SliceThickness": 1,
    "SoftwareVersions": "syngo_MR_E11",
    "StationName": "AWP45239",
    "TxRefAmp": 332.994,
    "acq_id": "D1S2",
    "dataset": "ds003604",
    "modality": "T1w",
    "session_id": "5",
    "subject_id": "5267"
  },
  "cjv": 0.45232646586764597,
  "cnr": 2.918849646568427,
  "efc": 0.5555604473633863,
  "fber": -1.0,
  "fwhm_avg": 5.359163333333334,
  "fwhm_x": 5.43692,
  "fwhm_y": 5.18044,
  "fwhm_z": 5.46013,
  "icvs_csf": 0.1243167232650722,
  "icvs_gm": 0.4659399022749379,
  "icvs_wm": 0.4097433744599899,
  "inu_med": 0.9793264865875244,
  "inu_range": 1.1840855777263641,
  "provenance": {
    "md5sum": "fa344afa4b4fea2612eb42d86db2df9c",
    "settings": {
      "testing": false
    },
    "software": "mriqc",
    "version": "22.0.6",
    "warnings": {
      "large_rot_frame": true,
      "small_air_mask": false
    },
    "webapi_port": null,
    "webapi_url": "https://mriqc.nimh.nih.gov/api/v1"
  },
  "qi_1": 0.0,
  "qi_2": 0.002657068918218595,
  "rpve_csf": 45.05726056649423,
  "rpve_gm": 13.153229479821444,
  "rpve_wm": 15.563785108877951,
  "size_x": 192,
  "size_y": 256,
  "size_z": 256,
  "snr_csf": 2.7048558604446633,
  "snr_gm": 14.924115016797545,
  "snr_total": 10.7869217877696,
  "snr_wm": 14.73179448606659,
  "snrd_csf": 16.14258656496844,
  "snrd_gm": 35.98785124686465,
  "snrd_total": 33.366114426261696,
  "snrd_wm": 47.96790546695201,
  "spacing_x": 1.0,
  "spacing_y": 1.0,
  "spacing_z": 1.0,
  "summary_bg_k": 10.560126907868476,
  "summary_bg_mad": 0.0,
  "summary_bg_mean": 7.596407632989246,
  "summary_bg_median": 0.0,
  "summary_bg_n": 1578231.0,
  "summary_bg_p05": 0.0,
  "summary_bg_p95": 38.491583943367004,
  "summary_bg_stdv": 13.658776885127809,
  "summary_csf_k": 18.906611471261098,
  "summary_csf_mad": 92.49812040003786,
  "summary_csf_mean": 349.9216540357121,
  "summary_csf_median": 336.5527976155281,
  "summary_csf_n": 18208.0,
  "summary_csf_p05": 188.57680336534978,
  "summary_csf_p95": 550.0319513678551,
  "summary_csf_stdv": 124.42199250487892,
  "summary_gm_k": 0.13078679295991025,
  "summary_gm_mad": 49.80263056257018,
  "summary_gm_mean": 750.2920969231078,
  "summary_gm_median": 750.3018161654472,
  "summary_gm_n": 57162.0,
  "summary_gm_p05": 667.1401098966599,
  "summary_gm_p95": 832.1141864657402,
  "summary_gm_stdv": 50.2740197559425,
  "summary_wm_k": 0.580168887810621,
  "summary_wm_mad": 63.17458422313342,
  "summary_wm_mean": 1008.6235021024046,
  "summary_wm_median": 1000.0710057020187,
  "summary_wm_n": 168334.0,
  "summary_wm_p05": 912.5772207975388,
  "summary_wm_p95": 1135.6437616944313,
  "summary_wm_stdv": 67.88501130309028,
  "tpm_overlap_csf": 0.14226138711552083,
  "tpm_overlap_gm": 0.4656398208416615,
  "tpm_overlap_wm": 0.4454359203561251,
  "wm2max": 0.2822326886461569
}