{
  "bids_meta": {
    "AcquisitionMatrixPE": 256,
    "AcquisitionNumber": 1,
    "AcquisitionTime": "15:24:9.692500",
    "BaseResolution": 256,
    "BodyPartExamined": "BRAIN",
    "ConsistencyInfo": "N4_VE11A_LATEST_20140830",
    "ConversionSoftware": "dcm2niix",
    "ConversionSoftwareVersion": "v1.0.20190902",
    "DeviceSerialNumber": "45239",
    "DwellTime": 1.09e-05,
    "EchoTime": 0.00243,
    "FlipAngle": 9,
    "ImageOrientationPatientDICOM": [
      0,
      1,
      0,
      0,
      0,
      -1
    ],
    "ImageType": [
      "ORIGINAL",
      "PRIMARY",
      "M",
      "ND"
    ],
    "ImagingFrequency": 123.225,
    "InPlanePhaseEncodingDirectionDICOM": "ROW",
    "InstitutionAddress": "E_24th_St._100_Austin_Southmiddle_US_78712",
    "InstitutionName": "The_Univ._of_Texas_at_Austin_IRC",
    "InstitutionalDepartmentName": "IRC",
    "InversionTime": 0.9,
    "MRAcquisitionType": "3D",
    "MagneticFieldStrength": 3,
    "Manufacturer": "Siemens",
    "ManufacturersModelName": "Skyra",
    "Modality": "MR",
    "ParallelReductionFactorInPlane": 2,
    "PartialFourier": 1,
    "PatientPosition": "HFS",
    "PercentPhaseFOV": 100,
    "PhaseEncodingSteps": 255,
    "PhaseResolution": 1,
    "PixelBandwidth": 180,
    "ProcedureStepDescription": "Booth_Language",
    "ProtocolName": "MPRAGE",
    "PulseSequenceDetails": "%SiemensSeq%_tfl",
    "ReceiveCoilActiveElements": "HC1-6",
    "ReceiveCoilName": "HeadNeck_64",
    "ReconMatrixPE": 256,
    "RefLinesPE": 24,
    "RepetitionTime": 1.9,
    "SAR": 0.221118,
    "ScanOptions": "IR",
    "ScanningSequence": "GR_IR",
    "SequenceName": "_tfl3d1_16ns",
    "SequenceVariant": "SK_SP_MP",
    "SeriesDescription": "MPRAGE",
    "SeriesNumber": 2,
    "ShiftedAquisitionDate": "1816-07-09 00:00:00",
    "ShimSetting": [
      -2851,
      8065,
      -15920,
      -530,
      404,
      -610,
      -324,
      -43
    ],
    "SliceThickness": 1,
    "SoftwareVersions": "syngo_MR_E11",
    "StationName": "AWP45239",
    "TxRefAmp": 355.306,
    "acq_id": "D1S2",
    "dataset": "ds003604",
    "modality": "T1w",
    "session_id": "7",
    "subject_id": "5405"
  },
  "cjv": 0.4525838351227627,
  "cnr": 2.8674998444035307,
  "efc": 0.522767537772664,
  "fber": -1.0,
  "fwhm_avg": 5.841526666666667,
  "fwhm_x": 6.12972,
  "fwhm_y": 5.41681,
  "fwhm_z": 5.97805,
  "icvs_csf": 0.11995145974631717,
  "icvs_gm": 0.46116692026813366,
  "icvs_wm": 0.4188816199855492,
  "inu_med": 1.0363772511482239,
  "inu_range": 1.3630440592765805,
  "provenance": {
    "md5sum": "67a870cb45f2103241f14d1a937c3444",
    "settings": {
      "testing": false
    },
    "software": "mriqc",
    "version": "22.0.6",
    "warnings": {
      "large_rot_frame": true,
      "small_air_mask": false
    },
    "webapi_port": null,
    "webapi_url": "https://mriqc.nimh.nih.gov/api/v1"
  },
  "qi_1": 1.9067987290042393e-05,
  "qi_2": 0.002173448590184709,
  "rpve_csf": 37.798139900049826,
  "rpve_gm": 11.00970429165696,
  "rpve_wm": 12.921823776130825,
  "size_x": 192,
  "size_y": 256,
  "size_z": 256,
  "snr_csf": 2.2957915692635438,
  "snr_gm": 15.409458679235124,
  "snr_total": 10.80871486362311,
  "snr_wm": 14.720894342370661,
  "snrd_csf": 14.246173260376711,
  "snrd_gm": 29.691178078238504,
  "snrd_total": 27.75254278994387,
  "snrd_wm": 39.320277031216385,
  "spacing_x": 1.0,
  "spacing_y": 1.0,
  "spacing_z": 1.0,
  "summary_bg_k": 13.153029032705604,
  "summary_bg_mad": 0.0,
  "summary_bg_mean": 9.072432735567379,
  "summary_bg_median": 0.0,
  "summary_bg_n": 2401380.0,
  "summary_bg_p05": 0.0,
  "summary_bg_p95": 42.581561766564846,
  "summary_bg_stdv": 16.66302155033592,
  "summary_csf_k": 17.999612851641967,
  "summary_csf_mad": 88.83224027823289,
  "summary_csf_mean": 381.39511033309384,
  "summary_csf_median": 362.3433105647564,
  "summary_csf_n": 17488.0,
  "summary_csf_p05": 190.59471487998962,
  "summary_csf_p95": 600.4978073760867,
  "summary_csf_stdv": 157.82484590403243,
  "summary_gm_k": 0.13344821506991744,
  "summary_gm_mad": 48.238278845449905,
  "summary_gm_mean": 756.046701875391,
  "summary_gm_median": 755.1782196387649,
  "summary_gm_n": 59199.0,
  "summary_gm_p05": 676.6823552548885,
  "summary_gm_p95": 837.4966459348798,
  "summary_gm_stdv": 49.00703243568767,
  "summary_wm_k": 0.4509844611394822,
  "summary_wm_mad": 62.6043236382205,
  "summary_wm_mean": 1010.8564870893689,
  "summary_wm_median": 1000.0888723880053,
  "summary_wm_n": 219102.0,
  "summary_wm_p05": 917.859342880547,
  "summary_wm_p95": 1141.61255992949,
  "summary_wm_stdv": 67.93653747394414,
  "tpm_overlap_csf": 0.12818820921414684,
  "tpm_overlap_gm": 0.4547147391153059,
  "tpm_overlap_wm": 0.4359089203651341,
  "wm2max": 0.2619629758994062
}