{
  "bids_meta": {
    "AcquisitionMatrixPE": 256,
    "AcquisitionNumber": 1,
    "AcquisitionTime": "12:29:48.815000",
    "BaseResolution": 256,
    "BodyPartExamined": "BRAIN",
    "ConsistencyInfo": "N4_VE11A_LATEST_20140830",
    "ConversionSoftware": "dcm2niix",
    "ConversionSoftwareVersion": "v1.0.20190902",
    "DeviceSerialNumber": "45239",
    "DwellTime": 1.09e-05,
    "EchoTime": 0.00243,
    "FlipAngle": 9,
    "ImageOrientationPatientDICOM": [
      0,
      1,
      0,
      0,
      0,
      -1
    ],
    "ImageType": [
      "ORIGINAL",
      "PRIMARY",
      "M",
      "ND"
    ],
    "ImagingFrequency": 123.224,
    "InPlanePhaseEncodingDirectionDICOM": "ROW",
    "InstitutionAddress": "E_24th_St._100_Austin_Southmiddle_US_78712",
    "InstitutionName": "The_Univ._of_Texas_at_Austin_IRC",
    "InstitutionalDepartmentName": "IRC",
    "InversionTime": 0.9,
    "MRAcquisitionType": "3D",
    "MagneticFieldStrength": 3,
    "Manufacturer": "Siemens",
    "ManufacturersModelName": "Skyra",
    "Modality": "MR",
    "ParallelReductionFactorInPlane": 2,
    "PartialFourier": 1,
    "PatientPosition": "HFS",
    "PercentPhaseFOV": 100,
    "PhaseEncodingSteps": 255,
    "PhaseResolution": 1,
    "PixelBandwidth": 180,
    "ProcedureStepDescription": "Booth_Language",
    "ProtocolName": "MPRAGE",
    "PulseSequenceDetails": "%SiemensSeq%_tfl",
    "ReceiveCoilActiveElements": "HC1-6",
    "ReceiveCoilName": "HeadNeck_64",
    "ReconMatrixPE": 256,
    "RefLinesPE": 24,
    "RepetitionTime": 1.9,
    "SAR": 0.281288,
    "ScanOptions": "IR",
    "ScanningSequence": "GR_IR",
    "SequenceName": "_tfl3d1_16ns",
    "SequenceVariant": "SK_SP_MP",
    "SeriesDescription": "MPRAGE",
    "SeriesNumber": 2,
    "ShiftedAquisitionDate": "1816-10-13 00:00:00",
    "ShimSetting": [
      -2849,
      8022,
      -16018,
      -1233,
      -75,
      -527,
      -219,
      169
    ],
    "SliceThickness": 1,
    "SoftwareVersions": "syngo_MR_E11",
    "StationName": "AWP45239",
    "TxRefAmp": 337.235,
    "acq_id": "D1S2",
    "dataset": "ds003604",
    "modality": "T1w",
    "session_id": "5",
    "subject_id": "5352"
  },
  "cjv": 0.5083097665834155,
  "cnr": 2.759688476747454,
  "efc": 0.5361298789952408,
  "fber": -1.0,
  "fwhm_avg": 5.423153333333333,
  "fwhm_x": 5.54474,
  "fwhm_y": 5.14776,
  "fwhm_z": 5.57696,
  "icvs_csf": 0.15413161757847768,
  "icvs_gm": 0.44319559522117025,
  "icvs_wm": 0.4026727872003521,
  "inu_med": 0.993364155292511,
  "inu_range": 1.1650270789861672,
  "provenance": {
    "md5sum": "4d64185a349b30ab81eb1ab4e2b29a8d",
    "settings": {
      "testing": false
    },
    "software": "mriqc",
    "version": "22.0.6",
    "warnings": {
      "large_rot_frame": true,
      "small_air_mask": false
    },
    "webapi_port": null,
    "webapi_url": "https://mriqc.nimh.nih.gov/api/v1"
  },
  "qi_1": 0.0,
  "qi_2": 0.004647311668508528,
  "rpve_csf": 33.65837194730034,
  "rpve_gm": 12.479872928288056,
  "rpve_wm": 14.865032936693064,
  "size_x": 192,
  "size_y": 256,
  "size_z": 256,
  "snr_csf": 2.117656898054776,
  "snr_gm": 15.392272862062677,
  "snr_total": 10.355344591319787,
  "snr_wm": 13.556104013841907,
  "snrd_csf": 22.466536164870355,
  "snrd_gm": 48.59931476983219,
  "snrd_total": 45.17309942551924,
  "snrd_wm": 64.45344734185517,
  "spacing_x": 1.0,
  "spacing_y": 1.0,
  "spacing_z": 1.0,
  "summary_bg_k": 6.977036379096676,
  "summary_bg_mad": 0.0,
  "summary_bg_mean": 6.349550313263717,
  "summary_bg_median": 0.0,
  "summary_bg_n": 2247832.0,
  "summary_bg_p05": 0.0,
  "summary_bg_p95": 28.66628509014845,
  "summary_bg_stdv": 10.165139152732989,
  "summary_csf_k": 37.933937751581816,
  "summary_csf_mad": 94.65634269703374,
  "summary_csf_mean": 369.85723333267345,
  "summary_csf_median": 348.59224185347557,
  "summary_csf_n": 26841.0,
  "summary_csf_p05": 203.856232278049,
  "summary_csf_p95": 565.6643338501453,
  "summary_csf_stdv": 164.60917179780662,
  "summary_gm_k": 0.15936159725133603,
  "summary_gm_mad": 47.706796719305004,
  "summary_gm_mean": 754.8073213885076,
  "summary_gm_median": 754.0701407566667,
  "summary_gm_n": 44953.0,
  "summary_gm_p05": 675.732653439045,
  "summary_gm_p95": 836.0467778518796,
  "summary_gm_stdv": 48.98963006635298,
  "summary_wm_k": -0.1982932205295671,
  "summary_wm_mad": 77.33423198347657,
  "summary_wm_mean": 1007.2507317577067,
  "summary_wm_median": 1000.0638967752457,
  "summary_wm_n": 182830.0,
  "summary_wm_p05": 900.2745791897178,
  "summary_wm_p95": 1139.7561724483967,
  "summary_wm_stdv": 73.77201892185784,
  "tpm_overlap_csf": 0.14411444482690966,
  "tpm_overlap_gm": 0.4539232986499521,
  "tpm_overlap_wm": 0.4437298213313014,
  "wm2max": 0.3156091958654873
}