{
  "bids_meta": {
    "AcquisitionMatrixPE": 256,
    "AcquisitionNumber": 1,
    "AcquisitionTime": "09:38:12.240000",
    "BaseResolution": 256,
    "BodyPartExamined": "BRAIN",
    "ConsistencyInfo": "N4_VE11A_LATEST_20140830",
    "ConversionSoftware": "dcm2niix",
    "ConversionSoftwareVersion": "v1.0.20190902",
    "DeviceSerialNumber": "45239",
    "DwellTime": 1.09e-05,
    "EchoTime": 0.00243,
    "FlipAngle": 9,
    "ImageOrientationPatientDICOM": [
      0,
      1,
      0,
      0,
      0,
      -1
    ],
    "ImageType": [
      "ORIGINAL",
      "PRIMARY",
      "M",
      "ND"
    ],
    "ImagingFrequency": 123.224,
    "InPlanePhaseEncodingDirectionDICOM": "ROW",
    "InstitutionAddress": "E_24th_St._100_Austin_Southmiddle_US_78712",
    "InstitutionName": "The_Univ._of_Texas_at_Austin_IRC",
    "InstitutionalDepartmentName": "IRC",
    "InversionTime": 0.9,
    "MRAcquisitionType": "3D",
    "MagneticFieldStrength": 3,
    "Manufacturer": "Siemens",
    "ManufacturersModelName": "Skyra",
    "Modality": "MR",
    "ParallelReductionFactorInPlane": 2,
    "PartialFourier": 1,
    "PatientPosition": "HFS",
    "PercentPhaseFOV": 100,
    "PhaseEncodingSteps": 255,
    "PhaseResolution": 1,
    "PixelBandwidth": 180,
    "ProcedureStepDescription": "Booth_Language",
    "ProtocolName": "MPRAGE",
    "PulseSequenceDetails": "%SiemensSeq%_tfl",
    "ReceiveCoilActiveElements": "HC1-6",
    "ReceiveCoilName": "HeadNeck_64",
    "ReconMatrixPE": 256,
    "RefLinesPE": 24,
    "RepetitionTime": 1.9,
    "SAR": 0.267444,
    "ScanOptions": "IR",
    "ScanningSequence": "GR_IR",
    "SequenceName": "_tfl3d1_16ns",
    "SequenceVariant": "SK_SP_MP",
    "SeriesDescription": "MPRAGE",
    "SeriesNumber": 2,
    "ShiftedAquisitionDate": "1816-01-01 00:00:00",
    "ShimSetting": [
      -2849,
      8022,
      -16018,
      -1233,
      -75,
      -527,
      -219,
      169
    ],
    "SliceThickness": 1,
    "SoftwareVersions": "syngo_MR_E11",
    "StationName": "AWP45239",
    "TxRefAmp": 329.834,
    "acq_id": "D1S2",
    "dataset": "ds003604",
    "modality": "T1w",
    "session_id": "5",
    "subject_id": "5198"
  },
  "cjv": 0.4545697558299289,
  "cnr": 2.8290045591194026,
  "efc": 0.5936971374983738,
  "fber": 1598.6973336587128,
  "fwhm_avg": 5.667983333333333,
  "fwhm_x": 6.23685,
  "fwhm_y": 4.74602,
  "fwhm_z": 6.02108,
  "icvs_csf": 0.11584959061637028,
  "icvs_gm": 0.4730895524208798,
  "icvs_wm": 0.4110608569627499,
  "inu_med": 0.9794237315654755,
  "inu_range": 1.2681672424077992,
  "provenance": {
    "md5sum": "9d12aa08cf5f80887c4946926e4339c5",
    "settings": {
      "testing": false
    },
    "software": "mriqc",
    "version": "22.0.6",
    "warnings": {
      "large_rot_frame": true,
      "small_air_mask": false
    },
    "webapi_port": null,
    "webapi_url": "https://mriqc.nimh.nih.gov/api/v1"
  },
  "qi_1": 1.7620047586714233e-05,
  "qi_2": 0.0010644192000718634,
  "rpve_csf": 51.45162309681126,
  "rpve_gm": 13.661241705243517,
  "rpve_wm": 16.18099525770947,
  "size_x": 192,
  "size_y": 256,
  "size_z": 256,
  "snr_csf": 1.0590760847870409,
  "snr_gm": 14.01786676023162,
  "snr_total": 9.718044115025046,
  "snr_wm": 14.077189500056477,
  "snrd_csf": 16.24221900860824,
  "snrd_gm": 33.14120900852702,
  "snrd_total": 31.710134275540856,
  "snrd_wm": 45.7469748094873,
  "spacing_x": 1.0,
  "spacing_y": 1.0,
  "spacing_z": 1.0,
  "summary_bg_k": 7.424512546320855,
  "summary_bg_mad": 14.32181609348133,
  "summary_bg_mean": 26.926043598261035,
  "summary_bg_median": 9.659918159246445,
  "summary_bg_n": 1417046.0,
  "summary_bg_p05": 0.0,
  "summary_bg_p95": 116.24983702600002,
  "summary_bg_stdv": 42.078793732714075,
  "summary_csf_k": 22.43382436822592,
  "summary_csf_mad": 125.75731665645935,
  "summary_csf_mean": 416.5539111586843,
  "summary_csf_median": 355.0681561753154,
  "summary_csf_n": 11624.0,
  "summary_csf_p05": 155.8257277585566,
  "summary_csf_p95": 843.6350580349565,
  "summary_csf_stdv": 335.2477578187875,
  "summary_gm_k": -0.010970830783818109,
  "summary_gm_mad": 51.99015431195277,
  "summary_gm_mean": 725.3843147944788,
  "summary_gm_median": 724.4938619434834,
  "summary_gm_n": 52751.0,
  "summary_gm_p05": 641.7890831828117,
  "summary_gm_p95": 811.3007977306843,
  "summary_gm_stdv": 51.683113214920574,
  "summary_wm_k": -0.20226881952076425,
  "summary_wm_mad": 73.27668919062023,
  "summary_wm_mean": 1006.795314011465,
  "summary_wm_median": 1000.0661847740412,
  "summary_wm_n": 123855.0,
  "summary_wm_p05": 901.9452352523804,
  "summary_wm_p95": 1133.518615782261,
  "summary_wm_stdv": 71.0413216726228,
  "tpm_overlap_csf": 0.13762749521091924,
  "tpm_overlap_gm": 0.4614288685899951,
  "tpm_overlap_wm": 0.4296199403631723,
  "wm2max": 0.3070027354420943
}