{
  "bids_meta": {
    "AcquisitionMatrixPE": 256,
    "AcquisitionNumber": 1,
    "AcquisitionTime": "14:28:57.240000",
    "BaseResolution": 256,
    "BodyPartExamined": "BRAIN",
    "ConsistencyInfo": "N4_VE11C_LATEST_20160120",
    "ConversionSoftware": "dcm2niix",
    "ConversionSoftwareVersion": "v1.0.20190902",
    "DeviceSerialNumber": "45239",
    "DwellTime": 1.09e-05,
    "EchoTime": 0.00243,
    "FlipAngle": 9,
    "ImageOrientationPatientDICOM": [
      0,
      1,
      0,
      0,
      0,
      -1
    ],
    "ImageType": [
      "ORIGINAL",
      "PRIMARY",
      "M",
      "ND"
    ],
    "ImagingFrequency": 123.186,
    "InPlanePhaseEncodingDirectionDICOM": "ROW",
    "InstitutionAddress": "E_24th_St._100_Austin_Southmiddle_US_78712",
    "InstitutionName": "The_Univ._of_Texas_at_Austin_IRC",
    "InstitutionalDepartmentName": "IRC",
    "InversionTime": 0.9,
    "MRAcquisitionType": "3D",
    "MagneticFieldStrength": 3,
    "Manufacturer": "Siemens",
    "ManufacturersModelName": "Skyra",
    "Modality": "MR",
    "ParallelReductionFactorInPlane": 2,
    "PartialFourier": 1,
    "PatientPosition": "HFS",
    "PercentPhaseFOV": 100,
    "PhaseEncodingSteps": 255,
    "PhaseResolution": 1,
    "PixelBandwidth": 180,
    "ProcedureStepDescription": "Booth_Language",
    "ProtocolName": "MPRAGE",
    "PulseSequenceDetails": "%SiemensSeq%_tfl",
    "ReceiveCoilActiveElements": "HC1-6",
    "ReceiveCoilName": "HeadNeck_64",
    "ReconMatrixPE": 256,
    "RefLinesPE": 24,
    "RepetitionTime": 1.9,
    "SAR": 0.237228,
    "ScanOptions": "IR",
    "ScanningSequence": "GR_IR",
    "SequenceName": "_tfl3d1_16ns",
    "SequenceVariant": "SK_SP_MP",
    "SeriesDescription": "MPRAGE",
    "SeriesNumber": 2,
    "ShiftedAquisitionDate": "1819-01-28 00:00:00",
    "ShimSetting": [
      -2727,
      7934,
      -15901,
      -500,
      562,
      -716,
      -526,
      132
    ],
    "SliceThickness": 1,
    "SoftwareVersions": "syngo_MR_E11",
    "StationName": "AWP45239",
    "TxRefAmp": 320.46,
    "acq_id": "D1S2",
    "dataset": "ds003604",
    "modality": "T1w",
    "session_id": "7",
    "subject_id": "5587"
  },
  "cjv": 0.37055602502817897,
  "cnr": 3.5117754461499744,
  "efc": 0.5135302071993663,
  "fber": -1.0,
  "fwhm_avg": 5.898623333333333,
  "fwhm_x": 6.16901,
  "fwhm_y": 5.53262,
  "fwhm_z": 5.99424,
  "icvs_csf": 0.1385390284886259,
  "icvs_gm": 0.4895447996962907,
  "icvs_wm": 0.37191617181508335,
  "inu_med": 0.9751262068748474,
  "inu_range": 1.1831048727035522,
  "provenance": {
    "md5sum": "6611370b3c8f8579601fe0faabd0a165",
    "settings": {
      "testing": false
    },
    "software": "mriqc",
    "version": "23.0.1",
    "warnings": {
      "large_rot_frame": true,
      "small_air_mask": false
    },
    "webapi_port": null,
    "webapi_url": "https://mriqc.nimh.nih.gov/api/v1"
  },
  "qi_1": 0.0,
  "qi_2": 0.006846219818499949,
  "rpve_csf": 38.9768140391942,
  "rpve_gm": 12.66077279109678,
  "rpve_wm": 17.19717773954473,
  "size_x": 192,
  "size_y": 256,
  "size_z": 256,
  "snr_csf": 3.5190875473516186,
  "snr_gm": 17.383390983114186,
  "snr_total": 13.081943513288886,
  "snr_wm": 18.34335200940086,
  "snrd_csf": 31.691162884720345,
  "snrd_gm": 67.37385380303716,
  "snrd_total": 62.80676835635655,
  "snrd_wm": 89.35528838131215,
  "spacing_x": 1.0,
  "spacing_y": 1.0,
  "spacing_z": 1.0,
  "summary_bg_k": 5.4399593708690475,
  "summary_bg_mad": 0.0,
  "summary_bg_mean": 5.156543660723489,
  "summary_bg_median": 0.0,
  "summary_bg_n": 2653573.0,
  "summary_bg_p05": 0.0,
  "summary_bg_p95": 20.64248889684677,
  "summary_bg_stdv": 7.332274265521854,
  "summary_csf_k": 14.88128821200316,
  "summary_csf_mad": 74.23243363977488,
  "summary_csf_mean": 365.2922737673698,
  "summary_csf_median": 354.68689888715744,
  "summary_csf_n": 23041.0,
  "summary_csf_p05": 235.53770005702972,
  "summary_csf_p95": 542.2888496518135,
  "summary_csf_stdv": 100.78726293874239,
  "summary_gm_k": 0.20064446784760293,
  "summary_gm_mad": 42.325510408643574,
  "summary_gm_mean": 754.1850946215404,
  "summary_gm_median": 754.0469044446945,
  "summary_gm_n": 49937.0,
  "summary_gm_p05": 682.8836494088173,
  "summary_gm_p95": 825.1976108551025,
  "summary_gm_stdv": 43.37700021574219,
  "summary_wm_k": 1.2730162772565405,
  "summary_wm_mad": 48.83712739458874,
  "summary_wm_mean": 1006.6201178112661,
  "summary_wm_median": 1000.0627067685127,
  "summary_wm_n": 160386.0,
  "summary_wm_p05": 930.1668629050255,
  "summary_wm_p95": 1106.4123076200485,
  "summary_wm_stdv": 54.51891173306599,
  "tpm_overlap_csf": 0.15932056444457152,
  "tpm_overlap_gm": 0.4732312815421689,
  "tpm_overlap_wm": 0.45539814563432085,
  "wm2max": 0.3187185924887704
}