{
  "aor": 0.0008487974683544304,
  "aqi": 0.006793370506329115,
  "bids_meta": {
    "AcquisitionMatrixPE": 128,
    "AcquisitionNumber": 1,
    "AcquisitionTime": "13:15:45.722500",
    "BandwidthPerPixelPhaseEncode": 23.321,
    "BaseResolution": 128,
    "BodyPartExamined": "BRAIN",
    "ConsistencyInfo": "N4_VE11C_LATEST_20160120",
    "ConversionSoftware": "dcm2niix",
    "ConversionSoftwareVersion": "v1.0.20190902",
    "DerivedVendorReportedEchoSpacing": 0.000669997,
    "DeviceSerialNumber": "45239",
    "DwellTime": 2.2e-06,
    "EchoTime": 0.03,
    "EchoTrainLength": 63,
    "EffectiveEchoSpacing": 0.000334999,
    "FlipAngle": 80,
    "ImageComments": "Unaliased_MB4_PE4_LB",
    "ImageOrientationPatientDICOM": [
      1,
      0,
      0,
      0,
      1,
      0
    ],
    "ImageType": [
      "ORIGINAL",
      "PRIMARY",
      "M",
      "MB",
      "ND",
      "MOSAIC"
    ],
    "ImagingFrequency": 123.186,
    "InPlanePhaseEncodingDirectionDICOM": "COL",
    "InstitutionAddress": "E_24th_St._100_Austin_Southmiddle_US_78712",
    "InstitutionName": "The_Univ._of_Texas_at_Austin_IRC",
    "InstitutionalDepartmentName": "IRC",
    "MRAcquisitionType": "2D",
    "MagneticFieldStrength": 3,
    "Manufacturer": "Siemens",
    "ManufacturersModelName": "Skyra",
    "Modality": "MR",
    "MultibandAccelerationFactor": 4,
    "ParallelReductionFactorInPlane": 2,
    "PartialFourier": 1,
    "PatientPosition": "HFS",
    "PercentPhaseFOV": 100,
    "PhaseEncodingDirection": "j-",
    "PhaseEncodingSteps": 127,
    "PhaseResolution": 1,
    "PixelBandwidth": 1775,
    "ProcedureStepDescription": "Booth_Language",
    "ProtocolName": "Phon2",
    "PulseSequenceDetails": "%CustomerSeq%_cmrr_mbep2d_bold",
    "ReceiveCoilActiveElements": "HC3-6",
    "ReceiveCoilName": "HeadNeck_64",
    "ReconMatrixPE": 128,
    "RefLinesPE": 58,
    "RepetitionTime": 1.25,
    "SAR": 0.188094,
    "ScanOptions": "FS",
    "ScanningSequence": "EP",
    "SequenceName": "epfid2d1_128",
    "SequenceVariant": "SK_SS",
    "SeriesDescription": "Phon2",
    "SeriesNumber": 14,
    "ShiftedAquisitionDate": "1819-01-02",
    "ShimSetting": [
      -2750,
      7804,
      -15438,
      -25,
      934,
      -1008,
      -182,
      49
    ],
    "SliceThickness": 2,
    "SliceTiming": [
      0,
      0.265,
      0.5275,
      0.7925,
      1.055,
      0.0875,
      0.3525,
      0.615,
      0.88,
      1.1425,
      0.1775,
      0.44,
      0.7025,
      0.9675,
      0,
      0.265,
      0.5275,
      0.7925,
      1.055,
      0.0875,
      0.3525,
      0.615,
      0.88,
      1.1425,
      0.1775,
      0.44,
      0.7025,
      0.9675,
      0,
      0.265,
      0.5275,
      0.7925,
      1.055,
      0.0875,
      0.3525,
      0.615,
      0.88,
      1.1425,
      0.1775,
      0.44,
      0.7025,
      0.9675,
      0,
      0.265,
      0.5275,
      0.7925,
      1.055,
      0.0875,
      0.3525,
      0.615,
      0.88,
      1.1425,
      0.1775,
      0.44,
      0.7025,
      0.9675
    ],
    "SoftwareVersions": "syngo_MR_E11",
    "SpacingBetweenSlices": 2,
    "StationName": "AWP45239",
    "TotalReadoutTime": 0.0425448,
    "TxRefAmp": 318.756,
    "WipMemBlock": "30e3233e-92b6-4913-823e-dee99c8ece8e||Sequence: R016 ve11c/master r/e634e98; Dec 19 2017 11:00:25 by eja",
    "acq_id": "D1S14",
    "dataset": "ds003604",
    "modality": "bold",
    "run_id": 2,
    "session_id": "9",
    "subject_id": "5011",
    "task_id": "Phon"
  },
  "dummy_trs": 0,
  "dvars_nstd": 50.51324681579619,
  "dvars_std": 1.0765498086624203,
  "dvars_vstd": 1.0236751268789812,
  "efc": 0.42309032974113225,
  "fber": 2759.617431640625,
  "fd_mean": 0.11945915349404847,
  "fd_num": 14,
  "fd_perc": 8.860759493670885,
  "fwhm_avg": 3.1555466666666665,
  "fwhm_x": 2.834365,
  "fwhm_y": 3.32734,
  "fwhm_z": 3.304935,
  "gcor": 0.00543735,
  "gsr_x": -0.009951267391443253,
  "gsr_y": 0.00898344162851572,
  "provenance": {
    "md5sum": "87e0ee302592ae2d9083659eca7a6e2a",
    "settings": {
      "fd_thres": 0.2,
      "testing": false
    },
    "software": "mriqc",
    "version": "23.0.1",
    "webapi_port": null,
    "webapi_url": "https://mriqc.nimh.nih.gov/api/v1"
  },
  "size_t": 158,
  "size_x": 128,
  "size_y": 128,
  "size_z": 56,
  "snr": 2.7631903075939297,
  "spacing_tr": 1.25,
  "spacing_x": 2.0,
  "spacing_y": 2.0,
  "spacing_z": 2.0,
  "summary_bg_k": 78.22430075165329,
  "summary_bg_mad": 3.349930561825386,
  "summary_bg_mean": 21.562402725219727,
  "summary_bg_median": 10.829113960266113,
  "summary_bg_n": 684090.0,
  "summary_bg_p05": 7.9620256423950195,
  "summary_bg_p95": 68.62025451660156,
  "summary_bg_stdv": 42.60772705078125,
  "summary_fg_k": 0.7193326047123216,
  "summary_fg_mad": 202.41275653211085,
  "summary_fg_mean": 606.4126586914062,
  "summary_fg_median": 573.6139526367188,
  "summary_fg_n": 133498.0,
  "summary_fg_p05": 332.9664581298828,
  "summary_fg_p95": 985.4503540039062,
  "summary_fg_stdv": 207.5904083251953,
  "tsnr": 30.575450897216797
}