{
  "aor": 0.0017222784810126581,
  "aqi": 0.007866231962025317,
  "bids_meta": {
    "AcquisitionMatrixPE": 128,
    "AcquisitionNumber": 1,
    "AcquisitionTime": "13:20:23.037500",
    "BandwidthPerPixelPhaseEncode": 23.321,
    "BaseResolution": 128,
    "BodyPartExamined": "BRAIN",
    "ConsistencyInfo": "N4_VE11C_LATEST_20160120",
    "ConversionSoftware": "dcm2niix",
    "ConversionSoftwareVersion": "v1.0.20190902",
    "DerivedVendorReportedEchoSpacing": 0.000669997,
    "DeviceSerialNumber": "45239",
    "DwellTime": 2.2e-06,
    "EchoTime": 0.03,
    "EchoTrainLength": 63,
    "EffectiveEchoSpacing": 0.000334999,
    "FlipAngle": 80,
    "ImageComments": "Unaliased_MB4_PE4_LB",
    "ImageOrientationPatientDICOM": [
      1,
      0,
      0,
      0,
      1,
      0
    ],
    "ImageType": [
      "ORIGINAL",
      "PRIMARY",
      "M",
      "MB",
      "ND",
      "MOSAIC"
    ],
    "ImagingFrequency": 123.186,
    "InPlanePhaseEncodingDirectionDICOM": "COL",
    "InstitutionAddress": "E_24th_St._100_Austin_Southmiddle_US_78712",
    "InstitutionName": "The_Univ._of_Texas_at_Austin_IRC",
    "InstitutionalDepartmentName": "IRC",
    "MRAcquisitionType": "2D",
    "MagneticFieldStrength": 3,
    "Manufacturer": "Siemens",
    "ManufacturersModelName": "Skyra",
    "Modality": "MR",
    "MultibandAccelerationFactor": 4,
    "ParallelReductionFactorInPlane": 2,
    "PartialFourier": 1,
    "PatientPosition": "HFS",
    "PercentPhaseFOV": 100,
    "PhaseEncodingDirection": "j-",
    "PhaseEncodingSteps": 127,
    "PhaseResolution": 1,
    "PixelBandwidth": 1775,
    "ProcedureStepDescription": "Booth_Language",
    "ProtocolName": "Phon1",
    "PulseSequenceDetails": "%CustomerSeq%_cmrr_mbep2d_bold",
    "ReceiveCoilActiveElements": "HC3-6",
    "ReceiveCoilName": "HeadNeck_64",
    "ReconMatrixPE": 128,
    "RefLinesPE": 58,
    "RepetitionTime": 1.25,
    "SAR": 0.188094,
    "ScanOptions": "FS",
    "ScanningSequence": "EP",
    "SequenceName": "epfid2d1_128",
    "SequenceVariant": "SK_SS",
    "SeriesDescription": "Phon1",
    "SeriesNumber": 16,
    "ShiftedAquisitionDate": "1819-01-02",
    "ShimSetting": [
      -2750,
      7804,
      -15438,
      -25,
      934,
      -1008,
      -182,
      49
    ],
    "SliceThickness": 2,
    "SliceTiming": [
      0,
      0.2625,
      0.5275,
      0.79,
      1.055,
      0.0875,
      0.3525,
      0.615,
      0.8775,
      1.1425,
      0.175,
      0.44,
      0.7025,
      0.9675,
      0,
      0.2625,
      0.5275,
      0.79,
      1.055,
      0.0875,
      0.3525,
      0.615,
      0.8775,
      1.1425,
      0.175,
      0.44,
      0.7025,
      0.9675,
      0,
      0.2625,
      0.5275,
      0.79,
      1.055,
      0.0875,
      0.3525,
      0.615,
      0.8775,
      1.1425,
      0.175,
      0.44,
      0.7025,
      0.9675,
      0,
      0.2625,
      0.5275,
      0.79,
      1.055,
      0.0875,
      0.3525,
      0.615,
      0.8775,
      1.1425,
      0.175,
      0.44,
      0.7025,
      0.9675
    ],
    "SoftwareVersions": "syngo_MR_E11",
    "SpacingBetweenSlices": 2,
    "StationName": "AWP45239",
    "TotalReadoutTime": 0.0425448,
    "TxRefAmp": 318.756,
    "WipMemBlock": "aac91a20-362c-4072-aa45-cb41d0699ed0||Sequence: R016 ve11c/master r/e634e98; Dec 19 2017 11:00:25 by eja",
    "acq_id": "D1S16",
    "dataset": "ds003604",
    "modality": "bold",
    "run_id": 1,
    "session_id": "9",
    "subject_id": "5011",
    "task_id": "Phon"
  },
  "dummy_trs": 0,
  "dvars_nstd": 51.34509607757959,
  "dvars_std": 1.0771791269426751,
  "dvars_vstd": 1.0314599713375803,
  "efc": 0.4231433500590253,
  "fber": 2776.575439453125,
  "fd_mean": 0.16759012586383992,
  "fd_num": 36,
  "fd_perc": 22.78481012658228,
  "fwhm_avg": 3.178808333333333,
  "fwhm_x": 2.843555,
  "fwhm_y": 3.36071,
  "fwhm_z": 3.33216,
  "gcor": 0.00603194,
  "gsr_x": -0.009831182658672333,
  "gsr_y": 0.008494916372001171,
  "provenance": {
    "md5sum": "9bf6003da8f516374528f6eedbb94e07",
    "settings": {
      "fd_thres": 0.2,
      "testing": false
    },
    "software": "mriqc",
    "version": "23.0.1",
    "webapi_port": null,
    "webapi_url": "https://mriqc.nimh.nih.gov/api/v1"
  },
  "size_t": 158,
  "size_x": 128,
  "size_y": 128,
  "size_z": 56,
  "snr": 2.756387692800946,
  "spacing_tr": 1.25,
  "spacing_x": 2.0,
  "spacing_y": 2.0,
  "spacing_z": 2.0,
  "summary_bg_k": 75.16024077245152,
  "summary_bg_mad": 3.3593147465904596,
  "summary_bg_mean": 21.737388610839844,
  "summary_bg_median": 10.822785377502441,
  "summary_bg_n": 684081.0,
  "summary_bg_p05": 7.930379867553711,
  "summary_bg_p95": 69.81645965576172,
  "summary_bg_stdv": 43.002742767333984,
  "summary_fg_k": 0.7440462603359927,
  "summary_fg_mad": 202.29543513463204,
  "summary_fg_mean": 605.875244140625,
  "summary_fg_median": 572.9715576171875,
  "summary_fg_n": 133584.0,
  "summary_fg_p05": 332.1708984375,
  "summary_fg_p95": 985.341796875,
  "summary_fg_stdv": 207.8696746826172,
  "tsnr": 28.79819668759592
}