{
  "aor": 0.007533486842105263,
  "aqi": 0.009062034078947368,
  "bids_meta": {
    "AcquisitionMatrixPE": 128,
    "AcquisitionNumber": 1,
    "AcquisitionTime": "17:19:23.032500",
    "BandwidthPerPixelPhaseEncode": 22.645,
    "BaseResolution": 128,
    "BodyPartExamined": "BRAIN",
    "ConsistencyInfo": "N4_VD13A_LATEST_20120616",
    "ConversionSoftware": "dcm2niix",
    "ConversionSoftwareVersion": "v1.0.20190902",
    "DerivedVendorReportedEchoSpacing": 0.000689998,
    "DeviceSerialNumber": "45239",
    "DwellTime": 2.2e-06,
    "EchoTime": 0.03,
    "EchoTrainLength": 63,
    "EffectiveEchoSpacing": 0.000344999,
    "FlipAngle": 80,
    "ImageComments": "Unaliased_MB4_PE4",
    "ImageOrientationPatientDICOM": [
      0.997487,
      0.000151195,
      -0.0708456,
      0.000230887,
      0.999985,
      0.00538494
    ],
    "ImageType": [
      "ORIGINAL",
      "PRIMARY",
      "M",
      "MB",
      "ND",
      "MOSAIC"
    ],
    "ImagingFrequency": 123.224,
    "InPlanePhaseEncodingDirectionDICOM": "COL",
    "InstitutionAddress": "E_24th_St._100_Austin_Southmiddle_US_78712",
    "InstitutionName": "The_Univ._of_Texas_at_Austin_IRC",
    "InstitutionalDepartmentName": "IRC",
    "MRAcquisitionType": "2D",
    "MagneticFieldStrength": 3,
    "Manufacturer": "Siemens",
    "ManufacturersModelName": "Skyra",
    "Modality": "MR",
    "MultibandAccelerationFactor": 4,
    "ParallelReductionFactorInPlane": 2,
    "PartialFourier": 1,
    "PatientPosition": "HFS",
    "PercentPhaseFOV": 100,
    "PhaseEncodingDirection": "j-",
    "PhaseEncodingSteps": 127,
    "PhaseResolution": 1,
    "PixelBandwidth": 1775,
    "ProcedureStepDescription": "Booth_Language",
    "ProtocolName": "Phon1",
    "PulseSequenceDetails": "%CustomerSeq%_cmrr_mbep2d_bold",
    "ReceiveCoilActiveElements": "HC1-7",
    "ReceiveCoilName": "HeadNeck_64",
    "ReconMatrixPE": 128,
    "RefLinesPE": 100,
    "RepetitionTime": 1.25,
    "SAR": 0.24812,
    "ScanOptions": "FS",
    "ScanningSequence": "EP",
    "SequenceName": "epfid2d1_128",
    "SequenceVariant": "SK_SS",
    "SeriesDescription": "Phon1",
    "SeriesNumber": 7,
    "ShiftedAquisitionDate": "1814-05-15",
    "ShimSetting": [
      -2952,
      8004,
      -15470,
      -1202,
      57,
      -227,
      -126,
      -92
    ],
    "SliceThickness": 2,
    "SliceTiming": [
      0,
      0.265,
      0.5275,
      0.7925,
      1.055,
      0.09,
      0.3525,
      0.615,
      0.88,
      1.1425,
      0.1775,
      0.44,
      0.705,
      0.9675,
      0,
      0.265,
      0.5275,
      0.7925,
      1.055,
      0.09,
      0.3525,
      0.615,
      0.88,
      1.1425,
      0.1775,
      0.44,
      0.705,
      0.9675,
      0,
      0.265,
      0.5275,
      0.7925,
      1.055,
      0.09,
      0.3525,
      0.615,
      0.88,
      1.1425,
      0.1775,
      0.44,
      0.705,
      0.9675,
      0,
      0.265,
      0.5275,
      0.7925,
      1.055,
      0.09,
      0.3525,
      0.615,
      0.88,
      1.1425,
      0.1775,
      0.44,
      0.705,
      0.9675
    ],
    "SoftwareVersions": "syngo_MR_D13",
    "SpacingBetweenSlices": 2,
    "StationName": "AWP45239",
    "TotalReadoutTime": 0.0438149,
    "TxRefAmp": 323.505,
    "WipMemBlock": "31461421-bcc6-4303-ae69-b28b6a20e068||Sequence: vd13a/master r/58f62de; Dec 19 2014 18:04:02 by eja",
    "acq_id": "D1S7",
    "dataset": "ds003604",
    "modality": "bold",
    "run_id": 1,
    "session_id": "5",
    "subject_id": "5034",
    "task_id": "Phon"
  },
  "dummy_trs": 0,
  "dvars_nstd": 60.93096656006623,
  "dvars_std": 1.3301125615894045,
  "dvars_vstd": 1.061351315364238,
  "efc": 0.43770600413680333,
  "fber": 1201.75732421875,
  "fd_mean": 0.3103753133978386,
  "fd_num": 80,
  "fd_perc": 52.63157894736842,
  "fwhm_avg": 3.8176466666666666,
  "fwhm_x": 3.5918,
  "fwhm_y": 3.937795,
  "fwhm_z": 3.923345,
  "gcor": 0.0122978,
  "gsr_x": -0.01937722973525524,
  "gsr_y": 0.01625334657728672,
  "provenance": {
    "md5sum": "5a411730c52fb722d082e606fce101d6",
    "settings": {
      "fd_thres": 0.2,
      "testing": false
    },
    "software": "mriqc",
    "version": "23.0.1",
    "webapi_port": null,
    "webapi_url": "https://mriqc.nimh.nih.gov/api/v1"
  },
  "size_t": 152,
  "size_x": 128,
  "size_y": 128,
  "size_z": 56,
  "snr": 2.0259279483664625,
  "spacing_tr": 1.25,
  "spacing_x": 2.0,
  "spacing_y": 2.0,
  "spacing_z": 2.0,
  "summary_bg_k": 57.9391068394349,
  "summary_bg_mad": 50.43103027556269,
  "summary_bg_mean": 412.7557678222656,
  "summary_bg_median": 266.98284912109375,
  "summary_bg_n": 663360.0,
  "summary_bg_p05": 226.9508140563965,
  "summary_bg_p95": 944.8710754394506,
  "summary_bg_stdv": 540.5660400390625,
  "summary_fg_k": 3.4601997624928886,
  "summary_fg_mad": 3768.027384953639,
  "summary_fg_mean": 10304.1201171875,
  "summary_fg_median": 9302.759765625,
  "summary_fg_n": 150018.0,
  "summary_fg_p05": 5096.398681640625,
  "summary_fg_p95": 19258.446582031247,
  "summary_fg_stdv": 4591.8359375,
  "tsnr": 29.638132095336914
}