{
  "aor": 0.006726981132075472,
  "aqi": 0.01088320136792453,
  "bids_meta": {
    "AcquisitionMatrixPE": 128,
    "AcquisitionNumber": 1,
    "AcquisitionTime": "17:35:49.535000",
    "BandwidthPerPixelPhaseEncode": 22.645,
    "BaseResolution": 128,
    "BodyPartExamined": "BRAIN",
    "ConsistencyInfo": "N4_VD13A_LATEST_20120616",
    "ConversionSoftware": "dcm2niix",
    "ConversionSoftwareVersion": "v1.0.20190902",
    "DerivedVendorReportedEchoSpacing": 0.000689998,
    "DeviceSerialNumber": "45239",
    "DwellTime": 2.2e-06,
    "EchoTime": 0.03,
    "EchoTrainLength": 63,
    "EffectiveEchoSpacing": 0.000344999,
    "FlipAngle": 80,
    "ImageComments": "Unaliased_MB4_PE4",
    "ImageOrientationPatientDICOM": [
      0.997487,
      0.000151195,
      -0.0708456,
      0.000230887,
      0.999985,
      0.00538494
    ],
    "ImageType": [
      "ORIGINAL",
      "PRIMARY",
      "M",
      "MB",
      "ND",
      "MOSAIC"
    ],
    "ImagingFrequency": 123.224,
    "InPlanePhaseEncodingDirectionDICOM": "COL",
    "InstitutionAddress": "E_24th_St._100_Austin_Southmiddle_US_78712",
    "InstitutionName": "The_Univ._of_Texas_at_Austin_IRC",
    "InstitutionalDepartmentName": "IRC",
    "MRAcquisitionType": "2D",
    "MagneticFieldStrength": 3,
    "Manufacturer": "Siemens",
    "ManufacturersModelName": "Skyra",
    "Modality": "MR",
    "MultibandAccelerationFactor": 4,
    "ParallelReductionFactorInPlane": 2,
    "PartialFourier": 1,
    "PatientPosition": "HFS",
    "PercentPhaseFOV": 100,
    "PhaseEncodingDirection": "j-",
    "PhaseEncodingSteps": 127,
    "PhaseResolution": 1,
    "PixelBandwidth": 1775,
    "ProcedureStepDescription": "Booth_Language",
    "ProtocolName": "Gram2",
    "PulseSequenceDetails": "%CustomerSeq%_cmrr_mbep2d_bold",
    "ReceiveCoilActiveElements": "HC1-7",
    "ReceiveCoilName": "HeadNeck_64",
    "ReconMatrixPE": 128,
    "RefLinesPE": 100,
    "RepetitionTime": 1.25,
    "SAR": 0.253056,
    "ScanOptions": "FS",
    "ScanningSequence": "EP",
    "SequenceName": "epfid2d1_128",
    "SequenceVariant": "SK_SS",
    "SeriesDescription": "Gram2",
    "SeriesNumber": 13,
    "ShiftedAquisitionDate": "1814-05-15",
    "ShimSetting": [
      -2943,
      7986,
      -15479,
      -1192,
      60,
      -236,
      -85,
      -65
    ],
    "SliceThickness": 2,
    "SliceTiming": [
      0,
      0.265,
      0.5275,
      0.7925,
      1.055,
      0.09,
      0.3525,
      0.615,
      0.88,
      1.1425,
      0.1775,
      0.44,
      0.705,
      0.9675,
      0,
      0.265,
      0.5275,
      0.7925,
      1.055,
      0.09,
      0.3525,
      0.615,
      0.88,
      1.1425,
      0.1775,
      0.44,
      0.705,
      0.9675,
      0,
      0.265,
      0.5275,
      0.7925,
      1.055,
      0.09,
      0.3525,
      0.615,
      0.88,
      1.1425,
      0.1775,
      0.44,
      0.705,
      0.9675,
      0,
      0.265,
      0.5275,
      0.7925,
      1.055,
      0.09,
      0.3525,
      0.615,
      0.88,
      1.1425,
      0.1775,
      0.44,
      0.705,
      0.9675
    ],
    "SoftwareVersions": "syngo_MR_D13",
    "SpacingBetweenSlices": 2,
    "StationName": "AWP45239",
    "TotalReadoutTime": 0.0438149,
    "TxRefAmp": 323.505,
    "WipMemBlock": "115ee0c1-a30d-44c7-ae69-45ee50c76f7a||Sequence: vd13a/master r/58f62de; Dec 19 2014 18:04:02 by eja",
    "acq_id": "D1S13",
    "dataset": "ds003604",
    "modality": "bold",
    "run_id": 2,
    "session_id": "5",
    "subject_id": "5034",
    "task_id": "Gram"
  },
  "dummy_trs": 0,
  "dvars_nstd": 62.77395671459717,
  "dvars_std": 1.2681812647867294,
  "dvars_vstd": 1.0588834645971572,
  "efc": 0.44225728604670017,
  "fber": 1069.36962890625,
  "fd_mean": 0.35612034509254475,
  "fd_num": 127,
  "fd_perc": 59.905660377358494,
  "fwhm_avg": 4.000711666666667,
  "fwhm_x": 3.781175,
  "fwhm_y": 4.123905,
  "fwhm_z": 4.097055,
  "gcor": 0.00917651,
  "gsr_x": -0.024723459035158157,
  "gsr_y": 0.025281716138124466,
  "provenance": {
    "md5sum": "cf9dbd4f14bdf78c1a1363d4f6a78f10",
    "settings": {
      "fd_thres": 0.2,
      "testing": false
    },
    "software": "mriqc",
    "version": "23.0.1",
    "webapi_port": null,
    "webapi_url": "https://mriqc.nimh.nih.gov/api/v1"
  },
  "size_t": 212,
  "size_x": 128,
  "size_y": 128,
  "size_z": 56,
  "snr": 1.9385712470325713,
  "spacing_tr": 1.25,
  "spacing_x": 2.0,
  "spacing_y": 2.0,
  "spacing_z": 2.0,
  "summary_bg_k": 43.480124202933226,
  "summary_bg_mad": 76.16277313587943,
  "summary_bg_mean": 468.8720397949219,
  "summary_bg_median": 288.72418212890625,
  "summary_bg_n": 662130.0,
  "summary_bg_p05": 225.89436264038088,
  "summary_bg_p95": 1208.9119628906246,
  "summary_bg_stdv": 575.688720703125,
  "summary_fg_k": 3.9889266921615665,
  "summary_fg_mad": 3918.520559217764,
  "summary_fg_mean": 10583.634765625,
  "summary_fg_median": 9485.9482421875,
  "summary_fg_n": 149867.0,
  "summary_fg_p05": 5125.567578125,
  "summary_fg_p95": 20074.96523437497,
  "summary_fg_stdv": 4893.25146484375,
  "tsnr": 26.16388702392578
}