{
  "bids_meta": {
    "AcquisitionMatrixPE": 256,
    "AcquisitionNumber": 1,
    "AcquisitionTime": "11:31:26.012500",
    "BaseResolution": 256,
    "BodyPartExamined": "BRAIN",
    "ConsistencyInfo": "N4_VE11C_LATEST_20160120",
    "ConversionSoftware": "dcm2niix",
    "ConversionSoftwareVersion": "v1.0.20190902",
    "DeviceSerialNumber": "45239",
    "DwellTime": 1.09e-05,
    "EchoTime": 0.00243,
    "FlipAngle": 9,
    "ImageOrientationPatientDICOM": [
      0,
      1,
      0,
      0,
      0,
      -1
    ],
    "ImageType": [
      "ORIGINAL",
      "PRIMARY",
      "M",
      "ND"
    ],
    "ImagingFrequency": 123.186,
    "InPlanePhaseEncodingDirectionDICOM": "ROW",
    "InstitutionAddress": "E_24th_St._100_Austin_Southmiddle_US_78712",
    "InstitutionName": "The_Univ._of_Texas_at_Austin_IRC",
    "InstitutionalDepartmentName": "IRC",
    "InversionTime": 0.9,
    "MRAcquisitionType": "3D",
    "MagneticFieldStrength": 3,
    "Manufacturer": "Siemens",
    "ManufacturersModelName": "Skyra",
    "Modality": "MR",
    "ParallelReductionFactorInPlane": 2,
    "PartialFourier": 1,
    "PatientPosition": "HFS",
    "PercentPhaseFOV": 100,
    "PhaseEncodingSteps": 255,
    "PhaseResolution": 1,
    "PixelBandwidth": 180,
    "ProcedureStepDescription": "Booth_Language",
    "ProtocolName": "MPRAGE",
    "PulseSequenceDetails": "%SiemensSeq%_tfl",
    "ReceiveCoilActiveElements": "HC1-6",
    "ReceiveCoilName": "HeadNeck_64",
    "ReconMatrixPE": 256,
    "RefLinesPE": 24,
    "RepetitionTime": 1.9,
    "SAR": 0.179727,
    "ScanOptions": "IR",
    "ScanningSequence": "GR_IR",
    "SequenceName": "_tfl3d1_16ns",
    "SequenceVariant": "SK_SP_MP",
    "SeriesDescription": "MPRAGE",
    "SeriesNumber": 13,
    "ShiftedAquisitionDate": "1818-04-12 00:00:00",
    "ShimSetting": [
      -2727,
      7934,
      -15901,
      -500,
      562,
      -716,
      -526,
      132
    ],
    "SliceThickness": 1,
    "SoftwareVersions": "syngo_MR_E11",
    "StationName": "AWP45239",
    "TxRefAmp": 318.319,
    "acq_id": "D1S13",
    "dataset": "ds003604",
    "modality": "T1w",
    "session_id": "9",
    "subject_id": "5023"
  },
  "cjv": 0.4449056390457946,
  "cnr": 2.974610126307907,
  "efc": 0.4974242134081804,
  "fber": -1.0,
  "fwhm_avg": 5.620893333333332,
  "fwhm_x": 5.70799,
  "fwhm_y": 5.17697,
  "fwhm_z": 5.97772,
  "icvs_csf": 0.1495687921980311,
  "icvs_gm": 0.4670754919381492,
  "icvs_wm": 0.3833557158638197,
  "inu_med": 0.9847102165222168,
  "inu_range": 1.2730872988700865,
  "provenance": {
    "md5sum": "ae6878dfcccb0a3671d53b23dbebc9ab",
    "settings": {
      "testing": false
    },
    "software": "mriqc",
    "version": "23.0.1",
    "warnings": {
      "large_rot_frame": true,
      "small_air_mask": false
    },
    "webapi_port": null,
    "webapi_url": "https://mriqc.nimh.nih.gov/api/v1"
  },
  "qi_1": 0.0006514417990750723,
  "qi_2": 0.005038014733931373,
  "rpve_csf": 35.92301710507815,
  "rpve_gm": 12.899584220540815,
  "rpve_wm": 16.59026167120606,
  "size_x": 192,
  "size_y": 256,
  "size_z": 256,
  "snr_csf": 3.0810819273309566,
  "snr_gm": 16.09152051198523,
  "snr_total": 11.584446631946799,
  "snr_wm": 15.580737456524215,
  "snrd_csf": 20.08624875544251,
  "snrd_gm": 43.876069469271606,
  "snrd_total": 40.55165424876318,
  "snrd_wm": 57.69264452157541,
  "spacing_x": 1.0,
  "spacing_y": 1.0,
  "spacing_z": 1.0,
  "summary_bg_k": 140.20669214485068,
  "summary_bg_mad": 0.0,
  "summary_bg_mean": 6.377738735848651,
  "summary_bg_median": 0.0,
  "summary_bg_n": 2949335.0,
  "summary_bg_p05": 0.0,
  "summary_bg_p95": 22.611037373542786,
  "summary_bg_stdv": 11.356395995474829,
  "summary_csf_k": 1.2717587517808724,
  "summary_csf_mad": 92.58781438181911,
  "summary_csf_mean": 352.08613699865316,
  "summary_csf_median": 348.18305765092373,
  "summary_csf_n": 20530.0,
  "summary_csf_p05": 167.83311669528484,
  "summary_csf_p95": 551.2180602096021,
  "summary_csf_stdv": 113.00399856264926,
  "summary_gm_k": 0.11113883389397161,
  "summary_gm_mad": 46.992306652841386,
  "summary_gm_mean": 760.7772365963988,
  "summary_gm_median": 760.5653107017279,
  "summary_gm_n": 47226.0,
  "summary_gm_p05": 683.7147015333176,
  "summary_gm_p95": 838.6272254437208,
  "summary_gm_stdv": 47.2644743355577,
  "summary_wm_k": 1.0686011693314166,
  "summary_wm_mad": 59.56349696761424,
  "summary_wm_mean": 1009.4567009123298,
  "summary_wm_median": 1000.0673405006528,
  "summary_wm_n": 178954.0,
  "summary_wm_p05": 923.0148470699787,
  "summary_wm_p95": 1129.946215890348,
  "summary_wm_stdv": 64.18595712077362,
  "tpm_overlap_csf": 0.1420853051656186,
  "tpm_overlap_gm": 0.4705363361769963,
  "tpm_overlap_wm": 0.4513311124826075,
  "wm2max": 0.30429174003849463
}