{
  "bids_meta": {
    "AcquisitionMatrixPE": 256,
    "AcquisitionNumber": 1,
    "AcquisitionTime": "14:49:3.490000",
    "BaseResolution": 256,
    "BodyPartExamined": "BRAIN",
    "ConsistencyInfo": "N4_VE11A_LATEST_20140830",
    "ConversionSoftware": "dcm2niix",
    "ConversionSoftwareVersion": "v1.0.20190902",
    "DeviceSerialNumber": "45239",
    "DwellTime": 1.09e-05,
    "EchoTime": 0.00243,
    "FlipAngle": 9,
    "ImageOrientationPatientDICOM": [
      0,
      1,
      0,
      0,
      0,
      -1
    ],
    "ImageType": [
      "ORIGINAL",
      "PRIMARY",
      "M",
      "ND"
    ],
    "ImagingFrequency": 123.224,
    "InPlanePhaseEncodingDirectionDICOM": "ROW",
    "InstitutionAddress": "E_24th_St._100_Austin_Southmiddle_US_78712",
    "InstitutionName": "The_Univ._of_Texas_at_Austin_IRC",
    "InstitutionalDepartmentName": "IRC",
    "InversionTime": 0.9,
    "MRAcquisitionType": "3D",
    "MagneticFieldStrength": 3,
    "Manufacturer": "Siemens",
    "ManufacturersModelName": "Skyra",
    "Modality": "MR",
    "ParallelReductionFactorInPlane": 2,
    "PartialFourier": 1,
    "PatientPosition": "HFS",
    "PercentPhaseFOV": 100,
    "PhaseEncodingSteps": 255,
    "PhaseResolution": 1,
    "PixelBandwidth": 180,
    "ProcedureStepDescription": "Booth_Language",
    "ProtocolName": "MPRAGE",
    "PulseSequenceDetails": "%SiemensSeq%_tfl",
    "ReceiveCoilActiveElements": "HC1-6",
    "ReceiveCoilName": "HeadNeck_64",
    "ReconMatrixPE": 256,
    "RefLinesPE": 24,
    "RepetitionTime": 1.9,
    "SAR": 0.218456,
    "ScanOptions": "IR",
    "ScanningSequence": "GR_IR",
    "SequenceName": "_tfl3d1_16ns",
    "SequenceVariant": "SK_SP_MP",
    "SeriesDescription": "MPRAGE",
    "SeriesNumber": 2,
    "ShiftedAquisitionDate": "1816-02-03 00:00:00",
    "ShimSetting": [
      -2849,
      8022,
      -16018,
      -1233,
      -75,
      -527,
      -219,
      169
    ],
    "SliceThickness": 1,
    "SoftwareVersions": "syngo_MR_E11",
    "StationName": "AWP45239",
    "TxRefAmp": 327.304,
    "acq_id": "D1S2",
    "dataset": "ds003604",
    "modality": "T1w",
    "session_id": "7",
    "subject_id": "5246"
  },
  "cjv": 0.4573736556615008,
  "cnr": 3.0178463924573076,
  "efc": 0.5322878933773098,
  "fber": -1.0,
  "fwhm_avg": 6.618286666666666,
  "fwhm_x": 6.79145,
  "fwhm_y": 6.42097,
  "fwhm_z": 6.64244,
  "icvs_csf": 0.11083567108730633,
  "icvs_gm": 0.47908670547299637,
  "icvs_wm": 0.41007762343969734,
  "inu_med": 1.0332144498825073,
  "inu_range": 1.2810311079025267,
  "provenance": {
    "md5sum": "2b937cf7920b3ba8150ed49657931cdc",
    "settings": {
      "testing": false
    },
    "software": "mriqc",
    "version": "22.0.6",
    "warnings": {
      "large_rot_frame": true,
      "small_air_mask": false
    },
    "webapi_port": null,
    "webapi_url": "https://mriqc.nimh.nih.gov/api/v1"
  },
  "qi_1": 0.0,
  "qi_2": 0.004528489008293215,
  "rpve_csf": 39.98316571439521,
  "rpve_gm": 10.819114196306733,
  "rpve_wm": 13.248520911616618,
  "size_x": 192,
  "size_y": 256,
  "size_z": 256,
  "snr_csf": 2.206794418864284,
  "snr_gm": 16.81131239758623,
  "snr_total": 11.712459170942244,
  "snr_wm": 16.119270696376216,
  "snrd_csf": 23.750540190212245,
  "snrd_gm": 50.54677234069831,
  "snrd_total": 46.767315917773054,
  "snrd_wm": 66.00463522240858,
  "spacing_x": 1.0,
  "spacing_y": 1.0,
  "spacing_z": 1.0,
  "summary_bg_k": 5.792847982570869,
  "summary_bg_mad": 0.0,
  "summary_bg_mean": 5.740975110611589,
  "summary_bg_median": 0.0,
  "summary_bg_n": 2332764.0,
  "summary_bg_p05": 0.0,
  "summary_bg_p95": 22.629787534475327,
  "summary_bg_stdv": 9.926345622743247,
  "summary_csf_k": 26.431374229843303,
  "summary_csf_mad": 92.86821667606613,
  "summary_csf_mean": 380.17957010448714,
  "summary_csf_median": 359.85799393057823,
  "summary_csf_n": 18461.0,
  "summary_csf_p05": 189.46900543570518,
  "summary_csf_p95": 615.9591515511274,
  "summary_csf_stdv": 163.06378350617206,
  "summary_gm_k": 0.16659953222869417,
  "summary_gm_mad": 45.06356204706396,
  "summary_gm_mean": 766.115793281438,
  "summary_gm_median": 765.8630055785179,
  "summary_gm_n": 71952.0,
  "summary_gm_p05": 691.983405098319,
  "summary_gm_p95": 841.2956306934357,
  "summary_gm_stdv": 45.556091363150585,
  "summary_wm_k": 0.06753218185961529,
  "summary_wm_mad": 62.05833605508079,
  "summary_wm_mean": 1006.6084741358474,
  "summary_wm_median": 1000.0739112049341,
  "summary_wm_n": 221615.0,
  "summary_wm_p05": 917.0980235785246,
  "summary_wm_p95": 1120.1744829565287,
  "summary_wm_stdv": 62.04199145904838,
  "tpm_overlap_csf": 0.14464751814090393,
  "tpm_overlap_gm": 0.46427545437471796,
  "tpm_overlap_wm": 0.4542773831029321,
  "wm2max": 0.2683691653533362
}