{
  "bids_meta": {
    "AcquisitionMatrixPE": 256,
    "AcquisitionNumber": 1,
    "AcquisitionTime": "12:22:49.237500",
    "BaseResolution": 256,
    "BodyPartExamined": "BRAIN",
    "ConsistencyInfo": "N4_VE11C_LATEST_20160120",
    "ConversionSoftware": "dcm2niix",
    "ConversionSoftwareVersion": "v1.0.20190902",
    "DeviceSerialNumber": "45239",
    "DwellTime": 1.09e-05,
    "EchoTime": 0.00243,
    "FlipAngle": 9,
    "ImageOrientationPatientDICOM": [
      0,
      1,
      0,
      0,
      0,
      -1
    ],
    "ImageType": [
      "ORIGINAL",
      "PRIMARY",
      "M",
      "ND"
    ],
    "ImagingFrequency": 123.172,
    "InPlanePhaseEncodingDirectionDICOM": "ROW",
    "InstitutionAddress": "E_24th_St._100_Austin_Southmiddle_US_78712",
    "InstitutionName": "The_Univ._of_Texas_at_Austin_IRC",
    "InstitutionalDepartmentName": "IRC",
    "InversionTime": 0.9,
    "MRAcquisitionType": "3D",
    "MagneticFieldStrength": 3,
    "Manufacturer": "Siemens",
    "ManufacturersModelName": "Skyra",
    "Modality": "MR",
    "ParallelReductionFactorInPlane": 2,
    "PartialFourier": 1,
    "PatientPosition": "HFS",
    "PercentPhaseFOV": 100,
    "PhaseEncodingSteps": 255,
    "PhaseResolution": 1,
    "PixelBandwidth": 180,
    "ProcedureStepDescription": "Booth_Language",
    "ProtocolName": "MPRAGE",
    "PulseSequenceDetails": "%SiemensSeq%_tfl",
    "ReceiveCoilActiveElements": "HC1-6",
    "ReceiveCoilName": "HeadNeck_64",
    "ReconMatrixPE": 256,
    "RefLinesPE": 24,
    "RepetitionTime": 1.9,
    "SAR": 0.171535,
    "ScanOptions": "IR",
    "ScanningSequence": "GR_IR",
    "SequenceName": "_tfl3d1_16ns",
    "SequenceVariant": "SK_SP_MP",
    "SeriesDescription": "MPRAGE",
    "SeriesNumber": 2,
    "ShiftedAquisitionDate": "1818-07-02 00:00:00",
    "ShimSetting": [
      -2751,
      8072,
      -15888,
      -462,
      637,
      -681,
      -484,
      -138
    ],
    "SliceThickness": 1,
    "SoftwareVersions": "syngo_MR_E11",
    "StationName": "AWP45239",
    "TxRefAmp": 345.295,
    "acq_id": "D1S2",
    "dataset": "ds003604",
    "modality": "T1w",
    "session_id": "9",
    "subject_id": "5025"
  },
  "cjv": 0.8411764524231403,
  "cnr": 0.9462576764423085,
  "efc": 0.5306511151834346,
  "fber": 1076.2131129130075,
  "fwhm_avg": 4.0361400000000005,
  "fwhm_x": 4.3588,
  "fwhm_y": 3.43075,
  "fwhm_z": 4.31887,
  "icvs_csf": 0.4078932921663262,
  "icvs_gm": 0.1379878187176077,
  "icvs_wm": 0.45411888911606607,
  "inu_med": 1.124964714050293,
  "inu_range": 0.7696169525384902,
  "provenance": {
    "md5sum": "cb3948e3240d178da0866a86055c38c7",
    "settings": {
      "testing": false
    },
    "software": "mriqc",
    "version": "21.0.0rc2",
    "warnings": {
      "large_rot_frame": true,
      "small_air_mask": false
    },
    "webapi_port": null,
    "webapi_url": "https://mriqc.nimh.nih.gov/api/v1"
  },
  "qi_1": 0.004500530357107119,
  "qi_2": 0.0018340165185036928,
  "rpve_csf": 11.019658873799672,
  "rpve_gm": 31.153139977664857,
  "rpve_wm": 10.169077959139713,
  "size_x": 192,
  "size_y": 256,
  "size_z": 256,
  "snr_csf": 8.162726819284126,
  "snr_gm": 1.7366058437397989,
  "snr_total": 6.870547800346457,
  "snr_wm": 10.712310738015443,
  "snrd_csf": 26.413186318076615,
  "snrd_gm": 86.9059874709085,
  "snrd_total": 50.9012525324402,
  "snrd_wm": 39.384583808335506,
  "spacing_x": 1.0,
  "spacing_y": 1.0,
  "spacing_z": 1.0,
  "summary_bg_k": 18.094915182962545,
  "summary_bg_mad": 16.63433517881988,
  "summary_bg_mean": 38.06608971359558,
  "summary_bg_median": 19.785257279872894,
  "summary_bg_n": 3294384.0,
  "summary_bg_p05": 2.895403504371643,
  "summary_bg_p95": 143.20183165371418,
  "summary_bg_stdv": 52.35901152051059,
  "summary_csf_k": 0.9218703823828753,
  "summary_csf_mad": 79.05780805417622,
  "summary_csf_mean": 668.5942752276329,
  "summary_csf_median": 670.6478367000818,
  "summary_csf_n": 135586.0,
  "summary_csf_p05": 531.0954198800027,
  "summary_csf_p95": 795.5121128261089,
  "summary_csf_stdv": 82.159476654977,
  "summary_gm_k": 0.7260724846559525,
  "summary_gm_mad": 937.8724355929253,
  "summary_gm_mean": 2455.33979712117,
  "summary_gm_median": 2206.5990748628974,
  "summary_gm_n": 55182.0,
  "summary_gm_p05": 592.0014390125871,
  "summary_gm_p95": 5072.976159103214,
  "summary_gm_stdv": 1270.627465003939,
  "summary_wm_k": 2.7162227925659064,
  "summary_wm_mad": 77.09030604377817,
  "summary_wm_mean": 1014.9136771210138,
  "summary_wm_median": 999.9999853223562,
  "summary_wm_n": 142897.0,
  "summary_wm_p05": 894.076473787427,
  "summary_wm_p95": 1191.4585420489311,
  "summary_wm_stdv": 93.35021273643265,
  "tpm_overlap_csf": 0.09757620096206665,
  "tpm_overlap_gm": 0.08793274313211441,
  "tpm_overlap_wm": 0.37003111839294434,
  "wm2max": 0.19640742411058337
}