{
  "bids_meta": {
    "AcquisitionMatrixPE": 256,
    "AcquisitionNumber": 1,
    "AcquisitionTime": "11:47:1.275000",
    "BaseResolution": 256,
    "BodyPartExamined": "BRAIN",
    "ConsistencyInfo": "N4_VE11C_LATEST_20160120",
    "ConversionSoftware": "dcm2niix",
    "ConversionSoftwareVersion": "v1.0.20190902",
    "DeviceSerialNumber": "45239",
    "DwellTime": 1.09e-05,
    "EchoTime": 0.00243,
    "FlipAngle": 9,
    "ImageOrientationPatientDICOM": [
      0,
      1,
      0,
      0,
      0,
      -1
    ],
    "ImageType": [
      "ORIGINAL",
      "PRIMARY",
      "M",
      "ND"
    ],
    "ImagingFrequency": 123.186,
    "InPlanePhaseEncodingDirectionDICOM": "ROW",
    "InstitutionAddress": "E_24th_St._100_Austin_Southmiddle_US_78712",
    "InstitutionName": "The_Univ._of_Texas_at_Austin_IRC",
    "InstitutionalDepartmentName": "IRC",
    "InversionTime": 0.9,
    "MRAcquisitionType": "3D",
    "MagneticFieldStrength": 3,
    "Manufacturer": "Siemens",
    "ManufacturersModelName": "Skyra",
    "Modality": "MR",
    "ParallelReductionFactorInPlane": 2,
    "PartialFourier": 1,
    "PatientPosition": "HFS",
    "PercentPhaseFOV": 100,
    "PhaseEncodingSteps": 255,
    "PhaseResolution": 1,
    "PixelBandwidth": 180,
    "ProcedureStepDescription": "Booth_Language",
    "ProtocolName": "MPRAGE",
    "PulseSequenceDetails": "%SiemensSeq%_tfl",
    "ReceiveCoilActiveElements": "HC1-6",
    "ReceiveCoilName": "HeadNeck_64",
    "ReconMatrixPE": 256,
    "RefLinesPE": 24,
    "RepetitionTime": 1.9,
    "SAR": 0.173466,
    "ScanOptions": "IR",
    "ScanningSequence": "GR_IR",
    "SequenceName": "_tfl3d1_16ns",
    "SequenceVariant": "SK_SP_MP",
    "SeriesDescription": "MPRAGE",
    "SeriesNumber": 6,
    "ShiftedAquisitionDate": "1818-09-25 00:00:00",
    "ShimSetting": [
      -2727,
      7934,
      -15901,
      -500,
      562,
      -716,
      -526,
      132
    ],
    "SliceThickness": 1,
    "SoftwareVersions": "syngo_MR_E11",
    "StationName": "AWP45239",
    "TxRefAmp": 341.962,
    "acq_id": "D1S6",
    "dataset": "ds003604",
    "modality": "T1w",
    "session_id": "7",
    "subject_id": "5520"
  },
  "cjv": 0.4830420601904922,
  "cnr": 2.743724461212368,
  "efc": 0.49906409062387963,
  "fber": -1.0,
  "fwhm_avg": 5.803396666666667,
  "fwhm_x": 5.86887,
  "fwhm_y": 5.40689,
  "fwhm_z": 6.13443,
  "icvs_csf": 0.13360498012090655,
  "icvs_gm": 0.4543565642378356,
  "icvs_wm": 0.4120384556412579,
  "inu_med": 0.9776970148086548,
  "inu_range": 1.208343571424484,
  "provenance": {
    "md5sum": "ba08dfb7f13126022bd90afbc306a14a",
    "settings": {
      "testing": false
    },
    "software": "mriqc",
    "version": "23.0.1",
    "warnings": {
      "large_rot_frame": true,
      "small_air_mask": false
    },
    "webapi_port": null,
    "webapi_url": "https://mriqc.nimh.nih.gov/api/v1"
  },
  "qi_1": 0.0,
  "qi_2": 0.006684691461635551,
  "rpve_csf": 43.133538811212894,
  "rpve_gm": 14.34530780278087,
  "rpve_wm": 17.205811281533833,
  "size_x": 192,
  "size_y": 256,
  "size_z": 256,
  "snr_csf": 2.281900326705396,
  "snr_gm": 15.329037537488341,
  "snr_total": 10.882777497384694,
  "snr_wm": 15.037394627960348,
  "snrd_csf": 26.51663025612707,
  "snrd_gm": 56.72327702038833,
  "snrd_total": 52.300978166453866,
  "snrd_wm": 73.6630272228462,
  "spacing_x": 1.0,
  "spacing_y": 1.0,
  "spacing_z": 1.0,
  "summary_bg_k": 8.362264246752776,
  "summary_bg_mad": 0.0,
  "summary_bg_mean": 5.159994527965799,
  "summary_bg_median": 0.0,
  "summary_bg_n": 3123098.0,
  "summary_bg_p05": 0.0,
  "summary_bg_p95": 19.241012081503868,
  "summary_bg_stdv": 8.894877976489118,
  "summary_csf_k": 40.837571220810354,
  "summary_csf_mad": 89.28187173318388,
  "summary_csf_mean": 379.7230786720836,
  "summary_csf_median": 360.01997519284487,
  "summary_csf_n": 14296.0,
  "summary_csf_p05": 205.9753672219813,
  "summary_csf_p95": 593.7583252452314,
  "summary_csf_stdv": 157.76648047518552,
  "summary_gm_k": 0.03908238532988628,
  "summary_gm_mad": 49.50233131475038,
  "summary_gm_mean": 770.6647220018581,
  "summary_gm_median": 770.1398174837232,
  "summary_gm_n": 29534.0,
  "summary_gm_p05": 688.615183249116,
  "summary_gm_p95": 853.6617886126041,
  "summary_gm_stdv": 50.23973470609438,
  "summary_wm_k": 0.7120121996225452,
  "summary_wm_mad": 61.59412709950994,
  "summary_wm_mean": 1011.0741204388991,
  "summary_wm_median": 1000.1331608593464,
  "summary_wm_n": 175900.0,
  "summary_wm_p05": 921.4380872249603,
  "summary_wm_p95": 1137.9494065642357,
  "summary_wm_stdv": 66.50954787693084,
  "tpm_overlap_csf": 0.15214585811768494,
  "tpm_overlap_gm": 0.4546888176203627,
  "tpm_overlap_wm": 0.4583788566359048,
  "wm2max": 0.31780791997772917
}