{
  "aor": 0.0033886075949367093,
  "aqi": 0.006107197278481013,
  "bids_meta": {
    "AcquisitionMatrixPE": 128,
    "AcquisitionNumber": 1,
    "AcquisitionTime": "14:29:57.782500",
    "BandwidthPerPixelPhaseEncode": 23.321,
    "BaseResolution": 128,
    "BodyPartExamined": "BRAIN",
    "ConsistencyInfo": "N4_VE11C_LATEST_20160120",
    "ConversionSoftware": "dcm2niix",
    "ConversionSoftwareVersion": "v1.0.20190902",
    "DerivedVendorReportedEchoSpacing": 0.000669997,
    "DeviceSerialNumber": "45239",
    "DwellTime": 2.2e-06,
    "EchoTime": 0.03,
    "EchoTrainLength": 63,
    "EffectiveEchoSpacing": 0.000334999,
    "FlipAngle": 80,
    "ImageComments": "Unaliased_MB4_PE4_LB",
    "ImageOrientationPatientDICOM": [
      1,
      0,
      0,
      0,
      1,
      0
    ],
    "ImageType": [
      "ORIGINAL",
      "PRIMARY",
      "M",
      "MB",
      "ND",
      "MOSAIC"
    ],
    "ImagingFrequency": 123.186,
    "InPlanePhaseEncodingDirectionDICOM": "COL",
    "InstitutionAddress": "E_24th_St._100_Austin_Southmiddle_US_78712",
    "InstitutionName": "The_Univ._of_Texas_at_Austin_IRC",
    "InstitutionalDepartmentName": "IRC",
    "MRAcquisitionType": "2D",
    "MagneticFieldStrength": 3,
    "Manufacturer": "Siemens",
    "ManufacturersModelName": "Skyra",
    "Modality": "MR",
    "MultibandAccelerationFactor": 4,
    "ParallelReductionFactorInPlane": 2,
    "PartialFourier": 1,
    "PatientPosition": "HFS",
    "PercentPhaseFOV": 100,
    "PhaseEncodingDirection": "j-",
    "PhaseEncodingSteps": 127,
    "PhaseResolution": 1,
    "PixelBandwidth": 1775,
    "ProcedureStepDescription": "Booth_Language",
    "ProtocolName": "SEM2",
    "PulseSequenceDetails": "%CustomerSeq%_cmrr_mbep2d_bold",
    "ReceiveCoilActiveElements": "HC1-6",
    "ReceiveCoilName": "HeadNeck_64",
    "ReconMatrixPE": 128,
    "RefLinesPE": 58,
    "RepetitionTime": 1.25,
    "SAR": 0.238475,
    "ScanOptions": "FS",
    "ScanningSequence": "EP",
    "SequenceName": "epfid2d1_128",
    "SequenceVariant": "SK_SS",
    "SeriesDescription": "SEM2",
    "SeriesNumber": 6,
    "ShiftedAquisitionDate": "1819-03-21",
    "ShimSetting": [
      -2740,
      7750,
      -15438,
      -236,
      818,
      -952,
      309,
      -63
    ],
    "SliceThickness": 2,
    "SliceTiming": [
      0,
      0.2625,
      0.525,
      0.79,
      1.0525,
      0.0875,
      0.35,
      0.615,
      0.8775,
      1.14,
      0.175,
      0.4375,
      0.7025,
      0.965,
      0,
      0.2625,
      0.525,
      0.79,
      1.0525,
      0.0875,
      0.35,
      0.615,
      0.8775,
      1.14,
      0.175,
      0.4375,
      0.7025,
      0.965,
      0,
      0.2625,
      0.525,
      0.79,
      1.0525,
      0.0875,
      0.35,
      0.615,
      0.8775,
      1.14,
      0.175,
      0.4375,
      0.7025,
      0.965,
      0,
      0.2625,
      0.525,
      0.79,
      1.0525,
      0.0875,
      0.35,
      0.615,
      0.8775,
      1.14,
      0.175,
      0.4375,
      0.7025,
      0.965
    ],
    "SoftwareVersions": "syngo_MR_E11",
    "SpacingBetweenSlices": 2,
    "StationName": "AWP45239",
    "TotalReadoutTime": 0.0425448,
    "TxRefAmp": 336.654,
    "WipMemBlock": "b7926e7f-ed69-4065-970d-178e85646d8c||Sequence: R016 ve11c/master r/e634e98; Dec 19 2017 11:00:25 by eja",
    "acq_id": "D2S6",
    "dataset": "ds003604",
    "modality": "bold",
    "run_id": 2,
    "session_id": "7",
    "subject_id": "5537",
    "task_id": "Sem"
  },
  "dummy_trs": 0,
  "dvars_nstd": 50.92419632840765,
  "dvars_std": 1.1912082081528659,
  "dvars_vstd": 1.0468447639490448,
  "efc": 0.41846126242088105,
  "fber": 3133.22216796875,
  "fd_mean": 0.2798626518836492,
  "fd_num": 107,
  "fd_perc": 67.72151898734177,
  "fwhm_avg": 3.6355,
  "fwhm_x": 3.4113,
  "fwhm_y": 3.75711,
  "fwhm_z": 3.73809,
  "gcor": 0.0175769,
  "gsr_x": -0.010275917127728462,
  "gsr_y": 0.00672164699062705,
  "provenance": {
    "md5sum": "a2869a28e580834285d1751259454e58",
    "settings": {
      "fd_thres": 0.2,
      "testing": false
    },
    "software": "mriqc",
    "version": "23.0.1",
    "webapi_port": null,
    "webapi_url": "https://mriqc.nimh.nih.gov/api/v1"
  },
  "size_t": 158,
  "size_x": 128,
  "size_y": 128,
  "size_z": 56,
  "snr": 2.287918608361364,
  "spacing_tr": 1.25,
  "spacing_x": 2.0,
  "spacing_y": 2.0,
  "spacing_z": 2.0,
  "summary_bg_k": 80.64956271570823,
  "summary_bg_mad": 3.687738590653515,
  "summary_bg_mean": 23.420190811157227,
  "summary_bg_median": 12.316455841064453,
  "summary_bg_n": 672330.0,
  "summary_bg_p05": 9.278481483459473,
  "summary_bg_p95": 69.94937133789062,
  "summary_bg_stdv": 44.94807434082031,
  "summary_fg_k": 0.9493941479454184,
  "summary_fg_mad": 274.44094580630156,
  "summary_fg_mean": 744.7364501953125,
  "summary_fg_median": 690.924072265625,
  "summary_fg_n": 144147.0,
  "summary_fg_p05": 369.2487518310547,
  "summary_fg_p95": 1329.7019165039055,
  "summary_fg_stdv": 301.98699951171875,
  "tsnr": 34.11336171790026
}