{
  "aor": 0.008637784810126583,
  "aqi": 0.007552182721518987,
  "bids_meta": {
    "AcquisitionMatrixPE": 128,
    "AcquisitionNumber": 1,
    "AcquisitionTime": "14:25:38.422500",
    "BandwidthPerPixelPhaseEncode": 23.321,
    "BaseResolution": 128,
    "BodyPartExamined": "BRAIN",
    "ConsistencyInfo": "N4_VE11C_LATEST_20160120",
    "ConversionSoftware": "dcm2niix",
    "ConversionSoftwareVersion": "v1.0.20190902",
    "DerivedVendorReportedEchoSpacing": 0.000669997,
    "DeviceSerialNumber": "45239",
    "DwellTime": 2.2e-06,
    "EchoTime": 0.03,
    "EchoTrainLength": 63,
    "EffectiveEchoSpacing": 0.000334999,
    "FlipAngle": 80,
    "ImageComments": "Unaliased_MB4_PE4_LB",
    "ImageOrientationPatientDICOM": [
      1,
      0,
      0,
      0,
      1,
      0
    ],
    "ImageType": [
      "ORIGINAL",
      "PRIMARY",
      "M",
      "MB",
      "ND",
      "MOSAIC"
    ],
    "ImagingFrequency": 123.186,
    "InPlanePhaseEncodingDirectionDICOM": "COL",
    "InstitutionAddress": "E_24th_St._100_Austin_Southmiddle_US_78712",
    "InstitutionName": "The_Univ._of_Texas_at_Austin_IRC",
    "InstitutionalDepartmentName": "IRC",
    "MRAcquisitionType": "2D",
    "MagneticFieldStrength": 3,
    "Manufacturer": "Siemens",
    "ManufacturersModelName": "Skyra",
    "Modality": "MR",
    "MultibandAccelerationFactor": 4,
    "ParallelReductionFactorInPlane": 2,
    "PartialFourier": 1,
    "PatientPosition": "HFS",
    "PercentPhaseFOV": 100,
    "PhaseEncodingDirection": "j-",
    "PhaseEncodingSteps": 127,
    "PhaseResolution": 1,
    "PixelBandwidth": 1775,
    "ProcedureStepDescription": "Booth_Language",
    "ProtocolName": "SEM1",
    "PulseSequenceDetails": "%CustomerSeq%_cmrr_mbep2d_bold",
    "ReceiveCoilActiveElements": "HC1-6",
    "ReceiveCoilName": "HeadNeck_64",
    "ReconMatrixPE": 128,
    "RefLinesPE": 58,
    "RepetitionTime": 1.25,
    "SAR": 0.238475,
    "ScanOptions": "FS",
    "ScanningSequence": "EP",
    "SequenceName": "epfid2d1_128",
    "SequenceVariant": "SK_SS",
    "SeriesDescription": "SEM1",
    "SeriesNumber": 4,
    "ShiftedAquisitionDate": "1819-03-21",
    "ShimSetting": [
      -2740,
      7750,
      -15438,
      -236,
      818,
      -952,
      309,
      -63
    ],
    "SliceThickness": 2,
    "SliceTiming": [
      0,
      0.2625,
      0.525,
      0.79,
      1.0525,
      0.0875,
      0.35,
      0.615,
      0.8775,
      1.14,
      0.175,
      0.4375,
      0.7025,
      0.965,
      0,
      0.2625,
      0.525,
      0.79,
      1.0525,
      0.0875,
      0.35,
      0.615,
      0.8775,
      1.14,
      0.175,
      0.4375,
      0.7025,
      0.965,
      0,
      0.2625,
      0.525,
      0.79,
      1.0525,
      0.0875,
      0.35,
      0.615,
      0.8775,
      1.14,
      0.175,
      0.4375,
      0.7025,
      0.965,
      0,
      0.2625,
      0.525,
      0.79,
      1.0525,
      0.0875,
      0.35,
      0.615,
      0.8775,
      1.14,
      0.175,
      0.4375,
      0.7025,
      0.965
    ],
    "SoftwareVersions": "syngo_MR_E11",
    "SpacingBetweenSlices": 2,
    "StationName": "AWP45239",
    "TotalReadoutTime": 0.0425448,
    "TxRefAmp": 336.654,
    "WipMemBlock": "b26abd9b-fd69-4c5d-9810-96897cc12cdc||Sequence: R016 ve11c/master r/e634e98; Dec 19 2017 11:00:25 by eja",
    "acq_id": "D2S4",
    "dataset": "ds003604",
    "modality": "bold",
    "run_id": 1,
    "session_id": "7",
    "subject_id": "5537",
    "task_id": "Sem"
  },
  "dummy_trs": 0,
  "dvars_nstd": 57.33235063980894,
  "dvars_std": 1.265010930828025,
  "dvars_vstd": 1.1008146119108277,
  "efc": 0.4187081707640105,
  "fber": 3143.229736328125,
  "fd_mean": 0.3001143048725507,
  "fd_num": 92,
  "fd_perc": 58.22784810126582,
  "fwhm_avg": 3.6345016666666665,
  "fwhm_x": 3.41642,
  "fwhm_y": 3.754515,
  "fwhm_z": 3.73257,
  "gcor": 0.0621777,
  "gsr_x": -0.010000620037317276,
  "gsr_y": 0.006083074491471052,
  "provenance": {
    "md5sum": "543b1000b3ec38117c5fd035da1f3e1e",
    "settings": {
      "fd_thres": 0.2,
      "testing": false
    },
    "software": "mriqc",
    "version": "23.0.1",
    "webapi_port": null,
    "webapi_url": "https://mriqc.nimh.nih.gov/api/v1"
  },
  "size_t": 158,
  "size_x": 128,
  "size_y": 128,
  "size_z": 56,
  "snr": 2.31228795027478,
  "spacing_tr": 1.25,
  "spacing_x": 2.0,
  "spacing_y": 2.0,
  "spacing_z": 2.0,
  "summary_bg_k": 86.84914188890929,
  "summary_bg_mad": 3.509450391474377,
  "summary_bg_mean": 23.044260025024414,
  "summary_bg_median": 12.240506172180176,
  "summary_bg_n": 672363.0,
  "summary_bg_p05": 9.37974739074707,
  "summary_bg_p95": 68.87342071533203,
  "summary_bg_stdv": 43.87504196166992,
  "summary_fg_k": 0.9043246090501897,
  "summary_fg_mad": 271.1238676677121,
  "summary_fg_mean": 738.9235229492188,
  "summary_fg_median": 686.7183837890625,
  "summary_fg_n": 144200.0,
  "summary_fg_p05": 367.86077880859375,
  "summary_fg_p95": 1312.2534912109375,
  "summary_fg_stdv": 296.9855041503906,
  "tsnr": 29.957926959148608
}