{
  "aor": 0.010934430379746835,
  "aqi": 0.016861814746835443,
  "bids_meta": {
    "AcquisitionMatrixPE": 128,
    "AcquisitionNumber": 1,
    "AcquisitionTime": "13:41:14.852500",
    "BandwidthPerPixelPhaseEncode": 22.645,
    "BaseResolution": 128,
    "BodyPartExamined": "BRAIN",
    "ConsistencyInfo": "N4_VD13A_LATEST_20120616",
    "ConversionSoftware": "dcm2niix",
    "ConversionSoftwareVersion": "v1.0.20190902",
    "DerivedVendorReportedEchoSpacing": 0.000689998,
    "DeviceSerialNumber": "45239",
    "DwellTime": 2.2e-06,
    "EchoTime": 0.03,
    "EchoTrainLength": 63,
    "EffectiveEchoSpacing": 0.000344999,
    "FlipAngle": 80,
    "ImageComments": "Unaliased_MB4_PE4",
    "ImageOrientationPatientDICOM": [
      0.99902,
      -0.000470148,
      0.0442689,
      0.00023117,
      0.999985,
      0.00540329
    ],
    "ImageType": [
      "ORIGINAL",
      "PRIMARY",
      "M",
      "MB",
      "ND",
      "MOSAIC"
    ],
    "ImagingFrequency": 123.224,
    "InPlanePhaseEncodingDirectionDICOM": "COL",
    "InstitutionAddress": "E_24th_St._100_Austin_Southmiddle_US_78712",
    "InstitutionName": "The_Univ._of_Texas_at_Austin_IRC",
    "InstitutionalDepartmentName": "IRC",
    "MRAcquisitionType": "2D",
    "MagneticFieldStrength": 3,
    "Manufacturer": "Siemens",
    "ManufacturersModelName": "Skyra",
    "Modality": "MR",
    "MultibandAccelerationFactor": 4,
    "ParallelReductionFactorInPlane": 2,
    "PartialFourier": 1,
    "PatientPosition": "HFS",
    "PercentPhaseFOV": 100,
    "PhaseEncodingDirection": "j-",
    "PhaseEncodingSteps": 127,
    "PhaseResolution": 1,
    "PixelBandwidth": 1775,
    "ProcedureStepDescription": "Booth_Language",
    "ProtocolName": "SEM2",
    "PulseSequenceDetails": "%CustomerSeq%_cmrr_mbep2d_bold",
    "ReceiveCoilActiveElements": "HC1-7",
    "ReceiveCoilName": "HeadNeck_64",
    "ReconMatrixPE": 128,
    "RefLinesPE": 100,
    "RepetitionTime": 1.25,
    "SAR": 0.258439,
    "ScanOptions": "FS",
    "ScanningSequence": "EP",
    "SequenceName": "epfid2d1_128",
    "SequenceVariant": "SK_SS",
    "SeriesDescription": "SEM2",
    "SeriesNumber": 13,
    "ShiftedAquisitionDate": "1815-03-27",
    "ShimSetting": [
      -2755,
      8033,
      -15381,
      -1227,
      91,
      -13,
      111,
      111
    ],
    "SliceThickness": 2,
    "SliceTiming": [
      0,
      0.2625,
      0.525,
      0.79,
      1.0525,
      0.0875,
      0.35,
      0.615,
      0.8775,
      1.14,
      0.175,
      0.4375,
      0.7025,
      0.965,
      0,
      0.2625,
      0.525,
      0.79,
      1.0525,
      0.0875,
      0.35,
      0.615,
      0.8775,
      1.14,
      0.175,
      0.4375,
      0.7025,
      0.965,
      0,
      0.2625,
      0.525,
      0.79,
      1.0525,
      0.0875,
      0.35,
      0.615,
      0.8775,
      1.14,
      0.175,
      0.4375,
      0.7025,
      0.965,
      0,
      0.2625,
      0.525,
      0.79,
      1.0525,
      0.0875,
      0.35,
      0.615,
      0.8775,
      1.14,
      0.175,
      0.4375,
      0.7025,
      0.965
    ],
    "SoftwareVersions": "syngo_MR_D13",
    "SpacingBetweenSlices": 2,
    "StationName": "AWP45239",
    "TotalReadoutTime": 0.0438149,
    "TxRefAmp": 320.715,
    "WipMemBlock": "dd24f40f-7e58-45c2-9cfc-07e15103f5de||Sequence: vd13a/R012 r/b34510a; May 18 2015 10:31:31 by eja",
    "acq_id": "D2S13",
    "dataset": "ds003604",
    "modality": "bold",
    "run_id": 2,
    "session_id": "5",
    "subject_id": "5036",
    "task_id": "Sem"
  },
  "dummy_trs": 0,
  "dvars_nstd": 66.71584033363055,
  "dvars_std": 1.2076368314649675,
  "dvars_vstd": 1.1239269138853505,
  "efc": 0.4342623567670928,
  "fber": 1036.546142578125,
  "fd_mean": 0.590987883043149,
  "fd_num": 127,
  "fd_perc": 80.37974683544304,
  "fwhm_avg": 3.6488433333333337,
  "fwhm_x": 3.400775,
  "fwhm_y": 3.78432,
  "fwhm_z": 3.761435,
  "gcor": 0.053073,
  "gsr_x": -0.016106531023979187,
  "gsr_y": 0.008980000391602516,
  "provenance": {
    "md5sum": "215ba1d614fd4efa447e0ffe69f8fc0e",
    "settings": {
      "fd_thres": 0.2,
      "testing": false
    },
    "software": "mriqc",
    "version": "23.0.1",
    "webapi_port": null,
    "webapi_url": "https://mriqc.nimh.nih.gov/api/v1"
  },
  "size_t": 158,
  "size_x": 128,
  "size_y": 128,
  "size_z": 56,
  "snr": 2.19257714230258,
  "spacing_tr": 1.25,
  "spacing_x": 2.0,
  "spacing_y": 2.0,
  "spacing_z": 2.0,
  "summary_bg_k": 66.39268238462462,
  "summary_bg_mad": 42.5832784781851,
  "summary_bg_mean": 386.72528076171875,
  "summary_bg_median": 253.73208618164062,
  "summary_bg_n": 680288.0,
  "summary_bg_p05": 218.54072113037108,
  "summary_bg_p95": 869.620150756836,
  "summary_bg_stdv": 540.7747192382812,
  "summary_fg_k": 1.1390030893239302,
  "summary_fg_mad": 3227.3112073909324,
  "summary_fg_mean": 9131.583984375,
  "summary_fg_median": 8217.923828125,
  "summary_fg_n": 136306.0,
  "summary_fg_p05": 4682.9371337890625,
  "summary_fg_p95": 16618.68017578125,
  "summary_fg_stdv": 3748.05224609375,
  "tsnr": 22.605426788330078
}