{
  "aor": 0.011370443037974682,
  "aqi": 0.01704310917721519,
  "bids_meta": {
    "AcquisitionMatrixPE": 128,
    "AcquisitionNumber": 1,
    "AcquisitionTime": "13:36:21.740000",
    "BandwidthPerPixelPhaseEncode": 22.645,
    "BaseResolution": 128,
    "BodyPartExamined": "BRAIN",
    "ConsistencyInfo": "N4_VD13A_LATEST_20120616",
    "ConversionSoftware": "dcm2niix",
    "ConversionSoftwareVersion": "v1.0.20190902",
    "DerivedVendorReportedEchoSpacing": 0.000689998,
    "DeviceSerialNumber": "45239",
    "DwellTime": 2.2e-06,
    "EchoTime": 0.03,
    "EchoTrainLength": 63,
    "EffectiveEchoSpacing": 0.000344999,
    "FlipAngle": 80,
    "ImageComments": "Unaliased_MB4_PE4",
    "ImageOrientationPatientDICOM": [
      0.99902,
      -0.000470148,
      0.0442689,
      0.00023117,
      0.999985,
      0.00540329
    ],
    "ImageType": [
      "ORIGINAL",
      "PRIMARY",
      "M",
      "MB",
      "ND",
      "MOSAIC"
    ],
    "ImagingFrequency": 123.224,
    "InPlanePhaseEncodingDirectionDICOM": "COL",
    "InstitutionAddress": "E_24th_St._100_Austin_Southmiddle_US_78712",
    "InstitutionName": "The_Univ._of_Texas_at_Austin_IRC",
    "InstitutionalDepartmentName": "IRC",
    "MRAcquisitionType": "2D",
    "MagneticFieldStrength": 3,
    "Manufacturer": "Siemens",
    "ManufacturersModelName": "Skyra",
    "Modality": "MR",
    "MultibandAccelerationFactor": 4,
    "ParallelReductionFactorInPlane": 2,
    "PartialFourier": 1,
    "PatientPosition": "HFS",
    "PercentPhaseFOV": 100,
    "PhaseEncodingDirection": "j-",
    "PhaseEncodingSteps": 127,
    "PhaseResolution": 1,
    "PixelBandwidth": 1775,
    "ProcedureStepDescription": "Booth_Language",
    "ProtocolName": "SEM1",
    "PulseSequenceDetails": "%CustomerSeq%_cmrr_mbep2d_bold",
    "ReceiveCoilActiveElements": "HC1-7",
    "ReceiveCoilName": "HeadNeck_64",
    "ReconMatrixPE": 128,
    "RefLinesPE": 100,
    "RepetitionTime": 1.25,
    "SAR": 0.258439,
    "ScanOptions": "FS",
    "ScanningSequence": "EP",
    "SequenceName": "epfid2d1_128",
    "SequenceVariant": "SK_SS",
    "SeriesDescription": "SEM1",
    "SeriesNumber": 11,
    "ShiftedAquisitionDate": "1815-03-27",
    "ShimSetting": [
      -2755,
      8033,
      -15381,
      -1227,
      91,
      -13,
      111,
      111
    ],
    "SliceThickness": 2,
    "SliceTiming": [
      0,
      0.2625,
      0.5275,
      0.79,
      1.055,
      0.0875,
      0.3525,
      0.615,
      0.8775,
      1.1425,
      0.175,
      0.44,
      0.7025,
      0.9675,
      0,
      0.2625,
      0.5275,
      0.79,
      1.055,
      0.0875,
      0.3525,
      0.615,
      0.8775,
      1.1425,
      0.175,
      0.44,
      0.7025,
      0.9675,
      0,
      0.2625,
      0.5275,
      0.79,
      1.055,
      0.0875,
      0.3525,
      0.615,
      0.8775,
      1.1425,
      0.175,
      0.44,
      0.7025,
      0.9675,
      0,
      0.2625,
      0.5275,
      0.79,
      1.055,
      0.0875,
      0.3525,
      0.615,
      0.8775,
      1.1425,
      0.175,
      0.44,
      0.7025,
      0.9675
    ],
    "SoftwareVersions": "syngo_MR_D13",
    "SpacingBetweenSlices": 2,
    "StationName": "AWP45239",
    "TotalReadoutTime": 0.0438149,
    "TxRefAmp": 320.715,
    "WipMemBlock": "5c6155ce-7e49-45ba-b3f1-d8a88b72fc91||Sequence: vd13a/R012 r/b34510a; May 18 2015 10:31:31 by eja",
    "acq_id": "D2S11",
    "dataset": "ds003604",
    "modality": "bold",
    "run_id": 1,
    "session_id": "5",
    "subject_id": "5036",
    "task_id": "Sem"
  },
  "dummy_trs": 0,
  "dvars_nstd": 61.013110506815295,
  "dvars_std": 1.1818309740764326,
  "dvars_vstd": 1.1124278029299366,
  "efc": 0.44257069256164094,
  "fber": 878.7973022460938,
  "fd_mean": 0.46118738114186164,
  "fd_num": 123,
  "fd_perc": 77.84810126582279,
  "fwhm_avg": 3.6777949999999997,
  "fwhm_x": 3.419925,
  "fwhm_y": 3.81919,
  "fwhm_z": 3.79427,
  "gcor": 0.0914933,
  "gsr_x": -0.021213361993432045,
  "gsr_y": 0.022744111716747284,
  "provenance": {
    "md5sum": "d46559507bbd65d18b27dbbf80587fe1",
    "settings": {
      "fd_thres": 0.2,
      "testing": false
    },
    "software": "mriqc",
    "version": "23.0.1",
    "webapi_port": null,
    "webapi_url": "https://mriqc.nimh.nih.gov/api/v1"
  },
  "size_t": 158,
  "size_x": 128,
  "size_y": 128,
  "size_z": 56,
  "snr": 2.178873789833489,
  "spacing_tr": 1.25,
  "spacing_x": 2.0,
  "spacing_y": 2.0,
  "spacing_z": 2.0,
  "summary_bg_k": 56.97871475194202,
  "summary_bg_mad": 60.87286087832025,
  "summary_bg_mean": 429.0533447265625,
  "summary_bg_median": 273.51702880859375,
  "summary_bg_n": 681440.0,
  "summary_bg_p05": 224.8302032470703,
  "summary_bg_p95": 1065.164721679687,
  "summary_bg_stdv": 541.8515014648438,
  "summary_fg_k": 1.0606856242929732,
  "summary_fg_mad": 3277.7200447835553,
  "summary_fg_mean": 9054.2138671875,
  "summary_fg_median": 8172.0693359375,
  "summary_fg_n": 134840.0,
  "summary_fg_p05": 4578.347265625,
  "summary_fg_p95": 16534.362402343744,
  "summary_fg_stdv": 3750.579345703125,
  "tsnr": 22.31856918334961
}