{
  "aor": 0.0007508860759493671,
  "aqi": 0.0080531182278481,
  "bids_meta": {
    "AcquisitionMatrixPE": 128,
    "AcquisitionNumber": 1,
    "AcquisitionTime": "15:46:13.775000",
    "BandwidthPerPixelPhaseEncode": 23.321,
    "BaseResolution": 128,
    "BodyPartExamined": "BRAIN",
    "ConsistencyInfo": "N4_VE11C_LATEST_20160120",
    "ConversionSoftware": "dcm2niix",
    "ConversionSoftwareVersion": "v1.0.20190902",
    "DerivedVendorReportedEchoSpacing": 0.000669997,
    "DeviceSerialNumber": "45239",
    "DwellTime": 2.2e-06,
    "EchoTime": 0.03,
    "EchoTrainLength": 63,
    "EffectiveEchoSpacing": 0.000334999,
    "FlipAngle": 80,
    "ImageComments": "Unaliased_MB4_PE4_LB",
    "ImageOrientationPatientDICOM": [
      1,
      0,
      0,
      0,
      1,
      0
    ],
    "ImageType": [
      "ORIGINAL",
      "PRIMARY",
      "M",
      "MB",
      "ND",
      "MOSAIC"
    ],
    "ImagingFrequency": 123.186,
    "InPlanePhaseEncodingDirectionDICOM": "COL",
    "InstitutionAddress": "E_24th_St._100_Austin_Southmiddle_US_78712",
    "InstitutionName": "The_Univ._of_Texas_at_Austin_IRC",
    "InstitutionalDepartmentName": "IRC",
    "MRAcquisitionType": "2D",
    "MagneticFieldStrength": 3,
    "Manufacturer": "Siemens",
    "ManufacturersModelName": "Skyra",
    "Modality": "MR",
    "MultibandAccelerationFactor": 4,
    "ParallelReductionFactorInPlane": 2,
    "PartialFourier": 1,
    "PatientPosition": "HFS",
    "PercentPhaseFOV": 100,
    "PhaseEncodingDirection": "j-",
    "PhaseEncodingSteps": 127,
    "PhaseResolution": 1,
    "PixelBandwidth": 1775,
    "ProcedureStepDescription": "Booth_Language",
    "ProtocolName": "SEM2",
    "PulseSequenceDetails": "%CustomerSeq%_cmrr_mbep2d_bold",
    "ReceiveCoilActiveElements": "HC3-6",
    "ReceiveCoilName": "HeadNeck_64",
    "ReconMatrixPE": 128,
    "RefLinesPE": 58,
    "RepetitionTime": 1.25,
    "SAR": 0.228159,
    "ScanOptions": "FS",
    "ScanningSequence": "EP",
    "SequenceName": "epfid2d1_128",
    "SequenceVariant": "SK_SS",
    "SeriesDescription": "SEM2",
    "SeriesNumber": 5,
    "ShiftedAquisitionDate": "1819-03-19",
    "ShimSetting": [
      -2755,
      7871,
      -15514,
      163,
      505,
      -759,
      -350,
      64
    ],
    "SliceThickness": 2,
    "SliceTiming": [
      0,
      0.2625,
      0.5275,
      0.79,
      1.055,
      0.0875,
      0.35,
      0.615,
      0.8775,
      1.1425,
      0.175,
      0.44,
      0.7025,
      0.965,
      0,
      0.2625,
      0.5275,
      0.79,
      1.055,
      0.0875,
      0.35,
      0.615,
      0.8775,
      1.1425,
      0.175,
      0.44,
      0.7025,
      0.965,
      0,
      0.2625,
      0.5275,
      0.79,
      1.055,
      0.0875,
      0.35,
      0.615,
      0.8775,
      1.1425,
      0.175,
      0.44,
      0.7025,
      0.965,
      0,
      0.2625,
      0.5275,
      0.79,
      1.055,
      0.0875,
      0.35,
      0.615,
      0.8775,
      1.1425,
      0.175,
      0.44,
      0.7025,
      0.965
    ],
    "SoftwareVersions": "syngo_MR_E11",
    "SpacingBetweenSlices": 2,
    "StationName": "AWP45239",
    "TotalReadoutTime": 0.0425448,
    "TxRefAmp": 338.806,
    "WipMemBlock": "1baf9ab1-0675-429f-bdb8-1da4371ed510||Sequence: R016 ve11c/master r/e634e98; Dec 19 2017 11:00:25 by eja",
    "acq_id": "D1S5",
    "dataset": "ds003604",
    "modality": "bold",
    "run_id": 2,
    "session_id": "7",
    "subject_id": "5544",
    "task_id": "Sem"
  },
  "dummy_trs": 0,
  "dvars_nstd": 49.181510196369445,
  "dvars_std": 1.086078028980892,
  "dvars_vstd": 1.0121039624203818,
  "efc": 0.41425268186543307,
  "fber": 3140.01708984375,
  "fd_mean": 0.24025375079684616,
  "fd_num": 94,
  "fd_perc": 59.49367088607595,
  "fwhm_avg": 3.6739566666666668,
  "fwhm_x": 3.43536,
  "fwhm_y": 3.711695,
  "fwhm_z": 3.874815,
  "gcor": 0.00573095,
  "gsr_x": -0.017467381432652473,
  "gsr_y": 0.007644473575055599,
  "provenance": {
    "md5sum": "70be991a53f6569c6fbd7aac10b48abc",
    "settings": {
      "fd_thres": 0.2,
      "testing": false
    },
    "software": "mriqc",
    "version": "23.0.1",
    "webapi_port": null,
    "webapi_url": "https://mriqc.nimh.nih.gov/api/v1"
  },
  "size_t": 158,
  "size_x": 128,
  "size_y": 128,
  "size_z": 56,
  "snr": 2.177166524487253,
  "spacing_tr": 1.25,
  "spacing_x": 2.0,
  "spacing_y": 2.0,
  "spacing_z": 2.0,
  "summary_bg_k": 78.79297719695234,
  "summary_bg_mad": 3.5188345762394504,
  "summary_bg_mean": 21.725460052490234,
  "summary_bg_median": 11.132911682128906,
  "summary_bg_n": 675591.0,
  "summary_bg_p05": 8.297468185424805,
  "summary_bg_p95": 63.23418045043945,
  "summary_bg_stdv": 43.01737594604492,
  "summary_fg_k": 1.1881249225819834,
  "summary_fg_mad": 246.46857012084203,
  "summary_fg_mean": 692.1802978515625,
  "summary_fg_median": 623.1898803710938,
  "summary_fg_n": 141168.0,
  "summary_fg_p05": 363.3629898071289,
  "summary_fg_p95": 1269.0778747558593,
  "summary_fg_stdv": 286.2379455566406,
  "tsnr": 30.172503780573606
}