{
  "bids_meta": {
    "AcquisitionMatrixPE": 256,
    "AcquisitionNumber": 1,
    "AcquisitionTime": "16:46:26.000000",
    "BaseResolution": 256,
    "BodyPartExamined": "BRAIN",
    "ConsistencyInfo": "N4_VD13A_LATEST_20120616",
    "ConversionSoftware": "dcm2niix",
    "ConversionSoftwareVersion": "v1.0.20190902",
    "DeviceSerialNumber": "45239",
    "DwellTime": 1.09e-05,
    "EchoTime": 0.00243,
    "FlipAngle": 9,
    "ImageOrientationPatientDICOM": [
      0,
      1,
      0,
      0,
      0,
      -1
    ],
    "ImageType": [
      "ORIGINAL",
      "PRIMARY",
      "M",
      "ND"
    ],
    "ImagingFrequency": 123.224,
    "InPlanePhaseEncodingDirectionDICOM": "ROW",
    "InstitutionAddress": "E_24th_St._100_Austin_Southmiddle_US_78712",
    "InstitutionName": "The_Univ._of_Texas_at_Austin_IRC",
    "InstitutionalDepartmentName": "IRC",
    "InversionTime": 0.9,
    "MRAcquisitionType": "3D",
    "MagneticFieldStrength": 3,
    "Manufacturer": "Siemens",
    "ManufacturersModelName": "Skyra",
    "Modality": "MR",
    "ParallelReductionFactorInPlane": 2,
    "PartialFourier": 1,
    "PatientPosition": "HFS",
    "PercentPhaseFOV": 100,
    "PhaseEncodingSteps": 255,
    "PhaseResolution": 1,
    "PixelBandwidth": 180,
    "ProcedureStepDescription": "Booth_Language",
    "ProtocolName": "MPRAGE",
    "PulseSequenceDetails": "%SiemensSeq%_tfl",
    "ReceiveCoilActiveElements": "HC1-6",
    "ReceiveCoilName": "HeadNeck_64",
    "ReconMatrixPE": 256,
    "RefLinesPE": 24,
    "RepetitionTime": 1.9,
    "SAR": 0.2134,
    "ScanOptions": "IR",
    "ScanningSequence": "GR_IR",
    "SequenceName": "_tfl3d1_16ns",
    "SequenceVariant": "SK_SP_MP",
    "SeriesDescription": "MPRAGE",
    "SeriesNumber": 12,
    "ShiftedAquisitionDate": "1815-11-25 00:00:00",
    "ShimSetting": [
      -2849,
      8022,
      -16018,
      -1233,
      -75,
      -527,
      -219,
      169
    ],
    "SliceThickness": 1,
    "SoftwareVersions": "syngo_MR_D13",
    "StationName": "AWP45239",
    "TxRefAmp": 325.704,
    "acq_id": "D1S12",
    "dataset": "ds003604",
    "modality": "T1w",
    "session_id": "5",
    "subject_id": "5125"
  },
  "cjv": 0.4527122823585007,
  "cnr": 3.0050969563304593,
  "efc": 0.5716761665486813,
  "fber": -1.0,
  "fwhm_avg": 6.399256666666666,
  "fwhm_x": 6.50339,
  "fwhm_y": 6.11855,
  "fwhm_z": 6.57583,
  "icvs_csf": 0.13203426833526935,
  "icvs_gm": 0.49389527064557215,
  "icvs_wm": 0.3740704610191585,
  "inu_med": 0.9493040442466736,
  "inu_range": 1.2615074038505556,
  "provenance": {
    "md5sum": "544d75835270f1e9da69821d23bfe495",
    "settings": {
      "testing": false
    },
    "software": "mriqc",
    "version": "22.0.6",
    "warnings": {
      "large_rot_frame": true,
      "small_air_mask": false
    },
    "webapi_port": null,
    "webapi_url": "https://mriqc.nimh.nih.gov/api/v1"
  },
  "qi_1": 0.0,
  "qi_2": 0.007030246294371437,
  "rpve_csf": 39.928566872277045,
  "rpve_gm": 12.557128385933986,
  "rpve_wm": 16.986454253819275,
  "size_x": 192,
  "size_y": 256,
  "size_z": 256,
  "snr_csf": 3.1894149051147154,
  "snr_gm": 17.247254620749807,
  "snr_total": 12.015280476483559,
  "snr_wm": 15.609171903586152,
  "snrd_csf": 31.857523351395923,
  "snrd_gm": 68.86778616535352,
  "snrd_total": 63.58918121422871,
  "snrd_wm": 90.04223412593669,
  "spacing_x": 1.0,
  "spacing_y": 1.0,
  "spacing_z": 1.0,
  "summary_bg_k": 10.919974220810458,
  "summary_bg_mad": 0.0,
  "summary_bg_mean": 3.971565368953808,
  "summary_bg_median": 0.0,
  "summary_bg_n": 1365350.0,
  "summary_bg_p05": 0.0,
  "summary_bg_p95": 19.033486135303974,
  "summary_bg_stdv": 7.276348477241674,
  "summary_csf_k": 6.819037611208934,
  "summary_csf_mad": 86.95305658311334,
  "summary_csf_mean": 372.80225058082084,
  "summary_csf_median": 353.8292812407017,
  "summary_csf_n": 16535.0,
  "summary_csf_p05": 240.1703348815441,
  "summary_csf_p95": 578.8244434475897,
  "summary_csf_stdv": 110.93526311292983,
  "summary_gm_k": 0.12202269443103297,
  "summary_gm_mad": 43.52435725557378,
  "summary_gm_mean": 764.8625197145531,
  "summary_gm_median": 764.8880614712834,
  "summary_gm_n": 51062.0,
  "summary_gm_p05": 691.9156112372875,
  "summary_gm_p95": 837.9250319972634,
  "summary_gm_stdv": 44.34796078890618,
  "summary_wm_k": 0.3628971562155159,
  "summary_wm_mad": 62.942916646522086,
  "summary_wm_mean": 1006.7663621678918,
  "summary_wm_median": 1000.0645257532597,
  "summary_wm_n": 156116.0,
  "summary_wm_p05": 914.6396591663361,
  "summary_wm_p95": 1122.2659587711096,
  "summary_wm_stdv": 64.06882626265617,
  "tpm_overlap_csf": 0.16062170947335055,
  "tpm_overlap_gm": 0.47684649122217315,
  "tpm_overlap_wm": 0.4511839278376096,
  "wm2max": 0.3051508809179254
}