{
  "bids_meta": {
    "AcquisitionMatrixPE": 256,
    "AcquisitionNumber": 1,
    "AcquisitionTime": "16:39:9.457500",
    "BaseResolution": 256,
    "BodyPartExamined": "BRAIN",
    "ConsistencyInfo": "N4_VE11A_LATEST_20140830",
    "ConversionSoftware": "dcm2niix",
    "ConversionSoftwareVersion": "v1.0.20190902",
    "DeviceSerialNumber": "45239",
    "DwellTime": 1.09e-05,
    "EchoTime": 0.00243,
    "FlipAngle": 9,
    "ImageOrientationPatientDICOM": [
      0,
      1,
      0,
      0,
      0,
      -1
    ],
    "ImageType": [
      "ORIGINAL",
      "PRIMARY",
      "M",
      "ND"
    ],
    "ImagingFrequency": 123.224,
    "InPlanePhaseEncodingDirectionDICOM": "ROW",
    "InstitutionAddress": "E_24th_St._100_Austin_Southmiddle_US_78712",
    "InstitutionName": "The_Univ._of_Texas_at_Austin_IRC",
    "InstitutionalDepartmentName": "IRC",
    "InversionTime": 0.9,
    "MRAcquisitionType": "3D",
    "MagneticFieldStrength": 3,
    "Manufacturer": "Siemens",
    "ManufacturersModelName": "Skyra",
    "Modality": "MR",
    "ParallelReductionFactorInPlane": 2,
    "PartialFourier": 1,
    "PatientPosition": "HFS",
    "PercentPhaseFOV": 100,
    "PhaseEncodingSteps": 255,
    "PhaseResolution": 1,
    "PixelBandwidth": 180,
    "ProcedureStepDescription": "Booth_Language",
    "ProtocolName": "MPRAGE",
    "PulseSequenceDetails": "%SiemensSeq%_tfl",
    "ReceiveCoilActiveElements": "HC1-6",
    "ReceiveCoilName": "HeadNeck_64",
    "ReconMatrixPE": 256,
    "RefLinesPE": 24,
    "RepetitionTime": 1.9,
    "SAR": 0.266686,
    "ScanOptions": "IR",
    "ScanningSequence": "GR_IR",
    "SequenceName": "_tfl3d1_16ns",
    "SequenceVariant": "SK_SP_MP",
    "SeriesDescription": "MPRAGE",
    "SeriesNumber": 14,
    "ShiftedAquisitionDate": "1816-02-08 00:00:00",
    "ShimSetting": [
      -2849,
      8022,
      -16018,
      -1233,
      -75,
      -527,
      -219,
      169
    ],
    "SliceThickness": 1,
    "SoftwareVersions": "syngo_MR_E11",
    "StationName": "AWP45239",
    "TxRefAmp": 343.6,
    "acq_id": "D2S14",
    "dataset": "ds003604",
    "modality": "T1w",
    "session_id": "5",
    "subject_id": "5125"
  },
  "cjv": 0.43581647827344944,
  "cnr": 2.9422592527856835,
  "efc": 0.5542587489291299,
  "fber": 5970.4597265625,
  "fwhm_avg": 5.555689999999999,
  "fwhm_x": 5.71366,
  "fwhm_y": 5.08301,
  "fwhm_z": 5.8704,
  "icvs_csf": 0.12764081792987053,
  "icvs_gm": 0.4795817692515621,
  "icvs_wm": 0.3927774128185674,
  "inu_med": 0.9818341732025146,
  "inu_range": 1.2050016522407532,
  "provenance": {
    "md5sum": "f2050d27abfe7dbd26a504a9bf1ac35b",
    "settings": {
      "testing": false
    },
    "software": "mriqc",
    "version": "22.0.6",
    "warnings": {
      "large_rot_frame": true,
      "small_air_mask": false
    },
    "webapi_port": null,
    "webapi_url": "https://mriqc.nimh.nih.gov/api/v1"
  },
  "qi_1": 6.221456291825406e-06,
  "qi_2": 0.002047563632206178,
  "rpve_csf": 41.33783056821595,
  "rpve_gm": 12.468547041013103,
  "rpve_wm": 15.733689778810222,
  "size_x": 192,
  "size_y": 256,
  "size_z": 256,
  "snr_csf": 2.8090519534316845,
  "snr_gm": 16.029426608204993,
  "snr_total": 11.491866024695248,
  "snr_wm": 15.637119512449068,
  "snrd_csf": 9.903319364090223,
  "snrd_gm": 20.965638044815176,
  "snrd_total": 19.532750542786008,
  "snrd_wm": 27.729294219452626,
  "spacing_x": 1.0,
  "spacing_y": 1.0,
  "spacing_z": 1.0,
  "summary_bg_k": 13.962186055996895,
  "summary_bg_mad": 0.0,
  "summary_bg_mean": 14.612999485390883,
  "summary_bg_median": 0.0,
  "summary_bg_n": 2053788.0,
  "summary_bg_p05": 0.0,
  "summary_bg_p95": 60.766718834638596,
  "summary_bg_stdv": 23.629358630337197,
  "summary_csf_k": 11.503522256015927,
  "summary_csf_mad": 101.17812488161465,
  "summary_csf_mean": 372.3885087061309,
  "summary_csf_median": 357.1913953870535,
  "summary_csf_n": 17457.0,
  "summary_csf_p05": 202.2158708423376,
  "summary_csf_p95": 580.8183584362268,
  "summary_csf_stdv": 127.15363423509677,
  "summary_gm_k": 0.10848601675122582,
  "summary_gm_mad": 46.7596114990729,
  "summary_gm_mean": 756.1528582696919,
  "summary_gm_median": 756.1853993684053,
  "summary_gm_n": 51046.0,
  "summary_gm_p05": 678.8335805386305,
  "summary_gm_p95": 833.7411333620548,
  "summary_gm_stdv": 47.174363182988216,
  "summary_wm_k": 0.6793944132543661,
  "summary_wm_mad": 59.558039646448464,
  "summary_wm_mean": 1007.7372724160474,
  "summary_wm_median": 1000.1359070837498,
  "summary_wm_n": 164994.0,
  "summary_wm_p05": 916.8705485016108,
  "summary_wm_p95": 1126.427365243435,
  "summary_wm_stdv": 63.95889444074703,
  "tpm_overlap_csf": 0.1433159326650492,
  "tpm_overlap_gm": 0.46515953167598156,
  "tpm_overlap_wm": 0.4475238425679175,
  "wm2max": 0.29529851706820054
}