{
  "bids_meta": {
    "AcquisitionMatrixPE": 256,
    "AcquisitionNumber": 1,
    "AcquisitionTime": "14:52:12.437500",
    "BaseResolution": 256,
    "BodyPartExamined": "BRAIN",
    "ConsistencyInfo": "N4_VE11C_LATEST_20160120",
    "ConversionSoftware": "dcm2niix",
    "ConversionSoftwareVersion": "v1.0.20190902",
    "DeviceSerialNumber": "45239",
    "DwellTime": 1.09e-05,
    "EchoTime": 0.00243,
    "FlipAngle": 9,
    "ImageOrientationPatientDICOM": [
      0,
      1,
      0,
      0,
      0,
      -1
    ],
    "ImageType": [
      "ORIGINAL",
      "PRIMARY",
      "M",
      "ND"
    ],
    "ImagingFrequency": 123.186,
    "InPlanePhaseEncodingDirectionDICOM": "ROW",
    "InstitutionAddress": "E_24th_St._100_Austin_Southmiddle_US_78712",
    "InstitutionName": "The_Univ._of_Texas_at_Austin_IRC",
    "InstitutionalDepartmentName": "IRC",
    "InversionTime": 0.9,
    "MRAcquisitionType": "3D",
    "MagneticFieldStrength": 3,
    "Manufacturer": "Siemens",
    "ManufacturersModelName": "Skyra",
    "Modality": "MR",
    "ParallelReductionFactorInPlane": 2,
    "PartialFourier": 1,
    "PatientPosition": "HFS",
    "PercentPhaseFOV": 100,
    "PhaseEncodingSteps": 255,
    "PhaseResolution": 1,
    "PixelBandwidth": 180,
    "ProcedureStepDescription": "Booth_Language",
    "ProtocolName": "MPRAGE",
    "PulseSequenceDetails": "%SiemensSeq%_tfl",
    "ReceiveCoilActiveElements": "HC1-6",
    "ReceiveCoilName": "HeadNeck_64",
    "ReconMatrixPE": 256,
    "RefLinesPE": 24,
    "RepetitionTime": 1.9,
    "SAR": 0.200124,
    "ScanOptions": "IR",
    "ScanningSequence": "GR_IR",
    "SequenceName": "_tfl3d1_16ns",
    "SequenceVariant": "SK_SP_MP",
    "SeriesDescription": "MPRAGE",
    "SeriesNumber": 2,
    "ShiftedAquisitionDate": "1818-03-23 00:00:00",
    "ShimSetting": [
      -2727,
      7934,
      -15901,
      -500,
      562,
      -716,
      -526,
      132
    ],
    "SliceThickness": 1,
    "SoftwareVersions": "syngo_MR_E11",
    "StationName": "AWP45239",
    "TxRefAmp": 324.641,
    "acq_id": "D1S2",
    "dataset": "ds003604",
    "modality": "T1w",
    "session_id": "7",
    "subject_id": "5516"
  },
  "cjv": 0.43149485661503245,
  "cnr": 3.141522330572716,
  "efc": 0.5055993180596314,
  "fber": -1.0,
  "fwhm_avg": 6.120993333333334,
  "fwhm_x": 6.11958,
  "fwhm_y": 5.86302,
  "fwhm_z": 6.38038,
  "icvs_csf": 0.10896175251375638,
  "icvs_gm": 0.501898573980909,
  "icvs_wm": 0.3891396735053346,
  "inu_med": 0.9756091237068176,
  "inu_range": 1.1663764059543609,
  "provenance": {
    "md5sum": "023611d1eba7601ef0a5b2924a0086b0",
    "settings": {
      "testing": false
    },
    "software": "mriqc",
    "version": "23.0.1",
    "warnings": {
      "large_rot_frame": true,
      "small_air_mask": false
    },
    "webapi_port": null,
    "webapi_url": "https://mriqc.nimh.nih.gov/api/v1"
  },
  "qi_1": 0.0,
  "qi_2": 0.004478832755269524,
  "rpve_csf": 49.25873383895941,
  "rpve_gm": 12.528422154456788,
  "rpve_wm": 16.26028667329103,
  "size_x": 192,
  "size_y": 256,
  "size_z": 256,
  "snr_csf": 2.4251631926594754,
  "snr_gm": 17.339848192817907,
  "snr_total": 12.01043112044735,
  "snr_wm": 16.26628197586467,
  "snrd_csf": 22.777221112858694,
  "snrd_gm": 53.266310213229566,
  "snrd_total": 48.68254932105365,
  "snrd_wm": 70.0041166370727,
  "spacing_x": 1.0,
  "spacing_y": 1.0,
  "spacing_z": 1.0,
  "summary_bg_k": 5.982122281193712,
  "summary_bg_mad": 0.0,
  "summary_bg_mean": 5.346396396860565,
  "summary_bg_median": 0.0,
  "summary_bg_n": 2939646.0,
  "summary_bg_p05": 0.0,
  "summary_bg_p95": 24.96681522578001,
  "summary_bg_stdv": 9.35913220118507,
  "summary_csf_k": 18.86832879699056,
  "summary_csf_mad": 91.93051743176817,
  "summary_csf_mean": 341.40914705552103,
  "summary_csf_median": 325.3902905881405,
  "summary_csf_n": 12633.0,
  "summary_csf_p05": 148.57467308789492,
  "summary_csf_p95": 568.0930174335837,
  "summary_csf_stdv": 134.16722335826023,
  "summary_gm_k": 0.1289154743432963,
  "summary_gm_mad": 43.29449444798868,
  "summary_gm_mean": 761.1852267699925,
  "summary_gm_median": 760.9506038054824,
  "summary_gm_n": 79398.0,
  "summary_gm_p05": 688.8944788500667,
  "summary_gm_p95": 833.1963501423597,
  "summary_gm_stdv": 43.884225705303024,
  "summary_wm_k": 0.19597431277216915,
  "summary_wm_mad": 59.88134621702331,
  "summary_wm_mean": 1007.4495364383304,
  "summary_wm_median": 1000.0631658285856,
  "summary_wm_n": 177093.0,
  "summary_wm_p05": 919.5372858345509,
  "summary_wm_p95": 1120.877268670499,
  "summary_wm_stdv": 61.4805733575026,
  "tpm_overlap_csf": 0.13076051161487173,
  "tpm_overlap_gm": 0.4721023310207489,
  "tpm_overlap_wm": 0.45674810861044507,
  "wm2max": 0.32733674904603066
}