{
  "aor": 0.0011747706422018348,
  "aqi": 0.006749641880733945,
  "bids_meta": {
    "AcquisitionMatrixPE": 128,
    "AcquisitionNumber": 1,
    "AcquisitionTime": "12:35:1.370000",
    "BandwidthPerPixelPhaseEncode": 22.645,
    "BaseResolution": 128,
    "BodyPartExamined": "BRAIN",
    "ConsistencyInfo": "N4_VD13A_LATEST_20120616",
    "ConversionSoftware": "dcm2niix",
    "ConversionSoftwareVersion": "v1.0.20190902",
    "DerivedVendorReportedEchoSpacing": 0.000689998,
    "DeviceSerialNumber": "45239",
    "DwellTime": 2.2e-06,
    "EchoTime": 0.03,
    "EchoTrainLength": 63,
    "EffectiveEchoSpacing": 0.000344999,
    "FlipAngle": 80,
    "ImageComments": "Unaliased_MB4_PE4",
    "ImageOrientationPatientDICOM": [
      0.999989,
      -0.000206646,
      -0.00458445,
      0.000231341,
      0.999985,
      0.00538676
    ],
    "ImageType": [
      "ORIGINAL",
      "PRIMARY",
      "M",
      "MB",
      "ND",
      "MOSAIC"
    ],
    "ImagingFrequency": 123.224,
    "InPlanePhaseEncodingDirectionDICOM": "COL",
    "InstitutionAddress": "E_24th_St._100_Austin_Southmiddle_US_78712",
    "InstitutionName": "The_Univ._of_Texas_at_Austin_IRC",
    "InstitutionalDepartmentName": "IRC",
    "MRAcquisitionType": "2D",
    "MagneticFieldStrength": 3,
    "Manufacturer": "Siemens",
    "ManufacturersModelName": "Skyra",
    "Modality": "MR",
    "MultibandAccelerationFactor": 4,
    "ParallelReductionFactorInPlane": 2,
    "PartialFourier": 1,
    "PatientPosition": "HFS",
    "PercentPhaseFOV": 100,
    "PhaseEncodingDirection": "j-",
    "PhaseEncodingSteps": 127,
    "PhaseResolution": 1,
    "PixelBandwidth": 1775,
    "ProcedureStepDescription": "Booth_Language",
    "ProtocolName": "Gram2",
    "PulseSequenceDetails": "%CustomerSeq%_cmrr_mbep2d_bold",
    "ReceiveCoilActiveElements": "HC1-7",
    "ReceiveCoilName": "HeadNeck_64",
    "ReconMatrixPE": 128,
    "RefLinesPE": 100,
    "RepetitionTime": 1.25,
    "SAR": 0.259489,
    "ScanOptions": "FS",
    "ScanningSequence": "EP",
    "SequenceName": "epfid2d1_128",
    "SequenceVariant": "SK_SS",
    "SeriesDescription": "Gram2",
    "SeriesNumber": 11,
    "ShiftedAquisitionDate": "1815-02-04",
    "ShimSetting": [
      -2845,
      8081,
      -15647,
      -1538,
      241,
      -324,
      -166,
      -142
    ],
    "SliceThickness": 2,
    "SliceTiming": [
      0,
      0.2625,
      0.5275,
      0.79,
      1.055,
      0.0875,
      0.35,
      0.615,
      0.8775,
      1.1425,
      0.175,
      0.44,
      0.7025,
      0.965,
      0,
      0.2625,
      0.5275,
      0.79,
      1.055,
      0.0875,
      0.35,
      0.615,
      0.8775,
      1.1425,
      0.175,
      0.44,
      0.7025,
      0.965,
      0,
      0.2625,
      0.5275,
      0.79,
      1.055,
      0.0875,
      0.35,
      0.615,
      0.8775,
      1.1425,
      0.175,
      0.44,
      0.7025,
      0.965,
      0,
      0.2625,
      0.5275,
      0.79,
      1.055,
      0.0875,
      0.35,
      0.615,
      0.8775,
      1.1425,
      0.175,
      0.44,
      0.7025,
      0.965
    ],
    "SoftwareVersions": "syngo_MR_D13",
    "SpacingBetweenSlices": 2,
    "StationName": "AWP45239",
    "TotalReadoutTime": 0.0438149,
    "TxRefAmp": 323.054,
    "WipMemBlock": "dea57aec-e7cb-41fc-9ab7-436765b5274f||Sequence: vd13a/master r/58f62de; Dec 19 2014 18:04:02 by eja",
    "acq_id": "D1S11",
    "dataset": "ds003604",
    "modality": "bold",
    "run_id": 2,
    "session_id": "5",
    "subject_id": "5061",
    "task_id": "Gram"
  },
  "dummy_trs": 0,
  "dvars_nstd": 48.474613382995386,
  "dvars_std": 1.1168434847926259,
  "dvars_vstd": 1.0026540859447002,
  "efc": 0.4302804492093599,
  "fber": 1064.507080078125,
  "fd_mean": 0.27003749303782637,
  "fd_num": 134,
  "fd_perc": 61.46788990825688,
  "fwhm_avg": 3.7257883333333335,
  "fwhm_x": 3.555785,
  "fwhm_y": 3.881995,
  "fwhm_z": 3.739585,
  "gcor": 0.0110772,
  "gsr_x": -0.02053087018430233,
  "gsr_y": 0.023153921589255333,
  "provenance": {
    "md5sum": "4b750e63a2b1b223aeb30c4c74100fb9",
    "settings": {
      "fd_thres": 0.2,
      "testing": false
    },
    "software": "mriqc",
    "version": "23.0.1",
    "webapi_port": null,
    "webapi_url": "https://mriqc.nimh.nih.gov/api/v1"
  },
  "size_t": 218,
  "size_x": 128,
  "size_y": 128,
  "size_z": 56,
  "snr": 2.1712800509639294,
  "spacing_tr": 1.25,
  "spacing_x": 2.0,
  "spacing_y": 2.0,
  "spacing_z": 2.0,
  "summary_bg_k": 103.56126714535297,
  "summary_bg_mad": 56.67512570906079,
  "summary_bg_mean": 412.6527404785156,
  "summary_bg_median": 274.86383056640625,
  "summary_bg_n": 682868.0,
  "summary_bg_p05": 228.07802963256836,
  "summary_bg_p95": 929.8168579101571,
  "summary_bg_stdv": 513.357177734375,
  "summary_fg_k": 2.1185506135185443,
  "summary_fg_mad": 3752.6652949254176,
  "summary_fg_mean": 9874.1455078125,
  "summary_fg_median": 9069.8046875,
  "summary_fg_n": 133564.0,
  "summary_fg_p05": 4850.871411132813,
  "summary_fg_p95": 17764.915722656246,
  "summary_fg_stdv": 4177.15380859375,
  "tsnr": 31.869606018066406
}