{
  "bids_meta": {
    "AcquisitionMatrixPE": 256,
    "AcquisitionNumber": 1,
    "AcquisitionTime": "11:41:29.252500",
    "BaseResolution": 256,
    "BodyPartExamined": "BRAIN",
    "ConsistencyInfo": "N4_VE11C_LATEST_20160120",
    "ConversionSoftware": "dcm2niix",
    "ConversionSoftwareVersion": "v1.0.20190902",
    "DeviceSerialNumber": "45239",
    "DwellTime": 1.09e-05,
    "EchoTime": 0.00243,
    "FlipAngle": 9,
    "ImageOrientationPatientDICOM": [
      0,
      1,
      0,
      0,
      0,
      -1
    ],
    "ImageType": [
      "ORIGINAL",
      "PRIMARY",
      "M",
      "ND"
    ],
    "ImagingFrequency": 123.172,
    "InPlanePhaseEncodingDirectionDICOM": "ROW",
    "InstitutionAddress": "E_24th_St._100_Austin_Southmiddle_US_78712",
    "InstitutionName": "The_Univ._of_Texas_at_Austin_IRC",
    "InstitutionalDepartmentName": "IRC",
    "InversionTime": 0.9,
    "MRAcquisitionType": "3D",
    "MagneticFieldStrength": 3,
    "Manufacturer": "Siemens",
    "ManufacturersModelName": "Skyra",
    "Modality": "MR",
    "ParallelReductionFactorInPlane": 2,
    "PartialFourier": 1,
    "PatientPosition": "HFS",
    "PercentPhaseFOV": 100,
    "PhaseEncodingSteps": 255,
    "PhaseResolution": 1,
    "PixelBandwidth": 180,
    "ProcedureStepDescription": "Booth_Language",
    "ProtocolName": "MPRAGE",
    "PulseSequenceDetails": "%SiemensSeq%_tfl",
    "ReceiveCoilActiveElements": "HC1-6",
    "ReceiveCoilName": "HeadNeck_64",
    "ReconMatrixPE": 256,
    "RefLinesPE": 24,
    "RepetitionTime": 1.9,
    "SAR": 0.202579,
    "ScanOptions": "IR",
    "ScanningSequence": "GR_IR",
    "SequenceName": "_tfl3d1_16ns",
    "SequenceVariant": "SK_SP_MP",
    "SeriesDescription": "MPRAGE",
    "SeriesNumber": 11,
    "ShiftedAquisitionDate": "1817-12-09 00:00:00",
    "ShimSetting": [
      -2751,
      8072,
      -15888,
      -462,
      637,
      -681,
      -484,
      -138
    ],
    "SliceThickness": 1,
    "SoftwareVersions": "syngo_MR_E11",
    "StationName": "AWP45239",
    "TxRefAmp": 328.206,
    "acq_id": "D1S11",
    "dataset": "ds003604",
    "modality": "T1w",
    "session_id": "9",
    "subject_id": "5213"
  },
  "cjv": 0.4871182448274775,
  "cnr": 2.6593378689107667,
  "efc": 0.4943604024588288,
  "fber": -1.0,
  "fwhm_avg": 5.59808,
  "fwhm_x": 5.88951,
  "fwhm_y": 5.0109,
  "fwhm_z": 5.89383,
  "icvs_csf": 0.148062735550132,
  "icvs_gm": 0.4468389188942931,
  "icvs_wm": 0.40509834555557483,
  "inu_med": 0.9437704086303711,
  "inu_range": 1.2078694939613337,
  "provenance": {
    "md5sum": "b3a5cb7b12fddb37ad2f6a2ae304e17d",
    "settings": {
      "testing": false
    },
    "software": "mriqc",
    "version": "22.0.6",
    "warnings": {
      "large_rot_frame": true,
      "small_air_mask": false
    },
    "webapi_port": null,
    "webapi_url": "https://mriqc.nimh.nih.gov/api/v1"
  },
  "qi_1": 4.605170751507947e-06,
  "qi_2": 0.003295144934499286,
  "rpve_csf": 40.72314048243604,
  "rpve_gm": 14.470802762418712,
  "rpve_wm": 17.09779477269301,
  "size_x": 192,
  "size_y": 256,
  "size_z": 256,
  "snr_csf": 2.512608576456296,
  "snr_gm": 15.640583734959593,
  "snr_total": 10.427079972555882,
  "snr_wm": 13.128047606251759,
  "snrd_csf": 19.976338561366894,
  "snrd_gm": 42.1881671139342,
  "snrd_total": 39.27666494939478,
  "snrd_wm": 55.66548917288325,
  "spacing_x": 1.0,
  "spacing_y": 1.0,
  "spacing_z": 1.0,
  "summary_bg_k": 9.539000575048096,
  "summary_bg_mad": 0.0,
  "summary_bg_mean": 6.066412843427208,
  "summary_bg_median": 0.0,
  "summary_bg_n": 2820958.0,
  "summary_bg_p05": 0.0,
  "summary_bg_p95": 26.858574077486992,
  "summary_bg_stdv": 11.76916598602459,
  "summary_csf_k": 32.813701581481865,
  "summary_csf_mad": 94.12137448569645,
  "summary_csf_mean": 374.2925495928168,
  "summary_csf_median": 358.8639622554183,
  "summary_csf_n": 20554.0,
  "summary_csf_p05": 198.5895980205387,
  "summary_csf_p95": 583.242289237678,
  "summary_csf_stdv": 142.82178120688985,
  "summary_gm_k": 0.25010057367439975,
  "summary_gm_mad": 46.58436449747526,
  "summary_gm_mean": 758.405767952625,
  "summary_gm_median": 757.8872757032514,
  "summary_gm_n": 35154.0,
  "summary_gm_p05": 678.8536725565791,
  "summary_gm_p95": 838.5272528976202,
  "summary_gm_stdv": 48.45576795202678,
  "summary_wm_k": 0.4895956627488274,
  "summary_wm_mad": 71.35314725686906,
  "summary_wm_mean": 1013.2755673876532,
  "summary_wm_median": 999.9999721720815,
  "summary_wm_n": 160018.0,
  "summary_wm_p05": 912.4847140535712,
  "summary_wm_p95": 1161.6012013703585,
  "summary_wm_stdv": 76.17254884439917,
  "tpm_overlap_csf": 0.1456811649901608,
  "tpm_overlap_gm": 0.4636646767624981,
  "tpm_overlap_wm": 0.45711231385549006,
  "wm2max": 0.29798192540399787
}