{
  "aor": 0.000838394495412844,
  "aqi": 0.00790420366972477,
  "bids_meta": {
    "AcquisitionMatrixPE": 128,
    "AcquisitionNumber": 1,
    "AcquisitionTime": "16:20:36.667500",
    "BandwidthPerPixelPhaseEncode": 23.321,
    "BaseResolution": 128,
    "BodyPartExamined": "BRAIN",
    "ConsistencyInfo": "N4_VE11C_LATEST_20160120",
    "ConversionSoftware": "dcm2niix",
    "ConversionSoftwareVersion": "v1.0.20190902",
    "DerivedVendorReportedEchoSpacing": 0.000669997,
    "DeviceSerialNumber": "45239",
    "DwellTime": 2.2e-06,
    "EchoTime": 0.03,
    "EchoTrainLength": 63,
    "EffectiveEchoSpacing": 0.000334999,
    "FlipAngle": 80,
    "ImageComments": "Unaliased_MB4_PE4_LB",
    "ImageOrientationPatientDICOM": [
      1,
      0,
      0,
      0,
      1,
      0
    ],
    "ImageType": [
      "ORIGINAL",
      "PRIMARY",
      "M",
      "MB",
      "ND",
      "MOSAIC"
    ],
    "ImagingFrequency": 123.186,
    "InPlanePhaseEncodingDirectionDICOM": "COL",
    "InstitutionAddress": "E_24th_St._100_Austin_Southmiddle_US_78712",
    "InstitutionName": "The_Univ._of_Texas_at_Austin_IRC",
    "InstitutionalDepartmentName": "IRC",
    "MRAcquisitionType": "2D",
    "MagneticFieldStrength": 3,
    "Manufacturer": "Siemens",
    "ManufacturersModelName": "Skyra",
    "Modality": "MR",
    "MultibandAccelerationFactor": 4,
    "ParallelReductionFactorInPlane": 2,
    "PartialFourier": 1,
    "PatientPosition": "HFS",
    "PercentPhaseFOV": 100,
    "PhaseEncodingDirection": "j-",
    "PhaseEncodingSteps": 127,
    "PhaseResolution": 1,
    "PixelBandwidth": 1775,
    "ProcedureStepDescription": "Booth_Language",
    "ProtocolName": "Gram1",
    "PulseSequenceDetails": "%CustomerSeq%_cmrr_mbep2d_bold",
    "ReceiveCoilActiveElements": "HC3-6",
    "ReceiveCoilName": "HeadNeck_64",
    "ReconMatrixPE": 128,
    "RefLinesPE": 58,
    "RepetitionTime": 1.25,
    "SAR": 0.259817,
    "ScanOptions": "FS",
    "ScanningSequence": "EP",
    "SequenceName": "epfid2d1_128",
    "SequenceVariant": "SK_SS",
    "SeriesDescription": "Gram1",
    "SeriesNumber": 3,
    "ShiftedAquisitionDate": "1819-03-24",
    "ShimSetting": [
      -2788,
      7910,
      -15360,
      39,
      525,
      -679,
      -128,
      -73
    ],
    "SliceThickness": 2,
    "SliceTiming": [
      0,
      0.2625,
      0.525,
      0.79,
      1.0525,
      0.0875,
      0.35,
      0.6125,
      0.8775,
      1.14,
      0.175,
      0.4375,
      0.7025,
      0.965,
      0,
      0.2625,
      0.525,
      0.79,
      1.0525,
      0.0875,
      0.35,
      0.6125,
      0.8775,
      1.14,
      0.175,
      0.4375,
      0.7025,
      0.965,
      0,
      0.2625,
      0.525,
      0.79,
      1.0525,
      0.0875,
      0.35,
      0.6125,
      0.8775,
      1.14,
      0.175,
      0.4375,
      0.7025,
      0.965,
      0,
      0.2625,
      0.525,
      0.79,
      1.0525,
      0.0875,
      0.35,
      0.6125,
      0.8775,
      1.14,
      0.175,
      0.4375,
      0.7025,
      0.965
    ],
    "SoftwareVersions": "syngo_MR_E11",
    "SpacingBetweenSlices": 2,
    "StationName": "AWP45239",
    "TotalReadoutTime": 0.0425448,
    "TxRefAmp": 317.886,
    "WipMemBlock": "b029e6fb-6311-4f1a-b0d2-766359e8f32b||Sequence: R016 ve11c/master r/e634e98; Dec 19 2017 11:00:25 by eja",
    "acq_id": "D1S3",
    "dataset": "ds003604",
    "modality": "bold",
    "run_id": 1,
    "session_id": "7",
    "subject_id": "5588",
    "task_id": "Gram"
  },
  "dummy_trs": 0,
  "dvars_nstd": 58.75670743281108,
  "dvars_std": 1.2083114542857138,
  "dvars_vstd": 1.01329558281106,
  "efc": 0.42607903456522384,
  "fber": 3324.541748046875,
  "fd_mean": 0.15141625690775462,
  "fd_num": 38,
  "fd_perc": 17.431192660550458,
  "fwhm_avg": 3.5364383333333334,
  "fwhm_x": 3.209185,
  "fwhm_y": 3.60538,
  "fwhm_z": 3.79475,
  "gcor": 0.00534518,
  "gsr_x": -0.017130021005868912,
  "gsr_y": 0.031152745708823204,
  "provenance": {
    "md5sum": "77264558c5e634996342b386d2ce64d7",
    "settings": {
      "fd_thres": 0.2,
      "testing": false
    },
    "software": "mriqc",
    "version": "23.0.1",
    "webapi_port": null,
    "webapi_url": "https://mriqc.nimh.nih.gov/api/v1"
  },
  "size_t": 218,
  "size_x": 128,
  "size_y": 128,
  "size_z": 56,
  "snr": 2.2617133458563714,
  "spacing_tr": 1.25,
  "spacing_x": 2.0,
  "spacing_y": 2.0,
  "spacing_z": 2.0,
  "summary_bg_k": 76.74714723802924,
  "summary_bg_mad": 3.985343227947804,
  "summary_bg_mean": 22.116273880004883,
  "summary_bg_median": 11.192660331726074,
  "summary_bg_n": 662871.0,
  "summary_bg_p05": 7.623852729797363,
  "summary_bg_p95": 61.894493103027344,
  "summary_bg_stdv": 45.49750518798828,
  "summary_fg_k": 1.7285277726279027,
  "summary_fg_mad": 258.40804704725815,
  "summary_fg_mean": 707.55126953125,
  "summary_fg_median": 648.093994140625,
  "summary_fg_n": 151910.0,
  "summary_fg_p05": 369.9144271850586,
  "summary_fg_p95": 1257.3692382812494,
  "summary_fg_stdv": 286.549072265625,
  "tsnr": 31.48351521254517
}