{
  "bids_meta": {
    "AcquisitionMatrixPE": 256,
    "AcquisitionNumber": 1,
    "AcquisitionTime": "12:18:47.282500",
    "BaseResolution": 256,
    "BodyPartExamined": "BRAIN",
    "ConsistencyInfo": "N4_VE11A_LATEST_20140830",
    "ConversionSoftware": "dcm2niix",
    "ConversionSoftwareVersion": "v1.0.20190902",
    "DeviceSerialNumber": "45239",
    "DwellTime": 1.09e-05,
    "EchoTime": 0.00243,
    "FlipAngle": 9,
    "ImageOrientationPatientDICOM": [
      0,
      1,
      0,
      0,
      0,
      -1
    ],
    "ImageType": [
      "ORIGINAL",
      "PRIMARY",
      "M",
      "ND"
    ],
    "ImagingFrequency": 123.224,
    "InPlanePhaseEncodingDirectionDICOM": "ROW",
    "InstitutionAddress": "E_24th_St._100_Austin_Southmiddle_US_78712",
    "InstitutionName": "The_Univ._of_Texas_at_Austin_IRC",
    "InstitutionalDepartmentName": "IRC",
    "InversionTime": 0.9,
    "MRAcquisitionType": "3D",
    "MagneticFieldStrength": 3,
    "Manufacturer": "Siemens",
    "ManufacturersModelName": "Skyra",
    "Modality": "MR",
    "ParallelReductionFactorInPlane": 2,
    "PartialFourier": 1,
    "PatientPosition": "HFS",
    "PercentPhaseFOV": 100,
    "PhaseEncodingSteps": 255,
    "PhaseResolution": 1,
    "PixelBandwidth": 180,
    "ProcedureStepDescription": "Booth_Language",
    "ProtocolName": "MPRAGE",
    "PulseSequenceDetails": "%SiemensSeq%_tfl",
    "ReceiveCoilActiveElements": "HC1-6",
    "ReceiveCoilName": "HeadNeck_64",
    "ReconMatrixPE": 256,
    "RefLinesPE": 24,
    "RepetitionTime": 1.9,
    "SAR": 0.226747,
    "ScanOptions": "IR",
    "ScanningSequence": "GR_IR",
    "SequenceName": "_tfl3d1_16ns",
    "SequenceVariant": "SK_SP_MP",
    "SeriesDescription": "MPRAGE",
    "SeriesNumber": 11,
    "ShiftedAquisitionDate": "1816-04-22 00:00:00",
    "ShimSetting": [
      -2849,
      8022,
      -16018,
      -1233,
      -75,
      -527,
      -219,
      169
    ],
    "SliceThickness": 1,
    "SoftwareVersions": "syngo_MR_E11",
    "StationName": "AWP45239",
    "TxRefAmp": 354.36,
    "acq_id": "D1S11",
    "dataset": "ds003604",
    "modality": "T1w",
    "session_id": "7",
    "subject_id": "5008"
  },
  "cjv": 0.505131838512968,
  "cnr": 2.4781712138581375,
  "efc": 0.5114009557281601,
  "fber": 3135.194296361472,
  "fwhm_avg": 5.08306,
  "fwhm_x": 5.21385,
  "fwhm_y": 5.06244,
  "fwhm_z": 4.97289,
  "icvs_csf": 0.12286905289092406,
  "icvs_gm": 0.4797894486904001,
  "icvs_wm": 0.3973414984186759,
  "inu_med": 1.095672369003296,
  "inu_range": 0.8667314648628235,
  "provenance": {
    "md5sum": "b55d9acd958e2620c32215e493987643",
    "settings": {
      "testing": false
    },
    "software": "mriqc",
    "version": "21.0.0rc2",
    "warnings": {
      "large_rot_frame": true,
      "small_air_mask": false
    },
    "webapi_port": null,
    "webapi_url": "https://mriqc.nimh.nih.gov/api/v1"
  },
  "qi_1": 0.0001241937059301152,
  "qi_2": 0.0018979646938956558,
  "rpve_csf": 45.450156853500644,
  "rpve_gm": 12.148991176470588,
  "rpve_wm": 15.013674095494187,
  "size_x": 192,
  "size_y": 256,
  "size_z": 256,
  "snr_csf": 1.0019188573061355,
  "snr_gm": 11.403063232630997,
  "snr_total": 8.203965329972561,
  "snr_wm": 12.20691389998055,
  "snrd_csf": 30.602030752810204,
  "snrd_gm": 48.25755582291213,
  "snrd_total": 48.037713647963784,
  "snrd_wm": 65.253554368169,
  "spacing_x": 1.0,
  "spacing_y": 1.0,
  "spacing_z": 1.0,
  "summary_bg_k": 15.711091356586351,
  "summary_bg_mad": 10.03985748596442,
  "summary_bg_mean": 15.676412349072532,
  "summary_bg_median": 13.947847366333008,
  "summary_bg_n": 2750989.0,
  "summary_bg_p05": 2.324641227722168,
  "summary_bg_p95": 34.56640434265137,
  "summary_bg_stdv": 11.37684498166049,
  "summary_csf_k": -0.5338980081169553,
  "summary_csf_mad": 283.06404165651924,
  "summary_csf_mean": 703.2526380436502,
  "summary_csf_median": 468.9710998535156,
  "summary_csf_n": 17521.0,
  "summary_csf_p05": 252.67839431762695,
  "summary_csf_p95": 1567.3135442733765,
  "summary_csf_stdv": 468.05957700895755,
  "summary_gm_k": -0.014727342951993627,
  "summary_gm_mad": 66.53278692191347,
  "summary_gm_mean": 738.7173639275469,
  "summary_gm_median": 739.5391244888306,
  "summary_gm_n": 79357.0,
  "summary_gm_p05": 629.7756299972534,
  "summary_gm_p95": 840.4083395004272,
  "summary_gm_stdv": 64.85401771578987,
  "summary_wm_k": 1.4641875642799356,
  "summary_wm_mad": 65.03430072997848,
  "summary_wm_mean": 1015.0251332626776,
  "summary_wm_median": 1000.0000133514404,
  "summary_wm_n": 134977.0,
  "summary_wm_p05": 909.54114818573,
  "summary_wm_p95": 1182.6359567642212,
  "summary_wm_stdv": 81.92048516138962,
  "tpm_overlap_csf": 0.14154374599456787,
  "tpm_overlap_gm": 0.4391099810600281,
  "tpm_overlap_wm": 0.40038567781448364,
  "wm2max": 0.21636160860722956
}