{
  "bids_meta": {
    "AcquisitionMatrixPE": 256,
    "AcquisitionNumber": 1,
    "AcquisitionTime": "11:27:35.472500",
    "BaseResolution": 256,
    "BodyPartExamined": "BRAIN",
    "ConsistencyInfo": "N4_VE11A_LATEST_20140830",
    "ConversionSoftware": "dcm2niix",
    "ConversionSoftwareVersion": "v1.0.20190902",
    "DeviceSerialNumber": "45239",
    "DwellTime": 1.09e-05,
    "EchoTime": 0.00243,
    "FlipAngle": 9,
    "ImageOrientationPatientDICOM": [
      0,
      1,
      0,
      0,
      0,
      -1
    ],
    "ImageType": [
      "ORIGINAL",
      "PRIMARY",
      "M",
      "ND"
    ],
    "ImagingFrequency": 123.225,
    "InPlanePhaseEncodingDirectionDICOM": "ROW",
    "InstitutionAddress": "E_24th_St._100_Austin_Southmiddle_US_78712",
    "InstitutionName": "The_Univ._of_Texas_at_Austin_IRC",
    "InstitutionalDepartmentName": "IRC",
    "InversionTime": 0.9,
    "MRAcquisitionType": "3D",
    "MagneticFieldStrength": 3,
    "Manufacturer": "Siemens",
    "ManufacturersModelName": "Skyra",
    "Modality": "MR",
    "ParallelReductionFactorInPlane": 2,
    "PartialFourier": 1,
    "PatientPosition": "HFS",
    "PercentPhaseFOV": 100,
    "PhaseEncodingSteps": 255,
    "PhaseResolution": 1,
    "PixelBandwidth": 180,
    "ProcedureStepDescription": "Booth_Language",
    "ProtocolName": "MPRAGE",
    "PulseSequenceDetails": "%SiemensSeq%_tfl",
    "ReceiveCoilActiveElements": "HC1-6",
    "ReceiveCoilName": "HeadNeck_64",
    "ReconMatrixPE": 256,
    "RefLinesPE": 24,
    "RepetitionTime": 1.9,
    "SAR": 0.265568,
    "ScanOptions": "IR",
    "ScanningSequence": "GR_IR",
    "SequenceName": "_tfl3d1_16ns",
    "SequenceVariant": "SK_SP_MP",
    "SeriesDescription": "MPRAGE",
    "SeriesNumber": 2,
    "ShiftedAquisitionDate": "1817-01-24 00:00:00",
    "ShimSetting": [
      -2851,
      8065,
      -15920,
      -530,
      404,
      -610,
      -324,
      -43
    ],
    "SliceThickness": 1,
    "SoftwareVersions": "syngo_MR_E11",
    "StationName": "AWP45239",
    "TxRefAmp": 327.802,
    "acq_id": "D1S2",
    "dataset": "ds003604",
    "modality": "T1w",
    "session_id": "7",
    "subject_id": "5363"
  },
  "cjv": 0.4008890423956742,
  "cnr": 3.3894658498994716,
  "efc": 0.5121410694867977,
  "fber": -1.0,
  "fwhm_avg": 5.437346666666667,
  "fwhm_x": 5.56886,
  "fwhm_y": 5.1218,
  "fwhm_z": 5.62138,
  "icvs_csf": 0.13209982906214976,
  "icvs_gm": 0.49525829463766957,
  "icvs_wm": 0.37264187630018064,
  "inu_med": 0.9284176528453827,
  "inu_range": 1.2093837767839428,
  "provenance": {
    "md5sum": "a302e669003cc2e8b3bc2b7b3f7a81a1",
    "settings": {
      "testing": false
    },
    "software": "mriqc",
    "version": "22.0.6",
    "warnings": {
      "large_rot_frame": true,
      "small_air_mask": false
    },
    "webapi_port": null,
    "webapi_url": "https://mriqc.nimh.nih.gov/api/v1"
  },
  "qi_1": 7.737513351928528e-05,
  "qi_2": 0.003305605601811034,
  "rpve_csf": 45.84286027798098,
  "rpve_gm": 13.933777149374498,
  "rpve_wm": 18.81331677677581,
  "size_x": 192,
  "size_y": 256,
  "size_z": 256,
  "snr_csf": 2.496914948596792,
  "snr_gm": 16.928169571632974,
  "snr_total": 12.642727708277542,
  "snr_wm": 18.503098604602865,
  "snrd_csf": 19.43160888860328,
  "snrd_gm": 39.84813979478318,
  "snrd_total": 37.27530897330481,
  "snrd_wm": 52.546178236527965,
  "spacing_x": 1.0,
  "spacing_y": 1.0,
  "spacing_z": 1.0,
  "summary_bg_k": 183.32441220068492,
  "summary_bg_mad": 0.0,
  "summary_bg_mean": 6.158599995190819,
  "summary_bg_median": 0.0,
  "summary_bg_n": 2442645.0,
  "summary_bg_p05": 0.0,
  "summary_bg_p95": 23.823749653995037,
  "summary_bg_stdv": 12.468753493310482,
  "summary_csf_k": 12.757070873894822,
  "summary_csf_mad": 101.7558978646839,
  "summary_csf_mean": 383.87105733755874,
  "summary_csf_median": 369.82823914289474,
  "summary_csf_n": 14221.0,
  "summary_csf_p05": 175.87752487510443,
  "summary_csf_p95": 611.5011353194714,
  "summary_csf_stdv": 148.10886379236095,
  "summary_gm_k": 0.08326746979590016,
  "summary_gm_mad": 44.289835849699195,
  "summary_gm_mean": 758.4897251255901,
  "summary_gm_median": 758.4018110856414,
  "summary_gm_n": 56686.0,
  "summary_gm_p05": 684.9888145029545,
  "summary_gm_p95": 831.9641728699207,
  "summary_gm_stdv": 44.80077532000961,
  "summary_wm_k": 0.36121510112816146,
  "summary_wm_mad": 52.5941800715178,
  "summary_wm_mean": 1004.1097030182844,
  "summary_wm_median": 1000.074707262218,
  "summary_wm_n": 142768.0,
  "summary_wm_p05": 923.4503588452935,
  "summary_wm_p95": 1100.5974879339337,
  "summary_wm_stdv": 54.04885020503015,
  "tpm_overlap_csf": 0.12016015995500244,
  "tpm_overlap_gm": 0.47783164142380535,
  "tpm_overlap_wm": 0.4455135822826967,
  "wm2max": 0.3305885546470088
}