{
  "aor": 0.0020478481012658227,
  "aqi": 0.007091551582278482,
  "bids_meta": {
    "AcquisitionMatrixPE": 128,
    "AcquisitionNumber": 1,
    "AcquisitionTime": "16:24:14.185000",
    "BandwidthPerPixelPhaseEncode": 23.321,
    "BaseResolution": 128,
    "BodyPartExamined": "BRAIN",
    "ConsistencyInfo": "N4_VE11C_LATEST_20160120",
    "ConversionSoftware": "dcm2niix",
    "ConversionSoftwareVersion": "v1.0.20190902",
    "DerivedVendorReportedEchoSpacing": 0.000669997,
    "DeviceSerialNumber": "45239",
    "DwellTime": 2.2e-06,
    "EchoTime": 0.03,
    "EchoTrainLength": 63,
    "EffectiveEchoSpacing": 0.000334999,
    "FlipAngle": 80,
    "ImageComments": "Unaliased_MB4_PE4_LB",
    "ImageOrientationPatientDICOM": [
      1,
      0,
      0,
      0,
      1,
      0
    ],
    "ImageType": [
      "ORIGINAL",
      "PRIMARY",
      "M",
      "MB",
      "ND",
      "MOSAIC"
    ],
    "ImagingFrequency": 123.186,
    "InPlanePhaseEncodingDirectionDICOM": "COL",
    "InstitutionAddress": "E_24th_St._100_Austin_Southmiddle_US_78712",
    "InstitutionName": "The_Univ._of_Texas_at_Austin_IRC",
    "InstitutionalDepartmentName": "IRC",
    "MRAcquisitionType": "2D",
    "MagneticFieldStrength": 3,
    "Manufacturer": "Siemens",
    "ManufacturersModelName": "Skyra",
    "Modality": "MR",
    "MultibandAccelerationFactor": 4,
    "ParallelReductionFactorInPlane": 2,
    "PartialFourier": 1,
    "PatientPosition": "HFS",
    "PercentPhaseFOV": 100,
    "PhaseEncodingDirection": "j-",
    "PhaseEncodingSteps": 127,
    "PhaseResolution": 1,
    "PixelBandwidth": 1775,
    "ProcedureStepDescription": "Booth_Language",
    "ProtocolName": "SEM1",
    "PulseSequenceDetails": "%CustomerSeq%_cmrr_mbep2d_bold",
    "ReceiveCoilActiveElements": "HC3-6",
    "ReceiveCoilName": "HeadNeck_64",
    "ReconMatrixPE": 128,
    "RefLinesPE": 58,
    "RepetitionTime": 1.25,
    "SAR": 0.139772,
    "ScanOptions": "FS",
    "ScanningSequence": "EP",
    "SequenceName": "epfid2d1_128",
    "SequenceVariant": "SK_SS",
    "SeriesDescription": "SEM1",
    "SeriesNumber": 6,
    "ShiftedAquisitionDate": "1818-04-16",
    "ShimSetting": [
      -2732,
      7836,
      -15348,
      -48,
      449,
      -833,
      24,
      127
    ],
    "SliceThickness": 2,
    "SliceTiming": [
      0,
      0.265,
      0.5275,
      0.7925,
      1.055,
      0.0875,
      0.3525,
      0.615,
      0.88,
      1.1425,
      0.1775,
      0.44,
      0.7025,
      0.9675,
      0,
      0.265,
      0.5275,
      0.7925,
      1.055,
      0.0875,
      0.3525,
      0.615,
      0.88,
      1.1425,
      0.1775,
      0.44,
      0.7025,
      0.9675,
      0,
      0.265,
      0.5275,
      0.7925,
      1.055,
      0.0875,
      0.3525,
      0.615,
      0.88,
      1.1425,
      0.1775,
      0.44,
      0.7025,
      0.9675,
      0,
      0.265,
      0.5275,
      0.7925,
      1.055,
      0.0875,
      0.3525,
      0.615,
      0.88,
      1.1425,
      0.1775,
      0.44,
      0.7025,
      0.9675
    ],
    "SoftwareVersions": "syngo_MR_E11",
    "SpacingBetweenSlices": 2,
    "StationName": "AWP45239",
    "TotalReadoutTime": 0.0425448,
    "TxRefAmp": 325.974,
    "WipMemBlock": "fb473324-d5d7-4570-9f4f-c54e161f2f26||Sequence: R016 ve11c/master r/e634e98; Dec 19 2017 11:00:25 by eja",
    "acq_id": "D2S6",
    "dataset": "ds003604",
    "modality": "bold",
    "run_id": 1,
    "session_id": "9",
    "subject_id": "5070",
    "task_id": "Sem"
  },
  "dummy_trs": 0,
  "dvars_nstd": 50.35193403178343,
  "dvars_std": 1.069293591210191,
  "dvars_vstd": 1.0300162696178348,
  "efc": 0.43665892711656346,
  "fber": 2634.62548828125,
  "fd_mean": 0.24882994483229282,
  "fd_num": 94,
  "fd_perc": 59.49367088607595,
  "fwhm_avg": 3.140255,
  "fwhm_x": 2.84278,
  "fwhm_y": 3.32096,
  "fwhm_z": 3.257025,
  "gcor": 0.00320695,
  "gsr_x": -0.016778912395238876,
  "gsr_y": 0.014032544568181038,
  "provenance": {
    "md5sum": "c02cd05c3ff5ff702cc8188e55ddd2c3",
    "settings": {
      "fd_thres": 0.2,
      "testing": false
    },
    "software": "mriqc",
    "version": "23.0.1",
    "webapi_port": null,
    "webapi_url": "https://mriqc.nimh.nih.gov/api/v1"
  },
  "size_t": 158,
  "size_x": 128,
  "size_y": 128,
  "size_z": 56,
  "snr": 2.6193239343720474,
  "spacing_tr": 1.25,
  "spacing_x": 2.0,
  "spacing_y": 2.0,
  "spacing_z": 2.0,
  "summary_bg_k": 55.59848671747917,
  "summary_bg_mad": 4.231984545116688,
  "summary_bg_mean": 25.159137725830078,
  "summary_bg_median": 11.658227920532227,
  "summary_bg_n": 672396.0,
  "summary_bg_p05": 8.310127258300781,
  "summary_bg_p95": 84.77215576171875,
  "summary_bg_stdv": 49.616886138916016,
  "summary_fg_k": 0.7235080430711722,
  "summary_fg_mad": 223.43188255214642,
  "summary_fg_mean": 639.5835571289062,
  "summary_fg_median": 602.3291015625,
  "summary_fg_n": 143294.0,
  "summary_fg_p05": 343.43641052246096,
  "summary_fg_p95": 1058.243688964844,
  "summary_fg_stdv": 229.95513916015625,
  "tsnr": 29.35007021552883
}