{
  "aor": 0.002550126582278481,
  "aqi": 0.006884076012658228,
  "bids_meta": {
    "AcquisitionMatrixPE": 128,
    "AcquisitionNumber": 1,
    "AcquisitionTime": "16:29:2.852500",
    "BandwidthPerPixelPhaseEncode": 23.321,
    "BaseResolution": 128,
    "BodyPartExamined": "BRAIN",
    "ConsistencyInfo": "N4_VE11C_LATEST_20160120",
    "ConversionSoftware": "dcm2niix",
    "ConversionSoftwareVersion": "v1.0.20190902",
    "DerivedVendorReportedEchoSpacing": 0.000669997,
    "DeviceSerialNumber": "45239",
    "DwellTime": 2.2e-06,
    "EchoTime": 0.03,
    "EchoTrainLength": 63,
    "EffectiveEchoSpacing": 0.000334999,
    "FlipAngle": 80,
    "ImageComments": "Unaliased_MB4_PE4_LB",
    "ImageOrientationPatientDICOM": [
      1,
      0,
      0,
      0,
      1,
      0
    ],
    "ImageType": [
      "ORIGINAL",
      "PRIMARY",
      "M",
      "MB",
      "ND",
      "MOSAIC"
    ],
    "ImagingFrequency": 123.186,
    "InPlanePhaseEncodingDirectionDICOM": "COL",
    "InstitutionAddress": "E_24th_St._100_Austin_Southmiddle_US_78712",
    "InstitutionName": "The_Univ._of_Texas_at_Austin_IRC",
    "InstitutionalDepartmentName": "IRC",
    "MRAcquisitionType": "2D",
    "MagneticFieldStrength": 3,
    "Manufacturer": "Siemens",
    "ManufacturersModelName": "Skyra",
    "Modality": "MR",
    "MultibandAccelerationFactor": 4,
    "ParallelReductionFactorInPlane": 2,
    "PartialFourier": 1,
    "PatientPosition": "HFS",
    "PercentPhaseFOV": 100,
    "PhaseEncodingDirection": "j-",
    "PhaseEncodingSteps": 127,
    "PhaseResolution": 1,
    "PixelBandwidth": 1775,
    "ProcedureStepDescription": "Booth_Language",
    "ProtocolName": "SEM2",
    "PulseSequenceDetails": "%CustomerSeq%_cmrr_mbep2d_bold",
    "ReceiveCoilActiveElements": "HC3-6",
    "ReceiveCoilName": "HeadNeck_64",
    "ReconMatrixPE": 128,
    "RefLinesPE": 58,
    "RepetitionTime": 1.25,
    "SAR": 0.139772,
    "ScanOptions": "FS",
    "ScanningSequence": "EP",
    "SequenceName": "epfid2d1_128",
    "SequenceVariant": "SK_SS",
    "SeriesDescription": "SEM2",
    "SeriesNumber": 8,
    "ShiftedAquisitionDate": "1818-04-16",
    "ShimSetting": [
      -2732,
      7836,
      -15348,
      -48,
      449,
      -833,
      24,
      127
    ],
    "SliceThickness": 2,
    "SliceTiming": [
      0,
      0.265,
      0.5275,
      0.79,
      1.055,
      0.0875,
      0.3525,
      0.615,
      0.88,
      1.1425,
      0.175,
      0.44,
      0.7025,
      0.9675,
      0,
      0.265,
      0.5275,
      0.79,
      1.055,
      0.0875,
      0.3525,
      0.615,
      0.88,
      1.1425,
      0.175,
      0.44,
      0.7025,
      0.9675,
      0,
      0.265,
      0.5275,
      0.79,
      1.055,
      0.0875,
      0.3525,
      0.615,
      0.88,
      1.1425,
      0.175,
      0.44,
      0.7025,
      0.9675,
      0,
      0.265,
      0.5275,
      0.79,
      1.055,
      0.0875,
      0.3525,
      0.615,
      0.88,
      1.1425,
      0.175,
      0.44,
      0.7025,
      0.9675
    ],
    "SoftwareVersions": "syngo_MR_E11",
    "SpacingBetweenSlices": 2,
    "StationName": "AWP45239",
    "TotalReadoutTime": 0.0425448,
    "TxRefAmp": 325.974,
    "WipMemBlock": "8081703a-9caf-4f36-8edd-8379e5fa9901||Sequence: R016 ve11c/master r/e634e98; Dec 19 2017 11:00:25 by eja",
    "acq_id": "D2S8",
    "dataset": "ds003604",
    "modality": "bold",
    "run_id": 2,
    "session_id": "9",
    "subject_id": "5070",
    "task_id": "Sem"
  },
  "dummy_trs": 0,
  "dvars_nstd": 51.61845934917197,
  "dvars_std": 1.0894777508917197,
  "dvars_vstd": 1.0411987828662412,
  "efc": 0.43782010178168107,
  "fber": 2548.139404296875,
  "fd_mean": 0.25104798708816023,
  "fd_num": 88,
  "fd_perc": 55.69620253164557,
  "fwhm_avg": 3.147066666666667,
  "fwhm_x": 2.854515,
  "fwhm_y": 3.318315,
  "fwhm_z": 3.26837,
  "gcor": 0.00526422,
  "gsr_x": -0.017512446269392967,
  "gsr_y": 0.014376902021467686,
  "provenance": {
    "md5sum": "0256218d32afd5c5333636df5b0dc483",
    "settings": {
      "fd_thres": 0.2,
      "testing": false
    },
    "software": "mriqc",
    "version": "23.0.1",
    "webapi_port": null,
    "webapi_url": "https://mriqc.nimh.nih.gov/api/v1"
  },
  "size_t": 158,
  "size_x": 128,
  "size_y": 128,
  "size_z": 56,
  "snr": 2.592432870745116,
  "spacing_tr": 1.25,
  "spacing_x": 2.0,
  "spacing_y": 2.0,
  "spacing_z": 2.0,
  "summary_bg_k": 54.466078218507846,
  "summary_bg_mad": 4.485341980657442,
  "summary_bg_mean": 25.721250534057617,
  "summary_bg_median": 11.87974739074707,
  "summary_bg_n": 671750.0,
  "summary_bg_p05": 8.386075973510742,
  "summary_bg_p95": 87.1680412292476,
  "summary_bg_stdv": 50.7081184387207,
  "summary_fg_k": 0.8041144782087097,
  "summary_fg_mad": 224.98959218284438,
  "summary_fg_mean": 641.8604125976562,
  "summary_fg_median": 602.7974853515625,
  "summary_fg_n": 143833.0,
  "summary_fg_p05": 343.951904296875,
  "summary_fg_p95": 1064.9202636718749,
  "summary_fg_stdv": 232.5211181640625,
  "tsnr": 29.533907470759004
}