{
  "bids_meta": {
    "AcquisitionMatrixPE": 256,
    "AcquisitionNumber": 1,
    "AcquisitionTime": "14:23:38.032500",
    "BaseResolution": 256,
    "BodyPartExamined": "BRAIN",
    "ConsistencyInfo": "N4_VE11C_LATEST_20160120",
    "ConversionSoftware": "dcm2niix",
    "ConversionSoftwareVersion": "v1.0.20190902",
    "DeviceSerialNumber": "45239",
    "DwellTime": 1.09e-05,
    "EchoTime": 0.00243,
    "FlipAngle": 9,
    "ImageOrientationPatientDICOM": [
      0,
      1,
      0,
      0,
      0,
      -1
    ],
    "ImageType": [
      "ORIGINAL",
      "PRIMARY",
      "M",
      "ND"
    ],
    "ImagingFrequency": 123.186,
    "InPlanePhaseEncodingDirectionDICOM": "ROW",
    "InstitutionAddress": "E_24th_St._100_Austin_Southmiddle_US_78712",
    "InstitutionName": "The_Univ._of_Texas_at_Austin_IRC",
    "InstitutionalDepartmentName": "IRC",
    "InversionTime": 0.9,
    "MRAcquisitionType": "3D",
    "MagneticFieldStrength": 3,
    "Manufacturer": "Siemens",
    "ManufacturersModelName": "Skyra",
    "Modality": "MR",
    "ParallelReductionFactorInPlane": 2,
    "PartialFourier": 1,
    "PatientPosition": "HFS",
    "PercentPhaseFOV": 100,
    "PhaseEncodingSteps": 255,
    "PhaseResolution": 1,
    "PixelBandwidth": 180,
    "ProcedureStepDescription": "Booth_Language",
    "ProtocolName": "MPRAGE",
    "PulseSequenceDetails": "%SiemensSeq%_tfl",
    "ReceiveCoilActiveElements": "HC1-6",
    "ReceiveCoilName": "HeadNeck_64",
    "ReconMatrixPE": 256,
    "RefLinesPE": 24,
    "RepetitionTime": 1.9,
    "SAR": 0.262412,
    "ScanOptions": "IR",
    "ScanningSequence": "GR_IR",
    "SequenceName": "_tfl3d1_16ns",
    "SequenceVariant": "SK_SP_MP",
    "SeriesDescription": "MPRAGE",
    "SeriesNumber": 2,
    "ShiftedAquisitionDate": "1818-10-09 00:00:00",
    "ShimSetting": [
      -2727,
      7934,
      -15901,
      -500,
      562,
      -716,
      -526,
      132
    ],
    "SliceThickness": 1,
    "SoftwareVersions": "syngo_MR_E11",
    "StationName": "AWP45239",
    "TxRefAmp": 327.248,
    "acq_id": "D1S2",
    "dataset": "ds003604",
    "modality": "T1w",
    "session_id": "9",
    "subject_id": "5186"
  },
  "cjv": 0.41363760191883786,
  "cnr": 3.220926893570569,
  "efc": 0.49648754766208864,
  "fber": -1.0,
  "fwhm_avg": 4.979026666666667,
  "fwhm_x": 5.15106,
  "fwhm_y": 4.63557,
  "fwhm_z": 5.15045,
  "icvs_csf": 0.12437809399024613,
  "icvs_gm": 0.46661198810988785,
  "icvs_wm": 0.409009917899866,
  "inu_med": 0.9421951770782471,
  "inu_range": 0.9604526638984678,
  "provenance": {
    "md5sum": "3c96a517003fed02715ee910508b63b6",
    "settings": {
      "testing": false
    },
    "software": "mriqc",
    "version": "22.0.6",
    "warnings": {
      "large_rot_frame": true,
      "small_air_mask": false
    },
    "webapi_port": null,
    "webapi_url": "https://mriqc.nimh.nih.gov/api/v1"
  },
  "qi_1": 0.0,
  "qi_2": 0.007138140110079497,
  "rpve_csf": 50.67029159810964,
  "rpve_gm": 15.560458789610943,
  "rpve_wm": 18.97490673980596,
  "size_x": 192,
  "size_y": 256,
  "size_z": 256,
  "snr_csf": 2.4858400059691426,
  "snr_gm": 16.905208768387247,
  "snr_total": 12.424176878795388,
  "snr_wm": 17.881481862029773,
  "snrd_csf": 27.01147577231728,
  "snrd_gm": 58.31231721809047,
  "snrd_total": 53.80119822407702,
  "snrd_wm": 76.0798016818233,
  "spacing_x": 1.0,
  "spacing_y": 1.0,
  "spacing_z": 1.0,
  "summary_bg_k": 5.762350138467676,
  "summary_bg_mad": 0.0,
  "summary_bg_mean": 5.133050380994326,
  "summary_bg_median": 0.0,
  "summary_bg_n": 2633051.0,
  "summary_bg_p05": 0.0,
  "summary_bg_p95": 19.69945603609085,
  "summary_bg_stdv": 8.611717147402125,
  "summary_csf_k": 23.305928887073964,
  "summary_csf_mad": 93.75085547530628,
  "summary_csf_mean": 374.45053246817065,
  "summary_csf_median": 355.0637532658875,
  "summary_csf_n": 8594.0,
  "summary_csf_p05": 204.52707672342657,
  "summary_csf_p95": 587.7793625127518,
  "summary_csf_stdv": 142.82620529019752,
  "summary_gm_k": 0.23518092260321577,
  "summary_gm_mad": 44.27773803277071,
  "summary_gm_mean": 766.6058141584804,
  "summary_gm_median": 766.5108855068684,
  "summary_gm_n": 42097.0,
  "summary_gm_p05": 692.4990189507604,
  "summary_gm_p95": 840.6995420530438,
  "summary_gm_stdv": 45.34116034004352,
  "summary_wm_k": 0.5102249698146832,
  "summary_wm_mad": 52.328235856910844,
  "summary_wm_mean": 1007.2074866574626,
  "summary_wm_median": 1000.0630902424455,
  "summary_wm_n": 156666.0,
  "summary_wm_p05": 927.9580300077796,
  "summary_wm_p95": 1110.9198849070817,
  "summary_wm_stdv": 55.92712652392768,
  "tpm_overlap_csf": 0.14373276275712715,
  "tpm_overlap_gm": 0.4699850959295,
  "tpm_overlap_wm": 0.45566763070844934,
  "wm2max": 0.31357753610433875
}