{
  "aor": 0.002535126582278481,
  "aqi": 0.006871249177215189,
  "bids_meta": {
    "AcquisitionMatrixPE": 128,
    "AcquisitionNumber": 1,
    "AcquisitionTime": "13:15:15.682500",
    "BandwidthPerPixelPhaseEncode": 23.321,
    "BaseResolution": 128,
    "BodyPartExamined": "BRAIN",
    "ConsistencyInfo": "N4_VE11C_LATEST_20160120",
    "ConversionSoftware": "dcm2niix",
    "ConversionSoftwareVersion": "v1.0.20190902",
    "DerivedVendorReportedEchoSpacing": 0.000669997,
    "DeviceSerialNumber": "45239",
    "DwellTime": 2.2e-06,
    "EchoTime": 0.03,
    "EchoTrainLength": 63,
    "EffectiveEchoSpacing": 0.000334999,
    "FlipAngle": 80,
    "ImageComments": "Unaliased_MB4_PE4_LB",
    "ImageOrientationPatientDICOM": [
      1,
      0,
      0,
      0,
      1,
      0
    ],
    "ImageType": [
      "ORIGINAL",
      "PRIMARY",
      "M",
      "MB",
      "ND",
      "MOSAIC"
    ],
    "ImagingFrequency": 123.186,
    "InPlanePhaseEncodingDirectionDICOM": "COL",
    "InstitutionAddress": "E_24th_St._100_Austin_Southmiddle_US_78712",
    "InstitutionName": "The_Univ._of_Texas_at_Austin_IRC",
    "InstitutionalDepartmentName": "IRC",
    "MRAcquisitionType": "2D",
    "MagneticFieldStrength": 3,
    "Manufacturer": "Siemens",
    "ManufacturersModelName": "Skyra",
    "Modality": "MR",
    "MultibandAccelerationFactor": 4,
    "ParallelReductionFactorInPlane": 2,
    "PartialFourier": 1,
    "PatientPosition": "HFS",
    "PercentPhaseFOV": 100,
    "PhaseEncodingDirection": "j-",
    "PhaseEncodingSteps": 127,
    "PhaseResolution": 1,
    "PixelBandwidth": 1775,
    "ProcedureStepDescription": "Booth_Language",
    "ProtocolName": "Phon2",
    "PulseSequenceDetails": "%CustomerSeq%_cmrr_mbep2d_bold",
    "ReceiveCoilActiveElements": "HC1-6",
    "ReceiveCoilName": "HeadNeck_64",
    "ReconMatrixPE": 128,
    "RefLinesPE": 58,
    "RepetitionTime": 1.25,
    "SAR": 0.253624,
    "ScanOptions": "FS",
    "ScanningSequence": "EP",
    "SequenceName": "epfid2d1_128",
    "SequenceVariant": "SK_SS",
    "SeriesDescription": "Phon2",
    "SeriesNumber": 2,
    "ShiftedAquisitionDate": "1819-07-03",
    "ShimSetting": [
      -2741,
      7798,
      -15358,
      -25,
      846,
      -1055,
      44,
      3
    ],
    "SliceThickness": 2,
    "SliceTiming": [
      0,
      0.2625,
      0.5275,
      0.79,
      1.055,
      0.0875,
      0.3525,
      0.615,
      0.8775,
      1.1425,
      0.175,
      0.44,
      0.7025,
      0.9675,
      0,
      0.2625,
      0.5275,
      0.79,
      1.055,
      0.0875,
      0.3525,
      0.615,
      0.8775,
      1.1425,
      0.175,
      0.44,
      0.7025,
      0.9675,
      0,
      0.2625,
      0.5275,
      0.79,
      1.055,
      0.0875,
      0.3525,
      0.615,
      0.8775,
      1.1425,
      0.175,
      0.44,
      0.7025,
      0.9675,
      0,
      0.2625,
      0.5275,
      0.79,
      1.055,
      0.0875,
      0.3525,
      0.615,
      0.8775,
      1.1425,
      0.175,
      0.44,
      0.7025,
      0.9675
    ],
    "SoftwareVersions": "syngo_MR_E11",
    "SpacingBetweenSlices": 2,
    "StationName": "AWP45239",
    "TotalReadoutTime": 0.0425448,
    "TxRefAmp": 325.784,
    "WipMemBlock": "031dafad-f3ff-40bd-8a79-3d2ea4663dce||Sequence: R016 ve11c/master r/e634e98; Dec 19 2017 11:00:25 by eja",
    "acq_id": "D2S2",
    "dataset": "ds003604",
    "modality": "bold",
    "run_id": 2,
    "session_id": "7",
    "subject_id": "5527",
    "task_id": "Phon"
  },
  "dummy_trs": 0,
  "dvars_nstd": 45.30106827592358,
  "dvars_std": 1.1689602850318472,
  "dvars_vstd": 1.0130408048407644,
  "efc": 0.4056457169274577,
  "fber": 3691.366943359375,
  "fd_mean": 0.17917425341230456,
  "fd_num": 27,
  "fd_perc": 17.088607594936708,
  "fwhm_avg": 3.5572,
  "fwhm_x": 3.353925,
  "fwhm_y": 3.7414,
  "fwhm_z": 3.576275,
  "gcor": 0.00557916,
  "gsr_x": -0.010745842009782791,
  "gsr_y": 0.009854191914200783,
  "provenance": {
    "md5sum": "17153ce2781e2f1e3dc769c32ffe77f4",
    "settings": {
      "fd_thres": 0.2,
      "testing": false
    },
    "software": "mriqc",
    "version": "23.0.1",
    "webapi_port": null,
    "webapi_url": "https://mriqc.nimh.nih.gov/api/v1"
  },
  "size_t": 158,
  "size_x": 128,
  "size_y": 128,
  "size_z": 56,
  "snr": 2.3135830991543127,
  "spacing_tr": 1.25,
  "spacing_x": 2.0,
  "spacing_y": 2.0,
  "spacing_z": 2.0,
  "summary_bg_k": 78.18873921244145,
  "summary_bg_mad": 3.4719164802533977,
  "summary_bg_mean": 23.96164321899414,
  "summary_bg_median": 12.050633430480957,
  "summary_bg_n": 684016.0,
  "summary_bg_p05": 9.094937324523926,
  "summary_bg_p95": 74.6218376159668,
  "summary_bg_stdv": 48.60676574707031,
  "summary_fg_k": 0.9818618924726579,
  "summary_fg_mad": 293.5317568864418,
  "summary_fg_mean": 786.200439453125,
  "summary_fg_median": 727.6835327148438,
  "summary_fg_n": 135112.0,
  "summary_fg_p05": 385.575,
  "summary_fg_p95": 1383.0949279785152,
  "summary_fg_stdv": 314.5254821777344,
  "tsnr": 35.631991480477154
}