{
  "aor": 0.008964240506329116,
  "aqi": 0.015722908417721518,
  "bids_meta": {
    "AcquisitionMatrixPE": 128,
    "AcquisitionNumber": 1,
    "AcquisitionTime": "10:29:48.645000",
    "BandwidthPerPixelPhaseEncode": 22.645,
    "BaseResolution": 128,
    "BodyPartExamined": "BRAIN",
    "ConsistencyInfo": "N4_VD13A_LATEST_20120616",
    "ConversionSoftware": "dcm2niix",
    "ConversionSoftwareVersion": "v1.0.20190902",
    "DerivedVendorReportedEchoSpacing": 0.000689998,
    "DeviceSerialNumber": "45239",
    "DwellTime": 2.2e-06,
    "EchoTime": 0.03,
    "EchoTrainLength": 63,
    "EffectiveEchoSpacing": 0.000344999,
    "FlipAngle": 80,
    "ImageComments": "Unaliased_MB4_PE4",
    "ImageOrientationPatientDICOM": [
      0.999893,
      -0.000310128,
      0.0146131,
      0.000231358,
      0.999985,
      0.00539172
    ],
    "ImageType": [
      "ORIGINAL",
      "PRIMARY",
      "M",
      "MB",
      "ND",
      "MOSAIC"
    ],
    "ImagingFrequency": 123.224,
    "InPlanePhaseEncodingDirectionDICOM": "COL",
    "InstitutionAddress": "E_24th_St._100_Austin_Southmiddle_US_78712",
    "InstitutionName": "The_Univ._of_Texas_at_Austin_IRC",
    "InstitutionalDepartmentName": "IRC",
    "MRAcquisitionType": "2D",
    "MagneticFieldStrength": 3,
    "Manufacturer": "Siemens",
    "ManufacturersModelName": "Skyra",
    "Modality": "MR",
    "MultibandAccelerationFactor": 4,
    "ParallelReductionFactorInPlane": 2,
    "PartialFourier": 1,
    "PatientPosition": "HFS",
    "PercentPhaseFOV": 100,
    "PhaseEncodingDirection": "j-",
    "PhaseEncodingSteps": 127,
    "PhaseResolution": 1,
    "PixelBandwidth": 1775,
    "ProcedureStepDescription": "Booth_Language",
    "ProtocolName": "Phon2",
    "PulseSequenceDetails": "%CustomerSeq%_cmrr_mbep2d_bold",
    "ReceiveCoilActiveElements": "HC3-7",
    "ReceiveCoilName": "HeadNeck_64",
    "ReconMatrixPE": 128,
    "RefLinesPE": 100,
    "RepetitionTime": 1.25,
    "SAR": 0.20681,
    "ScanOptions": "FS",
    "ScanningSequence": "EP",
    "SequenceName": "epfid2d1_128",
    "SequenceVariant": "SK_SS",
    "SeriesDescription": "Phon2",
    "SeriesNumber": 7,
    "ShiftedAquisitionDate": "1815-05-31",
    "ShimSetting": [
      -2900,
      7803,
      -15545,
      -980,
      -17,
      -777,
      545,
      -410
    ],
    "SliceThickness": 2,
    "SliceTiming": [
      0,
      0.2625,
      0.5275,
      0.79,
      1.055,
      0.0875,
      0.35,
      0.615,
      0.8775,
      1.1425,
      0.175,
      0.44,
      0.7025,
      0.965,
      0,
      0.2625,
      0.5275,
      0.79,
      1.055,
      0.0875,
      0.35,
      0.615,
      0.8775,
      1.1425,
      0.175,
      0.44,
      0.7025,
      0.965,
      0,
      0.2625,
      0.5275,
      0.79,
      1.055,
      0.0875,
      0.35,
      0.615,
      0.8775,
      1.1425,
      0.175,
      0.44,
      0.7025,
      0.965,
      0,
      0.2625,
      0.5275,
      0.79,
      1.055,
      0.0875,
      0.35,
      0.615,
      0.8775,
      1.1425,
      0.175,
      0.44,
      0.7025,
      0.965
    ],
    "SoftwareVersions": "syngo_MR_D13",
    "SpacingBetweenSlices": 2,
    "StationName": "AWP45239",
    "TotalReadoutTime": 0.0438149,
    "TxRefAmp": 327.035,
    "WipMemBlock": "f516b92e-02f6-4660-97b6-e6352273ff97||Sequence: vd13a/R012 r/b34510a; May 18 2015 10:31:31 by eja",
    "acq_id": "D1S7",
    "dataset": "ds003604",
    "modality": "bold",
    "run_id": 2,
    "session_id": "5",
    "subject_id": "5043",
    "task_id": "Phon"
  },
  "dummy_trs": 0,
  "dvars_nstd": 72.15688409000002,
  "dvars_std": 1.1573105349044588,
  "dvars_vstd": 1.0795093712738846,
  "efc": 0.44085562636828185,
  "fber": 866.0062255859375,
  "fd_mean": 0.5851287117471089,
  "fd_num": 135,
  "fd_perc": 85.44303797468355,
  "fwhm_avg": 3.7498733333333334,
  "fwhm_x": 3.56918,
  "fwhm_y": 3.79158,
  "fwhm_z": 3.88886,
  "gcor": 0.032066,
  "gsr_x": -0.02623954601585865,
  "gsr_y": 0.03036612644791603,
  "provenance": {
    "md5sum": "b6532fe93835be576086b26c1132ac68",
    "settings": {
      "fd_thres": 0.2,
      "testing": false
    },
    "software": "mriqc",
    "version": "23.0.1",
    "webapi_port": null,
    "webapi_url": "https://mriqc.nimh.nih.gov/api/v1"
  },
  "size_t": 158,
  "size_x": 128,
  "size_y": 128,
  "size_z": 56,
  "snr": 2.0646769835725833,
  "spacing_tr": 1.25,
  "spacing_x": 2.0,
  "spacing_y": 2.0,
  "spacing_z": 2.0,
  "summary_bg_k": 63.13914064668681,
  "summary_bg_mad": 65.39625002303426,
  "summary_bg_mean": 391.0354919433594,
  "summary_bg_median": 247.24993896484375,
  "summary_bg_n": 679951.0,
  "summary_bg_p05": 193.04141235351562,
  "summary_bg_p95": 1052.4777221679688,
  "summary_bg_stdv": 507.9985046386719,
  "summary_fg_k": 1.5509912914835082,
  "summary_fg_mad": 2820.269573212746,
  "summary_fg_mean": 8271.5654296875,
  "summary_fg_median": 7310.05078125,
  "summary_fg_n": 137222.0,
  "summary_fg_p05": 4327.824658203125,
  "summary_fg_p95": 15521.332812499999,
  "summary_fg_stdv": 3540.51708984375,
  "tsnr": 21.134065628051758
}