{
  "aor": 0.006563101265822783,
  "aqi": 0.01227948848101266,
  "bids_meta": {
    "AcquisitionMatrixPE": 128,
    "AcquisitionNumber": 1,
    "AcquisitionTime": "10:10:42.315000",
    "BandwidthPerPixelPhaseEncode": 23.321,
    "BaseResolution": 128,
    "BodyPartExamined": "BRAIN",
    "ConsistencyInfo": "N4_VE11A_LATEST_20140830",
    "ConversionSoftware": "dcm2niix",
    "ConversionSoftwareVersion": "v1.0.20190902",
    "DerivedVendorReportedEchoSpacing": 0.000669997,
    "DeviceSerialNumber": "45239",
    "DwellTime": 2.2e-06,
    "EchoTime": 0.03,
    "EchoTrainLength": 63,
    "EffectiveEchoSpacing": 0.000334999,
    "FlipAngle": 80,
    "ImageComments": "Unaliased_MB4_PE4_LB",
    "ImageOrientationPatientDICOM": [
      1,
      0,
      0,
      0,
      1,
      0
    ],
    "ImageType": [
      "ORIGINAL",
      "PRIMARY",
      "M",
      "MB",
      "ND",
      "MOSAIC"
    ],
    "ImagingFrequency": 123.224,
    "InPlanePhaseEncodingDirectionDICOM": "COL",
    "InstitutionAddress": "E_24th_St._100_Austin_Southmiddle_US_78712",
    "InstitutionName": "The_Univ._of_Texas_at_Austin_IRC",
    "InstitutionalDepartmentName": "IRC",
    "MRAcquisitionType": "2D",
    "MagneticFieldStrength": 3,
    "Manufacturer": "Siemens",
    "ManufacturersModelName": "Skyra",
    "Modality": "MR",
    "MultibandAccelerationFactor": 4,
    "ParallelReductionFactorInPlane": 2,
    "PartialFourier": 1,
    "PatientPosition": "HFS",
    "PercentPhaseFOV": 100,
    "PhaseEncodingDirection": "j-",
    "PhaseEncodingSteps": 127,
    "PhaseResolution": 1,
    "PixelBandwidth": 1775,
    "ProcedureStepDescription": "Booth_Language",
    "ProtocolName": "SEM2",
    "PulseSequenceDetails": "%CustomerSeq%_cmrr_mbep2d_bold",
    "ReceiveCoilActiveElements": "HC1-6",
    "ReceiveCoilName": "HeadNeck_64",
    "ReconMatrixPE": 128,
    "RefLinesPE": 58,
    "RepetitionTime": 1.25,
    "SAR": 0.291603,
    "ScanOptions": "FS",
    "ScanningSequence": "EP",
    "SequenceName": "epfid2d1_128",
    "SequenceVariant": "SK_SS",
    "SeriesDescription": "SEM2",
    "SeriesNumber": 4,
    "ShiftedAquisitionDate": "1816-06-16",
    "ShimSetting": [
      -2849,
      7838,
      -15468,
      -892,
      -453,
      155,
      41,
      220
    ],
    "SliceThickness": 2,
    "SliceTiming": [
      0,
      0.265,
      0.5275,
      0.79,
      1.055,
      0.0875,
      0.3525,
      0.615,
      0.88,
      1.1425,
      0.175,
      0.44,
      0.7025,
      0.9675,
      0,
      0.265,
      0.5275,
      0.79,
      1.055,
      0.0875,
      0.3525,
      0.615,
      0.88,
      1.1425,
      0.175,
      0.44,
      0.7025,
      0.9675,
      0,
      0.265,
      0.5275,
      0.79,
      1.055,
      0.0875,
      0.3525,
      0.615,
      0.88,
      1.1425,
      0.175,
      0.44,
      0.7025,
      0.9675,
      0,
      0.265,
      0.5275,
      0.79,
      1.055,
      0.0875,
      0.3525,
      0.615,
      0.88,
      1.1425,
      0.175,
      0.44,
      0.7025,
      0.9675
    ],
    "SoftwareVersions": "syngo_MR_E11",
    "SpacingBetweenSlices": 2,
    "StationName": "AWP45239",
    "TotalReadoutTime": 0.0425448,
    "TxRefAmp": 341.672,
    "WipMemBlock": "ea8ece96-6a72-4f7a-9493-ff9662e67fb0||Sequence: ve11a/master r/fabf655; Jul 21 2016 12:54:08 by eja",
    "acq_id": "D2S4",
    "dataset": "ds003604",
    "modality": "bold",
    "run_id": 2,
    "session_id": "5",
    "subject_id": "5274",
    "task_id": "Sem"
  },
  "dummy_trs": 0,
  "dvars_nstd": 58.57462055643312,
  "dvars_std": 1.1357676210828027,
  "dvars_vstd": 1.050186525987261,
  "efc": 0.44430818471578953,
  "fber": 1372.3045654296875,
  "fd_mean": 0.25171553099558075,
  "fd_num": 43,
  "fd_perc": 27.21518987341772,
  "fwhm_avg": 3.5882283333333334,
  "fwhm_x": 3.29791,
  "fwhm_y": 3.587735,
  "fwhm_z": 3.87904,
  "gcor": 0.0162084,
  "gsr_x": -0.013143682852387428,
  "gsr_y": 0.007996990345418453,
  "provenance": {
    "md5sum": "ec13dd8e690db26edd5717f268d6f67e",
    "settings": {
      "fd_thres": 0.2,
      "testing": false
    },
    "software": "mriqc",
    "version": "23.0.1",
    "webapi_port": null,
    "webapi_url": "https://mriqc.nimh.nih.gov/api/v1"
  },
  "size_t": 158,
  "size_x": 128,
  "size_y": 128,
  "size_z": 56,
  "snr": 2.1842372276934254,
  "spacing_tr": 1.25,
  "spacing_x": 2.0,
  "spacing_y": 2.0,
  "spacing_z": 2.0,
  "summary_bg_k": 84.32666518304808,
  "summary_bg_mad": 3.0965745402042892,
  "summary_bg_mean": 25.52464485168457,
  "summary_bg_median": 16.107595443725586,
  "summary_bg_n": 657232.0,
  "summary_bg_p05": 13.481013298034668,
  "summary_bg_p95": 60.075950622558594,
  "summary_bg_stdv": 40.36602020263672,
  "summary_fg_k": 1.867947043486354,
  "summary_fg_mad": 234.32621269064845,
  "summary_fg_mean": 661.390869140625,
  "summary_fg_median": 599.0474853515625,
  "summary_fg_n": 158074.0,
  "summary_fg_p05": 339.32437286376955,
  "summary_fg_p95": 1194.2933593750001,
  "summary_fg_stdv": 274.25848388671875,
  "tsnr": 23.938536714063957
}