{
  "aor": 0.0014075316455696202,
  "aqi": 0.006352208987341773,
  "bids_meta": {
    "AcquisitionMatrixPE": 128,
    "AcquisitionNumber": 1,
    "AcquisitionTime": "16:28:11.870000",
    "BandwidthPerPixelPhaseEncode": 23.321,
    "BaseResolution": 128,
    "BodyPartExamined": "BRAIN",
    "ConsistencyInfo": "N4_VE11A_LATEST_20140830",
    "ConversionSoftware": "dcm2niix",
    "ConversionSoftwareVersion": "v1.0.20190902",
    "DerivedVendorReportedEchoSpacing": 0.000669997,
    "DeviceSerialNumber": "45239",
    "DwellTime": 2.2e-06,
    "EchoTime": 0.03,
    "EchoTrainLength": 63,
    "EffectiveEchoSpacing": 0.000334999,
    "FlipAngle": 80,
    "ImageComments": "Unaliased_MB4_PE4_LB",
    "ImageOrientationPatientDICOM": [
      1,
      0,
      0,
      0,
      1,
      0
    ],
    "ImageType": [
      "ORIGINAL",
      "PRIMARY",
      "M",
      "MB",
      "ND",
      "MOSAIC"
    ],
    "ImagingFrequency": 123.224,
    "InPlanePhaseEncodingDirectionDICOM": "COL",
    "InstitutionAddress": "E_24th_St._100_Austin_Southmiddle_US_78712",
    "InstitutionName": "The_Univ._of_Texas_at_Austin_IRC",
    "InstitutionalDepartmentName": "IRC",
    "MRAcquisitionType": "2D",
    "MagneticFieldStrength": 3,
    "Manufacturer": "Siemens",
    "ManufacturersModelName": "Skyra",
    "Modality": "MR",
    "MultibandAccelerationFactor": 4,
    "ParallelReductionFactorInPlane": 2,
    "PartialFourier": 1,
    "PatientPosition": "HFS",
    "PercentPhaseFOV": 100,
    "PhaseEncodingDirection": "j-",
    "PhaseEncodingSteps": 127,
    "PhaseResolution": 1,
    "PixelBandwidth": 1775,
    "ProcedureStepDescription": "Booth_Language",
    "ProtocolName": "Phon2",
    "PulseSequenceDetails": "%CustomerSeq%_cmrr_mbep2d_bold",
    "ReceiveCoilActiveElements": "HC1-6",
    "ReceiveCoilName": "HeadNeck_64",
    "ReconMatrixPE": 128,
    "RefLinesPE": 58,
    "RepetitionTime": 1.25,
    "SAR": 0.360975,
    "ScanOptions": "FS",
    "ScanningSequence": "EP",
    "SequenceName": "epfid2d1_128",
    "SequenceVariant": "SK_SS",
    "SeriesDescription": "Phon2",
    "SeriesNumber": 11,
    "ShiftedAquisitionDate": "1816-04-20",
    "ShimSetting": [
      -2893,
      7951,
      -15394,
      -1259,
      -73,
      114,
      64,
      135
    ],
    "SliceThickness": 2,
    "SliceTiming": [
      0,
      0.265,
      0.5275,
      0.7925,
      1.055,
      0.09,
      0.3525,
      0.615,
      0.88,
      1.1425,
      0.1775,
      0.44,
      0.705,
      0.9675,
      0,
      0.265,
      0.5275,
      0.7925,
      1.055,
      0.09,
      0.3525,
      0.615,
      0.88,
      1.1425,
      0.1775,
      0.44,
      0.705,
      0.9675,
      0,
      0.265,
      0.5275,
      0.7925,
      1.055,
      0.09,
      0.3525,
      0.615,
      0.88,
      1.1425,
      0.1775,
      0.44,
      0.705,
      0.9675,
      0,
      0.265,
      0.5275,
      0.7925,
      1.055,
      0.09,
      0.3525,
      0.615,
      0.88,
      1.1425,
      0.1775,
      0.44,
      0.705,
      0.9675
    ],
    "SoftwareVersions": "syngo_MR_E11",
    "SpacingBetweenSlices": 2,
    "StationName": "AWP45239",
    "TotalReadoutTime": 0.0425448,
    "TxRefAmp": 322.297,
    "WipMemBlock": "47a5bed7-cab2-4702-8fb5-0d278740f4bd||Sequence: ve11a/master r/fabf655; Jul 21 2016 12:54:08 by eja",
    "acq_id": "D1S11",
    "dataset": "ds003604",
    "modality": "bold",
    "run_id": 2,
    "session_id": "5",
    "subject_id": "5274",
    "task_id": "Phon"
  },
  "dummy_trs": 0,
  "dvars_nstd": 48.94507883152868,
  "dvars_std": 1.1689564394267506,
  "dvars_vstd": 1.0136329201910828,
  "efc": 0.44082302704117393,
  "fber": 1668.196044921875,
  "fd_mean": 0.1731457768006903,
  "fd_num": 37,
  "fd_perc": 23.417721518987342,
  "fwhm_avg": 3.51435,
  "fwhm_x": 3.289385,
  "fwhm_y": 3.565025,
  "fwhm_z": 3.68864,
  "gcor": 0.0100316,
  "gsr_x": -0.01537900697439909,
  "gsr_y": 0.009063677862286568,
  "provenance": {
    "md5sum": "8d1c96869bdb5c803c367ea51f0d6e87",
    "settings": {
      "fd_thres": 0.2,
      "testing": false
    },
    "software": "mriqc",
    "version": "23.0.1",
    "webapi_port": null,
    "webapi_url": "https://mriqc.nimh.nih.gov/api/v1"
  },
  "size_t": 158,
  "size_x": 128,
  "size_y": 128,
  "size_z": 56,
  "snr": 2.2639071490327076,
  "spacing_tr": 1.25,
  "spacing_x": 2.0,
  "spacing_y": 2.0,
  "spacing_z": 2.0,
  "summary_bg_k": 80.51227743397429,
  "summary_bg_mad": 3.115342909734436,
  "summary_bg_mean": 27.52113914489746,
  "summary_bg_median": 16.348102569580078,
  "summary_bg_n": 659913.0,
  "summary_bg_p05": 13.924051284790039,
  "summary_bg_p95": 69.72151947021484,
  "summary_bg_stdv": 46.9585075378418,
  "summary_fg_k": 0.8263527335635721,
  "summary_fg_mad": 271.48976745229015,
  "summary_fg_mean": 727.3738403320312,
  "summary_fg_median": 669.8006591796875,
  "summary_fg_n": 155078.0,
  "summary_fg_p05": 362.2911376953125,
  "summary_fg_p95": 1307.2380432128905,
  "summary_fg_stdv": 295.8595275878906,
  "tsnr": 33.411724707111716
}