{
  "aor": 0.004843291139240506,
  "aqi": 0.008122813797468355,
  "bids_meta": {
    "AcquisitionMatrixPE": 128,
    "AcquisitionNumber": 1,
    "AcquisitionTime": "15:10:19.987500",
    "BandwidthPerPixelPhaseEncode": 23.321,
    "BaseResolution": 128,
    "BodyPartExamined": "BRAIN",
    "ConsistencyInfo": "N4_VE11C_LATEST_20160120",
    "ConversionSoftware": "dcm2niix",
    "ConversionSoftwareVersion": "v1.0.20190902",
    "DerivedVendorReportedEchoSpacing": 0.000669997,
    "DeviceSerialNumber": "45239",
    "DwellTime": 2.2e-06,
    "EchoTime": 0.03,
    "EchoTrainLength": 63,
    "EffectiveEchoSpacing": 0.000334999,
    "FlipAngle": 80,
    "ImageComments": "Unaliased_MB4_PE4_LB",
    "ImageOrientationPatientDICOM": [
      1,
      0,
      0,
      0,
      1,
      0
    ],
    "ImageType": [
      "ORIGINAL",
      "PRIMARY",
      "M",
      "MB",
      "ND",
      "MOSAIC"
    ],
    "ImagingFrequency": 123.186,
    "InPlanePhaseEncodingDirectionDICOM": "COL",
    "InstitutionAddress": "E_24th_St._100_Austin_Southmiddle_US_78712",
    "InstitutionName": "The_Univ._of_Texas_at_Austin_IRC",
    "InstitutionalDepartmentName": "IRC",
    "MRAcquisitionType": "2D",
    "MagneticFieldStrength": 3,
    "Manufacturer": "Siemens",
    "ManufacturersModelName": "Skyra",
    "Modality": "MR",
    "MultibandAccelerationFactor": 4,
    "ParallelReductionFactorInPlane": 2,
    "PartialFourier": 1,
    "PatientPosition": "HFS",
    "PercentPhaseFOV": 100,
    "PhaseEncodingDirection": "j-",
    "PhaseEncodingSteps": 127,
    "PhaseResolution": 1,
    "PixelBandwidth": 1775,
    "ProcedureStepDescription": "Booth_Language",
    "ProtocolName": "SEM2",
    "PulseSequenceDetails": "%CustomerSeq%_cmrr_mbep2d_bold",
    "ReceiveCoilActiveElements": "HC3-6",
    "ReceiveCoilName": "HeadNeck_64",
    "ReconMatrixPE": 128,
    "RefLinesPE": 58,
    "RepetitionTime": 1.25,
    "SAR": 0.221697,
    "ScanOptions": "FS",
    "ScanningSequence": "EP",
    "SequenceName": "epfid2d1_128",
    "SequenceVariant": "SK_SS",
    "SeriesDescription": "SEM2",
    "SeriesNumber": 6,
    "ShiftedAquisitionDate": "1818-10-24",
    "ShimSetting": [
      -2710,
      7880,
      -15335,
      -149,
      401,
      -588,
      -117,
      -39
    ],
    "SliceThickness": 2,
    "SliceTiming": [
      0,
      0.265,
      0.5275,
      0.7925,
      1.055,
      0.09,
      0.3525,
      0.615,
      0.88,
      1.1425,
      0.1775,
      0.44,
      0.705,
      0.9675,
      0,
      0.265,
      0.5275,
      0.7925,
      1.055,
      0.09,
      0.3525,
      0.615,
      0.88,
      1.1425,
      0.1775,
      0.44,
      0.705,
      0.9675,
      0,
      0.265,
      0.5275,
      0.7925,
      1.055,
      0.09,
      0.3525,
      0.615,
      0.88,
      1.1425,
      0.1775,
      0.44,
      0.705,
      0.9675,
      0,
      0.265,
      0.5275,
      0.7925,
      1.055,
      0.09,
      0.3525,
      0.615,
      0.88,
      1.1425,
      0.1775,
      0.44,
      0.705,
      0.9675
    ],
    "SoftwareVersions": "syngo_MR_E11",
    "SpacingBetweenSlices": 2,
    "StationName": "AWP45239",
    "TotalReadoutTime": 0.0425448,
    "TxRefAmp": 333.524,
    "WipMemBlock": "8e4be509-736f-458e-bcbf-faa8f5a4cf05||Sequence: R016 ve11c/master r/e634e98; Dec 19 2017 11:00:25 by eja",
    "acq_id": "D2S6",
    "dataset": "ds003604",
    "modality": "bold",
    "run_id": 2,
    "session_id": "9",
    "subject_id": "5162",
    "task_id": "Sem"
  },
  "dummy_trs": 0,
  "dvars_nstd": 48.13474494777071,
  "dvars_std": 1.1012174938216555,
  "dvars_vstd": 1.0582326363057315,
  "efc": 0.4384652194451209,
  "fber": 2531.13427734375,
  "fd_mean": 0.20770433599028318,
  "fd_num": 41,
  "fd_perc": 25.949367088607595,
  "fwhm_avg": 3.5115399999999997,
  "fwhm_x": 3.193405,
  "fwhm_y": 3.5645,
  "fwhm_z": 3.776715,
  "gcor": 0.0230901,
  "gsr_x": -0.015605732798576355,
  "gsr_y": 0.02254548668861389,
  "provenance": {
    "md5sum": "9978db1ee55c6761870d5f06235efdbe",
    "settings": {
      "fd_thres": 0.2,
      "testing": false
    },
    "software": "mriqc",
    "version": "23.0.1",
    "webapi_port": null,
    "webapi_url": "https://mriqc.nimh.nih.gov/api/v1"
  },
  "size_t": 158,
  "size_x": 128,
  "size_y": 128,
  "size_z": 56,
  "snr": 2.243862823175433,
  "spacing_tr": 1.25,
  "spacing_x": 2.0,
  "spacing_y": 2.0,
  "spacing_z": 2.0,
  "summary_bg_k": 62.392957437542606,
  "summary_bg_mad": 5.076504617187012,
  "summary_bg_mean": 25.20846176147461,
  "summary_bg_median": 12.411393165588379,
  "summary_bg_n": 656710.0,
  "summary_bg_p05": 8.329113960266113,
  "summary_bg_p95": 84.72500228881792,
  "summary_bg_stdv": 47.671051025390625,
  "summary_fg_k": 0.7993373343479453,
  "summary_fg_mad": 264.4052381745311,
  "summary_fg_mean": 685.79443359375,
  "summary_fg_median": 627.9905395507812,
  "summary_fg_n": 154546.0,
  "summary_fg_p05": 348.1582336425781,
  "summary_fg_p95": 1228.98583984375,
  "summary_fg_stdv": 279.869384765625,
  "tsnr": 28.322999333962798
}