{
  "bids_meta": {
    "AcquisitionMatrixPE": 256,
    "AcquisitionNumber": 1,
    "AcquisitionTime": "09:50:32.390000",
    "BaseResolution": 256,
    "BodyPartExamined": "BRAIN",
    "ConsistencyInfo": "N4_VE11A_LATEST_20140830",
    "ConversionSoftware": "dcm2niix",
    "ConversionSoftwareVersion": "v1.0.20190902",
    "DeviceSerialNumber": "45239",
    "DwellTime": 1.09e-05,
    "EchoTime": 0.00243,
    "FlipAngle": 9,
    "ImageOrientationPatientDICOM": [
      0,
      1,
      0,
      0,
      0,
      -1
    ],
    "ImageType": [
      "ORIGINAL",
      "PRIMARY",
      "M",
      "ND"
    ],
    "ImagingFrequency": 123.225,
    "InPlanePhaseEncodingDirectionDICOM": "ROW",
    "InstitutionAddress": "E_24th_St._100_Austin_Southmiddle_US_78712",
    "InstitutionName": "The_Univ._of_Texas_at_Austin_IRC",
    "InstitutionalDepartmentName": "IRC",
    "InversionTime": 0.9,
    "MRAcquisitionType": "3D",
    "MagneticFieldStrength": 3,
    "Manufacturer": "Siemens",
    "ManufacturersModelName": "Skyra",
    "Modality": "MR",
    "ParallelReductionFactorInPlane": 2,
    "PartialFourier": 1,
    "PatientPosition": "HFS",
    "PercentPhaseFOV": 100,
    "PhaseEncodingSteps": 255,
    "PhaseResolution": 1,
    "PixelBandwidth": 180,
    "ProcedureStepDescription": "Booth_Language",
    "ProtocolName": "MPRAGE",
    "PulseSequenceDetails": "%SiemensSeq%_tfl",
    "ReceiveCoilActiveElements": "HC1-6",
    "ReceiveCoilName": "HeadNeck_64",
    "ReconMatrixPE": 256,
    "RefLinesPE": 24,
    "RepetitionTime": 1.9,
    "SAR": 0.219534,
    "ScanOptions": "IR",
    "ScanningSequence": "GR_IR",
    "SequenceName": "_tfl3d1_16ns",
    "SequenceVariant": "SK_SP_MP",
    "SeriesDescription": "MPRAGE",
    "SeriesNumber": 2,
    "ShiftedAquisitionDate": "1816-09-08 00:00:00",
    "ShimSetting": [
      -2851,
      8065,
      -15920,
      -530,
      404,
      -610,
      -324,
      -43
    ],
    "SliceThickness": 1,
    "SoftwareVersions": "syngo_MR_E11",
    "StationName": "AWP45239",
    "TxRefAmp": 337.932,
    "acq_id": "D2S2",
    "dataset": "ds003604",
    "modality": "T1w",
    "session_id": "7",
    "subject_id": "5400"
  },
  "cjv": 0.45234548770094557,
  "cnr": 3.023185935694656,
  "efc": 0.4957631105068416,
  "fber": -1.0,
  "fwhm_avg": 5.710206666666667,
  "fwhm_x": 5.9434,
  "fwhm_y": 5.3633,
  "fwhm_z": 5.82392,
  "icvs_csf": 0.11553929922388664,
  "icvs_gm": 0.4778018683104273,
  "icvs_wm": 0.40665883246568607,
  "inu_med": 1.020296037197113,
  "inu_range": 1.2555921137332917,
  "provenance": {
    "md5sum": "21bdf60bb4115c6082fa4dae1b1e78c0",
    "settings": {
      "testing": false
    },
    "software": "mriqc",
    "version": "22.0.6",
    "warnings": {
      "large_rot_frame": true,
      "small_air_mask": false
    },
    "webapi_port": null,
    "webapi_url": "https://mriqc.nimh.nih.gov/api/v1"
  },
  "qi_1": 0.0,
  "qi_2": 0.0028019739120440004,
  "rpve_csf": 44.890440552150096,
  "rpve_gm": 12.252943447687457,
  "rpve_wm": 14.90994893104674,
  "size_x": 192,
  "size_y": 256,
  "size_z": 256,
  "snr_csf": 1.466119262980391,
  "snr_gm": 16.288791102034835,
  "snr_total": 11.477075380421669,
  "snr_wm": 16.67631577624978,
  "snrd_csf": 18.899456941220688,
  "snrd_gm": 40.386593707651436,
  "snrd_total": 37.32493292435834,
  "snrd_wm": 52.68874812420291,
  "spacing_x": 1.0,
  "spacing_y": 1.0,
  "spacing_z": 1.0,
  "summary_bg_k": 16.096370471217018,
  "summary_bg_mad": 0.0,
  "summary_bg_mean": 6.759349836064321,
  "summary_bg_median": 0.0,
  "summary_bg_n": 2720218.0,
  "summary_bg_p05": 0.0,
  "summary_bg_p95": 26.017181888222694,
  "summary_bg_stdv": 12.43509292344678,
  "summary_csf_k": 19.165142143380365,
  "summary_csf_mad": 98.29539451076496,
  "summary_csf_mean": 409.70741191184754,
  "summary_csf_median": 358.7291184961796,
  "summary_csf_n": 15136.0,
  "summary_csf_p05": 196.36488292738795,
  "summary_csf_p95": 796.7052762173116,
  "summary_csf_stdv": 244.6712741334002,
  "summary_gm_k": 0.07840765037660713,
  "summary_gm_mad": 46.74438687614618,
  "summary_gm_mean": 767.1578694502464,
  "summary_gm_median": 766.574785977602,
  "summary_gm_n": 68223.0,
  "summary_gm_p05": 690.7926518172026,
  "summary_gm_p95": 844.950533285737,
  "summary_gm_stdv": 47.061145483423125,
  "summary_wm_k": 0.19740704429180678,
  "summary_wm_mad": 58.88110429128953,
  "summary_wm_mean": 1006.6628256047766,
  "summary_wm_median": 1000.0810196846724,
  "summary_wm_n": 173373.0,
  "summary_wm_p05": 920.7326674461365,
  "summary_wm_p95": 1117.1988633871078,
  "summary_wm_stdv": 59.96996872149385,
  "tpm_overlap_csf": 0.12385917247700963,
  "tpm_overlap_gm": 0.4584286493440301,
  "tpm_overlap_wm": 0.4299332744620011,
  "wm2max": 0.2668872883005645
}