{
  "bids_meta": {
    "AcquisitionMatrixPE": 256,
    "AcquisitionNumber": 1,
    "AcquisitionTime": "13:21:48.965000",
    "BaseResolution": 256,
    "BodyPartExamined": "BRAIN",
    "ConsistencyInfo": "N4_VE11A_LATEST_20140830",
    "ConversionSoftware": "dcm2niix",
    "ConversionSoftwareVersion": "v1.0.20190902",
    "DeviceSerialNumber": "45239",
    "DwellTime": 1.09e-05,
    "EchoTime": 0.00243,
    "FlipAngle": 9,
    "ImageOrientationPatientDICOM": [
      0,
      1,
      0,
      0,
      0,
      -1
    ],
    "ImageType": [
      "ORIGINAL",
      "PRIMARY",
      "M",
      "ND"
    ],
    "ImagingFrequency": 123.224,
    "InPlanePhaseEncodingDirectionDICOM": "ROW",
    "InstitutionAddress": "E_24th_St._100_Austin_Southmiddle_US_78712",
    "InstitutionName": "The_Univ._of_Texas_at_Austin_IRC",
    "InstitutionalDepartmentName": "IRC",
    "InversionTime": 0.9,
    "MRAcquisitionType": "3D",
    "MagneticFieldStrength": 3,
    "Manufacturer": "Siemens",
    "ManufacturersModelName": "Skyra",
    "Modality": "MR",
    "ParallelReductionFactorInPlane": 2,
    "PartialFourier": 1,
    "PatientPosition": "HFS",
    "PercentPhaseFOV": 100,
    "PhaseEncodingSteps": 255,
    "PhaseResolution": 1,
    "PixelBandwidth": 180,
    "ProcedureStepDescription": "Booth_Language",
    "ProtocolName": "MPRAGE",
    "PulseSequenceDetails": "%SiemensSeq%_tfl",
    "ReceiveCoilActiveElements": "HC1-6",
    "ReceiveCoilName": "HeadNeck_64",
    "ReconMatrixPE": 256,
    "RefLinesPE": 24,
    "RepetitionTime": 1.9,
    "SAR": 0.216064,
    "ScanOptions": "IR",
    "ScanningSequence": "GR_IR",
    "SequenceName": "_tfl3d1_16ns",
    "SequenceVariant": "SK_SP_MP",
    "SeriesDescription": "MPRAGE",
    "SeriesNumber": 2,
    "ShiftedAquisitionDate": "1815-11-08 00:00:00",
    "ShimSetting": [
      -2849,
      8022,
      -16018,
      -1233,
      -75,
      -527,
      -219,
      169
    ],
    "SliceThickness": 1,
    "SoftwareVersions": "syngo_MR_E11",
    "StationName": "AWP45239",
    "TxRefAmp": 335.382,
    "acq_id": "D1S2",
    "dataset": "ds003604",
    "modality": "T1w",
    "session_id": "5",
    "subject_id": "5247"
  },
  "cjv": 0.4329178788763868,
  "cnr": 3.1255233297913336,
  "efc": 0.5360560844641538,
  "fber": -1.0,
  "fwhm_avg": 5.925196666666667,
  "fwhm_x": 6.30543,
  "fwhm_y": 5.37966,
  "fwhm_z": 6.0905,
  "icvs_csf": 0.11716523430551457,
  "icvs_gm": 0.4891791347128984,
  "icvs_wm": 0.393655630981587,
  "inu_med": 0.9917371869087219,
  "inu_range": 1.3151518940925582,
  "provenance": {
    "md5sum": "54fc3556f73563f8fae8e2ae1aa777bf",
    "settings": {
      "testing": false
    },
    "software": "mriqc",
    "version": "22.0.6",
    "warnings": {
      "large_rot_frame": true,
      "small_air_mask": false
    },
    "webapi_port": null,
    "webapi_url": "https://mriqc.nimh.nih.gov/api/v1"
  },
  "qi_1": 0.0,
  "qi_2": 0.0033050368906864555,
  "rpve_csf": 43.905285146980994,
  "rpve_gm": 12.094548910659453,
  "rpve_wm": 15.440586060251594,
  "size_x": 192,
  "size_y": 256,
  "size_z": 256,
  "snr_csf": 2.4990119709080156,
  "snr_gm": 16.28124983448694,
  "snr_total": 11.547199954123755,
  "snr_wm": 15.861338056976315,
  "snrd_csf": 19.274174271537195,
  "snrd_gm": 39.50127751712577,
  "snrd_total": 37.08805316202429,
  "snrd_wm": 52.4887076974099,
  "spacing_x": 1.0,
  "spacing_y": 1.0,
  "spacing_z": 1.0,
  "summary_bg_k": 5.441573772577252,
  "summary_bg_mad": 0.0,
  "summary_bg_mean": 7.980608342157838,
  "summary_bg_median": 0.0,
  "summary_bg_n": 2155564.0,
  "summary_bg_p05": 0.0,
  "summary_bg_p95": 28.177114315330982,
  "summary_bg_stdv": 12.481473687018656,
  "summary_csf_k": 12.843061680045144,
  "summary_csf_mad": 111.19821531787477,
  "summary_csf_mean": 385.4311114785027,
  "summary_csf_median": 367.2061253339052,
  "summary_csf_n": 13718.0,
  "summary_csf_p05": 194.6808581929654,
  "summary_csf_p95": 616.2614207435398,
  "summary_csf_stdv": 146.93516688441574,
  "summary_gm_k": 0.061349002967899136,
  "summary_gm_mad": 45.73376763621246,
  "summary_gm_mean": 752.9348167216584,
  "summary_gm_median": 752.567184381187,
  "summary_gm_n": 65050.0,
  "summary_gm_p05": 677.1092008408159,
  "summary_gm_p95": 829.2943703010678,
  "summary_gm_stdv": 46.222581649485925,
  "summary_wm_k": 0.29180226937033904,
  "summary_wm_mad": 61.38433791917731,
  "summary_wm_mean": 1006.2435875720154,
  "summary_wm_median": 1000.0000366196036,
  "summary_wm_n": 170254.0,
  "summary_wm_p05": 914.1543093323708,
  "summary_wm_p95": 1119.8554587364197,
  "summary_wm_stdv": 63.04620053077997,
  "tpm_overlap_csf": 0.1425160326916493,
  "tpm_overlap_gm": 0.4705938585333882,
  "tpm_overlap_wm": 0.44127341700687267,
  "wm2max": 0.27631655571878144
}