{
  "aor": 0.012836556603773586,
  "aqi": 0.021448722641509436,
  "bids_meta": {
    "AcquisitionMatrixPE": 128,
    "AcquisitionNumber": 1,
    "AcquisitionTime": "11:59:1.807500",
    "BandwidthPerPixelPhaseEncode": 23.321,
    "BaseResolution": 128,
    "BodyPartExamined": "BRAIN",
    "ConsistencyInfo": "N4_VE11C_LATEST_20160120",
    "ConversionSoftware": "dcm2niix",
    "ConversionSoftwareVersion": "v1.0.20190902",
    "DerivedVendorReportedEchoSpacing": 0.000669997,
    "DeviceSerialNumber": "45239",
    "DwellTime": 2.2e-06,
    "EchoTime": 0.03,
    "EchoTrainLength": 63,
    "EffectiveEchoSpacing": 0.000334999,
    "FlipAngle": 80,
    "ImageComments": "Unaliased_MB4_PE4_LB",
    "ImageOrientationPatientDICOM": [
      1,
      0,
      0,
      0,
      1,
      0
    ],
    "ImageType": [
      "ORIGINAL",
      "PRIMARY",
      "M",
      "MB",
      "ND",
      "MOSAIC"
    ],
    "ImagingFrequency": 123.186,
    "InPlanePhaseEncodingDirectionDICOM": "COL",
    "InstitutionAddress": "E_24th_St._100_Austin_Southmiddle_US_78712",
    "InstitutionName": "The_Univ._of_Texas_at_Austin_IRC",
    "InstitutionalDepartmentName": "IRC",
    "MRAcquisitionType": "2D",
    "MagneticFieldStrength": 3,
    "Manufacturer": "Siemens",
    "ManufacturersModelName": "Skyra",
    "Modality": "MR",
    "MultibandAccelerationFactor": 4,
    "ParallelReductionFactorInPlane": 2,
    "PartialFourier": 1,
    "PatientPosition": "HFS",
    "PercentPhaseFOV": 100,
    "PhaseEncodingDirection": "j-",
    "PhaseEncodingSteps": 127,
    "PhaseResolution": 1,
    "PixelBandwidth": 1775,
    "ProcedureStepDescription": "Booth_Language",
    "ProtocolName": "Plaus1",
    "PulseSequenceDetails": "%CustomerSeq%_cmrr_mbep2d_bold",
    "ReceiveCoilActiveElements": "HC1-6",
    "ReceiveCoilName": "HeadNeck_64",
    "ReconMatrixPE": 128,
    "RefLinesPE": 58,
    "RepetitionTime": 1.25,
    "SAR": 0.199098,
    "ScanOptions": "FS",
    "ScanningSequence": "EP",
    "SequenceName": "epfid2d1_128",
    "SequenceVariant": "SK_SS",
    "SeriesDescription": "Plaus1",
    "SeriesNumber": 8,
    "ShiftedAquisitionDate": "1818-07-10",
    "ShimSetting": [
      -2686,
      7782,
      -15350,
      -105,
      1024,
      -859,
      140,
      -17
    ],
    "SliceThickness": 2,
    "SliceTiming": [
      0,
      0.265,
      0.5275,
      0.7925,
      1.055,
      0.0875,
      0.3525,
      0.615,
      0.88,
      1.1425,
      0.1775,
      0.44,
      0.7025,
      0.9675,
      0,
      0.265,
      0.5275,
      0.7925,
      1.055,
      0.0875,
      0.3525,
      0.615,
      0.88,
      1.1425,
      0.1775,
      0.44,
      0.7025,
      0.9675,
      0,
      0.265,
      0.5275,
      0.7925,
      1.055,
      0.0875,
      0.3525,
      0.615,
      0.88,
      1.1425,
      0.1775,
      0.44,
      0.7025,
      0.9675,
      0,
      0.265,
      0.5275,
      0.7925,
      1.055,
      0.0875,
      0.3525,
      0.615,
      0.88,
      1.1425,
      0.1775,
      0.44,
      0.7025,
      0.9675
    ],
    "SoftwareVersions": "syngo_MR_E11",
    "SpacingBetweenSlices": 2,
    "StationName": "AWP45239",
    "TotalReadoutTime": 0.0425448,
    "TxRefAmp": 335.741,
    "WipMemBlock": "7efa52d3-37f6-464c-bc22-c6d8b633e856||Sequence: R016 ve11c/master r/e634e98; Dec 19 2017 11:00:25 by eja",
    "acq_id": "D2S8",
    "dataset": "ds003604",
    "modality": "bold",
    "run_id": 1,
    "session_id": "7",
    "subject_id": "5560",
    "task_id": "Plaus"
  },
  "dummy_trs": 0,
  "dvars_nstd": 72.40086077251182,
  "dvars_std": 1.1701541667298578,
  "dvars_vstd": 1.0274481600473933,
  "efc": 0.42869414664516975,
  "fber": 2947.626953125,
  "fd_mean": 0.769743691758304,
  "fd_num": 151,
  "fd_perc": 71.22641509433963,
  "fwhm_avg": 4.213343333333333,
  "fwhm_x": 3.89378,
  "fwhm_y": 4.488945,
  "fwhm_z": 4.257305,
  "gcor": 0.0455067,
  "gsr_x": -0.01818234845995903,
  "gsr_y": 0.017657790333032608,
  "provenance": {
    "md5sum": "fd56dead301733f373ecdfb2f7999616",
    "settings": {
      "fd_thres": 0.2,
      "testing": false
    },
    "software": "mriqc",
    "version": "23.0.1",
    "webapi_port": null,
    "webapi_url": "https://mriqc.nimh.nih.gov/api/v1"
  },
  "size_t": 212,
  "size_x": 128,
  "size_y": 128,
  "size_z": 56,
  "snr": 1.9168418037873878,
  "spacing_tr": 1.25,
  "spacing_x": 2.0,
  "spacing_y": 2.0,
  "spacing_z": 2.0,
  "summary_bg_k": 110.91404628931319,
  "summary_bg_mad": 6.0842631276048555,
  "summary_bg_mean": 29.554298400878906,
  "summary_bg_median": 14.466980934143066,
  "summary_bg_n": 650634.0,
  "summary_bg_p05": 8.872641563415527,
  "summary_bg_p95": 101.21391525268544,
  "summary_bg_stdv": 54.95015335083008,
  "summary_fg_k": 2.273694334682177,
  "summary_fg_mad": 363.27953129201376,
  "summary_fg_mean": 875.8811645507812,
  "summary_fg_median": 788.3726806640625,
  "summary_fg_n": 160111.0,
  "summary_fg_p05": 402.40802001953125,
  "summary_fg_p95": 1680.2807006835938,
  "summary_fg_stdv": 411.2860107421875,
  "tsnr": 18.06248614535434
}