{
  "bids_meta": {
    "AcquisitionMatrixPE": 256,
    "AcquisitionNumber": 1,
    "AcquisitionTime": "15:13:55.557500",
    "BaseResolution": 256,
    "BodyPartExamined": "BRAIN",
    "ConsistencyInfo": "N4_VE11A_LATEST_20140830",
    "ConversionSoftware": "dcm2niix",
    "ConversionSoftwareVersion": "v1.0.20190902",
    "DeviceSerialNumber": "45239",
    "DwellTime": 1.09e-05,
    "EchoTime": 0.00243,
    "FlipAngle": 9,
    "ImageOrientationPatientDICOM": [
      0,
      1,
      0,
      0,
      0,
      -1
    ],
    "ImageType": [
      "ORIGINAL",
      "PRIMARY",
      "M",
      "ND"
    ],
    "ImagingFrequency": 123.224,
    "InPlanePhaseEncodingDirectionDICOM": "ROW",
    "InstitutionAddress": "E_24th_St._100_Austin_Southmiddle_US_78712",
    "InstitutionName": "The_Univ._of_Texas_at_Austin_IRC",
    "InstitutionalDepartmentName": "IRC",
    "InversionTime": 0.9,
    "MRAcquisitionType": "3D",
    "MagneticFieldStrength": 3,
    "Manufacturer": "Siemens",
    "ManufacturersModelName": "Skyra",
    "Modality": "MR",
    "ParallelReductionFactorInPlane": 2,
    "PartialFourier": 1,
    "PatientPosition": "HFS",
    "PercentPhaseFOV": 100,
    "PhaseEncodingSteps": 255,
    "PhaseResolution": 1,
    "PixelBandwidth": 180,
    "ProcedureStepDescription": "Booth_Language",
    "ProtocolName": "MPRAGE",
    "PulseSequenceDetails": "%SiemensSeq%_tfl",
    "ReceiveCoilActiveElements": "HC1-6",
    "ReceiveCoilName": "HeadNeck_64",
    "ReconMatrixPE": 256,
    "RefLinesPE": 24,
    "RepetitionTime": 1.9,
    "SAR": 0.262174,
    "ScanOptions": "IR",
    "ScanningSequence": "GR_IR",
    "SequenceName": "_tfl3d1_16ns",
    "SequenceVariant": "SK_SP_MP",
    "SeriesDescription": "MPRAGE",
    "SeriesNumber": 38,
    "ShiftedAquisitionDate": "1815-10-20 00:00:00",
    "ShimSetting": [
      -2849,
      8022,
      -16018,
      -1233,
      -75,
      -527,
      -219,
      169
    ],
    "SliceThickness": 1,
    "SoftwareVersions": "syngo_MR_E11",
    "StationName": "AWP45239",
    "TxRefAmp": 334.416,
    "acq_id": "D1S38",
    "dataset": "ds003604",
    "modality": "T1w",
    "session_id": "5",
    "subject_id": "5159"
  },
  "cjv": 0.4247312405327436,
  "cnr": 3.1183953790676915,
  "efc": 0.5190087159741348,
  "fber": -1.0,
  "fwhm_avg": 7.215693333333333,
  "fwhm_x": 7.65344,
  "fwhm_y": 6.49825,
  "fwhm_z": 7.49539,
  "icvs_csf": 0.10955606161613483,
  "icvs_gm": 0.498274033028004,
  "icvs_wm": 0.39216990535586116,
  "inu_med": 0.9329663813114166,
  "inu_range": 1.607337433099746,
  "provenance": {
    "md5sum": "32748dd3c4454911850e166a607ce2ed",
    "settings": {
      "testing": false
    },
    "software": "mriqc",
    "version": "23.0.1",
    "warnings": {
      "large_rot_frame": true,
      "small_air_mask": false
    },
    "webapi_port": null,
    "webapi_url": "https://mriqc.nimh.nih.gov/api/v1"
  },
  "qi_1": 7.889343241241168e-05,
  "qi_2": 0.0019462440362882879,
  "rpve_csf": 51.488092010679814,
  "rpve_gm": 13.242306376292841,
  "rpve_wm": 16.96252350103527,
  "size_x": 192,
  "size_y": 256,
  "size_z": 256,
  "snr_csf": 2.566555226316163,
  "snr_gm": 17.93384518868003,
  "snr_total": 12.318604389344685,
  "snr_wm": 16.455412753037866,
  "snrd_csf": 20.61847371462561,
  "snrd_gm": 42.19541125012448,
  "snrd_total": 39.31235207693771,
  "snrd_wm": 55.12317126606304,
  "spacing_x": 1.0,
  "spacing_y": 1.0,
  "spacing_z": 1.0,
  "summary_bg_k": 21.458904147312317,
  "summary_bg_mad": 0.0,
  "summary_bg_mean": 5.483319736580831,
  "summary_bg_median": 0.0,
  "summary_bg_n": 2198185.0,
  "summary_bg_p05": 0.0,
  "summary_bg_p95": 30.952216796576977,
  "summary_bg_stdv": 11.885782041679963,
  "summary_csf_k": 13.51787942267875,
  "summary_csf_mad": 103.5356957110842,
  "summary_csf_mean": 389.2156225013947,
  "summary_csf_median": 374.0697122067213,
  "summary_csf_n": 9573.0,
  "summary_csf_p05": 197.64903202056885,
  "summary_csf_p95": 617.7227806076407,
  "summary_csf_stdv": 145.74016179886442,
  "summary_gm_k": 0.09261227455638865,
  "summary_gm_mad": 42.69300600038731,
  "summary_gm_mean": 765.495353431158,
  "summary_gm_median": 765.5283102542162,
  "summary_gm_n": 60753.0,
  "summary_gm_p05": 695.2772114574909,
  "summary_gm_p95": 835.0838536173105,
  "summary_gm_stdv": 42.685882577936574,
  "summary_wm_k": 0.5865217807558238,
  "summary_wm_mad": 56.92400800051641,
  "summary_wm_mean": 1007.0585676500069,
  "summary_wm_median": 1000.0696024745703,
  "summary_wm_n": 141077.0,
  "summary_wm_p05": 920.4285053238273,
  "summary_wm_p95": 1120.122470319271,
  "summary_wm_stdv": 60.7742919042342,
  "tpm_overlap_csf": 0.13207942262225283,
  "tpm_overlap_gm": 0.4756317850945309,
  "tpm_overlap_wm": 0.43402993567685627,
  "wm2max": 0.3091910025375253
}