{
  "bids_meta": {
    "AcquisitionMatrixPE": 256,
    "AcquisitionNumber": 1,
    "AcquisitionTime": "13:17:26.322500",
    "BaseResolution": 256,
    "BodyPartExamined": "BRAIN",
    "ConsistencyInfo": "N4_VE11C_LATEST_20160120",
    "ConversionSoftware": "dcm2niix",
    "ConversionSoftwareVersion": "v1.0.20190902",
    "DeviceSerialNumber": "45239",
    "DwellTime": 1.09e-05,
    "EchoTime": 0.00243,
    "FlipAngle": 9,
    "ImageOrientationPatientDICOM": [
      0,
      1,
      0,
      0,
      0,
      -1
    ],
    "ImageType": [
      "ORIGINAL",
      "PRIMARY",
      "M",
      "ND"
    ],
    "ImagingFrequency": 123.172,
    "InPlanePhaseEncodingDirectionDICOM": "ROW",
    "InstitutionAddress": "E_24th_St._100_Austin_Southmiddle_US_78712",
    "InstitutionName": "The_Univ._of_Texas_at_Austin_IRC",
    "InstitutionalDepartmentName": "IRC",
    "InversionTime": 0.9,
    "MRAcquisitionType": "3D",
    "MagneticFieldStrength": 3,
    "Manufacturer": "Siemens",
    "ManufacturersModelName": "Skyra",
    "Modality": "MR",
    "ParallelReductionFactorInPlane": 2,
    "PartialFourier": 1,
    "PatientPosition": "HFS",
    "PercentPhaseFOV": 100,
    "PhaseEncodingSteps": 255,
    "PhaseResolution": 1,
    "PixelBandwidth": 180,
    "ProcedureStepDescription": "Booth_Language",
    "ProtocolName": "MPRAGE",
    "PulseSequenceDetails": "%SiemensSeq%_tfl",
    "ReceiveCoilActiveElements": "HC1-6",
    "ReceiveCoilName": "HeadNeck_64",
    "ReconMatrixPE": 256,
    "RefLinesPE": 24,
    "RepetitionTime": 1.9,
    "SAR": 0.163783,
    "ScanOptions": "IR",
    "ScanningSequence": "GR_IR",
    "SequenceName": "_tfl3d1_16ns",
    "SequenceVariant": "SK_SP_MP",
    "SeriesDescription": "MPRAGE",
    "SeriesNumber": 2,
    "ShiftedAquisitionDate": "1817-12-12 00:00:00",
    "ShimSetting": [
      -2751,
      8072,
      -15888,
      -462,
      637,
      -681,
      -484,
      -138
    ],
    "SliceThickness": 1,
    "SoftwareVersions": "syngo_MR_E11",
    "StationName": "AWP45239",
    "TxRefAmp": 324.203,
    "acq_id": "D1S2",
    "dataset": "ds003604",
    "modality": "T1w",
    "session_id": "7",
    "subject_id": "5300"
  },
  "cjv": 0.4521507223255877,
  "cnr": 2.998904806646767,
  "efc": 0.5132609999919844,
  "fber": 7951.131541955018,
  "fwhm_avg": 5.23415,
  "fwhm_x": 5.26805,
  "fwhm_y": 5.24663,
  "fwhm_z": 5.18777,
  "icvs_csf": 0.11752173325493698,
  "icvs_gm": 0.4725985665575386,
  "icvs_wm": 0.4098797001875244,
  "inu_med": 1.0011793375015259,
  "inu_range": 0.9091058522462845,
  "provenance": {
    "md5sum": "6453ab3d7d512626450519274aeb98b2",
    "settings": {
      "testing": false
    },
    "software": "mriqc",
    "version": "22.0.6",
    "warnings": {
      "large_rot_frame": true,
      "small_air_mask": false
    },
    "webapi_port": null,
    "webapi_url": "https://mriqc.nimh.nih.gov/api/v1"
  },
  "qi_1": 1.732912235660068e-05,
  "qi_2": 0.002882650315889751,
  "rpve_csf": 45.251716404164874,
  "rpve_gm": 12.743828583220317,
  "rpve_wm": 15.42148433101663,
  "size_x": 192,
  "size_y": 256,
  "size_z": 256,
  "snr_csf": 3.1442619154838596,
  "snr_gm": 16.501905674164703,
  "snr_total": 12.117451663283068,
  "snr_wm": 16.706187400200637,
  "snrd_csf": 15.987760003297723,
  "snrd_gm": 36.74657757554583,
  "snrd_total": 33.50971601393683,
  "snrd_wm": 47.79481046296695,
  "spacing_x": 1.0,
  "spacing_y": 1.0,
  "spacing_z": 1.0,
  "summary_bg_k": 5.710366313381694,
  "summary_bg_mad": 0.0,
  "summary_bg_mean": 9.63010844319063,
  "summary_bg_median": 0.0,
  "summary_bg_n": 2771068.0,
  "summary_bg_p05": 0.0,
  "summary_bg_p95": 37.013537250459194,
  "summary_bg_stdv": 13.708237306279178,
  "summary_csf_k": 18.20033969563426,
  "summary_csf_mad": 74.00468100786199,
  "summary_csf_mean": 349.8471020322915,
  "summary_csf_median": 334.53187476843596,
  "summary_csf_n": 26884.0,
  "summary_csf_p05": 219.47265040129423,
  "summary_csf_p95": 537.1827537640925,
  "summary_csf_stdv": 106.39242592926085,
  "summary_gm_k": 0.10666556434253716,
  "summary_gm_mad": 46.200662437111575,
  "summary_gm_mean": 768.6034424372973,
  "summary_gm_median": 768.894547149539,
  "summary_gm_n": 51748.0,
  "summary_gm_p05": 691.060365960002,
  "summary_gm_p95": 844.2611591890454,
  "summary_gm_stdv": 46.593837892157545,
  "summary_wm_k": 0.21894631688984,
  "summary_wm_mad": 58.32572316721326,
  "summary_wm_mean": 1006.7992322332798,
  "summary_wm_median": 1000.0705255195498,
  "summary_wm_n": 183070.0,
  "summary_wm_p05": 921.1083127185702,
  "summary_wm_p95": 1117.3858131095767,
  "summary_wm_stdv": 59.86211995415979,
  "tpm_overlap_csf": 0.15482849514241467,
  "tpm_overlap_gm": 0.4608828907953088,
  "tpm_overlap_wm": 0.4564254237790526,
  "wm2max": 0.2824653749174228
}