{
  "bids_meta": {
    "AcquisitionMatrixPE": 256,
    "AcquisitionNumber": 1,
    "AcquisitionTime": "14:04:18.510000",
    "BaseResolution": 256,
    "BodyPartExamined": "BRAIN",
    "ConsistencyInfo": "N4_VE11A_LATEST_20140830",
    "ConversionSoftware": "dcm2niix",
    "ConversionSoftwareVersion": "v1.0.20190902",
    "DeviceSerialNumber": "45239",
    "DwellTime": 1.09e-05,
    "EchoTime": 0.00243,
    "FlipAngle": 9,
    "ImageOrientationPatientDICOM": [
      0,
      1,
      0,
      0,
      0,
      -1
    ],
    "ImageType": [
      "ORIGINAL",
      "PRIMARY",
      "M",
      "ND"
    ],
    "ImagingFrequency": 123.225,
    "InPlanePhaseEncodingDirectionDICOM": "ROW",
    "InstitutionAddress": "E_24th_St._100_Austin_Southmiddle_US_78712",
    "InstitutionName": "The_Univ._of_Texas_at_Austin_IRC",
    "InstitutionalDepartmentName": "IRC",
    "InversionTime": 0.9,
    "MRAcquisitionType": "3D",
    "MagneticFieldStrength": 3,
    "Manufacturer": "Siemens",
    "ManufacturersModelName": "Skyra",
    "Modality": "MR",
    "ParallelReductionFactorInPlane": 2,
    "PartialFourier": 1,
    "PatientPosition": "HFS",
    "PercentPhaseFOV": 100,
    "PhaseEncodingSteps": 255,
    "PhaseResolution": 1,
    "PixelBandwidth": 180,
    "ProcedureStepDescription": "Booth_Language",
    "ProtocolName": "MPRAGE",
    "PulseSequenceDetails": "%SiemensSeq%_tfl",
    "ReceiveCoilActiveElements": "HC1-6",
    "ReceiveCoilName": "HeadNeck_64",
    "ReconMatrixPE": 256,
    "RefLinesPE": 24,
    "RepetitionTime": 1.9,
    "SAR": 0.222958,
    "ScanOptions": "IR",
    "ScanningSequence": "GR_IR",
    "SequenceName": "_tfl3d1_16ns",
    "SequenceVariant": "SK_SP_MP",
    "SeriesDescription": "MPRAGE",
    "SeriesNumber": 2,
    "ShiftedAquisitionDate": "1816-12-29 00:00:00",
    "ShimSetting": [
      -2851,
      8065,
      -15920,
      -530,
      404,
      -610,
      -324,
      -43
    ],
    "SliceThickness": 1,
    "SoftwareVersions": "syngo_MR_E11",
    "StationName": "AWP45239",
    "TxRefAmp": 350.887,
    "acq_id": "D1S2",
    "dataset": "ds003604",
    "modality": "T1w",
    "session_id": "7",
    "subject_id": "5061"
  },
  "cjv": 0.4187619973349156,
  "cnr": 3.292026630060657,
  "efc": 0.5044979502532368,
  "fber": -1.0,
  "fwhm_avg": 6.306533333333333,
  "fwhm_x": 6.61698,
  "fwhm_y": 5.75233,
  "fwhm_z": 6.55029,
  "icvs_csf": 0.1080741687680456,
  "icvs_gm": 0.4995615763558468,
  "icvs_wm": 0.3923642548761076,
  "inu_med": 0.9479271173477173,
  "inu_range": 1.2689839333295816,
  "provenance": {
    "md5sum": "edd188ac5b3e856d836aeff5a2f73004",
    "settings": {
      "testing": false
    },
    "software": "mriqc",
    "version": "23.0.1",
    "warnings": {
      "large_rot_frame": true,
      "small_air_mask": false
    },
    "webapi_port": null,
    "webapi_url": "https://mriqc.nimh.nih.gov/api/v1"
  },
  "qi_1": 0.0,
  "qi_2": 0.004017969722850686,
  "rpve_csf": 51.58122999185272,
  "rpve_gm": 12.881184258148282,
  "rpve_wm": 16.539233284907827,
  "size_x": 192,
  "size_y": 256,
  "size_z": 256,
  "snr_csf": 1.6882290516671328,
  "snr_gm": 17.4195962311524,
  "snr_total": 11.975328941891645,
  "snr_wm": 16.8181615428554,
  "snrd_csf": 28.073621779909146,
  "snrd_gm": 59.56386093909124,
  "snrd_total": 55.47140172785993,
  "snrd_wm": 78.7767224645794,
  "spacing_x": 1.0,
  "spacing_y": 1.0,
  "spacing_z": 1.0,
  "summary_bg_k": 14.991532286071703,
  "summary_bg_mad": 0.0,
  "summary_bg_mean": 4.706227792079138,
  "summary_bg_median": 0.0,
  "summary_bg_n": 2854690.0,
  "summary_bg_p05": 0.0,
  "summary_bg_p95": 17.47609680891037,
  "summary_bg_stdv": 8.316896855548237,
  "summary_csf_k": 24.668691743002935,
  "summary_csf_mad": 98.99347950812803,
  "summary_csf_mean": 393.3088245689098,
  "summary_csf_median": 356.39206843823195,
  "summary_csf_n": 12948.0,
  "summary_csf_p05": 195.99505890384316,
  "summary_csf_p95": 644.8394786126911,
  "summary_csf_stdv": 211.09594422840667,
  "summary_gm_k": 0.10803992737616008,
  "summary_gm_mad": 42.9957454857493,
  "summary_gm_mean": 756.3930885785263,
  "summary_gm_median": 756.1577829420567,
  "summary_gm_n": 63509.0,
  "summary_gm_p05": 685.430246219039,
  "summary_gm_p95": 827.7717883437872,
  "summary_gm_stdv": 43.40811461587258,
  "summary_wm_k": 0.22349984111877896,
  "summary_wm_mad": 59.142619336292704,
  "summary_wm_mean": 1005.908227408649,
  "summary_wm_median": 1000.0633079707623,
  "summary_wm_n": 151389.0,
  "summary_wm_p05": 919.8378925472498,
  "summary_wm_p95": 1113.7212564200163,
  "summary_wm_stdv": 59.46309901103239,
  "tpm_overlap_csf": 0.13996091880039374,
  "tpm_overlap_gm": 0.4692164219268536,
  "tpm_overlap_wm": 0.4419164472512078,
  "wm2max": 0.312375150807935
}