{
  "bids_meta": {
    "AcquisitionMatrixPE": 256,
    "AcquisitionNumber": 1,
    "AcquisitionTime": "10:18:56.935000",
    "BaseResolution": 256,
    "BodyPartExamined": "BRAIN",
    "ConsistencyInfo": "N4_VD13A_LATEST_20120616",
    "ConversionSoftware": "dcm2niix",
    "ConversionSoftwareVersion": "v1.0.20190902",
    "DeviceSerialNumber": "45239",
    "DwellTime": 1.09e-05,
    "EchoTime": 0.00243,
    "FlipAngle": 9,
    "ImageOrientationPatientDICOM": [
      0,
      1,
      0,
      0,
      0,
      -1
    ],
    "ImageType": [
      "ORIGINAL",
      "PRIMARY",
      "M",
      "ND"
    ],
    "ImagingFrequency": 123.224,
    "InPlanePhaseEncodingDirectionDICOM": "ROW",
    "InstitutionAddress": "E_24th_St._100_Austin_Southmiddle_US_78712",
    "InstitutionName": "The_Univ._of_Texas_at_Austin_IRC",
    "InstitutionalDepartmentName": "IRC",
    "InversionTime": 0.9,
    "MRAcquisitionType": "3D",
    "MagneticFieldStrength": 3,
    "Manufacturer": "Siemens",
    "ManufacturersModelName": "Skyra",
    "Modality": "MR",
    "ParallelReductionFactorInPlane": 2,
    "PartialFourier": 1,
    "PatientPosition": "HFS",
    "PercentPhaseFOV": 100,
    "PhaseEncodingSteps": 255,
    "PhaseResolution": 1,
    "PixelBandwidth": 180,
    "ProcedureStepDescription": "Booth_Language",
    "ProtocolName": "MPRAGE",
    "PulseSequenceDetails": "%SiemensSeq%_tfl",
    "ReceiveCoilActiveElements": "HC1-6",
    "ReceiveCoilName": "HeadNeck_64",
    "ReconMatrixPE": 256,
    "RefLinesPE": 24,
    "RepetitionTime": 1.9,
    "SAR": 0.231608,
    "ScanOptions": "IR",
    "ScanningSequence": "GR_IR",
    "SequenceName": "_tfl3d1_16ns",
    "SequenceVariant": "SK_SP_MP",
    "SeriesDescription": "MPRAGE",
    "SeriesNumber": 15,
    "ShiftedAquisitionDate": "1814-12-17 00:00:00",
    "ShimSetting": [
      -2849,
      8022,
      -16018,
      -1233,
      -75,
      -527,
      -219,
      169
    ],
    "SliceThickness": 1,
    "SoftwareVersions": "syngo_MR_D13",
    "StationName": "AWP45239",
    "TxRefAmp": 319.219,
    "acq_id": "D1S15",
    "dataset": "ds003604",
    "modality": "T1w",
    "session_id": "5",
    "subject_id": "5109"
  },
  "cjv": 0.4976518619844222,
  "cnr": 1.9478526513184513,
  "efc": 0.5427870440713949,
  "fber": 2422.641769606435,
  "fwhm_avg": 5.480026666666667,
  "fwhm_x": 5.7218,
  "fwhm_y": 5.23502,
  "fwhm_z": 5.48326,
  "icvs_csf": 0.12117221943016036,
  "icvs_gm": 0.4992914792860443,
  "icvs_wm": 0.3795363012837954,
  "inu_med": 1.6015300750732422,
  "inu_range": 1.4283544242382047,
  "provenance": {
    "md5sum": "bd30a245da0bae205060741ce7c96476",
    "settings": {
      "testing": false
    },
    "software": "mriqc",
    "version": "21.0.0rc2",
    "warnings": {
      "large_rot_frame": true,
      "small_air_mask": false
    },
    "webapi_port": null,
    "webapi_url": "https://mriqc.nimh.nih.gov/api/v1"
  },
  "qi_1": 0.0,
  "qi_2": 0.006536155583401312,
  "rpve_csf": 40.76902145609832,
  "rpve_gm": 10.664737713151949,
  "rpve_wm": 13.93093718659129,
  "size_x": 192,
  "size_y": 256,
  "size_z": 256,
  "snr_csf": 0.7742509709988812,
  "snr_gm": 11.298095965098305,
  "snr_total": 6.616259187004076,
  "snr_wm": 7.776430624915039,
  "snrd_csf": 35.99727944629872,
  "snrd_gm": 59.49250974358352,
  "snrd_total": 59.377548372098325,
  "snrd_wm": 82.64285592641275,
  "spacing_x": 1.0,
  "spacing_y": 1.0,
  "spacing_z": 1.0,
  "summary_bg_k": 13.940842696889444,
  "summary_bg_mad": 7.927320126088531,
  "summary_bg_mean": 15.137913665811764,
  "summary_bg_median": 14.866979598999023,
  "summary_bg_n": 1244414.0,
  "summary_bg_p05": 2.6082420349121094,
  "summary_bg_p95": 30.386019706726074,
  "summary_bg_stdv": 9.274285754946042,
  "summary_csf_k": 1.6962522332921175,
  "summary_csf_mad": 181.16826727182814,
  "summary_csf_mean": 700.9867390786842,
  "summary_csf_median": 435.57641983032227,
  "summary_csf_n": 13599.0,
  "summary_csf_p05": 263.30203342437744,
  "summary_csf_p95": 2001.969215106964,
  "summary_csf_stdv": 562.5571304837102,
  "summary_gm_k": 0.9046380691896716,
  "summary_gm_mad": 62.065116109132155,
  "summary_gm_mean": 719.6306350235848,
  "summary_gm_median": 719.8748016357422,
  "summary_gm_n": 106028.0,
  "summary_gm_p05": 615.4147081375122,
  "summary_gm_p95": 820.0312957763672,
  "summary_gm_stdv": 63.7161703274965,
  "summary_wm_k": 3.948377734508383,
  "summary_wm_mad": 77.33970854720518,
  "summary_wm_mean": 1034.311080047365,
  "summary_wm_median": 999.9999961853027,
  "summary_wm_n": 136161.0,
  "summary_wm_p05": 896.1919631958008,
  "summary_wm_p95": 1314.6843976974487,
  "summary_wm_stdv": 128.5932289875032,
  "tpm_overlap_csf": 0.11173924803733826,
  "tpm_overlap_gm": 0.4342052936553955,
  "tpm_overlap_wm": 0.3648989796638489,
  "wm2max": 0.21864502274835884
}