{
  "aor": 0.0020096835443037973,
  "aqi": 0.008465090443037976,
  "bids_meta": {
    "AcquisitionMatrixPE": 128,
    "AcquisitionNumber": 1,
    "AcquisitionTime": "10:10:4.637500",
    "BandwidthPerPixelPhaseEncode": 23.321,
    "BaseResolution": 128,
    "BodyPartExamined": "BRAIN",
    "ConsistencyInfo": "N4_VE11A_LATEST_20140830",
    "ConversionSoftware": "dcm2niix",
    "ConversionSoftwareVersion": "v1.0.20190902",
    "DerivedVendorReportedEchoSpacing": 0.000669997,
    "DeviceSerialNumber": "45239",
    "DwellTime": 2.2e-06,
    "EchoTime": 0.03,
    "EchoTrainLength": 63,
    "EffectiveEchoSpacing": 0.000334999,
    "FlipAngle": 80,
    "ImageComments": "Unaliased_MB4_PE4_LB",
    "ImageOrientationPatientDICOM": [
      1,
      0,
      0,
      0,
      1,
      0
    ],
    "ImageType": [
      "ORIGINAL",
      "PRIMARY",
      "M",
      "MB",
      "ND",
      "MOSAIC"
    ],
    "ImagingFrequency": 123.224,
    "InPlanePhaseEncodingDirectionDICOM": "COL",
    "InstitutionAddress": "E_24th_St._100_Austin_Southmiddle_US_78712",
    "InstitutionName": "The_Univ._of_Texas_at_Austin_IRC",
    "InstitutionalDepartmentName": "IRC",
    "MRAcquisitionType": "2D",
    "MagneticFieldStrength": 3,
    "Manufacturer": "Siemens",
    "ManufacturersModelName": "Skyra",
    "Modality": "MR",
    "MultibandAccelerationFactor": 4,
    "ParallelReductionFactorInPlane": 2,
    "PartialFourier": 1,
    "PatientPosition": "HFS",
    "PercentPhaseFOV": 100,
    "PhaseEncodingDirection": "j-",
    "PhaseEncodingSteps": 127,
    "PhaseResolution": 1,
    "PixelBandwidth": 1775,
    "ProcedureStepDescription": "Booth_Language",
    "ProtocolName": "SEM1",
    "PulseSequenceDetails": "%CustomerSeq%_cmrr_mbep2d_bold",
    "ReceiveCoilActiveElements": "HC3-6",
    "ReceiveCoilName": "HeadNeck_64",
    "ReconMatrixPE": 128,
    "RefLinesPE": 58,
    "RepetitionTime": 1.25,
    "SAR": 0.296489,
    "ScanOptions": "FS",
    "ScanningSequence": "EP",
    "SequenceName": "epfid2d1_128",
    "SequenceVariant": "SK_SS",
    "SeriesDescription": "SEM1",
    "SeriesNumber": 11,
    "ShiftedAquisitionDate": "1815-11-14",
    "ShimSetting": [
      -2883,
      7928,
      -15465,
      -749,
      -183,
      265,
      207,
      44
    ],
    "SliceThickness": 2,
    "SliceTiming": [
      0,
      0.2625,
      0.5275,
      0.79,
      1.055,
      0.0875,
      0.35,
      0.615,
      0.8775,
      1.1425,
      0.175,
      0.44,
      0.7025,
      0.965,
      0,
      0.2625,
      0.5275,
      0.79,
      1.055,
      0.0875,
      0.35,
      0.615,
      0.8775,
      1.1425,
      0.175,
      0.44,
      0.7025,
      0.965,
      0,
      0.2625,
      0.5275,
      0.79,
      1.055,
      0.0875,
      0.35,
      0.615,
      0.8775,
      1.1425,
      0.175,
      0.44,
      0.7025,
      0.965,
      0,
      0.2625,
      0.5275,
      0.79,
      1.055,
      0.0875,
      0.35,
      0.615,
      0.8775,
      1.1425,
      0.175,
      0.44,
      0.7025,
      0.965
    ],
    "SoftwareVersions": "syngo_MR_E11",
    "SpacingBetweenSlices": 2,
    "StationName": "AWP45239",
    "TotalReadoutTime": 0.0425448,
    "TxRefAmp": 331.61,
    "WipMemBlock": "5d784f03-685b-4bee-ab18-537270b6206c||Sequence: ve11a/master r/3765ccc; Dec 14 2015 15:37:15 by eja",
    "acq_id": "D2S11",
    "dataset": "ds003604",
    "modality": "bold",
    "run_id": 1,
    "session_id": "5",
    "subject_id": "5179",
    "task_id": "Sem"
  },
  "dummy_trs": 0,
  "dvars_nstd": 48.39582346019111,
  "dvars_std": 1.0648039397452227,
  "dvars_vstd": 1.0258018932484085,
  "efc": 0.4327666120147662,
  "fber": 2064.844970703125,
  "fd_mean": 0.3079354317161154,
  "fd_num": 109,
  "fd_perc": 68.9873417721519,
  "fwhm_avg": 3.2799883333333333,
  "fwhm_x": 2.998185,
  "fwhm_y": 3.41977,
  "fwhm_z": 3.42201,
  "gcor": 0.00653079,
  "gsr_x": -0.0114867202937603,
  "gsr_y": 0.012369406409561634,
  "provenance": {
    "md5sum": "6334121982fda2eeea16aa4c48bd1df3",
    "settings": {
      "fd_thres": 0.2,
      "testing": false
    },
    "software": "mriqc",
    "version": "23.0.1",
    "webapi_port": null,
    "webapi_url": "https://mriqc.nimh.nih.gov/api/v1"
  },
  "size_t": 158,
  "size_x": 128,
  "size_y": 128,
  "size_z": 56,
  "snr": 2.6211551421912587,
  "spacing_tr": 1.25,
  "spacing_x": 2.0,
  "spacing_y": 2.0,
  "spacing_z": 2.0,
  "summary_bg_k": 99.67668464915045,
  "summary_bg_mad": 2.533561630130626,
  "summary_bg_mean": 22.31418800354004,
  "summary_bg_median": 13.481013298034668,
  "summary_bg_n": 671183.0,
  "summary_bg_p05": 11.265823364257812,
  "summary_bg_p95": 59.32911682128906,
  "summary_bg_stdv": 37.51506042480469,
  "summary_fg_k": 0.35278389634679463,
  "summary_fg_mad": 232.93744949195425,
  "summary_fg_mean": 655.55322265625,
  "summary_fg_median": 613.00634765625,
  "summary_fg_n": 146879.0,
  "summary_fg_p05": 358.417724609375,
  "summary_fg_p95": 1087.678515625,
  "summary_fg_stdv": 233.86798095703125,
  "tsnr": 28.38175067305565
}