{
  "aor": 0.0010872169811320755,
  "aqi": 0.00720620108490566,
  "bids_meta": {
    "AcquisitionMatrixPE": 128,
    "AcquisitionNumber": 1,
    "AcquisitionTime": "10:18:12.245000",
    "BandwidthPerPixelPhaseEncode": 23.321,
    "BaseResolution": 128,
    "BodyPartExamined": "BRAIN",
    "ConsistencyInfo": "N4_VE11A_LATEST_20140830",
    "ConversionSoftware": "dcm2niix",
    "ConversionSoftwareVersion": "v1.0.20190902",
    "DerivedVendorReportedEchoSpacing": 0.000669997,
    "DeviceSerialNumber": "45239",
    "DwellTime": 2.2e-06,
    "EchoTime": 0.03,
    "EchoTrainLength": 63,
    "EffectiveEchoSpacing": 0.000334999,
    "FlipAngle": 80,
    "ImageComments": "Unaliased_MB4_PE4_LB",
    "ImageOrientationPatientDICOM": [
      1,
      0,
      0,
      0,
      1,
      0
    ],
    "ImageType": [
      "ORIGINAL",
      "PRIMARY",
      "M",
      "MB",
      "ND",
      "MOSAIC"
    ],
    "ImagingFrequency": 123.224,
    "InPlanePhaseEncodingDirectionDICOM": "COL",
    "InstitutionAddress": "E_24th_St._100_Austin_Southmiddle_US_78712",
    "InstitutionName": "The_Univ._of_Texas_at_Austin_IRC",
    "InstitutionalDepartmentName": "IRC",
    "MRAcquisitionType": "2D",
    "MagneticFieldStrength": 3,
    "Manufacturer": "Siemens",
    "ManufacturersModelName": "Skyra",
    "Modality": "MR",
    "MultibandAccelerationFactor": 4,
    "ParallelReductionFactorInPlane": 2,
    "PartialFourier": 1,
    "PatientPosition": "HFS",
    "PercentPhaseFOV": 100,
    "PhaseEncodingDirection": "j-",
    "PhaseEncodingSteps": 127,
    "PhaseResolution": 1,
    "PixelBandwidth": 1775,
    "ProcedureStepDescription": "Booth_Language",
    "ProtocolName": "Plaus1",
    "PulseSequenceDetails": "%CustomerSeq%_cmrr_mbep2d_bold",
    "ReceiveCoilActiveElements": "HC3-6",
    "ReceiveCoilName": "HeadNeck_64",
    "ReconMatrixPE": 128,
    "RefLinesPE": 58,
    "RepetitionTime": 1.25,
    "SAR": 0.300182,
    "ScanOptions": "FS",
    "ScanningSequence": "EP",
    "SequenceName": "epfid2d1_128",
    "SequenceVariant": "SK_SS",
    "SeriesDescription": "Plaus1",
    "SeriesNumber": 4,
    "ShiftedAquisitionDate": "1815-12-19",
    "ShimSetting": [
      -2958,
      7900,
      -15532,
      -686,
      -364,
      347,
      -23,
      -7
    ],
    "SliceThickness": 2,
    "SliceTiming": [
      0,
      0.265,
      0.5275,
      0.79,
      1.055,
      0.0875,
      0.3525,
      0.615,
      0.88,
      1.1425,
      0.1775,
      0.44,
      0.7025,
      0.9675,
      0,
      0.265,
      0.5275,
      0.79,
      1.055,
      0.0875,
      0.3525,
      0.615,
      0.88,
      1.1425,
      0.1775,
      0.44,
      0.7025,
      0.9675,
      0,
      0.265,
      0.5275,
      0.79,
      1.055,
      0.0875,
      0.3525,
      0.615,
      0.88,
      1.1425,
      0.1775,
      0.44,
      0.7025,
      0.9675,
      0,
      0.265,
      0.5275,
      0.79,
      1.055,
      0.0875,
      0.3525,
      0.615,
      0.88,
      1.1425,
      0.1775,
      0.44,
      0.7025,
      0.9675
    ],
    "SoftwareVersions": "syngo_MR_E11",
    "SpacingBetweenSlices": 2,
    "StationName": "AWP45239",
    "TotalReadoutTime": 0.0425448,
    "TxRefAmp": 349.945,
    "WipMemBlock": "4a527227-dd48-4e94-9f5b-07dc7c8c9f51||Sequence: ve11a/master r/3765ccc; Dec 14 2015 15:37:15 by eja",
    "acq_id": "D3S4",
    "dataset": "ds003604",
    "modality": "bold",
    "run_id": 1,
    "session_id": "5",
    "subject_id": "5179",
    "task_id": "Plaus"
  },
  "dummy_trs": 0,
  "dvars_nstd": 52.573995689099526,
  "dvars_std": 1.1000049418009485,
  "dvars_vstd": 1.0064719519905214,
  "efc": 0.41966762316924505,
  "fber": 1968.8614501953125,
  "fd_mean": 0.3170788875769092,
  "fd_num": 158,
  "fd_perc": 74.52830188679245,
  "fwhm_avg": 3.775726666666667,
  "fwhm_x": 3.449475,
  "fwhm_y": 3.71168,
  "fwhm_z": 4.166025,
  "gcor": 0.00716364,
  "gsr_x": -0.014162397012114525,
  "gsr_y": 0.01609080657362938,
  "provenance": {
    "md5sum": "5b8579a638e33a9c93bff449d178017e",
    "settings": {
      "fd_thres": 0.2,
      "testing": false
    },
    "software": "mriqc",
    "version": "23.0.1",
    "webapi_port": null,
    "webapi_url": "https://mriqc.nimh.nih.gov/api/v1"
  },
  "size_t": 212,
  "size_x": 128,
  "size_y": 128,
  "size_z": 56,
  "snr": 2.106942692447715,
  "spacing_tr": 1.25,
  "spacing_x": 2.0,
  "spacing_y": 2.0,
  "spacing_z": 2.0,
  "summary_bg_k": 67.38886641140311,
  "summary_bg_mad": 2.601547129009491,
  "summary_bg_mean": 24.83050537109375,
  "summary_bg_median": 13.660377502441406,
  "summary_bg_n": 678536.0,
  "summary_bg_p05": 11.382075309753418,
  "summary_bg_p95": 68.65094757080078,
  "summary_bg_stdv": 46.44142150878906,
  "summary_fg_k": 2.5450056305785367,
  "summary_fg_mad": 234.64632410104662,
  "summary_fg_mean": 683.6473388671875,
  "summary_fg_median": 611.9599609375,
  "summary_fg_n": 137592.0,
  "summary_fg_p05": 369.75731506347654,
  "summary_fg_p95": 1279.964422607422,
  "summary_fg_stdv": 290.4482116699219,
  "tsnr": 29.82075503678061
}