{
  "bids_meta": {
    "AcquisitionMatrixPE": 256,
    "AcquisitionNumber": 1,
    "AcquisitionTime": "13:35:11.210000",
    "BaseResolution": 256,
    "BodyPartExamined": "BRAIN",
    "ConsistencyInfo": "N4_VE11A_LATEST_20140830",
    "ConversionSoftware": "dcm2niix",
    "ConversionSoftwareVersion": "v1.0.20190902",
    "DeviceSerialNumber": "45239",
    "DwellTime": 1.09e-05,
    "EchoTime": 0.00243,
    "FlipAngle": 9,
    "ImageOrientationPatientDICOM": [
      0,
      1,
      0,
      0,
      0,
      -1
    ],
    "ImageType": [
      "ORIGINAL",
      "PRIMARY",
      "M",
      "ND"
    ],
    "ImagingFrequency": 123.225,
    "InPlanePhaseEncodingDirectionDICOM": "ROW",
    "InstitutionAddress": "E_24th_St._100_Austin_Southmiddle_US_78712",
    "InstitutionName": "The_Univ._of_Texas_at_Austin_IRC",
    "InstitutionalDepartmentName": "IRC",
    "InversionTime": 0.9,
    "MRAcquisitionType": "3D",
    "MagneticFieldStrength": 3,
    "Manufacturer": "Siemens",
    "ManufacturersModelName": "Skyra",
    "Modality": "MR",
    "ParallelReductionFactorInPlane": 2,
    "PartialFourier": 1,
    "PatientPosition": "HFS",
    "PercentPhaseFOV": 100,
    "PhaseEncodingSteps": 255,
    "PhaseResolution": 1,
    "PixelBandwidth": 180,
    "ProcedureStepDescription": "Booth_Language",
    "ProtocolName": "MPRAGE",
    "PulseSequenceDetails": "%SiemensSeq%_tfl",
    "ReceiveCoilActiveElements": "HC1-6",
    "ReceiveCoilName": "HeadNeck_64",
    "ReconMatrixPE": 256,
    "RefLinesPE": 24,
    "RepetitionTime": 1.9,
    "SAR": 0.26585,
    "ScanOptions": "IR",
    "ScanningSequence": "GR_IR",
    "SequenceName": "_tfl3d1_16ns",
    "SequenceVariant": "SK_SP_MP",
    "SeriesDescription": "MPRAGE",
    "SeriesNumber": 13,
    "ShiftedAquisitionDate": "1817-07-24 00:00:00",
    "ShimSetting": [
      -2849,
      8055,
      -15936,
      -670,
      286,
      -583,
      -301,
      11
    ],
    "SliceThickness": 1,
    "SoftwareVersions": "syngo_MR_E11",
    "StationName": "AWP45239",
    "TxRefAmp": 340.804,
    "acq_id": "D1S13",
    "dataset": "ds003604",
    "modality": "T1w",
    "session_id": "7",
    "subject_id": "5166"
  },
  "cjv": 0.48391663061257534,
  "cnr": 2.769020359845536,
  "efc": 0.5628516422273591,
  "fber": 12854.150660718795,
  "fwhm_avg": 6.308746666666667,
  "fwhm_x": 6.63777,
  "fwhm_y": 5.79749,
  "fwhm_z": 6.49098,
  "icvs_csf": 0.11529075034082004,
  "icvs_gm": 0.47219620918984695,
  "icvs_wm": 0.412513040469333,
  "inu_med": 0.9843056201934814,
  "inu_range": 1.3042252510786057,
  "provenance": {
    "md5sum": "b27a0c3671a1b1f06d9a4fd142f09eb3",
    "settings": {
      "testing": false
    },
    "software": "mriqc",
    "version": "22.0.6",
    "warnings": {
      "large_rot_frame": true,
      "small_air_mask": false
    },
    "webapi_port": null,
    "webapi_url": "https://mriqc.nimh.nih.gov/api/v1"
  },
  "qi_1": 0.0,
  "qi_2": 0.003467932284069742,
  "rpve_csf": 41.217287404749754,
  "rpve_gm": 11.622561666999609,
  "rpve_wm": 13.928722539013425,
  "size_x": 192,
  "size_y": 256,
  "size_z": 256,
  "snr_csf": 2.443633729405081,
  "snr_gm": 15.91548625216261,
  "snr_total": 10.900330997256967,
  "snr_wm": 14.341873010203209,
  "snrd_csf": 18.692854064424957,
  "snrd_gm": 43.57689836961972,
  "snrd_total": 39.78163590381532,
  "snrd_wm": 57.075155277401265,
  "spacing_x": 1.0,
  "spacing_y": 1.0,
  "spacing_z": 1.0,
  "summary_bg_k": 9.739350071033622,
  "summary_bg_mad": 0.0,
  "summary_bg_mean": 7.614184746102749,
  "summary_bg_median": 0.0,
  "summary_bg_n": 1966839.0,
  "summary_bg_p05": 0.0,
  "summary_bg_p95": 33.104100823402405,
  "summary_bg_stdv": 11.479260959104504,
  "summary_csf_k": 18.177796639390195,
  "summary_csf_mad": 96.86095052833979,
  "summary_csf_mean": 345.64803797496654,
  "summary_csf_median": 327.5350749492645,
  "summary_csf_n": 16566.0,
  "summary_csf_p05": 164.17206823825836,
  "summary_csf_p95": 557.6119467616081,
  "summary_csf_stdv": 134.0320298809913,
  "summary_gm_k": 0.1762748387991535,
  "summary_gm_mad": 47.0810192970568,
  "summary_gm_mean": 763.2040605875599,
  "summary_gm_median": 763.5518163442612,
  "summary_gm_n": 62927.0,
  "summary_gm_p05": 684.2840132117271,
  "summary_gm_p95": 841.4239883422852,
  "summary_gm_stdv": 47.97501862385015,
  "summary_wm_k": 0.26001311397643123,
  "summary_wm_mad": 67.37283865438701,
  "summary_wm_mean": 1009.9091654635172,
  "summary_wm_median": 1000.0674694776535,
  "summary_wm_n": 199270.0,
  "summary_wm_p05": 913.4978860616684,
  "summary_wm_p95": 1142.2971148788922,
  "summary_wm_stdv": 69.73042917304535,
  "tpm_overlap_csf": 0.1414301497533617,
  "tpm_overlap_gm": 0.45851717594727304,
  "tpm_overlap_wm": 0.4426233238552826,
  "wm2max": 0.3129949266567249
}