{
  "bids_meta": {
    "AcquisitionMatrixPE": 256,
    "AcquisitionNumber": 1,
    "AcquisitionTime": "11:06:27.780000",
    "BaseResolution": 256,
    "BodyPartExamined": "BRAIN",
    "ConsistencyInfo": "N4_VE11C_LATEST_20160120",
    "ConversionSoftware": "dcm2niix",
    "ConversionSoftwareVersion": "v1.0.20190902",
    "DeviceSerialNumber": "45239",
    "DwellTime": 1.09e-05,
    "EchoTime": 0.00243,
    "FlipAngle": 9,
    "ImageOrientationPatientDICOM": [
      0,
      1,
      0,
      0,
      0,
      -1
    ],
    "ImageType": [
      "ORIGINAL",
      "PRIMARY",
      "M",
      "ND"
    ],
    "ImagingFrequency": 123.186,
    "InPlanePhaseEncodingDirectionDICOM": "ROW",
    "InstitutionAddress": "E_24th_St._100_Austin_Southmiddle_US_78712",
    "InstitutionName": "The_Univ._of_Texas_at_Austin_IRC",
    "InstitutionalDepartmentName": "IRC",
    "InversionTime": 0.9,
    "MRAcquisitionType": "3D",
    "MagneticFieldStrength": 3,
    "Manufacturer": "Siemens",
    "ManufacturersModelName": "Skyra",
    "Modality": "MR",
    "ParallelReductionFactorInPlane": 2,
    "PartialFourier": 1,
    "PatientPosition": "HFS",
    "PercentPhaseFOV": 100,
    "PhaseEncodingSteps": 255,
    "PhaseResolution": 1,
    "PixelBandwidth": 180,
    "ProcedureStepDescription": "Booth_Language",
    "ProtocolName": "MPRAGE",
    "PulseSequenceDetails": "%SiemensSeq%_tfl",
    "ReceiveCoilActiveElements": "HC1-6",
    "ReceiveCoilName": "HeadNeck_64",
    "ReconMatrixPE": 256,
    "RefLinesPE": 24,
    "RepetitionTime": 1.9,
    "SAR": 0.207987,
    "ScanOptions": "IR",
    "ScanningSequence": "GR_IR",
    "SequenceName": "_tfl3d1_16ns",
    "SequenceVariant": "SK_SP_MP",
    "SeriesDescription": "MPRAGE",
    "SeriesNumber": 2,
    "ShiftedAquisitionDate": "1819-01-31 00:00:00",
    "ShimSetting": [
      -2727,
      7934,
      -15901,
      -500,
      562,
      -716,
      -526,
      132
    ],
    "SliceThickness": 1,
    "SoftwareVersions": "syngo_MR_E11",
    "StationName": "AWP45239",
    "TxRefAmp": 316.969,
    "acq_id": "D1S2",
    "dataset": "ds003604",
    "modality": "T1w",
    "session_id": "9",
    "subject_id": "5447"
  },
  "cjv": 0.4488468741678352,
  "cnr": 2.9936877187211404,
  "efc": 0.5244211832648898,
  "fber": -1.0,
  "fwhm_avg": 5.461456666666667,
  "fwhm_x": 5.42588,
  "fwhm_y": 5.2879,
  "fwhm_z": 5.67059,
  "icvs_csf": 0.12687478037043876,
  "icvs_gm": 0.47283143729979493,
  "icvs_wm": 0.4002937823297663,
  "inu_med": 0.9570505023002625,
  "inu_range": 1.0968786120414735,
  "provenance": {
    "md5sum": "9a076537980197980ee6b392d9213526",
    "settings": {
      "testing": false
    },
    "software": "mriqc",
    "version": "22.0.6",
    "warnings": {
      "large_rot_frame": true,
      "small_air_mask": false
    },
    "webapi_port": null,
    "webapi_url": "https://mriqc.nimh.nih.gov/api/v1"
  },
  "qi_1": 0.0,
  "qi_2": 0.006532597015750305,
  "rpve_csf": 47.708149997716234,
  "rpve_gm": 14.390009642844326,
  "rpve_wm": 17.721849460410706,
  "size_x": 192,
  "size_y": 256,
  "size_z": 256,
  "snr_csf": 2.7427726989720296,
  "snr_gm": 17.25754159733766,
  "snr_total": 11.950948043769756,
  "snr_wm": 15.85252983499958,
  "snrd_csf": 23.221149540266016,
  "snrd_gm": 50.36694360071248,
  "snrd_total": 46.41675326145583,
  "snrd_wm": 65.662166643389,
  "spacing_x": 1.0,
  "spacing_y": 1.0,
  "spacing_z": 1.0,
  "summary_bg_k": 3.9773832087154055,
  "summary_bg_mad": 0.0,
  "summary_bg_mean": 6.3159459499213915,
  "summary_bg_median": 0.0,
  "summary_bg_n": 2064564.0,
  "summary_bg_p05": 0.0,
  "summary_bg_p95": 23.405823446810246,
  "summary_bg_stdv": 9.977992960451145,
  "summary_csf_k": 2.778980818589111,
  "summary_csf_mad": 97.27356829508744,
  "summary_csf_mean": 368.81428499012094,
  "summary_csf_median": 353.6675212159753,
  "summary_csf_n": 11851.0,
  "summary_csf_p05": 174.03857696801424,
  "summary_csf_p95": 601.9474043138325,
  "summary_csf_stdv": 128.93981320898683,
  "summary_gm_k": 0.20628573393829175,
  "summary_gm_mad": 43.263057060081024,
  "summary_gm_mean": 767.3684729162193,
  "summary_gm_median": 767.108969502151,
  "summary_gm_n": 44345.0,
  "summary_gm_p05": 694.5570600777864,
  "summary_gm_p95": 840.6438006460667,
  "summary_gm_stdv": 44.45015043411225,
  "summary_wm_k": 0.30455212282037536,
  "summary_wm_mad": 61.29692084512532,
  "summary_wm_mean": 1007.6028368821673,
  "summary_wm_median": 1000.0614170357585,
  "summary_wm_n": 150582.0,
  "summary_wm_p05": 918.3560490980744,
  "summary_wm_p95": 1125.32250367105,
  "summary_wm_stdv": 63.08507896123776,
  "tpm_overlap_csf": 0.13715675893993917,
  "tpm_overlap_gm": 0.47582794812044665,
  "tpm_overlap_wm": 0.45668393483245767,
  "wm2max": 0.33267567608963505
}