{
  "bids_meta": {
    "AcquisitionMatrixPE": 256,
    "AcquisitionNumber": 1,
    "AcquisitionTime": "15:14:52.355000",
    "BaseResolution": 256,
    "BodyPartExamined": "BRAIN",
    "ConsistencyInfo": "N4_VE11C_LATEST_20160120",
    "ConversionSoftware": "dcm2niix",
    "ConversionSoftwareVersion": "v1.0.20190902",
    "DeviceSerialNumber": "45239",
    "DwellTime": 1.09e-05,
    "EchoTime": 0.00243,
    "FlipAngle": 9,
    "ImageOrientationPatientDICOM": [
      0,
      1,
      0,
      0,
      0,
      -1
    ],
    "ImageType": [
      "ORIGINAL",
      "PRIMARY",
      "M",
      "ND"
    ],
    "ImagingFrequency": 123.196,
    "InPlanePhaseEncodingDirectionDICOM": "ROW",
    "InstitutionAddress": "E_24th_St._100_Austin_Southmiddle_US_78712",
    "InstitutionName": "The_Univ._of_Texas_at_Austin_IRC",
    "InstitutionalDepartmentName": "IRC",
    "InversionTime": 0.9,
    "MRAcquisitionType": "3D",
    "MagneticFieldStrength": 3,
    "Manufacturer": "Siemens",
    "ManufacturersModelName": "Skyra",
    "Modality": "MR",
    "ParallelReductionFactorInPlane": 2,
    "PartialFourier": 1,
    "PatientPosition": "HFS",
    "PercentPhaseFOV": 100,
    "PhaseEncodingSteps": 255,
    "PhaseResolution": 1,
    "PixelBandwidth": 180,
    "ProcedureStepDescription": "Booth_Language",
    "ProtocolName": "MPRAGE",
    "PulseSequenceDetails": "%SiemensSeq%_tfl",
    "ReceiveCoilActiveElements": "HC1-6",
    "ReceiveCoilName": "HeadNeck_64",
    "ReconMatrixPE": 256,
    "RefLinesPE": 24,
    "RepetitionTime": 1.9,
    "SAR": 0.210095,
    "ScanOptions": "IR",
    "ScanningSequence": "GR_IR",
    "SequenceName": "_tfl3d1_16ns",
    "SequenceVariant": "SK_SP_MP",
    "SeriesDescription": "MPRAGE",
    "SeriesNumber": 11,
    "ShiftedAquisitionDate": "1818-04-21 00:00:00",
    "ShimSetting": [
      -2751,
      8072,
      -15888,
      -462,
      637,
      -681,
      -484,
      -138
    ],
    "SliceThickness": 1,
    "SoftwareVersions": "syngo_MR_E11",
    "StationName": "AWP45239",
    "TxRefAmp": 317.546,
    "acq_id": "D1S11",
    "dataset": "ds003604",
    "modality": "T1w",
    "session_id": "9",
    "subject_id": "5022"
  },
  "cjv": 0.4876757010354248,
  "cnr": 2.5922487386501523,
  "efc": 0.5742572232306817,
  "fber": 1915.6253188775509,
  "fwhm_avg": 5.539376666666667,
  "fwhm_x": 5.48986,
  "fwhm_y": 5.41372,
  "fwhm_z": 5.71455,
  "icvs_csf": 0.11491812724728563,
  "icvs_gm": 0.489060166049997,
  "icvs_wm": 0.39602170670271736,
  "inu_med": 1.5705758333206177,
  "inu_range": 1.2826611518859863,
  "provenance": {
    "md5sum": "6aa3723f34819119a841795f8c5c7b20",
    "settings": {
      "testing": false
    },
    "software": "mriqc",
    "version": "21.0.0rc2",
    "warnings": {
      "large_rot_frame": true,
      "small_air_mask": false
    },
    "webapi_port": null,
    "webapi_url": "https://mriqc.nimh.nih.gov/api/v1"
  },
  "qi_1": 0.0,
  "qi_2": 0.0047531981660258,
  "rpve_csf": 48.053542044639464,
  "rpve_gm": 12.630626894989078,
  "rpve_wm": 15.836249573884595,
  "size_x": 192,
  "size_y": 256,
  "size_z": 256,
  "snr_csf": 2.075477510853338,
  "snr_gm": 13.499977829922985,
  "snr_total": 8.94916324283466,
  "snr_wm": 11.272034387727654,
  "snrd_csf": 24.642169129681914,
  "snrd_gm": 45.08164885512025,
  "snrd_total": 43.84645842640638,
  "snrd_wm": 61.81555729441697,
  "spacing_x": 1.0,
  "spacing_y": 1.0,
  "spacing_z": 1.0,
  "summary_bg_k": 4.945976314761957,
  "summary_bg_mad": 10.598244404399521,
  "summary_bg_mean": 15.840818991648979,
  "summary_bg_median": 14.607614755630493,
  "summary_bg_n": 442595.0,
  "summary_bg_p05": 2.4864025115966797,
  "summary_bg_p95": 36.36363673210144,
  "summary_bg_stdv": 10.810852338527381,
  "summary_csf_k": 15.04524828233156,
  "summary_csf_mad": 129.31010156454852,
  "summary_csf_mean": 433.2677734937791,
  "summary_csf_median": 398.6402526795864,
  "summary_csf_n": 8112.0,
  "summary_csf_p05": 255.44289303123952,
  "summary_csf_p95": 638.1429746091366,
  "summary_csf_stdv": 192.05974471721123,
  "summary_gm_k": 0.02970973914080277,
  "summary_gm_mad": 54.37360172691928,
  "summary_gm_mean": 728.5498439294062,
  "summary_gm_median": 729.2929366827011,
  "summary_gm_n": 73337.0,
  "summary_gm_p05": 638.4615449309349,
  "summary_gm_p95": 815.3069235682487,
  "summary_gm_stdv": 54.02141941641105,
  "summary_wm_k": 0.8942751740482571,
  "summary_wm_mad": 77.64366009310085,
  "summary_wm_mean": 1014.6495954502983,
  "summary_wm_median": 1000.0000101327896,
  "summary_wm_n": 141256.0,
  "summary_wm_p05": 894.7941038608551,
  "summary_wm_p95": 1187.4125994443893,
  "summary_wm_stdv": 88.71481722434922,
  "tpm_overlap_csf": 0.14275288581848145,
  "tpm_overlap_gm": 0.44329914450645447,
  "tpm_overlap_wm": 0.3884810209274292,
  "wm2max": 0.2575826544360832
}