{
  "bids_meta": {
    "AcquisitionMatrixPE": 256,
    "AcquisitionNumber": 1,
    "AcquisitionTime": "14:43:31.107500",
    "BaseResolution": 256,
    "BodyPartExamined": "BRAIN",
    "ConsistencyInfo": "N4_VE11C_LATEST_20160120",
    "ConversionSoftware": "dcm2niix",
    "ConversionSoftwareVersion": "v1.0.20190902",
    "DeviceSerialNumber": "45239",
    "DwellTime": 1.09e-05,
    "EchoTime": 0.00243,
    "FlipAngle": 9,
    "ImageOrientationPatientDICOM": [
      0,
      1,
      0,
      0,
      0,
      -1
    ],
    "ImageType": [
      "ORIGINAL",
      "PRIMARY",
      "M",
      "ND"
    ],
    "ImagingFrequency": 123.186,
    "InPlanePhaseEncodingDirectionDICOM": "ROW",
    "InstitutionAddress": "E_24th_St._100_Austin_Southmiddle_US_78712",
    "InstitutionName": "The_Univ._of_Texas_at_Austin_IRC",
    "InstitutionalDepartmentName": "IRC",
    "InversionTime": 0.9,
    "MRAcquisitionType": "3D",
    "MagneticFieldStrength": 3,
    "Manufacturer": "Siemens",
    "ManufacturersModelName": "Skyra",
    "Modality": "MR",
    "ParallelReductionFactorInPlane": 2,
    "PartialFourier": 1,
    "PatientPosition": "HFS",
    "PercentPhaseFOV": 100,
    "PhaseEncodingSteps": 255,
    "PhaseResolution": 1,
    "PixelBandwidth": 180,
    "ProcedureStepDescription": "Booth_Language",
    "ProtocolName": "MPRAGE",
    "PulseSequenceDetails": "%SiemensSeq%_tfl",
    "ReceiveCoilActiveElements": "HC1-6",
    "ReceiveCoilName": "HeadNeck_64",
    "ReconMatrixPE": 256,
    "RefLinesPE": 24,
    "RepetitionTime": 1.9,
    "SAR": 0.13249,
    "ScanOptions": "IR",
    "ScanningSequence": "GR_IR",
    "SequenceName": "_tfl3d1_16ns",
    "SequenceVariant": "SK_SP_MP",
    "SeriesDescription": "MPRAGE",
    "SeriesNumber": 13,
    "ShiftedAquisitionDate": "1818-11-15 00:00:00",
    "ShimSetting": [
      -2727,
      7934,
      -15901,
      -500,
      562,
      -716,
      -526,
      132
    ],
    "SliceThickness": 1,
    "SoftwareVersions": "syngo_MR_E11",
    "StationName": "AWP45239",
    "TxRefAmp": 333.942,
    "acq_id": "D1S13",
    "dataset": "ds003604",
    "modality": "T1w",
    "session_id": "9",
    "subject_id": "5308"
  },
  "cjv": 0.447004568879439,
  "cnr": 2.904759183333925,
  "efc": 0.5289129960750748,
  "fber": -1.0,
  "fwhm_avg": 4.878133333333333,
  "fwhm_x": 4.93568,
  "fwhm_y": 4.74562,
  "fwhm_z": 4.9531,
  "icvs_csf": 0.1402273760957633,
  "icvs_gm": 0.4525463007326471,
  "icvs_wm": 0.4072263231715896,
  "inu_med": 1.1288405656814575,
  "inu_range": 1.2206652641296385,
  "provenance": {
    "md5sum": "ae5ab4f470dbd51a0972109d4fea870c",
    "settings": {
      "testing": false
    },
    "software": "mriqc",
    "version": "22.0.6",
    "warnings": {
      "large_rot_frame": true,
      "small_air_mask": false
    },
    "webapi_port": null,
    "webapi_url": "https://mriqc.nimh.nih.gov/api/v1"
  },
  "qi_1": 0.0,
  "qi_2": 0.0011692351378453096,
  "rpve_csf": 36.68512924783415,
  "rpve_gm": 12.299724323949109,
  "rpve_wm": 14.673267536577956,
  "size_x": 192,
  "size_y": 256,
  "size_z": 256,
  "snr_csf": 2.8677760858640817,
  "snr_gm": 14.710770406720183,
  "snr_total": 11.135909867446685,
  "snr_wm": 15.829183109755789,
  "snrd_csf": 9.522454261598151,
  "snrd_gm": 20.46357352914065,
  "snrd_total": 19.04713912855156,
  "snrd_wm": 27.15538959491588,
  "spacing_x": 1.0,
  "spacing_y": 1.0,
  "spacing_z": 1.0,
  "summary_bg_k": 7.357559090736839,
  "summary_bg_mad": 0.0,
  "summary_bg_mean": 15.416868786649607,
  "summary_bg_median": 0.0,
  "summary_bg_n": 2221665.0,
  "summary_bg_p05": 0.0,
  "summary_bg_p95": 64.07886534929276,
  "summary_bg_stdv": 24.128437544736897,
  "summary_csf_k": 9.317918099476964,
  "summary_csf_mad": 95.00346792618318,
  "summary_csf_mean": 367.41946357632594,
  "summary_csf_median": 350.70855920016766,
  "summary_csf_n": 21933.0,
  "summary_csf_p05": 201.60196867585182,
  "summary_csf_p95": 571.8792275249953,
  "summary_csf_stdv": 122.29007900590436,
  "summary_gm_k": 0.059939096151192306,
  "summary_gm_mad": 50.79031554515178,
  "summary_gm_mean": 754.5924901290506,
  "summary_gm_median": 753.6660393774509,
  "summary_gm_n": 45377.0,
  "summary_gm_p05": 671.9654860571027,
  "summary_gm_p95": 840.1725075989962,
  "summary_gm_stdv": 51.231697185180145,
  "summary_wm_k": 0.5706540849424306,
  "summary_wm_mad": 59.37716745386449,
  "summary_wm_mean": 1008.6909978073444,
  "summary_wm_median": 1000.1232137978077,
  "summary_wm_n": 188931.0,
  "summary_wm_p05": 920.887232221663,
  "summary_wm_p95": 1127.418344385922,
  "summary_wm_stdv": 63.182070740151865,
  "tpm_overlap_csf": 0.16267341520343045,
  "tpm_overlap_gm": 0.4756029582256091,
  "tpm_overlap_wm": 0.46894409272361104,
  "wm2max": 0.17814797162367063
}