{
  "aor": 0.013561772151898736,
  "aqi": 0.01883789101265823,
  "bids_meta": {
    "AcquisitionMatrixPE": 128,
    "AcquisitionNumber": 1,
    "AcquisitionTime": "10:39:33.130000",
    "BandwidthPerPixelPhaseEncode": 23.321,
    "BaseResolution": 128,
    "BodyPartExamined": "BRAIN",
    "ConsistencyInfo": "N4_VE11C_LATEST_20160120",
    "ConversionSoftware": "dcm2niix",
    "ConversionSoftwareVersion": "v1.0.20190902",
    "DerivedVendorReportedEchoSpacing": 0.000669997,
    "DeviceSerialNumber": "45239",
    "DwellTime": 2.2e-06,
    "EchoTime": 0.03,
    "EchoTrainLength": 63,
    "EffectiveEchoSpacing": 0.000334999,
    "FlipAngle": 80,
    "ImageComments": "Unaliased_MB4_PE4_LB",
    "ImageOrientationPatientDICOM": [
      1,
      0,
      0,
      0,
      1,
      0
    ],
    "ImageType": [
      "ORIGINAL",
      "PRIMARY",
      "M",
      "MB",
      "ND",
      "MOSAIC"
    ],
    "ImagingFrequency": 123.172,
    "InPlanePhaseEncodingDirectionDICOM": "COL",
    "InstitutionAddress": "E_24th_St._100_Austin_Southmiddle_US_78712",
    "InstitutionName": "The_Univ._of_Texas_at_Austin_IRC",
    "InstitutionalDepartmentName": "IRC",
    "Instructions": "In this game you will hear two words one after the other. I want you to answer the question 'Do the two words go together?' For example, some words go together, like 'cat, dog' or 'rose, sunflower', so you would say 'yes', because they go together. Even opposites like 'stop, go' go together because when you think about 'stop', it is easy to think about 'go', so you would say 'yes'. If the two words do not go together, like 'rabbit, spaghetti', you would say 'no' because they do not go together. Now we will try it on the computer. You will hear the two words, and you have to decide 'do the two words go together?' If the answer is 'yes', please press the button under your index finger. If the answer is 'no', press the button under your middle finger. When you hear the shhh sound, press the button under your index finger for 'yes'. You will see a blue circle appearing on the screen. When the circle changes to yellow, that is a reminder to go ahead and give your answer. If you aren’t sure, you can just take your best guess.",
    "MRAcquisitionType": "2D",
    "MagneticFieldStrength": 3,
    "Manufacturer": "Siemens",
    "ManufacturersModelName": "Skyra",
    "Modality": "MR",
    "MultibandAccelerationFactor": 4,
    "ParallelReductionFactorInPlane": 2,
    "PartialFourier": 1,
    "PatientPosition": "HFS",
    "PercentPhaseFOV": 100,
    "PhaseEncodingDirection": "j-",
    "PhaseEncodingSteps": 127,
    "PhaseResolution": 1,
    "PixelBandwidth": 1775,
    "ProcedureStepDescription": "Booth_Language",
    "ProtocolName": "SEM1",
    "PulseSequenceDetails": "%CustomerSeq%_cmrr_mbep2d_bold",
    "ReceiveCoilActiveElements": "HC3-6",
    "ReceiveCoilName": "HeadNeck_64",
    "ReconMatrixPE": 128,
    "RefLinesPE": 58,
    "RepetitionTime": 1.25,
    "SAR": 0.205494,
    "ScanOptions": "FS",
    "ScanningSequence": "EP",
    "SequenceName": "epfid2d1_128",
    "SequenceVariant": "SK_SS",
    "SeriesDescription": "SEM1",
    "SeriesNumber": 15,
    "ShiftedAquisitionDate": "1817-05-19",
    "ShimSetting": [
      -2791,
      7985,
      -15253,
      141,
      313,
      -592,
      -30,
      -300
    ],
    "SliceThickness": 2,
    "SliceTiming": [
      0,
      0.2625,
      0.525,
      0.79,
      1.0525,
      0.0875,
      0.35,
      0.615,
      0.8775,
      1.14,
      0.175,
      0.4375,
      0.7025,
      0.965,
      0,
      0.2625,
      0.525,
      0.79,
      1.0525,
      0.0875,
      0.35,
      0.615,
      0.8775,
      1.14,
      0.175,
      0.4375,
      0.7025,
      0.965,
      0,
      0.2625,
      0.525,
      0.79,
      1.0525,
      0.0875,
      0.35,
      0.615,
      0.8775,
      1.14,
      0.175,
      0.4375,
      0.7025,
      0.965,
      0,
      0.2625,
      0.525,
      0.79,
      1.0525,
      0.0875,
      0.35,
      0.615,
      0.8775,
      1.14,
      0.175,
      0.4375,
      0.7025,
      0.965
    ],
    "SoftwareVersions": "syngo_MR_E11",
    "SpacingBetweenSlices": 2,
    "StationName": "AWP45239",
    "TaskDescription": "Participants were presented through earphones with two sequentially presented one-syllable words. The task included three different experimental conditions: two related conditions in which the two words had a low (S_L) or a high semantic association (S_H) and one unrelated condition in which the two words were not related in their meaning (S_U). The three word-conditions were designed according to the following standards. The related conditions were based on the association strength values from the University of South Florida Free Association Norms (Nelson et al., 2004). The high association condition was defined as an association of 0.40-0.85 (M=0.64, SD=0.13) between the two words in the trial (e.g., SYRUP – PANCAKE). The low association condition was defined as an association of 0.14-0.39 (M=0.27, SD=0.07) between the two words in the trial (e.g., WATER – DRINK). In the unrelated condition, the two words had zero semantic association (e.g., FLUSH – CLIFF). Stimuli were matched across conditions for written word frequency, number of morphemes, and orthographic, phonological and semantic neighbors. In addition to the three experimental conditions, the task included a perceptual/motor control condition (S_C) in which participants heard two sequentially presented frequency modulated noise sounds and were asked to press ‘yes’ whenever they heard the “sh-shh” sound. Participants completed two runs of the task with 12 trials per condition per run for a total of 24 stimuli for each of the four conditions. The task included a total number of 96 trials divided into two separate 48 trials runs titled task-Sem_run-01 and task-Sem_run-02. Stimuli duration ranged between 1500 and 1865 ms and was followed by a jittered response interval between 1800 and 2701 ms. A blue circle appeared simultaneous to the auditory presentation of the stimuli, to help maintain attention in the task. The blue circle changed to yellow to provide an approximately 1000ms warning for the participants to respond, if they hadn’t already, before moving on to the next trial. Total trial duration ranged from 3300 - 4565ms. All the individual words were recorded by a single voice in a sound booth, and the duration of each word was controlled (using Praat software) to be in the range of 500 to 700ms. Responses were recorded in two windows. Window 1 consisted of the first 750ms of the trial and window 2 begins after window 1 until the end of the trial. Word pairs were combined into one stimuli file, adding a pause after the first word so that the second word began approximately 1000ms after the onset of the first word.",
    "TaskName": "Meaning Task",
    "TotalReadoutTime": 0.0425448,
    "TxRefAmp": 318.666,
    "WipMemBlock": "af01f5ee-36c2-4aed-b74f-a6492f16efab||Sequence: R016 ve11c/master r/e634e98; Dec 19 2017 11:00:25 by eja",
    "acq_id": "D2S15",
    "dataset": "ds003604",
    "modality": "bold",
    "run_id": 1,
    "session_id": "7",
    "subject_id": "5457",
    "task_id": "Sem"
  },
  "dummy_trs": 0,
  "dvars_nstd": 81.53961220509554,
  "dvars_std": 1.197595079490446,
  "dvars_vstd": 1.1193829078343946,
  "efc": 0.41184530695538335,
  "fber": 2551.267578125,
  "fd_mean": 0.7112356775728009,
  "fd_num": 132,
  "fd_perc": 83.54430379746836,
  "fwhm_avg": 3.750555,
  "fwhm_x": 3.553685,
  "fwhm_y": 3.73519,
  "fwhm_z": 3.96279,
  "gcor": 0.0240052,
  "gsr_x": -0.020222878083586693,
  "gsr_y": 0.012555857188999653,
  "provenance": {
    "md5sum": "2bc8ca8b775ab50e055d43b96e566ee3",
    "settings": {
      "fd_thres": 0.2,
      "testing": false
    },
    "software": "mriqc",
    "version": "22.0.6",
    "webapi_port": null,
    "webapi_url": "https://mriqc.nimh.nih.gov/api/v1"
  },
  "size_t": 158,
  "size_x": 128,
  "size_y": 128,
  "size_z": 56,
  "snr": 2.0210917078476593,
  "spacing_tr": 1.25,
  "spacing_x": 2.0,
  "spacing_y": 2.0,
  "spacing_z": 2.0,
  "summary_bg_k": 64.19933315410245,
  "summary_bg_mad": 4.194450633895709,
  "summary_bg_mean": 23.645666122436523,
  "summary_bg_median": 11.734177589416504,
  "summary_bg_n": 681994.0,
  "summary_bg_p05": 8.44936752319336,
  "summary_bg_p95": 77.01487350463853,
  "summary_bg_stdv": 43.13850402832031,
  "summary_fg_k": 1.4545729795913473,
  "summary_fg_mad": 232.82483361909473,
  "summary_fg_mean": 673.6600341796875,
  "summary_fg_median": 595.9367065429688,
  "summary_fg_n": 135477.0,
  "summary_fg_p05": 346.9683532714844,
  "summary_fg_p95": 1282.9961914062499,
  "summary_fg_stdv": 294.85772705078125,
  "tsnr": 18.364593427395448
}