{
  "bids_meta": {
    "AcquisitionMatrixPE": 256,
    "AcquisitionNumber": 1,
    "AcquisitionTime": "13:26:36.365000",
    "BaseResolution": 256,
    "BodyPartExamined": "BRAIN",
    "ConsistencyInfo": "N4_VE11A_LATEST_20140830",
    "ConversionSoftware": "dcm2niix",
    "ConversionSoftwareVersion": "v1.0.20190902",
    "DeviceSerialNumber": "45239",
    "DwellTime": 1.09e-05,
    "EchoTime": 0.00243,
    "FlipAngle": 9,
    "ImageOrientationPatientDICOM": [
      0,
      1,
      0,
      0,
      0,
      -1
    ],
    "ImageType": [
      "ORIGINAL",
      "PRIMARY",
      "M",
      "ND"
    ],
    "ImagingFrequency": 123.225,
    "InPlanePhaseEncodingDirectionDICOM": "ROW",
    "InstitutionAddress": "E_24th_St._100_Austin_Southmiddle_US_78712",
    "InstitutionName": "The_Univ._of_Texas_at_Austin_IRC",
    "InstitutionalDepartmentName": "IRC",
    "InversionTime": 0.9,
    "MRAcquisitionType": "3D",
    "MagneticFieldStrength": 3,
    "Manufacturer": "Siemens",
    "ManufacturersModelName": "Skyra",
    "Modality": "MR",
    "ParallelReductionFactorInPlane": 2,
    "PartialFourier": 1,
    "PatientPosition": "HFS",
    "PercentPhaseFOV": 100,
    "PhaseEncodingSteps": 255,
    "PhaseResolution": 1,
    "PixelBandwidth": 180,
    "ProcedureStepDescription": "Booth_Language",
    "ProtocolName": "MPRAGE",
    "PulseSequenceDetails": "%SiemensSeq%_tfl",
    "ReceiveCoilActiveElements": "HC1-6",
    "ReceiveCoilName": "HeadNeck_64",
    "ReconMatrixPE": 256,
    "RefLinesPE": 24,
    "RepetitionTime": 1.9,
    "SAR": 0.222026,
    "ScanOptions": "IR",
    "ScanningSequence": "GR_IR",
    "SequenceName": "_tfl3d1_16ns",
    "SequenceVariant": "SK_SP_MP",
    "SeriesDescription": "MPRAGE",
    "SeriesNumber": 15,
    "ShiftedAquisitionDate": "1816-11-01 00:00:00",
    "ShimSetting": [
      -2851,
      8065,
      -15920,
      -530,
      404,
      -610,
      -324,
      -43
    ],
    "SliceThickness": 1,
    "SoftwareVersions": "syngo_MR_E11",
    "StationName": "AWP45239",
    "TxRefAmp": 360.585,
    "acq_id": "D1S15",
    "dataset": "ds003604",
    "modality": "T1w",
    "session_id": "7",
    "subject_id": "5163"
  },
  "cjv": 0.48606132396625545,
  "cnr": 2.8685126070648264,
  "efc": 0.5151845090536512,
  "fber": 19416.980975029728,
  "fwhm_avg": 5.750053333333333,
  "fwhm_x": 5.9818,
  "fwhm_y": 5.12353,
  "fwhm_z": 6.14483,
  "icvs_csf": 0.11867786974548755,
  "icvs_gm": 0.48233133041595755,
  "icvs_wm": 0.39899079983855484,
  "inu_med": 0.9631299376487732,
  "inu_range": 1.241514885425567,
  "provenance": {
    "md5sum": "591504ddf562bb2145d5be01ad0628cf",
    "settings": {
      "testing": false
    },
    "software": "mriqc",
    "version": "22.0.6",
    "warnings": {
      "large_rot_frame": true,
      "small_air_mask": false
    },
    "webapi_port": null,
    "webapi_url": "https://mriqc.nimh.nih.gov/api/v1"
  },
  "qi_1": 0.0,
  "qi_2": 0.004415674669679253,
  "rpve_csf": 44.87176980725368,
  "rpve_gm": 12.533808095119317,
  "rpve_wm": 15.405758679999554,
  "size_x": 192,
  "size_y": 256,
  "size_z": 256,
  "snr_csf": 1.9809503027966566,
  "snr_gm": 18.08495962020618,
  "snr_total": 11.952950304504123,
  "snr_wm": 15.792940990509537,
  "snrd_csf": 23.343323706656346,
  "snrd_gm": 48.55600415344441,
  "snrd_total": 44.76142483956784,
  "snrd_wm": 62.38494665860276,
  "spacing_x": 1.0,
  "spacing_y": 1.0,
  "spacing_z": 1.0,
  "summary_bg_k": 13.861844777449665,
  "summary_bg_mad": 0.0,
  "summary_bg_mean": 6.997627321192081,
  "summary_bg_median": 0.0,
  "summary_bg_n": 2664355.0,
  "summary_bg_p05": 0.0,
  "summary_bg_p95": 28.10691547393799,
  "summary_bg_stdv": 10.502237207147546,
  "summary_csf_k": 27.681222558489193,
  "summary_csf_mad": 104.28057381614485,
  "summary_csf_mean": 400.96190288385833,
  "summary_csf_median": 374.2077569961548,
  "summary_csf_n": 15069.0,
  "summary_csf_p05": 171.70018658638,
  "summary_csf_p95": 660.360956740379,
  "summary_csf_stdv": 188.89688438208913,
  "summary_gm_k": 0.03955653313254581,
  "summary_gm_mad": 42.999139644071484,
  "summary_gm_mean": 778.0639214121735,
  "summary_gm_median": 778.3824459314346,
  "summary_gm_n": 67994.0,
  "summary_gm_p05": 706.8062567710876,
  "summary_gm_p95": 847.7541711330414,
  "summary_gm_stdv": 43.0400033149826,
  "summary_wm_k": -0.012510787115223465,
  "summary_wm_mad": 64.75404877515753,
  "summary_wm_mean": 1005.6547743757976,
  "summary_wm_median": 1000.0688527822495,
  "summary_wm_n": 160944.0,
  "summary_wm_p05": 912.648078918457,
  "summary_wm_p95": 1119.523243546486,
  "summary_wm_stdv": 63.32359162830074,
  "tpm_overlap_csf": 0.1322907230268295,
  "tpm_overlap_gm": 0.4703494194714041,
  "tpm_overlap_wm": 0.43379359875245566,
  "wm2max": 0.35166999522140896
}