{
  "bids_meta": {
    "AcquisitionMatrixPE": 256,
    "AcquisitionNumber": 1,
    "AcquisitionTime": "13:39:50.202500",
    "BaseResolution": 256,
    "BodyPartExamined": "BRAIN",
    "ConsistencyInfo": "N4_VE11A_LATEST_20140830",
    "ConversionSoftware": "dcm2niix",
    "ConversionSoftwareVersion": "v1.0.20190902",
    "DeviceSerialNumber": "45239",
    "DwellTime": 1.09e-05,
    "EchoTime": 0.00243,
    "FlipAngle": 9,
    "ImageOrientationPatientDICOM": [
      0,
      1,
      0,
      0,
      0,
      -1
    ],
    "ImageType": [
      "ORIGINAL",
      "PRIMARY",
      "M",
      "ND"
    ],
    "ImagingFrequency": 123.225,
    "InPlanePhaseEncodingDirectionDICOM": "ROW",
    "InstitutionAddress": "E_24th_St._100_Austin_Southmiddle_US_78712",
    "InstitutionName": "The_Univ._of_Texas_at_Austin_IRC",
    "InstitutionalDepartmentName": "IRC",
    "InversionTime": 0.9,
    "MRAcquisitionType": "3D",
    "MagneticFieldStrength": 3,
    "Manufacturer": "Siemens",
    "ManufacturersModelName": "Skyra",
    "Modality": "MR",
    "ParallelReductionFactorInPlane": 2,
    "PartialFourier": 1,
    "PatientPosition": "HFS",
    "PercentPhaseFOV": 100,
    "PhaseEncodingSteps": 255,
    "PhaseResolution": 1,
    "PixelBandwidth": 180,
    "ProcedureStepDescription": "Booth_Language",
    "ProtocolName": "MPRAGE",
    "PulseSequenceDetails": "%SiemensSeq%_tfl",
    "ReceiveCoilActiveElements": "HC1-6",
    "ReceiveCoilName": "HeadNeck_64",
    "ReconMatrixPE": 256,
    "RefLinesPE": 24,
    "RepetitionTime": 1.9,
    "SAR": 0.248179,
    "ScanOptions": "IR",
    "ScanningSequence": "GR_IR",
    "SequenceName": "_tfl3d1_16ns",
    "SequenceVariant": "SK_SP_MP",
    "SeriesDescription": "MPRAGE",
    "SeriesNumber": 2,
    "ShiftedAquisitionDate": "1817-07-14 00:00:00",
    "ShimSetting": [
      -2849,
      8055,
      -15936,
      -670,
      286,
      -583,
      -301,
      11
    ],
    "SliceThickness": 1,
    "SoftwareVersions": "syngo_MR_E11",
    "StationName": "AWP45239",
    "TxRefAmp": 377.141,
    "acq_id": "D1S2",
    "dataset": "ds003604",
    "modality": "T1w",
    "session_id": "7",
    "subject_id": "5194"
  },
  "cjv": 0.4224195911992859,
  "cnr": 3.1987078390423185,
  "efc": 0.5097230683914412,
  "fber": -1.0,
  "fwhm_avg": 5.405366666666667,
  "fwhm_x": 5.65326,
  "fwhm_y": 4.97263,
  "fwhm_z": 5.59021,
  "icvs_csf": 0.11863587259073292,
  "icvs_gm": 0.47270577789966417,
  "icvs_wm": 0.40865834950960295,
  "inu_med": 0.9871138334274292,
  "inu_range": 1.2463593930006027,
  "provenance": {
    "md5sum": "48c41e3aac9817cbca0a6d4b5018ba93",
    "settings": {
      "testing": false
    },
    "software": "mriqc",
    "version": "22.0.6",
    "warnings": {
      "large_rot_frame": true,
      "small_air_mask": false
    },
    "webapi_port": null,
    "webapi_url": "https://mriqc.nimh.nih.gov/api/v1"
  },
  "qi_1": 5.8444978444613584e-05,
  "qi_2": 0.0027525934126682865,
  "rpve_csf": 46.74450180537734,
  "rpve_gm": 13.13921824641892,
  "rpve_wm": 15.927512827326806,
  "size_x": 192,
  "size_y": 256,
  "size_z": 256,
  "snr_csf": 2.4286888949004033,
  "snr_gm": 16.237415330713805,
  "snr_total": 11.64169812230856,
  "snr_wm": 16.258990141311465,
  "snrd_csf": 20.081945138938245,
  "snrd_gm": 41.98616139024472,
  "snrd_total": 39.32483238232358,
  "snrd_wm": 55.90639061778777,
  "spacing_x": 1.0,
  "spacing_y": 1.0,
  "spacing_z": 1.0,
  "summary_bg_k": 22.27111812081327,
  "summary_bg_mad": 0.0,
  "summary_bg_mean": 6.705414541171164,
  "summary_bg_median": 0.0,
  "summary_bg_n": 2741579.0,
  "summary_bg_p05": 0.0,
  "summary_bg_p95": 27.702478177845478,
  "summary_bg_stdv": 11.718452314736009,
  "summary_csf_k": 16.154942301746782,
  "summary_csf_mad": 104.29677318202778,
  "summary_csf_mean": 372.31244044732307,
  "summary_csf_median": 359.20659651607275,
  "summary_csf_n": 12364.0,
  "summary_csf_p05": 161.2198279540986,
  "summary_csf_p95": 590.9322066392749,
  "summary_csf_stdv": 147.89546354266758,
  "summary_gm_k": 0.12380893377370761,
  "summary_gm_mad": 45.97291975786751,
  "summary_gm_mean": 750.9147408143833,
  "summary_gm_median": 751.0082329884171,
  "summary_gm_n": 53706.0,
  "summary_gm_p05": 675.0412940233946,
  "summary_gm_p95": 825.9834364578128,
  "summary_gm_stdv": 46.25127988742527,
  "summary_wm_k": 0.2970800433014307,
  "summary_wm_mad": 59.206062971752615,
  "summary_wm_mean": 1007.6612618994542,
  "summary_wm_median": 999.9999580904841,
  "summary_wm_n": 164553.0,
  "summary_wm_p05": 920.1983085423708,
  "summary_wm_p95": 1121.5867298543453,
  "summary_wm_stdv": 61.50424539654943,
  "tpm_overlap_csf": 0.12187671630557607,
  "tpm_overlap_gm": 0.4551149458380394,
  "tpm_overlap_wm": 0.43265262953724826,
  "wm2max": 0.29080945971928474
}