{
  "aor": 0.0012311320754716981,
  "aqi": 0.013402362216981134,
  "bids_meta": {
    "AcquisitionMatrixPE": 128,
    "AcquisitionNumber": 1,
    "AcquisitionTime": "11:33:8.927500",
    "BandwidthPerPixelPhaseEncode": 23.321,
    "BaseResolution": 128,
    "BodyPartExamined": "BRAIN",
    "ConsistencyInfo": "N4_VE11A_LATEST_20140830",
    "ConversionSoftware": "dcm2niix",
    "ConversionSoftwareVersion": "v1.0.20190902",
    "DerivedVendorReportedEchoSpacing": 0.000669997,
    "DeviceSerialNumber": "45239",
    "DwellTime": 2.2e-06,
    "EchoTime": 0.03,
    "EchoTrainLength": 63,
    "EffectiveEchoSpacing": 0.000334999,
    "FlipAngle": 80,
    "ImageComments": "Unaliased_MB4_PE4_LB",
    "ImageOrientationPatientDICOM": [
      1,
      0,
      0,
      0,
      1,
      0
    ],
    "ImageType": [
      "ORIGINAL",
      "PRIMARY",
      "M",
      "MB",
      "ND",
      "MOSAIC"
    ],
    "ImagingFrequency": 123.225,
    "InPlanePhaseEncodingDirectionDICOM": "COL",
    "InstitutionAddress": "E_24th_St._100_Austin_Southmiddle_US_78712",
    "InstitutionName": "The_Univ._of_Texas_at_Austin_IRC",
    "InstitutionalDepartmentName": "IRC",
    "MRAcquisitionType": "2D",
    "MagneticFieldStrength": 3,
    "Manufacturer": "Siemens",
    "ManufacturersModelName": "Skyra",
    "Modality": "MR",
    "MultibandAccelerationFactor": 4,
    "ParallelReductionFactorInPlane": 2,
    "PartialFourier": 1,
    "PatientPosition": "HFS",
    "PercentPhaseFOV": 100,
    "PhaseEncodingDirection": "j-",
    "PhaseEncodingSteps": 127,
    "PhaseResolution": 1,
    "PixelBandwidth": 1775,
    "ProcedureStepDescription": "Booth_Language",
    "ProtocolName": "Plaus2",
    "PulseSequenceDetails": "%CustomerSeq%_cmrr_mbep2d_bold",
    "ReceiveCoilActiveElements": "HC1-6",
    "ReceiveCoilName": "HeadNeck_64",
    "ReconMatrixPE": 128,
    "RefLinesPE": 58,
    "RepetitionTime": 1.25,
    "SAR": 0.328564,
    "ScanOptions": "FS",
    "ScanningSequence": "EP",
    "SequenceName": "epfid2d1_128",
    "SequenceVariant": "SK_SS",
    "SeriesDescription": "Plaus2",
    "SeriesNumber": 8,
    "ShiftedAquisitionDate": "1817-02-16",
    "ShimSetting": [
      -2922,
      7818,
      -15353,
      70,
      322,
      -772,
      266,
      -283
    ],
    "SliceThickness": 2,
    "SliceTiming": [
      0,
      0.265,
      0.5275,
      0.7925,
      1.055,
      0.09,
      0.3525,
      0.615,
      0.88,
      1.1425,
      0.1775,
      0.44,
      0.705,
      0.9675,
      0,
      0.265,
      0.5275,
      0.7925,
      1.055,
      0.09,
      0.3525,
      0.615,
      0.88,
      1.1425,
      0.1775,
      0.44,
      0.705,
      0.9675,
      0,
      0.265,
      0.5275,
      0.7925,
      1.055,
      0.09,
      0.3525,
      0.615,
      0.88,
      1.1425,
      0.1775,
      0.44,
      0.705,
      0.9675,
      0,
      0.265,
      0.5275,
      0.7925,
      1.055,
      0.09,
      0.3525,
      0.615,
      0.88,
      1.1425,
      0.1775,
      0.44,
      0.705,
      0.9675
    ],
    "SoftwareVersions": "syngo_MR_E11",
    "SpacingBetweenSlices": 2,
    "StationName": "AWP45239",
    "TotalReadoutTime": 0.0425448,
    "TxRefAmp": 337.084,
    "WipMemBlock": "ac8210d8-4f82-45bf-8223-2ece1c3f7d2b||Sequence: ve11a/master r/5a7612f; Mar  3 2017 11:38:58 by eja",
    "acq_id": "D2S8",
    "dataset": "ds003604",
    "modality": "bold",
    "run_id": 2,
    "session_id": "7",
    "subject_id": "5160",
    "task_id": "Plaus"
  },
  "dummy_trs": 0,
  "dvars_nstd": 54.84285144895735,
  "dvars_std": 1.0724700184834122,
  "dvars_vstd": 0.9961752178199049,
  "efc": 0.4159829338501215,
  "fber": 2379.5107421875,
  "fd_mean": 0.23882337059504485,
  "fd_num": 136,
  "fd_perc": 64.15094339622641,
  "fwhm_avg": 3.4690483333333333,
  "fwhm_x": 3.22508,
  "fwhm_y": 3.56404,
  "fwhm_z": 3.618025,
  "gcor": 0.00206347,
  "gsr_x": -0.02273370511829853,
  "gsr_y": 0.01880699023604393,
  "provenance": {
    "md5sum": "04e6acb7ee170545500496d6feeb4235",
    "settings": {
      "fd_thres": 0.2,
      "testing": false
    },
    "software": "mriqc",
    "version": "23.0.1",
    "webapi_port": null,
    "webapi_url": "https://mriqc.nimh.nih.gov/api/v1"
  },
  "size_t": 212,
  "size_x": 128,
  "size_y": 128,
  "size_z": 56,
  "snr": 2.367805819210201,
  "spacing_tr": 1.25,
  "spacing_x": 2.0,
  "spacing_y": 2.0,
  "spacing_z": 2.0,
  "summary_bg_k": 59.28853065387233,
  "summary_bg_mad": 3.776439426430541,
  "summary_bg_mean": 23.294742584228516,
  "summary_bg_median": 12.155660629272461,
  "summary_bg_n": 688156.0,
  "summary_bg_p05": 8.948113441467285,
  "summary_bg_p95": 71.58490753173828,
  "summary_bg_stdv": 41.313873291015625,
  "summary_fg_k": 2.7277362601570214,
  "summary_fg_mad": 214.0471661532818,
  "summary_fg_mean": 638.9061889648438,
  "summary_fg_median": 589.6085205078125,
  "summary_fg_n": 130778.0,
  "summary_fg_p05": 339.9851348876953,
  "summary_fg_p95": 1115.8889648437498,
  "summary_fg_stdv": 249.00955200195312,
  "tsnr": 24.383873217157088
}