{
  "bids_meta": {
    "AcquisitionMatrixPE": 256,
    "AcquisitionNumber": 1,
    "AcquisitionTime": "16:12:54.702500",
    "BaseResolution": 256,
    "BodyPartExamined": "BRAIN",
    "ConsistencyInfo": "N4_VE11A_LATEST_20140830",
    "ConversionSoftware": "dcm2niix",
    "ConversionSoftwareVersion": "v1.0.20190902",
    "DeviceSerialNumber": "45239",
    "DwellTime": 1.09e-05,
    "EchoTime": 0.00243,
    "FlipAngle": 9,
    "ImageOrientationPatientDICOM": [
      0,
      1,
      0,
      0,
      0,
      -1
    ],
    "ImageType": [
      "ORIGINAL",
      "PRIMARY",
      "M",
      "ND"
    ],
    "ImagingFrequency": 123.225,
    "InPlanePhaseEncodingDirectionDICOM": "ROW",
    "InstitutionAddress": "E_24th_St._100_Austin_Southmiddle_US_78712",
    "InstitutionName": "The_Univ._of_Texas_at_Austin_IRC",
    "InstitutionalDepartmentName": "IRC",
    "InversionTime": 0.9,
    "MRAcquisitionType": "3D",
    "MagneticFieldStrength": 3,
    "Manufacturer": "Siemens",
    "ManufacturersModelName": "Skyra",
    "Modality": "MR",
    "ParallelReductionFactorInPlane": 2,
    "PartialFourier": 1,
    "PatientPosition": "HFS",
    "PercentPhaseFOV": 100,
    "PhaseEncodingSteps": 255,
    "PhaseResolution": 1,
    "PixelBandwidth": 180,
    "ProcedureStepDescription": "Booth_Language",
    "ProtocolName": "MPRAGE",
    "PulseSequenceDetails": "%SiemensSeq%_tfl",
    "ReceiveCoilActiveElements": "HC1-6",
    "ReceiveCoilName": "HeadNeck_64",
    "ReconMatrixPE": 256,
    "RefLinesPE": 24,
    "RepetitionTime": 1.9,
    "SAR": 0.223947,
    "ScanOptions": "IR",
    "ScanningSequence": "GR_IR",
    "SequenceName": "_tfl3d1_16ns",
    "SequenceVariant": "SK_SP_MP",
    "SeriesDescription": "MPRAGE",
    "SeriesNumber": 2,
    "ShiftedAquisitionDate": "1817-01-28 00:00:00",
    "ShimSetting": [
      -2851,
      8065,
      -15920,
      -530,
      404,
      -610,
      -324,
      -43
    ],
    "SliceThickness": 1,
    "SoftwareVersions": "syngo_MR_E11",
    "StationName": "AWP45239",
    "TxRefAmp": 348.756,
    "acq_id": "D1S2",
    "dataset": "ds003604",
    "modality": "T1w",
    "session_id": "7",
    "subject_id": "5103"
  },
  "cjv": 0.52784526790971,
  "cnr": 1.86675605846094,
  "efc": 0.4844016468280347,
  "fber": 2487.4032951870786,
  "fwhm_avg": 4.845256666666667,
  "fwhm_x": 5.65602,
  "fwhm_y": 3.70322,
  "fwhm_z": 5.17653,
  "icvs_csf": 0.14710578397880855,
  "icvs_gm": 0.5494360399831593,
  "icvs_wm": 0.3034581760380322,
  "inu_med": 1.3151706457138062,
  "inu_range": 0.9708952665328978,
  "provenance": {
    "md5sum": "e5130902867c1c2947c26514293adc3d",
    "settings": {
      "testing": false
    },
    "software": "mriqc",
    "version": "21.0.0rc2",
    "warnings": {
      "large_rot_frame": true,
      "small_air_mask": false
    },
    "webapi_port": null,
    "webapi_url": "https://mriqc.nimh.nih.gov/api/v1"
  },
  "qi_1": 0.0,
  "qi_2": 0.0029112331292604006,
  "rpve_csf": 37.06977143788236,
  "rpve_gm": 11.324395806669113,
  "rpve_wm": 18.276792770454286,
  "size_x": 192,
  "size_y": 256,
  "size_z": 256,
  "snr_csf": 0.9148015739357312,
  "snr_gm": 10.9893100255753,
  "snr_total": 6.559846798198887,
  "snr_wm": 7.775428795085629,
  "snrd_csf": 97.82470569667119,
  "snrd_gm": 62.04964393431649,
  "snrd_total": 81.66109904961348,
  "snrd_wm": 85.10894751785277,
  "spacing_x": 1.0,
  "spacing_y": 1.0,
  "spacing_z": 1.0,
  "summary_bg_k": 7.510029356875737,
  "summary_bg_mad": 7.697620305882666,
  "summary_bg_mean": 15.500385286993621,
  "summary_bg_median": 12.84328430891037,
  "summary_bg_n": 2800693.0,
  "summary_bg_p05": 2.595982998609543,
  "summary_bg_p95": 35.66060855984688,
  "summary_bg_stdv": 11.11902988801607,
  "summary_csf_k": 0.1441988572688091,
  "summary_csf_mad": 1227.8717232659942,
  "summary_csf_mean": 1504.472211042842,
  "summary_csf_median": 1149.4056303054094,
  "summary_csf_n": 25232.0,
  "summary_csf_p05": 261.5111294388771,
  "summary_csf_p95": 3773.527718313038,
  "summary_csf_stdv": 1256.4285918205721,
  "summary_gm_k": 1.664915013889539,
  "summary_gm_mad": 62.99894513498708,
  "summary_gm_mean": 729.7351885056612,
  "summary_gm_median": 729.0613305568695,
  "summary_gm_n": 97496.0,
  "summary_gm_p05": 622.7626582980156,
  "summary_gm_p95": 836.3164176046848,
  "summary_gm_stdv": 66.34243550515076,
  "summary_wm_k": 1.7607443111783274,
  "summary_wm_mad": 80.01473739009614,
  "summary_wm_mean": 1042.4149422134847,
  "summary_wm_median": 999.9999772012234,
  "summary_wm_n": 56102.0,
  "summary_wm_p05": 905.9980665147305,
  "summary_wm_p95": 1311.3744748160238,
  "summary_wm_stdv": 128.60912126872068,
  "tpm_overlap_csf": 0.13816587626934052,
  "tpm_overlap_gm": 0.4451383948326111,
  "tpm_overlap_wm": 0.3372723460197449,
  "wm2max": 0.20727252131063975
}