{
  "bids_meta": {
    "AcquisitionMatrixPE": 256,
    "AcquisitionNumber": 1,
    "AcquisitionTime": "15:11:25.530000",
    "BaseResolution": 256,
    "BodyPartExamined": "BRAIN",
    "ConsistencyInfo": "N4_VE11A_LATEST_20140830",
    "ConversionSoftware": "dcm2niix",
    "ConversionSoftwareVersion": "v1.0.20190902",
    "DeviceSerialNumber": "45239",
    "DwellTime": 1.09e-05,
    "EchoTime": 0.00243,
    "FlipAngle": 9,
    "ImageOrientationPatientDICOM": [
      0,
      1,
      0,
      0,
      0,
      -1
    ],
    "ImageType": [
      "ORIGINAL",
      "PRIMARY",
      "M",
      "ND"
    ],
    "ImagingFrequency": 123.224,
    "InPlanePhaseEncodingDirectionDICOM": "ROW",
    "InstitutionAddress": "E_24th_St._100_Austin_Southmiddle_US_78712",
    "InstitutionName": "The_Univ._of_Texas_at_Austin_IRC",
    "InstitutionalDepartmentName": "IRC",
    "InversionTime": 0.9,
    "MRAcquisitionType": "3D",
    "MagneticFieldStrength": 3,
    "Manufacturer": "Siemens",
    "ManufacturersModelName": "Skyra",
    "Modality": "MR",
    "ParallelReductionFactorInPlane": 2,
    "PartialFourier": 1,
    "PatientPosition": "HFS",
    "PercentPhaseFOV": 100,
    "PhaseEncodingSteps": 255,
    "PhaseResolution": 1,
    "PixelBandwidth": 180,
    "ProcedureStepDescription": "Booth_Language",
    "ProtocolName": "MPRAGE",
    "PulseSequenceDetails": "%SiemensSeq%_tfl",
    "ReceiveCoilActiveElements": "HC1-6",
    "ReceiveCoilName": "HeadNeck_64",
    "ReconMatrixPE": 256,
    "RefLinesPE": 24,
    "RepetitionTime": 1.9,
    "SAR": 0.246623,
    "ScanOptions": "IR",
    "ScanningSequence": "GR_IR",
    "SequenceName": "_tfl3d1_16ns",
    "SequenceVariant": "SK_SP_MP",
    "SeriesDescription": "MPRAGE",
    "SeriesNumber": 2,
    "ShiftedAquisitionDate": "1816-05-14 00:00:00",
    "ShimSetting": [
      -2849,
      8022,
      -16018,
      -1233,
      -75,
      -527,
      -219,
      169
    ],
    "SliceThickness": 1,
    "SoftwareVersions": "syngo_MR_E11",
    "StationName": "AWP45239",
    "TxRefAmp": 334.152,
    "acq_id": "D1S2",
    "dataset": "ds003604",
    "modality": "T1w",
    "session_id": "5",
    "subject_id": "5344"
  },
  "cjv": 0.4684818396025464,
  "cnr": 2.8721482270642853,
  "efc": 0.5356764423018704,
  "fber": -1.0,
  "fwhm_avg": 6.675846666666666,
  "fwhm_x": 6.95893,
  "fwhm_y": 6.11336,
  "fwhm_z": 6.95525,
  "icvs_csf": 0.11854906876963886,
  "icvs_gm": 0.4719474001525117,
  "icvs_wm": 0.4095035310778494,
  "inu_med": 0.94142085313797,
  "inu_range": 1.3907638311386106,
  "provenance": {
    "md5sum": "03c64e46304d198aa54271b496096590",
    "settings": {
      "testing": false
    },
    "software": "mriqc",
    "version": "22.0.6",
    "warnings": {
      "large_rot_frame": true,
      "small_air_mask": false
    },
    "webapi_port": null,
    "webapi_url": "https://mriqc.nimh.nih.gov/api/v1"
  },
  "qi_1": 0.0,
  "qi_2": 0.0022899943636934036,
  "rpve_csf": 49.56543438370033,
  "rpve_gm": 13.92967499002005,
  "rpve_wm": 16.733299246739968,
  "size_x": 192,
  "size_y": 256,
  "size_z": 256,
  "snr_csf": 2.343842932467318,
  "snr_gm": 17.353255657883068,
  "snr_total": 11.680750538207185,
  "snr_wm": 15.345153024271172,
  "snrd_csf": 21.944678612573373,
  "snrd_gm": 45.653186077434846,
  "snrd_total": 42.26440231487103,
  "snrd_wm": 59.19534225460485,
  "spacing_x": 1.0,
  "spacing_y": 1.0,
  "spacing_z": 1.0,
  "summary_bg_k": 11.976106944885393,
  "summary_bg_mad": 0.0,
  "summary_bg_mean": 6.820231183137897,
  "summary_bg_median": 0.0,
  "summary_bg_n": 2083882.0,
  "summary_bg_p05": 0.0,
  "summary_bg_p95": 28.87777930498123,
  "summary_bg_stdv": 11.068092048095187,
  "summary_csf_k": 18.845339412019424,
  "summary_csf_mad": 107.6695732757191,
  "summary_csf_mean": 394.2056997049818,
  "summary_csf_median": 370.7406928539276,
  "summary_csf_n": 11847.0,
  "summary_csf_p05": 212.68912033438684,
  "summary_csf_p95": 620.7078030109406,
  "summary_csf_stdv": 158.16974779320512,
  "summary_gm_k": 0.12224908679173563,
  "summary_gm_mad": 43.887054324342024,
  "summary_gm_mean": 771.4569868452235,
  "summary_gm_median": 771.2800964713097,
  "summary_gm_n": 46891.0,
  "summary_gm_p05": 698.986976981163,
  "summary_gm_p95": 844.4941474199295,
  "summary_gm_stdv": 44.44537022057801,
  "summary_wm_k": 0.22468701467167973,
  "summary_wm_mad": 63.29488501443995,
  "summary_wm_mean": 1009.1034212783313,
  "summary_wm_median": 1000.0657830834389,
  "summary_wm_n": 141972.0,
  "summary_wm_p05": 919.0895955562592,
  "summary_wm_p95": 1132.1536665558815,
  "summary_wm_stdv": 65.17121461366821,
  "tpm_overlap_csf": 0.1438767003475869,
  "tpm_overlap_gm": 0.46076957571557375,
  "tpm_overlap_wm": 0.4325691493559043,
  "wm2max": 0.3104709487730135
}