{
  "aor": 0.007853734177215188,
  "aqi": 0.012253823734177216,
  "bids_meta": {
    "AcquisitionMatrixPE": 128,
    "AcquisitionNumber": 1,
    "AcquisitionTime": "13:25:48.680000",
    "BandwidthPerPixelPhaseEncode": 23.321,
    "BaseResolution": 128,
    "BodyPartExamined": "BRAIN",
    "ConsistencyInfo": "N4_VE11C_LATEST_20160120",
    "ConversionSoftware": "dcm2niix",
    "ConversionSoftwareVersion": "v1.0.20190902",
    "DerivedVendorReportedEchoSpacing": 0.000669997,
    "DeviceSerialNumber": "45239",
    "DwellTime": 2.2e-06,
    "EchoTime": 0.03,
    "EchoTrainLength": 63,
    "EffectiveEchoSpacing": 0.000334999,
    "FlipAngle": 80,
    "ImageComments": "Unaliased_MB4_PE4_LB",
    "ImageOrientationPatientDICOM": [
      1,
      0,
      0,
      0,
      1,
      0
    ],
    "ImageType": [
      "ORIGINAL",
      "PRIMARY",
      "M",
      "MB",
      "ND",
      "MOSAIC"
    ],
    "ImagingFrequency": 123.186,
    "InPlanePhaseEncodingDirectionDICOM": "COL",
    "InstitutionAddress": "E_24th_St._100_Austin_Southmiddle_US_78712",
    "InstitutionName": "The_Univ._of_Texas_at_Austin_IRC",
    "InstitutionalDepartmentName": "IRC",
    "MRAcquisitionType": "2D",
    "MagneticFieldStrength": 3,
    "Manufacturer": "Siemens",
    "ManufacturersModelName": "Skyra",
    "Modality": "MR",
    "MultibandAccelerationFactor": 4,
    "ParallelReductionFactorInPlane": 2,
    "PartialFourier": 1,
    "PatientPosition": "HFS",
    "PercentPhaseFOV": 100,
    "PhaseEncodingDirection": "j-",
    "PhaseEncodingSteps": 127,
    "PhaseResolution": 1,
    "PixelBandwidth": 1775,
    "ProcedureStepDescription": "Booth_Language",
    "ProtocolName": "SEM2",
    "PulseSequenceDetails": "%CustomerSeq%_cmrr_mbep2d_bold",
    "ReceiveCoilActiveElements": "HC3-6",
    "ReceiveCoilName": "HeadNeck_64",
    "ReconMatrixPE": 128,
    "RefLinesPE": 58,
    "RepetitionTime": 1.25,
    "SAR": 0.222796,
    "ScanOptions": "FS",
    "ScanningSequence": "EP",
    "SequenceName": "epfid2d1_128",
    "SequenceVariant": "SK_SS",
    "SeriesDescription": "SEM2",
    "SeriesNumber": 7,
    "ShiftedAquisitionDate": "1819-03-07",
    "ShimSetting": [
      -2702,
      7760,
      -15430,
      34,
      411,
      -962,
      341,
      -80
    ],
    "SliceThickness": 2,
    "SliceTiming": [
      0,
      0.2625,
      0.5275,
      0.79,
      1.055,
      0.0875,
      0.3525,
      0.615,
      0.8775,
      1.1425,
      0.175,
      0.44,
      0.7025,
      0.9675,
      0,
      0.2625,
      0.5275,
      0.79,
      1.055,
      0.0875,
      0.3525,
      0.615,
      0.8775,
      1.1425,
      0.175,
      0.44,
      0.7025,
      0.9675,
      0,
      0.2625,
      0.5275,
      0.79,
      1.055,
      0.0875,
      0.3525,
      0.615,
      0.8775,
      1.1425,
      0.175,
      0.44,
      0.7025,
      0.9675,
      0,
      0.2625,
      0.5275,
      0.79,
      1.055,
      0.0875,
      0.3525,
      0.615,
      0.8775,
      1.1425,
      0.175,
      0.44,
      0.7025,
      0.9675
    ],
    "SoftwareVersions": "syngo_MR_E11",
    "SpacingBetweenSlices": 2,
    "StationName": "AWP45239",
    "TotalReadoutTime": 0.0425448,
    "TxRefAmp": 326.122,
    "WipMemBlock": "ce4b32a5-c6e1-4f07-99a6-d520cda13c63||Sequence: R016 ve11c/master r/e634e98; Dec 19 2017 11:00:25 by eja",
    "acq_id": "D2S7",
    "dataset": "ds003604",
    "modality": "bold",
    "run_id": 2,
    "session_id": "9",
    "subject_id": "5389",
    "task_id": "Sem"
  },
  "dummy_trs": 0,
  "dvars_nstd": 59.314639923566865,
  "dvars_std": 1.1366123175159228,
  "dvars_vstd": 1.052026782547771,
  "efc": 0.4373204558307797,
  "fber": 2884.16162109375,
  "fd_mean": 0.2529870423879705,
  "fd_num": 34,
  "fd_perc": 21.518987341772153,
  "fwhm_avg": 3.358153402364556,
  "fwhm_x": 3.121395,
  "fwhm_y": 3.47861,
  "fwhm_z": 3.4744552070936683,
  "gcor": 0.0180091,
  "gsr_x": -0.017419030889868736,
  "gsr_y": 0.026377618312835693,
  "provenance": {
    "md5sum": "39381fbb139d191d8ff99844b594657d",
    "settings": {
      "fd_thres": 0.2,
      "testing": false
    },
    "software": "mriqc",
    "version": "23.0.1",
    "webapi_port": null,
    "webapi_url": "https://mriqc.nimh.nih.gov/api/v1"
  },
  "size_t": 158,
  "size_x": 128,
  "size_y": 128,
  "size_z": 56,
  "snr": 2.354329935513103,
  "spacing_tr": 1.25,
  "spacing_x": 2.0,
  "spacing_y": 2.0,
  "spacing_z": 1.9999998807907104,
  "summary_bg_k": 110.88196051039642,
  "summary_bg_mad": 3.9504787970396853,
  "summary_bg_mean": 20.926610946655273,
  "summary_bg_median": 11.303797721862793,
  "summary_bg_n": 653347.0,
  "summary_bg_p05": 7.873417854309082,
  "summary_bg_p95": 58.177215576171875,
  "summary_bg_stdv": 40.10419464111328,
  "summary_fg_k": 1.2340406200775966,
  "summary_fg_mad": 240.00333765295227,
  "summary_fg_mean": 661.9517211914062,
  "summary_fg_median": 611.4114379882812,
  "summary_fg_n": 159894.0,
  "summary_fg_p05": 343.9218505859375,
  "summary_fg_p95": 1152.7218750000002,
  "summary_fg_stdv": 259.6957702636719,
  "tsnr": 24.101011006277986
}