{
  "aor": 0.01328972350230415,
  "aqi": 0.012559550000000001,
  "bids_meta": {
    "AcquisitionMatrixPE": 128,
    "AcquisitionNumber": 1,
    "AcquisitionTime": "14:36:24.532500",
    "BandwidthPerPixelPhaseEncode": 23.321,
    "BaseResolution": 128,
    "BodyPartExamined": "BRAIN",
    "ConsistencyInfo": "N4_VE11C_LATEST_20160120",
    "ConversionSoftware": "dcm2niix",
    "ConversionSoftwareVersion": "v1.0.20190902",
    "DerivedVendorReportedEchoSpacing": 0.000669997,
    "DeviceSerialNumber": "45239",
    "DwellTime": 2.2e-06,
    "EchoTime": 0.03,
    "EchoTrainLength": 63,
    "EffectiveEchoSpacing": 0.000334999,
    "FlipAngle": 80,
    "ImageComments": "Unaliased_MB4_PE4_LB",
    "ImageOrientationPatientDICOM": [
      1,
      0,
      0,
      0,
      1,
      0
    ],
    "ImageType": [
      "ORIGINAL",
      "PRIMARY",
      "M",
      "MB",
      "ND",
      "MOSAIC"
    ],
    "ImagingFrequency": 123.186,
    "InPlanePhaseEncodingDirectionDICOM": "COL",
    "InstitutionAddress": "E_24th_St._100_Austin_Southmiddle_US_78712",
    "InstitutionName": "The_Univ._of_Texas_at_Austin_IRC",
    "InstitutionalDepartmentName": "IRC",
    "MRAcquisitionType": "2D",
    "MagneticFieldStrength": 3,
    "Manufacturer": "Siemens",
    "ManufacturersModelName": "Skyra",
    "Modality": "MR",
    "MultibandAccelerationFactor": 4,
    "ParallelReductionFactorInPlane": 2,
    "PartialFourier": 1,
    "PatientPosition": "HFS",
    "PercentPhaseFOV": 100,
    "PhaseEncodingDirection": "j-",
    "PhaseEncodingSteps": 127,
    "PhaseResolution": 1,
    "PixelBandwidth": 1775,
    "ProcedureStepDescription": "Booth_Language",
    "ProtocolName": "Gram1",
    "PulseSequenceDetails": "%CustomerSeq%_cmrr_mbep2d_bold",
    "ReceiveCoilActiveElements": "HC1-6",
    "ReceiveCoilName": "HeadNeck_64",
    "ReconMatrixPE": 128,
    "RefLinesPE": 58,
    "RepetitionTime": 1.25,
    "SAR": 0.220853,
    "ScanOptions": "FS",
    "ScanningSequence": "EP",
    "SequenceName": "epfid2d1_128",
    "SequenceVariant": "SK_SS",
    "SeriesDescription": "Gram1",
    "SeriesNumber": 12,
    "ShiftedAquisitionDate": "1819-03-01",
    "ShimSetting": [
      -2706,
      7915,
      -15486,
      -107,
      278,
      -707,
      -15,
      -159
    ],
    "SliceThickness": 2,
    "SliceTiming": [
      0,
      0.265,
      0.5275,
      0.7925,
      1.055,
      0.0875,
      0.3525,
      0.615,
      0.88,
      1.1425,
      0.1775,
      0.44,
      0.7025,
      0.9675,
      0,
      0.265,
      0.5275,
      0.7925,
      1.055,
      0.0875,
      0.3525,
      0.615,
      0.88,
      1.1425,
      0.1775,
      0.44,
      0.7025,
      0.9675,
      0,
      0.265,
      0.5275,
      0.7925,
      1.055,
      0.0875,
      0.3525,
      0.615,
      0.88,
      1.1425,
      0.1775,
      0.44,
      0.7025,
      0.9675,
      0,
      0.265,
      0.5275,
      0.7925,
      1.055,
      0.0875,
      0.3525,
      0.615,
      0.88,
      1.1425,
      0.1775,
      0.44,
      0.7025,
      0.9675
    ],
    "SoftwareVersions": "syngo_MR_E11",
    "SpacingBetweenSlices": 2,
    "StationName": "AWP45239",
    "TotalReadoutTime": 0.0425448,
    "TxRefAmp": 331.163,
    "WipMemBlock": "432f53a5-1ccd-4999-aab9-5cc8a5be0574||Sequence: R016 ve11c/master r/e634e98; Dec 19 2017 11:00:25 by eja",
    "acq_id": "D1S12",
    "dataset": "ds003604",
    "modality": "bold",
    "run_id": 1,
    "session_id": "9",
    "subject_id": "5389",
    "task_id": "Gram"
  },
  "dummy_trs": 1,
  "dvars_nstd": 63.41411470444444,
  "dvars_std": 1.265536137824074,
  "dvars_vstd": 1.0999966189351853,
  "efc": 0.4310146395216972,
  "fber": 3035.802734375,
  "fd_mean": 0.4102014220977114,
  "fd_num": 125,
  "fd_perc": 57.6036866359447,
  "fwhm_avg": 3.654923333333333,
  "fwhm_x": 3.505565,
  "fwhm_y": 3.78478,
  "fwhm_z": 3.674425,
  "gcor": 0.0416152,
  "gsr_x": -0.02212064154446125,
  "gsr_y": 0.024535758420825005,
  "provenance": {
    "md5sum": "977ad373c1fc4a08c13e5fc3fe0d887b",
    "settings": {
      "fd_thres": 0.2,
      "testing": false
    },
    "software": "mriqc",
    "version": "23.0.1",
    "webapi_port": null,
    "webapi_url": "https://mriqc.nimh.nih.gov/api/v1"
  },
  "size_t": 217,
  "size_x": 128,
  "size_y": 128,
  "size_z": 56,
  "snr": 2.1786035640232546,
  "spacing_tr": 1.25,
  "spacing_x": 2.0,
  "spacing_y": 2.0,
  "spacing_z": 2.0,
  "summary_bg_k": 74.69340197268752,
  "summary_bg_mad": 4.557122439896328,
  "summary_bg_mean": 25.708084106445312,
  "summary_bg_median": 13.119815826416016,
  "summary_bg_n": 656861.0,
  "summary_bg_p05": 9.506912231445312,
  "summary_bg_p95": 75.46543884277344,
  "summary_bg_stdv": 49.60710525512695,
  "summary_fg_k": 1.5224949490413406,
  "summary_fg_mad": 309.4368599311856,
  "summary_fg_mean": 772.84521484375,
  "summary_fg_median": 718.1658935546875,
  "summary_fg_n": 157966.0,
  "summary_fg_p05": 353.51268768310547,
  "summary_fg_p95": 1392.3410339355469,
  "summary_fg_stdv": 329.6440124511719,
  "tsnr": 22.796028465614654
}