{
  "aor": 0.0009349082568807339,
  "aqi": 0.008966658165137614,
  "bids_meta": {
    "AcquisitionMatrixPE": 128,
    "AcquisitionNumber": 1,
    "AcquisitionTime": "12:30:44.170000",
    "BandwidthPerPixelPhaseEncode": 23.321,
    "BaseResolution": 128,
    "BodyPartExamined": "BRAIN",
    "ConsistencyInfo": "N4_VE11C_LATEST_20160120",
    "ConversionSoftware": "dcm2niix",
    "ConversionSoftwareVersion": "v1.0.20190902",
    "DerivedVendorReportedEchoSpacing": 0.000669997,
    "DeviceSerialNumber": "45239",
    "DwellTime": 2.2e-06,
    "EchoTime": 0.03,
    "EchoTrainLength": 63,
    "EffectiveEchoSpacing": 0.000334999,
    "FlipAngle": 80,
    "ImageComments": "Unaliased_MB4_PE4_LB",
    "ImageOrientationPatientDICOM": [
      1,
      0,
      0,
      0,
      1,
      0
    ],
    "ImageType": [
      "ORIGINAL",
      "PRIMARY",
      "M",
      "MB",
      "ND",
      "MOSAIC"
    ],
    "ImagingFrequency": 123.186,
    "InPlanePhaseEncodingDirectionDICOM": "COL",
    "InstitutionAddress": "E_24th_St._100_Austin_Southmiddle_US_78712",
    "InstitutionName": "The_Univ._of_Texas_at_Austin_IRC",
    "InstitutionalDepartmentName": "IRC",
    "MRAcquisitionType": "2D",
    "MagneticFieldStrength": 3,
    "Manufacturer": "Siemens",
    "ManufacturersModelName": "Skyra",
    "Modality": "MR",
    "MultibandAccelerationFactor": 4,
    "ParallelReductionFactorInPlane": 2,
    "PartialFourier": 1,
    "PatientPosition": "HFS",
    "PercentPhaseFOV": 100,
    "PhaseEncodingDirection": "j-",
    "PhaseEncodingSteps": 127,
    "PhaseResolution": 1,
    "PixelBandwidth": 1775,
    "ProcedureStepDescription": "Booth_Language",
    "ProtocolName": "Gram2",
    "PulseSequenceDetails": "%CustomerSeq%_cmrr_mbep2d_bold",
    "ReceiveCoilActiveElements": "HC3-7",
    "ReceiveCoilName": "HeadNeck_64",
    "ReconMatrixPE": 128,
    "RefLinesPE": 58,
    "RepetitionTime": 1.25,
    "SAR": 0.277238,
    "ScanOptions": "FS",
    "ScanningSequence": "EP",
    "SequenceName": "epfid2d1_128",
    "SequenceVariant": "SK_SS",
    "SeriesDescription": "Gram2",
    "SeriesNumber": 8,
    "ShiftedAquisitionDate": "1819-01-20",
    "ShimSetting": [
      -2649,
      7770,
      -15315,
      210,
      763,
      -865,
      549,
      135
    ],
    "SliceThickness": 2,
    "SliceTiming": [
      0,
      0.2625,
      0.525,
      0.79,
      1.0525,
      0.0875,
      0.35,
      0.615,
      0.8775,
      1.14,
      0.175,
      0.4375,
      0.7025,
      0.965,
      0,
      0.2625,
      0.525,
      0.79,
      1.0525,
      0.0875,
      0.35,
      0.615,
      0.8775,
      1.14,
      0.175,
      0.4375,
      0.7025,
      0.965,
      0,
      0.2625,
      0.525,
      0.79,
      1.0525,
      0.0875,
      0.35,
      0.615,
      0.8775,
      1.14,
      0.175,
      0.4375,
      0.7025,
      0.965,
      0,
      0.2625,
      0.525,
      0.79,
      1.0525,
      0.0875,
      0.35,
      0.615,
      0.8775,
      1.14,
      0.175,
      0.4375,
      0.7025,
      0.965
    ],
    "SoftwareVersions": "syngo_MR_E11",
    "SpacingBetweenSlices": 2,
    "StationName": "AWP45239",
    "TotalReadoutTime": 0.0425448,
    "TxRefAmp": 312.375,
    "WipMemBlock": "84b2dc7d-426b-45fb-95e4-0ef82daf2ad3||Sequence: R016 ve11c/master r/e634e98; Dec 19 2017 11:00:25 by eja",
    "acq_id": "D1S8",
    "dataset": "ds003604",
    "modality": "bold",
    "run_id": 2,
    "session_id": "7",
    "subject_id": "5550",
    "task_id": "Gram"
  },
  "dummy_trs": 0,
  "dvars_nstd": 53.94802242907834,
  "dvars_std": 1.114435201612903,
  "dvars_vstd": 1.0031025980184332,
  "efc": 0.440596873850497,
  "fber": 2534.623779296875,
  "fd_mean": 0.20211818538837117,
  "fd_num": 105,
  "fd_perc": 48.1651376146789,
  "fwhm_avg": 3.5027116666666664,
  "fwhm_x": 3.20633,
  "fwhm_y": 3.59886,
  "fwhm_z": 3.702945,
  "gcor": 0.00287819,
  "gsr_x": -0.019021667540073395,
  "gsr_y": 0.019738372415304184,
  "provenance": {
    "md5sum": "e8d6201936fa5894efbb9df056d6fb3e",
    "settings": {
      "fd_thres": 0.2,
      "testing": false
    },
    "software": "mriqc",
    "version": "23.0.1",
    "webapi_port": null,
    "webapi_url": "https://mriqc.nimh.nih.gov/api/v1"
  },
  "size_t": 218,
  "size_x": 128,
  "size_y": 128,
  "size_z": 56,
  "snr": 2.317201063572377,
  "spacing_tr": 1.25,
  "spacing_x": 2.0,
  "spacing_y": 2.0,
  "spacing_z": 2.0,
  "summary_bg_k": 56.40996511607535,
  "summary_bg_mad": 4.032949902806931,
  "summary_bg_mean": 25.288986206054688,
  "summary_bg_median": 12.623852729797363,
  "summary_bg_n": 657475.0,
  "summary_bg_p05": 9.37614631652832,
  "summary_bg_p95": 82.41742706298828,
  "summary_bg_stdv": 47.77057647705078,
  "summary_fg_k": 2.534405194407614,
  "summary_fg_mad": 239.50826216848913,
  "summary_fg_mean": 689.1129760742188,
  "summary_fg_median": 631.0159912109375,
  "summary_fg_n": 157474.0,
  "summary_fg_p05": 365.65594482421875,
  "summary_fg_p95": 1191.1125671386721,
  "summary_fg_stdv": 272.31732177734375,
  "tsnr": 28.722860785550438
}