{
  "aor": 0.0008581012658227847,
  "aqi": 0.008583068797468354,
  "bids_meta": {
    "AcquisitionMatrixPE": 128,
    "AcquisitionNumber": 1,
    "AcquisitionTime": "12:25:56.400000",
    "BandwidthPerPixelPhaseEncode": 23.321,
    "BaseResolution": 128,
    "BodyPartExamined": "BRAIN",
    "ConsistencyInfo": "N4_VE11C_LATEST_20160120",
    "ConversionSoftware": "dcm2niix",
    "ConversionSoftwareVersion": "v1.0.20190902",
    "DerivedVendorReportedEchoSpacing": 0.000669997,
    "DeviceSerialNumber": "45239",
    "DwellTime": 2.2e-06,
    "EchoTime": 0.03,
    "EchoTrainLength": 63,
    "EffectiveEchoSpacing": 0.000334999,
    "FlipAngle": 80,
    "ImageComments": "Unaliased_MB4_PE4_LB",
    "ImageOrientationPatientDICOM": [
      1,
      0,
      0,
      0,
      1,
      0
    ],
    "ImageType": [
      "ORIGINAL",
      "PRIMARY",
      "M",
      "MB",
      "ND",
      "MOSAIC"
    ],
    "ImagingFrequency": 123.186,
    "InPlanePhaseEncodingDirectionDICOM": "COL",
    "InstitutionAddress": "E_24th_St._100_Austin_Southmiddle_US_78712",
    "InstitutionName": "The_Univ._of_Texas_at_Austin_IRC",
    "InstitutionalDepartmentName": "IRC",
    "MRAcquisitionType": "2D",
    "MagneticFieldStrength": 3,
    "Manufacturer": "Siemens",
    "ManufacturersModelName": "Skyra",
    "Modality": "MR",
    "MultibandAccelerationFactor": 4,
    "ParallelReductionFactorInPlane": 2,
    "PartialFourier": 1,
    "PatientPosition": "HFS",
    "PercentPhaseFOV": 100,
    "PhaseEncodingDirection": "j-",
    "PhaseEncodingSteps": 127,
    "PhaseResolution": 1,
    "PixelBandwidth": 1775,
    "ProcedureStepDescription": "Booth_Language",
    "ProtocolName": "Phon1",
    "PulseSequenceDetails": "%CustomerSeq%_cmrr_mbep2d_bold",
    "ReceiveCoilActiveElements": "HC3-7",
    "ReceiveCoilName": "HeadNeck_64",
    "ReconMatrixPE": 128,
    "RefLinesPE": 58,
    "RepetitionTime": 1.25,
    "SAR": 0.273045,
    "ScanOptions": "FS",
    "ScanningSequence": "EP",
    "SequenceName": "epfid2d1_128",
    "SequenceVariant": "SK_SS",
    "SeriesDescription": "Phon1",
    "SeriesNumber": 6,
    "ShiftedAquisitionDate": "1819-01-20",
    "ShimSetting": [
      -2649,
      7770,
      -15315,
      210,
      763,
      -865,
      549,
      135
    ],
    "SliceThickness": 2,
    "SliceTiming": [
      0,
      0.2625,
      0.5275,
      0.79,
      1.055,
      0.0875,
      0.3525,
      0.615,
      0.8775,
      1.1425,
      0.175,
      0.44,
      0.7025,
      0.9675,
      0,
      0.2625,
      0.5275,
      0.79,
      1.055,
      0.0875,
      0.3525,
      0.615,
      0.8775,
      1.1425,
      0.175,
      0.44,
      0.7025,
      0.9675,
      0,
      0.2625,
      0.5275,
      0.79,
      1.055,
      0.0875,
      0.3525,
      0.615,
      0.8775,
      1.1425,
      0.175,
      0.44,
      0.7025,
      0.9675,
      0,
      0.2625,
      0.5275,
      0.79,
      1.055,
      0.0875,
      0.3525,
      0.615,
      0.8775,
      1.1425,
      0.175,
      0.44,
      0.7025,
      0.9675
    ],
    "SoftwareVersions": "syngo_MR_E11",
    "SpacingBetweenSlices": 2,
    "StationName": "AWP45239",
    "TotalReadoutTime": 0.0425448,
    "TxRefAmp": 312.375,
    "WipMemBlock": "ea4a1900-33d2-4931-bd4d-7e0b57789b0c||Sequence: R016 ve11c/master r/e634e98; Dec 19 2017 11:00:25 by eja",
    "acq_id": "D1S6",
    "dataset": "ds003604",
    "modality": "bold",
    "run_id": 1,
    "session_id": "7",
    "subject_id": "5550",
    "task_id": "Phon"
  },
  "dummy_trs": 0,
  "dvars_nstd": 53.44399348949044,
  "dvars_std": 1.0947115595541408,
  "dvars_vstd": 1.0035812138216555,
  "efc": 0.4404120081902802,
  "fber": 2501.367431640625,
  "fd_mean": 0.23428949216829983,
  "fd_num": 93,
  "fd_perc": 58.860759493670884,
  "fwhm_avg": 3.51741,
  "fwhm_x": 3.216565,
  "fwhm_y": 3.61125,
  "fwhm_z": 3.724415,
  "gcor": 0.00475523,
  "gsr_x": -0.01916063204407692,
  "gsr_y": 0.020514290779829025,
  "provenance": {
    "md5sum": "2b2f31df7728e79eae94681098bd27be",
    "settings": {
      "fd_thres": 0.2,
      "testing": false
    },
    "software": "mriqc",
    "version": "23.0.1",
    "webapi_port": null,
    "webapi_url": "https://mriqc.nimh.nih.gov/api/v1"
  },
  "size_t": 158,
  "size_x": 128,
  "size_y": 128,
  "size_z": 56,
  "snr": 2.309792085776167,
  "spacing_tr": 1.25,
  "spacing_x": 2.0,
  "spacing_y": 2.0,
  "spacing_z": 2.0,
  "summary_bg_k": 57.29218145199313,
  "summary_bg_mad": 4.044313575092134,
  "summary_bg_mean": 25.087263107299805,
  "summary_bg_median": 12.620253562927246,
  "summary_bg_n": 657763.0,
  "summary_bg_p05": 9.37974739074707,
  "summary_bg_p95": 81.44937133789062,
  "summary_bg_stdv": 47.10287857055664,
  "summary_fg_k": 2.568058942580727,
  "summary_fg_mad": 239.0555364055995,
  "summary_fg_mean": 686.68212890625,
  "summary_fg_median": 628.8797607421875,
  "summary_fg_n": 157259.0,
  "summary_fg_p05": 363.56329345703125,
  "summary_fg_p95": 1189.4569580078125,
  "summary_fg_stdv": 272.2659606933594,
  "tsnr": 28.79691895551514
}