{
  "bids_meta": {
    "AcquisitionMatrixPE": 256,
    "AcquisitionNumber": 1,
    "AcquisitionTime": "12:42:35.847500",
    "BaseResolution": 256,
    "BodyPartExamined": "BRAIN",
    "ConsistencyInfo": "N4_VE11C_LATEST_20160120",
    "ConversionSoftware": "dcm2niix",
    "ConversionSoftwareVersion": "v1.0.20190902",
    "DeviceSerialNumber": "45239",
    "DwellTime": 1.09e-05,
    "EchoTime": 0.00243,
    "FlipAngle": 9,
    "ImageOrientationPatientDICOM": [
      0,
      1,
      0,
      0,
      0,
      -1
    ],
    "ImageType": [
      "ORIGINAL",
      "PRIMARY",
      "M",
      "ND"
    ],
    "ImagingFrequency": 123.186,
    "InPlanePhaseEncodingDirectionDICOM": "ROW",
    "InstitutionAddress": "E_24th_St._100_Austin_Southmiddle_US_78712",
    "InstitutionName": "The_Univ._of_Texas_at_Austin_IRC",
    "InstitutionalDepartmentName": "IRC",
    "InversionTime": 0.9,
    "MRAcquisitionType": "3D",
    "MagneticFieldStrength": 3,
    "Manufacturer": "Siemens",
    "ManufacturersModelName": "Skyra",
    "Modality": "MR",
    "ParallelReductionFactorInPlane": 2,
    "PartialFourier": 1,
    "PatientPosition": "HFS",
    "PercentPhaseFOV": 100,
    "PhaseEncodingSteps": 255,
    "PhaseResolution": 1,
    "PixelBandwidth": 180,
    "ProcedureStepDescription": "Booth_Language",
    "ProtocolName": "MPRAGE",
    "PulseSequenceDetails": "%SiemensSeq%_tfl",
    "ReceiveCoilActiveElements": "HC1-6",
    "ReceiveCoilName": "HeadNeck_64",
    "ReconMatrixPE": 256,
    "RefLinesPE": 24,
    "RepetitionTime": 1.9,
    "SAR": 0.166456,
    "ScanOptions": "IR",
    "ScanningSequence": "GR_IR",
    "SequenceName": "_tfl3d1_16ns",
    "SequenceVariant": "SK_SP_MP",
    "SeriesDescription": "MPRAGE",
    "SeriesNumber": 2,
    "ShiftedAquisitionDate": "1819-01-02 00:00:00",
    "ShimSetting": [
      -2727,
      7934,
      -15901,
      -500,
      562,
      -716,
      -526,
      132
    ],
    "SliceThickness": 1,
    "SoftwareVersions": "syngo_MR_E11",
    "StationName": "AWP45239",
    "TxRefAmp": 319.437,
    "acq_id": "D1S2",
    "dataset": "ds003604",
    "modality": "T1w",
    "session_id": "9",
    "subject_id": "5011"
  },
  "cjv": 0.4436676584500326,
  "cnr": 2.9891368099404803,
  "efc": 0.48975488007917717,
  "fber": -1.0,
  "fwhm_avg": 4.952496666666666,
  "fwhm_x": 5.04658,
  "fwhm_y": 4.62219,
  "fwhm_z": 5.18872,
  "icvs_csf": 0.12806991310555688,
  "icvs_gm": 0.4706230175395684,
  "icvs_wm": 0.4013070693548747,
  "inu_med": 1.0064727067947388,
  "inu_range": 1.0212846994400024,
  "provenance": {
    "md5sum": "55f6d7d4f1dbaa99394e4655819f1af2",
    "settings": {
      "testing": false
    },
    "software": "mriqc",
    "version": "23.0.1",
    "warnings": {
      "large_rot_frame": true,
      "small_air_mask": false
    },
    "webapi_port": null,
    "webapi_url": "https://mriqc.nimh.nih.gov/api/v1"
  },
  "qi_1": 0.00013619832794818667,
  "qi_2": 0.0034528622306054853,
  "rpve_csf": 45.02962545093925,
  "rpve_gm": 13.663214048055083,
  "rpve_wm": 16.73060411328298,
  "size_x": 192,
  "size_y": 256,
  "size_z": 256,
  "snr_csf": 1.9321741096405871,
  "snr_gm": 16.350749379691152,
  "snr_total": 11.426656975822327,
  "snr_wm": 15.997047438135246,
  "snrd_csf": 14.611805082987846,
  "snrd_gm": 33.44653502120291,
  "snrd_total": 30.638438212557883,
  "snrd_wm": 43.85697453348289,
  "spacing_x": 1.0,
  "spacing_y": 1.0,
  "spacing_z": 1.0,
  "summary_bg_k": 244.73788132044808,
  "summary_bg_mad": 0.0,
  "summary_bg_mean": 6.361409442159155,
  "summary_bg_median": 0.0,
  "summary_bg_n": 3223203.0,
  "summary_bg_p05": 0.0,
  "summary_bg_p95": 27.71461906656623,
  "summary_bg_stdv": 14.938938683401126,
  "summary_csf_k": 11.542762272653862,
  "summary_csf_mad": 118.53164563809423,
  "summary_csf_mean": 342.3165525433944,
  "summary_csf_median": 333.1899436339736,
  "summary_csf_n": 14993.0,
  "summary_csf_p05": 91.78393578231335,
  "summary_csf_p95": 610.6188111238181,
  "summary_csf_stdv": 172.43727170831212,
  "summary_gm_k": 0.17289059249237493,
  "summary_gm_mad": 45.82737721442075,
  "summary_gm_mean": 762.9031661056812,
  "summary_gm_median": 762.6743619404733,
  "summary_gm_n": 49138.0,
  "summary_gm_p05": 686.7203283123672,
  "summary_gm_p95": 839.6730707883835,
  "summary_gm_stdv": 46.64413744320681,
  "summary_wm_k": 0.3862194776232837,
  "summary_wm_mad": 59.49359308353231,
  "summary_wm_mean": 1009.0607746977557,
  "summary_wm_median": 1000.0614427700639,
  "summary_wm_n": 166539.0,
  "summary_wm_p05": 922.3191709715873,
  "summary_wm_p95": 1126.897304750979,
  "summary_wm_stdv": 62.5151887652276,
  "tpm_overlap_csf": 0.12292555380850681,
  "tpm_overlap_gm": 0.47293472888418475,
  "tpm_overlap_wm": 0.4629693850679684,
  "wm2max": 0.3148750096741738
}