{
  "aor": 0.0008649367088607595,
  "aqi": 0.005461070063291139,
  "bids_meta": {
    "AcquisitionMatrixPE": 128,
    "AcquisitionNumber": 1,
    "AcquisitionTime": "15:56:4.635000",
    "BandwidthPerPixelPhaseEncode": 23.321,
    "BaseResolution": 128,
    "BodyPartExamined": "BRAIN",
    "ConsistencyInfo": "N4_VE11C_LATEST_20160120",
    "ConversionSoftware": "dcm2niix",
    "ConversionSoftwareVersion": "v1.0.20190902",
    "DerivedVendorReportedEchoSpacing": 0.000669997,
    "DeviceSerialNumber": "45239",
    "DwellTime": 2.2e-06,
    "EchoTime": 0.03,
    "EchoTrainLength": 63,
    "EffectiveEchoSpacing": 0.000334999,
    "FlipAngle": 80,
    "ImageComments": "Unaliased_MB4_PE4_LB",
    "ImageOrientationPatientDICOM": [
      1,
      0,
      0,
      0,
      1,
      0
    ],
    "ImageType": [
      "ORIGINAL",
      "PRIMARY",
      "M",
      "MB",
      "ND",
      "MOSAIC"
    ],
    "ImagingFrequency": 123.186,
    "InPlanePhaseEncodingDirectionDICOM": "COL",
    "InstitutionAddress": "E_24th_St._100_Austin_Southmiddle_US_78712",
    "InstitutionName": "The_Univ._of_Texas_at_Austin_IRC",
    "InstitutionalDepartmentName": "IRC",
    "MRAcquisitionType": "2D",
    "MagneticFieldStrength": 3,
    "Manufacturer": "Siemens",
    "ManufacturersModelName": "Skyra",
    "Modality": "MR",
    "MultibandAccelerationFactor": 4,
    "ParallelReductionFactorInPlane": 2,
    "PartialFourier": 1,
    "PatientPosition": "HFS",
    "PercentPhaseFOV": 100,
    "PhaseEncodingDirection": "j-",
    "PhaseEncodingSteps": 127,
    "PhaseResolution": 1,
    "PixelBandwidth": 1775,
    "ProcedureStepDescription": "Booth_Language",
    "ProtocolName": "SEM1",
    "PulseSequenceDetails": "%CustomerSeq%_cmrr_mbep2d_bold",
    "ReceiveCoilActiveElements": "HC3-6",
    "ReceiveCoilName": "HeadNeck_64",
    "ReconMatrixPE": 128,
    "RefLinesPE": 58,
    "RepetitionTime": 1.25,
    "SAR": 0.256116,
    "ScanOptions": "FS",
    "ScanningSequence": "EP",
    "SequenceName": "epfid2d1_128",
    "SequenceVariant": "SK_SS",
    "SeriesDescription": "SEM1",
    "SeriesNumber": 8,
    "ShiftedAquisitionDate": "1818-09-28",
    "ShimSetting": [
      -2706,
      7661,
      -15274,
      2,
      899,
      -1335,
      208,
      146
    ],
    "SliceThickness": 2,
    "SliceTiming": [
      0,
      0.2625,
      0.5275,
      0.79,
      1.055,
      0.0875,
      0.3525,
      0.615,
      0.8775,
      1.1425,
      0.175,
      0.44,
      0.7025,
      0.9675,
      0,
      0.2625,
      0.5275,
      0.79,
      1.055,
      0.0875,
      0.3525,
      0.615,
      0.8775,
      1.1425,
      0.175,
      0.44,
      0.7025,
      0.9675,
      0,
      0.2625,
      0.5275,
      0.79,
      1.055,
      0.0875,
      0.3525,
      0.615,
      0.8775,
      1.1425,
      0.175,
      0.44,
      0.7025,
      0.9675,
      0,
      0.2625,
      0.5275,
      0.79,
      1.055,
      0.0875,
      0.3525,
      0.615,
      0.8775,
      1.1425,
      0.175,
      0.44,
      0.7025,
      0.9675
    ],
    "SoftwareVersions": "syngo_MR_E11",
    "SpacingBetweenSlices": 2,
    "StationName": "AWP45239",
    "TotalReadoutTime": 0.0425448,
    "TxRefAmp": 333.897,
    "WipMemBlock": "f0c51c81-6f9d-434e-bae8-4a0d318ae0be||Sequence: R016 ve11c/master r/e634e98; Dec 19 2017 11:00:25 by eja",
    "acq_id": "D2S8",
    "dataset": "ds003604",
    "modality": "bold",
    "run_id": 1,
    "session_id": "9",
    "subject_id": "5008",
    "task_id": "Sem"
  },
  "dummy_trs": 0,
  "dvars_nstd": 47.34959341159235,
  "dvars_std": 1.1444250040127393,
  "dvars_vstd": 1.0212288570700634,
  "efc": 0.41947321533697046,
  "fber": 3524.403564453125,
  "fd_mean": 0.12332377761296168,
  "fd_num": 14,
  "fd_perc": 8.860759493670885,
  "fwhm_avg": 3.2210283333333334,
  "fwhm_x": 2.96406,
  "fwhm_y": 3.33863,
  "fwhm_z": 3.360395,
  "gcor": 0.00232003,
  "gsr_x": -0.020257098600268364,
  "gsr_y": 0.0247189924120903,
  "provenance": {
    "md5sum": "284fd3d9351a57b236b60e5722244f32",
    "settings": {
      "fd_thres": 0.2,
      "testing": false
    },
    "software": "mriqc",
    "version": "23.0.1",
    "webapi_port": null,
    "webapi_url": "https://mriqc.nimh.nih.gov/api/v1"
  },
  "size_t": 158,
  "size_x": 128,
  "size_y": 128,
  "size_z": 56,
  "snr": 2.5276362922073354,
  "spacing_tr": 1.25,
  "spacing_x": 2.0,
  "spacing_y": 2.0,
  "spacing_z": 2.0,
  "summary_bg_k": 101.31652636012389,
  "summary_bg_mad": 3.34054779097997,
  "summary_bg_mean": 20.046443939208984,
  "summary_bg_median": 10.727848052978516,
  "summary_bg_n": 674069.0,
  "summary_bg_p05": 7.816455841064453,
  "summary_bg_p95": 57.696205139160156,
  "summary_bg_stdv": 35.0339469909668,
  "summary_fg_k": 0.529114391012778,
  "summary_fg_mad": 240.50526781991368,
  "summary_fg_mean": 688.5281372070312,
  "summary_fg_median": 637.4461669921875,
  "summary_fg_n": 143572.0,
  "summary_fg_p05": 371.12723541259766,
  "summary_fg_p95": 1168.5269226074213,
  "summary_fg_stdv": 252.1897430419922,
  "tsnr": 34.746543344226666
}