{
  "aor": 0.0009964331210191083,
  "aqi": 0.0065473824840764335,
  "bids_meta": {
    "AcquisitionMatrixPE": 128,
    "AcquisitionNumber": 1,
    "AcquisitionTime": "14:17:4.062500",
    "BandwidthPerPixelPhaseEncode": 23.321,
    "BaseResolution": 128,
    "BodyPartExamined": "BRAIN",
    "ConsistencyInfo": "N4_VE11C_LATEST_20160120",
    "ConversionSoftware": "dcm2niix",
    "ConversionSoftwareVersion": "v1.0.20190902",
    "DerivedVendorReportedEchoSpacing": 0.000669997,
    "DeviceSerialNumber": "45239",
    "DwellTime": 2.2e-06,
    "EchoTime": 0.03,
    "EchoTrainLength": 63,
    "EffectiveEchoSpacing": 0.000334999,
    "FlipAngle": 80,
    "ImageComments": "Unaliased_MB4_PE4_LB",
    "ImageOrientationPatientDICOM": [
      0.990268,
      0,
      0.139173,
      0,
      1,
      0
    ],
    "ImageType": [
      "ORIGINAL",
      "PRIMARY",
      "M",
      "MB",
      "ND",
      "MOSAIC"
    ],
    "ImagingFrequency": 123.186,
    "InPlanePhaseEncodingDirectionDICOM": "COL",
    "InstitutionAddress": "E_24th_St._100_Austin_Southmiddle_US_78712",
    "InstitutionName": "The_Univ._of_Texas_at_Austin_IRC",
    "InstitutionalDepartmentName": "IRC",
    "MRAcquisitionType": "2D",
    "MagneticFieldStrength": 3,
    "Manufacturer": "Siemens",
    "ManufacturersModelName": "Skyra",
    "Modality": "MR",
    "MultibandAccelerationFactor": 4,
    "ParallelReductionFactorInPlane": 2,
    "PartialFourier": 1,
    "PatientPosition": "HFS",
    "PercentPhaseFOV": 100,
    "PhaseEncodingDirection": "j-",
    "PhaseEncodingSteps": 127,
    "PhaseResolution": 1,
    "PixelBandwidth": 1775,
    "ProcedureStepDescription": "Booth_Language",
    "ProtocolName": "Phon2",
    "PulseSequenceDetails": "%CustomerSeq%_cmrr_mbep2d_bold",
    "ReceiveCoilActiveElements": "HC3-7",
    "ReceiveCoilName": "HeadNeck_64",
    "ReconMatrixPE": 128,
    "RefLinesPE": 58,
    "RepetitionTime": 1.25,
    "SAR": 0.245483,
    "ScanOptions": "FS",
    "ScanningSequence": "EP",
    "SequenceName": "epfid2d1_128",
    "SequenceVariant": "SK_SS",
    "SeriesDescription": "Phon2",
    "SeriesNumber": 3,
    "ShiftedAquisitionDate": "1818-09-25",
    "ShimSetting": [
      -2691,
      7716,
      -15244,
      227,
      714,
      -1073,
      0,
      73
    ],
    "SliceThickness": 2,
    "SliceTiming": [
      0,
      0.265,
      0.5275,
      0.7925,
      1.055,
      0.09,
      0.3525,
      0.615,
      0.88,
      1.1425,
      0.1775,
      0.44,
      0.705,
      0.9675,
      0,
      0.265,
      0.5275,
      0.7925,
      1.055,
      0.09,
      0.3525,
      0.615,
      0.88,
      1.1425,
      0.1775,
      0.44,
      0.705,
      0.9675,
      0,
      0.265,
      0.5275,
      0.7925,
      1.055,
      0.09,
      0.3525,
      0.615,
      0.88,
      1.1425,
      0.1775,
      0.44,
      0.705,
      0.9675,
      0,
      0.265,
      0.5275,
      0.7925,
      1.055,
      0.09,
      0.3525,
      0.615,
      0.88,
      1.1425,
      0.1775,
      0.44,
      0.705,
      0.9675
    ],
    "SoftwareVersions": "syngo_MR_E11",
    "SpacingBetweenSlices": 2,
    "StationName": "AWP45239",
    "TotalReadoutTime": 0.0425448,
    "TxRefAmp": 325.194,
    "WipMemBlock": "63547bb5-fa1d-4132-82db-f5fafaaca676||Sequence: R016 ve11c/master r/e634e98; Dec 19 2017 11:00:25 by eja",
    "acq_id": "D1S3",
    "dataset": "ds003604",
    "modality": "bold",
    "run_id": 2,
    "session_id": "9",
    "subject_id": "5008",
    "task_id": "Phon"
  },
  "dummy_trs": 1,
  "dvars_nstd": 46.956072611858986,
  "dvars_std": 1.1027012880128197,
  "dvars_vstd": 1.012393576089743,
  "efc": 0.43000543415709525,
  "fber": 2799.843994140625,
  "fd_mean": 0.17986281694795997,
  "fd_num": 64,
  "fd_perc": 40.76433121019108,
  "fwhm_avg": 3.3800783333333335,
  "fwhm_x": 3.07699,
  "fwhm_y": 3.49699,
  "fwhm_z": 3.566255,
  "gcor": 0.00252965,
  "gsr_x": -0.023979803547263145,
  "gsr_y": 0.02484767511487007,
  "provenance": {
    "md5sum": "ca1e0cdd06a4eb5363b05a4bd1d26803",
    "settings": {
      "fd_thres": 0.2,
      "testing": false
    },
    "software": "mriqc",
    "version": "23.0.1",
    "webapi_port": null,
    "webapi_url": "https://mriqc.nimh.nih.gov/api/v1"
  },
  "size_t": 157,
  "size_x": 128,
  "size_y": 128,
  "size_z": 56,
  "snr": 2.393121980686175,
  "spacing_tr": 1.25,
  "spacing_x": 2.0,
  "spacing_y": 2.0,
  "spacing_z": 2.0,
  "summary_bg_k": 80.40069369330052,
  "summary_bg_mad": 3.465699475520532,
  "summary_bg_mean": 22.339805603027344,
  "summary_bg_median": 12.02547836303711,
  "summary_bg_n": 666287.0,
  "summary_bg_p05": 9.235669136047363,
  "summary_bg_p95": 63.16560745239258,
  "summary_bg_stdv": 37.65071105957031,
  "summary_fg_k": 1.028175140325823,
  "summary_fg_mad": 237.29662035199826,
  "summary_fg_mean": 696.1817016601562,
  "summary_fg_median": 636.0223388671875,
  "summary_fg_n": 150200.0,
  "summary_fg_p05": 374.5347152709961,
  "summary_fg_p95": 1213.9573547363277,
  "summary_fg_stdv": 265.77008056640625,
  "tsnr": 32.447638513403945
}