{
  "bids_meta": {
    "AcquisitionMatrixPE": 256,
    "AcquisitionNumber": 1,
    "AcquisitionTime": "16:41:34.862500",
    "BaseResolution": 256,
    "BodyPartExamined": "BRAIN",
    "ConsistencyInfo": "N4_VE11C_LATEST_20160120",
    "ConversionSoftware": "dcm2niix",
    "ConversionSoftwareVersion": "v1.0.20190902",
    "DeviceSerialNumber": "45239",
    "DwellTime": 1.09e-05,
    "EchoTime": 0.00243,
    "FlipAngle": 9,
    "ImageOrientationPatientDICOM": [
      0,
      1,
      0,
      0,
      0,
      -1
    ],
    "ImageType": [
      "ORIGINAL",
      "PRIMARY",
      "M",
      "ND"
    ],
    "ImagingFrequency": 123.186,
    "InPlanePhaseEncodingDirectionDICOM": "ROW",
    "InstitutionAddress": "E_24th_St._100_Austin_Southmiddle_US_78712",
    "InstitutionName": "The_Univ._of_Texas_at_Austin_IRC",
    "InstitutionalDepartmentName": "IRC",
    "InversionTime": 0.9,
    "MRAcquisitionType": "3D",
    "MagneticFieldStrength": 3,
    "Manufacturer": "Siemens",
    "ManufacturersModelName": "Skyra",
    "Modality": "MR",
    "ParallelReductionFactorInPlane": 2,
    "PartialFourier": 1,
    "PatientPosition": "HFS",
    "PercentPhaseFOV": 100,
    "PhaseEncodingSteps": 255,
    "PhaseResolution": 1,
    "PixelBandwidth": 180,
    "ProcedureStepDescription": "Booth_Language",
    "ProtocolName": "MPRAGE",
    "PulseSequenceDetails": "%SiemensSeq%_tfl",
    "ReceiveCoilActiveElements": "HC1-6",
    "ReceiveCoilName": "HeadNeck_64",
    "ReconMatrixPE": 256,
    "RefLinesPE": 24,
    "RepetitionTime": 1.9,
    "SAR": 0.177585,
    "ScanOptions": "IR",
    "ScanningSequence": "GR_IR",
    "SequenceName": "_tfl3d1_16ns",
    "SequenceVariant": "SK_SP_MP",
    "SeriesDescription": "MPRAGE",
    "SeriesNumber": 11,
    "ShiftedAquisitionDate": "1818-11-26 00:00:00",
    "ShimSetting": [
      -2727,
      7934,
      -15901,
      -500,
      562,
      -716,
      -526,
      132
    ],
    "SliceThickness": 1,
    "SoftwareVersions": "syngo_MR_E11",
    "StationName": "AWP45239",
    "TxRefAmp": 318.398,
    "acq_id": "D1S11",
    "dataset": "ds003604",
    "modality": "T1w",
    "session_id": "9",
    "subject_id": "5120"
  },
  "cjv": 0.4161291502860815,
  "cnr": 3.132369641912708,
  "efc": 0.5365405920942224,
  "fber": -1.0,
  "fwhm_avg": 5.140183333333333,
  "fwhm_x": 5.3923,
  "fwhm_y": 4.82769,
  "fwhm_z": 5.20056,
  "icvs_csf": 0.13951323693765533,
  "icvs_gm": 0.4636135144655222,
  "icvs_wm": 0.3968732485968225,
  "inu_med": 0.9818146228790283,
  "inu_range": 1.0575032442808143,
  "provenance": {
    "md5sum": "60522159f5bc53898331fb73529db7ff",
    "settings": {
      "testing": false
    },
    "software": "mriqc",
    "version": "22.0.6",
    "warnings": {
      "large_rot_frame": true,
      "small_air_mask": false
    },
    "webapi_port": null,
    "webapi_url": "https://mriqc.nimh.nih.gov/api/v1"
  },
  "qi_1": 0.0004954407460498275,
  "qi_2": 0.0035352810514388934,
  "rpve_csf": 41.31881237113402,
  "rpve_gm": 14.076345460148277,
  "rpve_wm": 17.64245498917931,
  "size_x": 192,
  "size_y": 256,
  "size_z": 256,
  "snr_csf": 3.0318898892353885,
  "snr_gm": 16.538609276829565,
  "snr_total": 12.21829054425182,
  "snr_wm": 17.084372466690503,
  "snrd_csf": 16.989408847118167,
  "snrd_gm": 36.7000649987531,
  "snrd_total": 33.93562329257734,
  "snrd_wm": 48.11739603186076,
  "spacing_x": 1.0,
  "spacing_y": 1.0,
  "spacing_z": 1.0,
  "summary_bg_k": 564.7233727559761,
  "summary_bg_mad": 0.0,
  "summary_bg_mean": 6.8843956291575505,
  "summary_bg_median": 0.0,
  "summary_bg_n": 1650014.0,
  "summary_bg_p05": 0.0,
  "summary_bg_p95": 24.821663320064545,
  "summary_bg_stdv": 13.616366688041497,
  "summary_csf_k": 5.9512845152835645,
  "summary_csf_mad": 85.79624404321062,
  "summary_csf_mean": 365.2755739358623,
  "summary_csf_median": 353.10817819833755,
  "summary_csf_n": 14408.0,
  "summary_csf_p05": 201.70331102609634,
  "summary_csf_p95": 577.8133825063705,
  "summary_csf_stdv": 116.46066875530255,
  "summary_gm_k": 0.28110195057939213,
  "summary_gm_mad": 44.570878980938346,
  "summary_gm_mean": 763.0681001160756,
  "summary_gm_median": 762.7748091816902,
  "summary_gm_n": 39479.0,
  "summary_gm_p05": 687.647422927618,
  "summary_gm_p95": 839.1323599815369,
  "summary_gm_stdv": 46.12027141096082,
  "summary_wm_k": 0.7359720816768589,
  "summary_wm_mad": 54.17574152162482,
  "summary_wm_mean": 1007.8905303729264,
  "summary_wm_median": 1000.0728221535683,
  "summary_wm_n": 170810.0,
  "summary_wm_p05": 925.6078321933746,
  "summary_wm_p95": 1117.4115942120552,
  "summary_wm_stdv": 58.53711610753474,
  "tpm_overlap_csf": 0.15356380940002692,
  "tpm_overlap_gm": 0.47402694521845373,
  "tpm_overlap_wm": 0.4810445295045112,
  "wm2max": 0.27490346189376685
}