{
  "bids_meta": {
    "AcquisitionMatrixPE": 256,
    "AcquisitionNumber": 1,
    "AcquisitionTime": "12:46:5.130000",
    "BaseResolution": 256,
    "BodyPartExamined": "BRAIN",
    "ConsistencyInfo": "N4_VE11A_LATEST_20140830",
    "ConversionSoftware": "dcm2niix",
    "ConversionSoftwareVersion": "v1.0.20190902",
    "DeviceSerialNumber": "45239",
    "DwellTime": 1.09e-05,
    "EchoTime": 0.00243,
    "FlipAngle": 9,
    "ImageOrientationPatientDICOM": [
      0,
      1,
      0,
      0,
      0,
      -1
    ],
    "ImageType": [
      "ORIGINAL",
      "PRIMARY",
      "M",
      "ND"
    ],
    "ImagingFrequency": 123.225,
    "InPlanePhaseEncodingDirectionDICOM": "ROW",
    "InstitutionAddress": "E_24th_St._100_Austin_Southmiddle_US_78712",
    "InstitutionName": "The_Univ._of_Texas_at_Austin_IRC",
    "InstitutionalDepartmentName": "IRC",
    "InversionTime": 0.9,
    "MRAcquisitionType": "3D",
    "MagneticFieldStrength": 3,
    "Manufacturer": "Siemens",
    "ManufacturersModelName": "Skyra",
    "Modality": "MR",
    "ParallelReductionFactorInPlane": 2,
    "PartialFourier": 1,
    "PatientPosition": "HFS",
    "PercentPhaseFOV": 100,
    "PhaseEncodingSteps": 255,
    "PhaseResolution": 1,
    "PixelBandwidth": 180,
    "ProcedureStepDescription": "Booth_Language",
    "ProtocolName": "MPRAGE",
    "PulseSequenceDetails": "%SiemensSeq%_tfl",
    "ReceiveCoilActiveElements": "HC1-6",
    "ReceiveCoilName": "HeadNeck_64",
    "ReconMatrixPE": 256,
    "RefLinesPE": 24,
    "RepetitionTime": 1.9,
    "SAR": 0.198104,
    "ScanOptions": "IR",
    "ScanningSequence": "GR_IR",
    "SequenceName": "_tfl3d1_16ns",
    "SequenceVariant": "SK_SP_MP",
    "SeriesDescription": "MPRAGE",
    "SeriesNumber": 6,
    "ShiftedAquisitionDate": "1817-04-04 00:00:00",
    "ShimSetting": [
      -2851,
      8065,
      -15920,
      -530,
      404,
      -610,
      -324,
      -43
    ],
    "SliceThickness": 1,
    "SoftwareVersions": "syngo_MR_E11",
    "StationName": "AWP45239",
    "TxRefAmp": 345.237,
    "acq_id": "D1S6",
    "dataset": "ds003604",
    "modality": "T1w",
    "session_id": "7",
    "subject_id": "5080"
  },
  "cjv": 0.4284325802525694,
  "cnr": 2.627739487106278,
  "efc": 0.5090705844605535,
  "fber": 2929.515625,
  "fwhm_avg": 4.597403333333333,
  "fwhm_x": 4.89221,
  "fwhm_y": 4.45552,
  "fwhm_z": 4.44448,
  "icvs_csf": 0.11788768855389971,
  "icvs_gm": 0.5164747536205289,
  "icvs_wm": 0.36563755782557145,
  "inu_med": 1.3953171968460083,
  "inu_range": 0.9876815974712372,
  "provenance": {
    "md5sum": "0f8432a9303b676d2049554829c3895b",
    "settings": {
      "testing": false
    },
    "software": "mriqc",
    "version": "21.0.0rc2",
    "warnings": {
      "large_rot_frame": true,
      "small_air_mask": false
    },
    "webapi_port": null,
    "webapi_url": "https://mriqc.nimh.nih.gov/api/v1"
  },
  "qi_1": 0.0005414363826667312,
  "qi_2": 0.0010167923442189817,
  "rpve_csf": 54.94312731859651,
  "rpve_gm": 12.672515932829539,
  "rpve_wm": 17.254832309977168,
  "size_x": 192,
  "size_y": 256,
  "size_z": 256,
  "snr_csf": 1.633949232128408,
  "snr_gm": 11.822555863321961,
  "snr_total": 9.36521390297505,
  "snr_wm": 14.63913661347478,
  "snrd_csf": 75.898626539418,
  "snrd_gm": 45.135168818145715,
  "snrd_total": 60.92371038918628,
  "snrd_wm": 61.73733580999513,
  "spacing_x": 1.0,
  "spacing_y": 1.0,
  "spacing_z": 1.0,
  "summary_bg_k": 1140.8997068917124,
  "summary_bg_mad": 10.611672344153053,
  "summary_bg_mean": 19.345970439879313,
  "summary_bg_median": 14.428539000451565,
  "summary_bg_n": 2893044.0,
  "summary_bg_p05": 2.4994319528341293,
  "summary_bg_p95": 40.89979559183121,
  "summary_bg_stdv": 44.528993273772926,
  "summary_csf_k": -1.4085234452578848,
  "summary_csf_mad": 1129.048249569173,
  "summary_csf_mean": 1173.1104101982862,
  "summary_csf_median": 1229.3796891644597,
  "summary_csf_n": 9451.0,
  "summary_csf_p05": 298.7389236353338,
  "summary_csf_p95": 2372.017728511244,
  "summary_csf_stdv": 752.3579212927588,
  "summary_gm_k": -0.12521515534846772,
  "summary_gm_mad": 62.65939860357041,
  "summary_gm_mean": 734.732548880912,
  "summary_gm_median": 731.0838462039828,
  "summary_gm_n": 109043.0,
  "summary_gm_p05": 638.2640323191881,
  "summary_gm_p95": 840.4907994121313,
  "summary_gm_stdv": 61.83777030745246,
  "summary_wm_k": 3.800800859890219,
  "summary_wm_mad": 52.55304399009131,
  "summary_wm_mean": 1008.101367203156,
  "summary_wm_median": 1000.000002220273,
  "summary_wm_n": 95028.0,
  "summary_wm_p05": 916.6098634302616,
  "summary_wm_p95": 1131.1065692007542,
  "summary_wm_stdv": 68.30968020879428,
  "tpm_overlap_csf": 0.10956616699695587,
  "tpm_overlap_gm": 0.4450308382511139,
  "tpm_overlap_wm": 0.36641550064086914,
  "wm2max": 0.2492143039157394
}