{
  "aor": 0.0006882278481012659,
  "aqi": 0.005255760696202531,
  "bids_meta": {
    "AcquisitionMatrixPE": 128,
    "AcquisitionNumber": 1,
    "AcquisitionTime": "13:06:56.080000",
    "BandwidthPerPixelPhaseEncode": 23.321,
    "BaseResolution": 128,
    "BodyPartExamined": "BRAIN",
    "ConsistencyInfo": "N4_VE11A_LATEST_20140830",
    "ConversionSoftware": "dcm2niix",
    "ConversionSoftwareVersion": "v1.0.20190902",
    "DerivedVendorReportedEchoSpacing": 0.000669997,
    "DeviceSerialNumber": "45239",
    "DwellTime": 2.2e-06,
    "EchoTime": 0.03,
    "EchoTrainLength": 63,
    "EffectiveEchoSpacing": 0.000334999,
    "FlipAngle": 80,
    "ImageComments": "Unaliased_MB4_PE4_LB",
    "ImageOrientationPatientDICOM": [
      1,
      0,
      0,
      0,
      1,
      0
    ],
    "ImageType": [
      "ORIGINAL",
      "PRIMARY",
      "M",
      "MB",
      "ND",
      "MOSAIC"
    ],
    "ImagingFrequency": 123.225,
    "InPlanePhaseEncodingDirectionDICOM": "COL",
    "InstitutionAddress": "E_24th_St._100_Austin_Southmiddle_US_78712",
    "InstitutionName": "The_Univ._of_Texas_at_Austin_IRC",
    "InstitutionalDepartmentName": "IRC",
    "MRAcquisitionType": "2D",
    "MagneticFieldStrength": 3,
    "Manufacturer": "Siemens",
    "ManufacturersModelName": "Skyra",
    "Modality": "MR",
    "MultibandAccelerationFactor": 4,
    "ParallelReductionFactorInPlane": 2,
    "PartialFourier": 1,
    "PatientPosition": "HFS",
    "PercentPhaseFOV": 100,
    "PhaseEncodingDirection": "j-",
    "PhaseEncodingSteps": 127,
    "PhaseResolution": 1,
    "PixelBandwidth": 1775,
    "ProcedureStepDescription": "Booth_Language",
    "ProtocolName": "Phon1",
    "PulseSequenceDetails": "%CustomerSeq%_cmrr_mbep2d_bold",
    "ReceiveCoilActiveElements": "HC1-6",
    "ReceiveCoilName": "HeadNeck_64",
    "ReconMatrixPE": 128,
    "RefLinesPE": 58,
    "RepetitionTime": 1.25,
    "SAR": 0.237694,
    "ScanOptions": "FS",
    "ScanningSequence": "EP",
    "SequenceName": "epfid2d1_128",
    "SequenceVariant": "SK_SS",
    "SeriesDescription": "Phon1",
    "SeriesNumber": 7,
    "ShiftedAquisitionDate": "1816-09-17",
    "ShimSetting": [
      -2841,
      8017,
      -15550,
      -264,
      534,
      -652,
      -529,
      -127
    ],
    "SliceThickness": 2,
    "SliceTiming": [
      0,
      0.2625,
      0.5275,
      0.79,
      1.0525,
      0.0875,
      0.35,
      0.615,
      0.8775,
      1.1425,
      0.175,
      0.4375,
      0.7025,
      0.965,
      0,
      0.2625,
      0.5275,
      0.79,
      1.0525,
      0.0875,
      0.35,
      0.615,
      0.8775,
      1.1425,
      0.175,
      0.4375,
      0.7025,
      0.965,
      0,
      0.2625,
      0.5275,
      0.79,
      1.0525,
      0.0875,
      0.35,
      0.615,
      0.8775,
      1.1425,
      0.175,
      0.4375,
      0.7025,
      0.965,
      0,
      0.2625,
      0.5275,
      0.79,
      1.0525,
      0.0875,
      0.35,
      0.615,
      0.8775,
      1.1425,
      0.175,
      0.4375,
      0.7025,
      0.965
    ],
    "SoftwareVersions": "syngo_MR_E11",
    "SpacingBetweenSlices": 2,
    "StationName": "AWP45239",
    "TotalReadoutTime": 0.0425448,
    "TxRefAmp": 338.98,
    "WipMemBlock": "352d78e3-bcd8-4019-940b-269265715d9a||Sequence: ve11a/master r/5a7612f; Mar  3 2017 11:38:58 by eja",
    "acq_id": "D1S7",
    "dataset": "ds003604",
    "modality": "bold",
    "run_id": 1,
    "session_id": "7",
    "subject_id": "5011",
    "task_id": "Phon"
  },
  "dummy_trs": 0,
  "dvars_nstd": 48.07521448318473,
  "dvars_std": 1.1234291208280254,
  "dvars_vstd": 1.020411186815287,
  "efc": 0.42991799518746066,
  "fber": 1514.1029052734375,
  "fd_mean": 0.13230546990278402,
  "fd_num": 21,
  "fd_perc": 13.291139240506329,
  "fwhm_avg": 3.5159233333333333,
  "fwhm_x": 3.213745,
  "fwhm_y": 3.561045,
  "fwhm_z": 3.77298,
  "gcor": 0.00799835,
  "gsr_x": -0.015213103964924812,
  "gsr_y": 0.004759360570460558,
  "provenance": {
    "md5sum": "eb17173bff33eaf16f0b777a3795a3f1",
    "settings": {
      "fd_thres": 0.2,
      "testing": false
    },
    "software": "mriqc",
    "version": "23.0.1",
    "webapi_port": null,
    "webapi_url": "https://mriqc.nimh.nih.gov/api/v1"
  },
  "size_t": 158,
  "size_x": 128,
  "size_y": 128,
  "size_z": 56,
  "snr": 2.369639666598315,
  "spacing_tr": 1.25,
  "spacing_x": 2.0,
  "spacing_y": 2.0,
  "spacing_z": 2.0,
  "summary_bg_k": 57.966983702332314,
  "summary_bg_mad": 2.683697275014544,
  "summary_bg_mean": 28.10211181640625,
  "summary_bg_median": 15.993671417236328,
  "summary_bg_n": 685264.0,
  "summary_bg_p05": 13.86708927154541,
  "summary_bg_p95": 79.67089080810547,
  "summary_bg_stdv": 48.42527389526367,
  "summary_fg_k": 0.9816360228621175,
  "summary_fg_mad": 235.94018501234711,
  "summary_fg_mean": 671.419189453125,
  "summary_fg_median": 624.5316772460938,
  "summary_fg_n": 134326.0,
  "summary_fg_p05": 338.3623580932617,
  "summary_fg_p95": 1193.0111083984375,
  "summary_fg_stdv": 263.5545654296875,
  "tsnr": 34.517881085397676
}