{
  "aor": 0.001577911392405063,
  "aqi": 0.005576753987341773,
  "bids_meta": {
    "AcquisitionMatrixPE": 128,
    "AcquisitionNumber": 1,
    "AcquisitionTime": "10:56:9.917500",
    "BandwidthPerPixelPhaseEncode": 23.321,
    "BaseResolution": 128,
    "BodyPartExamined": "BRAIN",
    "ConsistencyInfo": "N4_VE11A_LATEST_20140830",
    "ConversionSoftware": "dcm2niix",
    "ConversionSoftwareVersion": "v1.0.20190902",
    "DerivedVendorReportedEchoSpacing": 0.000669997,
    "DeviceSerialNumber": "45239",
    "DwellTime": 2.2e-06,
    "EchoTime": 0.03,
    "EchoTrainLength": 63,
    "EffectiveEchoSpacing": 0.000334999,
    "FlipAngle": 80,
    "ImageComments": "Unaliased_MB4_PE4_LB",
    "ImageOrientationPatientDICOM": [
      1,
      0,
      0,
      0,
      1,
      0
    ],
    "ImageType": [
      "ORIGINAL",
      "PRIMARY",
      "M",
      "MB",
      "ND",
      "MOSAIC"
    ],
    "ImagingFrequency": 123.225,
    "InPlanePhaseEncodingDirectionDICOM": "COL",
    "InstitutionAddress": "E_24th_St._100_Austin_Southmiddle_US_78712",
    "InstitutionName": "The_Univ._of_Texas_at_Austin_IRC",
    "InstitutionalDepartmentName": "IRC",
    "MRAcquisitionType": "2D",
    "MagneticFieldStrength": 3,
    "Manufacturer": "Siemens",
    "ManufacturersModelName": "Skyra",
    "Modality": "MR",
    "MultibandAccelerationFactor": 4,
    "ParallelReductionFactorInPlane": 2,
    "PartialFourier": 1,
    "PatientPosition": "HFS",
    "PercentPhaseFOV": 100,
    "PhaseEncodingDirection": "j-",
    "PhaseEncodingSteps": 127,
    "PhaseResolution": 1,
    "PixelBandwidth": 1775,
    "ProcedureStepDescription": "Booth_Language",
    "ProtocolName": "SEM2",
    "PulseSequenceDetails": "%CustomerSeq%_cmrr_mbep2d_bold",
    "ReceiveCoilActiveElements": "HC1-6",
    "ReceiveCoilName": "HeadNeck_64",
    "ReconMatrixPE": 128,
    "RefLinesPE": 58,
    "RepetitionTime": 1.25,
    "SAR": 0.242319,
    "ScanOptions": "FS",
    "ScanningSequence": "EP",
    "SequenceName": "epfid2d1_128",
    "SequenceVariant": "SK_SS",
    "SeriesDescription": "SEM2",
    "SeriesNumber": 9,
    "ShiftedAquisitionDate": "1816-10-29",
    "ShimSetting": [
      -2857,
      8002,
      -15538,
      -417,
      296,
      -545,
      -378,
      -161
    ],
    "SliceThickness": 2,
    "SliceTiming": [
      0,
      0.2625,
      0.5275,
      0.79,
      1.055,
      0.0875,
      0.3525,
      0.615,
      0.8775,
      1.1425,
      0.175,
      0.44,
      0.7025,
      0.965,
      0,
      0.2625,
      0.5275,
      0.79,
      1.055,
      0.0875,
      0.3525,
      0.615,
      0.8775,
      1.1425,
      0.175,
      0.44,
      0.7025,
      0.965,
      0,
      0.2625,
      0.5275,
      0.79,
      1.055,
      0.0875,
      0.3525,
      0.615,
      0.8775,
      1.1425,
      0.175,
      0.44,
      0.7025,
      0.965,
      0,
      0.2625,
      0.5275,
      0.79,
      1.055,
      0.0875,
      0.3525,
      0.615,
      0.8775,
      1.1425,
      0.175,
      0.44,
      0.7025,
      0.965
    ],
    "SoftwareVersions": "syngo_MR_E11",
    "SpacingBetweenSlices": 2,
    "StationName": "AWP45239",
    "TotalReadoutTime": 0.0425448,
    "TxRefAmp": 329.096,
    "WipMemBlock": "8f7a5389-4398-43f5-b070-4e62fa873114||Sequence: ve11a/master r/5a7612f; Mar  3 2017 11:38:58 by eja",
    "acq_id": "D2S9",
    "dataset": "ds003604",
    "modality": "bold",
    "run_id": 2,
    "session_id": "7",
    "subject_id": "5011",
    "task_id": "Sem"
  },
  "dummy_trs": 0,
  "dvars_nstd": 51.4482556243949,
  "dvars_std": 1.1957082716560514,
  "dvars_vstd": 1.0285176999363062,
  "efc": 0.41566666839647076,
  "fber": 2606.408935546875,
  "fd_mean": 0.13113313824158537,
  "fd_num": 9,
  "fd_perc": 5.69620253164557,
  "fwhm_avg": 3.6488099999999997,
  "fwhm_x": 3.404825,
  "fwhm_y": 3.67529,
  "fwhm_z": 3.866315,
  "gcor": 0.00919491,
  "gsr_x": -0.018889693543314934,
  "gsr_y": 0.005145451053977013,
  "provenance": {
    "md5sum": "bcd37b41a4ee37d4b3e9df8740ef8d79",
    "settings": {
      "fd_thres": 0.2,
      "testing": false
    },
    "software": "mriqc",
    "version": "23.0.1",
    "webapi_port": null,
    "webapi_url": "https://mriqc.nimh.nih.gov/api/v1"
  },
  "size_t": 158,
  "size_x": 128,
  "size_y": 128,
  "size_z": 56,
  "snr": 2.2449019064755125,
  "spacing_tr": 1.25,
  "spacing_x": 2.0,
  "spacing_y": 2.0,
  "spacing_z": 2.0,
  "summary_bg_k": 55.58600703502821,
  "summary_bg_mad": 3.922326242744465,
  "summary_bg_mean": 25.763154983520508,
  "summary_bg_median": 12.626582145690918,
  "summary_bg_n": 686230.0,
  "summary_bg_p05": 9.639241218566895,
  "summary_bg_p95": 83.56962585449219,
  "summary_bg_stdv": 49.913394927978516,
  "summary_fg_k": 0.9482845658262571,
  "summary_fg_mad": 253.23409650121414,
  "summary_fg_mean": 698.9556884765625,
  "summary_fg_median": 643.6044311523438,
  "summary_fg_n": 134104.0,
  "summary_fg_p05": 342.36077880859375,
  "summary_fg_p95": 1274.6934326171872,
  "summary_fg_stdv": 286.6949462890625,
  "tsnr": 34.71370732039213
}