{
  "bids_meta": {
    "AcquisitionMatrixPE": 256,
    "AcquisitionNumber": 1,
    "AcquisitionTime": "15:07:8.277500",
    "BaseResolution": 256,
    "BodyPartExamined": "BRAIN",
    "ConsistencyInfo": "N4_VE11C_LATEST_20160120",
    "ConversionSoftware": "dcm2niix",
    "ConversionSoftwareVersion": "v1.0.20190902",
    "DeviceSerialNumber": "45239",
    "DwellTime": 1.09e-05,
    "EchoTime": 0.00243,
    "FlipAngle": 9,
    "ImageOrientationPatientDICOM": [
      0,
      1,
      0,
      0,
      0,
      -1
    ],
    "ImageType": [
      "ORIGINAL",
      "PRIMARY",
      "M",
      "ND"
    ],
    "ImagingFrequency": 123.186,
    "InPlanePhaseEncodingDirectionDICOM": "ROW",
    "InstitutionAddress": "E_24th_St._100_Austin_Southmiddle_US_78712",
    "InstitutionName": "The_Univ._of_Texas_at_Austin_IRC",
    "InstitutionalDepartmentName": "IRC",
    "InversionTime": 0.9,
    "MRAcquisitionType": "3D",
    "MagneticFieldStrength": 3,
    "Manufacturer": "Siemens",
    "ManufacturersModelName": "Skyra",
    "Modality": "MR",
    "ParallelReductionFactorInPlane": 2,
    "PartialFourier": 1,
    "PatientPosition": "HFS",
    "PercentPhaseFOV": 100,
    "PhaseEncodingSteps": 255,
    "PhaseResolution": 1,
    "PixelBandwidth": 180,
    "ProcedureStepDescription": "Booth_Language",
    "ProtocolName": "MPRAGE",
    "PulseSequenceDetails": "%SiemensSeq%_tfl",
    "ReceiveCoilActiveElements": "HC1-6",
    "ReceiveCoilName": "HeadNeck_64",
    "ReconMatrixPE": 256,
    "RefLinesPE": 24,
    "RepetitionTime": 1.9,
    "SAR": 0.187034,
    "ScanOptions": "IR",
    "ScanningSequence": "GR_IR",
    "SequenceName": "_tfl3d1_16ns",
    "SequenceVariant": "SK_SP_MP",
    "SeriesDescription": "MPRAGE",
    "SeriesNumber": 2,
    "ShiftedAquisitionDate": "1819-03-07 00:00:00",
    "ShimSetting": [
      -2727,
      7934,
      -15901,
      -500,
      562,
      -716,
      -526,
      132
    ],
    "SliceThickness": 1,
    "SoftwareVersions": "syngo_MR_E11",
    "StationName": "AWP45239",
    "TxRefAmp": 321.336,
    "acq_id": "D1S2",
    "dataset": "ds003604",
    "modality": "T1w",
    "session_id": "9",
    "subject_id": "5153"
  },
  "cjv": 0.4872706677822969,
  "cnr": 2.789909335016074,
  "efc": 0.5141050044082475,
  "fber": -1.0,
  "fwhm_avg": 6.140773333333333,
  "fwhm_x": 6.17841,
  "fwhm_y": 5.93913,
  "fwhm_z": 6.30478,
  "icvs_csf": 0.13476104807776407,
  "icvs_gm": 0.44926063077582296,
  "icvs_wm": 0.415978321146413,
  "inu_med": 1.013911485671997,
  "inu_range": 1.1544278562068935,
  "provenance": {
    "md5sum": "71241b8835ede8dd45086532a0110625",
    "settings": {
      "testing": false
    },
    "software": "mriqc",
    "version": "22.0.6",
    "warnings": {
      "large_rot_frame": true,
      "small_air_mask": false
    },
    "webapi_port": null,
    "webapi_url": "https://mriqc.nimh.nih.gov/api/v1"
  },
  "qi_1": 0.0,
  "qi_2": 0.006882434710321102,
  "rpve_csf": 35.54572102971377,
  "rpve_gm": 11.973902315790287,
  "rpve_wm": 14.171239762277875,
  "size_x": 192,
  "size_y": 256,
  "size_z": 256,
  "snr_csf": 3.272376521939691,
  "snr_gm": 17.668361687482037,
  "snr_total": 12.315992157806653,
  "snr_wm": 16.007238263998225,
  "snrd_csf": 25.707462527206303,
  "snrd_gm": 55.51547458464416,
  "snrd_total": 50.6595216121803,
  "snrd_wm": 70.75562772469044,
  "spacing_x": 1.0,
  "spacing_y": 1.0,
  "spacing_z": 1.0,
  "summary_bg_k": 5.053285781419042,
  "summary_bg_mad": 0.0,
  "summary_bg_mean": 5.822353992391988,
  "summary_bg_median": 0.0,
  "summary_bg_n": 2702796.0,
  "summary_bg_p05": 0.0,
  "summary_bg_p95": 26.872246958315372,
  "summary_bg_stdv": 9.260307433069151,
  "summary_csf_k": 4.499571513971096,
  "summary_csf_mad": 84.53351938806951,
  "summary_csf_mean": 376.4587127431365,
  "summary_csf_median": 363.37319423258305,
  "summary_csf_n": 19912.0,
  "summary_csf_p05": 222.21523187309504,
  "summary_csf_p95": 581.8061730794609,
  "summary_csf_stdv": 111.03981073213426,
  "summary_gm_k": 0.13292459560062175,
  "summary_gm_mad": 43.666321273307425,
  "summary_gm_mean": 785.0392933089494,
  "summary_gm_median": 784.7073707804084,
  "summary_gm_n": 41940.0,
  "summary_gm_p05": 711.9572127386928,
  "summary_gm_p95": 858.4644514247775,
  "summary_gm_stdv": 44.41260765913167,
  "summary_wm_k": 0.27379508761161064,
  "summary_wm_mad": 61.30079717214312,
  "summary_wm_mean": 1007.9788376515359,
  "summary_wm_median": 1000.1258750855923,
  "summary_wm_n": 217423.0,
  "summary_wm_p05": 920.767787463963,
  "summary_wm_p95": 1125.1730758026242,
  "summary_wm_stdv": 62.479458269709134,
  "tpm_overlap_csf": 0.13364991448727112,
  "tpm_overlap_gm": 0.44647104861247333,
  "tpm_overlap_wm": 0.45126207712888877,
  "wm2max": 0.29777586239202536
}