{
  "aor": 0.004431898734177215,
  "aqi": 0.008602742784810128,
  "bids_meta": {
    "AcquisitionMatrixPE": 128,
    "AcquisitionNumber": 1,
    "AcquisitionTime": "16:29:4.120000",
    "BandwidthPerPixelPhaseEncode": 23.321,
    "BaseResolution": 128,
    "BodyPartExamined": "BRAIN",
    "ConsistencyInfo": "N4_VE11C_LATEST_20160120",
    "ConversionSoftware": "dcm2niix",
    "ConversionSoftwareVersion": "v1.0.20190902",
    "DerivedVendorReportedEchoSpacing": 0.000669997,
    "DeviceSerialNumber": "45239",
    "DwellTime": 2.2e-06,
    "EchoTime": 0.03,
    "EchoTrainLength": 63,
    "EffectiveEchoSpacing": 0.000334999,
    "FlipAngle": 80,
    "ImageComments": "Unaliased_MB4_PE4_LB",
    "ImageOrientationPatientDICOM": [
      1,
      0,
      0,
      0,
      1,
      0
    ],
    "ImageType": [
      "ORIGINAL",
      "PRIMARY",
      "M",
      "MB",
      "ND",
      "MOSAIC"
    ],
    "ImagingFrequency": 123.186,
    "InPlanePhaseEncodingDirectionDICOM": "COL",
    "InstitutionAddress": "E_24th_St._100_Austin_Southmiddle_US_78712",
    "InstitutionName": "The_Univ._of_Texas_at_Austin_IRC",
    "InstitutionalDepartmentName": "IRC",
    "MRAcquisitionType": "2D",
    "MagneticFieldStrength": 3,
    "Manufacturer": "Siemens",
    "ManufacturersModelName": "Skyra",
    "Modality": "MR",
    "MultibandAccelerationFactor": 4,
    "ParallelReductionFactorInPlane": 2,
    "PartialFourier": 1,
    "PatientPosition": "HFS",
    "PercentPhaseFOV": 100,
    "PhaseEncodingDirection": "j-",
    "PhaseEncodingSteps": 127,
    "PhaseResolution": 1,
    "PixelBandwidth": 1775,
    "ProcedureStepDescription": "Booth_Language",
    "ProtocolName": "Phon1",
    "PulseSequenceDetails": "%CustomerSeq%_cmrr_mbep2d_bold",
    "ReceiveCoilActiveElements": "HC3-6",
    "ReceiveCoilName": "HeadNeck_64",
    "ReconMatrixPE": 128,
    "RefLinesPE": 58,
    "RepetitionTime": 1.25,
    "SAR": 0.31078,
    "ScanOptions": "FS",
    "ScanningSequence": "EP",
    "SequenceName": "epfid2d1_128",
    "SequenceVariant": "SK_SS",
    "SeriesDescription": "Phon1",
    "SeriesNumber": 12,
    "ShiftedAquisitionDate": "1819-06-14",
    "ShimSetting": [
      -2710,
      7841,
      -15321,
      -119,
      624,
      -310,
      367,
      -56
    ],
    "SliceThickness": 2,
    "SliceTiming": [
      0,
      0.2625,
      0.5275,
      0.79,
      1.0525,
      0.0875,
      0.35,
      0.615,
      0.8775,
      1.14,
      0.175,
      0.4375,
      0.7025,
      0.965,
      0,
      0.2625,
      0.5275,
      0.79,
      1.0525,
      0.0875,
      0.35,
      0.615,
      0.8775,
      1.14,
      0.175,
      0.4375,
      0.7025,
      0.965,
      0,
      0.2625,
      0.5275,
      0.79,
      1.0525,
      0.0875,
      0.35,
      0.615,
      0.8775,
      1.14,
      0.175,
      0.4375,
      0.7025,
      0.965,
      0,
      0.2625,
      0.5275,
      0.79,
      1.0525,
      0.0875,
      0.35,
      0.615,
      0.8775,
      1.14,
      0.175,
      0.4375,
      0.7025,
      0.965
    ],
    "SoftwareVersions": "syngo_MR_E11",
    "SpacingBetweenSlices": 2,
    "StationName": "AWP45239",
    "TotalReadoutTime": 0.0425448,
    "TxRefAmp": 326.053,
    "WipMemBlock": "4726fb04-a117-46c2-8f0d-33a456c13223||Sequence: R016 ve11c/master r/e634e98; Dec 19 2017 11:00:25 by eja",
    "acq_id": "D1S12",
    "dataset": "ds003604",
    "modality": "bold",
    "run_id": 1,
    "session_id": "7",
    "subject_id": "5556",
    "task_id": "Phon"
  },
  "dummy_trs": 0,
  "dvars_nstd": 49.49003321662422,
  "dvars_std": 1.0869072562420385,
  "dvars_vstd": 1.0401979221656052,
  "efc": 0.41775707240046084,
  "fber": 3109.348388671875,
  "fd_mean": 0.25869005064359984,
  "fd_num": 55,
  "fd_perc": 34.81012658227848,
  "fwhm_avg": 3.629281666666667,
  "fwhm_x": 3.347205,
  "fwhm_y": 3.661605,
  "fwhm_z": 3.879035,
  "gcor": 0.00908824,
  "gsr_x": -0.016363592818379402,
  "gsr_y": 0.012229938991367817,
  "provenance": {
    "md5sum": "c1c43cca987ec0acff6b5692efb3ca6f",
    "settings": {
      "fd_thres": 0.2,
      "testing": false
    },
    "software": "mriqc",
    "version": "23.0.1",
    "webapi_port": null,
    "webapi_url": "https://mriqc.nimh.nih.gov/api/v1"
  },
  "size_t": 158,
  "size_x": 128,
  "size_y": 128,
  "size_z": 56,
  "snr": 2.1202584061351275,
  "spacing_tr": 1.25,
  "spacing_x": 2.0,
  "spacing_y": 2.0,
  "spacing_z": 2.0,
  "summary_bg_k": 60.94373786098551,
  "summary_bg_mad": 3.809724509081527,
  "summary_bg_mean": 22.164134979248047,
  "summary_bg_median": 11.329113960266113,
  "summary_bg_n": 669587.0,
  "summary_bg_p05": 8.120253562927246,
  "summary_bg_p95": 64.8968376159665,
  "summary_bg_stdv": 42.937381744384766,
  "summary_fg_k": 1.7835956888091244,
  "summary_fg_mad": 243.89747599341007,
  "summary_fg_mean": 702.8184814453125,
  "summary_fg_median": 629.2785034179688,
  "summary_fg_n": 147024.0,
  "summary_fg_p05": 373.0009521484375,
  "summary_fg_p95": 1311.1183532714845,
  "summary_fg_stdv": 296.79229736328125,
  "tsnr": 27.55891287745908
}