{
  "aor": 0.00992132075471698,
  "aqi": 0.01736939141509434,
  "bids_meta": {
    "AcquisitionMatrixPE": 128,
    "AcquisitionNumber": 1,
    "AcquisitionTime": "16:20:9.677500",
    "BandwidthPerPixelPhaseEncode": 23.321,
    "BaseResolution": 128,
    "BodyPartExamined": "BRAIN",
    "ConsistencyInfo": "N4_VE11C_LATEST_20160120",
    "ConversionSoftware": "dcm2niix",
    "ConversionSoftwareVersion": "v1.0.20190902",
    "DerivedVendorReportedEchoSpacing": 0.000669997,
    "DeviceSerialNumber": "45239",
    "DwellTime": 2.2e-06,
    "EchoTime": 0.03,
    "EchoTrainLength": 63,
    "EffectiveEchoSpacing": 0.000334999,
    "FlipAngle": 80,
    "ImageComments": "Unaliased_MB4_PE4_LB",
    "ImageOrientationPatientDICOM": [
      0.997185,
      0,
      0.0749787,
      0,
      1,
      0
    ],
    "ImageType": [
      "ORIGINAL",
      "PRIMARY",
      "M",
      "MB",
      "ND",
      "MOSAIC"
    ],
    "ImagingFrequency": 123.186,
    "InPlanePhaseEncodingDirectionDICOM": "COL",
    "InstitutionAddress": "E_24th_St._100_Austin_Southmiddle_US_78712",
    "InstitutionName": "The_Univ._of_Texas_at_Austin_IRC",
    "InstitutionalDepartmentName": "IRC",
    "MRAcquisitionType": "2D",
    "MagneticFieldStrength": 3,
    "Manufacturer": "Siemens",
    "ManufacturersModelName": "Skyra",
    "Modality": "MR",
    "MultibandAccelerationFactor": 4,
    "ParallelReductionFactorInPlane": 2,
    "PartialFourier": 1,
    "PatientPosition": "HFS",
    "PercentPhaseFOV": 100,
    "PhaseEncodingDirection": "j-",
    "PhaseEncodingSteps": 127,
    "PhaseResolution": 1,
    "PixelBandwidth": 1775,
    "ProcedureStepDescription": "Booth_Language",
    "ProtocolName": "Plaus1",
    "PulseSequenceDetails": "%CustomerSeq%_cmrr_mbep2d_bold",
    "ReceiveCoilActiveElements": "HC1-6",
    "ReceiveCoilName": "HeadNeck_64",
    "ReconMatrixPE": 128,
    "RefLinesPE": 58,
    "RepetitionTime": 1.25,
    "SAR": 0.266995,
    "ScanOptions": "FS",
    "ScanningSequence": "EP",
    "SequenceName": "epfid2d1_128",
    "SequenceVariant": "SK_SS",
    "SeriesDescription": "Plaus1",
    "SeriesNumber": 5,
    "ShiftedAquisitionDate": "1819-06-28",
    "ShimSetting": [
      -2692,
      7849,
      -15331,
      -58,
      600,
      -252,
      295,
      60
    ],
    "SliceThickness": 2,
    "SliceTiming": [
      0,
      0.265,
      0.5275,
      0.79,
      1.055,
      0.0875,
      0.3525,
      0.615,
      0.88,
      1.1425,
      0.175,
      0.44,
      0.7025,
      0.9675,
      0,
      0.265,
      0.5275,
      0.79,
      1.055,
      0.0875,
      0.3525,
      0.615,
      0.88,
      1.1425,
      0.175,
      0.44,
      0.7025,
      0.9675,
      0,
      0.265,
      0.5275,
      0.79,
      1.055,
      0.0875,
      0.3525,
      0.615,
      0.88,
      1.1425,
      0.175,
      0.44,
      0.7025,
      0.9675,
      0,
      0.265,
      0.5275,
      0.79,
      1.055,
      0.0875,
      0.3525,
      0.615,
      0.88,
      1.1425,
      0.175,
      0.44,
      0.7025,
      0.9675
    ],
    "SoftwareVersions": "syngo_MR_E11",
    "SpacingBetweenSlices": 2,
    "StationName": "AWP45239",
    "TotalReadoutTime": 0.0425448,
    "TxRefAmp": 330.472,
    "WipMemBlock": "5960a978-9002-4ae7-aa86-fec6ebc90471||Sequence: R016 ve11c/master r/e634e98; Dec 19 2017 11:00:25 by eja",
    "acq_id": "D2S5",
    "dataset": "ds003604",
    "modality": "bold",
    "run_id": 1,
    "session_id": "7",
    "subject_id": "5556",
    "task_id": "Plaus"
  },
  "dummy_trs": 0,
  "dvars_nstd": 66.35386037578193,
  "dvars_std": 1.1071738135071094,
  "dvars_vstd": 1.0445835599999995,
  "efc": 0.41629233042505354,
  "fber": 3133.60595703125,
  "fd_mean": 0.7328998314863967,
  "fd_num": 152,
  "fd_perc": 71.69811320754717,
  "fwhm_avg": 3.596895,
  "fwhm_x": 3.27347,
  "fwhm_y": 3.69538,
  "fwhm_z": 3.821835,
  "gcor": 0.0357682,
  "gsr_x": -0.01397607009857893,
  "gsr_y": 0.01756901666522026,
  "provenance": {
    "md5sum": "dfc3a6e8c4e22b9d8d7acc8931d06c41",
    "settings": {
      "fd_thres": 0.2,
      "testing": false
    },
    "software": "mriqc",
    "version": "23.0.1",
    "webapi_port": null,
    "webapi_url": "https://mriqc.nimh.nih.gov/api/v1"
  },
  "size_t": 212,
  "size_x": 128,
  "size_y": 128,
  "size_z": 56,
  "snr": 2.326473464551429,
  "spacing_tr": 1.25,
  "spacing_x": 2.0,
  "spacing_y": 2.0,
  "spacing_z": 2.0,
  "summary_bg_k": 65.1722045797985,
  "summary_bg_mad": 3.9302936800129884,
  "summary_bg_mean": 22.21309471130371,
  "summary_bg_median": 11.839622497558594,
  "summary_bg_n": 675714.0,
  "summary_bg_p05": 7.797170162200928,
  "summary_bg_p95": 61.924530029296875,
  "summary_bg_stdv": 40.35698699951172,
  "summary_fg_k": 1.467129810656381,
  "summary_fg_mad": 244.88115686598485,
  "summary_fg_mean": 713.687255859375,
  "summary_fg_median": 655.4906005859375,
  "summary_fg_n": 142495.0,
  "summary_fg_p05": 375.4184112548828,
  "summary_fg_p95": 1278.0717163085935,
  "summary_fg_stdv": 281.75189208984375,
  "tsnr": 20.307885294780135
}