{
  "aor": 0.047755696202531644,
  "aqi": 0.05068383088607595,
  "bids_meta": {
    "AcquisitionMatrixPE": 128,
    "AcquisitionNumber": 1,
    "AcquisitionTime": "16:27:14.230000",
    "BandwidthPerPixelPhaseEncode": 23.321,
    "BaseResolution": 128,
    "BodyPartExamined": "BRAIN",
    "ConsistencyInfo": "N4_VE11C_LATEST_20160120",
    "ConversionSoftware": "dcm2niix",
    "ConversionSoftwareVersion": "v1.0.20190902",
    "DerivedVendorReportedEchoSpacing": 0.000669997,
    "DeviceSerialNumber": "45239",
    "DwellTime": 2.2e-06,
    "EchoTime": 0.03,
    "EchoTrainLength": 63,
    "EffectiveEchoSpacing": 0.000334999,
    "FlipAngle": 80,
    "ImageComments": "Unaliased_MB4_PE4_LB",
    "ImageOrientationPatientDICOM": [
      1,
      0,
      0,
      0,
      1,
      0
    ],
    "ImageType": [
      "ORIGINAL",
      "PRIMARY",
      "M",
      "MB",
      "ND",
      "MOSAIC"
    ],
    "ImagingFrequency": 123.186,
    "InPlanePhaseEncodingDirectionDICOM": "COL",
    "InstitutionAddress": "E_24th_St._100_Austin_Southmiddle_US_78712",
    "InstitutionName": "The_Univ._of_Texas_at_Austin_IRC",
    "InstitutionalDepartmentName": "IRC",
    "MRAcquisitionType": "2D",
    "MagneticFieldStrength": 3,
    "Manufacturer": "Siemens",
    "ManufacturersModelName": "Skyra",
    "Modality": "MR",
    "MultibandAccelerationFactor": 4,
    "ParallelReductionFactorInPlane": 2,
    "PartialFourier": 1,
    "PatientPosition": "HFS",
    "PercentPhaseFOV": 100,
    "PhaseEncodingDirection": "j-",
    "PhaseEncodingSteps": 127,
    "PhaseResolution": 1,
    "PixelBandwidth": 1775,
    "ProcedureStepDescription": "Booth_Language",
    "ProtocolName": "Phon2",
    "PulseSequenceDetails": "%CustomerSeq%_cmrr_mbep2d_bold",
    "ReceiveCoilActiveElements": "HC3-7",
    "ReceiveCoilName": "HeadNeck_64",
    "ReconMatrixPE": 128,
    "RefLinesPE": 58,
    "RepetitionTime": 1.25,
    "SAR": 0.2814,
    "ScanOptions": "FS",
    "ScanningSequence": "EP",
    "SequenceName": "epfid2d1_128",
    "SequenceVariant": "SK_SS",
    "SeriesDescription": "Phon2",
    "SeriesNumber": 5,
    "ShiftedAquisitionDate": "1819-01-24",
    "ShimSetting": [
      -2726,
      7830,
      -15304,
      33,
      860,
      -651,
      61,
      -116
    ],
    "SliceThickness": 2,
    "SliceTiming": [
      0,
      0.2625,
      0.5275,
      0.79,
      1.055,
      0.0875,
      0.35,
      0.615,
      0.8775,
      1.1425,
      0.175,
      0.44,
      0.7025,
      0.965,
      0,
      0.2625,
      0.5275,
      0.79,
      1.055,
      0.0875,
      0.35,
      0.615,
      0.8775,
      1.1425,
      0.175,
      0.44,
      0.7025,
      0.965,
      0,
      0.2625,
      0.5275,
      0.79,
      1.055,
      0.0875,
      0.35,
      0.615,
      0.8775,
      1.1425,
      0.175,
      0.44,
      0.7025,
      0.965,
      0,
      0.2625,
      0.5275,
      0.79,
      1.055,
      0.0875,
      0.35,
      0.615,
      0.8775,
      1.1425,
      0.175,
      0.44,
      0.7025,
      0.965
    ],
    "SoftwareVersions": "syngo_MR_E11",
    "SpacingBetweenSlices": 2,
    "StationName": "AWP45239",
    "TotalReadoutTime": 0.0425448,
    "TxRefAmp": 320.988,
    "WipMemBlock": "2dd853c6-2e77-49a0-9f17-2a0aaa98f0b2||Sequence: R016 ve11c/master r/e634e98; Dec 19 2017 11:00:25 by eja",
    "acq_id": "D1S5",
    "dataset": "ds003604",
    "modality": "bold",
    "run_id": 2,
    "session_id": "7",
    "subject_id": "5551",
    "task_id": "Phon"
  },
  "dummy_trs": 0,
  "dvars_nstd": 125.82279389993629,
  "dvars_std": 1.4342735482802549,
  "dvars_vstd": 1.3509404282802557,
  "efc": 0.4339619825571803,
  "fber": 2443.649169921875,
  "fd_mean": 2.4112785664079337,
  "fd_num": 136,
  "fd_perc": 86.07594936708861,
  "fwhm_avg": 3.882391666666667,
  "fwhm_x": 3.61969,
  "fwhm_y": 3.83833,
  "fwhm_z": 4.189155,
  "gcor": 0.129863,
  "gsr_x": -0.019600829109549522,
  "gsr_y": 0.01409542839974165,
  "provenance": {
    "md5sum": "510d839dcf7d57e8febb5ecafc0563f2",
    "settings": {
      "fd_thres": 0.2,
      "testing": false
    },
    "software": "mriqc",
    "version": "23.0.1",
    "webapi_port": null,
    "webapi_url": "https://mriqc.nimh.nih.gov/api/v1"
  },
  "size_t": 158,
  "size_x": 128,
  "size_y": 128,
  "size_z": 56,
  "snr": 2.151041793019612,
  "spacing_tr": 1.25,
  "spacing_x": 2.0,
  "spacing_y": 2.0,
  "spacing_z": 2.0,
  "summary_bg_k": 64.6801866623087,
  "summary_bg_mad": 4.879449462397384,
  "summary_bg_mean": 25.091718673706055,
  "summary_bg_median": 13.056962013244629,
  "summary_bg_n": 661843.0,
  "summary_bg_p05": 8.924051284790039,
  "summary_bg_p95": 76.28417968750014,
  "summary_bg_stdv": 45.6150016784668,
  "summary_fg_k": 2.7544466666387004,
  "summary_fg_mad": 241.98323238194357,
  "summary_fg_mean": 713.5234375,
  "summary_fg_median": 642.5759887695312,
  "summary_fg_n": 154663.0,
  "summary_fg_p05": 376.2911376953125,
  "summary_fg_p95": 1305.4721923828124,
  "summary_fg_stdv": 298.7268371582031,
  "tsnr": 10.759438130771741
}