{
  "bids_meta": {
    "AcquisitionMatrixPE": 256,
    "AcquisitionNumber": 1,
    "AcquisitionTime": "16:34:29.105000",
    "BaseResolution": 256,
    "BodyPartExamined": "BRAIN",
    "ConsistencyInfo": "N4_VE11A_LATEST_20140830",
    "ConversionSoftware": "dcm2niix",
    "ConversionSoftwareVersion": "v1.0.20190902",
    "DeviceSerialNumber": "45239",
    "DwellTime": 1.09e-05,
    "EchoTime": 0.00243,
    "FlipAngle": 9,
    "ImageOrientationPatientDICOM": [
      0,
      1,
      0,
      0,
      0,
      -1
    ],
    "ImageType": [
      "ORIGINAL",
      "PRIMARY",
      "M",
      "ND"
    ],
    "ImagingFrequency": 123.224,
    "InPlanePhaseEncodingDirectionDICOM": "ROW",
    "InstitutionAddress": "E_24th_St._100_Austin_Southmiddle_US_78712",
    "InstitutionName": "The_Univ._of_Texas_at_Austin_IRC",
    "InstitutionalDepartmentName": "IRC",
    "InversionTime": 0.9,
    "MRAcquisitionType": "3D",
    "MagneticFieldStrength": 3,
    "Manufacturer": "Siemens",
    "ManufacturersModelName": "Skyra",
    "Modality": "MR",
    "ParallelReductionFactorInPlane": 2,
    "PartialFourier": 1,
    "PatientPosition": "HFS",
    "PercentPhaseFOV": 100,
    "PhaseEncodingSteps": 255,
    "PhaseResolution": 1,
    "PixelBandwidth": 180,
    "ProcedureStepDescription": "Booth_Language",
    "ProtocolName": "MPRAGE",
    "PulseSequenceDetails": "%SiemensSeq%_tfl",
    "ReceiveCoilActiveElements": "HC1-6",
    "ReceiveCoilName": "HeadNeck_64",
    "ReconMatrixPE": 256,
    "RefLinesPE": 24,
    "RepetitionTime": 1.9,
    "SAR": 0.255538,
    "ScanOptions": "IR",
    "ScanningSequence": "GR_IR",
    "SequenceName": "_tfl3d1_16ns",
    "SequenceVariant": "SK_SP_MP",
    "SeriesDescription": "MPRAGE",
    "SeriesNumber": 9,
    "ShiftedAquisitionDate": "1816-01-01 00:00:00",
    "ShimSetting": [
      -2849,
      8022,
      -16018,
      -1233,
      -75,
      -527,
      -219,
      169
    ],
    "SliceThickness": 1,
    "SoftwareVersions": "syngo_MR_E11",
    "StationName": "AWP45239",
    "TxRefAmp": 324.178,
    "acq_id": "D1S9",
    "dataset": "ds003604",
    "modality": "T1w",
    "session_id": "5",
    "subject_id": "5270"
  },
  "cjv": 0.4121427699005931,
  "cnr": 3.21229071991451,
  "efc": 0.5628971105240352,
  "fber": 12655.198619966808,
  "fwhm_avg": 5.8998,
  "fwhm_x": 6.1047,
  "fwhm_y": 5.41131,
  "fwhm_z": 6.18339,
  "icvs_csf": 0.1299759677456147,
  "icvs_gm": 0.48430231523111833,
  "icvs_wm": 0.38572171702326696,
  "inu_med": 0.9379530847072601,
  "inu_range": 1.2347654223442068,
  "provenance": {
    "md5sum": "6dcf328020a989797b4e84bb80d63f57",
    "settings": {
      "testing": false
    },
    "software": "mriqc",
    "version": "22.0.6",
    "warnings": {
      "large_rot_frame": true,
      "small_air_mask": false
    },
    "webapi_port": null,
    "webapi_url": "https://mriqc.nimh.nih.gov/api/v1"
  },
  "qi_1": 0.0,
  "qi_2": 0.0032457441175476566,
  "rpve_csf": 43.43931287254368,
  "rpve_gm": 13.303470086952982,
  "rpve_wm": 17.275478507497,
  "size_x": 192,
  "size_y": 256,
  "size_z": 256,
  "snr_csf": 2.4654562808679277,
  "snr_gm": 15.766557037083755,
  "snr_total": 11.763299356333762,
  "snr_wm": 17.057884751049606,
  "snrd_csf": 15.667693871666351,
  "snrd_gm": 36.14865052245742,
  "snrd_total": 33.270846079038755,
  "snrd_wm": 47.99619384299249,
  "spacing_x": 1.0,
  "spacing_y": 1.0,
  "spacing_z": 1.0,
  "summary_bg_k": 15.5007737372555,
  "summary_bg_mad": 0.0,
  "summary_bg_mean": 8.529818173756356,
  "summary_bg_median": 0.0,
  "summary_bg_n": 1636018.0,
  "summary_bg_p05": 0.0,
  "summary_bg_p95": 33.7167801707983,
  "summary_bg_stdv": 13.650660211660181,
  "summary_csf_k": 5.0469934281233595,
  "summary_csf_mad": 108.3085750111977,
  "summary_csf_mean": 342.1711926116685,
  "summary_csf_median": 326.45776565372944,
  "summary_csf_n": 16642.0,
  "summary_csf_p05": 138.10988159962,
  "summary_csf_p95": 571.0035888925195,
  "summary_csf_stdv": 132.40873901940927,
  "summary_gm_k": 0.09849822202221592,
  "summary_gm_mad": 47.04806878314471,
  "summary_gm_mean": 753.2002981275066,
  "summary_gm_median": 753.2064244821668,
  "summary_gm_n": 47881.0,
  "summary_gm_p05": 674.5339374169707,
  "summary_gm_p95": 832.0111342146993,
  "summary_gm_stdv": 47.77191096760344,
  "summary_wm_k": 0.7406741976723379,
  "summary_wm_mad": 54.69337996040572,
  "summary_wm_mean": 1006.7096701971385,
  "summary_wm_median": 1000.0661443993449,
  "summary_wm_n": 153557.0,
  "summary_wm_p05": 922.5175500065088,
  "summary_wm_p95": 1114.1214172437776,
  "summary_wm_stdv": 58.62760258110292,
  "tpm_overlap_csf": 0.1599769965505617,
  "tpm_overlap_gm": 0.47627182651198485,
  "tpm_overlap_wm": 0.4533183208644893,
  "wm2max": 0.3368510481719151
}