{
  "aor": 0.0015232278481012657,
  "aqi": 0.007132334683544304,
  "bids_meta": {
    "AcquisitionMatrixPE": 128,
    "AcquisitionNumber": 1,
    "AcquisitionTime": "15:09:41.535000",
    "BandwidthPerPixelPhaseEncode": 23.321,
    "BaseResolution": 128,
    "BodyPartExamined": "BRAIN",
    "ConsistencyInfo": "N4_VE11C_LATEST_20160120",
    "ConversionSoftware": "dcm2niix",
    "ConversionSoftwareVersion": "v1.0.20190902",
    "DerivedVendorReportedEchoSpacing": 0.000669997,
    "DeviceSerialNumber": "45239",
    "DwellTime": 2.2e-06,
    "EchoTime": 0.03,
    "EchoTrainLength": 63,
    "EffectiveEchoSpacing": 0.000334999,
    "FlipAngle": 80,
    "ImageComments": "Unaliased_MB4_PE4_LB",
    "ImageOrientationPatientDICOM": [
      1,
      0,
      0,
      0,
      1,
      0
    ],
    "ImageType": [
      "ORIGINAL",
      "PRIMARY",
      "M",
      "MB",
      "ND",
      "MOSAIC"
    ],
    "ImagingFrequency": 123.186,
    "InPlanePhaseEncodingDirectionDICOM": "COL",
    "InstitutionAddress": "E_24th_St._100_Austin_Southmiddle_US_78712",
    "InstitutionName": "The_Univ._of_Texas_at_Austin_IRC",
    "InstitutionalDepartmentName": "IRC",
    "MRAcquisitionType": "2D",
    "MagneticFieldStrength": 3,
    "Manufacturer": "Siemens",
    "ManufacturersModelName": "Skyra",
    "Modality": "MR",
    "MultibandAccelerationFactor": 4,
    "ParallelReductionFactorInPlane": 2,
    "PartialFourier": 1,
    "PatientPosition": "HFS",
    "PercentPhaseFOV": 100,
    "PhaseEncodingDirection": "j-",
    "PhaseEncodingSteps": 127,
    "PhaseResolution": 1,
    "PixelBandwidth": 1775,
    "ProcedureStepDescription": "Booth_Language",
    "ProtocolName": "SEM2",
    "PulseSequenceDetails": "%CustomerSeq%_cmrr_mbep2d_bold",
    "ReceiveCoilActiveElements": "HC3-6",
    "ReceiveCoilName": "HeadNeck_64",
    "ReconMatrixPE": 128,
    "RefLinesPE": 58,
    "RepetitionTime": 1.25,
    "SAR": 0.256385,
    "ScanOptions": "FS",
    "ScanningSequence": "EP",
    "SequenceName": "epfid2d1_128",
    "SequenceVariant": "SK_SS",
    "SeriesDescription": "SEM2",
    "SeriesNumber": 4,
    "ShiftedAquisitionDate": "1818-07-06",
    "ShimSetting": [
      -2732,
      7861,
      -15374,
      156,
      649,
      -695,
      237,
      -49
    ],
    "SliceThickness": 2,
    "SliceTiming": [
      0,
      0.2625,
      0.5275,
      0.79,
      1.0525,
      0.0875,
      0.35,
      0.615,
      0.8775,
      1.1425,
      0.175,
      0.4375,
      0.7025,
      0.965,
      0,
      0.2625,
      0.5275,
      0.79,
      1.0525,
      0.0875,
      0.35,
      0.615,
      0.8775,
      1.1425,
      0.175,
      0.4375,
      0.7025,
      0.965,
      0,
      0.2625,
      0.5275,
      0.79,
      1.0525,
      0.0875,
      0.35,
      0.615,
      0.8775,
      1.1425,
      0.175,
      0.4375,
      0.7025,
      0.965,
      0,
      0.2625,
      0.5275,
      0.79,
      1.0525,
      0.0875,
      0.35,
      0.615,
      0.8775,
      1.1425,
      0.175,
      0.4375,
      0.7025,
      0.965
    ],
    "SoftwareVersions": "syngo_MR_E11",
    "SpacingBetweenSlices": 2,
    "StationName": "AWP45239",
    "TotalReadoutTime": 0.0425448,
    "TxRefAmp": 321.235,
    "WipMemBlock": "00cb2ee0-5f6e-4d3e-851d-9bf7f03ec165||Sequence: R016 ve11c/master r/e634e98; Dec 19 2017 11:00:25 by eja",
    "acq_id": "D2S4",
    "dataset": "ds003604",
    "modality": "bold",
    "run_id": 2,
    "session_id": "7",
    "subject_id": "5543",
    "task_id": "Sem"
  },
  "dummy_trs": 0,
  "dvars_nstd": 55.06994065210189,
  "dvars_std": 1.190119717133758,
  "dvars_vstd": 1.0299402589808921,
  "efc": 0.4160407809476547,
  "fber": 3153.4912109375,
  "fd_mean": 0.1520741509500661,
  "fd_num": 48,
  "fd_perc": 30.379746835443036,
  "fwhm_avg": 3.364656666666667,
  "fwhm_x": 3.130435,
  "fwhm_y": 3.42061,
  "fwhm_z": 3.542925,
  "gcor": 0.00559632,
  "gsr_x": -0.02314886450767517,
  "gsr_y": 0.020754152908921242,
  "provenance": {
    "md5sum": "86b85b88e30325fc7e4a86e74f389672",
    "settings": {
      "fd_thres": 0.2,
      "testing": false
    },
    "software": "mriqc",
    "version": "23.0.1",
    "webapi_port": null,
    "webapi_url": "https://mriqc.nimh.nih.gov/api/v1"
  },
  "size_t": 158,
  "size_x": 128,
  "size_y": 128,
  "size_z": 56,
  "snr": 2.357655119072159,
  "spacing_tr": 1.25,
  "spacing_x": 2.0,
  "spacing_y": 2.0,
  "spacing_z": 2.0,
  "summary_bg_k": 96.2758323119953,
  "summary_bg_mad": 3.1622595918008316,
  "summary_bg_mean": 20.77701759338379,
  "summary_bg_median": 10.803797721862793,
  "summary_bg_n": 677100.0,
  "summary_bg_p05": 8.164557456970215,
  "summary_bg_p95": 61.46835708618164,
  "summary_bg_stdv": 40.35969161987305,
  "summary_fg_k": 1.6946026008251014,
  "summary_fg_mad": 222.38092172660174,
  "summary_fg_mean": 664.9705810546875,
  "summary_fg_median": 609.5443115234375,
  "summary_fg_n": 139760.0,
  "summary_fg_p05": 359.93639068603517,
  "summary_fg_p95": 1174.982659912109,
  "summary_fg_stdv": 258.5374450683594,
  "tsnr": 32.36120061855763
}