{
  "bids_meta": {
    "AcquisitionMatrixPE": 256,
    "AcquisitionNumber": 1,
    "AcquisitionTime": "16:13:18.520000",
    "BaseResolution": 256,
    "BodyPartExamined": "BRAIN",
    "ConsistencyInfo": "N4_VE11C_LATEST_20160120",
    "ConversionSoftware": "dcm2niix",
    "ConversionSoftwareVersion": "v1.0.20190902",
    "DeviceSerialNumber": "45239",
    "DwellTime": 1.09e-05,
    "EchoTime": 0.00243,
    "FlipAngle": 9,
    "ImageOrientationPatientDICOM": [
      0,
      1,
      0,
      0,
      0,
      -1
    ],
    "ImageType": [
      "ORIGINAL",
      "PRIMARY",
      "M",
      "ND"
    ],
    "ImagingFrequency": 123.186,
    "InPlanePhaseEncodingDirectionDICOM": "ROW",
    "InstitutionAddress": "E_24th_St._100_Austin_Southmiddle_US_78712",
    "InstitutionName": "The_Univ._of_Texas_at_Austin_IRC",
    "InstitutionalDepartmentName": "IRC",
    "InversionTime": 0.9,
    "MRAcquisitionType": "3D",
    "MagneticFieldStrength": 3,
    "Manufacturer": "Siemens",
    "ManufacturersModelName": "Skyra",
    "Modality": "MR",
    "ParallelReductionFactorInPlane": 2,
    "PartialFourier": 1,
    "PatientPosition": "HFS",
    "PercentPhaseFOV": 100,
    "PhaseEncodingSteps": 255,
    "PhaseResolution": 1,
    "PixelBandwidth": 180,
    "ProcedureStepDescription": "Booth_Language",
    "ProtocolName": "MPRAGE",
    "PulseSequenceDetails": "%SiemensSeq%_tfl",
    "ReceiveCoilActiveElements": "HC1-6",
    "ReceiveCoilName": "HeadNeck_64",
    "ReconMatrixPE": 256,
    "RefLinesPE": 24,
    "RepetitionTime": 1.9,
    "SAR": 0.1789,
    "ScanOptions": "IR",
    "ScanningSequence": "GR_IR",
    "SequenceName": "_tfl3d1_16ns",
    "SequenceVariant": "SK_SP_MP",
    "SeriesDescription": "MPRAGE",
    "SeriesNumber": 2,
    "ShiftedAquisitionDate": "1818-07-09 00:00:00",
    "ShimSetting": [
      -2727,
      7934,
      -15901,
      -500,
      562,
      -716,
      -526,
      132
    ],
    "SliceThickness": 1,
    "SoftwareVersions": "syngo_MR_E11",
    "StationName": "AWP45239",
    "TxRefAmp": 330.679,
    "acq_id": "D1S2",
    "dataset": "ds003604",
    "modality": "T1w",
    "session_id": "9",
    "subject_id": "5370"
  },
  "cjv": 0.44433409861839573,
  "cnr": 3.023547060073911,
  "efc": 0.5358362045936781,
  "fber": 9736.216651366429,
  "fwhm_avg": 4.5486933333333335,
  "fwhm_x": 4.76723,
  "fwhm_y": 4.40935,
  "fwhm_z": 4.4695,
  "icvs_csf": 0.1410956272093734,
  "icvs_gm": 0.4516031749938277,
  "icvs_wm": 0.4073011977967989,
  "inu_med": 1.0835461020469666,
  "inu_range": 1.0891055285930633,
  "provenance": {
    "md5sum": "861c2c7b7bf748dfedb0c9a1317810f3",
    "settings": {
      "testing": false
    },
    "software": "mriqc",
    "version": "22.0.6",
    "warnings": {
      "large_rot_frame": true,
      "small_air_mask": false
    },
    "webapi_port": null,
    "webapi_url": "https://mriqc.nimh.nih.gov/api/v1"
  },
  "qi_1": 0.0,
  "qi_2": 0.0025330905181698876,
  "rpve_csf": 33.90419302768991,
  "rpve_gm": 11.426220969252668,
  "rpve_wm": 13.635767693907713,
  "size_x": 192,
  "size_y": 256,
  "size_z": 256,
  "snr_csf": 1.2233870762647603,
  "snr_gm": 14.731398361995112,
  "snr_total": 10.850883116075666,
  "snr_wm": 16.597863909967128,
  "snrd_csf": 19.773596879353587,
  "snrd_gm": 41.745599753220674,
  "snrd_total": 38.86931841853421,
  "snrd_wm": 55.088758623028376,
  "spacing_x": 1.0,
  "spacing_y": 1.0,
  "spacing_z": 1.0,
  "summary_bg_k": 5.901790328869586,
  "summary_bg_mad": 0.0,
  "summary_bg_mean": 8.691118681316023,
  "summary_bg_median": 0.0,
  "summary_bg_n": 2360173.0,
  "summary_bg_p05": 0.0,
  "summary_bg_p95": 30.935357689857483,
  "summary_bg_stdv": 11.893247096669022,
  "summary_csf_k": 20.864494254075623,
  "summary_csf_mad": 100.27522961211322,
  "summary_csf_mean": 413.9136154972547,
  "summary_csf_median": 358.96688640117645,
  "summary_csf_n": 22845.0,
  "summary_csf_p05": 165.8543752372265,
  "summary_csf_p95": 721.3483358681201,
  "summary_csf_stdv": 293.41410965099004,
  "summary_gm_k": 0.13469684522231162,
  "summary_gm_mad": 50.29987245915064,
  "summary_gm_mean": 758.6377431619012,
  "summary_gm_median": 757.8433026522398,
  "summary_gm_n": 57954.0,
  "summary_gm_p05": 674.8869307339191,
  "summary_gm_p95": 844.2288297861814,
  "summary_gm_stdv": 51.44364069752285,
  "summary_wm_k": 0.40689142905149644,
  "summary_wm_mad": 57.331037426558794,
  "summary_wm_mean": 1008.3884458152796,
  "summary_wm_median": 1000.0729902237654,
  "summary_wm_n": 218090.0,
  "summary_wm_p05": 924.4856539815664,
  "summary_wm_p95": 1121.6255985051394,
  "summary_wm_stdv": 60.25297609662685,
  "tpm_overlap_csf": 0.14385014760988044,
  "tpm_overlap_gm": 0.4715884342256062,
  "tpm_overlap_wm": 0.46981639255283214,
  "wm2max": 0.2790513029315961
}