{
  "bids_meta": {
    "AcquisitionMatrixPE": 256,
    "AcquisitionNumber": 1,
    "AcquisitionTime": "12:35:40.455000",
    "BaseResolution": 256,
    "BodyPartExamined": "BRAIN",
    "ConsistencyInfo": "N4_VE11A_LATEST_20140830",
    "ConversionSoftware": "dcm2niix",
    "ConversionSoftwareVersion": "v1.0.20190902",
    "DeviceSerialNumber": "45239",
    "DwellTime": 1.09e-05,
    "EchoTime": 0.00243,
    "FlipAngle": 9,
    "ImageOrientationPatientDICOM": [
      0,
      1,
      0,
      0,
      0,
      -1
    ],
    "ImageType": [
      "ORIGINAL",
      "PRIMARY",
      "M",
      "ND"
    ],
    "ImagingFrequency": 123.224,
    "InPlanePhaseEncodingDirectionDICOM": "ROW",
    "InstitutionAddress": "E_24th_St._100_Austin_Southmiddle_US_78712",
    "InstitutionName": "The_Univ._of_Texas_at_Austin_IRC",
    "InstitutionalDepartmentName": "IRC",
    "InversionTime": 0.9,
    "MRAcquisitionType": "3D",
    "MagneticFieldStrength": 3,
    "Manufacturer": "Siemens",
    "ManufacturersModelName": "Skyra",
    "Modality": "MR",
    "ParallelReductionFactorInPlane": 2,
    "PartialFourier": 1,
    "PatientPosition": "HFS",
    "PercentPhaseFOV": 100,
    "PhaseEncodingSteps": 255,
    "PhaseResolution": 1,
    "PixelBandwidth": 180,
    "ProcedureStepDescription": "Booth_Language",
    "ProtocolName": "MPRAGE",
    "PulseSequenceDetails": "%SiemensSeq%_tfl",
    "ReceiveCoilActiveElements": "HC1-6",
    "ReceiveCoilName": "HeadNeck_64",
    "ReconMatrixPE": 256,
    "RefLinesPE": 24,
    "RepetitionTime": 1.9,
    "SAR": 0.233673,
    "ScanOptions": "IR",
    "ScanningSequence": "GR_IR",
    "SequenceName": "_tfl3d1_16ns",
    "SequenceVariant": "SK_SP_MP",
    "SeriesDescription": "MPRAGE",
    "SeriesNumber": 2,
    "ShiftedAquisitionDate": "1815-04-26 00:00:00",
    "ShimSetting": [
      -2849,
      8022,
      -16018,
      -1233,
      -75,
      -527,
      -219,
      169
    ],
    "SliceThickness": 1,
    "SoftwareVersions": "syngo_MR_E11",
    "StationName": "AWP45239",
    "TxRefAmp": 337.593,
    "acq_id": "D1S2",
    "dataset": "ds003604",
    "modality": "T1w",
    "session_id": "5",
    "subject_id": "5190"
  },
  "cjv": 0.452253805355272,
  "cnr": 3.035975751430028,
  "efc": 0.5481079059056244,
  "fber": -1.0,
  "fwhm_avg": 5.602373333333333,
  "fwhm_x": 5.78827,
  "fwhm_y": 5.36233,
  "fwhm_z": 5.65652,
  "icvs_csf": 0.12839530202499075,
  "icvs_gm": 0.4811844922709758,
  "icvs_wm": 0.3904202057040334,
  "inu_med": 1.0267914533615112,
  "inu_range": 1.1829195618629456,
  "provenance": {
    "md5sum": "1bec664da15e8f98180a00e8f13b5fa8",
    "settings": {
      "testing": false
    },
    "software": "mriqc",
    "version": "22.0.6",
    "warnings": {
      "large_rot_frame": true,
      "small_air_mask": false
    },
    "webapi_port": null,
    "webapi_url": "https://mriqc.nimh.nih.gov/api/v1"
  },
  "qi_1": 0.0,
  "qi_2": 0.004772210261929947,
  "rpve_csf": 38.31110580791624,
  "rpve_gm": 11.620697635848966,
  "rpve_wm": 14.834334821178759,
  "size_x": 192,
  "size_y": 256,
  "size_z": 256,
  "snr_csf": 2.551865666061877,
  "snr_gm": 15.894435799978115,
  "snr_total": 11.31191793414954,
  "snr_wm": 15.489452336408618,
  "snrd_csf": 21.476014771492974,
  "snrd_gm": 46.81065642698109,
  "snrd_total": 43.440053971742664,
  "snrd_wm": 62.03349071675394,
  "spacing_x": 1.0,
  "spacing_y": 1.0,
  "spacing_z": 1.0,
  "summary_bg_k": 3.417866823336392,
  "summary_bg_mad": 0.0,
  "summary_bg_mean": 6.2985434956860225,
  "summary_bg_median": 0.0,
  "summary_bg_n": 1907013.0,
  "summary_bg_p05": 0.0,
  "summary_bg_p95": 24.100668601691723,
  "summary_bg_stdv": 10.561762317602632,
  "summary_csf_k": 36.91334589884291,
  "summary_csf_mad": 84.42801030621091,
  "summary_csf_mean": 360.66898590276134,
  "summary_csf_median": 346.2249442189932,
  "summary_csf_n": 20284.0,
  "summary_csf_p05": 200.06754143200814,
  "summary_csf_p95": 559.5762907490134,
  "summary_csf_stdv": 135.67187892514053,
  "summary_gm_k": 0.018704228260219224,
  "summary_gm_mad": 47.53686972297268,
  "summary_gm_mean": 755.3965356403717,
  "summary_gm_median": 754.6566289290786,
  "summary_gm_n": 63446.0,
  "summary_gm_p05": 677.8757378086448,
  "summary_gm_p95": 834.2812567576766,
  "summary_gm_stdv": 47.47892225724747,
  "summary_wm_k": 0.42834009423648967,
  "summary_wm_mad": 63.45276180316974,
  "summary_wm_mean": 1007.6717884126084,
  "summary_wm_median": 1000.0711068436503,
  "summary_wm_n": 184283.0,
  "summary_wm_p05": 916.5363410413265,
  "summary_wm_p95": 1125.1244285851717,
  "summary_wm_stdv": 64.56447727839162,
  "tpm_overlap_csf": 0.14078331501253147,
  "tpm_overlap_gm": 0.46732161677215467,
  "tpm_overlap_wm": 0.4386505786361831,
  "wm2max": 0.27902662097839215
}