{
  "bids_meta": {
    "AcquisitionMatrixPE": 256,
    "AcquisitionNumber": 1,
    "AcquisitionTime": "12:49:25.642500",
    "BaseResolution": 256,
    "BodyPartExamined": "BRAIN",
    "ConsistencyInfo": "N4_VE11C_LATEST_20160120",
    "ConversionSoftware": "dcm2niix",
    "ConversionSoftwareVersion": "v1.0.20190902",
    "DeviceSerialNumber": "45239",
    "DwellTime": 1.09e-05,
    "EchoTime": 0.00243,
    "FlipAngle": 9,
    "ImageOrientationPatientDICOM": [
      0,
      1,
      0,
      0,
      0,
      -1
    ],
    "ImageType": [
      "ORIGINAL",
      "PRIMARY",
      "M",
      "ND"
    ],
    "ImagingFrequency": 123.186,
    "InPlanePhaseEncodingDirectionDICOM": "ROW",
    "InstitutionAddress": "E_24th_St._100_Austin_Southmiddle_US_78712",
    "InstitutionName": "The_Univ._of_Texas_at_Austin_IRC",
    "InstitutionalDepartmentName": "IRC",
    "InversionTime": 0.9,
    "MRAcquisitionType": "3D",
    "MagneticFieldStrength": 3,
    "Manufacturer": "Siemens",
    "ManufacturersModelName": "Skyra",
    "Modality": "MR",
    "ParallelReductionFactorInPlane": 2,
    "PartialFourier": 1,
    "PatientPosition": "HFS",
    "PercentPhaseFOV": 100,
    "PhaseEncodingSteps": 255,
    "PhaseResolution": 1,
    "PixelBandwidth": 180,
    "ProcedureStepDescription": "Booth_Language",
    "ProtocolName": "MPRAGE",
    "PulseSequenceDetails": "%SiemensSeq%_tfl",
    "ReceiveCoilActiveElements": "HC1-6",
    "ReceiveCoilName": "HeadNeck_64",
    "ReconMatrixPE": 256,
    "RefLinesPE": 24,
    "RepetitionTime": 1.9,
    "SAR": 0.170411,
    "ScanOptions": "IR",
    "ScanningSequence": "GR_IR",
    "SequenceName": "_tfl3d1_16ns",
    "SequenceVariant": "SK_SP_MP",
    "SeriesDescription": "MPRAGE",
    "SeriesNumber": 2,
    "ShiftedAquisitionDate": "1818-07-30 00:00:00",
    "ShimSetting": [
      -2727,
      7934,
      -15901,
      -500,
      562,
      -716,
      -526,
      132
    ],
    "SliceThickness": 1,
    "SoftwareVersions": "syngo_MR_E11",
    "StationName": "AWP45239",
    "TxRefAmp": 331.363,
    "acq_id": "D1S2",
    "dataset": "ds003604",
    "modality": "T1w",
    "session_id": "9",
    "subject_id": "5409"
  },
  "cjv": 0.42367346753031476,
  "cnr": 2.9568318301534062,
  "efc": 0.48517257698606653,
  "fber": -1.0,
  "fwhm_avg": 4.774343333333333,
  "fwhm_x": 4.86666,
  "fwhm_y": 4.53027,
  "fwhm_z": 4.9261,
  "icvs_csf": 0.18694673162547842,
  "icvs_gm": 0.44143705254347654,
  "icvs_wm": 0.3716162158310451,
  "inu_med": 1.0533089637756348,
  "inu_range": 0.9653200745582577,
  "provenance": {
    "md5sum": "60c3334905bc3ab5867f7d5efe59fcf9",
    "settings": {
      "testing": false
    },
    "software": "mriqc",
    "version": "23.0.1",
    "warnings": {
      "large_rot_frame": true,
      "small_air_mask": false
    },
    "webapi_port": null,
    "webapi_url": "https://mriqc.nimh.nih.gov/api/v1"
  },
  "qi_1": 0.0,
  "qi_2": 0.002556231523862248,
  "rpve_csf": 29.044413392260267,
  "rpve_gm": 12.77282295921415,
  "rpve_wm": 16.20353494658592,
  "size_x": 192,
  "size_y": 256,
  "size_z": 256,
  "snr_csf": 3.6700214595678124,
  "snr_gm": 17.63119491255253,
  "snr_total": 12.381051571996066,
  "snr_wm": 15.841938343867854,
  "snrd_csf": 16.962753236088297,
  "snrd_gm": 38.34268471547324,
  "snrd_total": 35.039003487674286,
  "snrd_wm": 49.81157251146133,
  "spacing_x": 1.0,
  "spacing_y": 1.0,
  "spacing_z": 1.0,
  "summary_bg_k": 7.3373840448675605,
  "summary_bg_mad": 0.0,
  "summary_bg_mean": 8.104724447818576,
  "summary_bg_median": 0.0,
  "summary_bg_n": 3003669.0,
  "summary_bg_p05": 0.0,
  "summary_bg_p95": 35.39472654461861,
  "summary_bg_stdv": 13.153334551945933,
  "summary_csf_k": 2.4054146531736826,
  "summary_csf_mad": 71.84674644351635,
  "summary_csf_mean": 355.58149029028687,
  "summary_csf_median": 340.5653665959835,
  "summary_csf_n": 44292.0,
  "summary_csf_p05": 238.3838791921735,
  "summary_csf_p95": 528.3078646659851,
  "summary_csf_stdv": 92.79551244564583,
  "summary_gm_k": 0.17049469385170468,
  "summary_gm_mad": 43.5541551152689,
  "summary_gm_mean": 769.4491430275468,
  "summary_gm_median": 769.8155066370964,
  "summary_gm_n": 38275.0,
  "summary_gm_p05": 697.7591282129288,
  "summary_gm_p95": 839.8131313920021,
  "summary_gm_stdv": 43.661558618942074,
  "summary_wm_k": 2.001315212556226,
  "summary_wm_mad": 54.00245647715281,
  "summary_wm_mean": 1010.5747386380408,
  "summary_wm_median": 1000.0791862607002,
  "summary_wm_n": 168196.0,
  "summary_wm_p05": 928.0228078365326,
  "summary_wm_p95": 1132.3145180940628,
  "summary_wm_stdv": 63.128399542452144,
  "tpm_overlap_csf": 0.15333381068453555,
  "tpm_overlap_gm": 0.4560771809580289,
  "tpm_overlap_wm": 0.4372915965138448,
  "wm2max": 0.23928158687456189
}