{
  "bids_meta": {
    "AcquisitionMatrixPE": 256,
    "AcquisitionNumber": 1,
    "AcquisitionTime": "14:48:40.410000",
    "BaseResolution": 256,
    "BodyPartExamined": "BRAIN",
    "ConsistencyInfo": "N4_VE11A_LATEST_20140830",
    "ConversionSoftware": "dcm2niix",
    "ConversionSoftwareVersion": "v1.0.20190902",
    "DeviceSerialNumber": "45239",
    "DwellTime": 1.09e-05,
    "EchoTime": 0.00243,
    "FlipAngle": 9,
    "ImageOrientationPatientDICOM": [
      0,
      1,
      0,
      0,
      0,
      -1
    ],
    "ImageType": [
      "ORIGINAL",
      "PRIMARY",
      "M",
      "ND"
    ],
    "ImagingFrequency": 123.225,
    "InPlanePhaseEncodingDirectionDICOM": "ROW",
    "InstitutionAddress": "E_24th_St._100_Austin_Southmiddle_US_78712",
    "InstitutionName": "The_Univ._of_Texas_at_Austin_IRC",
    "InstitutionalDepartmentName": "IRC",
    "InversionTime": 0.9,
    "MRAcquisitionType": "3D",
    "MagneticFieldStrength": 3,
    "Manufacturer": "Siemens",
    "ManufacturersModelName": "Skyra",
    "Modality": "MR",
    "ParallelReductionFactorInPlane": 2,
    "PartialFourier": 1,
    "PatientPosition": "HFS",
    "PercentPhaseFOV": 100,
    "PhaseEncodingSteps": 255,
    "PhaseResolution": 1,
    "PixelBandwidth": 180,
    "ProcedureStepDescription": "Booth_Language",
    "ProtocolName": "MPRAGE",
    "PulseSequenceDetails": "%SiemensSeq%_tfl",
    "ReceiveCoilActiveElements": "HC1-6",
    "ReceiveCoilName": "HeadNeck_64",
    "ReconMatrixPE": 256,
    "RefLinesPE": 24,
    "RepetitionTime": 1.9,
    "SAR": 0.224835,
    "ScanOptions": "IR",
    "ScanningSequence": "GR_IR",
    "SequenceName": "_tfl3d1_16ns",
    "SequenceVariant": "SK_SP_MP",
    "SeriesDescription": "MPRAGE",
    "SeriesNumber": 2,
    "ShiftedAquisitionDate": "1816-11-04 00:00:00",
    "ShimSetting": [
      -2851,
      8065,
      -15920,
      -530,
      404,
      -610,
      -324,
      -43
    ],
    "SliceThickness": 1,
    "SoftwareVersions": "syngo_MR_E11",
    "StationName": "AWP45239",
    "TxRefAmp": 343.562,
    "acq_id": "D1S2",
    "dataset": "ds003604",
    "modality": "T1w",
    "session_id": "7",
    "subject_id": "5409"
  },
  "cjv": 0.4717597372035989,
  "cnr": 2.672253027972154,
  "efc": 0.49764383921994226,
  "fber": -1.0,
  "fwhm_avg": 5.684539999999999,
  "fwhm_x": 5.81427,
  "fwhm_y": 5.30045,
  "fwhm_z": 5.9389,
  "icvs_csf": 0.1675698253000034,
  "icvs_gm": 0.45524945605243305,
  "icvs_wm": 0.37718071864756353,
  "inu_med": 1.0026317834854126,
  "inu_range": 1.2333683609962467,
  "provenance": {
    "md5sum": "67f93d03dd1ee157535039ffd2487951",
    "settings": {
      "testing": false
    },
    "software": "mriqc",
    "version": "22.0.6",
    "warnings": {
      "large_rot_frame": true,
      "small_air_mask": false
    },
    "webapi_port": null,
    "webapi_url": "https://mriqc.nimh.nih.gov/api/v1"
  },
  "qi_1": 8.825696899091394e-06,
  "qi_2": 0.004828507133321605,
  "rpve_csf": 32.225866916588565,
  "rpve_gm": 12.745607246694066,
  "rpve_wm": 16.157119728725327,
  "size_x": 192,
  "size_y": 256,
  "size_z": 256,
  "snr_csf": 3.5730249548322086,
  "snr_gm": 17.60905148729846,
  "snr_total": 11.607037075007085,
  "snr_wm": 13.639034782890585,
  "snrd_csf": 22.421294937617795,
  "snrd_gm": 51.57001254909185,
  "snrd_total": 46.978197534192255,
  "snrd_wm": 66.94328511586714,
  "spacing_x": 1.0,
  "spacing_y": 1.0,
  "spacing_z": 1.0,
  "summary_bg_k": 14.88049109879013,
  "summary_bg_mad": 0.0,
  "summary_bg_mean": 5.143390289648034,
  "summary_bg_median": 0.0,
  "summary_bg_n": 2721753.0,
  "summary_bg_p05": 0.0,
  "summary_bg_p95": 21.782790809869766,
  "summary_bg_stdv": 9.786439695785983,
  "summary_csf_k": 3.02106638413614,
  "summary_csf_mad": 71.69079415408751,
  "summary_csf_mean": 353.6793514755051,
  "summary_csf_median": 334.9297196865082,
  "summary_csf_n": 35817.0,
  "summary_csf_p05": 241.29461677968504,
  "summary_csf_p95": 534.5280581712723,
  "summary_csf_stdv": 93.73711303968827,
  "summary_gm_k": 0.26289763001683264,
  "summary_gm_mad": 42.25863105887906,
  "summary_gm_mean": 770.2544965769872,
  "summary_gm_median": 770.3538040667772,
  "summary_gm_n": 43090.0,
  "summary_gm_p05": 698.4396968185902,
  "summary_gm_p95": 842.1134234368801,
  "summary_gm_stdv": 43.74709595673047,
  "summary_wm_k": 1.0239585110280647,
  "summary_wm_mad": 66.07921441998161,
  "summary_wm_mean": 1011.8441325900478,
  "summary_wm_median": 1000.0000348389149,
  "summary_wm_n": 158680.0,
  "summary_wm_p05": 914.8772140145302,
  "summary_wm_p95": 1155.0286204963923,
  "summary_wm_stdv": 73.31874284040735,
  "tpm_overlap_csf": 0.15674301723621928,
  "tpm_overlap_gm": 0.4621634301088808,
  "tpm_overlap_wm": 0.43405505962865004,
  "wm2max": 0.270916167915289
}