{
  "aor": 0.004277122641509434,
  "aqi": 0.010794826320754718,
  "bids_meta": {
    "AcquisitionMatrixPE": 128,
    "AcquisitionNumber": 1,
    "AcquisitionTime": "12:55:12.162500",
    "BandwidthPerPixelPhaseEncode": 23.321,
    "BaseResolution": 128,
    "BodyPartExamined": "BRAIN",
    "ConsistencyInfo": "N4_VE11C_LATEST_20160120",
    "ConversionSoftware": "dcm2niix",
    "ConversionSoftwareVersion": "v1.0.20190902",
    "DerivedVendorReportedEchoSpacing": 0.000669997,
    "DeviceSerialNumber": "45239",
    "DwellTime": 2.2e-06,
    "EchoTime": 0.03,
    "EchoTrainLength": 63,
    "EffectiveEchoSpacing": 0.000334999,
    "FlipAngle": 80,
    "ImageComments": "Unaliased_MB4_PE4_LB",
    "ImageOrientationPatientDICOM": [
      1,
      0,
      0,
      0,
      1,
      0
    ],
    "ImageType": [
      "ORIGINAL",
      "PRIMARY",
      "M",
      "MB",
      "ND",
      "MOSAIC"
    ],
    "ImagingFrequency": 123.186,
    "InPlanePhaseEncodingDirectionDICOM": "COL",
    "InstitutionAddress": "E_24th_St._100_Austin_Southmiddle_US_78712",
    "InstitutionName": "The_Univ._of_Texas_at_Austin_IRC",
    "InstitutionalDepartmentName": "IRC",
    "MRAcquisitionType": "2D",
    "MagneticFieldStrength": 3,
    "Manufacturer": "Siemens",
    "ManufacturersModelName": "Skyra",
    "Modality": "MR",
    "MultibandAccelerationFactor": 4,
    "ParallelReductionFactorInPlane": 2,
    "PartialFourier": 1,
    "PatientPosition": "HFS",
    "PercentPhaseFOV": 100,
    "PhaseEncodingDirection": "j-",
    "PhaseEncodingSteps": 127,
    "PhaseResolution": 1,
    "PixelBandwidth": 1775,
    "ProcedureStepDescription": "Booth_Language",
    "ProtocolName": "Plaus1",
    "PulseSequenceDetails": "%CustomerSeq%_cmrr_mbep2d_bold",
    "ReceiveCoilActiveElements": "HC3-6",
    "ReceiveCoilName": "HeadNeck_64",
    "ReconMatrixPE": 128,
    "RefLinesPE": 58,
    "RepetitionTime": 1.25,
    "SAR": 0.212431,
    "ScanOptions": "FS",
    "ScanningSequence": "EP",
    "SequenceName": "epfid2d1_128",
    "SequenceVariant": "SK_SS",
    "SeriesDescription": "Plaus1",
    "SeriesNumber": 4,
    "ShiftedAquisitionDate": "1818-06-03",
    "ShimSetting": [
      -2781,
      7868,
      -15351,
      -200,
      654,
      -854,
      27,
      -36
    ],
    "SliceThickness": 2,
    "SliceTiming": [
      0,
      0.265,
      0.5275,
      0.79,
      1.055,
      0.0875,
      0.3525,
      0.615,
      0.88,
      1.1425,
      0.175,
      0.44,
      0.7025,
      0.9675,
      0,
      0.265,
      0.5275,
      0.79,
      1.055,
      0.0875,
      0.3525,
      0.615,
      0.88,
      1.1425,
      0.175,
      0.44,
      0.7025,
      0.9675,
      0,
      0.265,
      0.5275,
      0.79,
      1.055,
      0.0875,
      0.3525,
      0.615,
      0.88,
      1.1425,
      0.175,
      0.44,
      0.7025,
      0.9675,
      0,
      0.265,
      0.5275,
      0.79,
      1.055,
      0.0875,
      0.3525,
      0.615,
      0.88,
      1.1425,
      0.175,
      0.44,
      0.7025,
      0.9675
    ],
    "SoftwareVersions": "syngo_MR_E11",
    "SpacingBetweenSlices": 2,
    "StationName": "AWP45239",
    "TotalReadoutTime": 0.0425448,
    "TxRefAmp": 323.722,
    "WipMemBlock": "2ac431ef-6698-4c14-ab9a-2c7c848baaa5||Sequence: R016 ve11c/master r/e634e98; Dec 19 2017 11:00:25 by eja",
    "acq_id": "D2S4",
    "dataset": "ds003604",
    "modality": "bold",
    "run_id": 1,
    "session_id": "7",
    "subject_id": "5516",
    "task_id": "Plaus"
  },
  "dummy_trs": 0,
  "dvars_nstd": 60.795219349146905,
  "dvars_std": 1.1458656698104264,
  "dvars_vstd": 1.0371811108530804,
  "efc": 0.4270850839585226,
  "fber": 2853.990966796875,
  "fd_mean": 0.2716413010208992,
  "fd_num": 98,
  "fd_perc": 46.22641509433962,
  "fwhm_avg": 3.438013405384823,
  "fwhm_x": 3.1012,
  "fwhm_y": 3.58637,
  "fwhm_z": 3.626470216154469,
  "gcor": 0.0170541,
  "gsr_x": -0.012468190863728523,
  "gsr_y": 0.0056430501863360405,
  "provenance": {
    "md5sum": "bf3690bb49f7c58dc54589ad22f0bdb1",
    "settings": {
      "fd_thres": 0.2,
      "testing": false
    },
    "software": "mriqc",
    "version": "23.0.1",
    "webapi_port": null,
    "webapi_url": "https://mriqc.nimh.nih.gov/api/v1"
  },
  "size_t": 212,
  "size_x": 128,
  "size_y": 128,
  "size_z": 56,
  "snr": 2.3750214731596757,
  "spacing_tr": 1.25,
  "spacing_x": 2.0,
  "spacing_y": 2.0,
  "spacing_z": 1.9999998807907104,
  "summary_bg_k": 68.8050019667201,
  "summary_bg_mad": 3.8813409536401733,
  "summary_bg_mean": 21.47462272644043,
  "summary_bg_median": 11.400943756103516,
  "summary_bg_n": 666461.0,
  "summary_bg_p05": 8.216980934143066,
  "summary_bg_p95": 61.150943756103516,
  "summary_bg_stdv": 40.93613815307617,
  "summary_fg_k": 0.9055948400643272,
  "summary_fg_mad": 226.8661011064986,
  "summary_fg_mean": 666.9088134765625,
  "summary_fg_median": 610.853759765625,
  "summary_fg_n": 149039.0,
  "summary_fg_p05": 355.05992431640624,
  "summary_fg_p95": 1180.6277954101563,
  "summary_fg_stdv": 257.1983947753906,
  "tsnr": 25.607690820470452
}