{
  "bids_meta": {
    "AcquisitionMatrixPE": 256,
    "AcquisitionNumber": 1,
    "AcquisitionTime": "12:34:45.935000",
    "BaseResolution": 256,
    "BodyPartExamined": "BRAIN",
    "ConsistencyInfo": "N4_VE11C_LATEST_20160120",
    "ConversionSoftware": "dcm2niix",
    "ConversionSoftwareVersion": "v1.0.20190902",
    "DeviceSerialNumber": "45239",
    "DwellTime": 1.09e-05,
    "EchoTime": 0.00243,
    "FlipAngle": 9,
    "ImageOrientationPatientDICOM": [
      0,
      1,
      0,
      0,
      0,
      -1
    ],
    "ImageType": [
      "ORIGINAL",
      "PRIMARY",
      "M",
      "ND"
    ],
    "ImagingFrequency": 123.186,
    "InPlanePhaseEncodingDirectionDICOM": "ROW",
    "InstitutionAddress": "E_24th_St._100_Austin_Southmiddle_US_78712",
    "InstitutionName": "The_Univ._of_Texas_at_Austin_IRC",
    "InstitutionalDepartmentName": "IRC",
    "InversionTime": 0.9,
    "MRAcquisitionType": "3D",
    "MagneticFieldStrength": 3,
    "Manufacturer": "Siemens",
    "ManufacturersModelName": "Skyra",
    "Modality": "MR",
    "ParallelReductionFactorInPlane": 2,
    "PartialFourier": 1,
    "PatientPosition": "HFS",
    "PercentPhaseFOV": 100,
    "PhaseEncodingSteps": 255,
    "PhaseResolution": 1,
    "PixelBandwidth": 180,
    "ProcedureStepDescription": "Booth_Language",
    "ProtocolName": "MPRAGE",
    "PulseSequenceDetails": "%SiemensSeq%_tfl",
    "ReceiveCoilActiveElements": "HC1-6",
    "ReceiveCoilName": "HeadNeck_64",
    "ReconMatrixPE": 256,
    "RefLinesPE": 24,
    "RepetitionTime": 1.9,
    "SAR": 0.191366,
    "ScanOptions": "IR",
    "ScanningSequence": "GR_IR",
    "SequenceName": "_tfl3d1_16ns",
    "SequenceVariant": "SK_SP_MP",
    "SeriesDescription": "MPRAGE",
    "SeriesNumber": 2,
    "ShiftedAquisitionDate": "1818-08-21 00:00:00",
    "ShimSetting": [
      -2727,
      7934,
      -15901,
      -500,
      562,
      -716,
      -526,
      132
    ],
    "SliceThickness": 1,
    "SoftwareVersions": "syngo_MR_E11",
    "StationName": "AWP45239",
    "TxRefAmp": 323.087,
    "acq_id": "D1S2",
    "dataset": "ds003604",
    "modality": "T1w",
    "session_id": "9",
    "subject_id": "5054"
  },
  "cjv": 0.4662670786299429,
  "cnr": 2.864017112372194,
  "efc": 0.5074625213185985,
  "fber": 13148.444444444445,
  "fwhm_avg": 5.13285,
  "fwhm_x": 5.37274,
  "fwhm_y": 4.55042,
  "fwhm_z": 5.47539,
  "icvs_csf": 0.1321797057210402,
  "icvs_gm": 0.4633388285664009,
  "icvs_wm": 0.4044814657125589,
  "inu_med": 1.002219796180725,
  "inu_range": 1.2713579416275014,
  "provenance": {
    "md5sum": "c2a822db034992be1acfd87ce0563c14",
    "settings": {
      "testing": false
    },
    "software": "mriqc",
    "version": "23.0.1",
    "warnings": {
      "large_rot_frame": true,
      "small_air_mask": false
    },
    "webapi_port": null,
    "webapi_url": "https://mriqc.nimh.nih.gov/api/v1"
  },
  "qi_1": 0.00046469131700702874,
  "qi_2": 0.0024391750540882573,
  "rpve_csf": 38.371802886825414,
  "rpve_gm": 11.97318635598483,
  "rpve_wm": 14.545178753257915,
  "size_x": 192,
  "size_y": 256,
  "size_z": 256,
  "snr_csf": 1.5013361331176525,
  "snr_gm": 14.60733667696613,
  "snr_total": 10.19544703907676,
  "snr_wm": 14.477668307146498,
  "snrd_csf": 12.518432023180779,
  "snrd_gm": 25.950789259585164,
  "snrd_total": 24.389305070496288,
  "snrd_wm": 34.69869392872291,
  "spacing_x": 1.0,
  "spacing_y": 1.0,
  "spacing_z": 1.0,
  "summary_bg_k": 20.854465261601387,
  "summary_bg_mad": 0.0,
  "summary_bg_mean": 9.935743794600125,
  "summary_bg_median": 0.0,
  "summary_bg_n": 3319319.0,
  "summary_bg_p05": 0.0,
  "summary_bg_p95": 45.99486507475376,
  "summary_bg_stdv": 18.881996617151472,
  "summary_csf_k": 15.938367256538413,
  "summary_csf_mad": 116.25699754573682,
  "summary_csf_mean": 402.6195446354681,
  "summary_csf_median": 360.79966112971306,
  "summary_csf_n": 18945.0,
  "summary_csf_p05": 178.5222134590149,
  "summary_csf_p95": 663.9875455945726,
  "summary_csf_stdv": 240.31269930364357,
  "summary_gm_k": 0.0426898100017179,
  "summary_gm_mad": 50.76855965175587,
  "summary_gm_mean": 748.1838319578109,
  "summary_gm_median": 747.9399938881397,
  "summary_gm_n": 55325.0,
  "summary_gm_p05": 663.3931919783354,
  "summary_gm_p95": 832.0950627326965,
  "summary_gm_stdv": 51.2025738083431,
  "summary_wm_k": 0.2869115368934909,
  "summary_wm_mad": 66.79019583376956,
  "summary_wm_mean": 1009.485549455327,
  "summary_wm_median": 1000.0674995034933,
  "summary_wm_n": 178635.0,
  "summary_wm_p05": 912.8731223940849,
  "summary_wm_p95": 1138.5924161970615,
  "summary_wm_stdv": 69.07636499818383,
  "tpm_overlap_csf": 0.13845013379361465,
  "tpm_overlap_gm": 0.45243627393770536,
  "tpm_overlap_wm": 0.43371190377780344,
  "wm2max": 0.31232766490014807
}