{
  "bids_meta": {
    "AcquisitionMatrixPE": 256,
    "AcquisitionNumber": 1,
    "AcquisitionTime": "13:06:23.355000",
    "BaseResolution": 256,
    "BodyPartExamined": "BRAIN",
    "ConsistencyInfo": "N4_VE11C_LATEST_20160120",
    "ConversionSoftware": "dcm2niix",
    "ConversionSoftwareVersion": "v1.0.20190902",
    "DeviceSerialNumber": "45239",
    "DwellTime": 1.09e-05,
    "EchoTime": 0.00243,
    "FlipAngle": 9,
    "ImageOrientationPatientDICOM": [
      0,
      1,
      0,
      0,
      0,
      -1
    ],
    "ImageType": [
      "ORIGINAL",
      "PRIMARY",
      "M",
      "ND"
    ],
    "ImagingFrequency": 123.186,
    "InPlanePhaseEncodingDirectionDICOM": "ROW",
    "InstitutionAddress": "E_24th_St._100_Austin_Southmiddle_US_78712",
    "InstitutionName": "The_Univ._of_Texas_at_Austin_IRC",
    "InstitutionalDepartmentName": "IRC",
    "InversionTime": 0.9,
    "MRAcquisitionType": "3D",
    "MagneticFieldStrength": 3,
    "Manufacturer": "Siemens",
    "ManufacturersModelName": "Skyra",
    "Modality": "MR",
    "ParallelReductionFactorInPlane": 2,
    "PartialFourier": 1,
    "PatientPosition": "HFS",
    "PercentPhaseFOV": 100,
    "PhaseEncodingSteps": 255,
    "PhaseResolution": 1,
    "PixelBandwidth": 180,
    "ProcedureStepDescription": "Booth_Language",
    "ProtocolName": "MPRAGE",
    "PulseSequenceDetails": "%SiemensSeq%_tfl",
    "ReceiveCoilActiveElements": "HC1-6",
    "ReceiveCoilName": "HeadNeck_64",
    "ReconMatrixPE": 256,
    "RefLinesPE": 24,
    "RepetitionTime": 1.9,
    "SAR": 0.191366,
    "ScanOptions": "IR",
    "ScanningSequence": "GR_IR",
    "SequenceName": "_tfl3d1_16ns",
    "SequenceVariant": "SK_SP_MP",
    "SeriesDescription": "MPRAGE",
    "SeriesNumber": 11,
    "ShiftedAquisitionDate": "1818-08-21 00:00:00",
    "ShimSetting": [
      -2727,
      7934,
      -15901,
      -500,
      562,
      -716,
      -526,
      132
    ],
    "SliceThickness": 1,
    "SoftwareVersions": "syngo_MR_E11",
    "StationName": "AWP45239",
    "TxRefAmp": 323.087,
    "acq_id": "D1S11",
    "dataset": "ds003604",
    "modality": "T1w",
    "session_id": "9",
    "subject_id": "5054"
  },
  "cjv": 0.4285929469372737,
  "cnr": 3.101086731557205,
  "efc": 0.501103282571839,
  "fber": -1.0,
  "fwhm_avg": 5.792050000000001,
  "fwhm_x": 5.94336,
  "fwhm_y": 5.29601,
  "fwhm_z": 6.13678,
  "icvs_csf": 0.12959827344508631,
  "icvs_gm": 0.4858224476769327,
  "icvs_wm": 0.384579278877981,
  "inu_med": 0.9574472308158875,
  "inu_range": 1.2623073518276193,
  "provenance": {
    "md5sum": "22c786330f97a4fbf42402f78a84f18d",
    "settings": {
      "testing": false
    },
    "software": "mriqc",
    "version": "23.0.1",
    "warnings": {
      "large_rot_frame": true,
      "small_air_mask": false
    },
    "webapi_port": null,
    "webapi_url": "https://mriqc.nimh.nih.gov/api/v1"
  },
  "qi_1": 0.0011000934115386024,
  "qi_2": 0.0023825830744167178,
  "rpve_csf": 38.02402359530767,
  "rpve_gm": 11.809670397891521,
  "rpve_wm": 15.496771931656703,
  "size_x": 192,
  "size_y": 256,
  "size_z": 256,
  "snr_csf": 2.3305624728418297,
  "snr_gm": 16.85234758474891,
  "snr_total": 11.79304657545462,
  "snr_wm": 16.19622966877312,
  "snrd_csf": 16.366405346893416,
  "snrd_gm": 35.45597074125764,
  "snrd_total": 32.84462390962177,
  "snrd_wm": 46.71149564071425,
  "spacing_x": 1.0,
  "spacing_y": 1.0,
  "spacing_z": 1.0,
  "summary_bg_k": 27.900158130899804,
  "summary_bg_mad": 0.0,
  "summary_bg_mean": 7.1421194547017395,
  "summary_bg_median": 0.0,
  "summary_bg_n": 3329088.0,
  "summary_bg_p05": 0.0,
  "summary_bg_p95": 32.18645864725113,
  "summary_bg_stdv": 14.026079570304017,
  "summary_csf_k": 22.403132539246013,
  "summary_csf_mad": 89.63175676781053,
  "summary_csf_mean": 375.3753489893883,
  "summary_csf_median": 350.3949767947197,
  "summary_csf_n": 18678.0,
  "summary_csf_p05": 215.27713741064073,
  "summary_csf_p95": 593.758553373813,
  "summary_csf_stdv": 150.34379076614587,
  "summary_gm_k": 0.10832035840839005,
  "summary_gm_mad": 44.52549472267046,
  "summary_gm_mean": 759.0747413404928,
  "summary_gm_median": 759.0911859869957,
  "summary_gm_n": 62279.0,
  "summary_gm_p05": 684.664080798626,
  "summary_gm_p95": 833.1918565034866,
  "summary_gm_stdv": 45.04328479259668,
  "summary_wm_k": 0.710524487291829,
  "summary_wm_mad": 58.75429412317602,
  "summary_wm_mean": 1006.3319270689093,
  "summary_wm_median": 1000.0652607679367,
  "summary_wm_n": 181592.0,
  "summary_wm_p05": 916.9909011214972,
  "summary_wm_p95": 1116.9941602349281,
  "summary_wm_stdv": 61.746624221274686,
  "tpm_overlap_csf": 0.14741484344714106,
  "tpm_overlap_gm": 0.46126935728565366,
  "tpm_overlap_wm": 0.43861214588869274,
  "wm2max": 0.33095670210007777
}