{
  "bids_meta": {
    "AcquisitionMatrixPE": 256,
    "AcquisitionNumber": 1,
    "AcquisitionTime": "14:42:27.347500",
    "BaseResolution": 256,
    "BodyPartExamined": "BRAIN",
    "ConsistencyInfo": "N4_VE11C_LATEST_20160120",
    "ConversionSoftware": "dcm2niix",
    "ConversionSoftwareVersion": "v1.0.20190902",
    "DeviceSerialNumber": "45239",
    "DwellTime": 1.09e-05,
    "EchoTime": 0.00243,
    "FlipAngle": 9,
    "ImageOrientationPatientDICOM": [
      0,
      1,
      0,
      0,
      0,
      -1
    ],
    "ImageType": [
      "ORIGINAL",
      "PRIMARY",
      "M",
      "ND"
    ],
    "ImagingFrequency": 123.186,
    "InPlanePhaseEncodingDirectionDICOM": "ROW",
    "InstitutionAddress": "E_24th_St._100_Austin_Southmiddle_US_78712",
    "InstitutionName": "The_Univ._of_Texas_at_Austin_IRC",
    "InstitutionalDepartmentName": "IRC",
    "InversionTime": 0.9,
    "MRAcquisitionType": "3D",
    "MagneticFieldStrength": 3,
    "Manufacturer": "Siemens",
    "ManufacturersModelName": "Skyra",
    "Modality": "MR",
    "ParallelReductionFactorInPlane": 2,
    "PartialFourier": 1,
    "PatientPosition": "HFS",
    "PercentPhaseFOV": 100,
    "PhaseEncodingSteps": 255,
    "PhaseResolution": 1,
    "PixelBandwidth": 180,
    "ProcedureStepDescription": "Booth_Language",
    "ProtocolName": "MPRAGE",
    "PulseSequenceDetails": "%SiemensSeq%_tfl",
    "ReceiveCoilActiveElements": "HC1-6",
    "ReceiveCoilName": "HeadNeck_64",
    "ReconMatrixPE": 256,
    "RefLinesPE": 24,
    "RepetitionTime": 1.9,
    "SAR": 0.121926,
    "ScanOptions": "IR",
    "ScanningSequence": "GR_IR",
    "SequenceName": "_tfl3d1_16ns",
    "SequenceVariant": "SK_SP_MP",
    "SeriesDescription": "MPRAGE",
    "SeriesNumber": 2,
    "ShiftedAquisitionDate": "1819-02-27 00:00:00",
    "ShimSetting": [
      -2727,
      7934,
      -15901,
      -500,
      562,
      -716,
      -526,
      132
    ],
    "SliceThickness": 1,
    "SoftwareVersions": "syngo_MR_E11",
    "StationName": "AWP45239",
    "TxRefAmp": 313.982,
    "acq_id": "D1S2",
    "dataset": "ds003604",
    "modality": "T1w",
    "session_id": "9",
    "subject_id": "5048"
  },
  "cjv": 0.4604584741903327,
  "cnr": 2.5824621627747764,
  "efc": 0.486638541980532,
  "fber": 2522.678938675476,
  "fwhm_avg": 4.967956666666666,
  "fwhm_x": 5.00355,
  "fwhm_y": 5.07016,
  "fwhm_z": 4.83016,
  "icvs_csf": 0.106905827730527,
  "icvs_gm": 0.5108850001045675,
  "icvs_wm": 0.3822091721649055,
  "inu_med": 1.1756943464279175,
  "inu_range": 0.8664976537227627,
  "provenance": {
    "md5sum": "3e461093ebddaf60343ba888bcb67663",
    "settings": {
      "testing": false
    },
    "software": "mriqc",
    "version": "21.0.0rc2",
    "warnings": {
      "large_rot_frame": true,
      "small_air_mask": false
    },
    "webapi_port": null,
    "webapi_url": "https://mriqc.nimh.nih.gov/api/v1"
  },
  "qi_1": 0.0,
  "qi_2": 0.005251897258710953,
  "rpve_csf": 48.55341269287702,
  "rpve_gm": 11.265414981478466,
  "rpve_wm": 14.925161643362182,
  "size_x": 192,
  "size_y": 256,
  "size_z": 256,
  "snr_csf": 0.41626442474319975,
  "snr_gm": 11.051631423219927,
  "snr_total": 7.914944554723789,
  "snr_wm": 12.27693781620824,
  "snrd_csf": 38.00191836157164,
  "snrd_gm": 61.81555729441696,
  "snrd_total": 61.56899951603467,
  "snrd_wm": 84.88952289211542,
  "spacing_x": 1.0,
  "spacing_y": 1.0,
  "spacing_z": 1.0,
  "summary_bg_k": 6.8443126738765425,
  "summary_bg_mad": 7.718390829832448,
  "summary_bg_mean": 14.84992177540622,
  "summary_bg_median": 13.01493875682354,
  "summary_bg_n": 2265704.0,
  "summary_bg_p05": 2.602987751364708,
  "summary_bg_p95": 33.38614724576473,
  "summary_bg_stdv": 10.1080214372374,
  "summary_csf_k": 0.5611404620165517,
  "summary_csf_mad": 182.22114002604434,
  "summary_csf_mean": 1052.6582028554676,
  "summary_csf_median": 447.71389323472977,
  "summary_csf_n": 9487.0,
  "summary_csf_p05": 288.3997255131602,
  "summary_csf_p95": 3487.222690503299,
  "summary_csf_stdv": 1075.494973442557,
  "summary_gm_k": 0.17450898926590774,
  "summary_gm_mad": 64.59957542359767,
  "summary_gm_mean": 728.6112639856392,
  "summary_gm_median": 728.2707034796476,
  "summary_gm_n": 106498.0,
  "summary_gm_p05": 618.9452179223299,
  "summary_gm_p95": 836.9171487540007,
  "summary_gm_stdv": 65.8968125525801,
  "summary_wm_k": 3.9790181922389145,
  "summary_wm_mad": 60.57258890368509,
  "summary_wm_mean": 1013.7772091844687,
  "summary_wm_median": 1000.1131634265184,
  "summary_wm_n": 117974.0,
  "summary_wm_p05": 911.9511000216007,
  "summary_wm_p95": 1166.5912061333656,
  "summary_wm_stdv": 81.46240859797962,
  "tpm_overlap_csf": 0.12468285113573074,
  "tpm_overlap_gm": 0.435543030500412,
  "tpm_overlap_wm": 0.3811180293560028,
  "wm2max": 0.23424446531182122
}