{
  "bids_meta": {
    "AcquisitionMatrixPE": 256,
    "AcquisitionNumber": 1,
    "AcquisitionTime": "11:25:36.785000",
    "BaseResolution": 256,
    "BodyPartExamined": "BRAIN",
    "ConsistencyInfo": "N4_VD13A_LATEST_20120616",
    "ConversionSoftware": "dcm2niix",
    "ConversionSoftwareVersion": "v1.0.20190902",
    "DeviceSerialNumber": "45239",
    "DwellTime": 1.09e-05,
    "EchoTime": 0.00243,
    "FlipAngle": 9,
    "ImageOrientationPatientDICOM": [
      0,
      1,
      0,
      0,
      0,
      -1
    ],
    "ImageType": [
      "ORIGINAL",
      "PRIMARY",
      "M",
      "ND"
    ],
    "ImagingFrequency": 123.224,
    "InPlanePhaseEncodingDirectionDICOM": "ROW",
    "InstitutionAddress": "E_24th_St._100_Austin_Southmiddle_US_78712",
    "InstitutionName": "The_Univ._of_Texas_at_Austin_IRC",
    "InstitutionalDepartmentName": "IRC",
    "InversionTime": 0.9,
    "MRAcquisitionType": "3D",
    "MagneticFieldStrength": 3,
    "Manufacturer": "Siemens",
    "ManufacturersModelName": "Skyra",
    "Modality": "MR",
    "ParallelReductionFactorInPlane": 2,
    "PartialFourier": 1,
    "PatientPosition": "HFS",
    "PercentPhaseFOV": 100,
    "PhaseEncodingSteps": 255,
    "PhaseResolution": 1,
    "PixelBandwidth": 180,
    "ProcedureStepDescription": "Booth_Language",
    "ProtocolName": "MPRAGE",
    "PulseSequenceDetails": "%SiemensSeq%_tfl",
    "ReceiveCoilActiveElements": "HC1-7",
    "ReceiveCoilName": "HeadNeck_64",
    "ReconMatrixPE": 256,
    "RefLinesPE": 24,
    "RepetitionTime": 1.9,
    "SAR": 0.216948,
    "ScanOptions": "IR",
    "ScanningSequence": "GR_IR",
    "SequenceName": "_tfl3d1_16ns",
    "SequenceVariant": "SK_SP_MP",
    "SeriesDescription": "MPRAGE",
    "SeriesNumber": 2,
    "ShiftedAquisitionDate": "1814-11-01 00:00:00",
    "ShimSetting": [
      -2849,
      8022,
      -16018,
      -1233,
      -75,
      -527,
      -219,
      169
    ],
    "SliceThickness": 1,
    "SoftwareVersions": "syngo_MR_D13",
    "StationName": "AWP45239",
    "TxRefAmp": 322.896,
    "acq_id": "D1S2",
    "dataset": "ds003604",
    "modality": "T1w",
    "session_id": "5",
    "subject_id": "5046"
  },
  "cjv": 0.41619553112835467,
  "cnr": 3.0539060896886343,
  "efc": 0.5301958416187329,
  "fber": 2345.7395856538205,
  "fwhm_avg": 4.617703333333334,
  "fwhm_x": 3.7166,
  "fwhm_y": 5.54423,
  "fwhm_z": 4.59228,
  "icvs_csf": 0.12866760854804937,
  "icvs_gm": 0.518348124102825,
  "icvs_wm": 0.3529842673491256,
  "inu_med": 1.0503129959106445,
  "inu_range": 0.7487486004829407,
  "provenance": {
    "md5sum": "4a8dbfd3117ca82bbbfdbc4aee19a151",
    "settings": {
      "testing": false
    },
    "software": "mriqc",
    "version": "21.0.0rc2",
    "warnings": {
      "large_rot_frame": true,
      "small_air_mask": false
    },
    "webapi_port": null,
    "webapi_url": "https://mriqc.nimh.nih.gov/api/v1"
  },
  "qi_1": 0.001666028844927266,
  "qi_2": 0.00515288920874349,
  "rpve_csf": 48.005516078987185,
  "rpve_gm": 12.121582909899061,
  "rpve_wm": 16.371910701488133,
  "size_x": 192,
  "size_y": 256,
  "size_z": 256,
  "snr_csf": 0.9099043305133904,
  "snr_gm": 13.483083717211507,
  "snr_total": 10.902582267808578,
  "snr_wm": 18.31475875570084,
  "snrd_csf": 92.6277713392117,
  "snrd_gm": 68.46135493125156,
  "snrd_total": 83.99835951131674,
  "snrd_wm": 90.90595226348694,
  "spacing_x": 1.0,
  "spacing_y": 1.0,
  "spacing_z": 1.0,
  "summary_bg_k": 1719.7043276022594,
  "summary_bg_mad": 7.207956996572496,
  "summary_bg_mean": 15.457826682370898,
  "summary_bg_median": 14.501257047057152,
  "summary_bg_n": 1390370.0,
  "summary_bg_p05": 2.430846557021141,
  "summary_bg_p95": 29.253980979323387,
  "summary_bg_stdv": 20.866473018989453,
  "summary_csf_k": 0.18000361893143912,
  "summary_csf_mad": 1012.8422331390663,
  "summary_csf_mean": 1310.1162895741986,
  "summary_csf_median": 1019.111463457346,
  "summary_csf_n": 16017.0,
  "summary_csf_p05": 271.919525206089,
  "summary_csf_p95": 3547.476878562568,
  "summary_csf_stdv": 1119.9854922707327,
  "summary_gm_k": 0.26493305164710046,
  "summary_gm_mad": 54.18395259492428,
  "summary_gm_mean": 755.7709963714235,
  "summary_gm_median": 753.227143496275,
  "summary_gm_n": 83288.0,
  "summary_gm_p05": 668.7342700660229,
  "summary_gm_p95": 852.0536293834448,
  "summary_gm_stdv": 55.86426943996952,
  "summary_wm_k": 2.1533054998270984,
  "summary_wm_mad": 48.591572166549064,
  "summary_wm_mean": 1002.8114669036762,
  "summary_wm_median": 1000.167624771595,
  "summary_wm_n": 67524.0,
  "summary_wm_p05": 922.3805349469185,
  "summary_wm_p95": 1092.8750831186771,
  "summary_wm_stdv": 54.60952186536623,
  "tpm_overlap_csf": 0.1345507800579071,
  "tpm_overlap_gm": 0.471149742603302,
  "tpm_overlap_wm": 0.3881581127643585,
  "wm2max": 0.276883092773936
}