{
  "bids_meta": {
    "AcquisitionMatrixPE": 256,
    "AcquisitionNumber": 1,
    "AcquisitionTime": "12:54:9.042500",
    "BaseResolution": 256,
    "BodyPartExamined": "BRAIN",
    "ConsistencyInfo": "N4_VE11A_LATEST_20140830",
    "ConversionSoftware": "dcm2niix",
    "ConversionSoftwareVersion": "v1.0.20190902",
    "DeviceSerialNumber": "45239",
    "DwellTime": 1.09e-05,
    "EchoTime": 0.00243,
    "FlipAngle": 9,
    "ImageOrientationPatientDICOM": [
      0,
      1,
      0,
      0,
      0,
      -1
    ],
    "ImageType": [
      "ORIGINAL",
      "PRIMARY",
      "M",
      "ND"
    ],
    "ImagingFrequency": 123.224,
    "InPlanePhaseEncodingDirectionDICOM": "ROW",
    "InstitutionAddress": "E_24th_St._100_Austin_Southmiddle_US_78712",
    "InstitutionName": "The_Univ._of_Texas_at_Austin_IRC",
    "InstitutionalDepartmentName": "IRC",
    "InversionTime": 0.9,
    "MRAcquisitionType": "3D",
    "MagneticFieldStrength": 3,
    "Manufacturer": "Siemens",
    "ManufacturersModelName": "Skyra",
    "Modality": "MR",
    "ParallelReductionFactorInPlane": 2,
    "PartialFourier": 1,
    "PatientPosition": "HFS",
    "PercentPhaseFOV": 100,
    "PhaseEncodingSteps": 255,
    "PhaseResolution": 1,
    "PixelBandwidth": 180,
    "ProcedureStepDescription": "Booth_Language",
    "ProtocolName": "MPRAGE",
    "PulseSequenceDetails": "%SiemensSeq%_tfl",
    "ReceiveCoilActiveElements": "HC1-6",
    "ReceiveCoilName": "HeadNeck_64",
    "ReconMatrixPE": 256,
    "RefLinesPE": 24,
    "RepetitionTime": 1.9,
    "SAR": 0.20296,
    "ScanOptions": "IR",
    "ScanningSequence": "GR_IR",
    "SequenceName": "_tfl3d1_16ns",
    "SequenceVariant": "SK_SP_MP",
    "SeriesDescription": "MPRAGE",
    "SeriesNumber": 2,
    "ShiftedAquisitionDate": "1816-11-30 00:00:00",
    "ShimSetting": [
      -2849,
      8022,
      -16018,
      -1233,
      -75,
      -527,
      -219,
      169
    ],
    "SliceThickness": 1,
    "SoftwareVersions": "syngo_MR_E11",
    "StationName": "AWP45239",
    "TxRefAmp": 330.285,
    "acq_id": "D1S2",
    "dataset": "ds003604",
    "modality": "T1w",
    "session_id": "7",
    "subject_id": "5302"
  },
  "cjv": 0.46402388018715157,
  "cnr": 2.9572357545830372,
  "efc": 0.5113197641961768,
  "fber": -1.0,
  "fwhm_avg": 5.962053333333333,
  "fwhm_x": 6.11507,
  "fwhm_y": 5.67521,
  "fwhm_z": 6.09588,
  "icvs_csf": 0.11835114859887277,
  "icvs_gm": 0.4669719040409176,
  "icvs_wm": 0.4146769473602096,
  "inu_med": 0.9811763763427734,
  "inu_range": 1.137334579229355,
  "provenance": {
    "md5sum": "1659503949b27af35e5e3c1600858fec",
    "settings": {
      "testing": false
    },
    "software": "mriqc",
    "version": "22.0.6",
    "warnings": {
      "large_rot_frame": true,
      "small_air_mask": false
    },
    "webapi_port": null,
    "webapi_url": "https://mriqc.nimh.nih.gov/api/v1"
  },
  "qi_1": 0.0,
  "qi_2": 0.0036751668989593632,
  "rpve_csf": 49.78737933500179,
  "rpve_gm": 14.256580147731302,
  "rpve_wm": 16.955231246091518,
  "size_x": 192,
  "size_y": 256,
  "size_z": 256,
  "snr_csf": 2.5197106254479995,
  "snr_gm": 16.65043468912116,
  "snr_total": 11.333195532784485,
  "snr_wm": 14.829441283784295,
  "snrd_csf": 23.47729969877436,
  "snrd_gm": 50.601743962384745,
  "snrd_total": 46.95459939754871,
  "snrd_wm": 66.78475453148704,
  "spacing_x": 1.0,
  "spacing_y": 1.0,
  "spacing_z": 1.0,
  "summary_bg_k": 6.907709573259984,
  "summary_bg_mad": 0.0,
  "summary_bg_mean": 5.599161028394018,
  "summary_bg_median": 0.0,
  "summary_bg_n": 2241663.0,
  "summary_bg_p05": 0.0,
  "summary_bg_p95": 22.374722711741924,
  "summary_bg_stdv": 9.810371072076613,
  "summary_csf_k": 18.958192794119693,
  "summary_csf_mad": 105.34752923223961,
  "summary_csf_mean": 362.48966529364736,
  "summary_csf_median": 351.56193704903126,
  "summary_csf_n": 8901.0,
  "summary_csf_p05": 157.6238453015685,
  "summary_csf_p95": 580.1701262891293,
  "summary_csf_stdv": 139.5168891587039,
  "summary_gm_k": 0.15138861357310107,
  "summary_gm_mad": 45.148941099531264,
  "summary_gm_mean": 758.0754311661091,
  "summary_gm_median": 757.7382132411003,
  "summary_gm_n": 52498.0,
  "summary_gm_p05": 683.6800256073475,
  "summary_gm_p95": 833.083126142621,
  "summary_gm_stdv": 45.50818104901913,
  "summary_wm_k": 0.038933199773740323,
  "summary_wm_mad": 67.29947793005246,
  "summary_wm_mean": 1009.2865347290899,
  "summary_wm_median": 1000.071472004056,
  "summary_wm_n": 157461.0,
  "summary_wm_p05": 915.2190890684724,
  "summary_wm_p95": 1135.0346556454897,
  "summary_wm_stdv": 67.43802933938963,
  "tpm_overlap_csf": 0.11719231978741208,
  "tpm_overlap_gm": 0.46679464332635684,
  "tpm_overlap_wm": 0.44851016770483393,
  "wm2max": 0.2718563572414061
}