{
  "bids_meta": {
    "AcquisitionMatrixPE": 256,
    "AcquisitionNumber": 1,
    "AcquisitionTime": "13:42:49.690000",
    "BaseResolution": 256,
    "BodyPartExamined": "BRAIN",
    "ConsistencyInfo": "N4_VE11A_LATEST_20140830",
    "ConversionSoftware": "dcm2niix",
    "ConversionSoftwareVersion": "v1.0.20190902",
    "DeviceSerialNumber": "45239",
    "DwellTime": 1.09e-05,
    "EchoTime": 0.00243,
    "FlipAngle": 9,
    "ImageOrientationPatientDICOM": [
      0,
      1,
      0,
      0,
      0,
      -1
    ],
    "ImageType": [
      "ORIGINAL",
      "PRIMARY",
      "M",
      "ND"
    ],
    "ImagingFrequency": 123.224,
    "InPlanePhaseEncodingDirectionDICOM": "ROW",
    "InstitutionAddress": "E_24th_St._100_Austin_Southmiddle_US_78712",
    "InstitutionName": "The_Univ._of_Texas_at_Austin_IRC",
    "InstitutionalDepartmentName": "IRC",
    "InversionTime": 0.9,
    "MRAcquisitionType": "3D",
    "MagneticFieldStrength": 3,
    "Manufacturer": "Siemens",
    "ManufacturersModelName": "Skyra",
    "Modality": "MR",
    "ParallelReductionFactorInPlane": 2,
    "PartialFourier": 1,
    "PatientPosition": "HFS",
    "PercentPhaseFOV": 100,
    "PhaseEncodingSteps": 255,
    "PhaseResolution": 1,
    "PixelBandwidth": 180,
    "ProcedureStepDescription": "Booth_Language",
    "ProtocolName": "MPRAGE",
    "PulseSequenceDetails": "%SiemensSeq%_tfl",
    "ReceiveCoilActiveElements": "HC1-6",
    "ReceiveCoilName": "HeadNeck_64",
    "ReconMatrixPE": 256,
    "RefLinesPE": 24,
    "RepetitionTime": 1.9,
    "SAR": 0.235878,
    "ScanOptions": "IR",
    "ScanningSequence": "GR_IR",
    "SequenceName": "_tfl3d1_16ns",
    "SequenceVariant": "SK_SP_MP",
    "SeriesDescription": "MPRAGE",
    "SeriesNumber": 2,
    "ShiftedAquisitionDate": "1816-05-14 00:00:00",
    "ShimSetting": [
      -2849,
      8022,
      -16018,
      -1233,
      -75,
      -527,
      -219,
      169
    ],
    "SliceThickness": 1,
    "SoftwareVersions": "syngo_MR_E11",
    "StationName": "AWP45239",
    "TxRefAmp": 324.584,
    "acq_id": "D1S2",
    "dataset": "ds003604",
    "modality": "T1w",
    "session_id": "7",
    "subject_id": "5317"
  },
  "cjv": 0.4873368403421191,
  "cnr": 2.720644006575784,
  "efc": 0.5860982827493646,
  "fber": 2666.7408134690254,
  "fwhm_avg": 6.12472,
  "fwhm_x": 6.50597,
  "fwhm_y": 5.21671,
  "fwhm_z": 6.65148,
  "icvs_csf": 0.13373342925443338,
  "icvs_gm": 0.45882971136060097,
  "icvs_wm": 0.40743685938496566,
  "inu_med": 0.9355193376541138,
  "inu_range": 1.3211586594581608,
  "provenance": {
    "md5sum": "3e33d266a1245314c7da13daa6ae48f2",
    "settings": {
      "testing": false
    },
    "software": "mriqc",
    "version": "22.0.6",
    "warnings": {
      "large_rot_frame": true,
      "small_air_mask": false
    },
    "webapi_port": null,
    "webapi_url": "https://mriqc.nimh.nih.gov/api/v1"
  },
  "qi_1": 0.0018046538399681732,
  "qi_2": 0.001072976433153282,
  "rpve_csf": 42.74478576596006,
  "rpve_gm": 13.367854415086779,
  "rpve_wm": 16.06045369263123,
  "size_x": 192,
  "size_y": 256,
  "size_z": 256,
  "snr_csf": 2.8740886673455086,
  "snr_gm": 14.464953100967135,
  "snr_total": 10.212607956311023,
  "snr_wm": 13.298782100620425,
  "snrd_csf": 14.976280498873875,
  "snrd_gm": 31.984676282632744,
  "snrd_total": 30.04666566530283,
  "snrd_wm": 43.179040214401866,
  "spacing_x": 1.0,
  "spacing_y": 1.0,
  "spacing_z": 1.0,
  "summary_bg_k": 5.183413031946355,
  "summary_bg_mad": 15.174472190646807,
  "summary_bg_mean": 20.85013447334768,
  "summary_bg_median": 10.235025957226753,
  "summary_bg_n": 1585243.0,
  "summary_bg_p05": 0.0,
  "summary_bg_p95": 80.55344503372908,
  "summary_bg_stdv": 28.35696335675248,
  "summary_csf_k": 0.8234391503954419,
  "summary_csf_mad": 112.73134124347797,
  "summary_csf_mean": 349.1102417402816,
  "summary_csf_median": 346.8852470256388,
  "summary_csf_n": 18852.0,
  "summary_csf_p05": 154.50782549194992,
  "summary_csf_p95": 551.0708559136839,
  "summary_csf_stdv": 120.69079517994379,
  "summary_gm_k": 0.12080675372371097,
  "summary_gm_mad": 50.394234805975195,
  "summary_gm_mean": 741.5803041717629,
  "summary_gm_median": 740.8389776200056,
  "summary_gm_n": 33855.0,
  "summary_gm_p05": 657.7583656832576,
  "summary_gm_p95": 825.897097658366,
  "summary_gm_stdv": 51.21537767980588,
  "summary_wm_k": 0.02885702850992411,
  "summary_wm_mad": 75.96603053465778,
  "summary_wm_mean": 1009.4846478963364,
  "summary_wm_median": 1000.12630186975,
  "summary_wm_n": 141878.0,
  "summary_wm_p05": 902.514480240643,
  "summary_wm_p95": 1146.8283405900002,
  "summary_wm_stdv": 75.20408784028562,
  "tpm_overlap_csf": 0.13708692576396617,
  "tpm_overlap_gm": 0.4536711135037175,
  "tpm_overlap_wm": 0.41921189582356716,
  "wm2max": 0.32503435215791954
}