{
  "bids_meta": {
    "AcquisitionMatrixPE": 256,
    "AcquisitionNumber": 1,
    "AcquisitionTime": "11:12:53.275000",
    "BaseResolution": 256,
    "BodyPartExamined": "BRAIN",
    "ConsistencyInfo": "N4_VE11C_LATEST_20160120",
    "ConversionSoftware": "dcm2niix",
    "ConversionSoftwareVersion": "v1.0.20190902",
    "DeviceSerialNumber": "45239",
    "DwellTime": 1.09e-05,
    "EchoTime": 0.00243,
    "FlipAngle": 9,
    "ImageOrientationPatientDICOM": [
      0,
      1,
      0,
      0.0784591,
      0,
      -0.996917
    ],
    "ImageType": [
      "ORIGINAL",
      "PRIMARY",
      "M",
      "ND"
    ],
    "ImagingFrequency": 123.186,
    "InPlanePhaseEncodingDirectionDICOM": "ROW",
    "InstitutionAddress": "E_24th_St._100_Austin_Southmiddle_US_78712",
    "InstitutionName": "The_Univ._of_Texas_at_Austin_IRC",
    "InstitutionalDepartmentName": "IRC",
    "InversionTime": 0.9,
    "MRAcquisitionType": "3D",
    "MagneticFieldStrength": 3,
    "Manufacturer": "Siemens",
    "ManufacturersModelName": "Skyra",
    "Modality": "MR",
    "ParallelReductionFactorInPlane": 2,
    "PartialFourier": 1,
    "PatientPosition": "HFS",
    "PercentPhaseFOV": 100,
    "PhaseEncodingSteps": 255,
    "PhaseResolution": 1,
    "PixelBandwidth": 180,
    "ProcedureStepDescription": "Booth_Language",
    "ProtocolName": "MPRAGE",
    "PulseSequenceDetails": "%SiemensSeq%_tfl",
    "ReceiveCoilActiveElements": "HC1-6",
    "ReceiveCoilName": "HeadNeck_64",
    "ReconMatrixPE": 256,
    "RefLinesPE": 24,
    "RepetitionTime": 1.9,
    "SAR": 0.201514,
    "ScanOptions": "IR",
    "ScanningSequence": "GR_IR",
    "SequenceName": "_tfl3d1_16ns",
    "SequenceVariant": "SK_SP_MP",
    "SeriesDescription": "MPRAGE",
    "SeriesNumber": 13,
    "ShiftedAquisitionDate": "1818-08-08 00:00:00",
    "ShimSetting": [
      -2727,
      7934,
      -15901,
      -500,
      562,
      -716,
      -526,
      132
    ],
    "SliceThickness": 1,
    "SoftwareVersions": "syngo_MR_E11",
    "StationName": "AWP45239",
    "TxRefAmp": 334.029,
    "acq_id": "D1S13",
    "dataset": "ds003604",
    "modality": "T1w",
    "session_id": "7",
    "subject_id": "5589"
  },
  "cjv": 0.44961336195658824,
  "cnr": 2.992480642417812,
  "efc": 0.5370774721443375,
  "fber": 33833.700642791555,
  "fwhm_avg": 5.903580000000001,
  "fwhm_x": 6.14087,
  "fwhm_y": 5.50465,
  "fwhm_z": 6.06522,
  "icvs_csf": 0.1148625300382417,
  "icvs_gm": 0.4804513129023208,
  "icvs_wm": 0.4046861570594375,
  "inu_med": 1.031046986579895,
  "inu_range": 1.2609433889389035,
  "provenance": {
    "md5sum": "6bbc379f978f14ac994874f9b97013f1",
    "settings": {
      "testing": false
    },
    "software": "mriqc",
    "version": "23.0.1",
    "warnings": {
      "large_rot_frame": true,
      "small_air_mask": false
    },
    "webapi_port": null,
    "webapi_url": "https://mriqc.nimh.nih.gov/api/v1"
  },
  "qi_1": 0.0,
  "qi_2": 0.003533946398588605,
  "rpve_csf": 40.82716041331773,
  "rpve_gm": 11.118643580974949,
  "rpve_wm": 13.80181849430889,
  "size_x": 192,
  "size_y": 256,
  "size_z": 256,
  "snr_csf": 1.5448077837229488,
  "snr_gm": 16.348657545978455,
  "snr_total": 11.21615890817271,
  "snr_wm": 15.755011394816727,
  "snrd_csf": 21.620669664852358,
  "snrd_gm": 45.29966660168228,
  "snrd_total": 42.12160929374892,
  "snrd_wm": 59.44449161471212,
  "spacing_x": 1.0,
  "spacing_y": 1.0,
  "spacing_z": 1.0,
  "summary_bg_k": 8.23721514124238,
  "summary_bg_mad": 0.0,
  "summary_bg_mean": 7.203897595573404,
  "summary_bg_median": 0.0,
  "summary_bg_n": 2449518.0,
  "summary_bg_p05": 0.0,
  "summary_bg_p95": 28.88011559844017,
  "summary_bg_stdv": 11.02174041390222,
  "summary_csf_k": 35.157943751477674,
  "summary_csf_mad": 103.91255668688005,
  "summary_csf_mean": 398.67220503649804,
  "summary_csf_median": 363.737091422081,
  "summary_csf_n": 13251.0,
  "summary_csf_p05": 179.92935329675674,
  "summary_csf_p95": 642.6345147192478,
  "summary_csf_stdv": 235.44894717867672,
  "summary_gm_k": 0.1982722596537494,
  "summary_gm_mad": 45.28205286453963,
  "summary_gm_mean": 761.9178758989822,
  "summary_gm_median": 762.1026188135147,
  "summary_gm_n": 60581.0,
  "summary_gm_p05": 684.2578947544098,
  "summary_gm_p95": 838.4236916899681,
  "summary_gm_stdv": 46.615223708537734,
  "summary_wm_k": 0.31280681256350995,
  "summary_wm_mad": 61.71091558183292,
  "summary_wm_mean": 1006.9988637800149,
  "summary_wm_median": 1000.0692307949066,
  "summary_wm_n": 188369.0,
  "summary_wm_p05": 916.6147001087666,
  "summary_wm_p95": 1125.2163983881474,
  "summary_wm_stdv": 63.47609349061227,
  "tpm_overlap_csf": 0.1255916579613971,
  "tpm_overlap_gm": 0.4676944890983168,
  "tpm_overlap_wm": 0.4415890114793523,
  "wm2max": 0.30071430058935006
}