{
  "bids_meta": {
    "AcquisitionMatrixPE": 256,
    "AcquisitionNumber": 1,
    "AcquisitionTime": "11:10:18.890000",
    "BaseResolution": 256,
    "BodyPartExamined": "BRAIN",
    "ConsistencyInfo": "N4_VE11C_LATEST_20160120",
    "ConversionSoftware": "dcm2niix",
    "ConversionSoftwareVersion": "v1.0.20190902",
    "DeviceSerialNumber": "45239",
    "DwellTime": 1.09e-05,
    "EchoTime": 0.00243,
    "FlipAngle": 9,
    "ImageOrientationPatientDICOM": [
      0,
      1,
      0,
      0,
      0,
      -1
    ],
    "ImageType": [
      "ORIGINAL",
      "PRIMARY",
      "M",
      "ND"
    ],
    "ImagingFrequency": 123.186,
    "InPlanePhaseEncodingDirectionDICOM": "ROW",
    "InstitutionAddress": "E_24th_St._100_Austin_Southmiddle_US_78712",
    "InstitutionName": "The_Univ._of_Texas_at_Austin_IRC",
    "InstitutionalDepartmentName": "IRC",
    "InversionTime": 0.9,
    "MRAcquisitionType": "3D",
    "MagneticFieldStrength": 3,
    "Manufacturer": "Siemens",
    "ManufacturersModelName": "Skyra",
    "Modality": "MR",
    "ParallelReductionFactorInPlane": 2,
    "PartialFourier": 1,
    "PatientPosition": "HFS",
    "PercentPhaseFOV": 100,
    "PhaseEncodingSteps": 255,
    "PhaseResolution": 1,
    "PixelBandwidth": 180,
    "ProcedureStepDescription": "Booth_Language",
    "ProtocolName": "MPRAGE",
    "PulseSequenceDetails": "%SiemensSeq%_tfl",
    "ReceiveCoilActiveElements": "HC1-6",
    "ReceiveCoilName": "HeadNeck_64",
    "ReconMatrixPE": 256,
    "RefLinesPE": 24,
    "RepetitionTime": 1.9,
    "SAR": 0.276091,
    "ScanOptions": "IR",
    "ScanningSequence": "GR_IR",
    "SequenceName": "_tfl3d1_16ns",
    "SequenceVariant": "SK_SP_MP",
    "SeriesDescription": "MPRAGE",
    "SeriesNumber": 2,
    "ShiftedAquisitionDate": "1818-07-16 00:00:00",
    "ShimSetting": [
      -2727,
      7934,
      -15901,
      -500,
      562,
      -716,
      -526,
      132
    ],
    "SliceThickness": 1,
    "SoftwareVersions": "syngo_MR_E11",
    "StationName": "AWP45239",
    "TxRefAmp": 325.331,
    "acq_id": "D1S2",
    "dataset": "ds003604",
    "modality": "T1w",
    "session_id": "7",
    "subject_id": "5584"
  },
  "cjv": 0.45149595346717336,
  "cnr": 3.020552950701885,
  "efc": 0.5115500612958209,
  "fber": -1.0,
  "fwhm_avg": 5.491116666666667,
  "fwhm_x": 5.47998,
  "fwhm_y": 5.41368,
  "fwhm_z": 5.57969,
  "icvs_csf": 0.1207685524622015,
  "icvs_gm": 0.4829826378949365,
  "icvs_wm": 0.396248809642862,
  "inu_med": 0.9896308183670044,
  "inu_range": 1.0188151597976685,
  "provenance": {
    "md5sum": "efa8bff91027e1da00bfacb23722ba64",
    "settings": {
      "testing": false
    },
    "software": "mriqc",
    "version": "23.0.1",
    "warnings": {
      "large_rot_frame": true,
      "small_air_mask": false
    },
    "webapi_port": null,
    "webapi_url": "https://mriqc.nimh.nih.gov/api/v1"
  },
  "qi_1": 0.0,
  "qi_2": 0.006116474013227252,
  "rpve_csf": 43.01838082514519,
  "rpve_gm": 12.322511544763891,
  "rpve_wm": 15.57842611516322,
  "size_x": 192,
  "size_y": 256,
  "size_z": 256,
  "snr_csf": 2.5080962362212667,
  "snr_gm": 17.504677951931914,
  "snr_total": 12.051794020880964,
  "snr_wm": 16.142607874489713,
  "snrd_csf": 23.19118710563334,
  "snrd_gm": 51.487321211991805,
  "snrd_total": 47.21827196577138,
  "snrd_wm": 66.97630757968899,
  "spacing_x": 1.0,
  "spacing_y": 1.0,
  "spacing_z": 1.0,
  "summary_bg_k": 6.684661969941075,
  "summary_bg_mad": 0.0,
  "summary_bg_mean": 6.152014784538112,
  "summary_bg_median": 0.0,
  "summary_bg_n": 2534248.0,
  "summary_bg_p05": 0.0,
  "summary_bg_p95": 25.33432289212942,
  "summary_bg_stdv": 9.78234050011571,
  "summary_csf_k": 10.183548128606084,
  "summary_csf_mad": 91.53361021236695,
  "summary_csf_mean": 370.84026152691257,
  "summary_csf_median": 346.2852756604552,
  "summary_csf_n": 13879.0,
  "summary_csf_p05": 197.31054175049067,
  "summary_csf_p95": 612.0579245813187,
  "summary_csf_stdv": 138.06200706445048,
  "summary_gm_k": 0.09999790921348017,
  "summary_gm_mad": 43.618904505532264,
  "summary_gm_mean": 768.7281117759715,
  "summary_gm_median": 768.7964026033878,
  "summary_gm_n": 57063.0,
  "summary_gm_p05": 696.5824382305145,
  "summary_gm_p95": 840.7131901681423,
  "summary_gm_stdv": 43.91909798639907,
  "summary_wm_k": 0.3525650620908265,
  "summary_wm_mad": 60.80210931074194,
  "summary_wm_mean": 1006.9219945375296,
  "summary_wm_median": 1000.0742535218596,
  "summary_wm_n": 173062.0,
  "summary_wm_p05": 918.7963965013623,
  "summary_wm_p95": 1120.2079782038927,
  "summary_wm_stdv": 61.95228007400098,
  "tpm_overlap_csf": 0.1498846406438143,
  "tpm_overlap_gm": 0.47879025383135926,
  "tpm_overlap_wm": 0.46504356696451216,
  "wm2max": 0.3188903629299725
}