{
  "aor": 0.0045175,
  "aqi": 0.010826839433962265,
  "bids_meta": {
    "AcquisitionMatrixPE": 128,
    "AcquisitionNumber": 1,
    "AcquisitionTime": "10:40:2.747500",
    "BandwidthPerPixelPhaseEncode": 23.321,
    "BaseResolution": 128,
    "BodyPartExamined": "BRAIN",
    "ConsistencyInfo": "N4_VE11A_LATEST_20140830",
    "ConversionSoftware": "dcm2niix",
    "ConversionSoftwareVersion": "v1.0.20190902",
    "DerivedVendorReportedEchoSpacing": 0.000669997,
    "DeviceSerialNumber": "45239",
    "DwellTime": 2.2e-06,
    "EchoTime": 0.03,
    "EchoTrainLength": 63,
    "EffectiveEchoSpacing": 0.000334999,
    "FlipAngle": 80,
    "ImageComments": "Unaliased_MB4_PE4_LB",
    "ImageOrientationPatientDICOM": [
      1,
      0,
      0,
      0,
      1,
      0
    ],
    "ImageType": [
      "ORIGINAL",
      "PRIMARY",
      "M",
      "MB",
      "ND",
      "MOSAIC"
    ],
    "ImagingFrequency": 123.224,
    "InPlanePhaseEncodingDirectionDICOM": "COL",
    "InstitutionAddress": "E_24th_St._100_Austin_Southmiddle_US_78712",
    "InstitutionName": "The_Univ._of_Texas_at_Austin_IRC",
    "InstitutionalDepartmentName": "IRC",
    "MRAcquisitionType": "2D",
    "MagneticFieldStrength": 3,
    "Manufacturer": "Siemens",
    "ManufacturersModelName": "Skyra",
    "Modality": "MR",
    "MultibandAccelerationFactor": 4,
    "ParallelReductionFactorInPlane": 2,
    "PartialFourier": 1,
    "PatientPosition": "HFS",
    "PercentPhaseFOV": 100,
    "PhaseEncodingDirection": "j-",
    "PhaseEncodingSteps": 127,
    "PhaseResolution": 1,
    "PixelBandwidth": 1775,
    "ProcedureStepDescription": "Booth_Language",
    "ProtocolName": "Plaus2",
    "PulseSequenceDetails": "%CustomerSeq%_cmrr_mbep2d_bold",
    "ReceiveCoilActiveElements": "HC1-6",
    "ReceiveCoilName": "HeadNeck_64",
    "ReconMatrixPE": 128,
    "RefLinesPE": 58,
    "RepetitionTime": 1.25,
    "SAR": 0.287307,
    "ScanOptions": "FS",
    "ScanningSequence": "EP",
    "SequenceName": "epfid2d1_128",
    "SequenceVariant": "SK_SS",
    "SeriesDescription": "Plaus2",
    "SeriesNumber": 2,
    "ShiftedAquisitionDate": "1816-11-08",
    "ShimSetting": [
      -2868,
      8052,
      -15435,
      -358,
      275,
      -193,
      -179,
      -78
    ],
    "SliceThickness": 2,
    "SliceTiming": [
      0,
      0.265,
      0.5275,
      0.7925,
      1.055,
      0.09,
      0.3525,
      0.615,
      0.88,
      1.1425,
      0.1775,
      0.44,
      0.705,
      0.9675,
      0,
      0.265,
      0.5275,
      0.7925,
      1.055,
      0.09,
      0.3525,
      0.615,
      0.88,
      1.1425,
      0.1775,
      0.44,
      0.705,
      0.9675,
      0,
      0.265,
      0.5275,
      0.7925,
      1.055,
      0.09,
      0.3525,
      0.615,
      0.88,
      1.1425,
      0.1775,
      0.44,
      0.705,
      0.9675,
      0,
      0.265,
      0.5275,
      0.7925,
      1.055,
      0.09,
      0.3525,
      0.615,
      0.88,
      1.1425,
      0.1775,
      0.44,
      0.705,
      0.9675
    ],
    "SoftwareVersions": "syngo_MR_E11",
    "SpacingBetweenSlices": 2,
    "StationName": "AWP45239",
    "TotalReadoutTime": 0.0425448,
    "TxRefAmp": 340.079,
    "WipMemBlock": "0c7918b7-ef54-45d5-91d2-133853bebbb3||Sequence: ve11a/master r/5a7612f; Mar  3 2017 11:38:58 by eja",
    "acq_id": "D3S2",
    "dataset": "ds003604",
    "modality": "bold",
    "run_id": 2,
    "session_id": "7",
    "subject_id": "5010",
    "task_id": "Plaus"
  },
  "dummy_trs": 0,
  "dvars_nstd": 58.329401838862566,
  "dvars_std": 1.1983253909004734,
  "dvars_vstd": 1.0063350550710894,
  "efc": 0.42483038380139754,
  "fber": 2979.275634765625,
  "fd_mean": 0.3800554255371155,
  "fd_num": 124,
  "fd_perc": 58.490566037735846,
  "fwhm_avg": 3.641968409172599,
  "fwhm_x": 3.424565,
  "fwhm_y": 3.684225,
  "fwhm_z": 3.817115227517797,
  "gcor": 0.0252903,
  "gsr_x": -0.022256994619965553,
  "gsr_y": 0.012834744527935982,
  "provenance": {
    "md5sum": "14b645d60cfadda7bfcd0a73d523398c",
    "settings": {
      "fd_thres": 0.2,
      "testing": false
    },
    "software": "mriqc",
    "version": "23.0.1",
    "webapi_port": null,
    "webapi_url": "https://mriqc.nimh.nih.gov/api/v1"
  },
  "size_t": 212,
  "size_x": 128,
  "size_y": 128,
  "size_z": 56,
  "snr": 2.2460632029108725,
  "spacing_tr": 1.25,
  "spacing_x": 2.0,
  "spacing_y": 2.0,
  "spacing_z": 1.9999998807907104,
  "summary_bg_k": 47.65947970129584,
  "summary_bg_mad": 4.762509823226046,
  "summary_bg_mean": 28.792436599731445,
  "summary_bg_median": 13.367924690246582,
  "summary_bg_n": 671239.0,
  "summary_bg_p05": 9.778302192687988,
  "summary_bg_p95": 95.23584747314453,
  "summary_bg_stdv": 58.772640228271484,
  "summary_fg_k": 1.2973535003348697,
  "summary_fg_mad": 293.60419481832133,
  "summary_fg_mean": 801.8875732421875,
  "summary_fg_median": 733.98583984375,
  "summary_fg_n": 142683.0,
  "summary_fg_p05": 408.9155731201172,
  "summary_fg_p95": 1450.928369140625,
  "summary_fg_stdv": 326.78656005859375,
  "tsnr": 28.537868269952014
}