{
  "bids_meta": {
    "AcquisitionMatrixPE": 256,
    "AcquisitionNumber": 1,
    "AcquisitionTime": "10:50:51.817500",
    "BaseResolution": 256,
    "BodyPartExamined": "BRAIN",
    "ConsistencyInfo": "N4_VD13A_LATEST_20120616",
    "ConversionSoftware": "dcm2niix",
    "ConversionSoftwareVersion": "v1.0.20190902",
    "DeviceSerialNumber": "45239",
    "DwellTime": 1.09e-05,
    "EchoTime": 0.00243,
    "FlipAngle": 9,
    "ImageOrientationPatientDICOM": [
      0,
      1,
      0,
      0,
      0,
      -1
    ],
    "ImageType": [
      "ORIGINAL",
      "PRIMARY",
      "M",
      "ND"
    ],
    "ImagingFrequency": 123.224,
    "InPlanePhaseEncodingDirectionDICOM": "ROW",
    "InstitutionAddress": "E_24th_St._100_Austin_Southmiddle_US_78712",
    "InstitutionName": "The_Univ._of_Texas_at_Austin_IRC",
    "InstitutionalDepartmentName": "IRC",
    "InversionTime": 0.9,
    "MRAcquisitionType": "3D",
    "MagneticFieldStrength": 3,
    "Manufacturer": "Siemens",
    "ManufacturersModelName": "Skyra",
    "Modality": "MR",
    "ParallelReductionFactorInPlane": 2,
    "PartialFourier": 1,
    "PatientPosition": "HFS",
    "PercentPhaseFOV": 100,
    "PhaseEncodingSteps": 255,
    "PhaseResolution": 1,
    "PixelBandwidth": 180,
    "ProcedureStepDescription": "Booth_Language",
    "ProtocolName": "MPRAGE",
    "PulseSequenceDetails": "%SiemensSeq%_tfl",
    "ReceiveCoilActiveElements": "HC1-7",
    "ReceiveCoilName": "HeadNeck_64",
    "ReconMatrixPE": 256,
    "RefLinesPE": 24,
    "RepetitionTime": 1.9,
    "SAR": 0.194727,
    "ScanOptions": "IR",
    "ScanningSequence": "GR_IR",
    "SequenceName": "_tfl3d1_16ns",
    "SequenceVariant": "SK_SP_MP",
    "SeriesDescription": "MPRAGE",
    "SeriesNumber": 2,
    "ShiftedAquisitionDate": "1814-12-14 00:00:00",
    "ShimSetting": [
      -2849,
      8022,
      -16018,
      -1233,
      -75,
      -527,
      -219,
      169
    ],
    "SliceThickness": 1,
    "SoftwareVersions": "syngo_MR_D13",
    "StationName": "AWP45239",
    "TxRefAmp": 324.165,
    "acq_id": "D1S2",
    "dataset": "ds003604",
    "modality": "T1w",
    "session_id": "5",
    "subject_id": "5029"
  },
  "cjv": 0.4417207009196118,
  "cnr": 2.976288302213916,
  "efc": 0.49965324139018263,
  "fber": 16445.009070294785,
  "fwhm_avg": 5.208786666666667,
  "fwhm_x": 5.46307,
  "fwhm_y": 4.85699,
  "fwhm_z": 5.3063,
  "icvs_csf": 0.1250328610363441,
  "icvs_gm": 0.4664084284714872,
  "icvs_wm": 0.4085587104921687,
  "inu_med": 0.9915274977684021,
  "inu_range": 1.170674908161163,
  "provenance": {
    "md5sum": "f6750f0c2443fd021bd7379e8017eb66",
    "settings": {
      "testing": false
    },
    "software": "mriqc",
    "version": "22.0.6",
    "warnings": {
      "large_rot_frame": true,
      "small_air_mask": false
    },
    "webapi_port": null,
    "webapi_url": "https://mriqc.nimh.nih.gov/api/v1"
  },
  "qi_1": 0.0,
  "qi_2": 0.0021161503121140024,
  "rpve_csf": 43.437657577050196,
  "rpve_gm": 12.918797637681296,
  "rpve_wm": 15.488956100374677,
  "size_x": 192,
  "size_y": 256,
  "size_z": 256,
  "snr_csf": 2.6214354096383925,
  "snr_gm": 16.227125314397465,
  "snr_total": 11.347261403825769,
  "snr_wm": 15.193223487441454,
  "snrd_csf": 19.284431961908677,
  "snrd_gm": 37.396107891264585,
  "snrd_total": 35.36679967111355,
  "snrd_wm": 49.41985916016738,
  "spacing_x": 1.0,
  "spacing_y": 1.0,
  "spacing_z": 1.0,
  "summary_bg_k": 18.27890798910646,
  "summary_bg_mad": 0.0,
  "summary_bg_mean": 7.51317360337782,
  "summary_bg_median": 0.0,
  "summary_bg_n": 2558662.0,
  "summary_bg_p05": 0.0,
  "summary_bg_p95": 33.53176997601986,
  "summary_bg_stdv": 13.257078009583395,
  "summary_csf_k": 12.244170412110545,
  "summary_csf_mad": 118.64180009223232,
  "summary_csf_mean": 403.633698576304,
  "summary_csf_median": 390.23204769194126,
  "summary_csf_n": 9571.0,
  "summary_csf_p05": 203.29647980630398,
  "summary_csf_p95": 625.4809025116265,
  "summary_csf_stdv": 148.85419627569829,
  "summary_gm_k": 0.2132807820146363,
  "summary_gm_mad": 45.391295986704264,
  "summary_gm_mean": 757.3991205807957,
  "summary_gm_median": 756.732673637569,
  "summary_gm_n": 48255.0,
  "summary_gm_p05": 681.9746454060078,
  "summary_gm_p95": 834.8924756348133,
  "summary_gm_stdv": 46.63332648012009,
  "summary_wm_k": 0.5082919924418712,
  "summary_wm_mad": 62.082804299275416,
  "summary_wm_mean": 1009.9211788776702,
  "summary_wm_median": 1000.0404924973845,
  "summary_wm_n": 153115.0,
  "summary_wm_p05": 920.4227874577045,
  "summary_wm_p95": 1135.787464670837,
  "summary_wm_stdv": 65.82126746618728,
  "tpm_overlap_csf": 0.1324706656840169,
  "tpm_overlap_gm": 0.4583148586840963,
  "tpm_overlap_wm": 0.42751874489744396,
  "wm2max": 0.2308686190113934
}