{
  "bids_meta": {
    "AcquisitionMatrixPE": 256,
    "AcquisitionNumber": 1,
    "AcquisitionTime": "16:32:21.557500",
    "BaseResolution": 256,
    "BodyPartExamined": "BRAIN",
    "ConsistencyInfo": "N4_VE11A_LATEST_20140830",
    "ConversionSoftware": "dcm2niix",
    "ConversionSoftwareVersion": "v1.0.20190902",
    "DeviceSerialNumber": "45239",
    "DwellTime": 1.09e-05,
    "EchoTime": 0.00243,
    "FlipAngle": 9,
    "ImageOrientationPatientDICOM": [
      0,
      1,
      0,
      0,
      0,
      -1
    ],
    "ImageType": [
      "ORIGINAL",
      "PRIMARY",
      "M",
      "ND"
    ],
    "ImagingFrequency": 123.224,
    "InPlanePhaseEncodingDirectionDICOM": "ROW",
    "InstitutionAddress": "E_24th_St._100_Austin_Southmiddle_US_78712",
    "InstitutionName": "The_Univ._of_Texas_at_Austin_IRC",
    "InstitutionalDepartmentName": "IRC",
    "InversionTime": 0.9,
    "MRAcquisitionType": "3D",
    "MagneticFieldStrength": 3,
    "Manufacturer": "Siemens",
    "ManufacturersModelName": "Skyra",
    "Modality": "MR",
    "ParallelReductionFactorInPlane": 2,
    "PartialFourier": 1,
    "PatientPosition": "HFS",
    "PercentPhaseFOV": 100,
    "PhaseEncodingSteps": 255,
    "PhaseResolution": 1,
    "PixelBandwidth": 180,
    "ProcedureStepDescription": "Booth_Language",
    "ProtocolName": "MPRAGE",
    "PulseSequenceDetails": "%SiemensSeq%_tfl",
    "ReceiveCoilActiveElements": "HC1-6",
    "ReceiveCoilName": "HeadNeck_64",
    "ReconMatrixPE": 256,
    "RefLinesPE": 24,
    "RepetitionTime": 1.9,
    "SAR": 0.224036,
    "ScanOptions": "IR",
    "ScanningSequence": "GR_IR",
    "SequenceName": "_tfl3d1_16ns",
    "SequenceVariant": "SK_SP_MP",
    "SeriesDescription": "MPRAGE",
    "SeriesNumber": 15,
    "ShiftedAquisitionDate": "1816-02-04 00:00:00",
    "ShimSetting": [
      -2849,
      8022,
      -16018,
      -1233,
      -75,
      -527,
      -219,
      169
    ],
    "SliceThickness": 1,
    "SoftwareVersions": "syngo_MR_E11",
    "StationName": "AWP45239",
    "TxRefAmp": 340.253,
    "acq_id": "D1S15",
    "dataset": "ds003604",
    "modality": "T1w",
    "session_id": "7",
    "subject_id": "5034"
  },
  "cjv": 0.44648194433586,
  "cnr": 2.9517717608401206,
  "efc": 0.5291960404522362,
  "fber": -1.0,
  "fwhm_avg": 6.129360000000001,
  "fwhm_x": 6.42054,
  "fwhm_y": 5.54192,
  "fwhm_z": 6.42562,
  "icvs_csf": 0.140091115027585,
  "icvs_gm": 0.45387490773695255,
  "icvs_wm": 0.4060339772354624,
  "inu_med": 0.9712308049201965,
  "inu_range": 1.4119629383087156,
  "provenance": {
    "md5sum": "64938f90b59cca7bee04c02cc7c8ec75",
    "settings": {
      "testing": false
    },
    "software": "mriqc",
    "version": "23.0.1",
    "warnings": {
      "large_rot_frame": true,
      "small_air_mask": false
    },
    "webapi_port": null,
    "webapi_url": "https://mriqc.nimh.nih.gov/api/v1"
  },
  "qi_1": 0.0006449732642969074,
  "qi_2": 0.002772106513612101,
  "rpve_csf": 34.02611287747536,
  "rpve_gm": 11.596527935756326,
  "rpve_wm": 14.176966877181641,
  "size_x": 192,
  "size_y": 256,
  "size_z": 256,
  "snr_csf": 2.1015197114081308,
  "snr_gm": 15.259091081338143,
  "snr_total": 11.21483967027949,
  "snr_wm": 16.2839082180922,
  "snrd_csf": 22.776935969494936,
  "snrd_gm": 48.27325707946061,
  "snrd_total": 44.741949177213336,
  "snrd_wm": 63.17565448268445,
  "spacing_x": 1.0,
  "spacing_y": 1.0,
  "spacing_z": 1.0,
  "summary_bg_k": 18.38628983124737,
  "summary_bg_mad": 0.0,
  "summary_bg_mean": 5.982054477700499,
  "summary_bg_median": 0.0,
  "summary_bg_n": 2560821.0,
  "summary_bg_p05": 0.0,
  "summary_bg_p95": 27.13587847352028,
  "summary_bg_stdv": 10.370762037964338,
  "summary_csf_k": 44.12151997283361,
  "summary_csf_mad": 97.88738108501113,
  "summary_csf_mean": 389.0984022082621,
  "summary_csf_median": 360.5572563111782,
  "summary_csf_n": 22806.0,
  "summary_csf_p05": 224.89436995238066,
  "summary_csf_p95": 604.2849823087454,
  "summary_csf_stdv": 171.56600977384653,
  "summary_gm_k": 0.19594256799734966,
  "summary_gm_mad": 48.74791578033554,
  "summary_gm_mean": 764.4243063173471,
  "summary_gm_median": 764.1621835827827,
  "summary_gm_n": 37639.0,
  "summary_gm_p05": 681.7641876339912,
  "summary_gm_p95": 846.6262035667896,
  "summary_gm_stdv": 50.07847638106846,
  "summary_wm_k": 0.7685604503331005,
  "summary_wm_mad": 56.57890626713643,
  "summary_wm_mean": 1008.5074876251733,
  "summary_wm_median": 1000.0660614073277,
  "summary_wm_n": 199715.0,
  "summary_wm_p05": 923.940348803997,
  "summary_wm_p95": 1125.8418484926224,
  "summary_wm_stdv": 61.41422220496811,
  "tpm_overlap_csf": 0.15434433900001387,
  "tpm_overlap_gm": 0.45430649672693674,
  "tpm_overlap_wm": 0.44386311095946873,
  "wm2max": 0.31739353670085163
}