{
  "bids_meta": {
    "AcquisitionMatrixPE": 256,
    "AcquisitionNumber": 1,
    "AcquisitionTime": "15:18:28.375000",
    "BaseResolution": 256,
    "BodyPartExamined": "BRAIN",
    "ConsistencyInfo": "N4_VE11A_LATEST_20140830",
    "ConversionSoftware": "dcm2niix",
    "ConversionSoftwareVersion": "v1.0.20190902",
    "DeviceSerialNumber": "45239",
    "DwellTime": 1.09e-05,
    "EchoTime": 0.00243,
    "FlipAngle": 9,
    "ImageOrientationPatientDICOM": [
      0,
      1,
      0,
      0,
      0,
      -1
    ],
    "ImageType": [
      "ORIGINAL",
      "PRIMARY",
      "M",
      "ND"
    ],
    "ImagingFrequency": 123.225,
    "InPlanePhaseEncodingDirectionDICOM": "ROW",
    "InstitutionAddress": "E_24th_St._100_Austin_Southmiddle_US_78712",
    "InstitutionName": "The_Univ._of_Texas_at_Austin_IRC",
    "InstitutionalDepartmentName": "IRC",
    "InversionTime": 0.9,
    "MRAcquisitionType": "3D",
    "MagneticFieldStrength": 3,
    "Manufacturer": "Siemens",
    "ManufacturersModelName": "Skyra",
    "Modality": "MR",
    "ParallelReductionFactorInPlane": 2,
    "PartialFourier": 1,
    "PatientPosition": "HFS",
    "PercentPhaseFOV": 100,
    "PhaseEncodingSteps": 255,
    "PhaseResolution": 1,
    "PixelBandwidth": 180,
    "ProcedureStepDescription": "Booth_Language",
    "ProtocolName": "MPRAGE",
    "PulseSequenceDetails": "%SiemensSeq%_tfl",
    "ReceiveCoilActiveElements": "HC1-6",
    "ReceiveCoilName": "HeadNeck_64",
    "ReconMatrixPE": 256,
    "RefLinesPE": 24,
    "RepetitionTime": 1.9,
    "SAR": 0.200708,
    "ScanOptions": "IR",
    "ScanningSequence": "GR_IR",
    "SequenceName": "_tfl3d1_16ns",
    "SequenceVariant": "SK_SP_MP",
    "SeriesDescription": "MPRAGE",
    "SeriesNumber": 2,
    "ShiftedAquisitionDate": "1817-02-25 00:00:00",
    "ShimSetting": [
      -2851,
      8065,
      -15920,
      -530,
      404,
      -610,
      -324,
      -43
    ],
    "SliceThickness": 1,
    "SoftwareVersions": "syngo_MR_E11",
    "StationName": "AWP45239",
    "TxRefAmp": 359.153,
    "acq_id": "D1S2",
    "dataset": "ds003604",
    "modality": "T1w",
    "session_id": "7",
    "subject_id": "5408"
  },
  "cjv": 0.4765507130910863,
  "cnr": 2.8686297530896807,
  "efc": 0.5125788580677605,
  "fber": -1.0,
  "fwhm_avg": 6.207133333333334,
  "fwhm_x": 6.416,
  "fwhm_y": 5.70236,
  "fwhm_z": 6.50304,
  "icvs_csf": 0.12279462772955994,
  "icvs_gm": 0.481157444628096,
  "icvs_wm": 0.39604792764234403,
  "inu_med": 0.9752351641654968,
  "inu_range": 1.349886578321457,
  "provenance": {
    "md5sum": "b9df9393a9311d42a7751f7ec0b2bbc7",
    "settings": {
      "testing": false
    },
    "software": "mriqc",
    "version": "22.0.6",
    "warnings": {
      "large_rot_frame": true,
      "small_air_mask": false
    },
    "webapi_port": null,
    "webapi_url": "https://mriqc.nimh.nih.gov/api/v1"
  },
  "qi_1": 0.0,
  "qi_2": 0.007017456728111565,
  "rpve_csf": 43.257454043324415,
  "rpve_gm": 12.30055950403723,
  "rpve_wm": 15.362309961452977,
  "size_x": 192,
  "size_y": 256,
  "size_z": 256,
  "snr_csf": 1.878225776270589,
  "snr_gm": 16.728597802670826,
  "snr_total": 11.370375284530942,
  "snr_wm": 15.504302274651407,
  "snrd_csf": 24.692809263747943,
  "snrd_gm": 53.38734847398033,
  "snrd_total": 49.10862329918161,
  "snrd_wm": 69.24571215981656,
  "spacing_x": 1.0,
  "spacing_y": 1.0,
  "spacing_z": 1.0,
  "summary_bg_k": 5.828469292005002,
  "summary_bg_mad": 0.0,
  "summary_bg_mean": 5.583780947803972,
  "summary_bg_median": 0.0,
  "summary_bg_n": 2495936.0,
  "summary_bg_p05": 0.0,
  "summary_bg_p95": 22.594703391194344,
  "summary_bg_stdv": 9.461673601584812,
  "summary_csf_k": 43.235721376512615,
  "summary_csf_mad": 82.30604363764964,
  "summary_csf_mean": 387.3581402671995,
  "summary_csf_median": 356.6208526343107,
  "summary_csf_n": 24252.0,
  "summary_csf_p05": 207.91149915754795,
  "summary_csf_p95": 630.7676855608822,
  "summary_csf_stdv": 189.8672165311899,
  "summary_gm_k": 0.07923403612007807,
  "summary_gm_mad": 45.82498323303923,
  "summary_gm_mean": 771.2475333509996,
  "summary_gm_median": 771.035872399807,
  "summary_gm_n": 61425.0,
  "summary_gm_p05": 695.6084500998259,
  "summary_gm_p95": 846.731481090188,
  "summary_gm_stdv": 46.0905095113761,
  "summary_wm_k": 0.14502209446029513,
  "summary_wm_mad": 63.31998767775703,
  "summary_wm_mean": 1009.1201387112555,
  "summary_wm_median": 1000.0670498013496,
  "summary_wm_n": 171957.0,
  "summary_wm_p05": 919.2088530957699,
  "summary_wm_p95": 1129.614485684036,
  "summary_wm_stdv": 64.50236354934432,
  "tpm_overlap_csf": 0.15313049940420057,
  "tpm_overlap_gm": 0.47727192883603015,
  "tpm_overlap_wm": 0.4558001334782712,
  "wm2max": 0.31859851171818193
}