{
  "bids_meta": {
    "AcquisitionMatrixPE": 256,
    "AcquisitionNumber": 1,
    "AcquisitionTime": "14:42:49.010000",
    "BaseResolution": 256,
    "BodyPartExamined": "BRAIN",
    "ConsistencyInfo": "N4_VE11C_LATEST_20160120",
    "ConversionSoftware": "dcm2niix",
    "ConversionSoftwareVersion": "v1.0.20190902",
    "DeviceSerialNumber": "45239",
    "DwellTime": 1.09e-05,
    "EchoTime": 0.00243,
    "FlipAngle": 9,
    "ImageOrientationPatientDICOM": [
      0,
      1,
      0,
      0,
      0,
      -1
    ],
    "ImageType": [
      "ORIGINAL",
      "PRIMARY",
      "M",
      "ND"
    ],
    "ImagingFrequency": 123.186,
    "InPlanePhaseEncodingDirectionDICOM": "ROW",
    "InstitutionAddress": "E_24th_St._100_Austin_Southmiddle_US_78712",
    "InstitutionName": "The_Univ._of_Texas_at_Austin_IRC",
    "InstitutionalDepartmentName": "IRC",
    "InversionTime": 0.9,
    "MRAcquisitionType": "3D",
    "MagneticFieldStrength": 3,
    "Manufacturer": "Siemens",
    "ManufacturersModelName": "Skyra",
    "Modality": "MR",
    "ParallelReductionFactorInPlane": 2,
    "PartialFourier": 1,
    "PatientPosition": "HFS",
    "PercentPhaseFOV": 100,
    "PhaseEncodingSteps": 255,
    "PhaseResolution": 1,
    "PixelBandwidth": 180,
    "ProcedureStepDescription": "Booth_Language",
    "ProtocolName": "MPRAGE",
    "PulseSequenceDetails": "%SiemensSeq%_tfl",
    "ReceiveCoilActiveElements": "HC1-6",
    "ReceiveCoilName": "HeadNeck_64",
    "ReconMatrixPE": 256,
    "RefLinesPE": 24,
    "RepetitionTime": 1.9,
    "SAR": 0.194766,
    "ScanOptions": "IR",
    "ScanningSequence": "GR_IR",
    "SequenceName": "_tfl3d1_16ns",
    "SequenceVariant": "SK_SP_MP",
    "SeriesDescription": "MPRAGE",
    "SeriesNumber": 2,
    "ShiftedAquisitionDate": "1818-12-10 00:00:00",
    "ShimSetting": [
      -2727,
      7934,
      -15901,
      -500,
      562,
      -716,
      -526,
      132
    ],
    "SliceThickness": 1,
    "SoftwareVersions": "syngo_MR_E11",
    "StationName": "AWP45239",
    "TxRefAmp": 321.453,
    "acq_id": "D1S2",
    "dataset": "ds003604",
    "modality": "T1w",
    "session_id": "9",
    "subject_id": "5480"
  },
  "cjv": 0.48768715712480964,
  "cnr": 2.714841707542869,
  "efc": 0.5206733716654118,
  "fber": 5761.393860946745,
  "fwhm_avg": 4.65772,
  "fwhm_x": 4.97479,
  "fwhm_y": 4.18493,
  "fwhm_z": 4.81344,
  "icvs_csf": 0.12658717394347443,
  "icvs_gm": 0.4547274623808966,
  "icvs_wm": 0.4186853636756289,
  "inu_med": 1.0368860960006714,
  "inu_range": 1.0063197255134573,
  "provenance": {
    "md5sum": "92f7377df5d0cd5554ab3c4a23c7d34b",
    "settings": {
      "testing": false
    },
    "software": "mriqc",
    "version": "22.0.6",
    "warnings": {
      "large_rot_frame": true,
      "small_air_mask": false
    },
    "webapi_port": null,
    "webapi_url": "https://mriqc.nimh.nih.gov/api/v1"
  },
  "qi_1": 0.0014380313003186558,
  "qi_2": 0.002267812545779226,
  "rpve_csf": 44.844092583114715,
  "rpve_gm": 13.309425152757134,
  "rpve_wm": 15.426175344080137,
  "size_x": 192,
  "size_y": 256,
  "size_z": 256,
  "snr_csf": 2.5121860349562097,
  "snr_gm": 13.802988758729915,
  "snr_total": 10.0279460119211,
  "snr_wm": 13.768663242077173,
  "snrd_csf": 8.241558913260382,
  "snrd_gm": 18.29594305760203,
  "snrd_total": 17.04267537107068,
  "snrd_wm": 24.590524142349622,
  "spacing_x": 1.0,
  "spacing_y": 1.0,
  "spacing_z": 1.0,
  "summary_bg_k": 19.76410821700716,
  "summary_bg_mad": 0.0,
  "summary_bg_mean": 14.572207909573077,
  "summary_bg_median": 0.0,
  "summary_bg_n": 2783016.0,
  "summary_bg_p05": 0.0,
  "summary_bg_p95": 65.69028586149216,
  "summary_bg_stdv": 26.645648473494234,
  "summary_csf_k": 23.608511021431426,
  "summary_csf_mad": 115.91311662151838,
  "summary_csf_mean": 349.63410951162433,
  "summary_csf_median": 335.19993954896927,
  "summary_csf_n": 16525.0,
  "summary_csf_p05": 156.57979613542557,
  "summary_csf_p95": 557.742833662033,
  "summary_csf_stdv": 133.4255475209759,
  "summary_gm_k": 0.08150885931454743,
  "summary_gm_mad": 53.53929996384183,
  "summary_gm_mean": 745.1027190911169,
  "summary_gm_median": 744.1309431195259,
  "summary_gm_n": 38196.0,
  "summary_gm_p05": 657.7643705606461,
  "summary_gm_p95": 835.1640387177467,
  "summary_gm_stdv": 53.91015055571439,
  "summary_wm_k": 0.13199891418946175,
  "summary_wm_mad": 71.31477331167798,
  "summary_wm_mean": 1010.5008164847015,
  "summary_wm_median": 1000.143576323986,
  "summary_wm_n": 155083.0,
  "summary_wm_p05": 909.1104807257652,
  "summary_wm_p95": 1146.1698511242867,
  "summary_wm_stdv": 72.638885430754,
  "tpm_overlap_csf": 0.1451607543004512,
  "tpm_overlap_gm": 0.4588315622297729,
  "tpm_overlap_wm": 0.4566658673735784,
  "wm2max": 0.28760154013297773
}