{
  "aor": 0.0007856962025316455,
  "aqi": 0.007582005506329114,
  "bids_meta": {
    "AcquisitionMatrixPE": 128,
    "AcquisitionNumber": 1,
    "AcquisitionTime": "15:46:19.780000",
    "BandwidthPerPixelPhaseEncode": 23.321,
    "BaseResolution": 128,
    "BodyPartExamined": "BRAIN",
    "ConsistencyInfo": "N4_VE11C_LATEST_20160120",
    "ConversionSoftware": "dcm2niix",
    "ConversionSoftwareVersion": "v1.0.20190902",
    "DerivedVendorReportedEchoSpacing": 0.000669997,
    "DeviceSerialNumber": "45239",
    "DwellTime": 2.2e-06,
    "EchoTime": 0.03,
    "EchoTrainLength": 63,
    "EffectiveEchoSpacing": 0.000334999,
    "FlipAngle": 80,
    "ImageComments": "Unaliased_MB4_PE4_LB",
    "ImageOrientationPatientDICOM": [
      0.992332,
      0,
      0.123601,
      0,
      1,
      0
    ],
    "ImageType": [
      "ORIGINAL",
      "PRIMARY",
      "M",
      "MB",
      "ND",
      "MOSAIC"
    ],
    "ImagingFrequency": 123.186,
    "InPlanePhaseEncodingDirectionDICOM": "COL",
    "InstitutionAddress": "E_24th_St._100_Austin_Southmiddle_US_78712",
    "InstitutionName": "The_Univ._of_Texas_at_Austin_IRC",
    "InstitutionalDepartmentName": "IRC",
    "MRAcquisitionType": "2D",
    "MagneticFieldStrength": 3,
    "Manufacturer": "Siemens",
    "ManufacturersModelName": "Skyra",
    "Modality": "MR",
    "MultibandAccelerationFactor": 4,
    "ParallelReductionFactorInPlane": 2,
    "PartialFourier": 1,
    "PatientPosition": "HFS",
    "PercentPhaseFOV": 100,
    "PhaseEncodingDirection": "j-",
    "PhaseEncodingSteps": 127,
    "PhaseResolution": 1,
    "PixelBandwidth": 1775,
    "ProcedureStepDescription": "Booth_Language",
    "ProtocolName": "SEM1",
    "PulseSequenceDetails": "%CustomerSeq%_cmrr_mbep2d_bold",
    "ReceiveCoilActiveElements": "HC1-6",
    "ReceiveCoilName": "HeadNeck_64",
    "ReconMatrixPE": 128,
    "RefLinesPE": 58,
    "RepetitionTime": 1.25,
    "SAR": 0.178444,
    "ScanOptions": "FS",
    "ScanningSequence": "EP",
    "SequenceName": "epfid2d1_128",
    "SequenceVariant": "SK_SS",
    "SeriesDescription": "SEM1",
    "SeriesNumber": 8,
    "ShiftedAquisitionDate": "1818-11-29",
    "ShimSetting": [
      -2699,
      7916,
      -15393,
      95,
      761,
      -624,
      -295,
      47
    ],
    "SliceThickness": 2,
    "SliceTiming": [
      0,
      0.265,
      0.5275,
      0.7925,
      1.055,
      0.09,
      0.3525,
      0.615,
      0.88,
      1.1425,
      0.1775,
      0.44,
      0.7025,
      0.9675,
      0,
      0.265,
      0.5275,
      0.7925,
      1.055,
      0.09,
      0.3525,
      0.615,
      0.88,
      1.1425,
      0.1775,
      0.44,
      0.7025,
      0.9675,
      0,
      0.265,
      0.5275,
      0.7925,
      1.055,
      0.09,
      0.3525,
      0.615,
      0.88,
      1.1425,
      0.1775,
      0.44,
      0.7025,
      0.9675,
      0,
      0.265,
      0.5275,
      0.7925,
      1.055,
      0.09,
      0.3525,
      0.615,
      0.88,
      1.1425,
      0.1775,
      0.44,
      0.7025,
      0.9675
    ],
    "SoftwareVersions": "syngo_MR_E11",
    "SpacingBetweenSlices": 2,
    "StationName": "AWP45239",
    "TotalReadoutTime": 0.0425448,
    "TxRefAmp": 330.524,
    "WipMemBlock": "58c4b850-226a-4e69-8820-80ab35f53d46||Sequence: R016 ve11c/master r/e634e98; Dec 19 2017 11:00:25 by eja",
    "acq_id": "D2S8",
    "dataset": "ds003604",
    "modality": "bold",
    "run_id": 1,
    "session_id": "9",
    "subject_id": "5010",
    "task_id": "Sem"
  },
  "dummy_trs": 0,
  "dvars_nstd": 40.13515139522296,
  "dvars_std": 1.0665789531847134,
  "dvars_vstd": 0.9811963205095549,
  "efc": 0.4342718989391506,
  "fber": 3074.526123046875,
  "fd_mean": 0.18501274433481793,
  "fd_num": 60,
  "fd_perc": 37.9746835443038,
  "fwhm_avg": 3.4776000685667037,
  "fwhm_x": 3.30942,
  "fwhm_y": 3.672305,
  "fwhm_z": 3.4510752057001115,
  "gcor": 0.0208041,
  "gsr_x": -0.021181399002671242,
  "gsr_y": 0.020062291994690895,
  "provenance": {
    "md5sum": "f7d919642334d2a34bae51faabaa716b",
    "settings": {
      "fd_thres": 0.2,
      "testing": false
    },
    "software": "mriqc",
    "version": "23.0.1",
    "webapi_port": null,
    "webapi_url": "https://mriqc.nimh.nih.gov/api/v1"
  },
  "size_t": 158,
  "size_x": 128,
  "size_y": 128,
  "size_z": 56,
  "snr": 2.4782634488078226,
  "spacing_tr": 1.25,
  "spacing_x": 2.0,
  "spacing_y": 2.0,
  "spacing_z": 1.9999998807907104,
  "summary_bg_k": 49.40286352428203,
  "summary_bg_mad": 4.870066691551967,
  "summary_bg_mean": 31.36728286743164,
  "summary_bg_median": 13.531645774841309,
  "summary_bg_n": 668779.0,
  "summary_bg_p05": 9.87974739074707,
  "summary_bg_p95": 111.7481071472165,
  "summary_bg_stdv": 63.90593719482422,
  "summary_fg_k": 0.3428302595880246,
  "summary_fg_mad": 314.23656291099525,
  "summary_fg_mean": 804.8663940429688,
  "summary_fg_median": 754.6582641601562,
  "summary_fg_n": 144277.0,
  "summary_fg_p05": 405.86077880859375,
  "summary_fg_p95": 1361.696264648437,
  "summary_fg_stdv": 304.5098571777344,
  "tsnr": 33.429012179374695
}