{
  "aor": 0.0034237735849056605,
  "aqi": 0.009683536556603775,
  "bids_meta": {
    "AcquisitionMatrixPE": 128,
    "AcquisitionNumber": 1,
    "AcquisitionTime": "15:29:50.280000",
    "BandwidthPerPixelPhaseEncode": 23.321,
    "BaseResolution": 128,
    "BodyPartExamined": "BRAIN",
    "ConsistencyInfo": "N4_VE11C_LATEST_20160120",
    "ConversionSoftware": "dcm2niix",
    "ConversionSoftwareVersion": "v1.0.20190902",
    "DerivedVendorReportedEchoSpacing": 0.000669997,
    "DeviceSerialNumber": "45239",
    "DwellTime": 2.2e-06,
    "EchoTime": 0.03,
    "EchoTrainLength": 63,
    "EffectiveEchoSpacing": 0.000334999,
    "FlipAngle": 80,
    "ImageComments": "Unaliased_MB4_PE4_LB",
    "ImageOrientationPatientDICOM": [
      1,
      0,
      0,
      0,
      1,
      0
    ],
    "ImageType": [
      "ORIGINAL",
      "PRIMARY",
      "M",
      "MB",
      "ND",
      "MOSAIC"
    ],
    "ImagingFrequency": 123.186,
    "InPlanePhaseEncodingDirectionDICOM": "COL",
    "InstitutionAddress": "E_24th_St._100_Austin_Southmiddle_US_78712",
    "InstitutionName": "The_Univ._of_Texas_at_Austin_IRC",
    "InstitutionalDepartmentName": "IRC",
    "MRAcquisitionType": "2D",
    "MagneticFieldStrength": 3,
    "Manufacturer": "Siemens",
    "ManufacturersModelName": "Skyra",
    "Modality": "MR",
    "MultibandAccelerationFactor": 4,
    "ParallelReductionFactorInPlane": 2,
    "PartialFourier": 1,
    "PatientPosition": "HFS",
    "PercentPhaseFOV": 100,
    "PhaseEncodingDirection": "j-",
    "PhaseEncodingSteps": 127,
    "PhaseResolution": 1,
    "PixelBandwidth": 1775,
    "ProcedureStepDescription": "Booth_Language",
    "ProtocolName": "Plaus2",
    "PulseSequenceDetails": "%CustomerSeq%_cmrr_mbep2d_bold",
    "ReceiveCoilActiveElements": "HC3-6",
    "ReceiveCoilName": "HeadNeck_64",
    "ReconMatrixPE": 128,
    "RefLinesPE": 58,
    "RepetitionTime": 1.25,
    "SAR": 0.224292,
    "ScanOptions": "FS",
    "ScanningSequence": "EP",
    "SequenceName": "epfid2d1_128",
    "SequenceVariant": "SK_SS",
    "SeriesDescription": "Plaus2",
    "SeriesNumber": 13,
    "ShiftedAquisitionDate": "1818-10-24",
    "ShimSetting": [
      -2718,
      7831,
      -15293,
      -104,
      432,
      -634,
      83,
      -1
    ],
    "SliceThickness": 2,
    "SliceTiming": [
      0,
      0.2625,
      0.5275,
      0.79,
      1.0525,
      0.0875,
      0.35,
      0.615,
      0.8775,
      1.1425,
      0.175,
      0.44,
      0.7025,
      0.965,
      0,
      0.2625,
      0.5275,
      0.79,
      1.0525,
      0.0875,
      0.35,
      0.615,
      0.8775,
      1.1425,
      0.175,
      0.44,
      0.7025,
      0.965,
      0,
      0.2625,
      0.5275,
      0.79,
      1.0525,
      0.0875,
      0.35,
      0.615,
      0.8775,
      1.1425,
      0.175,
      0.44,
      0.7025,
      0.965,
      0,
      0.2625,
      0.5275,
      0.79,
      1.0525,
      0.0875,
      0.35,
      0.615,
      0.8775,
      1.1425,
      0.175,
      0.44,
      0.7025,
      0.965
    ],
    "SoftwareVersions": "syngo_MR_E11",
    "SpacingBetweenSlices": 2,
    "StationName": "AWP45239",
    "TotalReadoutTime": 0.0425448,
    "TxRefAmp": 322.619,
    "WipMemBlock": "6328b5be-e103-4730-b681-62498a40b352||Sequence: R016 ve11c/master r/e634e98; Dec 19 2017 11:00:25 by eja",
    "acq_id": "D2S13",
    "dataset": "ds003604",
    "modality": "bold",
    "run_id": 2,
    "session_id": "9",
    "subject_id": "5162",
    "task_id": "Plaus"
  },
  "dummy_trs": 0,
  "dvars_nstd": 47.3364722446919,
  "dvars_std": 1.0260473212322276,
  "dvars_vstd": 1.0030727800473924,
  "efc": 0.4362148633896719,
  "fber": 2637.73828125,
  "fd_mean": 0.23742383652141394,
  "fd_num": 87,
  "fd_perc": 41.0377358490566,
  "fwhm_avg": 3.5206233333333334,
  "fwhm_x": 3.158735,
  "fwhm_y": 3.5876,
  "fwhm_z": 3.815535,
  "gcor": 0.018862,
  "gsr_x": -0.014671506360173225,
  "gsr_y": 0.02138352207839489,
  "provenance": {
    "md5sum": "9ef47790f26d0567065ba6eaa4461225",
    "settings": {
      "fd_thres": 0.2,
      "testing": false
    },
    "software": "mriqc",
    "version": "23.0.1",
    "webapi_port": null,
    "webapi_url": "https://mriqc.nimh.nih.gov/api/v1"
  },
  "size_t": 212,
  "size_x": 128,
  "size_y": 128,
  "size_z": 56,
  "snr": 2.2453537752151096,
  "spacing_tr": 1.25,
  "spacing_x": 2.0,
  "spacing_y": 2.0,
  "spacing_z": 2.0,
  "summary_bg_k": 60.111278756822976,
  "summary_bg_mad": 5.426883805687623,
  "summary_bg_mean": 25.06889533996582,
  "summary_bg_median": 12.292452812194824,
  "summary_bg_n": 659370.0,
  "summary_bg_p05": 7.669811248779297,
  "summary_bg_p95": 83.36321258544922,
  "summary_bg_stdv": 45.16157150268555,
  "summary_fg_k": 1.0333797374841796,
  "summary_fg_mad": 262.58843059448407,
  "summary_fg_mean": 693.7579956054688,
  "summary_fg_median": 634.2028198242188,
  "summary_fg_n": 153158.0,
  "summary_fg_p05": 356.66510009765625,
  "summary_fg_p95": 1245.1342041015623,
  "summary_fg_stdv": 282.45025634765625,
  "tsnr": 25.693522311397828
}