{
  "bids_meta": {
    "AcquisitionMatrixPE": 256,
    "AcquisitionNumber": 1,
    "AcquisitionTime": "10:04:18.740000",
    "BaseResolution": 256,
    "BodyPartExamined": "BRAIN",
    "ConsistencyInfo": "N4_VE11C_LATEST_20160120",
    "ConversionSoftware": "dcm2niix",
    "ConversionSoftwareVersion": "v1.0.20190902",
    "DeviceSerialNumber": "45239",
    "DwellTime": 1.09e-05,
    "EchoTime": 0.00243,
    "FlipAngle": 9,
    "ImageOrientationPatientDICOM": [
      0,
      1,
      0,
      0,
      0,
      -1
    ],
    "ImageType": [
      "ORIGINAL",
      "PRIMARY",
      "M",
      "ND"
    ],
    "ImagingFrequency": 123.172,
    "InPlanePhaseEncodingDirectionDICOM": "ROW",
    "InstitutionAddress": "E_24th_St._100_Austin_Southmiddle_US_78712",
    "InstitutionName": "The_Univ._of_Texas_at_Austin_IRC",
    "InstitutionalDepartmentName": "IRC",
    "InversionTime": 0.9,
    "MRAcquisitionType": "3D",
    "MagneticFieldStrength": 3,
    "Manufacturer": "Siemens",
    "ManufacturersModelName": "Skyra",
    "Modality": "MR",
    "ParallelReductionFactorInPlane": 2,
    "PartialFourier": 1,
    "PatientPosition": "HFS",
    "PercentPhaseFOV": 100,
    "PhaseEncodingSteps": 255,
    "PhaseResolution": 1,
    "PixelBandwidth": 180,
    "ProcedureStepDescription": "Booth_Language",
    "ProtocolName": "MPRAGE",
    "PulseSequenceDetails": "%SiemensSeq%_tfl",
    "ReceiveCoilActiveElements": "HC1-6",
    "ReceiveCoilName": "HeadNeck_64",
    "ReconMatrixPE": 256,
    "RefLinesPE": 24,
    "RepetitionTime": 1.9,
    "SAR": 0.226543,
    "ScanOptions": "IR",
    "ScanningSequence": "GR_IR",
    "SequenceName": "_tfl3d1_16ns",
    "SequenceVariant": "SK_SP_MP",
    "SeriesDescription": "MPRAGE",
    "SeriesNumber": 2,
    "ShiftedAquisitionDate": "1818-04-21 00:00:00",
    "ShimSetting": [
      -2751,
      8072,
      -15888,
      -462,
      637,
      -681,
      -484,
      -138
    ],
    "SliceThickness": 1,
    "SoftwareVersions": "syngo_MR_E11",
    "StationName": "AWP45239",
    "TxRefAmp": 320.549,
    "acq_id": "D1S2",
    "dataset": "ds003604",
    "modality": "T1w",
    "session_id": "7",
    "subject_id": "5342"
  },
  "cjv": 0.4597970360957459,
  "cnr": 2.9782327751701008,
  "efc": 0.5051088742578715,
  "fber": -1.0,
  "fwhm_avg": 5.949773333333333,
  "fwhm_x": 6.23136,
  "fwhm_y": 5.39227,
  "fwhm_z": 6.22569,
  "icvs_csf": 0.12354115611222856,
  "icvs_gm": 0.48187877362627607,
  "icvs_wm": 0.3945800702614954,
  "inu_med": 0.9469743371009827,
  "inu_range": 1.3050299346446979,
  "provenance": {
    "md5sum": "feb5e5f102e5a1b5dc975be17f1cd2e0",
    "settings": {
      "testing": false
    },
    "software": "mriqc",
    "version": "22.0.6",
    "warnings": {
      "large_rot_frame": true,
      "small_air_mask": false
    },
    "webapi_port": null,
    "webapi_url": "https://mriqc.nimh.nih.gov/api/v1"
  },
  "qi_1": 0.0,
  "qi_2": 0.004170478590337667,
  "rpve_csf": 46.745282878097186,
  "rpve_gm": 13.685664716962426,
  "rpve_wm": 17.272284418596602,
  "size_x": 192,
  "size_y": 256,
  "size_z": 256,
  "snr_csf": 2.811326613816433,
  "snr_gm": 16.415145493090662,
  "snr_total": 11.434785800756352,
  "snr_wm": 15.077885295361959,
  "snrd_csf": 24.16529274537622,
  "snrd_gm": 50.82668369503629,
  "snrd_total": 47.3601383884054,
  "snrd_wm": 67.08843872480371,
  "spacing_x": 1.0,
  "spacing_y": 1.0,
  "spacing_z": 1.0,
  "summary_bg_k": 10.131767326981482,
  "summary_bg_mad": 0.0,
  "summary_bg_mean": 4.887345572192244,
  "summary_bg_median": 0.0,
  "summary_bg_n": 2604688.0,
  "summary_bg_p05": 0.0,
  "summary_bg_p95": 23.997234903275967,
  "summary_bg_stdv": 9.765265729607624,
  "summary_csf_k": 9.463454493131783,
  "summary_csf_mad": 101.7622941003027,
  "summary_csf_mean": 370.4513240766329,
  "summary_csf_median": 360.2005705870688,
  "summary_csf_n": 13002.0,
  "summary_csf_p05": 192.81121259965002,
  "summary_csf_p95": 593.0671101491895,
  "summary_csf_stdv": 128.11984093683662,
  "summary_gm_k": 0.11931549408021791,
  "summary_gm_mad": 45.42135645988322,
  "summary_gm_mean": 758.0706825295887,
  "summary_gm_median": 757.607228718698,
  "summary_gm_n": 49099.0,
  "summary_gm_p05": 682.1577091813087,
  "summary_gm_p95": 835.0622808560729,
  "summary_gm_stdv": 46.152470223303084,
  "summary_wm_k": 0.20701980001560516,
  "summary_wm_mad": 66.03014347666996,
  "summary_wm_mean": 1006.7442788386951,
  "summary_wm_median": 1000.0000481307507,
  "summary_wm_n": 148739.0,
  "summary_wm_p05": 911.2725196555257,
  "summary_wm_p95": 1127.5934152677655,
  "summary_wm_stdv": 66.32207812586404,
  "tpm_overlap_csf": 0.1434561521352247,
  "tpm_overlap_gm": 0.4804726968286926,
  "tpm_overlap_wm": 0.4533279603655765,
  "wm2max": 0.3048732631197789
}