{
  "aor": 0.010401792452830188,
  "aqi": 0.00972304820754717,
  "bids_meta": {
    "AcquisitionMatrixPE": 128,
    "AcquisitionNumber": 1,
    "AcquisitionTime": "09:45:8.752500",
    "BandwidthPerPixelPhaseEncode": 23.321,
    "BaseResolution": 128,
    "BodyPartExamined": "BRAIN",
    "ConsistencyInfo": "N4_VE11A_LATEST_20140830",
    "ConversionSoftware": "dcm2niix",
    "ConversionSoftwareVersion": "v1.0.20190902",
    "DerivedVendorReportedEchoSpacing": 0.000669997,
    "DeviceSerialNumber": "45239",
    "DwellTime": 2.2e-06,
    "EchoTime": 0.03,
    "EchoTrainLength": 63,
    "EffectiveEchoSpacing": 0.000334999,
    "FlipAngle": 80,
    "ImageComments": "Unaliased_MB4_PE4_LB",
    "ImageOrientationPatientDICOM": [
      1,
      0,
      0,
      0,
      1,
      0
    ],
    "ImageType": [
      "ORIGINAL",
      "PRIMARY",
      "M",
      "MB",
      "ND",
      "MOSAIC"
    ],
    "ImagingFrequency": 123.224,
    "InPlanePhaseEncodingDirectionDICOM": "COL",
    "InstitutionAddress": "E_24th_St._100_Austin_Southmiddle_US_78712",
    "InstitutionName": "The_Univ._of_Texas_at_Austin_IRC",
    "InstitutionalDepartmentName": "IRC",
    "MRAcquisitionType": "2D",
    "MagneticFieldStrength": 3,
    "Manufacturer": "Siemens",
    "ManufacturersModelName": "Skyra",
    "Modality": "MR",
    "MultibandAccelerationFactor": 4,
    "ParallelReductionFactorInPlane": 2,
    "PartialFourier": 1,
    "PatientPosition": "HFS",
    "PercentPhaseFOV": 100,
    "PhaseEncodingDirection": "j-",
    "PhaseEncodingSteps": 127,
    "PhaseResolution": 1,
    "PixelBandwidth": 1775,
    "ProcedureStepDescription": "Booth_Language",
    "ProtocolName": "Plaus1",
    "PulseSequenceDetails": "%CustomerSeq%_cmrr_mbep2d_bold",
    "ReceiveCoilActiveElements": "HC1-6",
    "ReceiveCoilName": "HeadNeck_64",
    "ReconMatrixPE": 128,
    "RefLinesPE": 58,
    "RepetitionTime": 1.25,
    "SAR": 0.376835,
    "ScanOptions": "FS",
    "ScanningSequence": "EP",
    "SequenceName": "epfid2d1_128",
    "SequenceVariant": "SK_SS",
    "SeriesDescription": "Plaus1",
    "SeriesNumber": 6,
    "ShiftedAquisitionDate": "1815-09-12",
    "ShimSetting": [
      -2825,
      7860,
      -15585,
      -673,
      -153,
      -163,
      288,
      102
    ],
    "SliceThickness": 2,
    "SliceTiming": [
      0,
      0.265,
      0.5275,
      0.7925,
      1.055,
      0.0875,
      0.3525,
      0.615,
      0.88,
      1.1425,
      0.1775,
      0.44,
      0.7025,
      0.9675,
      0,
      0.265,
      0.5275,
      0.7925,
      1.055,
      0.0875,
      0.3525,
      0.615,
      0.88,
      1.1425,
      0.1775,
      0.44,
      0.7025,
      0.9675,
      0,
      0.265,
      0.5275,
      0.7925,
      1.055,
      0.0875,
      0.3525,
      0.615,
      0.88,
      1.1425,
      0.1775,
      0.44,
      0.7025,
      0.9675,
      0,
      0.265,
      0.5275,
      0.7925,
      1.055,
      0.0875,
      0.3525,
      0.615,
      0.88,
      1.1425,
      0.1775,
      0.44,
      0.7025,
      0.9675
    ],
    "SoftwareVersions": "syngo_MR_E11",
    "SpacingBetweenSlices": 2,
    "StationName": "AWP45239",
    "TotalReadoutTime": 0.0425448,
    "TxRefAmp": 341.919,
    "WipMemBlock": "2105f531-657c-4217-812b-7d593008feb1||Sequence: ve11a/master r/3765ccc; Dec 14 2015 15:37:15 by eja",
    "acq_id": "D2S6",
    "dataset": "ds003604",
    "modality": "bold",
    "run_id": 1,
    "session_id": "5",
    "subject_id": "5215",
    "task_id": "Plaus"
  },
  "dummy_trs": 0,
  "dvars_nstd": 59.79683099526067,
  "dvars_std": 1.2474081890521334,
  "dvars_vstd": 1.0755645276303312,
  "efc": 0.4164743371465604,
  "fber": 1819.187255859375,
  "fd_mean": 0.24823134385779605,
  "fd_num": 62,
  "fd_perc": 29.245283018867923,
  "fwhm_avg": 3.64315,
  "fwhm_x": 3.43127,
  "fwhm_y": 3.66036,
  "fwhm_z": 3.83782,
  "gcor": 0.0250945,
  "gsr_x": -0.016059428453445435,
  "gsr_y": 0.011464634910225868,
  "provenance": {
    "md5sum": "1b6f651205b9bd3d9f08c9994be2aefb",
    "settings": {
      "fd_thres": 0.2,
      "testing": false
    },
    "software": "mriqc",
    "version": "23.0.1",
    "webapi_port": null,
    "webapi_url": "https://mriqc.nimh.nih.gov/api/v1"
  },
  "size_t": 212,
  "size_x": 128,
  "size_y": 128,
  "size_z": 56,
  "snr": 2.1337151214867682,
  "spacing_tr": 1.25,
  "spacing_x": 2.0,
  "spacing_y": 2.0,
  "spacing_z": 2.0,
  "summary_bg_k": 72.45087214740904,
  "summary_bg_mad": 2.3987387351345713,
  "summary_bg_mean": 24.711061477661133,
  "summary_bg_median": 15.400943756103516,
  "summary_bg_n": 678946.0,
  "summary_bg_p05": 13.316038131713867,
  "summary_bg_p95": 58.24882125854492,
  "summary_bg_stdv": 40.34825897216797,
  "summary_fg_k": 1.6983934142001695,
  "summary_fg_mad": 250.7486293482244,
  "summary_fg_mean": 729.8609008789062,
  "summary_fg_median": 658.9622802734375,
  "summary_fg_n": 138460.0,
  "summary_fg_p05": 373.3726501464844,
  "summary_fg_p95": 1364.4730957031247,
  "summary_fg_stdv": 308.8321838378906,
  "tsnr": 27.995791329536587
}