{
  "bids_meta": {
    "AcquisitionMatrixPE": 256,
    "AcquisitionNumber": 1,
    "AcquisitionTime": "14:27:11.785000",
    "BaseResolution": 256,
    "BodyPartExamined": "BRAIN",
    "ConsistencyInfo": "N4_VD13A_LATEST_20120616",
    "ConversionSoftware": "dcm2niix",
    "ConversionSoftwareVersion": "v1.0.20190902",
    "DeviceSerialNumber": "45239",
    "DwellTime": 1.09e-05,
    "EchoTime": 0.00243,
    "FlipAngle": 9,
    "ImageOrientationPatientDICOM": [
      0,
      1,
      0,
      0,
      0,
      -1
    ],
    "ImageType": [
      "ORIGINAL",
      "PRIMARY",
      "M",
      "ND"
    ],
    "ImagingFrequency": 123.224,
    "InPlanePhaseEncodingDirectionDICOM": "ROW",
    "InstitutionAddress": "E_24th_St._100_Austin_Southmiddle_US_78712",
    "InstitutionName": "The_Univ._of_Texas_at_Austin_IRC",
    "InstitutionalDepartmentName": "IRC",
    "InversionTime": 0.9,
    "MRAcquisitionType": "3D",
    "MagneticFieldStrength": 3,
    "Manufacturer": "Siemens",
    "ManufacturersModelName": "Skyra",
    "Modality": "MR",
    "ParallelReductionFactorInPlane": 2,
    "PartialFourier": 1,
    "PatientPosition": "HFS",
    "PercentPhaseFOV": 100,
    "PhaseEncodingSteps": 255,
    "PhaseResolution": 1,
    "PixelBandwidth": 180,
    "ProcedureStepDescription": "Booth_Language",
    "ProtocolName": "MPRAGE",
    "PulseSequenceDetails": "%SiemensSeq%_tfl",
    "ReceiveCoilActiveElements": "HC1-6",
    "ReceiveCoilName": "HeadNeck_64",
    "ReconMatrixPE": 256,
    "RefLinesPE": 24,
    "RepetitionTime": 1.9,
    "SAR": 0.239281,
    "ScanOptions": "IR",
    "ScanningSequence": "GR_IR",
    "SequenceName": "_tfl3d1_16ns",
    "SequenceVariant": "SK_SP_MP",
    "SeriesDescription": "MPRAGE",
    "SeriesNumber": 16,
    "ShiftedAquisitionDate": "1815-03-06 00:00:00",
    "ShimSetting": [
      -2849,
      8022,
      -16018,
      -1233,
      -75,
      -527,
      -219,
      169
    ],
    "SliceThickness": 1,
    "SoftwareVersions": "syngo_MR_D13",
    "StationName": "AWP45239",
    "TxRefAmp": 324.972,
    "acq_id": "D1S16",
    "dataset": "ds003604",
    "modality": "T1w",
    "session_id": "5",
    "subject_id": "5099"
  },
  "cjv": 0.5186425131081116,
  "cnr": 1.7313607788651724,
  "efc": 0.5404483894740332,
  "fber": 1972.084964598084,
  "fwhm_avg": 5.489133333333332,
  "fwhm_x": 5.92019,
  "fwhm_y": 4.73986,
  "fwhm_z": 5.80735,
  "icvs_csf": 0.12813305766632865,
  "icvs_gm": 0.4873438482924668,
  "icvs_wm": 0.3845230940412045,
  "inu_med": 1.6393370628356934,
  "inu_range": 1.3444852948188766,
  "provenance": {
    "md5sum": "e3c496c16a1d13b2299b1810977dd775",
    "settings": {
      "testing": false
    },
    "software": "mriqc",
    "version": "21.0.0rc2",
    "warnings": {
      "large_rot_frame": true,
      "small_air_mask": false
    },
    "webapi_port": null,
    "webapi_url": "https://mriqc.nimh.nih.gov/api/v1"
  },
  "qi_1": 7.730810983849138e-05,
  "qi_2": 0.004178494952344579,
  "rpve_csf": 45.72049814091126,
  "rpve_gm": 13.240369549891048,
  "rpve_wm": 16.977637253806815,
  "size_x": 192,
  "size_y": 256,
  "size_z": 256,
  "snr_csf": 1.089068472695297,
  "snr_gm": 10.937189371033678,
  "snr_total": 6.2397464781860705,
  "snr_wm": 6.692981590829237,
  "snrd_csf": 29.12819086565648,
  "snrd_gm": 56.777427148660436,
  "snrd_total": 55.036950109319356,
  "snrd_wm": 79.20523231364115,
  "spacing_x": 1.0,
  "spacing_y": 1.0,
  "spacing_z": 1.0,
  "summary_bg_k": 46.21732191736127,
  "summary_bg_mad": 8.271377679801642,
  "summary_bg_mean": 16.163412280012007,
  "summary_bg_median": 14.004326820373535,
  "summary_bg_n": 1662078.0,
  "summary_bg_p05": 2.846407890319824,
  "summary_bg_p95": 31.538199424743652,
  "summary_bg_stdv": 11.36256645610015,
  "summary_csf_k": 9.869969169972434,
  "summary_csf_mad": 112.25441136873657,
  "summary_csf_mean": 482.39514922293876,
  "summary_csf_median": 367.7558994293213,
  "summary_csf_n": 9515.0,
  "summary_csf_p05": 248.09291172027588,
  "summary_csf_p95": 1169.3043613433838,
  "summary_csf_stdv": 337.66157324437364,
  "summary_gm_k": 0.44516459027864075,
  "summary_gm_mad": 63.30135979440032,
  "summary_gm_mean": 715.0033271938069,
  "summary_gm_median": 716.8393630981445,
  "summary_gm_n": 64367.0,
  "summary_gm_p05": 602.2999095916748,
  "summary_gm_p95": 818.5130529403687,
  "summary_gm_stdv": 65.54095118793785,
  "summary_wm_k": 4.438254951182305,
  "summary_wm_mad": 83.55779492860843,
  "summary_wm_mean": 1043.1967934984013,
  "summary_wm_median": 1000.0000200271606,
  "summary_wm_n": 120603.0,
  "summary_wm_p05": 895.1383533477783,
  "summary_wm_p95": 1381.6463899612427,
  "summary_wm_stdv": 149.40962568234647,
  "tpm_overlap_csf": 0.1262032836675644,
  "tpm_overlap_gm": 0.44296693801879883,
  "tpm_overlap_wm": 0.39250293374061584,
  "wm2max": 0.24147998444222823
}