{
  "bids_meta": {
    "AcquisitionMatrixPE": 256,
    "AcquisitionNumber": 1,
    "AcquisitionTime": "11:29:38.650000",
    "BaseResolution": 256,
    "BodyPartExamined": "BRAIN",
    "ConsistencyInfo": "N4_VE11C_LATEST_20160120",
    "ConversionSoftware": "dcm2niix",
    "ConversionSoftwareVersion": "v1.0.20190902",
    "DeviceSerialNumber": "45239",
    "DwellTime": 1.09e-05,
    "EchoTime": 0.00243,
    "FlipAngle": 9,
    "ImageOrientationPatientDICOM": [
      0,
      1,
      0,
      0,
      0,
      -1
    ],
    "ImageType": [
      "ORIGINAL",
      "PRIMARY",
      "M",
      "ND"
    ],
    "ImagingFrequency": 123.172,
    "InPlanePhaseEncodingDirectionDICOM": "ROW",
    "InstitutionAddress": "E_24th_St._100_Austin_Southmiddle_US_78712",
    "InstitutionName": "The_Univ._of_Texas_at_Austin_IRC",
    "InstitutionalDepartmentName": "IRC",
    "InversionTime": 0.9,
    "MRAcquisitionType": "3D",
    "MagneticFieldStrength": 3,
    "Manufacturer": "Siemens",
    "ManufacturersModelName": "Skyra",
    "Modality": "MR",
    "ParallelReductionFactorInPlane": 2,
    "PartialFourier": 1,
    "PatientPosition": "HFS",
    "PercentPhaseFOV": 100,
    "PhaseEncodingSteps": 255,
    "PhaseResolution": 1,
    "PixelBandwidth": 180,
    "ProcedureStepDescription": "Booth_Language",
    "ProtocolName": "MPRAGE",
    "PulseSequenceDetails": "%SiemensSeq%_tfl",
    "ReceiveCoilActiveElements": "HC1-6",
    "ReceiveCoilName": "HeadNeck_64",
    "ReconMatrixPE": 256,
    "RefLinesPE": 24,
    "RepetitionTime": 1.9,
    "SAR": 0.208577,
    "ScanOptions": "IR",
    "ScanningSequence": "GR_IR",
    "SequenceName": "_tfl3d1_16ns",
    "SequenceVariant": "SK_SP_MP",
    "SeriesDescription": "MPRAGE",
    "SeriesNumber": 2,
    "ShiftedAquisitionDate": "1817-12-10 00:00:00",
    "ShimSetting": [
      -2751,
      8072,
      -15888,
      -462,
      637,
      -681,
      -484,
      -138
    ],
    "SliceThickness": 1,
    "SoftwareVersions": "syngo_MR_E11",
    "StationName": "AWP45239",
    "TxRefAmp": 328.638,
    "acq_id": "D1S2",
    "dataset": "ds003604",
    "modality": "T1w",
    "session_id": "7",
    "subject_id": "5496"
  },
  "cjv": 0.4192693390340119,
  "cnr": 3.1937556351358385,
  "efc": 0.49052648128519144,
  "fber": -1.0,
  "fwhm_avg": 6.110476666666666,
  "fwhm_x": 6.31833,
  "fwhm_y": 5.69925,
  "fwhm_z": 6.31385,
  "icvs_csf": 0.13519490079248117,
  "icvs_gm": 0.4799937821527578,
  "icvs_wm": 0.38481131705476107,
  "inu_med": 0.9875866770744324,
  "inu_range": 1.3731265008449554,
  "provenance": {
    "md5sum": "9cd937989a480ba09198aceda29227f0",
    "settings": {
      "testing": false
    },
    "software": "mriqc",
    "version": "22.0.6",
    "warnings": {
      "large_rot_frame": true,
      "small_air_mask": false
    },
    "webapi_port": null,
    "webapi_url": "https://mriqc.nimh.nih.gov/api/v1"
  },
  "qi_1": 9.768865720962703e-05,
  "qi_2": 0.0039349098703676975,
  "rpve_csf": 37.5908203594253,
  "rpve_gm": 12.07682290271586,
  "rpve_wm": 15.782792335262604,
  "size_x": 192,
  "size_y": 256,
  "size_z": 256,
  "snr_csf": 1.9679268150947018,
  "snr_gm": 16.77370343024044,
  "snr_total": 11.800791967223953,
  "snr_wm": 16.66074565633672,
  "snrd_csf": 26.388389433589065,
  "snrd_gm": 61.19739472783182,
  "snrd_total": 56.08623262322334,
  "snrd_wm": 80.67291370824911,
  "spacing_x": 1.0,
  "spacing_y": 1.0,
  "spacing_z": 1.0,
  "summary_bg_k": 12.89073901886047,
  "summary_bg_mad": 0.0,
  "summary_bg_mean": 4.201134402103304,
  "summary_bg_median": 0.0,
  "summary_bg_n": 3193848.0,
  "summary_bg_p05": 0.0,
  "summary_bg_p95": 19.748906195163727,
  "summary_bg_stdv": 8.121469266474024,
  "summary_csf_k": 59.49797765427519,
  "summary_csf_mad": 67.65718776175598,
  "summary_csf_mean": 361.7308270736478,
  "summary_csf_median": 327.12652476131916,
  "summary_csf_n": 24167.0,
  "summary_csf_p05": 236.30271580591798,
  "summary_csf_p95": 569.6642523802817,
  "summary_csf_stdv": 166.22557004688196,
  "summary_gm_k": 0.15346547168976388,
  "summary_gm_mad": 44.44251128090617,
  "summary_gm_mean": 758.6922447393921,
  "summary_gm_median": 758.6401251256466,
  "summary_gm_n": 49194.0,
  "summary_gm_p05": 684.8638541251421,
  "summary_gm_p95": 832.98065058887,
  "summary_gm_stdv": 45.22748464844465,
  "summary_wm_k": 0.6774414827183697,
  "summary_wm_mad": 56.78184382478129,
  "summary_wm_mean": 1007.4046457750005,
  "summary_wm_median": 1000.0705033615232,
  "summary_wm_n": 166829.0,
  "summary_wm_p05": 923.3318964317441,
  "summary_wm_p95": 1117.8586224541068,
  "summary_wm_stdv": 60.0253750158247,
  "tpm_overlap_csf": 0.16161775308645152,
  "tpm_overlap_gm": 0.4656190859068391,
  "tpm_overlap_wm": 0.4385312067253477,
  "wm2max": 0.30011006222749015
}