{
  "aor": 0.0008838607594936708,
  "aqi": 0.005914595949367088,
  "bids_meta": {
    "AcquisitionMatrixPE": 128,
    "AcquisitionNumber": 1,
    "AcquisitionTime": "14:21:57.262500",
    "BandwidthPerPixelPhaseEncode": 23.321,
    "BaseResolution": 128,
    "BodyPartExamined": "BRAIN",
    "ConsistencyInfo": "N4_VE11A_LATEST_20140830",
    "ConversionSoftware": "dcm2niix",
    "ConversionSoftwareVersion": "v1.0.20190902",
    "DerivedVendorReportedEchoSpacing": 0.000669997,
    "DeviceSerialNumber": "45239",
    "DwellTime": 2.2e-06,
    "EchoTime": 0.03,
    "EchoTrainLength": 63,
    "EffectiveEchoSpacing": 0.000334999,
    "FlipAngle": 80,
    "ImageComments": "Unaliased_MB4_PE4_LB",
    "ImageOrientationPatientDICOM": [
      1,
      0,
      0,
      0,
      1,
      0
    ],
    "ImageType": [
      "ORIGINAL",
      "PRIMARY",
      "M",
      "MB",
      "ND",
      "MOSAIC"
    ],
    "ImagingFrequency": 123.225,
    "InPlanePhaseEncodingDirectionDICOM": "COL",
    "InstitutionAddress": "E_24th_St._100_Austin_Southmiddle_US_78712",
    "InstitutionName": "The_Univ._of_Texas_at_Austin_IRC",
    "InstitutionalDepartmentName": "IRC",
    "MRAcquisitionType": "2D",
    "MagneticFieldStrength": 3,
    "Manufacturer": "Siemens",
    "ManufacturersModelName": "Skyra",
    "Modality": "MR",
    "MultibandAccelerationFactor": 4,
    "ParallelReductionFactorInPlane": 2,
    "PartialFourier": 1,
    "PatientPosition": "HFS",
    "PercentPhaseFOV": 100,
    "PhaseEncodingDirection": "j-",
    "PhaseEncodingSteps": 127,
    "PhaseResolution": 1,
    "PixelBandwidth": 1775,
    "ProcedureStepDescription": "Booth_Language",
    "ProtocolName": "SEM2",
    "PulseSequenceDetails": "%CustomerSeq%_cmrr_mbep2d_bold",
    "ReceiveCoilActiveElements": "HC1-6",
    "ReceiveCoilName": "HeadNeck_64",
    "ReconMatrixPE": 128,
    "RefLinesPE": 58,
    "RepetitionTime": 1.25,
    "SAR": 0.294521,
    "ScanOptions": "FS",
    "ScanningSequence": "EP",
    "SequenceName": "epfid2d1_128",
    "SequenceVariant": "SK_SS",
    "SeriesDescription": "SEM2",
    "SeriesNumber": 4,
    "ShiftedAquisitionDate": "1816-03-13",
    "ShimSetting": [
      -2860,
      8052,
      -15356,
      -479,
      824,
      -420,
      217,
      -181
    ],
    "SliceThickness": 2,
    "SliceTiming": [
      0,
      0.2625,
      0.5275,
      0.79,
      1.055,
      0.0875,
      0.3525,
      0.615,
      0.8775,
      1.1425,
      0.175,
      0.44,
      0.7025,
      0.9675,
      0,
      0.2625,
      0.5275,
      0.79,
      1.055,
      0.0875,
      0.3525,
      0.615,
      0.8775,
      1.1425,
      0.175,
      0.44,
      0.7025,
      0.9675,
      0,
      0.2625,
      0.5275,
      0.79,
      1.055,
      0.0875,
      0.3525,
      0.615,
      0.8775,
      1.1425,
      0.175,
      0.44,
      0.7025,
      0.9675,
      0,
      0.2625,
      0.5275,
      0.79,
      1.055,
      0.0875,
      0.3525,
      0.615,
      0.8775,
      1.1425,
      0.175,
      0.44,
      0.7025,
      0.9675
    ],
    "SoftwareVersions": "syngo_MR_E11",
    "SpacingBetweenSlices": 2,
    "StationName": "AWP45239",
    "TotalReadoutTime": 0.0425448,
    "TxRefAmp": 338.135,
    "WipMemBlock": "f8c47414-d031-41d4-8a79-5ef1230b1339||Sequence: ve11a/master r/fabf655; Jul 21 2016 12:54:08 by eja",
    "acq_id": "D2S4",
    "dataset": "ds003604",
    "modality": "bold",
    "run_id": 2,
    "session_id": "7",
    "subject_id": "5024",
    "task_id": "Sem"
  },
  "dummy_trs": 0,
  "dvars_nstd": 47.11887308573247,
  "dvars_std": 1.146780236369427,
  "dvars_vstd": 1.0056930815286624,
  "efc": 0.4304054628020392,
  "fber": 1999.151123046875,
  "fd_mean": 0.22858580517601135,
  "fd_num": 95,
  "fd_perc": 60.12658227848101,
  "fwhm_avg": 3.6276983333333335,
  "fwhm_x": 3.359405,
  "fwhm_y": 3.781215,
  "fwhm_z": 3.742475,
  "gcor": 0.00728071,
  "gsr_x": -0.023586099967360497,
  "gsr_y": 0.01721615344285965,
  "provenance": {
    "md5sum": "43fd6ad2f3afb37d344c59809f5f7c8e",
    "settings": {
      "fd_thres": 0.2,
      "testing": false
    },
    "software": "mriqc",
    "version": "23.0.1",
    "webapi_port": null,
    "webapi_url": "https://mriqc.nimh.nih.gov/api/v1"
  },
  "size_t": 158,
  "size_x": 128,
  "size_y": 128,
  "size_z": 56,
  "snr": 2.2779643590685232,
  "spacing_tr": 1.25,
  "spacing_x": 2.0,
  "spacing_y": 2.0,
  "spacing_z": 2.0,
  "summary_bg_k": 73.82234890067544,
  "summary_bg_mad": 3.2560957837729374,
  "summary_bg_mean": 30.022056579589844,
  "summary_bg_median": 16.651899337768555,
  "summary_bg_n": 668363.0,
  "summary_bg_p05": 14.170886039733887,
  "summary_bg_p95": 84.96835327148438,
  "summary_bg_stdv": 52.3669319152832,
  "summary_fg_k": 1.3259942047598159,
  "summary_fg_mad": 313.57036921393484,
  "summary_fg_mean": 808.4866943359375,
  "summary_fg_median": 753.7785034179688,
  "summary_fg_n": 144206.0,
  "summary_fg_p05": 392.9129867553711,
  "summary_fg_p95": 1422.8940124511719,
  "summary_fg_stdv": 330.8988952636719,
  "tsnr": 36.128084145486355
}