{
  "aor": 0.0261470253164557,
  "aqi": 0.03395829493670886,
  "bids_meta": {
    "AcquisitionMatrixPE": 128,
    "AcquisitionNumber": 1,
    "AcquisitionTime": "10:22:2.002500",
    "BandwidthPerPixelPhaseEncode": 23.321,
    "BaseResolution": 128,
    "BodyPartExamined": "BRAIN",
    "ConsistencyInfo": "N4_VE11A_LATEST_20140830",
    "ConversionSoftware": "dcm2niix",
    "ConversionSoftwareVersion": "v1.0.20190902",
    "DerivedVendorReportedEchoSpacing": 0.000669997,
    "DeviceSerialNumber": "45239",
    "DwellTime": 2.2e-06,
    "EchoTime": 0.03,
    "EchoTrainLength": 63,
    "EffectiveEchoSpacing": 0.000334999,
    "FlipAngle": 80,
    "ImageComments": "Unaliased_MB4_PE4_LB",
    "ImageOrientationPatientDICOM": [
      1,
      0,
      0,
      0,
      1,
      0
    ],
    "ImageType": [
      "ORIGINAL",
      "PRIMARY",
      "M",
      "MB",
      "ND",
      "MOSAIC"
    ],
    "ImagingFrequency": 123.224,
    "InPlanePhaseEncodingDirectionDICOM": "COL",
    "InstitutionAddress": "E_24th_St._100_Austin_Southmiddle_US_78712",
    "InstitutionName": "The_Univ._of_Texas_at_Austin_IRC",
    "InstitutionalDepartmentName": "IRC",
    "MRAcquisitionType": "2D",
    "MagneticFieldStrength": 3,
    "Manufacturer": "Siemens",
    "ManufacturersModelName": "Skyra",
    "Modality": "MR",
    "MultibandAccelerationFactor": 4,
    "ParallelReductionFactorInPlane": 2,
    "PartialFourier": 1,
    "PatientPosition": "HFS",
    "PercentPhaseFOV": 100,
    "PhaseEncodingDirection": "j-",
    "PhaseEncodingSteps": 127,
    "PhaseResolution": 1,
    "PixelBandwidth": 1775,
    "ProcedureStepDescription": "Booth_Language",
    "ProtocolName": "Phon2",
    "PulseSequenceDetails": "%CustomerSeq%_cmrr_mbep2d_bold",
    "ReceiveCoilActiveElements": "HC1-6",
    "ReceiveCoilName": "HeadNeck_64",
    "ReconMatrixPE": 128,
    "RefLinesPE": 58,
    "RepetitionTime": 1.25,
    "SAR": 0.301392,
    "ScanOptions": "FS",
    "ScanningSequence": "EP",
    "SequenceName": "epfid2d1_128",
    "SequenceVariant": "SK_SS",
    "SeriesDescription": "Phon2",
    "SeriesNumber": 5,
    "ShiftedAquisitionDate": "1816-12-02",
    "ShimSetting": [
      -2910,
      7913,
      -15392,
      -1003,
      -56,
      -230,
      215,
      160
    ],
    "SliceThickness": 2,
    "SliceTiming": [
      0,
      0.2625,
      0.5275,
      0.79,
      1.0525,
      0.0875,
      0.35,
      0.615,
      0.8775,
      1.1425,
      0.175,
      0.4375,
      0.7025,
      0.965,
      0,
      0.2625,
      0.5275,
      0.79,
      1.0525,
      0.0875,
      0.35,
      0.615,
      0.8775,
      1.1425,
      0.175,
      0.4375,
      0.7025,
      0.965,
      0,
      0.2625,
      0.5275,
      0.79,
      1.0525,
      0.0875,
      0.35,
      0.615,
      0.8775,
      1.1425,
      0.175,
      0.4375,
      0.7025,
      0.965,
      0,
      0.2625,
      0.5275,
      0.79,
      1.0525,
      0.0875,
      0.35,
      0.615,
      0.8775,
      1.1425,
      0.175,
      0.4375,
      0.7025,
      0.965
    ],
    "SoftwareVersions": "syngo_MR_E11",
    "SpacingBetweenSlices": 2,
    "StationName": "AWP45239",
    "TotalReadoutTime": 0.0425448,
    "TxRefAmp": 329.327,
    "WipMemBlock": "b49d14aa-46df-491b-9969-1cfa86795593||Sequence: ve11a/master r/fabf655; Jul 21 2016 12:54:08 by eja",
    "acq_id": "D1S5",
    "dataset": "ds003604",
    "modality": "bold",
    "run_id": 2,
    "session_id": "7",
    "subject_id": "5036",
    "task_id": "Phon"
  },
  "dummy_trs": 0,
  "dvars_nstd": 110.31144459273888,
  "dvars_std": 1.2532803223566873,
  "dvars_vstd": 1.1577214984076432,
  "efc": 0.43498741332718793,
  "fber": 1479.1123046875,
  "fd_mean": 1.3815695710582123,
  "fd_num": 140,
  "fd_perc": 88.60759493670886,
  "fwhm_avg": 3.699385078627968,
  "fwhm_x": 3.324345,
  "fwhm_y": 3.816335,
  "fwhm_z": 3.957475235883906,
  "gcor": 0.184472,
  "gsr_x": -0.013580035418272018,
  "gsr_y": 0.005197375547140837,
  "provenance": {
    "md5sum": "dd3a1095f64f8844aced2b80583fa72b",
    "settings": {
      "fd_thres": 0.2,
      "testing": false
    },
    "software": "mriqc",
    "version": "23.0.1",
    "webapi_port": null,
    "webapi_url": "https://mriqc.nimh.nih.gov/api/v1"
  },
  "size_t": 158,
  "size_x": 128,
  "size_y": 128,
  "size_z": 56,
  "snr": 2.2623029295745,
  "spacing_tr": 1.25,
  "spacing_x": 2.0,
  "spacing_y": 2.0,
  "spacing_z": 1.9999998807907104,
  "summary_bg_k": 59.9123975194591,
  "summary_bg_mad": 3.4156141995022713,
  "summary_bg_mean": 28.059846878051758,
  "summary_bg_median": 16.367088317871094,
  "summary_bg_n": 674982.0,
  "summary_bg_p05": 13.316455841064453,
  "summary_bg_p95": 82.96202850341797,
  "summary_bg_stdv": 45.81775665283203,
  "summary_fg_k": 1.0089761314765404,
  "summary_fg_mad": 246.65149739041655,
  "summary_fg_mean": 692.7227172851562,
  "summary_fg_median": 630.7278442382812,
  "summary_fg_n": 141188.0,
  "summary_fg_p05": 352.8186782836914,
  "summary_fg_p95": 1234.8933715820308,
  "summary_fg_stdv": 278.79803466796875,
  "tsnr": 12.233771467581391
}