{
  "aor": 0.005741650485436893,
  "aqi": 0.011084533300970874,
  "bids_meta": {
    "AcquisitionMatrixPE": 128,
    "AcquisitionNumber": 1,
    "AcquisitionTime": "16:24:43.630000",
    "BandwidthPerPixelPhaseEncode": 22.645,
    "BaseResolution": 128,
    "BodyPartExamined": "BRAIN",
    "ConsistencyInfo": "N4_VD13A_LATEST_20120616",
    "ConversionSoftware": "dcm2niix",
    "ConversionSoftwareVersion": "v1.0.20190902",
    "DerivedVendorReportedEchoSpacing": 0.000689998,
    "DeviceSerialNumber": "45239",
    "DwellTime": 2.2e-06,
    "EchoTime": 0.03,
    "EchoTrainLength": 63,
    "EffectiveEchoSpacing": 0.000344999,
    "FlipAngle": 80,
    "ImageComments": "Unaliased_MB4_PE4",
    "ImageOrientationPatientDICOM": [
      1,
      -0.000198189,
      0.000663471,
      0.000231403,
      0.998727,
      -0.0504412
    ],
    "ImageType": [
      "ORIGINAL",
      "PRIMARY",
      "M",
      "MB",
      "ND",
      "MOSAIC"
    ],
    "ImagingFrequency": 123.224,
    "InPlanePhaseEncodingDirectionDICOM": "COL",
    "InstitutionAddress": "E_24th_St._100_Austin_Southmiddle_US_78712",
    "InstitutionName": "The_Univ._of_Texas_at_Austin_IRC",
    "InstitutionalDepartmentName": "IRC",
    "MRAcquisitionType": "2D",
    "MagneticFieldStrength": 3,
    "Manufacturer": "Siemens",
    "ManufacturersModelName": "Skyra",
    "Modality": "MR",
    "MultibandAccelerationFactor": 4,
    "ParallelReductionFactorInPlane": 2,
    "PartialFourier": 1,
    "PatientPosition": "HFS",
    "PercentPhaseFOV": 100,
    "PhaseEncodingDirection": "j-",
    "PhaseEncodingSteps": 127,
    "PhaseResolution": 1,
    "PixelBandwidth": 1775,
    "ProcedureStepDescription": "Booth_Language",
    "ProtocolName": "Plaus2",
    "PulseSequenceDetails": "%CustomerSeq%_cmrr_mbep2d_bold",
    "ReceiveCoilActiveElements": "HC3-7",
    "ReceiveCoilName": "HeadNeck_64",
    "ReconMatrixPE": 128,
    "RefLinesPE": 100,
    "RepetitionTime": 1.25,
    "SAR": 0.187817,
    "ScanOptions": "FS",
    "ScanningSequence": "EP",
    "SequenceName": "epfid2d1_128",
    "SequenceVariant": "SK_SS",
    "SeriesDescription": "Plaus2",
    "SeriesNumber": 13,
    "ShiftedAquisitionDate": "1814-04-16",
    "ShimSetting": [
      -2905,
      7826,
      -15509,
      -616,
      -483,
      299,
      534,
      69
    ],
    "SliceThickness": 2,
    "SliceTiming": [
      0,
      0.2625,
      0.5275,
      0.79,
      1.0525,
      0.0875,
      0.35,
      0.615,
      0.8775,
      1.1425,
      0.175,
      0.4375,
      0.7025,
      0.965,
      0,
      0.2625,
      0.5275,
      0.79,
      1.0525,
      0.0875,
      0.35,
      0.615,
      0.8775,
      1.1425,
      0.175,
      0.4375,
      0.7025,
      0.965,
      0,
      0.2625,
      0.5275,
      0.79,
      1.0525,
      0.0875,
      0.35,
      0.615,
      0.8775,
      1.1425,
      0.175,
      0.4375,
      0.7025,
      0.965,
      0,
      0.2625,
      0.5275,
      0.79,
      1.0525,
      0.0875,
      0.35,
      0.615,
      0.8775,
      1.1425,
      0.175,
      0.4375,
      0.7025,
      0.965
    ],
    "SoftwareVersions": "syngo_MR_D13",
    "SpacingBetweenSlices": 2,
    "StationName": "AWP45239",
    "TotalReadoutTime": 0.0438149,
    "TxRefAmp": 349.618,
    "WipMemBlock": "235fb29c-71eb-4008-95cd-0ee44d1fc371||Sequence: vd13a/master r/58f62de; Dec 19 2014 18:04:02 by eja",
    "acq_id": "D2S13",
    "dataset": "ds003604",
    "modality": "bold",
    "run_id": 2,
    "session_id": "5",
    "subject_id": "5009",
    "task_id": "Plaus"
  },
  "dummy_trs": 0,
  "dvars_nstd": 63.35217032078043,
  "dvars_std": 1.1490195024878052,
  "dvars_vstd": 1.057287773707317,
  "efc": 0.4349442322139459,
  "fber": 868.759765625,
  "fd_mean": 0.3540960952785942,
  "fd_num": 113,
  "fd_perc": 54.85436893203884,
  "fwhm_avg": 3.8000849999999997,
  "fwhm_x": 3.619815,
  "fwhm_y": 3.812175,
  "fwhm_z": 3.968265,
  "gcor": 0.0145044,
  "gsr_x": -0.031316161155700684,
  "gsr_y": 0.04324376955628395,
  "provenance": {
    "md5sum": "7f480250ae267c75ed9a22d716b53285",
    "settings": {
      "fd_thres": 0.2,
      "testing": false
    },
    "software": "mriqc",
    "version": "23.0.1",
    "webapi_port": null,
    "webapi_url": "https://mriqc.nimh.nih.gov/api/v1"
  },
  "size_t": 206,
  "size_x": 128,
  "size_y": 128,
  "size_z": 56,
  "snr": 2.0960109614658515,
  "spacing_tr": 1.25,
  "spacing_x": 2.0,
  "spacing_y": 2.0,
  "spacing_z": 2.0,
  "summary_bg_k": 50.92297526912534,
  "summary_bg_mad": 64.97282067544256,
  "summary_bg_mean": 380.5753479003906,
  "summary_bg_median": 237.451904296875,
  "summary_bg_n": 686578.0,
  "summary_bg_p05": 185.5559539794922,
  "summary_bg_p95": 1116.3108642578127,
  "summary_bg_stdv": 472.59381103515625,
  "summary_fg_k": 1.4972146262177057,
  "summary_fg_mad": 2757.1789850077303,
  "summary_fg_mean": 8013.98388671875,
  "summary_fg_median": 7176.1875,
  "summary_fg_n": 122334.0,
  "summary_fg_p05": 4009.6460449218753,
  "summary_fg_p95": 14974.939843749995,
  "summary_fg_stdv": 3423.7216796875,
  "tsnr": 24.33629035949707
}