{
  "bids_meta": {
    "AcquisitionMatrixPE": 256,
    "AcquisitionNumber": 1,
    "AcquisitionTime": "09:18:2.822500",
    "BaseResolution": 256,
    "BodyPartExamined": "BRAIN",
    "ConsistencyInfo": "N4_VE11A_LATEST_20140830",
    "ConversionSoftware": "dcm2niix",
    "ConversionSoftwareVersion": "v1.0.20190902",
    "DeviceSerialNumber": "45239",
    "DwellTime": 1.09e-05,
    "EchoTime": 0.00243,
    "FlipAngle": 9,
    "ImageOrientationPatientDICOM": [
      0,
      1,
      0,
      0,
      0,
      -1
    ],
    "ImageType": [
      "ORIGINAL",
      "PRIMARY",
      "M",
      "ND"
    ],
    "ImagingFrequency": 123.224,
    "InPlanePhaseEncodingDirectionDICOM": "ROW",
    "InstitutionAddress": "E_24th_St._100_Austin_Southmiddle_US_78712",
    "InstitutionName": "The_Univ._of_Texas_at_Austin_IRC",
    "InstitutionalDepartmentName": "IRC",
    "InversionTime": 0.9,
    "MRAcquisitionType": "3D",
    "MagneticFieldStrength": 3,
    "Manufacturer": "Siemens",
    "ManufacturersModelName": "Skyra",
    "Modality": "MR",
    "ParallelReductionFactorInPlane": 2,
    "PartialFourier": 1,
    "PatientPosition": "HFS",
    "PercentPhaseFOV": 100,
    "PhaseEncodingSteps": 255,
    "PhaseResolution": 1,
    "PixelBandwidth": 180,
    "ProcedureStepDescription": "Booth_Language",
    "ProtocolName": "MPRAGE",
    "PulseSequenceDetails": "%SiemensSeq%_tfl",
    "ReceiveCoilActiveElements": "HC1-6",
    "ReceiveCoilName": "HeadNeck_64",
    "ReconMatrixPE": 256,
    "RefLinesPE": 24,
    "RepetitionTime": 1.9,
    "SAR": 0.201063,
    "ScanOptions": "IR",
    "ScanningSequence": "GR_IR",
    "SequenceName": "_tfl3d1_16ns",
    "SequenceVariant": "SK_SP_MP",
    "SeriesDescription": "MPRAGE",
    "SeriesNumber": 2,
    "ShiftedAquisitionDate": "1816-06-26 00:00:00",
    "ShimSetting": [
      -2849,
      8022,
      -16018,
      -1233,
      -75,
      -527,
      -219,
      169
    ],
    "SliceThickness": 1,
    "SoftwareVersions": "syngo_MR_E11",
    "StationName": "AWP45239",
    "TxRefAmp": 343.979,
    "acq_id": "D1S2",
    "dataset": "ds003604",
    "modality": "T1w",
    "session_id": "7",
    "subject_id": "5055"
  },
  "cjv": 0.4061081969694873,
  "cnr": 3.2545924936961934,
  "efc": 0.49538047736779134,
  "fber": -1.0,
  "fwhm_avg": 5.32534,
  "fwhm_x": 5.44483,
  "fwhm_y": 4.97199,
  "fwhm_z": 5.5592,
  "icvs_csf": 0.13110825484963365,
  "icvs_gm": 0.4708922864491802,
  "icvs_wm": 0.3979994587011862,
  "inu_med": 0.9709542989730835,
  "inu_range": 1.2201690673828118,
  "provenance": {
    "md5sum": "c8d884c963a6230cd8e0c51091462763",
    "settings": {
      "testing": false
    },
    "software": "mriqc",
    "version": "22.0.6",
    "warnings": {
      "large_rot_frame": true,
      "small_air_mask": false
    },
    "webapi_port": null,
    "webapi_url": "https://mriqc.nimh.nih.gov/api/v1"
  },
  "qi_1": 0.0,
  "qi_2": 0.003907879576489628,
  "rpve_csf": 42.19706320278655,
  "rpve_gm": 13.28324871793226,
  "rpve_wm": 16.559995007110885,
  "size_x": 192,
  "size_y": 256,
  "size_z": 256,
  "snr_csf": 2.2129723228884557,
  "snr_gm": 16.87991981820023,
  "snr_total": 12.18477074334866,
  "snr_wm": 17.461420088957293,
  "snrd_csf": 21.87491465205781,
  "snrd_gm": 47.233488960138715,
  "snrd_total": 43.74191908691302,
  "snrd_wm": 62.117353648542554,
  "spacing_x": 1.0,
  "spacing_y": 1.0,
  "spacing_z": 1.0,
  "summary_bg_k": 14.672760489553454,
  "summary_bg_mad": 0.0,
  "summary_bg_mean": 5.463643093556981,
  "summary_bg_median": 0.0,
  "summary_bg_n": 2702049.0,
  "summary_bg_p05": 0.0,
  "summary_bg_p95": 23.076336175203323,
  "summary_bg_stdv": 10.547559524192339,
  "summary_csf_k": 12.369143405796356,
  "summary_csf_mad": 99.1271483685276,
  "summary_csf_mean": 373.8741168738061,
  "summary_csf_median": 352.18156765401363,
  "summary_csf_n": 13629.0,
  "summary_csf_p05": 160.0214013844729,
  "summary_csf_p95": 616.3062816381454,
  "summary_csf_stdv": 159.13829715512708,
  "summary_gm_k": 0.2733847064652224,
  "summary_gm_mad": 44.06909796040827,
  "summary_gm_mean": 759.9347622251344,
  "summary_gm_median": 760.4493298530579,
  "summary_gm_n": 47071.0,
  "summary_gm_p05": 685.4130314290524,
  "summary_gm_p95": 832.2763364911079,
  "summary_gm_stdv": 45.05005120380997,
  "summary_wm_k": 0.5655339771733865,
  "summary_wm_mad": 53.245439695094824,
  "summary_wm_mean": 1007.115156356984,
  "summary_wm_median": 1000.0764498710632,
  "summary_wm_n": 168276.0,
  "summary_wm_p05": 925.8806802481413,
  "summary_wm_p95": 1113.9298965632915,
  "summary_wm_stdv": 57.27331873556522,
  "tpm_overlap_csf": 0.14014221560386414,
  "tpm_overlap_gm": 0.4785428852099809,
  "tpm_overlap_wm": 0.4593477502601787,
  "wm2max": 0.2855522101496705
}