{
  "aor": 0.0028220642201834865,
  "aqi": 0.013114962844036697,
  "bids_meta": {
    "AcquisitionMatrixPE": 128,
    "AcquisitionNumber": 1,
    "AcquisitionTime": "16:05:1.222500",
    "BandwidthPerPixelPhaseEncode": 23.321,
    "BaseResolution": 128,
    "BodyPartExamined": "BRAIN",
    "ConsistencyInfo": "N4_VE11A_LATEST_20140830",
    "ConversionSoftware": "dcm2niix",
    "ConversionSoftwareVersion": "v1.0.20190902",
    "DerivedVendorReportedEchoSpacing": 0.000669997,
    "DeviceSerialNumber": "45239",
    "DwellTime": 2.2e-06,
    "EchoTime": 0.03,
    "EchoTrainLength": 63,
    "EffectiveEchoSpacing": 0.000334999,
    "FlipAngle": 80,
    "ImageComments": "Unaliased_MB4_PE4_LB",
    "ImageOrientationPatientDICOM": [
      1,
      0,
      0,
      0,
      1,
      0
    ],
    "ImageType": [
      "ORIGINAL",
      "PRIMARY",
      "M",
      "MB",
      "ND",
      "MOSAIC"
    ],
    "ImagingFrequency": 123.224,
    "InPlanePhaseEncodingDirectionDICOM": "COL",
    "InstitutionAddress": "E_24th_St._100_Austin_Southmiddle_US_78712",
    "InstitutionName": "The_Univ._of_Texas_at_Austin_IRC",
    "InstitutionalDepartmentName": "IRC",
    "MRAcquisitionType": "2D",
    "MagneticFieldStrength": 3,
    "Manufacturer": "Siemens",
    "ManufacturersModelName": "Skyra",
    "Modality": "MR",
    "MultibandAccelerationFactor": 4,
    "ParallelReductionFactorInPlane": 2,
    "PartialFourier": 1,
    "PatientPosition": "HFS",
    "PercentPhaseFOV": 100,
    "PhaseEncodingDirection": "j-",
    "PhaseEncodingSteps": 127,
    "PhaseResolution": 1,
    "PixelBandwidth": 1775,
    "ProcedureStepDescription": "Booth_Language",
    "ProtocolName": "Gram1",
    "PulseSequenceDetails": "%CustomerSeq%_cmrr_mbep2d_bold",
    "ReceiveCoilActiveElements": "HC1-6",
    "ReceiveCoilName": "HeadNeck_64",
    "ReconMatrixPE": 128,
    "RefLinesPE": 58,
    "RepetitionTime": 1.25,
    "SAR": 0.281667,
    "ScanOptions": "FS",
    "ScanningSequence": "EP",
    "SequenceName": "epfid2d1_128",
    "SequenceVariant": "SK_SS",
    "SeriesDescription": "Gram1",
    "SeriesNumber": 4,
    "ShiftedAquisitionDate": "1816-08-05",
    "ShimSetting": [
      -2823,
      7890,
      -15341,
      -228,
      332,
      -560,
      157,
      -39
    ],
    "SliceThickness": 2,
    "SliceTiming": [
      0,
      0.2625,
      0.525,
      0.79,
      1.0525,
      0.0875,
      0.35,
      0.6125,
      0.8775,
      1.14,
      0.175,
      0.4375,
      0.7025,
      0.965,
      0,
      0.2625,
      0.525,
      0.79,
      1.0525,
      0.0875,
      0.35,
      0.6125,
      0.8775,
      1.14,
      0.175,
      0.4375,
      0.7025,
      0.965,
      0,
      0.2625,
      0.525,
      0.79,
      1.0525,
      0.0875,
      0.35,
      0.6125,
      0.8775,
      1.14,
      0.175,
      0.4375,
      0.7025,
      0.965,
      0,
      0.2625,
      0.525,
      0.79,
      1.0525,
      0.0875,
      0.35,
      0.6125,
      0.8775,
      1.14,
      0.175,
      0.4375,
      0.7025,
      0.965
    ],
    "SoftwareVersions": "syngo_MR_E11",
    "SpacingBetweenSlices": 2,
    "StationName": "AWP45239",
    "TotalReadoutTime": 0.0425448,
    "TxRefAmp": 332.653,
    "WipMemBlock": "25d00795-5e83-4fd0-b3b3-e43d60b66c29||Sequence: ve11a/master r/5a7612f; Mar  3 2017 11:38:58 by eja",
    "acq_id": "D3S4",
    "dataset": "ds003604",
    "modality": "bold",
    "run_id": 1,
    "session_id": "7",
    "subject_id": "5023",
    "task_id": "Gram"
  },
  "dummy_trs": 0,
  "dvars_nstd": 66.18270543511521,
  "dvars_std": 1.1289893272350235,
  "dvars_vstd": 1.0302000575115207,
  "efc": 0.43329013196034905,
  "fber": 2043.943359375,
  "fd_mean": 0.3478257677852696,
  "fd_num": 139,
  "fd_perc": 63.76146788990825,
  "fwhm_avg": 3.6150249999999997,
  "fwhm_x": 3.24804,
  "fwhm_y": 3.75286,
  "fwhm_z": 3.844175,
  "gcor": 0.0135185,
  "gsr_x": -0.019538668915629387,
  "gsr_y": 0.01976950839161873,
  "provenance": {
    "md5sum": "dd35b221b1bcea775677aa60cb44d9f9",
    "settings": {
      "fd_thres": 0.2,
      "testing": false
    },
    "software": "mriqc",
    "version": "23.0.1",
    "webapi_port": null,
    "webapi_url": "https://mriqc.nimh.nih.gov/api/v1"
  },
  "size_t": 218,
  "size_x": 128,
  "size_y": 128,
  "size_z": 56,
  "snr": 2.1208403557889324,
  "spacing_tr": 1.25,
  "spacing_x": 2.0,
  "spacing_y": 2.0,
  "spacing_z": 2.0,
  "summary_bg_k": 69.98795252340844,
  "summary_bg_mad": 4.781051965611035,
  "summary_bg_mean": 26.39326286315918,
  "summary_bg_median": 13.279815673828125,
  "summary_bg_n": 666512.0,
  "summary_bg_p05": 9.45412826538086,
  "summary_bg_p95": 81.95160255432107,
  "summary_bg_stdv": 50.52427673339844,
  "summary_fg_k": 2.1054880218878065,
  "summary_fg_mad": 236.57708229410963,
  "summary_fg_mean": 661.3977661132812,
  "summary_fg_median": 599.9403686523438,
  "summary_fg_n": 148345.0,
  "summary_fg_p05": 331.00366821289066,
  "summary_fg_p95": 1209.5228271484375,
  "summary_fg_stdv": 282.8776550292969,
  "tsnr": 23.042885677423328
}