{
  "bids_meta": {
    "AcquisitionMatrixPE": 256,
    "AcquisitionNumber": 1,
    "AcquisitionTime": "16:11:28.000000",
    "BaseResolution": 256,
    "BodyPartExamined": "BRAIN",
    "ConsistencyInfo": "N4_VE11A_LATEST_20140830",
    "ConversionSoftware": "dcm2niix",
    "ConversionSoftwareVersion": "v1.0.20190902",
    "DeviceSerialNumber": "45239",
    "DwellTime": 1.09e-05,
    "EchoTime": 0.00243,
    "FlipAngle": 9,
    "ImageOrientationPatientDICOM": [
      0,
      1,
      0,
      0,
      0,
      -1
    ],
    "ImageType": [
      "ORIGINAL",
      "PRIMARY",
      "M",
      "ND"
    ],
    "ImagingFrequency": 123.225,
    "InPlanePhaseEncodingDirectionDICOM": "ROW",
    "InstitutionAddress": "E_24th_St._100_Austin_Southmiddle_US_78712",
    "InstitutionName": "The_Univ._of_Texas_at_Austin_IRC",
    "InstitutionalDepartmentName": "IRC",
    "InversionTime": 0.9,
    "MRAcquisitionType": "3D",
    "MagneticFieldStrength": 3,
    "Manufacturer": "Siemens",
    "ManufacturersModelName": "Skyra",
    "Modality": "MR",
    "ParallelReductionFactorInPlane": 2,
    "PartialFourier": 1,
    "PatientPosition": "HFS",
    "PercentPhaseFOV": 100,
    "PhaseEncodingSteps": 255,
    "PhaseResolution": 1,
    "PixelBandwidth": 180,
    "ProcedureStepDescription": "Booth_Language",
    "ProtocolName": "MPRAGE",
    "PulseSequenceDetails": "%SiemensSeq%_tfl",
    "ReceiveCoilActiveElements": "HC1-6",
    "ReceiveCoilName": "HeadNeck_64",
    "ReconMatrixPE": 256,
    "RefLinesPE": 24,
    "RepetitionTime": 1.9,
    "SAR": 0.247584,
    "ScanOptions": "IR",
    "ScanningSequence": "GR_IR",
    "SequenceName": "_tfl3d1_16ns",
    "SequenceVariant": "SK_SP_MP",
    "SeriesDescription": "MPRAGE",
    "SeriesNumber": 2,
    "ShiftedAquisitionDate": "1816-11-02 00:00:00",
    "ShimSetting": [
      -2851,
      8065,
      -15920,
      -530,
      404,
      -610,
      -324,
      -43
    ],
    "SliceThickness": 1,
    "SoftwareVersions": "syngo_MR_E11",
    "StationName": "AWP45239",
    "TxRefAmp": 342.21,
    "acq_id": "D1S2",
    "dataset": "ds003604",
    "modality": "T1w",
    "session_id": "7",
    "subject_id": "5186"
  },
  "cjv": 0.4835822813567959,
  "cnr": 2.8229495191793355,
  "efc": 0.5091796372792571,
  "fber": -1.0,
  "fwhm_avg": 5.696456666666667,
  "fwhm_x": 6.0159,
  "fwhm_y": 5.06423,
  "fwhm_z": 6.00924,
  "icvs_csf": 0.1302370619066298,
  "icvs_gm": 0.4538652441707793,
  "icvs_wm": 0.4158976939225909,
  "inu_med": 0.9306212961673737,
  "inu_range": 1.259326931834221,
  "provenance": {
    "md5sum": "b02eb8bf58035143ff1930763c84f6ce",
    "settings": {
      "testing": false
    },
    "software": "mriqc",
    "version": "22.0.6",
    "warnings": {
      "large_rot_frame": true,
      "small_air_mask": false
    },
    "webapi_port": null,
    "webapi_url": "https://mriqc.nimh.nih.gov/api/v1"
  },
  "qi_1": 0.0,
  "qi_2": 0.004456391759614952,
  "rpve_csf": 48.65038258027198,
  "rpve_gm": 15.627050807756879,
  "rpve_wm": 18.39940868519414,
  "size_x": 192,
  "size_y": 256,
  "size_z": 256,
  "snr_csf": 2.2022064815940166,
  "snr_gm": 16.237410986613128,
  "snr_total": 11.089134827707666,
  "snr_wm": 14.827787014915852,
  "snrd_csf": 20.059253025939114,
  "snrd_gm": 43.157786813384156,
  "snrd_total": 39.867206214022104,
  "snrd_wm": 56.38457880274306,
  "spacing_x": 1.0,
  "spacing_y": 1.0,
  "spacing_z": 1.0,
  "summary_bg_k": 5.1879703629519724,
  "summary_bg_mad": 0.0,
  "summary_bg_mean": 6.666226703494494,
  "summary_bg_median": 0.0,
  "summary_bg_n": 2028874.0,
  "summary_bg_p05": 0.0,
  "summary_bg_p95": 30.03360555320978,
  "summary_bg_stdv": 11.61988458792081,
  "summary_csf_k": 17.270485790548875,
  "summary_csf_mad": 101.40733973842433,
  "summary_csf_mean": 385.03008040855923,
  "summary_csf_median": 355.78271193802357,
  "summary_csf_n": 9657.0,
  "summary_csf_p05": 208.4570253968239,
  "summary_csf_p95": 625.119045934081,
  "summary_csf_stdv": 161.54901616153847,
  "summary_gm_k": 0.1539494194072062,
  "summary_gm_mad": 46.08480946147431,
  "summary_gm_mean": 765.6791052015838,
  "summary_gm_median": 765.4718953818083,
  "summary_gm_n": 35335.0,
  "summary_gm_p05": 688.721681470424,
  "summary_gm_p95": 843.0622101478276,
  "summary_gm_stdv": 47.14181739303863,
  "summary_wm_k": 0.12052971587290529,
  "summary_wm_mad": 67.3627057218397,
  "summary_wm_mean": 1009.0116524328673,
  "summary_wm_median": 1000.0700590386987,
  "summary_wm_n": 150399.0,
  "summary_wm_p05": 914.8628298573196,
  "summary_wm_p95": 1134.416187375784,
  "summary_wm_stdv": 67.44544774645507,
  "tpm_overlap_csf": 0.14365527477479365,
  "tpm_overlap_gm": 0.4626112856236421,
  "tpm_overlap_wm": 0.4478811486255432,
  "wm2max": 0.3009712828940438
}