{
  "bids_meta": {
    "AcquisitionMatrixPE": 256,
    "AcquisitionNumber": 1,
    "AcquisitionTime": "14:43:45.192500",
    "BaseResolution": 256,
    "BodyPartExamined": "BRAIN",
    "ConsistencyInfo": "N4_VE11A_LATEST_20140830",
    "ConversionSoftware": "dcm2niix",
    "ConversionSoftwareVersion": "v1.0.20190902",
    "DeviceSerialNumber": "45239",
    "DwellTime": 1.09e-05,
    "EchoTime": 0.00243,
    "FlipAngle": 9,
    "ImageOrientationPatientDICOM": [
      0,
      1,
      0,
      0,
      0,
      -1
    ],
    "ImageType": [
      "ORIGINAL",
      "PRIMARY",
      "M",
      "ND"
    ],
    "ImagingFrequency": 123.224,
    "InPlanePhaseEncodingDirectionDICOM": "ROW",
    "InstitutionAddress": "E_24th_St._100_Austin_Southmiddle_US_78712",
    "InstitutionName": "The_Univ._of_Texas_at_Austin_IRC",
    "InstitutionalDepartmentName": "IRC",
    "InversionTime": 0.9,
    "MRAcquisitionType": "3D",
    "MagneticFieldStrength": 3,
    "Manufacturer": "Siemens",
    "ManufacturersModelName": "Skyra",
    "Modality": "MR",
    "ParallelReductionFactorInPlane": 2,
    "PartialFourier": 1,
    "PatientPosition": "HFS",
    "PercentPhaseFOV": 100,
    "PhaseEncodingSteps": 255,
    "PhaseResolution": 1,
    "PixelBandwidth": 180,
    "ProcedureStepDescription": "Booth_Language",
    "ProtocolName": "MPRAGE",
    "PulseSequenceDetails": "%SiemensSeq%_tfl",
    "ReceiveCoilActiveElements": "HC1-6",
    "ReceiveCoilName": "HeadNeck_64",
    "ReconMatrixPE": 256,
    "RefLinesPE": 24,
    "RepetitionTime": 1.9,
    "SAR": 0.293824,
    "ScanOptions": "IR",
    "ScanningSequence": "GR_IR",
    "SequenceName": "_tfl3d1_16ns",
    "SequenceVariant": "SK_SP_MP",
    "SeriesDescription": "MPRAGE",
    "SeriesNumber": 2,
    "ShiftedAquisitionDate": "1816-02-14 00:00:00",
    "ShimSetting": [
      -2849,
      8022,
      -16018,
      -1233,
      -75,
      -527,
      -219,
      169
    ],
    "SliceThickness": 1,
    "SoftwareVersions": "syngo_MR_E11",
    "StationName": "AWP45239",
    "TxRefAmp": 329.382,
    "acq_id": "D2S2",
    "dataset": "ds003604",
    "modality": "T1w",
    "session_id": "5",
    "subject_id": "5167"
  },
  "cjv": 0.40826336952937514,
  "cnr": 3.2681462113421906,
  "efc": 0.563558708102267,
  "fber": -1.0,
  "fwhm_avg": 6.241,
  "fwhm_x": 6.44215,
  "fwhm_y": 5.74333,
  "fwhm_z": 6.53752,
  "icvs_csf": 0.13442979561230203,
  "icvs_gm": 0.48693402452093015,
  "icvs_wm": 0.37863617986676784,
  "inu_med": 0.9283142387866974,
  "inu_range": 1.226410672068595,
  "provenance": {
    "md5sum": "5251793af1af7981cc8516cef5581401",
    "settings": {
      "testing": false
    },
    "software": "mriqc",
    "version": "22.0.6",
    "warnings": {
      "large_rot_frame": true,
      "small_air_mask": false
    },
    "webapi_port": null,
    "webapi_url": "https://mriqc.nimh.nih.gov/api/v1"
  },
  "qi_1": 0.0,
  "qi_2": 0.0065698048856326985,
  "rpve_csf": 42.5344576398393,
  "rpve_gm": 13.410895853699373,
  "rpve_wm": 17.789507242655713,
  "size_x": 192,
  "size_y": 256,
  "size_z": 256,
  "snr_csf": 2.926653100890379,
  "snr_gm": 17.85163839497503,
  "snr_total": 12.87255207442341,
  "snr_wm": 17.839364727404824,
  "snrd_csf": 22.242428987451728,
  "snrd_gm": 45.35644251811296,
  "snrd_total": 42.25936671288025,
  "snrd_wm": 59.179228633076065,
  "spacing_x": 1.0,
  "spacing_y": 1.0,
  "spacing_z": 1.0,
  "summary_bg_k": 4.657802214223546,
  "summary_bg_mad": 0.0,
  "summary_bg_mean": 6.715613770399541,
  "summary_bg_median": 0.0,
  "summary_bg_n": 1471636.0,
  "summary_bg_p05": 0.0,
  "summary_bg_p95": 28.824577812105417,
  "summary_bg_stdv": 11.071014116711474,
  "summary_csf_k": 2.376452308017199,
  "summary_csf_mad": 107.05170794351721,
  "summary_csf_mean": 387.77484604415014,
  "summary_csf_median": 375.87019330635667,
  "summary_csf_n": 11980.0,
  "summary_csf_p05": 187.90632960945368,
  "summary_csf_p95": 611.8807734321801,
  "summary_csf_stdv": 128.42468602134724,
  "summary_gm_k": 0.1404192946405649,
  "summary_gm_mad": 42.138281851870524,
  "summary_gm_mean": 766.8749034858357,
  "summary_gm_median": 766.4691129997373,
  "summary_gm_n": 41795.0,
  "summary_gm_p05": 696.9104012735188,
  "summary_gm_p95": 838.0012439254668,
  "summary_gm_stdv": 42.934991545257496,
  "summary_wm_k": 0.5599495362177449,
  "summary_wm_mad": 53.22730339183645,
  "summary_wm_mean": 1005.8145422373567,
  "summary_wm_median": 1000.0575080439448,
  "summary_wm_n": 135113.0,
  "summary_wm_p05": 923.7673080861568,
  "summary_wm_p95": 1106.1503653004766,
  "summary_wm_stdv": 56.058823982775635,
  "tpm_overlap_csf": 0.1448630578954339,
  "tpm_overlap_gm": 0.47871146828192307,
  "tpm_overlap_wm": 0.44344656116264625,
  "wm2max": 0.3370564281559046
}