{
  "aor": 0.0014199056603773584,
  "aqi": 0.004832594339622642,
  "bids_meta": {
    "AcquisitionMatrixPE": 128,
    "AcquisitionNumber": 1,
    "AcquisitionTime": "12:43:11.345000",
    "BandwidthPerPixelPhaseEncode": 23.321,
    "BaseResolution": 128,
    "BodyPartExamined": "BRAIN",
    "ConsistencyInfo": "N4_VE11A_LATEST_20140830",
    "ConversionSoftware": "dcm2niix",
    "ConversionSoftwareVersion": "v1.0.20190902",
    "DerivedVendorReportedEchoSpacing": 0.000669997,
    "DeviceSerialNumber": "45239",
    "DwellTime": 2.2e-06,
    "EchoTime": 0.03,
    "EchoTrainLength": 63,
    "EffectiveEchoSpacing": 0.000334999,
    "FlipAngle": 80,
    "ImageComments": "Unaliased_MB4_PE4_LB",
    "ImageOrientationPatientDICOM": [
      1,
      0,
      0,
      0,
      1,
      0
    ],
    "ImageType": [
      "ORIGINAL",
      "PRIMARY",
      "M",
      "MB",
      "ND",
      "MOSAIC"
    ],
    "ImagingFrequency": 123.225,
    "InPlanePhaseEncodingDirectionDICOM": "COL",
    "InstitutionAddress": "E_24th_St._100_Austin_Southmiddle_US_78712",
    "InstitutionName": "The_Univ._of_Texas_at_Austin_IRC",
    "InstitutionalDepartmentName": "IRC",
    "MRAcquisitionType": "2D",
    "MagneticFieldStrength": 3,
    "Manufacturer": "Siemens",
    "ManufacturersModelName": "Skyra",
    "Modality": "MR",
    "MultibandAccelerationFactor": 4,
    "ParallelReductionFactorInPlane": 2,
    "PartialFourier": 1,
    "PatientPosition": "HFS",
    "PercentPhaseFOV": 100,
    "PhaseEncodingDirection": "j-",
    "PhaseEncodingSteps": 127,
    "PhaseResolution": 1,
    "PixelBandwidth": 1775,
    "ProcedureStepDescription": "Booth_Language",
    "ProtocolName": "Plaus1",
    "PulseSequenceDetails": "%CustomerSeq%_cmrr_mbep2d_bold",
    "ReceiveCoilActiveElements": "HC1-6",
    "ReceiveCoilName": "HeadNeck_64",
    "ReconMatrixPE": 128,
    "RefLinesPE": 58,
    "RepetitionTime": 1.25,
    "SAR": 0.315425,
    "ScanOptions": "FS",
    "ScanningSequence": "EP",
    "SequenceName": "epfid2d1_128",
    "SequenceVariant": "SK_SS",
    "SeriesDescription": "Plaus1",
    "SeriesNumber": 10,
    "ShiftedAquisitionDate": "1817-02-28",
    "ShimSetting": [
      -2872,
      7939,
      -15329,
      -79,
      -10,
      -551,
      -12,
      -3
    ],
    "SliceThickness": 2,
    "SliceTiming": [
      0,
      0.2625,
      0.5275,
      0.79,
      1.055,
      0.0875,
      0.35,
      0.615,
      0.8775,
      1.1425,
      0.175,
      0.44,
      0.7025,
      0.965,
      0,
      0.2625,
      0.5275,
      0.79,
      1.055,
      0.0875,
      0.35,
      0.615,
      0.8775,
      1.1425,
      0.175,
      0.44,
      0.7025,
      0.965,
      0,
      0.2625,
      0.5275,
      0.79,
      1.055,
      0.0875,
      0.35,
      0.615,
      0.8775,
      1.1425,
      0.175,
      0.44,
      0.7025,
      0.965,
      0,
      0.2625,
      0.5275,
      0.79,
      1.055,
      0.0875,
      0.35,
      0.615,
      0.8775,
      1.1425,
      0.175,
      0.44,
      0.7025,
      0.965
    ],
    "SoftwareVersions": "syngo_MR_E11",
    "SpacingBetweenSlices": 2,
    "StationName": "AWP45239",
    "TotalReadoutTime": 0.0425448,
    "TxRefAmp": 346.017,
    "WipMemBlock": "0b8b8d2c-5a3c-4bd4-96ce-24cc2bfa905c||Sequence: ve11a/master r/5a7612f; Mar  3 2017 11:38:58 by eja",
    "acq_id": "D2S10",
    "dataset": "ds003604",
    "modality": "bold",
    "run_id": 1,
    "session_id": "7",
    "subject_id": "5151",
    "task_id": "Plaus"
  },
  "dummy_trs": 0,
  "dvars_nstd": 43.849449157345994,
  "dvars_std": 1.1713896465876779,
  "dvars_vstd": 1.0171720223222749,
  "efc": 0.4112384693673971,
  "fber": 3104.625732421875,
  "fd_mean": 0.10688099936900788,
  "fd_num": 13,
  "fd_perc": 6.132075471698113,
  "fwhm_avg": 3.769828333333333,
  "fwhm_x": 3.44696,
  "fwhm_y": 3.92474,
  "fwhm_z": 3.937785,
  "gcor": 0.0122428,
  "gsr_x": -0.022615110501646996,
  "gsr_y": 0.008464659564197063,
  "provenance": {
    "md5sum": "6ded241e986c3c5210c87c13b05d07fc",
    "settings": {
      "fd_thres": 0.2,
      "testing": false
    },
    "software": "mriqc",
    "version": "23.0.1",
    "webapi_port": null,
    "webapi_url": "https://mriqc.nimh.nih.gov/api/v1"
  },
  "size_t": 212,
  "size_x": 128,
  "size_y": 128,
  "size_z": 56,
  "snr": 2.0559584284491694,
  "spacing_tr": 1.25,
  "spacing_x": 2.0,
  "spacing_y": 2.0,
  "spacing_z": 2.0,
  "summary_bg_k": 80.70970633022472,
  "summary_bg_mad": 3.314875251763541,
  "summary_bg_mean": 23.886884689331055,
  "summary_bg_median": 12.14622688293457,
  "summary_bg_n": 675529.0,
  "summary_bg_p05": 9.617924690246582,
  "summary_bg_p95": 70.8160400390625,
  "summary_bg_stdv": 46.3370361328125,
  "summary_fg_k": 1.7574714242831853,
  "summary_fg_mad": 283.5022252557342,
  "summary_fg_mean": 748.32080078125,
  "summary_fg_median": 676.3773803710938,
  "summary_fg_n": 141998.0,
  "summary_fg_p05": 360.2115707397461,
  "summary_fg_p95": 1394.6605957031243,
  "summary_fg_stdv": 328.9828186035156,
  "tsnr": 36.62957625975832
}