{
  "bids_meta": {
    "AcquisitionMatrixPE": 256,
    "AcquisitionNumber": 1,
    "AcquisitionTime": "14:45:45.985000",
    "BaseResolution": 256,
    "BodyPartExamined": "BRAIN",
    "ConsistencyInfo": "N4_VE11C_LATEST_20160120",
    "ConversionSoftware": "dcm2niix",
    "ConversionSoftwareVersion": "v1.0.20190902",
    "DeviceSerialNumber": "45239",
    "DwellTime": 1.09e-05,
    "EchoTime": 0.00243,
    "FlipAngle": 9,
    "ImageOrientationPatientDICOM": [
      0,
      1,
      0,
      0,
      0,
      -1
    ],
    "ImageType": [
      "ORIGINAL",
      "PRIMARY",
      "M",
      "ND"
    ],
    "ImagingFrequency": 123.186,
    "InPlanePhaseEncodingDirectionDICOM": "ROW",
    "InstitutionAddress": "E_24th_St._100_Austin_Southmiddle_US_78712",
    "InstitutionName": "The_Univ._of_Texas_at_Austin_IRC",
    "InstitutionalDepartmentName": "IRC",
    "InversionTime": 0.9,
    "MRAcquisitionType": "3D",
    "MagneticFieldStrength": 3,
    "Manufacturer": "Siemens",
    "ManufacturersModelName": "Skyra",
    "Modality": "MR",
    "ParallelReductionFactorInPlane": 2,
    "PartialFourier": 1,
    "PatientPosition": "HFS",
    "PercentPhaseFOV": 100,
    "PhaseEncodingSteps": 255,
    "PhaseResolution": 1,
    "PixelBandwidth": 180,
    "ProcedureStepDescription": "Booth_Language",
    "ProtocolName": "MPRAGE",
    "PulseSequenceDetails": "%SiemensSeq%_tfl",
    "ReceiveCoilActiveElements": "HC1-6",
    "ReceiveCoilName": "HeadNeck_64",
    "ReconMatrixPE": 256,
    "RefLinesPE": 24,
    "RepetitionTime": 1.9,
    "SAR": 0.163703,
    "ScanOptions": "IR",
    "ScanningSequence": "GR_IR",
    "SequenceName": "_tfl3d1_16ns",
    "SequenceVariant": "SK_SP_MP",
    "SeriesDescription": "MPRAGE",
    "SeriesNumber": 2,
    "ShiftedAquisitionDate": "1819-05-02 00:00:00",
    "ShimSetting": [
      -2727,
      7934,
      -15901,
      -500,
      562,
      -716,
      -526,
      132
    ],
    "SliceThickness": 1,
    "SoftwareVersions": "syngo_MR_E11",
    "StationName": "AWP45239",
    "TxRefAmp": 319.501,
    "acq_id": "D1S2",
    "dataset": "ds003604",
    "modality": "T1w",
    "session_id": "9",
    "subject_id": "5476"
  },
  "cjv": 0.40747014614557936,
  "cnr": 3.261632842165305,
  "efc": 0.5032084881529141,
  "fber": -1.0,
  "fwhm_avg": 5.654676666666667,
  "fwhm_x": 5.67139,
  "fwhm_y": 5.41938,
  "fwhm_z": 5.87326,
  "icvs_csf": 0.10638932313487515,
  "icvs_gm": 0.48889989038458,
  "icvs_wm": 0.40471078648054487,
  "inu_med": 1.006672978401184,
  "inu_range": 1.105307006835938,
  "provenance": {
    "md5sum": "4d8e48760583a197cae4d7c38d4a19b4",
    "settings": {
      "testing": false
    },
    "software": "mriqc",
    "version": "22.0.6",
    "warnings": {
      "large_rot_frame": true,
      "small_air_mask": false
    },
    "webapi_port": null,
    "webapi_url": "https://mriqc.nimh.nih.gov/api/v1"
  },
  "qi_1": 0.0,
  "qi_2": 0.004636995469698891,
  "rpve_csf": 49.64438096973683,
  "rpve_gm": 12.923502194877683,
  "rpve_wm": 16.39599091687999,
  "size_x": 192,
  "size_y": 256,
  "size_z": 256,
  "snr_csf": 1.8253989836164637,
  "snr_gm": 16.181642535466512,
  "snr_total": 12.512838575354097,
  "snr_wm": 19.53147420697932,
  "snrd_csf": 24.938078566108757,
  "snrd_gm": 53.25807865885462,
  "snrd_total": 49.12249001202266,
  "snrd_wm": 69.17131281110458,
  "spacing_x": 1.0,
  "spacing_y": 1.0,
  "spacing_z": 1.0,
  "summary_bg_k": 5.17557383370208,
  "summary_bg_mad": 0.0,
  "summary_bg_mean": 5.22274914836807,
  "summary_bg_median": 0.0,
  "summary_bg_n": 2821391.0,
  "summary_bg_p05": 0.0,
  "summary_bg_p95": 22.36996963620186,
  "summary_bg_stdv": 9.471871054449078,
  "summary_csf_k": 18.00758262883898,
  "summary_csf_mad": 112.22966843750979,
  "summary_csf_mean": 393.33777652793896,
  "summary_csf_median": 360.55127531290054,
  "summary_csf_n": 9295.0,
  "summary_csf_p05": 155.55093437433243,
  "summary_csf_p95": 672.9690246284003,
  "summary_csf_stdv": 197.5085354613301,
  "summary_gm_k": 0.11083317032127749,
  "summary_gm_mad": 47.02761952825204,
  "summary_gm_mean": 770.2548582543785,
  "summary_gm_median": 769.9979022145271,
  "summary_gm_n": 60736.0,
  "summary_gm_p05": 692.3609487712383,
  "summary_gm_p95": 848.6044518649578,
  "summary_gm_stdv": 47.584264799366224,
  "summary_wm_k": 0.6567745816972304,
  "summary_wm_mad": 46.71957835230279,
  "summary_wm_mean": 1007.2198567163812,
  "summary_wm_median": 1000.0692307949066,
  "summary_wm_n": 191266.0,
  "summary_wm_p05": 935.9373673796654,
  "summary_wm_p95": 1104.162309318781,
  "summary_wm_stdv": 51.20282298469638,
  "tpm_overlap_csf": 0.12577043085336898,
  "tpm_overlap_gm": 0.45308653005060384,
  "tpm_overlap_wm": 0.4504205812618372,
  "wm2max": 0.29254134342054866
}