{
  "bids_meta": {
    "AcquisitionMatrixPE": 256,
    "AcquisitionNumber": 1,
    "AcquisitionTime": "16:08:37.612500",
    "BaseResolution": 256,
    "BodyPartExamined": "BRAIN",
    "ConsistencyInfo": "N4_VE11A_LATEST_20140830",
    "ConversionSoftware": "dcm2niix",
    "ConversionSoftwareVersion": "v1.0.20190902",
    "DeviceSerialNumber": "45239",
    "DwellTime": 1.09e-05,
    "EchoTime": 0.00243,
    "FlipAngle": 9,
    "ImageOrientationPatientDICOM": [
      0,
      1,
      0,
      0,
      0,
      -1
    ],
    "ImageType": [
      "ORIGINAL",
      "PRIMARY",
      "M",
      "ND"
    ],
    "ImagingFrequency": 123.225,
    "InPlanePhaseEncodingDirectionDICOM": "ROW",
    "InstitutionAddress": "E_24th_St._100_Austin_Southmiddle_US_78712",
    "InstitutionName": "The_Univ._of_Texas_at_Austin_IRC",
    "InstitutionalDepartmentName": "IRC",
    "InversionTime": 0.9,
    "MRAcquisitionType": "3D",
    "MagneticFieldStrength": 3,
    "Manufacturer": "Siemens",
    "ManufacturersModelName": "Skyra",
    "Modality": "MR",
    "ParallelReductionFactorInPlane": 2,
    "PartialFourier": 1,
    "PatientPosition": "HFS",
    "PercentPhaseFOV": 100,
    "PhaseEncodingSteps": 255,
    "PhaseResolution": 1,
    "PixelBandwidth": 180,
    "ProcedureStepDescription": "Booth_Language",
    "ProtocolName": "MPRAGE",
    "PulseSequenceDetails": "%SiemensSeq%_tfl",
    "ReceiveCoilActiveElements": "HC1-6",
    "ReceiveCoilName": "HeadNeck_64",
    "ReconMatrixPE": 256,
    "RefLinesPE": 24,
    "RepetitionTime": 1.9,
    "SAR": 0.177525,
    "ScanOptions": "IR",
    "ScanningSequence": "GR_IR",
    "SequenceName": "_tfl3d1_16ns",
    "SequenceVariant": "SK_SP_MP",
    "SeriesDescription": "MPRAGE",
    "SeriesNumber": 2,
    "ShiftedAquisitionDate": "1816-05-16 00:00:00",
    "ShimSetting": [
      -2851,
      8065,
      -15920,
      -530,
      404,
      -610,
      -324,
      -43
    ],
    "SliceThickness": 1,
    "SoftwareVersions": "syngo_MR_E11",
    "StationName": "AWP45239",
    "TxRefAmp": 337.559,
    "acq_id": "D1S2",
    "dataset": "ds003604",
    "modality": "T1w",
    "session_id": "7",
    "subject_id": "5070"
  },
  "cjv": 0.7459780878600741,
  "cnr": 1.7850890962979595,
  "efc": 0.5111102059290805,
  "fber": 2469.1745585180056,
  "fwhm_avg": 4.256786666666667,
  "fwhm_x": 3.93956,
  "fwhm_y": 4.76915,
  "fwhm_z": 4.06165,
  "icvs_csf": 0.19512579521389167,
  "icvs_gm": 0.5705551439445711,
  "icvs_wm": 0.23431906084153725,
  "inu_med": 1.2459628582000732,
  "inu_range": 0.9683972001075745,
  "provenance": {
    "md5sum": "1f2e7b0431defd608f29e79b224422b8",
    "settings": {
      "testing": false
    },
    "software": "mriqc",
    "version": "21.0.0rc2",
    "warnings": {
      "large_rot_frame": true,
      "small_air_mask": false
    },
    "webapi_port": null,
    "webapi_url": "https://mriqc.nimh.nih.gov/api/v1"
  },
  "qi_1": 0.0,
  "qi_2": 0.002445155043819443,
  "rpve_csf": 28.66185694203334,
  "rpve_gm": 12.102095309380754,
  "rpve_wm": 23.505242982657826,
  "size_x": 192,
  "size_y": 256,
  "size_z": 256,
  "snr_csf": 0.6691130562745186,
  "snr_gm": 9.194003354657465,
  "snr_total": 8.460441497633965,
  "snr_wm": 15.518208081969915,
  "snrd_csf": 67.91546077257621,
  "snrd_gm": 75.23534494636732,
  "snrd_total": 78.88568088605318,
  "snrd_wm": 93.50623693921598,
  "spacing_x": 1.0,
  "spacing_y": 1.0,
  "spacing_z": 1.0,
  "summary_bg_k": 8.214933520163804,
  "summary_bg_mad": 7.007058741877017,
  "summary_bg_mean": 15.446298208492513,
  "summary_bg_median": 11.199013777077198,
  "summary_bg_n": 2031492.0,
  "summary_bg_p05": 2.2603514045476913,
  "summary_bg_p95": 41.61101449280977,
  "summary_bg_stdv": 13.064258375685144,
  "summary_csf_k": 0.6704682192766036,
  "summary_csf_mad": 560.7170267141153,
  "summary_csf_mean": 1274.9270443973985,
  "summary_csf_median": 726.394746825099,
  "summary_csf_n": 28624.0,
  "summary_csf_p05": 309.56539917737246,
  "summary_csf_p95": 3732.1740844566366,
  "summary_csf_stdv": 1085.589425197443,
  "summary_gm_k": -0.39595006921866505,
  "summary_gm_mad": 97.337185566509,
  "summary_gm_mean": 800.927011946436,
  "summary_gm_median": 804.6851000189781,
  "summary_gm_n": 269837.0,
  "summary_gm_p05": 650.9812045097351,
  "summary_gm_p95": 930.9565489366651,
  "summary_gm_stdv": 87.52265774976179,
  "summary_wm_k": 3.2933115486042936,
  "summary_wm_mad": 48.44010173732373,
  "summary_wm_mean": 1008.3015810568625,
  "summary_wm_median": 1000.1027532666922,
  "summary_wm_n": 28151.0,
  "summary_wm_p05": 922.7370892837644,
  "summary_wm_p95": 1130.0729590281844,
  "summary_wm_stdv": 64.44590668219477,
  "tpm_overlap_csf": 0.13088282942771912,
  "tpm_overlap_gm": 0.38320913910865784,
  "tpm_overlap_wm": 0.25321662425994873,
  "wm2max": 0.21627965683968103
}