{
  "bids_meta": {
    "AcquisitionMatrixPE": 256,
    "AcquisitionNumber": 1,
    "AcquisitionTime": "13:45:45.070000",
    "BaseResolution": 256,
    "BodyPartExamined": "BRAIN",
    "ConsistencyInfo": "N4_VE11C_LATEST_20160120",
    "ConversionSoftware": "dcm2niix",
    "ConversionSoftwareVersion": "v1.0.20190902",
    "DeviceSerialNumber": "45239",
    "DwellTime": 1.09e-05,
    "EchoTime": 0.00243,
    "FlipAngle": 9,
    "ImageOrientationPatientDICOM": [
      0,
      1,
      0,
      0,
      0,
      -1
    ],
    "ImageType": [
      "ORIGINAL",
      "PRIMARY",
      "M",
      "ND"
    ],
    "ImagingFrequency": 123.186,
    "InPlanePhaseEncodingDirectionDICOM": "ROW",
    "InstitutionAddress": "E_24th_St._100_Austin_Southmiddle_US_78712",
    "InstitutionName": "The_Univ._of_Texas_at_Austin_IRC",
    "InstitutionalDepartmentName": "IRC",
    "InversionTime": 0.9,
    "MRAcquisitionType": "3D",
    "MagneticFieldStrength": 3,
    "Manufacturer": "Siemens",
    "ManufacturersModelName": "Skyra",
    "Modality": "MR",
    "ParallelReductionFactorInPlane": 2,
    "PartialFourier": 1,
    "PatientPosition": "HFS",
    "PercentPhaseFOV": 100,
    "PhaseEncodingSteps": 255,
    "PhaseResolution": 1,
    "PixelBandwidth": 180,
    "ProcedureStepDescription": "Booth_Language",
    "ProtocolName": "MPRAGE",
    "PulseSequenceDetails": "%SiemensSeq%_tfl",
    "ReceiveCoilActiveElements": "HC1-6",
    "ReceiveCoilName": "HeadNeck_64",
    "ReconMatrixPE": 256,
    "RefLinesPE": 24,
    "RepetitionTime": 1.9,
    "SAR": 0.20665,
    "ScanOptions": "IR",
    "ScanningSequence": "GR_IR",
    "SequenceName": "_tfl3d1_16ns",
    "SequenceVariant": "SK_SP_MP",
    "SeriesDescription": "MPRAGE",
    "SeriesNumber": 13,
    "ShiftedAquisitionDate": "1818-07-28 00:00:00",
    "ShimSetting": [
      -2727,
      7934,
      -15901,
      -500,
      562,
      -716,
      -526,
      132
    ],
    "SliceThickness": 1,
    "SoftwareVersions": "syngo_MR_E11",
    "StationName": "AWP45239",
    "TxRefAmp": 333.569,
    "acq_id": "D1S13",
    "dataset": "ds003604",
    "modality": "T1w",
    "session_id": "9",
    "subject_id": "5044"
  },
  "cjv": 0.5648267819949704,
  "cnr": 1.8270982554307726,
  "efc": 0.5080700242964248,
  "fber": 2335.305625,
  "fwhm_avg": 5.153346666666667,
  "fwhm_x": 4.82833,
  "fwhm_y": 5.21079,
  "fwhm_z": 5.42092,
  "icvs_csf": 0.14271305513459673,
  "icvs_gm": 0.47809233606604684,
  "icvs_wm": 0.37919460879935646,
  "inu_med": 1.1345410346984863,
  "inu_range": 0.8226269245147702,
  "provenance": {
    "md5sum": "bba5d0bd4e8035d7d68ef35803261eaf",
    "settings": {
      "testing": false
    },
    "software": "mriqc",
    "version": "21.0.0rc2",
    "warnings": {
      "large_rot_frame": true,
      "small_air_mask": false
    },
    "webapi_port": null,
    "webapi_url": "https://mriqc.nimh.nih.gov/api/v1"
  },
  "qi_1": 9.398857862541116e-06,
  "qi_2": 0.0030112964552328585,
  "rpve_csf": 36.071470147533425,
  "rpve_gm": 11.443123883927539,
  "rpve_wm": 14.796691404386156,
  "size_x": 192,
  "size_y": 256,
  "size_z": 256,
  "snr_csf": 0.6604842691056959,
  "snr_gm": 11.459602172870577,
  "snr_total": 6.563667040124095,
  "snr_wm": 7.570914678396014,
  "snrd_csf": 35.38275866054154,
  "snrd_gm": 59.44528413472908,
  "snrd_total": 58.71416900345994,
  "snrd_wm": 81.31446421510921,
  "spacing_x": 1.0,
  "spacing_y": 1.0,
  "spacing_z": 1.0,
  "summary_bg_k": 6.962009070000622,
  "summary_bg_mad": 8.05682466171012,
  "summary_bg_mean": 16.63946507282109,
  "summary_bg_median": 13.239798501133919,
  "summary_bg_n": 3170135.0,
  "summary_bg_p05": 2.6677205935120583,
  "summary_bg_p95": 39.324177637696266,
  "summary_bg_stdv": 12.3108928392354,
  "summary_csf_k": 3.4544477411499006,
  "summary_csf_mad": 162.60137044542242,
  "summary_csf_mean": 729.6172109615748,
  "summary_csf_median": 435.1348701417446,
  "summary_csf_n": 16127.0,
  "summary_csf_p05": 273.19434966892004,
  "summary_csf_p95": 2155.9134574234477,
  "summary_csf_stdv": 658.7914344136275,
  "summary_gm_k": 0.7268284383079977,
  "summary_gm_mad": 62.25728147685093,
  "summary_gm_mean": 730.7437979011214,
  "summary_gm_median": 731.0542470887303,
  "summary_gm_n": 67600.0,
  "summary_gm_p05": 625.9213545877486,
  "summary_gm_p95": 830.8467581793666,
  "summary_gm_stdv": 63.793561838773606,
  "summary_wm_k": 3.5235430165950534,
  "summary_wm_mad": 89.65048532666533,
  "summary_wm_mean": 1035.5902721563052,
  "summary_wm_median": 1000.0000047013164,
  "summary_wm_n": 128683.0,
  "summary_wm_p05": 895.4648792222142,
  "summary_wm_p95": 1322.3001741841435,
  "summary_wm_stdv": 132.08392402442007,
  "tpm_overlap_csf": 0.14804701507091522,
  "tpm_overlap_gm": 0.44426870346069336,
  "tpm_overlap_wm": 0.3839654326438904,
  "wm2max": 0.2577870420252378
}