{
  "bids_meta": {
    "AcquisitionMatrixPE": 256,
    "AcquisitionNumber": 1,
    "AcquisitionTime": "14:11:29.580000",
    "BaseResolution": 256,
    "BodyPartExamined": "BRAIN",
    "ConsistencyInfo": "N4_VE11A_LATEST_20140830",
    "ConversionSoftware": "dcm2niix",
    "ConversionSoftwareVersion": "v1.0.20190902",
    "DeviceSerialNumber": "45239",
    "DwellTime": 1.09e-05,
    "EchoTime": 0.00243,
    "FlipAngle": 9,
    "ImageOrientationPatientDICOM": [
      0,
      1,
      0,
      0,
      0,
      -1
    ],
    "ImageType": [
      "ORIGINAL",
      "PRIMARY",
      "M",
      "ND"
    ],
    "ImagingFrequency": 123.225,
    "InPlanePhaseEncodingDirectionDICOM": "ROW",
    "InstitutionAddress": "E_24th_St._100_Austin_Southmiddle_US_78712",
    "InstitutionName": "The_Univ._of_Texas_at_Austin_IRC",
    "InstitutionalDepartmentName": "IRC",
    "InversionTime": 0.9,
    "MRAcquisitionType": "3D",
    "MagneticFieldStrength": 3,
    "Manufacturer": "Siemens",
    "ManufacturersModelName": "Skyra",
    "Modality": "MR",
    "ParallelReductionFactorInPlane": 2,
    "PartialFourier": 1,
    "PatientPosition": "HFS",
    "PercentPhaseFOV": 100,
    "PhaseEncodingSteps": 255,
    "PhaseResolution": 1,
    "PixelBandwidth": 180,
    "ProcedureStepDescription": "Booth_Language",
    "ProtocolName": "MPRAGE",
    "PulseSequenceDetails": "%SiemensSeq%_tfl",
    "ReceiveCoilActiveElements": "HC1-6",
    "ReceiveCoilName": "HeadNeck_64",
    "ReconMatrixPE": 256,
    "RefLinesPE": 24,
    "RepetitionTime": 1.9,
    "SAR": 0.190536,
    "ScanOptions": "IR",
    "ScanningSequence": "GR_IR",
    "SequenceName": "_tfl3d1_16ns",
    "SequenceVariant": "SK_SP_MP",
    "SeriesDescription": "MPRAGE",
    "SeriesNumber": 11,
    "ShiftedAquisitionDate": "1817-02-26 00:00:00",
    "ShimSetting": [
      -2849,
      8055,
      -15936,
      -670,
      286,
      -583,
      -301,
      11
    ],
    "SliceThickness": 1,
    "SoftwareVersions": "syngo_MR_E11",
    "StationName": "AWP45239",
    "TxRefAmp": 380.419,
    "acq_id": "D1S11",
    "dataset": "ds003604",
    "modality": "T1w",
    "session_id": "7",
    "subject_id": "5143"
  },
  "cjv": 0.4181852848463447,
  "cnr": 2.99154985333307,
  "efc": 0.46814651489946085,
  "fber": 2558.2666349583833,
  "fwhm_avg": 5.289226666666667,
  "fwhm_x": 7.16113,
  "fwhm_y": 4.06727,
  "fwhm_z": 4.63928,
  "icvs_csf": 0.09164276348908094,
  "icvs_gm": 0.48470973417077684,
  "icvs_wm": 0.42364750234014226,
  "inu_med": 1.0470049381256104,
  "inu_range": 0.8442650109529495,
  "provenance": {
    "md5sum": "b71d14e0de2329baeefea2168f5c5b4a",
    "settings": {
      "testing": false
    },
    "software": "mriqc",
    "version": "21.0.0rc2",
    "warnings": {
      "large_rot_frame": true,
      "small_air_mask": false
    },
    "webapi_port": null,
    "webapi_url": "https://mriqc.nimh.nih.gov/api/v1"
  },
  "qi_1": 0.0,
  "qi_2": 0.003288994383896994,
  "rpve_csf": 66.36025738718143,
  "rpve_gm": 13.373972717796748,
  "rpve_wm": 15.049642701878586,
  "size_x": 192,
  "size_y": 256,
  "size_z": 256,
  "snr_csf": 1.180811757807772,
  "snr_gm": 11.515016700445766,
  "snr_total": 9.299155677746826,
  "snr_wm": 15.201638574986944,
  "snrd_csf": 123.34526309400816,
  "snrd_gm": 41.00672120876568,
  "snrd_total": 73.63765969116172,
  "snrd_wm": 56.56099477071128,
  "spacing_x": 1.0,
  "spacing_y": 1.0,
  "spacing_z": 1.0,
  "summary_bg_k": 8.990609531765593,
  "summary_bg_mad": 11.581536868825957,
  "summary_bg_mean": 17.763199216862354,
  "summary_bg_median": 15.958039872348309,
  "summary_bg_n": 2717075.0,
  "summary_bg_p05": 2.6782724261283875,
  "summary_bg_p95": 40.50887044519186,
  "summary_bg_stdv": 12.60611472060309,
  "summary_csf_k": -1.2510552509153368,
  "summary_csf_mad": 2553.3979785227284,
  "summary_csf_mean": 2612.76714278502,
  "summary_csf_median": 2180.5043362639844,
  "summary_csf_n": 16114.0,
  "summary_csf_p05": 321.80001173354685,
  "summary_csf_p95": 5599.190754329786,
  "summary_csf_stdv": 1846.5573891049437,
  "summary_gm_k": 0.6563921824932883,
  "summary_gm_mad": 58.238585397524815,
  "summary_gm_mean": 723.9792628136372,
  "summary_gm_median": 724.9190700054169,
  "summary_gm_n": 115248.0,
  "summary_gm_p05": 618.0113623291254,
  "summary_gm_p95": 825.6890700384974,
  "summary_gm_stdv": 62.953962101577744,
  "summary_wm_k": 1.4768753296007695,
  "summary_wm_mad": 56.74953065724719,
  "summary_wm_mean": 1005.1106759575612,
  "summary_wm_median": 999.8883724212646,
  "summary_wm_n": 101278.0,
  "summary_wm_p05": 909.2734886705875,
  "summary_wm_p95": 1127.5526914000511,
  "summary_wm_stdv": 65.7747144244742,
  "tpm_overlap_csf": 0.11036267876625061,
  "tpm_overlap_gm": 0.43326041102409363,
  "tpm_overlap_wm": 0.39681750535964966,
  "wm2max": 0.19114666666666666
}