{
  "aor": 0.001385754716981132,
  "aqi": 0.0060546095283018865,
  "bids_meta": {
    "AcquisitionMatrixPE": 128,
    "AcquisitionNumber": 1,
    "AcquisitionTime": "16:43:13.810000",
    "BandwidthPerPixelPhaseEncode": 23.321,
    "BaseResolution": 128,
    "BodyPartExamined": "BRAIN",
    "ConsistencyInfo": "N4_VE11C_LATEST_20160120",
    "ConversionSoftware": "dcm2niix",
    "ConversionSoftwareVersion": "v1.0.20190902",
    "DerivedVendorReportedEchoSpacing": 0.000669997,
    "DeviceSerialNumber": "45239",
    "DwellTime": 2.2e-06,
    "EchoTime": 0.03,
    "EchoTrainLength": 63,
    "EffectiveEchoSpacing": 0.000334999,
    "FlipAngle": 80,
    "ImageComments": "Unaliased_MB4_PE4_LB",
    "ImageOrientationPatientDICOM": [
      1,
      0,
      0,
      0,
      1,
      0
    ],
    "ImageType": [
      "ORIGINAL",
      "PRIMARY",
      "M",
      "MB",
      "ND",
      "MOSAIC"
    ],
    "ImagingFrequency": 123.186,
    "InPlanePhaseEncodingDirectionDICOM": "COL",
    "InstitutionAddress": "E_24th_St._100_Austin_Southmiddle_US_78712",
    "InstitutionName": "The_Univ._of_Texas_at_Austin_IRC",
    "InstitutionalDepartmentName": "IRC",
    "MRAcquisitionType": "2D",
    "MagneticFieldStrength": 3,
    "Manufacturer": "Siemens",
    "ManufacturersModelName": "Skyra",
    "Modality": "MR",
    "MultibandAccelerationFactor": 4,
    "ParallelReductionFactorInPlane": 2,
    "PartialFourier": 1,
    "PatientPosition": "HFS",
    "PercentPhaseFOV": 100,
    "PhaseEncodingDirection": "j-",
    "PhaseEncodingSteps": 127,
    "PhaseResolution": 1,
    "PixelBandwidth": 1775,
    "ProcedureStepDescription": "Booth_Language",
    "ProtocolName": "Plaus1",
    "PulseSequenceDetails": "%CustomerSeq%_cmrr_mbep2d_bold",
    "ReceiveCoilActiveElements": "HC1-6",
    "ReceiveCoilName": "HeadNeck_64",
    "ReconMatrixPE": 128,
    "RefLinesPE": 58,
    "RepetitionTime": 1.25,
    "SAR": 0.2548,
    "ScanOptions": "FS",
    "ScanningSequence": "EP",
    "SequenceName": "epfid2d1_128",
    "SequenceVariant": "SK_SS",
    "SeriesDescription": "Plaus1",
    "SeriesNumber": 12,
    "ShiftedAquisitionDate": "1818-10-22",
    "ShimSetting": [
      -2774,
      7892,
      -15325,
      0,
      633,
      -907,
      -214,
      -53
    ],
    "SliceThickness": 2,
    "SliceTiming": [
      0,
      0.2625,
      0.5275,
      0.79,
      1.055,
      0.0875,
      0.3525,
      0.615,
      0.8775,
      1.1425,
      0.175,
      0.44,
      0.7025,
      0.9675,
      0,
      0.2625,
      0.5275,
      0.79,
      1.055,
      0.0875,
      0.3525,
      0.615,
      0.8775,
      1.1425,
      0.175,
      0.44,
      0.7025,
      0.9675,
      0,
      0.2625,
      0.5275,
      0.79,
      1.055,
      0.0875,
      0.3525,
      0.615,
      0.8775,
      1.1425,
      0.175,
      0.44,
      0.7025,
      0.9675,
      0,
      0.2625,
      0.5275,
      0.79,
      1.055,
      0.0875,
      0.3525,
      0.615,
      0.8775,
      1.1425,
      0.175,
      0.44,
      0.7025,
      0.9675
    ],
    "SoftwareVersions": "syngo_MR_E11",
    "SpacingBetweenSlices": 2,
    "StationName": "AWP45239",
    "TotalReadoutTime": 0.0425448,
    "TxRefAmp": 321.177,
    "WipMemBlock": "04dd104f-c37c-43c7-94d3-9728f786cc0b||Sequence: R016 ve11c/master r/e634e98; Dec 19 2017 11:00:25 by eja",
    "acq_id": "D2S12",
    "dataset": "ds003604",
    "modality": "bold",
    "run_id": 1,
    "session_id": "7",
    "subject_id": "5565",
    "task_id": "Plaus"
  },
  "dummy_trs": 0,
  "dvars_nstd": 37.05441609620855,
  "dvars_std": 1.0282036250710889,
  "dvars_vstd": 1.0046841120853078,
  "efc": 0.4034949039198178,
  "fber": 3325.765625,
  "fd_mean": 0.1865850199983975,
  "fd_num": 89,
  "fd_perc": 41.9811320754717,
  "fwhm_avg": 3.4354899999999997,
  "fwhm_x": 3.17278,
  "fwhm_y": 3.601775,
  "fwhm_z": 3.531915,
  "gcor": 0.00557334,
  "gsr_x": -0.01587190106511116,
  "gsr_y": 0.011537752114236355,
  "provenance": {
    "md5sum": "5f16bb7f786fc7a2c698b07fff1c98f5",
    "settings": {
      "fd_thres": 0.2,
      "testing": false
    },
    "software": "mriqc",
    "version": "23.0.1",
    "webapi_port": null,
    "webapi_url": "https://mriqc.nimh.nih.gov/api/v1"
  },
  "size_t": 212,
  "size_x": 128,
  "size_y": 128,
  "size_z": 56,
  "snr": 2.4092910867432566,
  "spacing_tr": 1.25,
  "spacing_x": 2.0,
  "spacing_y": 2.0,
  "spacing_z": 2.0,
  "summary_bg_k": 90.69719918702867,
  "summary_bg_mad": 2.9861841768852675,
  "summary_bg_mean": 20.626834869384766,
  "summary_bg_median": 11.372641563415527,
  "summary_bg_n": 687526.0,
  "summary_bg_p05": 8.731132507324219,
  "summary_bg_p95": 56.976417541503906,
  "summary_bg_stdv": 37.73860549926758,
  "summary_fg_k": 1.0270369160233148,
  "summary_fg_mad": 244.53846798649994,
  "summary_fg_mean": 703.4445190429688,
  "summary_fg_median": 656.7311401367188,
  "summary_fg_n": 131841.0,
  "summary_fg_p05": 361.66510009765625,
  "summary_fg_p95": 1246.4339599609375,
  "summary_fg_stdv": 272.5816955566406,
  "tsnr": 34.35825024172664
}