{
  "bids_meta": {
    "AcquisitionMatrixPE": 256,
    "AcquisitionNumber": 1,
    "AcquisitionTime": "09:42:7.040000",
    "BaseResolution": 256,
    "BodyPartExamined": "BRAIN",
    "ConsistencyInfo": "N4_VD13A_LATEST_20120616",
    "ConversionSoftware": "dcm2niix",
    "ConversionSoftwareVersion": "v1.0.20190902",
    "DeviceSerialNumber": "45239",
    "DwellTime": 1.09e-05,
    "EchoTime": 0.00243,
    "FlipAngle": 9,
    "ImageOrientationPatientDICOM": [
      0,
      1,
      0,
      0.0157074,
      0,
      -0.999877
    ],
    "ImageType": [
      "ORIGINAL",
      "PRIMARY",
      "M",
      "ND"
    ],
    "ImagingFrequency": 123.224,
    "InPlanePhaseEncodingDirectionDICOM": "ROW",
    "InstitutionAddress": "E_24th_St._100_Austin_Southmiddle_US_78712",
    "InstitutionName": "The_Univ._of_Texas_at_Austin_IRC",
    "InstitutionalDepartmentName": "IRC",
    "InversionTime": 0.9,
    "MRAcquisitionType": "3D",
    "MagneticFieldStrength": 3,
    "Manufacturer": "Siemens",
    "ManufacturersModelName": "Skyra",
    "Modality": "MR",
    "ParallelReductionFactorInPlane": 2,
    "PartialFourier": 1,
    "PatientPosition": "HFS",
    "PercentPhaseFOV": 100,
    "PhaseEncodingSteps": 255,
    "PhaseResolution": 1,
    "PixelBandwidth": 180,
    "ProcedureStepDescription": "Booth_Language",
    "ProtocolName": "MPRAGE",
    "PulseSequenceDetails": "%SiemensSeq%_tfl",
    "ReceiveCoilActiveElements": "HC1-7",
    "ReceiveCoilName": "HeadNeck_64",
    "ReconMatrixPE": 256,
    "RefLinesPE": 24,
    "RepetitionTime": 1.9,
    "SAR": 0.19874,
    "ScanOptions": "IR",
    "ScanningSequence": "GR_IR",
    "SequenceName": "_tfl3d1_16ns",
    "SequenceVariant": "SK_SP_MP",
    "SeriesDescription": "MPRAGE",
    "SeriesNumber": 2,
    "ShiftedAquisitionDate": "1815-03-27 00:00:00",
    "ShimSetting": [
      -2849,
      8022,
      -16018,
      -1233,
      -75,
      -527,
      -219,
      169
    ],
    "SliceThickness": 1,
    "SoftwareVersions": "syngo_MR_D13",
    "StationName": "AWP45239",
    "TxRefAmp": 320.86,
    "acq_id": "D1S2",
    "dataset": "ds003604",
    "modality": "T1w",
    "session_id": "5",
    "subject_id": "5045"
  },
  "cjv": 0.5366237684223174,
  "cnr": 1.862177372439088,
  "efc": 0.517040849923896,
  "fber": 2611.8487890624997,
  "fwhm_avg": 4.788083333333333,
  "fwhm_x": 4.66464,
  "fwhm_y": 4.86926,
  "fwhm_z": 4.83035,
  "icvs_csf": 0.12241061632288362,
  "icvs_gm": 0.49459777566893204,
  "icvs_wm": 0.3829916080081843,
  "inu_med": 1.5659570693969727,
  "inu_range": 1.253373968601227,
  "provenance": {
    "md5sum": "39271b45cd3d49efa52f2a0d01a93302",
    "settings": {
      "testing": false
    },
    "software": "mriqc",
    "version": "21.0.0rc2",
    "warnings": {
      "large_rot_frame": true,
      "small_air_mask": false
    },
    "webapi_port": null,
    "webapi_url": "https://mriqc.nimh.nih.gov/api/v1"
  },
  "qi_1": 0.0,
  "qi_2": 0.009174787886348198,
  "rpve_csf": 42.502402769293425,
  "rpve_gm": 11.423209683803766,
  "rpve_wm": 14.915849000029985,
  "size_x": 192,
  "size_y": 256,
  "size_z": 256,
  "snr_csf": 0.42993650142962603,
  "snr_gm": 12.917943106656583,
  "snr_total": 7.089910982664146,
  "snr_wm": 7.921853339906226,
  "snrd_csf": 41.29202378089376,
  "snrd_gm": 74.12103187004216,
  "snrd_total": 71.79474322075991,
  "snrd_wm": 99.9711740113438,
  "spacing_x": 1.0,
  "spacing_y": 1.0,
  "spacing_z": 1.0,
  "summary_bg_k": 2.873381074593401,
  "summary_bg_mad": 6.553882800224031,
  "summary_bg_mean": 13.17171619158479,
  "summary_bg_median": 13.16548191010952,
  "summary_bg_n": 1323043.0,
  "summary_bg_p05": 2.2102633863687515,
  "summary_bg_p95": 26.33096382021904,
  "summary_bg_stdv": 7.2404973034133615,
  "summary_csf_k": 5.246399441101914,
  "summary_csf_mad": 161.78117216639973,
  "summary_csf_mean": 804.1912373974568,
  "summary_csf_median": 413.07900723069906,
  "summary_csf_n": 12298.0,
  "summary_csf_p05": 252.16222286224365,
  "summary_csf_p95": 3210.936109945178,
  "summary_csf_stdv": 960.7516713639716,
  "summary_gm_k": 0.702577316682568,
  "summary_gm_mad": 56.13543094104931,
  "summary_gm_mean": 741.8508296122399,
  "summary_gm_median": 741.4953169226646,
  "summary_gm_n": 86529.0,
  "summary_gm_p05": 649.144746735692,
  "summary_gm_p95": 834.8068711906672,
  "summary_gm_stdv": 57.40008499221334,
  "summary_wm_k": 2.3854485595113575,
  "summary_wm_mad": 82.63591356804213,
  "summary_wm_mean": 1038.8301119731257,
  "summary_wm_median": 1000.0961331278086,
  "summary_wm_n": 116117.0,
  "summary_wm_p05": 906.4001852273941,
  "summary_wm_p95": 1314.1649504899976,
  "summary_wm_stdv": 126.24467833365881,
  "tpm_overlap_csf": 0.1451331228017807,
  "tpm_overlap_gm": 0.43294185400009155,
  "tpm_overlap_wm": 0.36896947026252747,
  "wm2max": 0.2351864406779661
}