{
  "aor": 0.019904620253164557,
  "aqi": 0.019774408544303797,
  "bids_meta": {
    "AcquisitionMatrixPE": 128,
    "AcquisitionNumber": 1,
    "AcquisitionTime": "10:09:27.517500",
    "BandwidthPerPixelPhaseEncode": 23.321,
    "BaseResolution": 128,
    "BodyPartExamined": "BRAIN",
    "ConsistencyInfo": "N4_VE11A_LATEST_20140830",
    "ConversionSoftware": "dcm2niix",
    "ConversionSoftwareVersion": "v1.0.20190902",
    "DerivedVendorReportedEchoSpacing": 0.000669997,
    "DeviceSerialNumber": "45239",
    "DwellTime": 2.2e-06,
    "EchoTime": 0.03,
    "EchoTrainLength": 63,
    "EffectiveEchoSpacing": 0.000334999,
    "FlipAngle": 80,
    "ImageComments": "Unaliased_MB4_PE4_LB",
    "ImageOrientationPatientDICOM": [
      1,
      0,
      0,
      0,
      1,
      0
    ],
    "ImageType": [
      "ORIGINAL",
      "PRIMARY",
      "M",
      "MB",
      "ND",
      "MOSAIC"
    ],
    "ImagingFrequency": 123.224,
    "InPlanePhaseEncodingDirectionDICOM": "COL",
    "InstitutionAddress": "E_24th_St._100_Austin_Southmiddle_US_78712",
    "InstitutionName": "The_Univ._of_Texas_at_Austin_IRC",
    "InstitutionalDepartmentName": "IRC",
    "MRAcquisitionType": "2D",
    "MagneticFieldStrength": 3,
    "Manufacturer": "Siemens",
    "ManufacturersModelName": "Skyra",
    "Modality": "MR",
    "MultibandAccelerationFactor": 4,
    "ParallelReductionFactorInPlane": 2,
    "PartialFourier": 1,
    "PatientPosition": "HFS",
    "PercentPhaseFOV": 100,
    "PhaseEncodingDirection": "j-",
    "PhaseEncodingSteps": 127,
    "PhaseResolution": 1,
    "PixelBandwidth": 1775,
    "ProcedureStepDescription": "Booth_Language",
    "ProtocolName": "Phon1",
    "PulseSequenceDetails": "%CustomerSeq%_cmrr_mbep2d_bold",
    "ReceiveCoilActiveElements": "HC1-6",
    "ReceiveCoilName": "HeadNeck_64",
    "ReconMatrixPE": 128,
    "RefLinesPE": 58,
    "RepetitionTime": 1.25,
    "SAR": 0.544884,
    "ScanOptions": "FS",
    "ScanningSequence": "EP",
    "SequenceName": "epfid2d1_128",
    "SequenceVariant": "SK_SS",
    "SeriesDescription": "Phon1",
    "SeriesNumber": 9,
    "ShiftedAquisitionDate": "1816-08-30",
    "ShimSetting": [
      -2919,
      8077,
      -15524,
      -1029,
      -142,
      -363,
      -496,
      -29
    ],
    "SliceThickness": 2,
    "SliceTiming": [
      0,
      0.265,
      0.5275,
      0.79,
      1.055,
      0.0875,
      0.3525,
      0.615,
      0.88,
      1.1425,
      0.175,
      0.44,
      0.7025,
      0.9675,
      0,
      0.265,
      0.5275,
      0.79,
      1.055,
      0.0875,
      0.3525,
      0.615,
      0.88,
      1.1425,
      0.175,
      0.44,
      0.7025,
      0.9675,
      0,
      0.265,
      0.5275,
      0.79,
      1.055,
      0.0875,
      0.3525,
      0.615,
      0.88,
      1.1425,
      0.175,
      0.44,
      0.7025,
      0.9675,
      0,
      0.265,
      0.5275,
      0.79,
      1.055,
      0.0875,
      0.3525,
      0.615,
      0.88,
      1.1425,
      0.175,
      0.44,
      0.7025,
      0.9675
    ],
    "SoftwareVersions": "syngo_MR_E11",
    "SpacingBetweenSlices": 2,
    "StationName": "AWP45239",
    "TotalReadoutTime": 0.0425448,
    "TxRefAmp": 321.989,
    "WipMemBlock": "a621e8f0-8f49-4bce-a5ff-251324bb81df||Sequence: ve11a/master r/fabf655; Jul 21 2016 12:54:08 by eja",
    "acq_id": "D1S9",
    "dataset": "ds003604",
    "modality": "bold",
    "run_id": 1,
    "session_id": "7",
    "subject_id": "5312",
    "task_id": "Phon"
  },
  "dummy_trs": 0,
  "dvars_nstd": 70.85705809382164,
  "dvars_std": 1.1959276647770707,
  "dvars_vstd": 1.13633349299363,
  "efc": 0.41600491426202113,
  "fber": 1604.8551025390625,
  "fd_mean": 0.5479023797097071,
  "fd_num": 118,
  "fd_perc": 74.68354430379746,
  "fwhm_avg": 3.624456666666667,
  "fwhm_x": 3.29257,
  "fwhm_y": 3.65163,
  "fwhm_z": 3.92917,
  "gcor": 0.0881814,
  "gsr_x": -0.020851794630289078,
  "gsr_y": 0.019249970093369484,
  "provenance": {
    "md5sum": "922bf03d382f1fa0973fce0d355148d8",
    "settings": {
      "fd_thres": 0.2,
      "testing": false
    },
    "software": "mriqc",
    "version": "23.0.1",
    "webapi_port": null,
    "webapi_url": "https://mriqc.nimh.nih.gov/api/v1"
  },
  "size_t": 158,
  "size_x": 128,
  "size_y": 128,
  "size_z": 56,
  "snr": 2.1801681138765954,
  "spacing_tr": 1.25,
  "spacing_x": 2.0,
  "spacing_y": 2.0,
  "spacing_z": 2.0,
  "summary_bg_k": 75.66780413191776,
  "summary_bg_mad": 2.5523285857411158,
  "summary_bg_mean": 26.6136531829834,
  "summary_bg_median": 15.582279205322266,
  "summary_bg_n": 689614.0,
  "summary_bg_p05": 13.398734092712402,
  "summary_bg_p95": 69.2088623046875,
  "summary_bg_stdv": 45.63467788696289,
  "summary_fg_k": 1.9167446537990225,
  "summary_fg_mad": 238.00462082548384,
  "summary_fg_mean": 692.2120971679688,
  "summary_fg_median": 629.3797607421875,
  "summary_fg_n": 128007.0,
  "summary_fg_p05": 357.15761108398436,
  "summary_fg_p95": 1279.6563354492187,
  "summary_fg_stdv": 288.68292236328125,
  "tsnr": 19.34209943865426
}