{
  "aor": 0.0025624683544303796,
  "aqi": 0.007443643481012658,
  "bids_meta": {
    "AcquisitionMatrixPE": 128,
    "AcquisitionNumber": 1,
    "AcquisitionTime": "09:58:24.192500",
    "BandwidthPerPixelPhaseEncode": 23.321,
    "BaseResolution": 128,
    "BodyPartExamined": "BRAIN",
    "ConsistencyInfo": "N4_VE11A_LATEST_20140830",
    "ConversionSoftware": "dcm2niix",
    "ConversionSoftwareVersion": "v1.0.20190902",
    "DerivedVendorReportedEchoSpacing": 0.000669997,
    "DeviceSerialNumber": "45239",
    "DwellTime": 2.2e-06,
    "EchoTime": 0.03,
    "EchoTrainLength": 63,
    "EffectiveEchoSpacing": 0.000334999,
    "FlipAngle": 80,
    "ImageComments": "Unaliased_MB4_PE4_LB",
    "ImageOrientationPatientDICOM": [
      1,
      0,
      0,
      0,
      1,
      0
    ],
    "ImageType": [
      "ORIGINAL",
      "PRIMARY",
      "M",
      "MB",
      "ND",
      "MOSAIC"
    ],
    "ImagingFrequency": 123.224,
    "InPlanePhaseEncodingDirectionDICOM": "COL",
    "InstitutionAddress": "E_24th_St._100_Austin_Southmiddle_US_78712",
    "InstitutionName": "The_Univ._of_Texas_at_Austin_IRC",
    "InstitutionalDepartmentName": "IRC",
    "MRAcquisitionType": "2D",
    "MagneticFieldStrength": 3,
    "Manufacturer": "Siemens",
    "ManufacturersModelName": "Skyra",
    "Modality": "MR",
    "MultibandAccelerationFactor": 4,
    "ParallelReductionFactorInPlane": 2,
    "PartialFourier": 1,
    "PatientPosition": "HFS",
    "PercentPhaseFOV": 100,
    "PhaseEncodingDirection": "j-",
    "PhaseEncodingSteps": 127,
    "PhaseResolution": 1,
    "PixelBandwidth": 1775,
    "ProcedureStepDescription": "Booth_Language",
    "ProtocolName": "SEM2",
    "PulseSequenceDetails": "%CustomerSeq%_cmrr_mbep2d_bold",
    "ReceiveCoilActiveElements": "HC1-6",
    "ReceiveCoilName": "HeadNeck_64",
    "ReconMatrixPE": 128,
    "RefLinesPE": 58,
    "RepetitionTime": 1.25,
    "SAR": 0.272168,
    "ScanOptions": "FS",
    "ScanningSequence": "EP",
    "SequenceName": "epfid2d1_128",
    "SequenceVariant": "SK_SS",
    "SeriesDescription": "SEM2",
    "SeriesNumber": 4,
    "ShiftedAquisitionDate": "1816-09-21",
    "ShimSetting": [
      -2916,
      7964,
      -15427,
      -801,
      -286,
      -46,
      -58,
      -250
    ],
    "SliceThickness": 2,
    "SliceTiming": [
      0,
      0.2625,
      0.5275,
      0.79,
      1.055,
      0.0875,
      0.35,
      0.615,
      0.8775,
      1.1425,
      0.175,
      0.44,
      0.7025,
      0.965,
      0,
      0.2625,
      0.5275,
      0.79,
      1.055,
      0.0875,
      0.35,
      0.615,
      0.8775,
      1.1425,
      0.175,
      0.44,
      0.7025,
      0.965,
      0,
      0.2625,
      0.5275,
      0.79,
      1.055,
      0.0875,
      0.35,
      0.615,
      0.8775,
      1.1425,
      0.175,
      0.44,
      0.7025,
      0.965,
      0,
      0.2625,
      0.5275,
      0.79,
      1.055,
      0.0875,
      0.35,
      0.615,
      0.8775,
      1.1425,
      0.175,
      0.44,
      0.7025,
      0.965
    ],
    "SoftwareVersions": "syngo_MR_E11",
    "SpacingBetweenSlices": 2,
    "StationName": "AWP45239",
    "TotalReadoutTime": 0.0425448,
    "TxRefAmp": 331.095,
    "WipMemBlock": "23980647-6bf8-4b92-b08a-b25bc2775194||Sequence: ve11a/master r/fabf655; Jul 21 2016 12:54:08 by eja",
    "acq_id": "D2S4",
    "dataset": "ds003604",
    "modality": "bold",
    "run_id": 2,
    "session_id": "7",
    "subject_id": "5312",
    "task_id": "Sem"
  },
  "dummy_trs": 0,
  "dvars_nstd": 53.644730658598704,
  "dvars_std": 1.1302503861783444,
  "dvars_vstd": 1.0390788885350322,
  "efc": 0.4243145495741647,
  "fber": 1478.850830078125,
  "fd_mean": 0.2760613910305328,
  "fd_num": 106,
  "fd_perc": 67.0886075949367,
  "fwhm_avg": 3.47667,
  "fwhm_x": 3.224115,
  "fwhm_y": 3.521535,
  "fwhm_z": 3.68436,
  "gcor": 0.00791141,
  "gsr_x": -0.018916431814432144,
  "gsr_y": 0.011370250955224037,
  "provenance": {
    "md5sum": "c27f2553f62fe948e842a370e8fa22c5",
    "settings": {
      "fd_thres": 0.2,
      "testing": false
    },
    "software": "mriqc",
    "version": "23.0.1",
    "webapi_port": null,
    "webapi_url": "https://mriqc.nimh.nih.gov/api/v1"
  },
  "size_t": 158,
  "size_x": 128,
  "size_y": 128,
  "size_z": 56,
  "snr": 2.1581910086023397,
  "spacing_tr": 1.25,
  "spacing_x": 2.0,
  "spacing_y": 2.0,
  "spacing_z": 2.0,
  "summary_bg_k": 70.02309819912927,
  "summary_bg_mad": 2.6180136373376586,
  "summary_bg_mean": 26.43123435974121,
  "summary_bg_median": 15.740507125854492,
  "summary_bg_n": 681898.0,
  "summary_bg_p05": 13.620253562927246,
  "summary_bg_p95": 67.88607788085938,
  "summary_bg_stdv": 43.60153579711914,
  "summary_fg_k": 2.814576286969092,
  "summary_fg_mad": 223.03779486528168,
  "summary_fg_mean": 671.0537719726562,
  "summary_fg_median": 609.2025756835938,
  "summary_fg_n": 135283.0,
  "summary_fg_p05": 349.3044372558594,
  "summary_fg_p95": 1243.6322998046874,
  "summary_fg_stdv": 282.2735900878906,
  "tsnr": 29.703482043289114
}