{
  "bids_meta": {
    "AcquisitionMatrixPE": 256,
    "AcquisitionNumber": 1,
    "AcquisitionTime": "14:15:33.405000",
    "BaseResolution": 256,
    "BodyPartExamined": "BRAIN",
    "ConsistencyInfo": "N4_VE11A_LATEST_20140830",
    "ConversionSoftware": "dcm2niix",
    "ConversionSoftwareVersion": "v1.0.20190902",
    "DeviceSerialNumber": "45239",
    "DwellTime": 1.09e-05,
    "EchoTime": 0.00243,
    "FlipAngle": 9,
    "ImageOrientationPatientDICOM": [
      0,
      1,
      0,
      0,
      0,
      -1
    ],
    "ImageType": [
      "ORIGINAL",
      "PRIMARY",
      "M",
      "ND"
    ],
    "ImagingFrequency": 123.224,
    "InPlanePhaseEncodingDirectionDICOM": "ROW",
    "InstitutionAddress": "E_24th_St._100_Austin_Southmiddle_US_78712",
    "InstitutionName": "The_Univ._of_Texas_at_Austin_IRC",
    "InstitutionalDepartmentName": "IRC",
    "InversionTime": 0.9,
    "MRAcquisitionType": "3D",
    "MagneticFieldStrength": 3,
    "Manufacturer": "Siemens",
    "ManufacturersModelName": "Skyra",
    "Modality": "MR",
    "ParallelReductionFactorInPlane": 2,
    "PartialFourier": 1,
    "PatientPosition": "HFS",
    "PercentPhaseFOV": 100,
    "PhaseEncodingSteps": 255,
    "PhaseResolution": 1,
    "PixelBandwidth": 180,
    "ProcedureStepDescription": "Booth_Language",
    "ProtocolName": "MPRAGE",
    "PulseSequenceDetails": "%SiemensSeq%_tfl",
    "ReceiveCoilActiveElements": "HC1-6",
    "ReceiveCoilName": "HeadNeck_64",
    "ReconMatrixPE": 256,
    "RefLinesPE": 24,
    "RepetitionTime": 1.9,
    "SAR": 0.253406,
    "ScanOptions": "IR",
    "ScanningSequence": "GR_IR",
    "SequenceName": "_tfl3d1_16ns",
    "SequenceVariant": "SK_SP_MP",
    "SeriesDescription": "MPRAGE",
    "SeriesNumber": 2,
    "ShiftedAquisitionDate": "1816-02-23 00:00:00",
    "ShimSetting": [
      -2849,
      8022,
      -16018,
      -1233,
      -75,
      -527,
      -219,
      169
    ],
    "SliceThickness": 1,
    "SoftwareVersions": "syngo_MR_E11",
    "StationName": "AWP45239",
    "TxRefAmp": 333.187,
    "acq_id": "D1S2",
    "dataset": "ds003604",
    "modality": "T1w",
    "session_id": "5",
    "subject_id": "5193"
  },
  "cjv": 0.36239977173231963,
  "cnr": 3.7311848263070853,
  "efc": 0.535828490240988,
  "fber": -1.0,
  "fwhm_avg": 5.983663333333333,
  "fwhm_x": 6.18159,
  "fwhm_y": 5.20707,
  "fwhm_z": 6.56233,
  "icvs_csf": 0.0981214240924834,
  "icvs_gm": 0.532871280005909,
  "icvs_wm": 0.36900729590160763,
  "inu_med": 0.8792033791542053,
  "inu_range": 1.1540771365165716,
  "provenance": {
    "md5sum": "22f33ec99c5a4c5c8fbfd2ca2258081c",
    "settings": {
      "testing": false
    },
    "software": "mriqc",
    "version": "22.0.6",
    "warnings": {
      "large_rot_frame": true,
      "small_air_mask": false
    },
    "webapi_port": null,
    "webapi_url": "https://mriqc.nimh.nih.gov/api/v1"
  },
  "qi_1": 0.0,
  "qi_2": 0.0032229550919040824,
  "rpve_csf": 61.7813761992002,
  "rpve_gm": 13.297152933632574,
  "rpve_wm": 18.471869277446423,
  "size_x": 192,
  "size_y": 256,
  "size_z": 256,
  "snr_csf": 1.860118179209191,
  "snr_gm": 17.48445175256136,
  "snr_total": 13.069658877916558,
  "snr_wm": 19.86440670197912,
  "snrd_csf": 22.83771496394076,
  "snrd_gm": 48.39182530774345,
  "snrd_total": 45.242231510703874,
  "snrd_wm": 64.49715426042741,
  "spacing_x": 1.0,
  "spacing_y": 1.0,
  "spacing_z": 1.0,
  "summary_bg_k": 11.723746186881643,
  "summary_bg_mad": 0.0,
  "summary_bg_mean": 5.462043816472802,
  "summary_bg_median": 0.0,
  "summary_bg_n": 2064313.0,
  "summary_bg_p05": 0.0,
  "summary_bg_p95": 26.350954458117485,
  "summary_bg_stdv": 10.158144710987157,
  "summary_csf_k": 9.795042985230616,
  "summary_csf_mad": 122.75112880820589,
  "summary_csf_mean": 387.45418689143185,
  "summary_csf_median": 354.107653722167,
  "summary_csf_n": 9848.0,
  "summary_csf_p05": 161.72430609315634,
  "summary_csf_p95": 656.029193072766,
  "summary_csf_stdv": 190.35869793928106,
  "summary_gm_k": 0.06115845304106893,
  "summary_gm_mad": 42.63402666159766,
  "summary_gm_mean": 750.7558360871199,
  "summary_gm_median": 750.3340744078159,
  "summary_gm_n": 90618.0,
  "summary_gm_p05": 680.5280976891518,
  "summary_gm_p95": 821.4763064235449,
  "summary_gm_stdv": 42.91412421281585,
  "summary_wm_k": 0.5146055813139063,
  "summary_wm_mad": 47.86422324090146,
  "summary_wm_mean": 1003.0988253671215,
  "summary_wm_median": 1000.0534643232822,
  "summary_wm_n": 138285.0,
  "summary_wm_p05": 925.9714706540108,
  "summary_wm_p95": 1090.3308721929789,
  "summary_wm_stdv": 50.34380655842296,
  "tpm_overlap_csf": 0.12790794746999595,
  "tpm_overlap_gm": 0.47881394219191464,
  "tpm_overlap_wm": 0.447568874130589,
  "wm2max": 0.369371979487037
}