{
  "aor": 0.0007013291139240506,
  "aqi": 0.0047991678481012654,
  "bids_meta": {
    "AcquisitionMatrixPE": 128,
    "AcquisitionNumber": 1,
    "AcquisitionTime": "10:38:24.512500",
    "BandwidthPerPixelPhaseEncode": 23.321,
    "BaseResolution": 128,
    "BodyPartExamined": "BRAIN",
    "ConsistencyInfo": "N4_VE11C_LATEST_20160120",
    "ConversionSoftware": "dcm2niix",
    "ConversionSoftwareVersion": "v1.0.20190902",
    "DerivedVendorReportedEchoSpacing": 0.000669997,
    "DeviceSerialNumber": "45239",
    "DwellTime": 2.2e-06,
    "EchoTime": 0.03,
    "EchoTrainLength": 63,
    "EffectiveEchoSpacing": 0.000334999,
    "FlipAngle": 80,
    "ImageComments": "Unaliased_MB4_PE4_LB",
    "ImageOrientationPatientDICOM": [
      1,
      0,
      0,
      0,
      1,
      0
    ],
    "ImageType": [
      "ORIGINAL",
      "PRIMARY",
      "M",
      "MB",
      "ND",
      "MOSAIC"
    ],
    "ImagingFrequency": 123.186,
    "InPlanePhaseEncodingDirectionDICOM": "COL",
    "InstitutionAddress": "E_24th_St._100_Austin_Southmiddle_US_78712",
    "InstitutionName": "The_Univ._of_Texas_at_Austin_IRC",
    "InstitutionalDepartmentName": "IRC",
    "MRAcquisitionType": "2D",
    "MagneticFieldStrength": 3,
    "Manufacturer": "Siemens",
    "ManufacturersModelName": "Skyra",
    "Modality": "MR",
    "MultibandAccelerationFactor": 4,
    "ParallelReductionFactorInPlane": 2,
    "PartialFourier": 1,
    "PatientPosition": "HFS",
    "PercentPhaseFOV": 100,
    "PhaseEncodingDirection": "j-",
    "PhaseEncodingSteps": 127,
    "PhaseResolution": 1,
    "PixelBandwidth": 1775,
    "ProcedureStepDescription": "Booth_Language",
    "ProtocolName": "SEM1",
    "PulseSequenceDetails": "%CustomerSeq%_cmrr_mbep2d_bold",
    "ReceiveCoilActiveElements": "HC1-6",
    "ReceiveCoilName": "HeadNeck_64",
    "ReconMatrixPE": 128,
    "RefLinesPE": 58,
    "RepetitionTime": 1.25,
    "SAR": 0.1631,
    "ScanOptions": "FS",
    "ScanningSequence": "EP",
    "SequenceName": "epfid2d1_128",
    "SequenceVariant": "SK_SS",
    "SeriesDescription": "SEM1",
    "SeriesNumber": 6,
    "ShiftedAquisitionDate": "1818-12-26",
    "ShimSetting": [
      -2728,
      7894,
      -15441,
      147,
      553,
      -676,
      -422,
      -165
    ],
    "SliceThickness": 2,
    "SliceTiming": [
      0,
      0.2625,
      0.5275,
      0.79,
      1.0525,
      0.0875,
      0.35,
      0.615,
      0.8775,
      1.1425,
      0.175,
      0.4375,
      0.7025,
      0.965,
      0,
      0.2625,
      0.5275,
      0.79,
      1.0525,
      0.0875,
      0.35,
      0.615,
      0.8775,
      1.1425,
      0.175,
      0.4375,
      0.7025,
      0.965,
      0,
      0.2625,
      0.5275,
      0.79,
      1.0525,
      0.0875,
      0.35,
      0.615,
      0.8775,
      1.1425,
      0.175,
      0.4375,
      0.7025,
      0.965,
      0,
      0.2625,
      0.5275,
      0.79,
      1.0525,
      0.0875,
      0.35,
      0.615,
      0.8775,
      1.1425,
      0.175,
      0.4375,
      0.7025,
      0.965
    ],
    "SoftwareVersions": "syngo_MR_E11",
    "SpacingBetweenSlices": 2,
    "StationName": "AWP45239",
    "TotalReadoutTime": 0.0425448,
    "TxRefAmp": 334.581,
    "WipMemBlock": "064c8996-4255-41b8-b22e-38c403c887c5||Sequence: R016 ve11c/master r/e634e98; Dec 19 2017 11:00:25 by eja",
    "acq_id": "D2S6",
    "dataset": "ds003604",
    "modality": "bold",
    "run_id": 1,
    "session_id": "7",
    "subject_id": "5553",
    "task_id": "Sem"
  },
  "dummy_trs": 0,
  "dvars_nstd": 42.806219865923545,
  "dvars_std": 1.1209875520382169,
  "dvars_vstd": 1.0162392839490448,
  "efc": 0.4379954252698401,
  "fber": 2753.81103515625,
  "fd_mean": 0.15182018092808314,
  "fd_num": 30,
  "fd_perc": 18.9873417721519,
  "fwhm_avg": 3.244706666666667,
  "fwhm_x": 3.002925,
  "fwhm_y": 3.456275,
  "fwhm_z": 3.27492,
  "gcor": 0.0086572,
  "gsr_x": -0.01844542846083641,
  "gsr_y": 0.02519058994948864,
  "provenance": {
    "md5sum": "3bb896c06ae7d3dd0f7d7e8a1fd82b82",
    "settings": {
      "fd_thres": 0.2,
      "testing": false
    },
    "software": "mriqc",
    "version": "23.0.1",
    "webapi_port": null,
    "webapi_url": "https://mriqc.nimh.nih.gov/api/v1"
  },
  "size_t": 158,
  "size_x": 128,
  "size_y": 128,
  "size_z": 56,
  "snr": 2.6596052592048167,
  "spacing_tr": 1.25,
  "spacing_x": 2.0,
  "spacing_y": 2.0,
  "spacing_z": 2.0,
  "summary_bg_k": 56.67644638132637,
  "summary_bg_mad": 4.250751500727178,
  "summary_bg_mean": 28.65929412841797,
  "summary_bg_median": 12.841772079467773,
  "summary_bg_n": 669236.0,
  "summary_bg_p05": 9.632911682128906,
  "summary_bg_p95": 96.41139221191406,
  "summary_bg_stdv": 60.873775482177734,
  "summary_fg_k": 0.3594360418862306,
  "summary_fg_mad": 260.84417405988904,
  "summary_fg_mean": 713.7320556640625,
  "summary_fg_median": 680.9937133789062,
  "summary_fg_n": 142624.0,
  "summary_fg_p05": 364.8553833007812,
  "summary_fg_p95": 1178.7240966796876,
  "summary_fg_stdv": 256.0497741699219,
  "tsnr": 37.914657888468355
}