{
  "bids_meta": {
    "AcquisitionMatrixPE": 256,
    "AcquisitionNumber": 1,
    "AcquisitionTime": "14:07:36.880000",
    "BaseResolution": 256,
    "BodyPartExamined": "BRAIN",
    "ConsistencyInfo": "N4_VE11A_LATEST_20140830",
    "ConversionSoftware": "dcm2niix",
    "ConversionSoftwareVersion": "v1.0.20190902",
    "DeviceSerialNumber": "45239",
    "DwellTime": 1.09e-05,
    "EchoTime": 0.00243,
    "FlipAngle": 9,
    "ImageOrientationPatientDICOM": [
      0,
      1,
      0,
      0,
      0,
      -1
    ],
    "ImageType": [
      "ORIGINAL",
      "PRIMARY",
      "M",
      "ND"
    ],
    "ImagingFrequency": 123.225,
    "InPlanePhaseEncodingDirectionDICOM": "ROW",
    "InstitutionAddress": "E_24th_St._100_Austin_Southmiddle_US_78712",
    "InstitutionName": "The_Univ._of_Texas_at_Austin_IRC",
    "InstitutionalDepartmentName": "IRC",
    "InversionTime": 0.9,
    "MRAcquisitionType": "3D",
    "MagneticFieldStrength": 3,
    "Manufacturer": "Siemens",
    "ManufacturersModelName": "Skyra",
    "Modality": "MR",
    "ParallelReductionFactorInPlane": 2,
    "PartialFourier": 1,
    "PatientPosition": "HFS",
    "PercentPhaseFOV": 100,
    "PhaseEncodingSteps": 255,
    "PhaseResolution": 1,
    "PixelBandwidth": 180,
    "ProcedureStepDescription": "Booth_Language",
    "ProtocolName": "MPRAGE",
    "PulseSequenceDetails": "%SiemensSeq%_tfl",
    "ReceiveCoilActiveElements": "HC1-6",
    "ReceiveCoilName": "HeadNeck_64",
    "ReconMatrixPE": 256,
    "RefLinesPE": 24,
    "RepetitionTime": 1.9,
    "SAR": 0.201971,
    "ScanOptions": "IR",
    "ScanningSequence": "GR_IR",
    "SequenceName": "_tfl3d1_16ns",
    "SequenceVariant": "SK_SP_MP",
    "SeriesDescription": "MPRAGE",
    "SeriesNumber": 12,
    "ShiftedAquisitionDate": "1816-10-06 00:00:00",
    "ShimSetting": [
      -2849,
      8055,
      -15936,
      -670,
      286,
      -583,
      -301,
      11
    ],
    "SliceThickness": 1,
    "SoftwareVersions": "syngo_MR_E11",
    "StationName": "AWP45239",
    "TxRefAmp": 357.921,
    "acq_id": "D2S12",
    "dataset": "ds003604",
    "modality": "T1w",
    "session_id": "7",
    "subject_id": "5154"
  },
  "cjv": 0.47742004275012484,
  "cnr": 2.8092344298609766,
  "efc": 0.5117811863139439,
  "fber": -1.0,
  "fwhm_avg": 4.90364,
  "fwhm_x": 5.17569,
  "fwhm_y": 4.6215,
  "fwhm_z": 4.91373,
  "icvs_csf": 0.14037031255183843,
  "icvs_gm": 0.4601687514343306,
  "icvs_wm": 0.399460936013831,
  "inu_med": 1.000913381576538,
  "inu_range": 1.2604191601276398,
  "provenance": {
    "md5sum": "9fa12e249f6b0bc79bcd35393284844d",
    "settings": {
      "testing": false
    },
    "software": "mriqc",
    "version": "22.0.6",
    "warnings": {
      "large_rot_frame": true,
      "small_air_mask": false
    },
    "webapi_port": null,
    "webapi_url": "https://mriqc.nimh.nih.gov/api/v1"
  },
  "qi_1": 0.0,
  "qi_2": 0.003827290612602406,
  "rpve_csf": 40.70875884185867,
  "rpve_gm": 13.54250892476367,
  "rpve_wm": 16.2748366546347,
  "size_x": 192,
  "size_y": 256,
  "size_z": 256,
  "snr_csf": 2.137809804925765,
  "snr_gm": 15.992980668832688,
  "snr_total": 10.86975097191704,
  "snr_wm": 14.478462441992665,
  "snrd_csf": 18.897497391825855,
  "snrd_gm": 40.31183847412391,
  "snrd_total": 37.37630489869465,
  "snrd_wm": 52.919578830134185,
  "spacing_x": 1.0,
  "spacing_y": 1.0,
  "spacing_z": 1.0,
  "summary_bg_k": 4.667505903731567,
  "summary_bg_mad": 0.0,
  "summary_bg_mean": 6.7914046415272775,
  "summary_bg_median": 0.0,
  "summary_bg_n": 2140112.0,
  "summary_bg_p05": 0.0,
  "summary_bg_p95": 30.849928721785545,
  "summary_bg_stdv": 12.38094965804543,
  "summary_csf_k": 13.231344511655358,
  "summary_csf_mad": 100.30763536929237,
  "summary_csf_mean": 369.8676378510421,
  "summary_csf_median": 357.130154684186,
  "summary_csf_n": 14273.0,
  "summary_csf_p05": 139.66927383840084,
  "summary_csf_p95": 605.849925842881,
  "summary_csf_stdv": 167.0483702302596,
  "summary_gm_k": 0.10829091384614387,
  "summary_gm_mad": 47.05627572514767,
  "summary_gm_mean": 761.9149888421913,
  "summary_gm_median": 761.8243205100298,
  "summary_gm_n": 47234.0,
  "summary_gm_p05": 683.5881900340319,
  "summary_gm_p95": 839.5270228236914,
  "summary_gm_stdv": 47.634413614228386,
  "summary_wm_k": 0.38389826715029507,
  "summary_wm_mad": 66.69600985132975,
  "summary_wm_mean": 1009.5018834112111,
  "summary_wm_median": 1000.0888996869326,
  "summary_wm_n": 152356.0,
  "summary_wm_p05": 914.2069655507803,
  "summary_wm_p95": 1140.6472204625607,
  "summary_wm_stdv": 69.07402091963868,
  "tpm_overlap_csf": 0.13811645159576383,
  "tpm_overlap_gm": 0.4711266064577648,
  "tpm_overlap_wm": 0.4443185080636239,
  "wm2max": 0.2575025752546641
}