{
  "bids_meta": {
    "AcquisitionMatrixPE": 256,
    "AcquisitionNumber": 1,
    "AcquisitionTime": "14:09:45.255000",
    "BaseResolution": 256,
    "BodyPartExamined": "BRAIN",
    "ConsistencyInfo": "N4_VE11C_LATEST_20160120",
    "ConversionSoftware": "dcm2niix",
    "ConversionSoftwareVersion": "v1.0.20190902",
    "DeviceSerialNumber": "45239",
    "DwellTime": 1.09e-05,
    "EchoTime": 0.00243,
    "FlipAngle": 9,
    "ImageOrientationPatientDICOM": [
      0,
      1,
      0,
      0,
      0,
      -1
    ],
    "ImageType": [
      "ORIGINAL",
      "PRIMARY",
      "M",
      "ND"
    ],
    "ImagingFrequency": 123.186,
    "InPlanePhaseEncodingDirectionDICOM": "ROW",
    "InstitutionAddress": "E_24th_St._100_Austin_Southmiddle_US_78712",
    "InstitutionName": "The_Univ._of_Texas_at_Austin_IRC",
    "InstitutionalDepartmentName": "IRC",
    "InversionTime": 0.9,
    "MRAcquisitionType": "3D",
    "MagneticFieldStrength": 3,
    "Manufacturer": "Siemens",
    "ManufacturersModelName": "Skyra",
    "Modality": "MR",
    "ParallelReductionFactorInPlane": 2,
    "PartialFourier": 1,
    "PatientPosition": "HFS",
    "PercentPhaseFOV": 100,
    "PhaseEncodingSteps": 255,
    "PhaseResolution": 1,
    "PixelBandwidth": 180,
    "ProcedureStepDescription": "Booth_Language",
    "ProtocolName": "MPRAGE",
    "PulseSequenceDetails": "%SiemensSeq%_tfl",
    "ReceiveCoilActiveElements": "HC1-6",
    "ReceiveCoilName": "HeadNeck_64",
    "ReconMatrixPE": 256,
    "RefLinesPE": 24,
    "RepetitionTime": 1.9,
    "SAR": 0.197973,
    "ScanOptions": "IR",
    "ScanningSequence": "GR_IR",
    "SequenceName": "_tfl3d1_16ns",
    "SequenceVariant": "SK_SP_MP",
    "SeriesDescription": "MPRAGE",
    "SeriesNumber": 2,
    "ShiftedAquisitionDate": "1818-12-31 00:00:00",
    "ShimSetting": [
      -2727,
      7934,
      -15901,
      -500,
      562,
      -716,
      -526,
      132
    ],
    "SliceThickness": 1,
    "SoftwareVersions": "syngo_MR_E11",
    "StationName": "AWP45239",
    "TxRefAmp": 329.652,
    "acq_id": "D1S2",
    "dataset": "ds003604",
    "modality": "T1w",
    "session_id": "9",
    "subject_id": "5136"
  },
  "cjv": 0.4980556594667805,
  "cnr": 2.714034438591061,
  "efc": 0.5302622687974647,
  "fber": 3972.725011526608,
  "fwhm_avg": 4.8137533333333336,
  "fwhm_x": 4.84577,
  "fwhm_y": 4.40187,
  "fwhm_z": 5.19362,
  "icvs_csf": 0.1337747948167301,
  "icvs_gm": 0.4443322371219584,
  "icvs_wm": 0.42189296806131155,
  "inu_med": 1.0324915647506714,
  "inu_range": 0.9886220097541805,
  "provenance": {
    "md5sum": "62585d0639582244c437bdc9fbcf7b4c",
    "settings": {
      "testing": false
    },
    "software": "mriqc",
    "version": "22.0.6",
    "warnings": {
      "large_rot_frame": true,
      "small_air_mask": false
    },
    "webapi_port": null,
    "webapi_url": "https://mriqc.nimh.nih.gov/api/v1"
  },
  "qi_1": 0.0002703504756847894,
  "qi_2": 0.0027655851443998316,
  "rpve_csf": 39.12747508897353,
  "rpve_gm": 12.542407223450724,
  "rpve_wm": 14.401859823035862,
  "size_x": 192,
  "size_y": 256,
  "size_z": 256,
  "snr_csf": 2.1760560878220803,
  "snr_gm": 14.087561388306405,
  "snr_total": 10.062975820642134,
  "snr_wm": 13.925309985797915,
  "snrd_csf": 9.270478565851132,
  "snrd_gm": 20.235807526525555,
  "snrd_total": 18.844029337721015,
  "snrd_wm": 27.02580192078635,
  "spacing_x": 1.0,
  "spacing_y": 1.0,
  "spacing_z": 1.0,
  "summary_bg_k": 12.045191509596048,
  "summary_bg_mad": 0.0,
  "summary_bg_mean": 14.261924099701718,
  "summary_bg_median": 0.0,
  "summary_bg_n": 2656044.0,
  "summary_bg_p05": 0.0,
  "summary_bg_p95": 64.21898593753576,
  "summary_bg_stdv": 24.24272972691397,
  "summary_csf_k": 24.82127023675412,
  "summary_csf_mad": 117.97279249622153,
  "summary_csf_mean": 352.4175231811954,
  "summary_csf_median": 343.0456715747714,
  "summary_csf_n": 18915.0,
  "summary_csf_p05": 138.21781134083867,
  "summary_csf_p95": 568.6222092591224,
  "summary_csf_stdv": 157.64143456100985,
  "summary_gm_k": 0.14268058758528168,
  "summary_gm_mad": 52.981213050437745,
  "summary_gm_mean": 748.7004195928406,
  "summary_gm_median": 748.8077485412359,
  "summary_gm_n": 39623.0,
  "summary_gm_p05": 661.0113139517605,
  "summary_gm_p95": 834.2588508874178,
  "summary_gm_stdv": 53.15315253554271,
  "summary_wm_k": 0.025742829723532257,
  "summary_wm_mad": 72.15905616558706,
  "summary_wm_mean": 1009.11861122693,
  "summary_wm_median": 1000.0653476417065,
  "summary_wm_n": 174929.0,
  "summary_wm_p05": 907.8199680447578,
  "summary_wm_p95": 1141.8958852514625,
  "summary_wm_stdv": 71.81617430191974,
  "tpm_overlap_csf": 0.1349803694288809,
  "tpm_overlap_gm": 0.4462549409151707,
  "tpm_overlap_wm": 0.4420415971440965,
  "wm2max": 0.31040293181935646
}