{
  "aor": 0.0018168867924528303,
  "aqi": 0.010214195566037736,
  "bids_meta": {
    "AcquisitionMatrixPE": 128,
    "AcquisitionNumber": 1,
    "AcquisitionTime": "10:44:1.430000",
    "BandwidthPerPixelPhaseEncode": 23.321,
    "BaseResolution": 128,
    "BodyPartExamined": "BRAIN",
    "ConsistencyInfo": "N4_VE11A_LATEST_20140830",
    "ConversionSoftware": "dcm2niix",
    "ConversionSoftwareVersion": "v1.0.20190902",
    "DerivedVendorReportedEchoSpacing": 0.000669997,
    "DeviceSerialNumber": "45239",
    "DwellTime": 2.2e-06,
    "EchoTime": 0.03,
    "EchoTrainLength": 63,
    "EffectiveEchoSpacing": 0.000334999,
    "FlipAngle": 80,
    "ImageComments": "Unaliased_MB4_PE4_LB",
    "ImageOrientationPatientDICOM": [
      1,
      0,
      0,
      0,
      1,
      0
    ],
    "ImageType": [
      "ORIGINAL",
      "PRIMARY",
      "FMRI",
      "NONE",
      "MB",
      "ND",
      "MOSAIC"
    ],
    "ImagingFrequency": 123.224,
    "InPlanePhaseEncodingDirectionDICOM": "COL",
    "InstitutionAddress": "E_24th_St._100_Austin_Southmiddle_US_78712",
    "InstitutionName": "The_Univ._of_Texas_at_Austin_IRC",
    "InstitutionalDepartmentName": "IRC",
    "MRAcquisitionType": "2D",
    "MagneticFieldStrength": 3,
    "Manufacturer": "Siemens",
    "ManufacturersModelName": "Skyra",
    "Modality": "MR",
    "MultibandAccelerationFactor": 4,
    "ParallelReductionFactorInPlane": 2,
    "PartialFourier": 1,
    "PatientPosition": "HFS",
    "PercentPhaseFOV": 100,
    "PhaseEncodingDirection": "j-",
    "PhaseEncodingSteps": 127,
    "PhaseResolution": 1,
    "PixelBandwidth": 1775,
    "ProcedureStepDescription": "Booth_Language",
    "ProtocolName": "Plaus2",
    "PulseSequenceDetails": "%CustomerSeq%_cmrr_mbep2d_bold",
    "ReceiveCoilActiveElements": "HC1-6",
    "ReceiveCoilName": "HeadNeck_64",
    "ReconMatrixPE": 128,
    "RefLinesPE": 58,
    "RepetitionTime": 1.25,
    "SAR": 0.362935,
    "ScanOptions": "FS",
    "ScanningSequence": "EP",
    "SequenceName": "epfid2d1_128",
    "SequenceVariant": "SK_SS",
    "SeriesDescription": "Plaus2",
    "SeriesNumber": 2,
    "ShiftedAquisitionDate": "1815-11-18",
    "ShimSetting": [
      -2878,
      7996,
      -15581,
      -819,
      -710,
      489,
      -284,
      80
    ],
    "SliceThickness": 2,
    "SliceTiming": [
      0,
      0.265,
      0.5275,
      0.7925,
      1.055,
      0.09,
      0.3525,
      0.615,
      0.88,
      1.1425,
      0.1775,
      0.44,
      0.705,
      0.9675,
      0,
      0.265,
      0.5275,
      0.7925,
      1.055,
      0.09,
      0.3525,
      0.615,
      0.88,
      1.1425,
      0.1775,
      0.44,
      0.705,
      0.9675,
      0,
      0.265,
      0.5275,
      0.7925,
      1.055,
      0.09,
      0.3525,
      0.615,
      0.88,
      1.1425,
      0.1775,
      0.44,
      0.705,
      0.9675,
      0,
      0.265,
      0.5275,
      0.7925,
      1.055,
      0.09,
      0.3525,
      0.615,
      0.88,
      1.1425,
      0.1775,
      0.44,
      0.705,
      0.9675
    ],
    "SoftwareVersions": "syngo_MR_E11",
    "SpacingBetweenSlices": 2,
    "StationName": "AWP45239",
    "TotalReadoutTime": 0.0425448,
    "TxRefAmp": 353.429,
    "WipMemBlock": "84160f98-18c3-4afd-94f6-339498519963||Sequence: ve11a/master r/3765ccc; Dec 14 2015 15:37:15 by eja",
    "acq_id": "D2S2",
    "dataset": "ds003604",
    "modality": "bold",
    "run_id": 2,
    "session_id": "5",
    "subject_id": "5159",
    "task_id": "Plaus"
  },
  "dummy_trs": 0,
  "dvars_nstd": 53.35210292151662,
  "dvars_std": 1.0632375958767772,
  "dvars_vstd": 0.9930425898578196,
  "efc": 0.41260756684778166,
  "fber": 1533.8751220703125,
  "fd_mean": 0.29483298015423204,
  "fd_num": 137,
  "fd_perc": 64.62264150943396,
  "fwhm_avg": 3.8936416666666673,
  "fwhm_x": 3.51534,
  "fwhm_y": 3.81178,
  "fwhm_z": 4.353805,
  "gcor": 0.00799977,
  "gsr_x": -0.019280899316072464,
  "gsr_y": 0.019241591915488243,
  "provenance": {
    "md5sum": "5fbba5dbcff470087cf98cb816837bbe",
    "settings": {
      "fd_thres": 0.2,
      "testing": false
    },
    "software": "mriqc",
    "version": "23.0.1",
    "webapi_port": null,
    "webapi_url": "https://mriqc.nimh.nih.gov/api/v1"
  },
  "size_t": 212,
  "size_x": 128,
  "size_y": 128,
  "size_z": 56,
  "snr": 1.94860995181727,
  "spacing_tr": 1.25,
  "spacing_x": 2.0,
  "spacing_y": 2.0,
  "spacing_z": 2.0,
  "summary_bg_k": 90.81367354536863,
  "summary_bg_mad": 2.545601156011988,
  "summary_bg_mean": 24.846384048461914,
  "summary_bg_median": 15.325471878051758,
  "summary_bg_n": 683344.0,
  "summary_bg_p05": 13.042452812194824,
  "summary_bg_p95": 60.44811248779297,
  "summary_bg_stdv": 42.268856048583984,
  "summary_fg_k": 3.3160933037578326,
  "summary_fg_mad": 235.71981715024899,
  "summary_fg_mean": 688.5709838867188,
  "summary_fg_median": 606.9009399414062,
  "summary_fg_n": 135261.0,
  "summary_fg_p05": 352.0094299316406,
  "summary_fg_p95": 1311.73583984375,
  "summary_fg_stdv": 311.4521179199219,
  "tsnr": 27.189912957022898
}