{
  "aor": 0.001649367088607595,
  "aqi": 0.010061635569620255,
  "bids_meta": {
    "AcquisitionMatrixPE": 128,
    "AcquisitionNumber": 1,
    "AcquisitionTime": "11:00:33.147500",
    "BandwidthPerPixelPhaseEncode": 23.321,
    "BaseResolution": 128,
    "BodyPartExamined": "BRAIN",
    "ConsistencyInfo": "N4_VE11A_LATEST_20140830",
    "ConversionSoftware": "dcm2niix",
    "ConversionSoftwareVersion": "v1.0.20190902",
    "DerivedVendorReportedEchoSpacing": 0.000669997,
    "DeviceSerialNumber": "45239",
    "DwellTime": 2.2e-06,
    "EchoTime": 0.03,
    "EchoTrainLength": 63,
    "EffectiveEchoSpacing": 0.000334999,
    "FlipAngle": 80,
    "ImageComments": "Unaliased_MB4_PE4_LB",
    "ImageOrientationPatientDICOM": [
      1,
      0,
      0,
      0,
      1,
      0
    ],
    "ImageType": [
      "ORIGINAL",
      "PRIMARY",
      "M",
      "MB",
      "ND",
      "MOSAIC"
    ],
    "ImagingFrequency": 123.224,
    "InPlanePhaseEncodingDirectionDICOM": "COL",
    "InstitutionAddress": "E_24th_St._100_Austin_Southmiddle_US_78712",
    "InstitutionName": "The_Univ._of_Texas_at_Austin_IRC",
    "InstitutionalDepartmentName": "IRC",
    "MRAcquisitionType": "2D",
    "MagneticFieldStrength": 3,
    "Manufacturer": "Siemens",
    "ManufacturersModelName": "Skyra",
    "Modality": "MR",
    "MultibandAccelerationFactor": 4,
    "ParallelReductionFactorInPlane": 2,
    "PartialFourier": 1,
    "PatientPosition": "HFS",
    "PercentPhaseFOV": 100,
    "PhaseEncodingDirection": "j-",
    "PhaseEncodingSteps": 127,
    "PhaseResolution": 1,
    "PixelBandwidth": 1775,
    "ProcedureStepDescription": "Booth_Language",
    "ProtocolName": "SEM1",
    "PulseSequenceDetails": "%CustomerSeq%_cmrr_mbep2d_bold",
    "ReceiveCoilActiveElements": "HC1-6",
    "ReceiveCoilName": "HeadNeck_64",
    "ReconMatrixPE": 128,
    "RefLinesPE": 58,
    "RepetitionTime": 1.25,
    "SAR": 0.357763,
    "ScanOptions": "FS",
    "ScanningSequence": "EP",
    "SequenceName": "epfid2d1_128",
    "SequenceVariant": "SK_SS",
    "SeriesDescription": "SEM1",
    "SeriesNumber": 11,
    "ShiftedAquisitionDate": "1815-11-18",
    "ShimSetting": [
      -2878,
      7996,
      -15581,
      -819,
      -710,
      489,
      -284,
      80
    ],
    "SliceThickness": 2,
    "SliceTiming": [
      0,
      0.2625,
      0.525,
      0.79,
      1.0525,
      0.0875,
      0.35,
      0.615,
      0.8775,
      1.14,
      0.175,
      0.4375,
      0.7025,
      0.965,
      0,
      0.2625,
      0.525,
      0.79,
      1.0525,
      0.0875,
      0.35,
      0.615,
      0.8775,
      1.14,
      0.175,
      0.4375,
      0.7025,
      0.965,
      0,
      0.2625,
      0.525,
      0.79,
      1.0525,
      0.0875,
      0.35,
      0.615,
      0.8775,
      1.14,
      0.175,
      0.4375,
      0.7025,
      0.965,
      0,
      0.2625,
      0.525,
      0.79,
      1.0525,
      0.0875,
      0.35,
      0.615,
      0.8775,
      1.14,
      0.175,
      0.4375,
      0.7025,
      0.965
    ],
    "SoftwareVersions": "syngo_MR_E11",
    "SpacingBetweenSlices": 2,
    "StationName": "AWP45239",
    "TotalReadoutTime": 0.0425448,
    "TxRefAmp": 353.429,
    "WipMemBlock": "2aa00c3a-4a05-47f9-b4e2-1dff31b14b05||Sequence: ve11a/master r/3765ccc; Dec 14 2015 15:37:15 by eja",
    "acq_id": "D2S11",
    "dataset": "ds003604",
    "modality": "bold",
    "run_id": 1,
    "session_id": "5",
    "subject_id": "5159",
    "task_id": "Sem"
  },
  "dummy_trs": 0,
  "dvars_nstd": 48.499841313439475,
  "dvars_std": 1.0492905875796181,
  "dvars_vstd": 1.010525240127389,
  "efc": 0.4144331662948996,
  "fber": 1553.369384765625,
  "fd_mean": 0.2624261466084937,
  "fd_num": 95,
  "fd_perc": 60.12658227848101,
  "fwhm_avg": 3.8810466666666663,
  "fwhm_x": 3.51679,
  "fwhm_y": 3.842535,
  "fwhm_z": 4.283815,
  "gcor": 0.00663029,
  "gsr_x": -0.019867679104208946,
  "gsr_y": 0.01617557927966118,
  "provenance": {
    "md5sum": "c02d5ee7a99d787872a4246c47387deb",
    "settings": {
      "fd_thres": 0.2,
      "testing": false
    },
    "software": "mriqc",
    "version": "23.0.1",
    "webapi_port": null,
    "webapi_url": "https://mriqc.nimh.nih.gov/api/v1"
  },
  "size_t": 158,
  "size_x": 128,
  "size_y": 128,
  "size_z": 56,
  "snr": 1.950938121619353,
  "spacing_tr": 1.25,
  "spacing_x": 2.0,
  "spacing_y": 2.0,
  "spacing_z": 2.0,
  "summary_bg_k": 85.7606793769726,
  "summary_bg_mad": 2.383423157407394,
  "summary_bg_mean": 25.274274826049805,
  "summary_bg_median": 15.329113960266113,
  "summary_bg_n": 682198.0,
  "summary_bg_p05": 13.202531814575195,
  "summary_bg_p95": 63.3797492980957,
  "summary_bg_stdv": 42.7863655090332,
  "summary_fg_k": 3.3330593573126786,
  "summary_fg_mad": 237.09437328422726,
  "summary_fg_mean": 691.1768798828125,
  "summary_fg_median": 609.3861083984375,
  "summary_fg_n": 136091.0,
  "summary_fg_p05": 353.20570373535156,
  "summary_fg_p95": 1314.5316772460938,
  "summary_fg_stdv": 312.3542785644531,
  "tsnr": 27.22631739336066
}