{
  "aor": 0.008981179245283018,
  "aqi": 0.013945980566037736,
  "bids_meta": {
    "AcquisitionMatrixPE": 128,
    "AcquisitionNumber": 1,
    "AcquisitionTime": "10:54:20.397500",
    "BandwidthPerPixelPhaseEncode": 22.645,
    "BaseResolution": 128,
    "BodyPartExamined": "BRAIN",
    "ConsistencyInfo": "N4_VD13A_LATEST_20120616",
    "ConversionSoftware": "dcm2niix",
    "ConversionSoftwareVersion": "v1.0.20190902",
    "DerivedVendorReportedEchoSpacing": 0.000689998,
    "DeviceSerialNumber": "45239",
    "DwellTime": 2.2e-06,
    "EchoTime": 0.03,
    "EchoTrainLength": 63,
    "EffectiveEchoSpacing": 0.000344999,
    "FlipAngle": 80,
    "ImageComments": "Unaliased_MB4_PE4",
    "ImageOrientationPatientDICOM": [
      0.999971,
      -0.000272518,
      0.00763241,
      0.000231384,
      0.999985,
      0.00538968
    ],
    "ImageType": [
      "ORIGINAL",
      "PRIMARY",
      "M",
      "MB",
      "ND",
      "MOSAIC"
    ],
    "ImagingFrequency": 123.224,
    "InPlanePhaseEncodingDirectionDICOM": "COL",
    "InstitutionAddress": "E_24th_St._100_Austin_Southmiddle_US_78712",
    "InstitutionName": "The_Univ._of_Texas_at_Austin_IRC",
    "InstitutionalDepartmentName": "IRC",
    "MRAcquisitionType": "2D",
    "MagneticFieldStrength": 3,
    "Manufacturer": "Siemens",
    "ManufacturersModelName": "Skyra",
    "Modality": "MR",
    "MultibandAccelerationFactor": 4,
    "ParallelReductionFactorInPlane": 2,
    "PartialFourier": 1,
    "PatientPosition": "HFS",
    "PercentPhaseFOV": 100,
    "PhaseEncodingDirection": "j-",
    "PhaseEncodingSteps": 127,
    "PhaseResolution": 1,
    "PixelBandwidth": 1775,
    "ProcedureStepDescription": "Booth_Language",
    "ProtocolName": "Plaus2",
    "PulseSequenceDetails": "%CustomerSeq%_cmrr_mbep2d_bold",
    "ReceiveCoilActiveElements": "HC1-6",
    "ReceiveCoilName": "HeadNeck_64",
    "ReconMatrixPE": 128,
    "RefLinesPE": 100,
    "RepetitionTime": 1.25,
    "SAR": 0.270602,
    "ScanOptions": "FS",
    "ScanningSequence": "EP",
    "SequenceName": "epfid2d1_128",
    "SequenceVariant": "SK_SS",
    "SeriesDescription": "Plaus2",
    "SeriesNumber": 7,
    "ShiftedAquisitionDate": "1814-07-18",
    "ShimSetting": [
      -2817,
      7914,
      -15493,
      -1001,
      -65,
      -127,
      203,
      172
    ],
    "SliceThickness": 2,
    "SliceTiming": [
      0,
      0.2625,
      0.5275,
      0.79,
      1.055,
      0.0875,
      0.3525,
      0.615,
      0.8775,
      1.1425,
      0.175,
      0.44,
      0.7025,
      0.9675,
      0,
      0.2625,
      0.5275,
      0.79,
      1.055,
      0.0875,
      0.3525,
      0.615,
      0.8775,
      1.1425,
      0.175,
      0.44,
      0.7025,
      0.9675,
      0,
      0.2625,
      0.5275,
      0.79,
      1.055,
      0.0875,
      0.3525,
      0.615,
      0.8775,
      1.1425,
      0.175,
      0.44,
      0.7025,
      0.9675,
      0,
      0.2625,
      0.5275,
      0.79,
      1.055,
      0.0875,
      0.3525,
      0.615,
      0.8775,
      1.1425,
      0.175,
      0.44,
      0.7025,
      0.9675
    ],
    "SoftwareVersions": "syngo_MR_D13",
    "SpacingBetweenSlices": 2,
    "StationName": "AWP45239",
    "TotalReadoutTime": 0.0438149,
    "TxRefAmp": 326.083,
    "WipMemBlock": "5bf4fd5d-e30f-4f96-9866-ed2d801a9af5||Sequence: vd13a/master r/58f62de; Dec 19 2014 18:04:02 by eja",
    "acq_id": "D2S7",
    "dataset": "ds003604",
    "modality": "bold",
    "run_id": 2,
    "session_id": "5",
    "subject_id": "5008",
    "task_id": "Plaus"
  },
  "dummy_trs": 0,
  "dvars_nstd": 57.01312912184831,
  "dvars_std": 1.1184943891943133,
  "dvars_vstd": 1.039766888483412,
  "efc": 0.43625997521477,
  "fber": 1259.657470703125,
  "fd_mean": 0.4152657981252606,
  "fd_num": 144,
  "fd_perc": 67.9245283018868,
  "fwhm_avg": 3.5891416666666665,
  "fwhm_x": 3.3084,
  "fwhm_y": 3.682195,
  "fwhm_z": 3.77683,
  "gcor": 0.0379848,
  "gsr_x": -0.021198321133852005,
  "gsr_y": 0.02193143405020237,
  "provenance": {
    "md5sum": "300501240e2b850a8f3c4806cf78c2a6",
    "settings": {
      "fd_thres": 0.2,
      "testing": false
    },
    "software": "mriqc",
    "version": "23.0.1",
    "webapi_port": null,
    "webapi_url": "https://mriqc.nimh.nih.gov/api/v1"
  },
  "size_t": 212,
  "size_x": 128,
  "size_y": 128,
  "size_z": 56,
  "snr": 2.226595017159717,
  "spacing_tr": 1.25,
  "spacing_x": 2.0,
  "spacing_y": 2.0,
  "spacing_z": 2.0,
  "summary_bg_k": 88.97332912533231,
  "summary_bg_mad": 38.066020089104875,
  "summary_bg_mean": 329.2103576660156,
  "summary_bg_median": 222.7224884033203,
  "summary_bg_n": 669355.0,
  "summary_bg_p05": 189.88948974609374,
  "summary_bg_p95": 704.287481689453,
  "summary_bg_stdv": 418.111572265625,
  "summary_fg_k": 1.7307618226040296,
  "summary_fg_mad": 3115.3570036855795,
  "summary_fg_mean": 8698.5791015625,
  "summary_fg_median": 7931.296875,
  "summary_fg_n": 147943.0,
  "summary_fg_p05": 4477.0384765625,
  "summary_fg_p95": 15707.352246093747,
  "summary_fg_stdv": 3562.062255859375,
  "tsnr": 23.553546905517578
}