{
  "bids_meta": {
    "AcquisitionMatrixPE": 256,
    "AcquisitionNumber": 1,
    "AcquisitionTime": "14:26:57.447500",
    "BaseResolution": 256,
    "BodyPartExamined": "BRAIN",
    "ConsistencyInfo": "N4_VE11C_LATEST_20160120",
    "ConversionSoftware": "dcm2niix",
    "ConversionSoftwareVersion": "v1.0.20190902",
    "DeviceSerialNumber": "45239",
    "DwellTime": 1.09e-05,
    "EchoTime": 0.00243,
    "FlipAngle": 9,
    "ImageOrientationPatientDICOM": [
      0,
      1,
      0,
      0,
      0,
      -1
    ],
    "ImageType": [
      "ORIGINAL",
      "PRIMARY",
      "M",
      "ND"
    ],
    "ImagingFrequency": 123.172,
    "InPlanePhaseEncodingDirectionDICOM": "ROW",
    "InstitutionAddress": "E_24th_St._100_Austin_Southmiddle_US_78712",
    "InstitutionName": "The_Univ._of_Texas_at_Austin_IRC",
    "InstitutionalDepartmentName": "IRC",
    "InversionTime": 0.9,
    "MRAcquisitionType": "3D",
    "MagneticFieldStrength": 3,
    "Manufacturer": "Siemens",
    "ManufacturersModelName": "Skyra",
    "Modality": "MR",
    "ParallelReductionFactorInPlane": 2,
    "PartialFourier": 1,
    "PatientPosition": "HFS",
    "PercentPhaseFOV": 100,
    "PhaseEncodingSteps": 255,
    "PhaseResolution": 1,
    "PixelBandwidth": 180,
    "ProcedureStepDescription": "Booth_Language",
    "ProtocolName": "MPRAGE",
    "PulseSequenceDetails": "%SiemensSeq%_tfl",
    "ReceiveCoilActiveElements": "HC1-6",
    "ReceiveCoilName": "HeadNeck_64",
    "ReconMatrixPE": 256,
    "RefLinesPE": 24,
    "RepetitionTime": 1.9,
    "SAR": 0.145784,
    "ScanOptions": "IR",
    "ScanningSequence": "GR_IR",
    "SequenceName": "_tfl3d1_16ns",
    "SequenceVariant": "SK_SP_MP",
    "SeriesDescription": "MPRAGE",
    "SeriesNumber": 2,
    "ShiftedAquisitionDate": "1818-03-07 00:00:00",
    "ShimSetting": [
      -2751,
      8072,
      -15888,
      -462,
      637,
      -681,
      -484,
      -138
    ],
    "SliceThickness": 1,
    "SoftwareVersions": "syngo_MR_E11",
    "StationName": "AWP45239",
    "TxRefAmp": 327.089,
    "acq_id": "D1S2",
    "dataset": "ds003604",
    "modality": "T1w",
    "session_id": "9",
    "subject_id": "5246"
  },
  "cjv": 0.4717370695245097,
  "cnr": 2.953442801488402,
  "efc": 0.48854404269164553,
  "fber": -1.0,
  "fwhm_avg": 5.901723333333333,
  "fwhm_x": 6.07464,
  "fwhm_y": 5.8447,
  "fwhm_z": 5.78583,
  "icvs_csf": 0.10739014660316089,
  "icvs_gm": 0.4713790086093687,
  "icvs_wm": 0.42123084478747036,
  "inu_med": 1.0968760251998901,
  "inu_range": 1.170096868276596,
  "provenance": {
    "md5sum": "0c701a2e90c92f134a557bca4a0ca6a6",
    "settings": {
      "testing": false
    },
    "software": "mriqc",
    "version": "22.0.6",
    "warnings": {
      "large_rot_frame": true,
      "small_air_mask": false
    },
    "webapi_port": null,
    "webapi_url": "https://mriqc.nimh.nih.gov/api/v1"
  },
  "qi_1": 0.0,
  "qi_2": 0.003351865119738102,
  "rpve_csf": 41.5730280388102,
  "rpve_gm": 10.867972944520476,
  "rpve_wm": 12.775051945598792,
  "size_x": 192,
  "size_y": 256,
  "size_z": 256,
  "snr_csf": 1.4657112616249872,
  "snr_gm": 15.944901402204076,
  "snr_total": 11.305169135384363,
  "snr_wm": 16.504894742324026,
  "snrd_csf": 23.334547074013543,
  "snrd_gm": 49.116854652574766,
  "snrd_total": 45.43366785563745,
  "snrd_wm": 63.849601840324034,
  "spacing_x": 1.0,
  "spacing_y": 1.0,
  "spacing_z": 1.0,
  "summary_bg_k": 10.147845647901278,
  "summary_bg_mad": 0.0,
  "summary_bg_mean": 5.323356658965784,
  "summary_bg_median": 0.0,
  "summary_bg_n": 3548851.0,
  "summary_bg_p05": 0.0,
  "summary_bg_p95": 24.2336562871933,
  "summary_bg_stdv": 10.261546402141223,
  "summary_csf_k": 28.544698163154155,
  "summary_csf_mad": 103.89879195809192,
  "summary_csf_mean": 405.1665453865089,
  "summary_csf_median": 365.4941743016243,
  "summary_csf_n": 18746.0,
  "summary_csf_p05": 167.28456765413284,
  "summary_csf_p95": 708.0206295847893,
  "summary_csf_stdv": 249.35636038942405,
  "summary_gm_k": 0.04710145058421622,
  "summary_gm_mad": 47.9945387367702,
  "summary_gm_mean": 769.7670525440983,
  "summary_gm_median": 769.3281630277634,
  "summary_gm_n": 76011.0,
  "summary_gm_p05": 690.5687800943851,
  "summary_gm_p95": 849.2630591392517,
  "summary_gm_stdv": 48.24884663556099,
  "summary_wm_k": 0.022327259353013496,
  "summary_wm_mad": 60.864582643837075,
  "summary_wm_mean": 1006.8005121862091,
  "summary_wm_median": 1000.0904422998428,
  "summary_wm_n": 231959.0,
  "summary_wm_p05": 919.7034257352352,
  "summary_wm_p95": 1117.922074791787,
  "summary_wm_stdv": 60.59343619954485,
  "tpm_overlap_csf": 0.1394033265168981,
  "tpm_overlap_gm": 0.4595251726371576,
  "tpm_overlap_wm": 0.4567530742397394,
  "wm2max": 0.23730572859783278
}