{
  "aor": 0.0015968396226415094,
  "aqi": 0.006904755801886793,
  "bids_meta": {
    "AcquisitionMatrixPE": 128,
    "AcquisitionNumber": 1,
    "AcquisitionTime": "16:36:52.085000",
    "BandwidthPerPixelPhaseEncode": 23.321,
    "BaseResolution": 128,
    "BodyPartExamined": "BRAIN",
    "ConsistencyInfo": "N4_VE11C_LATEST_20160120",
    "ConversionSoftware": "dcm2niix",
    "ConversionSoftwareVersion": "v1.0.20190902",
    "DerivedVendorReportedEchoSpacing": 0.000669997,
    "DeviceSerialNumber": "45239",
    "DwellTime": 2.2e-06,
    "EchoTime": 0.03,
    "EchoTrainLength": 63,
    "EffectiveEchoSpacing": 0.000334999,
    "FlipAngle": 80,
    "ImageComments": "Unaliased_MB4_PE4_LB",
    "ImageOrientationPatientDICOM": [
      1,
      0,
      0,
      0,
      1,
      0
    ],
    "ImageType": [
      "ORIGINAL",
      "PRIMARY",
      "M",
      "MB",
      "ND",
      "MOSAIC"
    ],
    "ImagingFrequency": 123.172,
    "InPlanePhaseEncodingDirectionDICOM": "COL",
    "InstitutionAddress": "E_24th_St._100_Austin_Southmiddle_US_78712",
    "InstitutionName": "The_Univ._of_Texas_at_Austin_IRC",
    "InstitutionalDepartmentName": "IRC",
    "MRAcquisitionType": "2D",
    "MagneticFieldStrength": 3,
    "Manufacturer": "Siemens",
    "ManufacturersModelName": "Skyra",
    "Modality": "MR",
    "MultibandAccelerationFactor": 4,
    "ParallelReductionFactorInPlane": 2,
    "PartialFourier": 1,
    "PatientPosition": "HFS",
    "PercentPhaseFOV": 100,
    "PhaseEncodingDirection": "j-",
    "PhaseEncodingSteps": 127,
    "PhaseResolution": 1,
    "PixelBandwidth": 1775,
    "ProcedureStepDescription": "Booth_Language",
    "ProtocolName": "Plaus2",
    "PulseSequenceDetails": "%CustomerSeq%_cmrr_mbep2d_bold",
    "ReceiveCoilActiveElements": "HC1-6",
    "ReceiveCoilName": "HeadNeck_64",
    "ReconMatrixPE": 128,
    "RefLinesPE": 58,
    "RepetitionTime": 1.25,
    "SAR": 0.206147,
    "ScanOptions": "FS",
    "ScanningSequence": "EP",
    "SequenceName": "epfid2d1_128",
    "SequenceVariant": "SK_SS",
    "SeriesDescription": "Plaus2",
    "SeriesNumber": 9,
    "ShiftedAquisitionDate": "1818-04-02",
    "ShimSetting": [
      -2742,
      7998,
      -15279,
      206,
      790,
      -241,
      -74,
      -305
    ],
    "SliceThickness": 2,
    "SliceTiming": [
      0,
      0.2625,
      0.525,
      0.79,
      1.0525,
      0.0875,
      0.35,
      0.615,
      0.8775,
      1.14,
      0.175,
      0.4375,
      0.7025,
      0.965,
      0,
      0.2625,
      0.525,
      0.79,
      1.0525,
      0.0875,
      0.35,
      0.615,
      0.8775,
      1.14,
      0.175,
      0.4375,
      0.7025,
      0.965,
      0,
      0.2625,
      0.525,
      0.79,
      1.0525,
      0.0875,
      0.35,
      0.615,
      0.8775,
      1.14,
      0.175,
      0.4375,
      0.7025,
      0.965,
      0,
      0.2625,
      0.525,
      0.79,
      1.0525,
      0.0875,
      0.35,
      0.615,
      0.8775,
      1.14,
      0.175,
      0.4375,
      0.7025,
      0.965
    ],
    "SoftwareVersions": "syngo_MR_E11",
    "SpacingBetweenSlices": 2,
    "StationName": "AWP45239",
    "TotalReadoutTime": 0.0425448,
    "TxRefAmp": 324.077,
    "WipMemBlock": "cf4b4da9-a1e6-402a-b927-1503379096f6||Sequence: R016 ve11c/master r/e634e98; Dec 19 2017 11:00:25 by eja",
    "acq_id": "D1S9",
    "dataset": "ds003604",
    "modality": "bold",
    "run_id": 2,
    "session_id": "9",
    "subject_id": "5367",
    "task_id": "Plaus"
  },
  "dummy_trs": 0,
  "dvars_nstd": 50.62373286966826,
  "dvars_std": 1.189123218483412,
  "dvars_vstd": 1.0023434185308056,
  "efc": 0.42294545209378015,
  "fber": 2832.5869140625,
  "fd_mean": 0.17526637523229233,
  "fd_num": 60,
  "fd_perc": 28.30188679245283,
  "fwhm_avg": 3.3417583333333334,
  "fwhm_x": 3.101905,
  "fwhm_y": 3.4889,
  "fwhm_z": 3.43447,
  "gcor": 0.00883354,
  "gsr_x": -0.02468847669661045,
  "gsr_y": 0.02074195258319378,
  "provenance": {
    "md5sum": "5ac22b5c7e0b37557958d83da6b836bf",
    "settings": {
      "fd_thres": 0.2,
      "testing": false
    },
    "software": "mriqc",
    "version": "23.0.1",
    "webapi_port": null,
    "webapi_url": "https://mriqc.nimh.nih.gov/api/v1"
  },
  "size_t": 212,
  "size_x": 128,
  "size_y": 128,
  "size_z": 56,
  "snr": 2.4050535870047494,
  "spacing_tr": 1.25,
  "spacing_x": 2.0,
  "spacing_y": 2.0,
  "spacing_z": 2.0,
  "summary_bg_k": 57.786017145783205,
  "summary_bg_mad": 3.748465026012132,
  "summary_bg_mean": 26.734424591064453,
  "summary_bg_median": 12.429244995117188,
  "summary_bg_n": 678752.0,
  "summary_bg_p05": 9.523585319519043,
  "summary_bg_p95": 90.93868255615234,
  "summary_bg_stdv": 53.80253219604492,
  "summary_fg_k": 1.1026195565338197,
  "summary_fg_mad": 259.00433655646486,
  "summary_fg_mean": 709.0400390625,
  "summary_fg_median": 665.8561401367188,
  "summary_fg_n": 136782.0,
  "summary_fg_p05": 357.17973175048826,
  "summary_fg_p95": 1239.3813720703124,
  "summary_fg_stdv": 276.8560791015625,
  "tsnr": 33.93661506008357
}