{
  "aor": 0.0036506962025316452,
  "aqi": 0.008148288037974682,
  "bids_meta": {
    "AcquisitionMatrixPE": 128,
    "AcquisitionNumber": 1,
    "AcquisitionTime": "16:38:0.670000",
    "BandwidthPerPixelPhaseEncode": 23.321,
    "BaseResolution": 128,
    "BodyPartExamined": "BRAIN",
    "ConsistencyInfo": "N4_VE11C_LATEST_20160120",
    "ConversionSoftware": "dcm2niix",
    "ConversionSoftwareVersion": "v1.0.20190902",
    "DerivedVendorReportedEchoSpacing": 0.000669997,
    "DeviceSerialNumber": "45239",
    "DwellTime": 2.2e-06,
    "EchoTime": 0.03,
    "EchoTrainLength": 63,
    "EffectiveEchoSpacing": 0.000334999,
    "FlipAngle": 80,
    "ImageComments": "Unaliased_MB4_PE4_LB",
    "ImageOrientationPatientDICOM": [
      1,
      0,
      0,
      0,
      1,
      0
    ],
    "ImageType": [
      "ORIGINAL",
      "PRIMARY",
      "M",
      "MB",
      "ND",
      "MOSAIC"
    ],
    "ImagingFrequency": 123.172,
    "InPlanePhaseEncodingDirectionDICOM": "COL",
    "InstitutionAddress": "E_24th_St._100_Austin_Southmiddle_US_78712",
    "InstitutionName": "The_Univ._of_Texas_at_Austin_IRC",
    "InstitutionalDepartmentName": "IRC",
    "MRAcquisitionType": "2D",
    "MagneticFieldStrength": 3,
    "Manufacturer": "Siemens",
    "ManufacturersModelName": "Skyra",
    "Modality": "MR",
    "MultibandAccelerationFactor": 4,
    "ParallelReductionFactorInPlane": 2,
    "PartialFourier": 1,
    "PatientPosition": "HFS",
    "PercentPhaseFOV": 100,
    "PhaseEncodingDirection": "j-",
    "PhaseEncodingSteps": 127,
    "PhaseResolution": 1,
    "PixelBandwidth": 1775,
    "ProcedureStepDescription": "Booth_Language",
    "ProtocolName": "Phon2",
    "PulseSequenceDetails": "%CustomerSeq%_cmrr_mbep2d_bold",
    "ReceiveCoilActiveElements": "HC3-6",
    "ReceiveCoilName": "HeadNeck_64",
    "ReconMatrixPE": 128,
    "RefLinesPE": 58,
    "RepetitionTime": 1.25,
    "SAR": 0.198473,
    "ScanOptions": "FS",
    "ScanningSequence": "EP",
    "SequenceName": "epfid2d1_128",
    "SequenceVariant": "SK_SS",
    "SeriesDescription": "Phon2",
    "SeriesNumber": 6,
    "ShiftedAquisitionDate": "1818-04-20",
    "ShimSetting": [
      -2731,
      7962,
      -15182,
      254,
      708,
      -375,
      147,
      -205
    ],
    "SliceThickness": 2,
    "SliceTiming": [
      0,
      0.2625,
      0.5275,
      0.79,
      1.0525,
      0.0875,
      0.35,
      0.615,
      0.8775,
      1.1425,
      0.175,
      0.44,
      0.7025,
      0.965,
      0,
      0.2625,
      0.5275,
      0.79,
      1.0525,
      0.0875,
      0.35,
      0.615,
      0.8775,
      1.1425,
      0.175,
      0.44,
      0.7025,
      0.965,
      0,
      0.2625,
      0.5275,
      0.79,
      1.0525,
      0.0875,
      0.35,
      0.615,
      0.8775,
      1.1425,
      0.175,
      0.44,
      0.7025,
      0.965,
      0,
      0.2625,
      0.5275,
      0.79,
      1.0525,
      0.0875,
      0.35,
      0.615,
      0.8775,
      1.1425,
      0.175,
      0.44,
      0.7025,
      0.965
    ],
    "SoftwareVersions": "syngo_MR_E11",
    "SpacingBetweenSlices": 2,
    "StationName": "AWP45239",
    "TotalReadoutTime": 0.0425448,
    "TxRefAmp": 326.272,
    "WipMemBlock": "8a4b8132-3c82-4595-aec5-8e7ce86c83d2||Sequence: R016 ve11c/master r/e634e98; Dec 19 2017 11:00:25 by eja",
    "acq_id": "D2S6",
    "dataset": "ds003604",
    "modality": "bold",
    "run_id": 2,
    "session_id": "9",
    "subject_id": "5367",
    "task_id": "Phon"
  },
  "dummy_trs": 0,
  "dvars_nstd": 61.58662618617835,
  "dvars_std": 1.2806344835031844,
  "dvars_vstd": 1.058526161719745,
  "efc": 0.42206307964649104,
  "fber": 2746.820556640625,
  "fd_mean": 0.18209655508845676,
  "fd_num": 22,
  "fd_perc": 13.924050632911392,
  "fwhm_avg": 3.3633666666666664,
  "fwhm_x": 3.112155,
  "fwhm_y": 3.44457,
  "fwhm_z": 3.533375,
  "gcor": 0.00555081,
  "gsr_x": -0.024932993575930595,
  "gsr_y": 0.02251078560948372,
  "provenance": {
    "md5sum": "72b2423ac8c49caafc16cc613419041c",
    "settings": {
      "fd_thres": 0.2,
      "testing": false
    },
    "software": "mriqc",
    "version": "23.0.1",
    "webapi_port": null,
    "webapi_url": "https://mriqc.nimh.nih.gov/api/v1"
  },
  "size_t": 158,
  "size_x": 128,
  "size_y": 128,
  "size_z": 56,
  "snr": 2.219804967714081,
  "spacing_tr": 1.25,
  "spacing_x": 2.0,
  "spacing_y": 2.0,
  "spacing_z": 2.0,
  "summary_bg_k": 50.994662342387315,
  "summary_bg_mad": 4.128765582299167,
  "summary_bg_mean": 25.57453727722168,
  "summary_bg_median": 11.607595443725586,
  "summary_bg_n": 677098.0,
  "summary_bg_p05": 8.411392211914062,
  "summary_bg_p95": 90.08228302001953,
  "summary_bg_stdv": 51.967647552490234,
  "summary_fg_k": 1.2883972033497244,
  "summary_fg_mad": 243.00605055063062,
  "summary_fg_mean": 671.9534301757812,
  "summary_fg_median": 612.5538330078125,
  "summary_fg_n": 138246.0,
  "summary_fg_p05": 350.9066467285156,
  "summary_fg_p95": 1219.4810791015625,
  "summary_fg_stdv": 275.9483947753906,
  "tsnr": 30.768533970112912
}