{
  "bids_meta": {
    "AcquisitionMatrixPE": 256,
    "AcquisitionNumber": 1,
    "AcquisitionTime": "15:41:5.117500",
    "BaseResolution": 256,
    "BodyPartExamined": "BRAIN",
    "ConsistencyInfo": "N4_VE11C_LATEST_20160120",
    "ConversionSoftware": "dcm2niix",
    "ConversionSoftwareVersion": "v1.0.20190902",
    "DeviceSerialNumber": "45239",
    "DwellTime": 1.09e-05,
    "EchoTime": 0.00243,
    "FlipAngle": 9,
    "ImageOrientationPatientDICOM": [
      0,
      1,
      0,
      0,
      0,
      -1
    ],
    "ImageType": [
      "ORIGINAL",
      "PRIMARY",
      "M",
      "ND"
    ],
    "ImagingFrequency": 123.186,
    "InPlanePhaseEncodingDirectionDICOM": "ROW",
    "InstitutionAddress": "E_24th_St._100_Austin_Southmiddle_US_78712",
    "InstitutionName": "The_Univ._of_Texas_at_Austin_IRC",
    "InstitutionalDepartmentName": "IRC",
    "InversionTime": 0.9,
    "MRAcquisitionType": "3D",
    "MagneticFieldStrength": 3,
    "Manufacturer": "Siemens",
    "ManufacturersModelName": "Skyra",
    "Modality": "MR",
    "ParallelReductionFactorInPlane": 2,
    "PartialFourier": 1,
    "PatientPosition": "HFS",
    "PercentPhaseFOV": 100,
    "PhaseEncodingSteps": 255,
    "PhaseResolution": 1,
    "PixelBandwidth": 180,
    "ProcedureStepDescription": "Booth_Language",
    "ProtocolName": "MPRAGE",
    "PulseSequenceDetails": "%SiemensSeq%_tfl",
    "ReceiveCoilActiveElements": "HC1-6",
    "ReceiveCoilName": "HeadNeck_64",
    "ReconMatrixPE": 256,
    "RefLinesPE": 24,
    "RepetitionTime": 1.9,
    "SAR": 0.19268,
    "ScanOptions": "IR",
    "ScanningSequence": "GR_IR",
    "SequenceName": "_tfl3d1_16ns",
    "SequenceVariant": "SK_SP_MP",
    "SeriesDescription": "MPRAGE",
    "SeriesNumber": 2,
    "ShiftedAquisitionDate": "1818-07-13 00:00:00",
    "ShimSetting": [
      -2727,
      7934,
      -15901,
      -500,
      562,
      -716,
      -526,
      132
    ],
    "SliceThickness": 1,
    "SoftwareVersions": "syngo_MR_E11",
    "StationName": "AWP45239",
    "TxRefAmp": 327.844,
    "acq_id": "D2S2",
    "dataset": "ds003604",
    "modality": "T1w",
    "session_id": "7",
    "subject_id": "5513"
  },
  "cjv": 0.459376999237118,
  "cnr": 2.895528005626395,
  "efc": 0.5206650934715987,
  "fber": 4899.29295480053,
  "fwhm_avg": 4.182206666666667,
  "fwhm_x": 4.39165,
  "fwhm_y": 4.04973,
  "fwhm_z": 4.10524,
  "icvs_csf": 0.12315150579148454,
  "icvs_gm": 0.4632013034484991,
  "icvs_wm": 0.4136471907600164,
  "inu_med": 1.0423280000686646,
  "inu_range": 0.8374963819980622,
  "provenance": {
    "md5sum": "c887bc09fd37c8a4d5042c833a36ed32",
    "settings": {
      "testing": false
    },
    "software": "mriqc",
    "version": "23.0.1",
    "warnings": {
      "large_rot_frame": true,
      "small_air_mask": false
    },
    "webapi_port": null,
    "webapi_url": "https://mriqc.nimh.nih.gov/api/v1"
  },
  "qi_1": 6.011513250176739e-05,
  "qi_2": 0.0017421417732712374,
  "rpve_csf": 49.916544236213134,
  "rpve_gm": 14.501804616177854,
  "rpve_wm": 17.036217534640187,
  "size_x": 192,
  "size_y": 256,
  "size_z": 256,
  "snr_csf": 1.6598426767875183,
  "snr_gm": 14.774868937643985,
  "snr_total": 10.693495648320164,
  "snr_wm": 15.645775330528988,
  "snrd_csf": 11.602647718624661,
  "snrd_gm": 24.996673315307213,
  "snrd_total": 23.220072457615753,
  "snrd_wm": 33.06089633891539,
  "spacing_x": 1.0,
  "spacing_y": 1.0,
  "spacing_z": 1.0,
  "summary_bg_k": 26.576650428659494,
  "summary_bg_mad": 0.0,
  "summary_bg_mean": 12.265965380017882,
  "summary_bg_median": 0.0,
  "summary_bg_n": 2293559.0,
  "summary_bg_p05": 0.0,
  "summary_bg_p95": 50.774108581244946,
  "summary_bg_stdv": 19.817259217072017,
  "summary_csf_k": 39.51132224622088,
  "summary_csf_mad": 100.21979217520368,
  "summary_csf_mean": 374.8621957174122,
  "summary_csf_median": 350.9691683202982,
  "summary_csf_n": 12086.0,
  "summary_csf_p05": 166.29587243311107,
  "summary_csf_p95": 580.976489726454,
  "summary_csf_stdv": 211.43850153400592,
  "summary_gm_k": 0.08021523256681684,
  "summary_gm_mad": 50.42618939022872,
  "summary_gm_mean": 756.5465530172771,
  "summary_gm_median": 756.1258306726813,
  "summary_gm_n": 47035.0,
  "summary_gm_p05": 672.9855136200786,
  "summary_gm_p95": 841.8261868134141,
  "summary_gm_stdv": 51.175939083787796,
  "summary_wm_k": 0.2786641410903745,
  "summary_wm_mad": 61.632009254724,
  "summary_wm_mean": 1007.8882428228021,
  "summary_wm_median": 1000.0609837844968,
  "summary_wm_n": 151729.0,
  "summary_wm_p05": 916.9816200435162,
  "summary_wm_p95": 1126.6610120236874,
  "summary_wm_stdv": 63.91870438518864,
  "tpm_overlap_csf": 0.12213388637994625,
  "tpm_overlap_gm": 0.4565328130086178,
  "tpm_overlap_wm": 0.44124390920143847,
  "wm2max": 0.3019878520154611
}