{
  "aor": 0.0019059210526315787,
  "aqi": 0.022236821710526312,
  "bids_meta": {
    "AcquisitionMatrixPE": 128,
    "AcquisitionNumber": 1,
    "AcquisitionTime": "16:09:52.460000",
    "BandwidthPerPixelPhaseEncode": 22.645,
    "BaseResolution": 128,
    "BodyPartExamined": "HEAD",
    "ConsistencyInfo": "N4_VD13A_LATEST_20120616",
    "ConversionSoftware": "dcm2niix",
    "ConversionSoftwareVersion": "v1.0.20190902",
    "DerivedVendorReportedEchoSpacing": 0.000689998,
    "DeviceSerialNumber": "45239",
    "DwellTime": 2.2e-06,
    "EchoTime": 0.03,
    "EchoTrainLength": 63,
    "EffectiveEchoSpacing": 0.000344999,
    "FlipAngle": 80,
    "ImageComments": "Unaliased_MB4_PE4",
    "ImageOrientationPatientDICOM": [
      0.999996,
      -0.000339707,
      -0.00282705,
      0.000231362,
      0.999269,
      -0.0382368
    ],
    "ImageType": [
      "ORIGINAL",
      "PRIMARY",
      "M",
      "MB",
      "ND",
      "MOSAIC"
    ],
    "ImagingFrequency": 123.224,
    "InPlanePhaseEncodingDirectionDICOM": "COL",
    "InstitutionAddress": "E_24th_St._100_Austin_Southmiddle_US_78712",
    "InstitutionName": "The_Univ._of_Texas_at_Austin_IRC",
    "InstitutionalDepartmentName": "IRC",
    "MRAcquisitionType": "2D",
    "MagneticFieldStrength": 3,
    "Manufacturer": "Siemens",
    "ManufacturersModelName": "Skyra",
    "Modality": "MR",
    "MultibandAccelerationFactor": 4,
    "ParallelReductionFactorInPlane": 2,
    "PartialFourier": 1,
    "PatientPosition": "HFS",
    "PercentPhaseFOV": 100,
    "PhaseEncodingDirection": "j-",
    "PhaseEncodingSteps": 127,
    "PhaseResolution": 1,
    "PixelBandwidth": 1775,
    "ProcedureStepDescription": "Booth_Language",
    "ProtocolName": "Phon2",
    "PulseSequenceDetails": "%CustomerSeq%_cmrr_mbep2d_bold",
    "ReceiveCoilActiveElements": "HC3-6",
    "ReceiveCoilName": "HeadNeck_64",
    "ReconMatrixPE": 128,
    "RefLinesPE": 100,
    "RepetitionTime": 1.25,
    "SAR": 0.178401,
    "ScanOptions": "FS",
    "ScanningSequence": "EP",
    "SequenceName": "epfid2d1_128",
    "SequenceVariant": "SK_SS",
    "SeriesDescription": "Phon2",
    "SeriesNumber": 5,
    "ShiftedAquisitionDate": "1814-03-09",
    "ShimSetting": [
      -2876,
      7881,
      -15548,
      -1021,
      -99,
      45,
      903,
      -34
    ],
    "SliceThickness": 2,
    "SliceTiming": [
      0,
      0.2625,
      0.525,
      0.79,
      1.0525,
      0.0875,
      0.35,
      0.615,
      0.8775,
      1.14,
      0.175,
      0.4375,
      0.7025,
      0.965,
      0,
      0.2625,
      0.525,
      0.79,
      1.0525,
      0.0875,
      0.35,
      0.615,
      0.8775,
      1.14,
      0.175,
      0.4375,
      0.7025,
      0.965,
      0,
      0.2625,
      0.525,
      0.79,
      1.0525,
      0.0875,
      0.35,
      0.615,
      0.8775,
      1.14,
      0.175,
      0.4375,
      0.7025,
      0.965,
      0,
      0.2625,
      0.525,
      0.79,
      1.0525,
      0.0875,
      0.35,
      0.615,
      0.8775,
      1.14,
      0.175,
      0.4375,
      0.7025,
      0.965
    ],
    "SoftwareVersions": "syngo_MR_D13",
    "SpacingBetweenSlices": 2,
    "StationName": "AWP45239",
    "TotalReadoutTime": 0.0438149,
    "TxRefAmp": 349.581,
    "WipMemBlock": "4b83045b-5968-4118-b0e1-5c7d8d64c4ec||Sequence: vd13a/master r/58f62de; Dec 19 2014 18:04:02 by eja",
    "acq_id": "D2S5",
    "dataset": "ds003604",
    "modality": "bold",
    "run_id": 2,
    "session_id": "5",
    "subject_id": "5024",
    "task_id": "Phon"
  },
  "dummy_trs": 0,
  "dvars_nstd": 62.96118851205297,
  "dvars_std": 1.0121783995364237,
  "dvars_vstd": 0.9561116937748347,
  "efc": 0.43830084903383754,
  "fber": 1359.554931640625,
  "fd_mean": 0.49549474533000726,
  "fd_num": 132,
  "fd_perc": 86.84210526315789,
  "fwhm_avg": 3.634805,
  "fwhm_x": 3.286985,
  "fwhm_y": 3.754815,
  "fwhm_z": 3.862615,
  "gcor": 0.00449847,
  "gsr_x": -0.02151491679251194,
  "gsr_y": 0.022504830732941628,
  "provenance": {
    "md5sum": "893fca81cc9ac381ab1c81c8b68761cd",
    "settings": {
      "fd_thres": 0.2,
      "testing": false
    },
    "software": "mriqc",
    "version": "23.0.1",
    "webapi_port": null,
    "webapi_url": "https://mriqc.nimh.nih.gov/api/v1"
  },
  "size_t": 152,
  "size_x": 128,
  "size_y": 128,
  "size_z": 56,
  "snr": 2.3010420388120494,
  "spacing_tr": 1.25,
  "spacing_x": 2.0,
  "spacing_y": 2.0,
  "spacing_z": 2.0,
  "summary_bg_k": 80.76045273839007,
  "summary_bg_mad": 48.67227258096307,
  "summary_bg_mean": 317.3934020996094,
  "summary_bg_median": 197.18421936035156,
  "summary_bg_n": 669561.0,
  "summary_bg_p05": 122.8026351928711,
  "summary_bg_p95": 803.75,
  "summary_bg_stdv": 479.8124694824219,
  "summary_fg_k": 2.2572785231619035,
  "summary_fg_mad": 2777.5379802181956,
  "summary_fg_mean": 7917.42041015625,
  "summary_fg_median": 7280.7236328125,
  "summary_fg_n": 145943.0,
  "summary_fg_p05": 4193.106103515625,
  "summary_fg_p95": 14029.411035156249,
  "summary_fg_stdv": 3164.087646484375,
  "tsnr": 19.173182995291427
}