{
  "bids_meta": {
    "AcquisitionMatrixPE": 256,
    "AcquisitionNumber": 1,
    "AcquisitionTime": "15:53:57.672500",
    "BaseResolution": 256,
    "BodyPartExamined": "BRAIN",
    "ConsistencyInfo": "N4_VE11C_LATEST_20160120",
    "ConversionSoftware": "dcm2niix",
    "ConversionSoftwareVersion": "v1.0.20190902",
    "DeviceSerialNumber": "45239",
    "DwellTime": 1.09e-05,
    "EchoTime": 0.00243,
    "FlipAngle": 9,
    "ImageOrientationPatientDICOM": [
      0,
      1,
      0,
      0,
      0,
      -1
    ],
    "ImageType": [
      "ORIGINAL",
      "PRIMARY",
      "M",
      "ND"
    ],
    "ImagingFrequency": 123.186,
    "InPlanePhaseEncodingDirectionDICOM": "ROW",
    "InstitutionAddress": "E_24th_St._100_Austin_Southmiddle_US_78712",
    "InstitutionName": "The_Univ._of_Texas_at_Austin_IRC",
    "InstitutionalDepartmentName": "IRC",
    "InversionTime": 0.9,
    "MRAcquisitionType": "3D",
    "MagneticFieldStrength": 3,
    "Manufacturer": "Siemens",
    "ManufacturersModelName": "Skyra",
    "Modality": "MR",
    "ParallelReductionFactorInPlane": 2,
    "PartialFourier": 1,
    "PatientPosition": "HFS",
    "PercentPhaseFOV": 100,
    "PhaseEncodingSteps": 255,
    "PhaseResolution": 1,
    "PixelBandwidth": 180,
    "ProcedureStepDescription": "Booth_Language",
    "ProtocolName": "MPRAGE",
    "PulseSequenceDetails": "%SiemensSeq%_tfl",
    "ReceiveCoilActiveElements": "HC1-6",
    "ReceiveCoilName": "HeadNeck_64",
    "ReconMatrixPE": 256,
    "RefLinesPE": 24,
    "RepetitionTime": 1.9,
    "SAR": 0.275722,
    "ScanOptions": "IR",
    "ScanningSequence": "GR_IR",
    "SequenceName": "_tfl3d1_16ns",
    "SequenceVariant": "SK_SP_MP",
    "SeriesDescription": "MPRAGE",
    "SeriesNumber": 2,
    "ShiftedAquisitionDate": "1819-06-14 00:00:00",
    "ShimSetting": [
      -2727,
      7934,
      -15901,
      -500,
      562,
      -716,
      -526,
      132
    ],
    "SliceThickness": 1,
    "SoftwareVersions": "syngo_MR_E11",
    "StationName": "AWP45239",
    "TxRefAmp": 326.811,
    "acq_id": "D1S2",
    "dataset": "ds003604",
    "modality": "T1w",
    "session_id": "7",
    "subject_id": "5556"
  },
  "cjv": 0.5083381545793229,
  "cnr": 2.65320720362768,
  "efc": 0.49528387835794907,
  "fber": -1.0,
  "fwhm_avg": 5.743186666666666,
  "fwhm_x": 5.87262,
  "fwhm_y": 5.33633,
  "fwhm_z": 6.02061,
  "icvs_csf": 0.17392593186148125,
  "icvs_gm": 0.4398325491820939,
  "icvs_wm": 0.38624151895642483,
  "inu_med": 0.9570973515510559,
  "inu_range": 1.177286183834076,
  "provenance": {
    "md5sum": "cfcaccf51afb927db481ea3b48c99e37",
    "settings": {
      "testing": false
    },
    "software": "mriqc",
    "version": "23.0.1",
    "warnings": {
      "large_rot_frame": true,
      "small_air_mask": false
    },
    "webapi_port": null,
    "webapi_url": "https://mriqc.nimh.nih.gov/api/v1"
  },
  "qi_1": 0.0,
  "qi_2": 0.006871064453284766,
  "rpve_csf": 31.945175063611934,
  "rpve_gm": 13.141069254818618,
  "rpve_wm": 16.022282572373054,
  "size_x": 192,
  "size_y": 256,
  "size_z": 256,
  "snr_csf": 3.54219196583837,
  "snr_gm": 16.633997776756214,
  "snr_total": 10.951502920732239,
  "snr_wm": 12.678319019602132,
  "snrd_csf": 25.046747879439256,
  "snrd_gm": 54.16412727298521,
  "snrd_total": 50.24883917335766,
  "snrd_wm": 71.5356423676485,
  "spacing_x": 1.0,
  "spacing_y": 1.0,
  "spacing_z": 1.0,
  "summary_bg_k": 8.079592531275313,
  "summary_bg_mad": 0.0,
  "summary_bg_mean": 5.277612933281034,
  "summary_bg_median": 0.0,
  "summary_bg_n": 2746740.0,
  "summary_bg_p05": 0.0,
  "summary_bg_p95": 22.73633949458599,
  "summary_bg_stdv": 9.158790889488358,
  "summary_csf_k": 7.469782585696821,
  "summary_csf_mad": 80.92118653560978,
  "summary_csf_mean": 359.7234209978109,
  "summary_csf_median": 350.15292432159185,
  "summary_csf_n": 34313.0,
  "summary_csf_p05": 222.51031663268805,
  "summary_csf_p95": 537.3221939504145,
  "summary_csf_stdv": 98.850605874868,
  "summary_gm_k": 0.23985722038392332,
  "summary_gm_mad": 44.2060318650682,
  "summary_gm_mean": 757.973066344262,
  "summary_gm_median": 757.2131779044867,
  "summary_gm_n": 37300.0,
  "summary_gm_p05": 684.2840421572328,
  "summary_gm_p95": 833.3367028702047,
  "summary_gm_stdv": 45.52140968684319,
  "summary_wm_k": 0.3392998511242551,
  "summary_wm_mad": 79.24559558420252,
  "summary_wm_mean": 1008.8555733334696,
  "summary_wm_median": 1000.0665351375937,
  "summary_wm_n": 159649.0,
  "summary_wm_p05": 899.2155789583921,
  "summary_wm_p95": 1155.5644827336073,
  "summary_wm_stdv": 78.87981060482515,
  "tpm_overlap_csf": 0.14143476415365716,
  "tpm_overlap_gm": 0.45464335519820953,
  "tpm_overlap_wm": 0.43633950234204544,
  "wm2max": 0.30909081326645715
}