{
  "aor": 0.000526834862385321,
  "aqi": 0.005376575,
  "bids_meta": {
    "AcquisitionMatrixPE": 128,
    "AcquisitionNumber": 1,
    "AcquisitionTime": "11:39:35.205000",
    "BandwidthPerPixelPhaseEncode": 23.321,
    "BaseResolution": 128,
    "BodyPartExamined": "BRAIN",
    "ConsistencyInfo": "N4_VE11C_LATEST_20160120",
    "ConversionSoftware": "dcm2niix",
    "ConversionSoftwareVersion": "v1.0.20190902",
    "DerivedVendorReportedEchoSpacing": 0.000669997,
    "DeviceSerialNumber": "45239",
    "DwellTime": 2.2e-06,
    "EchoTime": 0.03,
    "EchoTrainLength": 63,
    "EffectiveEchoSpacing": 0.000334999,
    "FlipAngle": 80,
    "ImageComments": "Unaliased_MB4_PE4_LB",
    "ImageOrientationPatientDICOM": [
      1,
      0,
      0,
      0,
      1,
      0
    ],
    "ImageType": [
      "ORIGINAL",
      "PRIMARY",
      "M",
      "MB",
      "ND",
      "MOSAIC"
    ],
    "ImagingFrequency": 123.172,
    "InPlanePhaseEncodingDirectionDICOM": "COL",
    "InstitutionAddress": "E_24th_St._100_Austin_Southmiddle_US_78712",
    "InstitutionName": "The_Univ._of_Texas_at_Austin_IRC",
    "InstitutionalDepartmentName": "IRC",
    "MRAcquisitionType": "2D",
    "MagneticFieldStrength": 3,
    "Manufacturer": "Siemens",
    "ManufacturersModelName": "Skyra",
    "Modality": "MR",
    "MultibandAccelerationFactor": 4,
    "ParallelReductionFactorInPlane": 2,
    "PartialFourier": 1,
    "PatientPosition": "HFS",
    "PercentPhaseFOV": 100,
    "PhaseEncodingDirection": "j-",
    "PhaseEncodingSteps": 127,
    "PhaseResolution": 1,
    "PixelBandwidth": 1775,
    "ProcedureStepDescription": "Booth_Language",
    "ProtocolName": "Gram1",
    "PulseSequenceDetails": "%CustomerSeq%_cmrr_mbep2d_bold",
    "ReceiveCoilActiveElements": "HC1-6",
    "ReceiveCoilName": "HeadNeck_64",
    "ReconMatrixPE": 128,
    "RefLinesPE": 58,
    "RepetitionTime": 1.25,
    "SAR": 0.180629,
    "ScanOptions": "FS",
    "ScanningSequence": "EP",
    "SequenceName": "epfid2d1_128",
    "SequenceVariant": "SK_SS",
    "SeriesDescription": "Gram1",
    "SeriesNumber": 5,
    "ShiftedAquisitionDate": "1817-11-11",
    "ShimSetting": [
      -2784,
      8071,
      -15384,
      -119,
      776,
      -482,
      -73,
      -216
    ],
    "SliceThickness": 2,
    "SliceTiming": [
      0,
      0.2625,
      0.525,
      0.79,
      1.0525,
      0.0875,
      0.35,
      0.615,
      0.8775,
      1.14,
      0.175,
      0.4375,
      0.7025,
      0.965,
      0,
      0.2625,
      0.525,
      0.79,
      1.0525,
      0.0875,
      0.35,
      0.615,
      0.8775,
      1.14,
      0.175,
      0.4375,
      0.7025,
      0.965,
      0,
      0.2625,
      0.525,
      0.79,
      1.0525,
      0.0875,
      0.35,
      0.615,
      0.8775,
      1.14,
      0.175,
      0.4375,
      0.7025,
      0.965,
      0,
      0.2625,
      0.525,
      0.79,
      1.0525,
      0.0875,
      0.35,
      0.615,
      0.8775,
      1.14,
      0.175,
      0.4375,
      0.7025,
      0.965
    ],
    "SoftwareVersions": "syngo_MR_E11",
    "SpacingBetweenSlices": 2,
    "StationName": "AWP45239",
    "TotalReadoutTime": 0.0425448,
    "TxRefAmp": 336.232,
    "WipMemBlock": "48c70b82-a1d8-4f1b-b814-a04ecebce6a3||Sequence: R016 ve11c/master r/e634e98; Dec 19 2017 11:00:25 by eja",
    "acq_id": "D1S5",
    "dataset": "ds003604",
    "modality": "bold",
    "run_id": 1,
    "session_id": "9",
    "subject_id": "5024",
    "task_id": "Gram"
  },
  "dummy_trs": 0,
  "dvars_nstd": 46.8980009018894,
  "dvars_std": 1.1599684056682018,
  "dvars_vstd": 1.0095469489861757,
  "efc": 0.42881533594321103,
  "fber": 2938.21484375,
  "fd_mean": 0.16966255097740415,
  "fd_num": 86,
  "fd_perc": 39.44954128440367,
  "fwhm_avg": 3.4290983333333336,
  "fwhm_x": 3.13672,
  "fwhm_y": 3.62974,
  "fwhm_z": 3.520835,
  "gcor": 0.0112313,
  "gsr_x": -0.02135424129664898,
  "gsr_y": 0.02314945124089718,
  "provenance": {
    "md5sum": "7e2272d3836f3dfcf0ffab36c87210dc",
    "settings": {
      "fd_thres": 0.2,
      "testing": false
    },
    "software": "mriqc",
    "version": "23.0.1",
    "webapi_port": null,
    "webapi_url": "https://mriqc.nimh.nih.gov/api/v1"
  },
  "size_t": 218,
  "size_x": 128,
  "size_y": 128,
  "size_z": 56,
  "snr": 2.384534262422622,
  "spacing_tr": 1.25,
  "spacing_x": 2.0,
  "spacing_y": 2.0,
  "spacing_z": 2.0,
  "summary_bg_k": 70.05674201540961,
  "summary_bg_mad": 4.087357531217361,
  "summary_bg_mean": 26.321250915527344,
  "summary_bg_median": 12.97706413269043,
  "summary_bg_n": 665895.0,
  "summary_bg_p05": 9.87614631652832,
  "summary_bg_p95": 84.73990325927703,
  "summary_bg_stdv": 51.99952697753906,
  "summary_fg_k": 0.8717347205765464,
  "summary_fg_mad": 291.746191275141,
  "summary_fg_mean": 756.5050048828125,
  "summary_fg_median": 713.52978515625,
  "summary_fg_n": 146066.0,
  "summary_fg_p05": 365.91856384277344,
  "summary_fg_p95": 1305.0848083496094,
  "summary_fg_stdv": 299.2313232421875,
  "tsnr": 37.305328415706754
}