{
  "bids_meta": {
    "AcquisitionMatrixPE": 256,
    "AcquisitionNumber": 1,
    "AcquisitionTime": "11:22:29.112500",
    "BaseResolution": 256,
    "BodyPartExamined": "BRAIN",
    "ConsistencyInfo": "N4_VE11A_LATEST_20140830",
    "ConversionSoftware": "dcm2niix",
    "ConversionSoftwareVersion": "v1.0.20190902",
    "DeviceSerialNumber": "45239",
    "DwellTime": 1.09e-05,
    "EchoTime": 0.00243,
    "FlipAngle": 9,
    "ImageOrientationPatientDICOM": [
      0,
      1,
      0,
      0,
      0,
      -1
    ],
    "ImageType": [
      "ORIGINAL",
      "PRIMARY",
      "M",
      "ND"
    ],
    "ImagingFrequency": 123.224,
    "InPlanePhaseEncodingDirectionDICOM": "ROW",
    "InstitutionAddress": "E_24th_St._100_Austin_Southmiddle_US_78712",
    "InstitutionName": "The_Univ._of_Texas_at_Austin_IRC",
    "InstitutionalDepartmentName": "IRC",
    "InversionTime": 0.9,
    "MRAcquisitionType": "3D",
    "MagneticFieldStrength": 3,
    "Manufacturer": "Siemens",
    "ManufacturersModelName": "Skyra",
    "Modality": "MR",
    "ParallelReductionFactorInPlane": 2,
    "PartialFourier": 1,
    "PatientPosition": "HFS",
    "PercentPhaseFOV": 100,
    "PhaseEncodingSteps": 255,
    "PhaseResolution": 1,
    "PixelBandwidth": 180,
    "ProcedureStepDescription": "Booth_Language",
    "ProtocolName": "MPRAGE",
    "PulseSequenceDetails": "%SiemensSeq%_tfl",
    "ReceiveCoilActiveElements": "HC1-6",
    "ReceiveCoilName": "HeadNeck_64",
    "ReconMatrixPE": 256,
    "RefLinesPE": 24,
    "RepetitionTime": 1.9,
    "SAR": 0.230301,
    "ScanOptions": "IR",
    "ScanningSequence": "GR_IR",
    "SequenceName": "_tfl3d1_16ns",
    "SequenceVariant": "SK_SP_MP",
    "SeriesDescription": "MPRAGE",
    "SeriesNumber": 2,
    "ShiftedAquisitionDate": "1816-04-08 00:00:00",
    "ShimSetting": [
      -2849,
      8022,
      -16018,
      -1233,
      -75,
      -527,
      -219,
      169
    ],
    "SliceThickness": 1,
    "SoftwareVersions": "syngo_MR_E11",
    "StationName": "AWP45239",
    "TxRefAmp": 330.362,
    "acq_id": "D1S2",
    "dataset": "ds003604",
    "modality": "T1w",
    "session_id": "7",
    "subject_id": "5250"
  },
  "cjv": 0.48334500399713837,
  "cnr": 2.721880924372008,
  "efc": 0.5148352912969199,
  "fber": -1.0,
  "fwhm_avg": 6.069803333333334,
  "fwhm_x": 6.21304,
  "fwhm_y": 5.55637,
  "fwhm_z": 6.44,
  "icvs_csf": 0.17142859004600866,
  "icvs_gm": 0.44118862458595437,
  "icvs_wm": 0.387382785368037,
  "inu_med": 0.9638522267341614,
  "inu_range": 1.3939825654029843,
  "provenance": {
    "md5sum": "fe8f0b2a95cb5843ac4a90443c4131a3",
    "settings": {
      "testing": false
    },
    "software": "mriqc",
    "version": "22.0.6",
    "warnings": {
      "large_rot_frame": true,
      "small_air_mask": false
    },
    "webapi_port": null,
    "webapi_url": "https://mriqc.nimh.nih.gov/api/v1"
  },
  "qi_1": 0.0,
  "qi_2": 0.0025371854386006952,
  "rpve_csf": 30.347252613958904,
  "rpve_gm": 12.358916019219432,
  "rpve_wm": 15.228666935552866,
  "size_x": 192,
  "size_y": 256,
  "size_z": 256,
  "snr_csf": 3.179554892207483,
  "snr_gm": 15.073202968625843,
  "snr_total": 10.512474907309445,
  "snr_wm": 13.284666861095005,
  "snrd_csf": 13.814469474785746,
  "snrd_gm": 31.598016352846997,
  "snrd_total": 29.167940279807567,
  "snrd_wm": 42.09133501178996,
  "spacing_x": 1.0,
  "spacing_y": 1.0,
  "spacing_z": 1.0,
  "summary_bg_k": 9.980988544919494,
  "summary_bg_mad": 0.0,
  "summary_bg_mean": 8.901310267055655,
  "summary_bg_median": 0.0,
  "summary_bg_n": 2655400.0,
  "summary_bg_p05": 0.0,
  "summary_bg_p95": 42.00895082950592,
  "summary_bg_stdv": 15.56567820833671,
  "summary_csf_k": 2.7408940281422964,
  "summary_csf_mad": 84.41317257809663,
  "summary_csf_mean": 342.31473473117927,
  "summary_csf_median": 328.2241476178169,
  "summary_csf_n": 35526.0,
  "summary_csf_p05": 200.31056562066078,
  "summary_csf_p95": 532.809073895216,
  "summary_csf_stdv": 103.22813702562173,
  "summary_gm_k": 0.20183883777235812,
  "summary_gm_mad": 48.419989901101765,
  "summary_gm_mean": 750.8034626340008,
  "summary_gm_median": 750.7513772249222,
  "summary_gm_n": 31950.0,
  "summary_gm_p05": 668.5367214679718,
  "summary_gm_p95": 832.1645903587341,
  "summary_gm_stdv": 49.806244223458954,
  "summary_wm_k": 0.7202725301789155,
  "summary_wm_mad": 72.08538373824558,
  "summary_wm_mean": 1009.7226362307557,
  "summary_wm_median": 1000.0668199062347,
  "summary_wm_n": 169319.0,
  "summary_wm_p05": 905.8973116874695,
  "summary_wm_p95": 1149.2019346952438,
  "summary_wm_stdv": 75.27955929609654,
  "tpm_overlap_csf": 0.1659988485413507,
  "tpm_overlap_gm": 0.4622952680074992,
  "tpm_overlap_wm": 0.4463425945485774,
  "wm2max": 0.2915637837786379
}