{
  "bids_meta": {
    "AcquisitionMatrixPE": 256,
    "AcquisitionNumber": 1,
    "AcquisitionTime": "10:07:32.642500",
    "BaseResolution": 256,
    "BodyPartExamined": "BRAIN",
    "ConsistencyInfo": "N4_VE11A_LATEST_20140830",
    "ConversionSoftware": "dcm2niix",
    "ConversionSoftwareVersion": "v1.0.20190902",
    "DeviceSerialNumber": "45239",
    "DwellTime": 1.09e-05,
    "EchoTime": 0.00243,
    "FlipAngle": 9,
    "ImageOrientationPatientDICOM": [
      0,
      1,
      0,
      0,
      0,
      -1
    ],
    "ImageType": [
      "ORIGINAL",
      "PRIMARY",
      "M",
      "ND"
    ],
    "ImagingFrequency": 123.225,
    "InPlanePhaseEncodingDirectionDICOM": "ROW",
    "InstitutionAddress": "E_24th_St._100_Austin_Southmiddle_US_78712",
    "InstitutionName": "The_Univ._of_Texas_at_Austin_IRC",
    "InstitutionalDepartmentName": "IRC",
    "InversionTime": 0.9,
    "MRAcquisitionType": "3D",
    "MagneticFieldStrength": 3,
    "Manufacturer": "Siemens",
    "ManufacturersModelName": "Skyra",
    "Modality": "MR",
    "ParallelReductionFactorInPlane": 2,
    "PartialFourier": 1,
    "PatientPosition": "HFS",
    "PercentPhaseFOV": 100,
    "PhaseEncodingSteps": 255,
    "PhaseResolution": 1,
    "PixelBandwidth": 180,
    "ProcedureStepDescription": "Booth_Language",
    "ProtocolName": "MPRAGE",
    "PulseSequenceDetails": "%SiemensSeq%_tfl",
    "ReceiveCoilActiveElements": "HC1-6",
    "ReceiveCoilName": "HeadNeck_64",
    "ReconMatrixPE": 256,
    "RefLinesPE": 24,
    "RepetitionTime": 1.9,
    "SAR": 0.246292,
    "ScanOptions": "IR",
    "ScanningSequence": "GR_IR",
    "SequenceName": "_tfl3d1_16ns",
    "SequenceVariant": "SK_SP_MP",
    "SeriesDescription": "MPRAGE",
    "SeriesNumber": 2,
    "ShiftedAquisitionDate": "1817-10-16 00:00:00",
    "ShimSetting": [
      -2849,
      8055,
      -15936,
      -670,
      286,
      -583,
      -301,
      11
    ],
    "SliceThickness": 1,
    "SoftwareVersions": "syngo_MR_E11",
    "StationName": "AWP45239",
    "TxRefAmp": 376.013,
    "acq_id": "D1S2",
    "dataset": "ds003604",
    "modality": "T1w",
    "session_id": "7",
    "subject_id": "5199"
  },
  "cjv": 0.42939374068682185,
  "cnr": 3.0641012521263953,
  "efc": 0.5008923174540102,
  "fber": -1.0,
  "fwhm_avg": 6.206616666666666,
  "fwhm_x": 6.74431,
  "fwhm_y": 5.32098,
  "fwhm_z": 6.55456,
  "icvs_csf": 0.14691820327141794,
  "icvs_gm": 0.47328075410859144,
  "icvs_wm": 0.3798010426199906,
  "inu_med": 0.9318521618843079,
  "inu_range": 1.3809766530990606,
  "provenance": {
    "md5sum": "3f6f878cac76f3bedaae64d8b95f4a6a",
    "settings": {
      "testing": false
    },
    "software": "mriqc",
    "version": "22.0.6",
    "warnings": {
      "large_rot_frame": true,
      "small_air_mask": false
    },
    "webapi_port": null,
    "webapi_url": "https://mriqc.nimh.nih.gov/api/v1"
  },
  "qi_1": 0.0,
  "qi_2": 0.0053655084232449735,
  "rpve_csf": 45.777179947985154,
  "rpve_gm": 15.78797268387755,
  "rpve_wm": 20.51165181349873,
  "size_x": 192,
  "size_y": 256,
  "size_z": 256,
  "snr_csf": 2.565026246168893,
  "snr_gm": 17.018127717131435,
  "snr_total": 11.80003022369054,
  "snr_wm": 15.816936707771287,
  "snrd_csf": 21.621028651865913,
  "snrd_gm": 46.883295113339265,
  "snrd_total": 43.382927298438574,
  "snrd_wm": 61.64445813011055,
  "spacing_x": 1.0,
  "spacing_y": 1.0,
  "spacing_z": 1.0,
  "summary_bg_k": 8.272859932388197,
  "summary_bg_mad": 0.0,
  "summary_bg_mean": 6.217796733215698,
  "summary_bg_median": 0.0,
  "summary_bg_n": 2330699.0,
  "summary_bg_p05": 0.0,
  "summary_bg_p95": 24.973985105752945,
  "summary_bg_stdv": 10.627660803879886,
  "summary_csf_k": 30.046207529901487,
  "summary_csf_mad": 93.83673097374385,
  "summary_csf_mean": 371.0476250054765,
  "summary_csf_median": 350.73758494108915,
  "summary_csf_n": 15559.0,
  "summary_csf_p05": 218.09389444068074,
  "summary_csf_p95": 585.2359597943723,
  "summary_csf_stdv": 136.73400577148195,
  "summary_gm_k": 0.12043993033526057,
  "summary_gm_mad": 44.10507858146955,
  "summary_gm_mean": 760.6554591754896,
  "summary_gm_median": 760.5435415171087,
  "summary_gm_n": 34924.0,
  "summary_gm_p05": 687.2742763906717,
  "summary_gm_p95": 834.3545217616482,
  "summary_gm_stdv": 44.68956077478012,
  "summary_wm_k": 0.5562821424354456,
  "summary_wm_mad": 58.716020251462545,
  "summary_wm_mean": 1010.4926017138635,
  "summary_wm_median": 999.9999869428575,
  "summary_wm_n": 124674.0,
  "summary_wm_p05": 924.4047133997083,
  "summary_wm_p95": 1129.0934540703893,
  "summary_wm_stdv": 63.223112980167976,
  "tpm_overlap_csf": 0.14918609839909483,
  "tpm_overlap_gm": 0.4669095832581206,
  "tpm_overlap_wm": 0.4354274944966184,
  "wm2max": 0.3165165165165165
}