{
  "aor": 0.00611123853211009,
  "aqi": 0.01028387123853211,
  "bids_meta": {
    "AcquisitionMatrixPE": 128,
    "AcquisitionNumber": 1,
    "AcquisitionTime": "15:06:56.810000",
    "BandwidthPerPixelPhaseEncode": 23.321,
    "BaseResolution": 128,
    "BodyPartExamined": "BRAIN",
    "ConsistencyInfo": "N4_VE11A_LATEST_20140830",
    "ConversionSoftware": "dcm2niix",
    "ConversionSoftwareVersion": "v1.0.20190902",
    "DerivedVendorReportedEchoSpacing": 0.000669997,
    "DeviceSerialNumber": "45239",
    "DwellTime": 2.2e-06,
    "EchoTime": 0.03,
    "EchoTrainLength": 63,
    "EffectiveEchoSpacing": 0.000334999,
    "FlipAngle": 80,
    "ImageComments": "Unaliased_MB4_PE4_LB",
    "ImageOrientationPatientDICOM": [
      0.999848,
      0,
      0.0174524,
      0,
      1,
      0
    ],
    "ImageType": [
      "ORIGINAL",
      "PRIMARY",
      "M",
      "MB",
      "ND",
      "MOSAIC"
    ],
    "ImagingFrequency": 123.224,
    "InPlanePhaseEncodingDirectionDICOM": "COL",
    "InstitutionAddress": "E_24th_St._100_Austin_Southmiddle_US_78712",
    "InstitutionName": "The_Univ._of_Texas_at_Austin_IRC",
    "InstitutionalDepartmentName": "IRC",
    "MRAcquisitionType": "2D",
    "MagneticFieldStrength": 3,
    "Manufacturer": "Siemens",
    "ManufacturersModelName": "Skyra",
    "Modality": "MR",
    "MultibandAccelerationFactor": 4,
    "ParallelReductionFactorInPlane": 2,
    "PartialFourier": 1,
    "PatientPosition": "HFS",
    "PercentPhaseFOV": 100,
    "PhaseEncodingDirection": "j-",
    "PhaseEncodingSteps": 127,
    "PhaseResolution": 1,
    "PixelBandwidth": 1775,
    "ProcedureStepDescription": "Booth_Language",
    "ProtocolName": "Gram1",
    "PulseSequenceDetails": "%CustomerSeq%_cmrr_mbep2d_bold",
    "ReceiveCoilActiveElements": "HC1-6",
    "ReceiveCoilName": "HeadNeck_64",
    "ReconMatrixPE": 128,
    "RefLinesPE": 58,
    "RepetitionTime": 1.25,
    "SAR": 0.328656,
    "ScanOptions": "FS",
    "ScanningSequence": "EP",
    "SequenceName": "epfid2d1_128",
    "SequenceVariant": "SK_SS",
    "SeriesDescription": "Gram1",
    "SeriesNumber": 5,
    "ShiftedAquisitionDate": "1815-12-04",
    "ShimSetting": [
      -2884,
      7840,
      -15453,
      -1074,
      213,
      -516,
      520,
      -92
    ],
    "SliceThickness": 2,
    "SliceTiming": [
      0,
      0.265,
      0.5275,
      0.7925,
      1.055,
      0.09,
      0.3525,
      0.615,
      0.88,
      1.1425,
      0.1775,
      0.44,
      0.705,
      0.9675,
      0,
      0.265,
      0.5275,
      0.7925,
      1.055,
      0.09,
      0.3525,
      0.615,
      0.88,
      1.1425,
      0.1775,
      0.44,
      0.705,
      0.9675,
      0,
      0.265,
      0.5275,
      0.7925,
      1.055,
      0.09,
      0.3525,
      0.615,
      0.88,
      1.1425,
      0.1775,
      0.44,
      0.705,
      0.9675,
      0,
      0.265,
      0.5275,
      0.7925,
      1.055,
      0.09,
      0.3525,
      0.615,
      0.88,
      1.1425,
      0.1775,
      0.44,
      0.705,
      0.9675
    ],
    "SoftwareVersions": "syngo_MR_E11",
    "SpacingBetweenSlices": 2,
    "StationName": "AWP45239",
    "TotalReadoutTime": 0.0425448,
    "TxRefAmp": 322.909,
    "WipMemBlock": "a1fcf050-727f-4fdf-9dc7-6226144c8b7c||Sequence: ve11a/master r/3765ccc; Dec 14 2015 15:37:15 by eja",
    "acq_id": "D1S5",
    "dataset": "ds003604",
    "modality": "bold",
    "run_id": 1,
    "session_id": "7",
    "subject_id": "5231",
    "task_id": "Gram"
  },
  "dummy_trs": 0,
  "dvars_nstd": 56.93404311092163,
  "dvars_std": 1.192511946082949,
  "dvars_vstd": 1.0519591583410144,
  "efc": 0.4368268247898915,
  "fber": 1729.8245849609375,
  "fd_mean": 0.39854887005883755,
  "fd_num": 109,
  "fd_perc": 50.0,
  "fwhm_avg": 3.5561183333333335,
  "fwhm_x": 3.321955,
  "fwhm_y": 3.63034,
  "fwhm_z": 3.71606,
  "gcor": 0.0108229,
  "gsr_x": -0.017887471243739128,
  "gsr_y": 0.015461202710866928,
  "provenance": {
    "md5sum": "af1d810b5e1224df88579f0572f8ef22",
    "settings": {
      "fd_thres": 0.2,
      "testing": false
    },
    "software": "mriqc",
    "version": "23.0.1",
    "webapi_port": null,
    "webapi_url": "https://mriqc.nimh.nih.gov/api/v1"
  },
  "size_t": 218,
  "size_x": 128,
  "size_y": 128,
  "size_z": 56,
  "snr": 2.2237426590402265,
  "spacing_tr": 1.25,
  "spacing_x": 2.0,
  "spacing_y": 2.0,
  "spacing_z": 2.0,
  "summary_bg_k": 72.20896286119854,
  "summary_bg_mad": 3.0536168331781535,
  "summary_bg_mean": 26.25556182861328,
  "summary_bg_median": 16.018348693847656,
  "summary_bg_n": 661382.0,
  "summary_bg_p05": 13.536696434020996,
  "summary_bg_p95": 65.75688171386719,
  "summary_bg_stdv": 42.154544830322266,
  "summary_fg_k": 2.876200626982274,
  "summary_fg_mad": 256.6568000938778,
  "summary_fg_mean": 730.3667602539062,
  "summary_fg_median": 669.814208984375,
  "summary_fg_n": 152602.0,
  "summary_fg_p05": 376.646989440918,
  "summary_fg_p95": 1311.5751281738271,
  "summary_fg_stdv": 301.2093200683594,
  "tsnr": 27.519568774150684
}