{
  "aor": 0.0030869266055045873,
  "aqi": 0.010434507935779816,
  "bids_meta": {
    "AcquisitionMatrixPE": 128,
    "AcquisitionNumber": 1,
    "AcquisitionTime": "15:01:15.475000",
    "BandwidthPerPixelPhaseEncode": 23.321,
    "BaseResolution": 128,
    "BodyPartExamined": "BRAIN",
    "ConsistencyInfo": "N4_VE11A_LATEST_20140830",
    "ConversionSoftware": "dcm2niix",
    "ConversionSoftwareVersion": "v1.0.20190902",
    "DerivedVendorReportedEchoSpacing": 0.000669997,
    "DeviceSerialNumber": "45239",
    "DwellTime": 2.2e-06,
    "EchoTime": 0.03,
    "EchoTrainLength": 63,
    "EffectiveEchoSpacing": 0.000334999,
    "FlipAngle": 80,
    "ImageComments": "Unaliased_MB4_PE4_LB",
    "ImageOrientationPatientDICOM": [
      0.999848,
      0,
      0.0174524,
      0,
      1,
      0
    ],
    "ImageType": [
      "ORIGINAL",
      "PRIMARY",
      "M",
      "MB",
      "ND",
      "MOSAIC"
    ],
    "ImagingFrequency": 123.224,
    "InPlanePhaseEncodingDirectionDICOM": "COL",
    "InstitutionAddress": "E_24th_St._100_Austin_Southmiddle_US_78712",
    "InstitutionName": "The_Univ._of_Texas_at_Austin_IRC",
    "InstitutionalDepartmentName": "IRC",
    "MRAcquisitionType": "2D",
    "MagneticFieldStrength": 3,
    "Manufacturer": "Siemens",
    "ManufacturersModelName": "Skyra",
    "Modality": "MR",
    "MultibandAccelerationFactor": 4,
    "ParallelReductionFactorInPlane": 2,
    "PartialFourier": 1,
    "PatientPosition": "HFS",
    "PercentPhaseFOV": 100,
    "PhaseEncodingDirection": "j-",
    "PhaseEncodingSteps": 127,
    "PhaseResolution": 1,
    "PixelBandwidth": 1775,
    "ProcedureStepDescription": "Booth_Language",
    "ProtocolName": "Gram2",
    "PulseSequenceDetails": "%CustomerSeq%_cmrr_mbep2d_bold",
    "ReceiveCoilActiveElements": "HC1-6",
    "ReceiveCoilName": "HeadNeck_64",
    "ReconMatrixPE": 128,
    "RefLinesPE": 58,
    "RepetitionTime": 1.25,
    "SAR": 0.328656,
    "ScanOptions": "FS",
    "ScanningSequence": "EP",
    "SequenceName": "epfid2d1_128",
    "SequenceVariant": "SK_SS",
    "SeriesDescription": "Gram2",
    "SeriesNumber": 3,
    "ShiftedAquisitionDate": "1815-12-04",
    "ShimSetting": [
      -2884,
      7840,
      -15453,
      -1074,
      213,
      -516,
      520,
      -92
    ],
    "SliceThickness": 2,
    "SliceTiming": [
      0,
      0.265,
      0.5275,
      0.7925,
      1.055,
      0.09,
      0.3525,
      0.615,
      0.88,
      1.1425,
      0.1775,
      0.44,
      0.705,
      0.9675,
      0,
      0.265,
      0.5275,
      0.7925,
      1.055,
      0.09,
      0.3525,
      0.615,
      0.88,
      1.1425,
      0.1775,
      0.44,
      0.705,
      0.9675,
      0,
      0.265,
      0.5275,
      0.7925,
      1.055,
      0.09,
      0.3525,
      0.615,
      0.88,
      1.1425,
      0.1775,
      0.44,
      0.705,
      0.9675,
      0,
      0.265,
      0.5275,
      0.7925,
      1.055,
      0.09,
      0.3525,
      0.615,
      0.88,
      1.1425,
      0.1775,
      0.44,
      0.705,
      0.9675
    ],
    "SoftwareVersions": "syngo_MR_E11",
    "SpacingBetweenSlices": 2,
    "StationName": "AWP45239",
    "TotalReadoutTime": 0.0425448,
    "TxRefAmp": 322.909,
    "WipMemBlock": "1f783629-6013-43cd-aa53-03e1c19c1a4f||Sequence: ve11a/master r/3765ccc; Dec 14 2015 15:37:15 by eja",
    "acq_id": "D1S3",
    "dataset": "ds003604",
    "modality": "bold",
    "run_id": 2,
    "session_id": "7",
    "subject_id": "5231",
    "task_id": "Gram"
  },
  "dummy_trs": 0,
  "dvars_nstd": 52.396679363963145,
  "dvars_std": 1.1684474747926263,
  "dvars_vstd": 1.0034458596313367,
  "efc": 0.43522726714622806,
  "fber": 1749.99560546875,
  "fd_mean": 0.2400834604449952,
  "fd_num": 81,
  "fd_perc": 37.15596330275229,
  "fwhm_avg": 3.56047,
  "fwhm_x": 3.30782,
  "fwhm_y": 3.64974,
  "fwhm_z": 3.72385,
  "gcor": 0.00928346,
  "gsr_x": -0.016794586554169655,
  "gsr_y": 0.015516853891313076,
  "provenance": {
    "md5sum": "312d96207c62c591db66816ac76f4722",
    "settings": {
      "fd_thres": 0.2,
      "testing": false
    },
    "software": "mriqc",
    "version": "23.0.1",
    "webapi_port": null,
    "webapi_url": "https://mriqc.nimh.nih.gov/api/v1"
  },
  "size_t": 218,
  "size_x": 128,
  "size_y": 128,
  "size_z": 56,
  "snr": 2.21408669592759,
  "spacing_tr": 1.25,
  "spacing_x": 2.0,
  "spacing_y": 2.0,
  "spacing_z": 2.0,
  "summary_bg_k": 75.5048621582167,
  "summary_bg_mad": 3.142029229345103,
  "summary_bg_mean": 25.865741729736328,
  "summary_bg_median": 15.922018051147461,
  "summary_bg_n": 662038.0,
  "summary_bg_p05": 13.256879806518555,
  "summary_bg_p95": 64.14219665527344,
  "summary_bg_stdv": 41.33179473876953,
  "summary_fg_k": 2.9530247296215357,
  "summary_fg_mad": 256.12294927673463,
  "summary_fg_mean": 730.4158325195312,
  "summary_fg_median": 669.0596313476562,
  "summary_fg_n": 152060.0,
  "summary_fg_p05": 376.64630126953125,
  "summary_fg_p95": 1313.5646667480469,
  "summary_fg_stdv": 302.18212890625,
  "tsnr": 29.11718091694638
}