{
  "bids_meta": {
    "AcquisitionMatrixPE": 256,
    "AcquisitionNumber": 1,
    "AcquisitionTime": "11:57:42.115000",
    "BaseResolution": 256,
    "BodyPartExamined": "BRAIN",
    "ConsistencyInfo": "N4_VE11A_LATEST_20140830",
    "ConversionSoftware": "dcm2niix",
    "ConversionSoftwareVersion": "v1.0.20190902",
    "DeviceSerialNumber": "45239",
    "DwellTime": 1.09e-05,
    "EchoTime": 0.00243,
    "FlipAngle": 9,
    "ImageOrientationPatientDICOM": [
      0,
      1,
      0,
      0,
      0,
      -1
    ],
    "ImageType": [
      "ORIGINAL",
      "PRIMARY",
      "M",
      "ND"
    ],
    "ImagingFrequency": 123.225,
    "InPlanePhaseEncodingDirectionDICOM": "ROW",
    "InstitutionAddress": "E_24th_St._100_Austin_Southmiddle_US_78712",
    "InstitutionName": "The_Univ._of_Texas_at_Austin_IRC",
    "InstitutionalDepartmentName": "IRC",
    "InversionTime": 0.9,
    "MRAcquisitionType": "3D",
    "MagneticFieldStrength": 3,
    "Manufacturer": "Siemens",
    "ManufacturersModelName": "Skyra",
    "Modality": "MR",
    "ParallelReductionFactorInPlane": 2,
    "PartialFourier": 1,
    "PatientPosition": "HFS",
    "PercentPhaseFOV": 100,
    "PhaseEncodingSteps": 255,
    "PhaseResolution": 1,
    "PixelBandwidth": 180,
    "ProcedureStepDescription": "Booth_Language",
    "ProtocolName": "MPRAGE",
    "PulseSequenceDetails": "%SiemensSeq%_tfl",
    "ReceiveCoilActiveElements": "HC1-6",
    "ReceiveCoilName": "HeadNeck_64",
    "ReconMatrixPE": 256,
    "RefLinesPE": 24,
    "RepetitionTime": 1.9,
    "SAR": 0.252556,
    "ScanOptions": "IR",
    "ScanningSequence": "GR_IR",
    "SequenceName": "_tfl3d1_16ns",
    "SequenceVariant": "SK_SP_MP",
    "SeriesDescription": "MPRAGE",
    "SeriesNumber": 13,
    "ShiftedAquisitionDate": "1817-01-24 00:00:00",
    "ShimSetting": [
      -2851,
      8065,
      -15920,
      -530,
      404,
      -610,
      -324,
      -43
    ],
    "SliceThickness": 1,
    "SoftwareVersions": "syngo_MR_E11",
    "StationName": "AWP45239",
    "TxRefAmp": 338.8,
    "acq_id": "D1S13",
    "dataset": "ds003604",
    "modality": "T1w",
    "session_id": "7",
    "subject_id": "5074"
  },
  "cjv": 0.47456236135036567,
  "cnr": 2.8480311376971494,
  "efc": 0.5535685165366795,
  "fber": 10089.593721303949,
  "fwhm_avg": 6.51927,
  "fwhm_x": 6.70526,
  "fwhm_y": 6.13044,
  "fwhm_z": 6.72211,
  "icvs_csf": 0.12479418298445728,
  "icvs_gm": 0.4691460672966169,
  "icvs_wm": 0.40605974971892583,
  "inu_med": 0.9709023833274841,
  "inu_range": 1.365119075775142,
  "provenance": {
    "md5sum": "f9cce303e187e241cfcbf4aaf24eef66",
    "settings": {
      "testing": false
    },
    "software": "mriqc",
    "version": "22.0.6",
    "warnings": {
      "large_rot_frame": true,
      "small_air_mask": false
    },
    "webapi_port": null,
    "webapi_url": "https://mriqc.nimh.nih.gov/api/v1"
  },
  "qi_1": 0.00045818068130568915,
  "qi_2": 0.002687092199407512,
  "rpve_csf": 40.48711474360425,
  "rpve_gm": 11.96730823088586,
  "rpve_wm": 14.425660172708689,
  "size_x": 192,
  "size_y": 256,
  "size_z": 256,
  "snr_csf": 3.055283352768609,
  "snr_gm": 16.55139410367835,
  "snr_total": 11.242748026073698,
  "snr_wm": 14.121566621774134,
  "snrd_csf": 15.096010072119489,
  "snrd_gm": 32.99345441641193,
  "snrd_total": 30.57320488570001,
  "snrd_wm": 43.63015016856862,
  "spacing_x": 1.0,
  "spacing_y": 1.0,
  "spacing_z": 1.0,
  "summary_bg_k": 6.721865854491501,
  "summary_bg_mad": 0.0,
  "summary_bg_mean": 10.119897240677439,
  "summary_bg_median": 0.0,
  "summary_bg_n": 2019266.0,
  "summary_bg_p05": 0.0,
  "summary_bg_p95": 38.56766391545534,
  "summary_bg_stdv": 15.017563166648802,
  "summary_csf_k": 2.9844127618969294,
  "summary_csf_mad": 96.04465157462181,
  "summary_csf_mean": 358.36907608785816,
  "summary_csf_median": 346.0428772121668,
  "summary_csf_n": 18422.0,
  "summary_csf_p05": 198.3632158227265,
  "summary_csf_p95": 558.4472311660647,
  "summary_csf_stdv": 113.2574118409611,
  "summary_gm_k": 0.15563962907989337,
  "summary_gm_mad": 44.86112718756537,
  "summary_gm_mean": 756.9136440466134,
  "summary_gm_median": 756.3024826347828,
  "summary_gm_n": 51588.0,
  "summary_gm_p05": 682.679007127881,
  "summary_gm_p95": 832.4751866590228,
  "summary_gm_stdv": 45.693743236652885,
  "summary_wm_k": 0.04865452133875081,
  "summary_wm_mad": 70.84803920606178,
  "summary_wm_mean": 1009.6906793130914,
  "summary_wm_median": 1000.1253725588322,
  "summary_wm_n": 167176.0,
  "summary_wm_p05": 910.5104266479611,
  "summary_wm_p95": 1140.7876004651189,
  "summary_wm_stdv": 70.82233919977124,
  "tpm_overlap_csf": 0.14830536174293152,
  "tpm_overlap_gm": 0.4664781137953153,
  "tpm_overlap_wm": 0.44252980491120475,
  "wm2max": 0.3330055827295864
}