{
  "bids_meta": {
    "AcquisitionMatrixPE": 256,
    "AcquisitionNumber": 1,
    "AcquisitionTime": "16:03:43.625000",
    "BaseResolution": 256,
    "BodyPartExamined": "BRAIN",
    "ConsistencyInfo": "N4_VE11C_LATEST_20160120",
    "ConversionSoftware": "dcm2niix",
    "ConversionSoftwareVersion": "v1.0.20190902",
    "DeviceSerialNumber": "45239",
    "DwellTime": 1.09e-05,
    "EchoTime": 0.00243,
    "FlipAngle": 9,
    "ImageOrientationPatientDICOM": [
      0,
      1,
      0,
      0,
      0,
      -1
    ],
    "ImageType": [
      "ORIGINAL",
      "PRIMARY",
      "M",
      "ND"
    ],
    "ImagingFrequency": 123.172,
    "InPlanePhaseEncodingDirectionDICOM": "ROW",
    "InstitutionAddress": "E_24th_St._100_Austin_Southmiddle_US_78712",
    "InstitutionName": "The_Univ._of_Texas_at_Austin_IRC",
    "InstitutionalDepartmentName": "IRC",
    "InversionTime": 0.9,
    "MRAcquisitionType": "3D",
    "MagneticFieldStrength": 3,
    "Manufacturer": "Siemens",
    "ManufacturersModelName": "Skyra",
    "Modality": "MR",
    "ParallelReductionFactorInPlane": 2,
    "PartialFourier": 1,
    "PatientPosition": "HFS",
    "PercentPhaseFOV": 100,
    "PhaseEncodingSteps": 255,
    "PhaseResolution": 1,
    "PixelBandwidth": 180,
    "ProcedureStepDescription": "Booth_Language",
    "ProtocolName": "MPRAGE",
    "PulseSequenceDetails": "%SiemensSeq%_tfl",
    "ReceiveCoilActiveElements": "HC1-6",
    "ReceiveCoilName": "HeadNeck_64",
    "ReconMatrixPE": 256,
    "RefLinesPE": 24,
    "RepetitionTime": 1.9,
    "SAR": 0.177882,
    "ScanOptions": "IR",
    "ScanningSequence": "GR_IR",
    "SequenceName": "_tfl3d1_16ns",
    "SequenceVariant": "SK_SP_MP",
    "SeriesDescription": "MPRAGE",
    "SeriesNumber": 2,
    "ShiftedAquisitionDate": "1818-04-29 00:00:00",
    "ShimSetting": [
      -2751,
      8072,
      -15888,
      -462,
      637,
      -681,
      -484,
      -138
    ],
    "SliceThickness": 1,
    "SoftwareVersions": "syngo_MR_E11",
    "StationName": "AWP45239",
    "TxRefAmp": 332.854,
    "acq_id": "D1S2",
    "dataset": "ds003604",
    "modality": "T1w",
    "session_id": "9",
    "subject_id": "5005"
  },
  "cjv": 0.9093742723200211,
  "cnr": 1.292240731674405,
  "efc": 0.4621008922920335,
  "fber": 2848.228207836628,
  "fwhm_avg": 5.177813333333333,
  "fwhm_x": 6.28602,
  "fwhm_y": 4.58645,
  "fwhm_z": 4.66097,
  "icvs_csf": 0.46796899547966825,
  "icvs_gm": 0.08123094882255694,
  "icvs_wm": 0.4508000556977748,
  "inu_med": 1.1594936847686768,
  "inu_range": 0.9008059382438659,
  "provenance": {
    "md5sum": "462328930c1191363a45d4c23b52e046",
    "settings": {
      "testing": false
    },
    "software": "mriqc",
    "version": "21.0.0rc2",
    "warnings": {
      "large_rot_frame": true,
      "small_air_mask": false
    },
    "webapi_port": null,
    "webapi_url": "https://mriqc.nimh.nih.gov/api/v1"
  },
  "qi_1": 0.0,
  "qi_2": 0.0025396382071345663,
  "rpve_csf": 13.653139741132668,
  "rpve_gm": 69.15518791187581,
  "rpve_wm": 13.912634539583117,
  "size_x": 192,
  "size_y": 256,
  "size_z": 256,
  "snr_csf": 10.912202713795192,
  "snr_gm": 1.997814693289785,
  "snr_total": 9.030116147021856,
  "snr_wm": 14.18033103398059,
  "snrd_csf": 44.75252747302793,
  "snrd_gm": 180.1929960808261,
  "snrd_total": 96.14689291372231,
  "snrd_wm": 63.4951551873129,
  "spacing_x": 1.0,
  "spacing_y": 1.0,
  "spacing_z": 1.0,
  "summary_bg_k": 6.649750438892019,
  "summary_bg_mad": 10.317895220509643,
  "summary_bg_mean": 17.04692221458329,
  "summary_bg_median": 14.56102740764618,
  "summary_bg_n": 3108809.0,
  "summary_bg_p05": 2.569593071937561,
  "summary_bg_p95": 43.36188308894634,
  "summary_bg_stdv": 13.43948868191336,
  "summary_csf_k": 0.3754308625440381,
  "summary_csf_mad": 62.06610817260416,
  "summary_csf_mean": 705.1252732408309,
  "summary_csf_median": 704.8179663568735,
  "summary_csf_n": 143680.0,
  "summary_csf_p05": 598.1798538714647,
  "summary_csf_p95": 810.4924814403057,
  "summary_csf_stdv": 64.58966462623087,
  "summary_gm_k": -0.8799160459247495,
  "summary_gm_mad": 1609.7503912490506,
  "summary_gm_mean": 2723.515329631834,
  "summary_gm_median": 2837.9014151990414,
  "summary_gm_n": 12585.0,
  "summary_gm_p05": 351.22054638266565,
  "summary_gm_p95": 4954.410988727212,
  "summary_gm_stdv": 1420.4463873099658,
  "summary_wm_k": 1.551217464167543,
  "summary_wm_mad": 61.58989762396526,
  "summary_wm_mean": 1006.9850104821938,
  "summary_wm_median": 999.9999704957008,
  "summary_wm_n": 120262.0,
  "summary_wm_p05": 907.601686283946,
  "summary_wm_p95": 1138.5438636243343,
  "summary_wm_stdv": 70.51992019802702,
  "tpm_overlap_csf": 0.10764418542385101,
  "tpm_overlap_gm": 0.058246660977602005,
  "tpm_overlap_wm": 0.4117666482925415,
  "wm2max": 0.1923552187165335
}