{
  "aor": 0.002389449541284404,
  "aqi": 0.006624612981651377,
  "bids_meta": {
    "AcquisitionMatrixPE": 128,
    "AcquisitionNumber": 1,
    "AcquisitionTime": "16:25:2.502500",
    "BandwidthPerPixelPhaseEncode": 23.321,
    "BaseResolution": 128,
    "BodyPartExamined": "BRAIN",
    "ConsistencyInfo": "N4_VE11A_LATEST_20140830",
    "ConversionSoftware": "dcm2niix",
    "ConversionSoftwareVersion": "v1.0.20190902",
    "DerivedVendorReportedEchoSpacing": 0.000669997,
    "DeviceSerialNumber": "45239",
    "DwellTime": 2.2e-06,
    "EchoTime": 0.03,
    "EchoTrainLength": 63,
    "EffectiveEchoSpacing": 0.000334999,
    "FlipAngle": 80,
    "ImageComments": "Unaliased_MB4_PE4_LB",
    "ImageOrientationPatientDICOM": [
      1,
      0,
      0,
      0,
      1,
      0
    ],
    "ImageType": [
      "ORIGINAL",
      "PRIMARY",
      "M",
      "MB",
      "ND",
      "MOSAIC"
    ],
    "ImagingFrequency": 123.224,
    "InPlanePhaseEncodingDirectionDICOM": "COL",
    "InstitutionAddress": "E_24th_St._100_Austin_Southmiddle_US_78712",
    "InstitutionName": "The_Univ._of_Texas_at_Austin_IRC",
    "InstitutionalDepartmentName": "IRC",
    "MRAcquisitionType": "2D",
    "MagneticFieldStrength": 3,
    "Manufacturer": "Siemens",
    "ManufacturersModelName": "Skyra",
    "Modality": "MR",
    "MultibandAccelerationFactor": 4,
    "ParallelReductionFactorInPlane": 2,
    "PartialFourier": 1,
    "PatientPosition": "HFS",
    "PercentPhaseFOV": 100,
    "PhaseEncodingDirection": "j-",
    "PhaseEncodingSteps": 127,
    "PhaseResolution": 1,
    "PixelBandwidth": 1775,
    "ProcedureStepDescription": "Booth_Language",
    "ProtocolName": "Gram2",
    "PulseSequenceDetails": "%CustomerSeq%_cmrr_mbep2d_bold",
    "ReceiveCoilActiveElements": "HC1-6",
    "ReceiveCoilName": "HeadNeck_64",
    "ReconMatrixPE": 128,
    "RefLinesPE": 58,
    "RepetitionTime": 1.25,
    "SAR": 0.282959,
    "ScanOptions": "FS",
    "ScanningSequence": "EP",
    "SequenceName": "epfid2d1_128",
    "SequenceVariant": "SK_SS",
    "SeriesDescription": "Gram2",
    "SeriesNumber": 5,
    "ShiftedAquisitionDate": "1816-05-31",
    "ShimSetting": [
      -2901,
      7990,
      -15547,
      -996,
      -283,
      -103,
      143,
      -4
    ],
    "SliceThickness": 2,
    "SliceTiming": [
      0,
      0.2625,
      0.525,
      0.79,
      1.0525,
      0.0875,
      0.35,
      0.615,
      0.8775,
      1.14,
      0.175,
      0.4375,
      0.7025,
      0.965,
      0,
      0.2625,
      0.525,
      0.79,
      1.0525,
      0.0875,
      0.35,
      0.615,
      0.8775,
      1.14,
      0.175,
      0.4375,
      0.7025,
      0.965,
      0,
      0.2625,
      0.525,
      0.79,
      1.0525,
      0.0875,
      0.35,
      0.615,
      0.8775,
      1.14,
      0.175,
      0.4375,
      0.7025,
      0.965,
      0,
      0.2625,
      0.525,
      0.79,
      1.0525,
      0.0875,
      0.35,
      0.615,
      0.8775,
      1.14,
      0.175,
      0.4375,
      0.7025,
      0.965
    ],
    "SoftwareVersions": "syngo_MR_E11",
    "SpacingBetweenSlices": 2,
    "StationName": "AWP45239",
    "TotalReadoutTime": 0.0425448,
    "TxRefAmp": 341.672,
    "WipMemBlock": "1940cefe-b9ad-4d81-9ff5-989909d61622||Sequence: ve11a/master r/fabf655; Jul 21 2016 12:54:08 by eja",
    "acq_id": "D1S5",
    "dataset": "ds003604",
    "modality": "bold",
    "run_id": 2,
    "session_id": "7",
    "subject_id": "5109",
    "task_id": "Gram"
  },
  "dummy_trs": 0,
  "dvars_nstd": 59.28639483082951,
  "dvars_std": 1.3037961936405538,
  "dvars_vstd": 1.0411074024884788,
  "efc": 0.4598302540697279,
  "fber": 1599.60498046875,
  "fd_mean": 0.24977759480725756,
  "fd_num": 128,
  "fd_perc": 58.71559633027523,
  "fwhm_avg": 3.7270466666666664,
  "fwhm_x": 3.420835,
  "fwhm_y": 3.81723,
  "fwhm_z": 3.943075,
  "gcor": 0.00969329,
  "gsr_x": -0.02525375224649906,
  "gsr_y": 0.027062589302659035,
  "provenance": {
    "md5sum": "49ff8240163994fedee82b928da55bbb",
    "settings": {
      "fd_thres": 0.2,
      "testing": false
    },
    "software": "mriqc",
    "version": "23.0.1",
    "webapi_port": null,
    "webapi_url": "https://mriqc.nimh.nih.gov/api/v1"
  },
  "size_t": 218,
  "size_x": 128,
  "size_y": 128,
  "size_z": 56,
  "snr": 2.1900543719781753,
  "spacing_tr": 1.25,
  "spacing_x": 2.0,
  "spacing_y": 2.0,
  "spacing_z": 2.0,
  "summary_bg_k": 60.72337325668533,
  "summary_bg_mad": 3.8901298782295504,
  "summary_bg_mean": 31.26647186279297,
  "summary_bg_median": 17.192659378051758,
  "summary_bg_n": 639239.0,
  "summary_bg_p05": 14.133027076721191,
  "summary_bg_p95": 94.93256607055632,
  "summary_bg_stdv": 54.592254638671875,
  "summary_fg_k": 1.4536725275281857,
  "summary_fg_mad": 289.433878379055,
  "summary_fg_mean": 754.6134643554688,
  "summary_fg_median": 695.2752075195312,
  "summary_fg_n": 169417.0,
  "summary_fg_p05": 365.9568725585938,
  "summary_fg_p95": 1369.8338623046873,
  "summary_fg_stdv": 317.46844482421875,
  "tsnr": 32.5427993084304
}