{
  "aor": 0.0008374770642201834,
  "aqi": 0.007467116788990827,
  "bids_meta": {
    "AcquisitionMatrixPE": 128,
    "AcquisitionNumber": 1,
    "AcquisitionTime": "10:41:0.710000",
    "BandwidthPerPixelPhaseEncode": 23.321,
    "BaseResolution": 128,
    "BodyPartExamined": "BRAIN",
    "ConsistencyInfo": "N4_VE11A_LATEST_20140830",
    "ConversionSoftware": "dcm2niix",
    "ConversionSoftwareVersion": "v1.0.20190902",
    "DerivedVendorReportedEchoSpacing": 0.000669997,
    "DeviceSerialNumber": "45239",
    "DwellTime": 2.2e-06,
    "EchoTime": 0.03,
    "EchoTrainLength": 63,
    "EffectiveEchoSpacing": 0.000334999,
    "FlipAngle": 80,
    "ImageComments": "Unaliased_MB4_PE4_LB",
    "ImageOrientationPatientDICOM": [
      1,
      0,
      0,
      0,
      1,
      0
    ],
    "ImageType": [
      "ORIGINAL",
      "PRIMARY",
      "M",
      "MB",
      "ND",
      "MOSAIC"
    ],
    "ImagingFrequency": 123.225,
    "InPlanePhaseEncodingDirectionDICOM": "COL",
    "InstitutionAddress": "E_24th_St._100_Austin_Southmiddle_US_78712",
    "InstitutionName": "The_Univ._of_Texas_at_Austin_IRC",
    "InstitutionalDepartmentName": "IRC",
    "MRAcquisitionType": "2D",
    "MagneticFieldStrength": 3,
    "Manufacturer": "Siemens",
    "ManufacturersModelName": "Skyra",
    "Modality": "MR",
    "MultibandAccelerationFactor": 4,
    "ParallelReductionFactorInPlane": 2,
    "PartialFourier": 1,
    "PatientPosition": "HFS",
    "PercentPhaseFOV": 100,
    "PhaseEncodingDirection": "j-",
    "PhaseEncodingSteps": 127,
    "PhaseResolution": 1,
    "PixelBandwidth": 1775,
    "ProcedureStepDescription": "Booth_Language",
    "ProtocolName": "Gram2",
    "PulseSequenceDetails": "%CustomerSeq%_cmrr_mbep2d_bold",
    "ReceiveCoilActiveElements": "HC3-6",
    "ReceiveCoilName": "HeadNeck_64",
    "ReconMatrixPE": 128,
    "RefLinesPE": 58,
    "RepetitionTime": 1.25,
    "SAR": 0.275044,
    "ScanOptions": "FS",
    "ScanningSequence": "EP",
    "SequenceName": "epfid2d1_128",
    "SequenceVariant": "SK_SS",
    "SeriesDescription": "Gram2",
    "SeriesNumber": 2,
    "ShiftedAquisitionDate": "1817-02-09",
    "ShimSetting": [
      -2866,
      7948,
      -15425,
      63,
      28,
      18,
      64,
      31
    ],
    "SliceThickness": 2,
    "SliceTiming": [
      0,
      0.2625,
      0.5275,
      0.79,
      1.055,
      0.0875,
      0.3525,
      0.615,
      0.8775,
      1.1425,
      0.175,
      0.44,
      0.7025,
      0.9675,
      0,
      0.2625,
      0.5275,
      0.79,
      1.055,
      0.0875,
      0.3525,
      0.615,
      0.8775,
      1.1425,
      0.175,
      0.44,
      0.7025,
      0.9675,
      0,
      0.2625,
      0.5275,
      0.79,
      1.055,
      0.0875,
      0.3525,
      0.615,
      0.8775,
      1.1425,
      0.175,
      0.44,
      0.7025,
      0.9675,
      0,
      0.2625,
      0.5275,
      0.79,
      1.055,
      0.0875,
      0.3525,
      0.615,
      0.8775,
      1.1425,
      0.175,
      0.44,
      0.7025,
      0.9675
    ],
    "SoftwareVersions": "syngo_MR_E11",
    "SpacingBetweenSlices": 2,
    "StationName": "AWP45239",
    "TotalReadoutTime": 0.0425448,
    "TxRefAmp": 357.97,
    "WipMemBlock": "14444944-ff5d-4419-9a58-b564a8269345||Sequence: ve11a/master r/5a7612f; Mar  3 2017 11:38:58 by eja",
    "acq_id": "D2S2",
    "dataset": "ds003604",
    "modality": "bold",
    "run_id": 2,
    "session_id": "7",
    "subject_id": "5430",
    "task_id": "Gram"
  },
  "dummy_trs": 0,
  "dvars_nstd": 54.73228825506915,
  "dvars_std": 1.1098662984331795,
  "dvars_vstd": 1.010905992073732,
  "efc": 0.41775710952953504,
  "fber": 2910.51025390625,
  "fd_mean": 0.30407598031978816,
  "fd_num": 169,
  "fd_perc": 77.5229357798165,
  "fwhm_avg": 3.6246449999999997,
  "fwhm_x": 3.383805,
  "fwhm_y": 3.650645,
  "fwhm_z": 3.839485,
  "gcor": 0.00424022,
  "gsr_x": -0.019605085253715515,
  "gsr_y": 0.014006568118929863,
  "provenance": {
    "md5sum": "6f4c52d42e25419cec6581334bab2997",
    "settings": {
      "fd_thres": 0.2,
      "testing": false
    },
    "software": "mriqc",
    "version": "23.0.1",
    "webapi_port": null,
    "webapi_url": "https://mriqc.nimh.nih.gov/api/v1"
  },
  "size_t": 218,
  "size_x": 128,
  "size_y": 128,
  "size_z": 56,
  "snr": 1.999464185682306,
  "spacing_tr": 1.25,
  "spacing_x": 2.0,
  "spacing_y": 2.0,
  "spacing_z": 2.0,
  "summary_bg_k": 56.81855844971383,
  "summary_bg_mad": 3.8357236637387775,
  "summary_bg_mean": 23.588109970092773,
  "summary_bg_median": 11.371559143066406,
  "summary_bg_n": 670183.0,
  "summary_bg_p05": 8.321100234985352,
  "summary_bg_p95": 75.35321044921875,
  "summary_bg_stdv": 47.769371032714844,
  "summary_fg_k": 1.6999008131250264,
  "summary_fg_mad": 254.8988115715717,
  "summary_fg_mean": 693.8152465820312,
  "summary_fg_median": 614.6651000976562,
  "summary_fg_n": 145031.0,
  "summary_fg_p05": 350.87384033203125,
  "summary_fg_p95": 1322.7109375,
  "summary_fg_stdv": 307.4138488769531,
  "tsnr": 28.179421514156274
}