{
  "aor": 0.0006853797468354431,
  "aqi": 0.00574300329113924,
  "bids_meta": {
    "AcquisitionMatrixPE": 128,
    "AcquisitionNumber": 1,
    "AcquisitionTime": "11:44:12.500000",
    "BandwidthPerPixelPhaseEncode": 23.321,
    "BaseResolution": 128,
    "BodyPartExamined": "BRAIN",
    "ConsistencyInfo": "N4_VE11A_LATEST_20140830",
    "ConversionSoftware": "dcm2niix",
    "ConversionSoftwareVersion": "v1.0.20190902",
    "DerivedVendorReportedEchoSpacing": 0.000669997,
    "DeviceSerialNumber": "45239",
    "DwellTime": 2.2e-06,
    "EchoTime": 0.03,
    "EchoTrainLength": 63,
    "EffectiveEchoSpacing": 0.000334999,
    "FlipAngle": 80,
    "ImageComments": "Unaliased_MB4_PE4_LB",
    "ImageOrientationPatientDICOM": [
      1,
      0,
      0,
      0,
      1,
      0
    ],
    "ImageType": [
      "ORIGINAL",
      "PRIMARY",
      "M",
      "MB",
      "ND",
      "MOSAIC"
    ],
    "ImagingFrequency": 123.225,
    "InPlanePhaseEncodingDirectionDICOM": "COL",
    "InstitutionAddress": "E_24th_St._100_Austin_Southmiddle_US_78712",
    "InstitutionName": "The_Univ._of_Texas_at_Austin_IRC",
    "InstitutionalDepartmentName": "IRC",
    "MRAcquisitionType": "2D",
    "MagneticFieldStrength": 3,
    "Manufacturer": "Siemens",
    "ManufacturersModelName": "Skyra",
    "Modality": "MR",
    "MultibandAccelerationFactor": 4,
    "ParallelReductionFactorInPlane": 2,
    "PartialFourier": 1,
    "PatientPosition": "HFS",
    "PercentPhaseFOV": 100,
    "PhaseEncodingDirection": "j-",
    "PhaseEncodingSteps": 127,
    "PhaseResolution": 1,
    "PixelBandwidth": 1775,
    "ProcedureStepDescription": "Booth_Language",
    "ProtocolName": "SEM1",
    "PulseSequenceDetails": "%CustomerSeq%_cmrr_mbep2d_bold",
    "ReceiveCoilActiveElements": "HC3-7",
    "ReceiveCoilName": "HeadNeck_64",
    "ReconMatrixPE": 128,
    "RefLinesPE": 58,
    "RepetitionTime": 1.25,
    "SAR": 0.283213,
    "ScanOptions": "FS",
    "ScanningSequence": "EP",
    "SequenceName": "epfid2d1_128",
    "SequenceVariant": "SK_SS",
    "SeriesDescription": "SEM1",
    "SeriesNumber": 7,
    "ShiftedAquisitionDate": "1817-01-19",
    "ShimSetting": [
      -2851,
      7672,
      -15560,
      480,
      125,
      -524,
      445,
      -53
    ],
    "SliceThickness": 2,
    "SliceTiming": [
      0,
      0.2625,
      0.525,
      0.79,
      1.0525,
      0.0875,
      0.35,
      0.615,
      0.8775,
      1.14,
      0.175,
      0.4375,
      0.7025,
      0.965,
      0,
      0.2625,
      0.525,
      0.79,
      1.0525,
      0.0875,
      0.35,
      0.615,
      0.8775,
      1.14,
      0.175,
      0.4375,
      0.7025,
      0.965,
      0,
      0.2625,
      0.525,
      0.79,
      1.0525,
      0.0875,
      0.35,
      0.615,
      0.8775,
      1.14,
      0.175,
      0.4375,
      0.7025,
      0.965,
      0,
      0.2625,
      0.525,
      0.79,
      1.0525,
      0.0875,
      0.35,
      0.615,
      0.8775,
      1.14,
      0.175,
      0.4375,
      0.7025,
      0.965
    ],
    "SoftwareVersions": "syngo_MR_E11",
    "SpacingBetweenSlices": 2,
    "StationName": "AWP45239",
    "TotalReadoutTime": 0.0425448,
    "TxRefAmp": 358.535,
    "WipMemBlock": "6514cac1-d88b-4e9e-8e2d-e08ae9cee890||Sequence: ve11a/master r/5a7612f; Mar  3 2017 11:38:58 by eja",
    "acq_id": "D1S7",
    "dataset": "ds003604",
    "modality": "bold",
    "run_id": 1,
    "session_id": "7",
    "subject_id": "5430",
    "task_id": "Sem"
  },
  "dummy_trs": 0,
  "dvars_nstd": 55.40558874617833,
  "dvars_std": 1.2071661317834392,
  "dvars_vstd": 1.0185754855414006,
  "efc": 0.4183247016861396,
  "fber": 2348.309814453125,
  "fd_mean": 0.19350797437665243,
  "fd_num": 68,
  "fd_perc": 43.037974683544306,
  "fwhm_avg": 3.6865883333333334,
  "fwhm_x": 3.504655,
  "fwhm_y": 3.630355,
  "fwhm_z": 3.924755,
  "gcor": 0.00218411,
  "gsr_x": -0.023515919223427773,
  "gsr_y": 0.01574646681547165,
  "provenance": {
    "md5sum": "45cf81ef6ead2c885943641f283b8c87",
    "settings": {
      "fd_thres": 0.2,
      "testing": false
    },
    "software": "mriqc",
    "version": "23.0.1",
    "webapi_port": null,
    "webapi_url": "https://mriqc.nimh.nih.gov/api/v1"
  },
  "size_t": 158,
  "size_x": 128,
  "size_y": 128,
  "size_z": 56,
  "snr": 1.7673428947558358,
  "spacing_tr": 1.25,
  "spacing_x": 2.0,
  "spacing_y": 2.0,
  "spacing_z": 2.0,
  "summary_bg_k": 83.19361451864839,
  "summary_bg_mad": 4.109998626688677,
  "summary_bg_mean": 25.871986389160156,
  "summary_bg_median": 12.645569801330566,
  "summary_bg_n": 667535.0,
  "summary_bg_p05": 9.424051284790039,
  "summary_bg_p95": 74.28671035766557,
  "summary_bg_stdv": 54.30106735229492,
  "summary_fg_k": 4.16090647590439,
  "summary_fg_mad": 244.3384379447515,
  "summary_fg_mean": 712.7295532226562,
  "summary_fg_median": 611.9683837890625,
  "summary_fg_n": 148019.0,
  "summary_fg_p05": 366.41709289550784,
  "summary_fg_p95": 1416.256335449219,
  "summary_fg_stdv": 346.26348876953125,
  "tsnr": 33.19217715412378
}