{
  "aor": 0.0006352229299363059,
  "aqi": 0.005447048216560509,
  "bids_meta": {
    "AcquisitionMatrixPE": 128,
    "AcquisitionNumber": 1,
    "AcquisitionTime": "11:48:58.617500",
    "BandwidthPerPixelPhaseEncode": 23.321,
    "BaseResolution": 128,
    "BodyPartExamined": "BRAIN",
    "ConsistencyInfo": "N4_VE11A_LATEST_20140830",
    "ConversionSoftware": "dcm2niix",
    "ConversionSoftwareVersion": "v1.0.20190902",
    "DerivedVendorReportedEchoSpacing": 0.000669997,
    "DeviceSerialNumber": "45239",
    "DwellTime": 2.2e-06,
    "EchoTime": 0.03,
    "EchoTrainLength": 63,
    "EffectiveEchoSpacing": 0.000334999,
    "FlipAngle": 80,
    "ImageComments": "Unaliased_MB4_PE4_LB",
    "ImageOrientationPatientDICOM": [
      1,
      0,
      0,
      0,
      1,
      0
    ],
    "ImageType": [
      "ORIGINAL",
      "PRIMARY",
      "M",
      "MB",
      "ND",
      "MOSAIC"
    ],
    "ImagingFrequency": 123.225,
    "InPlanePhaseEncodingDirectionDICOM": "COL",
    "InstitutionAddress": "E_24th_St._100_Austin_Southmiddle_US_78712",
    "InstitutionName": "The_Univ._of_Texas_at_Austin_IRC",
    "InstitutionalDepartmentName": "IRC",
    "MRAcquisitionType": "2D",
    "MagneticFieldStrength": 3,
    "Manufacturer": "Siemens",
    "ManufacturersModelName": "Skyra",
    "Modality": "MR",
    "MultibandAccelerationFactor": 4,
    "ParallelReductionFactorInPlane": 2,
    "PartialFourier": 1,
    "PatientPosition": "HFS",
    "PercentPhaseFOV": 100,
    "PhaseEncodingDirection": "j-",
    "PhaseEncodingSteps": 127,
    "PhaseResolution": 1,
    "PixelBandwidth": 1775,
    "ProcedureStepDescription": "Booth_Language",
    "ProtocolName": "SEM2",
    "PulseSequenceDetails": "%CustomerSeq%_cmrr_mbep2d_bold",
    "ReceiveCoilActiveElements": "HC3-7",
    "ReceiveCoilName": "HeadNeck_64",
    "ReconMatrixPE": 128,
    "RefLinesPE": 58,
    "RepetitionTime": 1.25,
    "SAR": 0.283213,
    "ScanOptions": "FS",
    "ScanningSequence": "EP",
    "SequenceName": "epfid2d1_128",
    "SequenceVariant": "SK_SS",
    "SeriesDescription": "SEM2",
    "SeriesNumber": 9,
    "ShiftedAquisitionDate": "1817-01-19",
    "ShimSetting": [
      -2851,
      7672,
      -15560,
      480,
      125,
      -524,
      445,
      -53
    ],
    "SliceThickness": 2,
    "SliceTiming": [
      0,
      0.2625,
      0.5275,
      0.79,
      1.055,
      0.0875,
      0.35,
      0.615,
      0.8775,
      1.1425,
      0.175,
      0.44,
      0.7025,
      0.965,
      0,
      0.2625,
      0.5275,
      0.79,
      1.055,
      0.0875,
      0.35,
      0.615,
      0.8775,
      1.1425,
      0.175,
      0.44,
      0.7025,
      0.965,
      0,
      0.2625,
      0.5275,
      0.79,
      1.055,
      0.0875,
      0.35,
      0.615,
      0.8775,
      1.1425,
      0.175,
      0.44,
      0.7025,
      0.965,
      0,
      0.2625,
      0.5275,
      0.79,
      1.055,
      0.0875,
      0.35,
      0.615,
      0.8775,
      1.1425,
      0.175,
      0.44,
      0.7025,
      0.965
    ],
    "SoftwareVersions": "syngo_MR_E11",
    "SpacingBetweenSlices": 2,
    "StationName": "AWP45239",
    "TotalReadoutTime": 0.0425448,
    "TxRefAmp": 358.535,
    "WipMemBlock": "98c39061-7e9b-4567-8df7-f6d748be0b78||Sequence: ve11a/master r/5a7612f; Mar  3 2017 11:38:58 by eja",
    "acq_id": "D1S9",
    "dataset": "ds003604",
    "modality": "bold",
    "run_id": 2,
    "session_id": "7",
    "subject_id": "5430",
    "task_id": "Sem"
  },
  "dummy_trs": 1,
  "dvars_nstd": 53.04719917602563,
  "dvars_std": 1.1659699716666663,
  "dvars_vstd": 1.010082655,
  "efc": 0.41830691685961946,
  "fber": 2359.911376953125,
  "fd_mean": 0.175455445727812,
  "fd_num": 61,
  "fd_perc": 38.853503184713375,
  "fwhm_avg": 3.67394,
  "fwhm_x": 3.489045,
  "fwhm_y": 3.622175,
  "fwhm_z": 3.9106,
  "gcor": 0.0035142,
  "gsr_x": -0.023527050390839577,
  "gsr_y": 0.015903957188129425,
  "provenance": {
    "md5sum": "277e8c9af69882fdb4f877918b936459",
    "settings": {
      "fd_thres": 0.2,
      "testing": false
    },
    "software": "mriqc",
    "version": "23.0.1",
    "webapi_port": null,
    "webapi_url": "https://mriqc.nimh.nih.gov/api/v1"
  },
  "size_t": 157,
  "size_x": 128,
  "size_y": 128,
  "size_z": 56,
  "snr": 1.7679947349117568,
  "spacing_tr": 1.25,
  "spacing_x": 2.0,
  "spacing_y": 2.0,
  "spacing_z": 2.0,
  "summary_bg_k": 84.61160671286757,
  "summary_bg_mad": 4.0039702055122275,
  "summary_bg_mean": 26.019746780395508,
  "summary_bg_median": 12.611465454101562,
  "summary_bg_n": 667884.0,
  "summary_bg_p05": 9.477706909179688,
  "summary_bg_p95": 75.22293090820312,
  "summary_bg_stdv": 55.10586929321289,
  "summary_fg_k": 4.109773624885918,
  "summary_fg_mad": 244.51134335179555,
  "summary_fg_mean": 712.5902099609375,
  "summary_fg_median": 611.929931640625,
  "summary_fg_n": 147818.0,
  "summary_fg_p05": 365.85986328125,
  "summary_fg_p95": 1414.1369995117184,
  "summary_fg_stdv": 346.11407470703125,
  "tsnr": 33.53726922022179
}