{
  "bids_meta": {
    "AcquisitionMatrixPE": 256,
    "AcquisitionNumber": 1,
    "AcquisitionTime": "16:02:39.955000",
    "BaseResolution": 256,
    "BodyPartExamined": "BRAIN",
    "ConsistencyInfo": "N4_VE11C_LATEST_20160120",
    "ConversionSoftware": "dcm2niix",
    "ConversionSoftwareVersion": "v1.0.20190902",
    "DeviceSerialNumber": "45239",
    "DwellTime": 1.09e-05,
    "EchoTime": 0.00243,
    "FlipAngle": 9,
    "ImageOrientationPatientDICOM": [
      0,
      1,
      0,
      0.0279217,
      0,
      -0.99961
    ],
    "ImageType": [
      "ORIGINAL",
      "PRIMARY",
      "M",
      "ND"
    ],
    "ImagingFrequency": 123.186,
    "InPlanePhaseEncodingDirectionDICOM": "ROW",
    "InstitutionAddress": "E_24th_St._100_Austin_Southmiddle_US_78712",
    "InstitutionName": "The_Univ._of_Texas_at_Austin_IRC",
    "InstitutionalDepartmentName": "IRC",
    "InversionTime": 0.9,
    "MRAcquisitionType": "3D",
    "MagneticFieldStrength": 3,
    "Manufacturer": "Siemens",
    "ManufacturersModelName": "Skyra",
    "Modality": "MR",
    "ParallelReductionFactorInPlane": 2,
    "PartialFourier": 1,
    "PatientPosition": "HFS",
    "PercentPhaseFOV": 100,
    "PhaseEncodingSteps": 255,
    "PhaseResolution": 1,
    "PixelBandwidth": 180,
    "ProcedureStepDescription": "Booth_Language",
    "ProtocolName": "MPRAGE",
    "PulseSequenceDetails": "%SiemensSeq%_tfl",
    "ReceiveCoilActiveElements": "HC1-6",
    "ReceiveCoilName": "HeadNeck_64",
    "ReconMatrixPE": 256,
    "RefLinesPE": 24,
    "RepetitionTime": 1.9,
    "SAR": 0.149852,
    "ScanOptions": "IR",
    "ScanningSequence": "GR_IR",
    "SequenceName": "_tfl3d1_16ns",
    "SequenceVariant": "SK_SP_MP",
    "SeriesDescription": "MPRAGE",
    "SeriesNumber": 2,
    "ShiftedAquisitionDate": "1818-11-24 00:00:00",
    "ShimSetting": [
      -2727,
      7934,
      -15901,
      -500,
      562,
      -716,
      -526,
      132
    ],
    "SliceThickness": 1,
    "SoftwareVersions": "syngo_MR_E11",
    "StationName": "AWP45239",
    "TxRefAmp": 341.434,
    "acq_id": "D1S2",
    "dataset": "ds003604",
    "modality": "T1w",
    "session_id": "9",
    "subject_id": "5010"
  },
  "cjv": 0.43642578430633927,
  "cnr": 3.1149584350036044,
  "efc": 0.50535971052649,
  "fber": -1.0,
  "fwhm_avg": 5.349126666666667,
  "fwhm_x": 5.63208,
  "fwhm_y": 4.963,
  "fwhm_z": 5.4523,
  "icvs_csf": 0.10867951836092453,
  "icvs_gm": 0.4739102312004846,
  "icvs_wm": 0.41741025043859087,
  "inu_med": 1.0182675123214722,
  "inu_range": 1.1324307024478912,
  "provenance": {
    "md5sum": "dd3a936e59e9bd19a66e6e7a3538b5e4",
    "settings": {
      "testing": false
    },
    "software": "mriqc",
    "version": "23.0.1",
    "warnings": {
      "large_rot_frame": true,
      "small_air_mask": false
    },
    "webapi_port": null,
    "webapi_url": "https://mriqc.nimh.nih.gov/api/v1"
  },
  "qi_1": 0.0,
  "qi_2": 0.00545717763205496,
  "rpve_csf": 47.910451412647504,
  "rpve_gm": 12.465887197898125,
  "rpve_wm": 14.882084088515736,
  "size_x": 192,
  "size_y": 256,
  "size_z": 256,
  "snr_csf": 1.5891377635205204,
  "snr_gm": 16.574040435619576,
  "snr_total": 12.12175862724971,
  "snr_wm": 18.20209768260903,
  "snrd_csf": 25.02188310971434,
  "snrd_gm": 50.86826205495211,
  "snrd_total": 47.22239017466283,
  "snrd_wm": 65.77702535932205,
  "spacing_x": 1.0,
  "spacing_y": 1.0,
  "spacing_z": 1.0,
  "summary_bg_k": 4.017186976790272,
  "summary_bg_mad": 0.0,
  "summary_bg_mean": 5.896272033203479,
  "summary_bg_median": 0.0,
  "summary_bg_n": 2832258.0,
  "summary_bg_p05": 0.0,
  "summary_bg_p95": 22.056489884853363,
  "summary_bg_stdv": 9.960748017373307,
  "summary_csf_k": 25.87324936004963,
  "summary_csf_mad": 104.33736597587223,
  "summary_csf_mean": 431.1259148403669,
  "summary_csf_median": 380.43478056788445,
  "summary_csf_n": 12559.0,
  "summary_csf_p05": 238.2497607022524,
  "summary_csf_p95": 739.2335726767775,
  "summary_csf_stdv": 239.3874483990906,
  "summary_gm_k": 0.15041347135400374,
  "summary_gm_mad": 45.75787527014013,
  "summary_gm_mean": 773.8801809028444,
  "summary_gm_median": 773.4052640199661,
  "summary_gm_n": 61636.0,
  "summary_gm_p05": 697.8736871480942,
  "summary_gm_p95": 851.23769775033,
  "summary_gm_stdv": 46.66327399315801,
  "summary_wm_k": 0.2223358038648029,
  "summary_wm_mad": 53.16853373291347,
  "summary_wm_mean": 1006.1478407206191,
  "summary_wm_median": 1000.0793345272541,
  "summary_wm_n": 202510.0,
  "summary_wm_p05": 926.6105948388577,
  "summary_wm_p95": 1107.426207959652,
  "summary_wm_stdv": 54.94294573915859,
  "tpm_overlap_csf": 0.1393072919097992,
  "tpm_overlap_gm": 0.47082979536300656,
  "tpm_overlap_wm": 0.4779276331354385,
  "wm2max": 0.24482383560579574
}