{
  "bids_meta": {
    "AcquisitionMatrixPE": 256,
    "AcquisitionNumber": 1,
    "AcquisitionTime": "16:47:29.945000",
    "BaseResolution": 256,
    "BodyPartExamined": "BRAIN",
    "ConsistencyInfo": "N4_VD13A_LATEST_20120616",
    "ConversionSoftware": "dcm2niix",
    "ConversionSoftwareVersion": "v1.0.20190902",
    "DeviceSerialNumber": "45239",
    "DwellTime": 1.09e-05,
    "EchoTime": 0.00243,
    "FlipAngle": 9,
    "ImageOrientationPatientDICOM": [
      0,
      1,
      0,
      0,
      0,
      -1
    ],
    "ImageType": [
      "ORIGINAL",
      "PRIMARY",
      "M",
      "ND"
    ],
    "ImagingFrequency": 123.224,
    "InPlanePhaseEncodingDirectionDICOM": "ROW",
    "InstitutionAddress": "E_24th_St._100_Austin_Southmiddle_US_78712",
    "InstitutionName": "The_Univ._of_Texas_at_Austin_IRC",
    "InstitutionalDepartmentName": "IRC",
    "InversionTime": 0.9,
    "MRAcquisitionType": "3D",
    "MagneticFieldStrength": 3,
    "Manufacturer": "Siemens",
    "ManufacturersModelName": "Skyra",
    "Modality": "MR",
    "ParallelReductionFactorInPlane": 2,
    "PartialFourier": 1,
    "PatientPosition": "HFS",
    "PercentPhaseFOV": 100,
    "PhaseEncodingSteps": 255,
    "PhaseResolution": 1,
    "PixelBandwidth": 180,
    "ProcedureStepDescription": "Booth_Language",
    "ProtocolName": "MPRAGE",
    "PulseSequenceDetails": "%SiemensSeq%_tfl",
    "ReceiveCoilActiveElements": "HC1-6",
    "ReceiveCoilName": "HeadNeck_64",
    "ReconMatrixPE": 256,
    "RefLinesPE": 24,
    "RepetitionTime": 1.9,
    "SAR": 0.143379,
    "ScanOptions": "IR",
    "ScanningSequence": "GR_IR",
    "SequenceName": "_tfl3d1_16ns",
    "SequenceVariant": "SK_SP_MP",
    "SeriesDescription": "MPRAGE",
    "SeriesNumber": 14,
    "ShiftedAquisitionDate": "1814-08-13 00:00:00",
    "ShimSetting": [
      -2849,
      8022,
      -16018,
      -1233,
      -75,
      -527,
      -219,
      169
    ],
    "SliceThickness": 1,
    "SoftwareVersions": "syngo_MR_D13",
    "StationName": "AWP45239",
    "TxRefAmp": 347.971,
    "acq_id": "D2S14",
    "dataset": "ds003604",
    "modality": "T1w",
    "session_id": "5",
    "subject_id": "5070"
  },
  "cjv": 0.44283526208817187,
  "cnr": 2.9977137066733825,
  "efc": 0.4877536583708376,
  "fber": -1.0,
  "fwhm_avg": 5.486666666666667,
  "fwhm_x": 5.73188,
  "fwhm_y": 5.08186,
  "fwhm_z": 5.64626,
  "icvs_csf": 0.11796008153568999,
  "icvs_gm": 0.4722117915312296,
  "icvs_wm": 0.4098281269330804,
  "inu_med": 1.0084081888198853,
  "inu_range": 1.1801007032394404,
  "provenance": {
    "md5sum": "092670d606eec7cecc534cc1def2a264",
    "settings": {
      "testing": false
    },
    "software": "mriqc",
    "version": "23.0.1",
    "warnings": {
      "large_rot_frame": true,
      "small_air_mask": false
    },
    "webapi_port": null,
    "webapi_url": "https://mriqc.nimh.nih.gov/api/v1"
  },
  "qi_1": 0.0006124670718783018,
  "qi_2": 0.0038017628866082944,
  "rpve_csf": 45.158633170031834,
  "rpve_gm": 12.872307893388324,
  "rpve_wm": 15.553329788747687,
  "size_x": 192,
  "size_y": 256,
  "size_z": 256,
  "snr_csf": 2.2414297556190825,
  "snr_gm": 17.001260363009315,
  "snr_total": 11.8018681320029,
  "snr_wm": 16.162914277380295,
  "snrd_csf": 28.59315107643214,
  "snrd_gm": 60.05995435391839,
  "snrd_total": 55.5884434814177,
  "snrd_wm": 78.11222501390257,
  "spacing_x": 1.0,
  "spacing_y": 1.0,
  "spacing_z": 1.0,
  "summary_bg_k": 12.58186345691845,
  "summary_bg_mad": 0.0,
  "summary_bg_mean": 4.013359106440658,
  "summary_bg_median": 0.0,
  "summary_bg_n": 2886542.0,
  "summary_bg_p05": 0.0,
  "summary_bg_p95": 20.98962463438511,
  "summary_bg_stdv": 8.387786636621245,
  "summary_csf_k": 29.982045966007405,
  "summary_csf_mad": 80.10548198046021,
  "summary_csf_mean": 392.49750826155986,
  "summary_csf_median": 366.08139999210835,
  "summary_csf_n": 12664.0,
  "summary_csf_p05": 226.50837701931596,
  "summary_csf_p95": 622.2545811049639,
  "summary_csf_stdv": 163.31850024058127,
  "summary_gm_k": 0.18479069516057844,
  "summary_gm_mad": 44.13492581789019,
  "summary_gm_mean": 768.7770969585399,
  "summary_gm_median": 768.954499438405,
  "summary_gm_n": 52308.0,
  "summary_gm_p05": 693.7749313563108,
  "summary_gm_p95": 842.7773237228394,
  "summary_gm_stdv": 45.22883202348897,
  "summary_wm_k": 0.6119457628513625,
  "summary_wm_mad": 58.215505368369904,
  "summary_wm_mean": 1008.8928280234085,
  "summary_wm_median": 1000.0797957926989,
  "summary_wm_n": 165897.0,
  "summary_wm_p05": 924.1819515824318,
  "summary_wm_p95": 1126.4963943511248,
  "summary_wm_stdv": 61.87478102442041,
  "tpm_overlap_csf": 0.13450710390004864,
  "tpm_overlap_gm": 0.46887357318272443,
  "tpm_overlap_wm": 0.43692681269725875,
  "wm2max": 0.2643807845362073
}