{
  "bids_meta": {
    "AcquisitionMatrixPE": 256,
    "AcquisitionNumber": 1,
    "AcquisitionTime": "13:21:7.975000",
    "BaseResolution": 256,
    "BodyPartExamined": "BRAIN",
    "ConsistencyInfo": "N4_VE11A_LATEST_20140830",
    "ConversionSoftware": "dcm2niix",
    "ConversionSoftwareVersion": "v1.0.20190902",
    "DeviceSerialNumber": "45239",
    "DwellTime": 1.09e-05,
    "EchoTime": 0.00243,
    "FlipAngle": 9,
    "ImageOrientationPatientDICOM": [
      0,
      1,
      0,
      0,
      0,
      -1
    ],
    "ImageType": [
      "ORIGINAL",
      "PRIMARY",
      "M",
      "ND"
    ],
    "ImagingFrequency": 123.225,
    "InPlanePhaseEncodingDirectionDICOM": "ROW",
    "InstitutionAddress": "E_24th_St._100_Austin_Southmiddle_US_78712",
    "InstitutionName": "The_Univ._of_Texas_at_Austin_IRC",
    "InstitutionalDepartmentName": "IRC",
    "InversionTime": 0.9,
    "MRAcquisitionType": "3D",
    "MagneticFieldStrength": 3,
    "Manufacturer": "Siemens",
    "ManufacturersModelName": "Skyra",
    "Modality": "MR",
    "ParallelReductionFactorInPlane": 2,
    "PartialFourier": 1,
    "PatientPosition": "HFS",
    "PercentPhaseFOV": 100,
    "PhaseEncodingSteps": 255,
    "PhaseResolution": 1,
    "PixelBandwidth": 180,
    "ProcedureStepDescription": "Booth_Language",
    "ProtocolName": "MPRAGE",
    "PulseSequenceDetails": "%SiemensSeq%_tfl",
    "ReceiveCoilActiveElements": "HC1-6",
    "ReceiveCoilName": "HeadNeck_64",
    "ReconMatrixPE": 256,
    "RefLinesPE": 24,
    "RepetitionTime": 1.9,
    "SAR": 0.231492,
    "ScanOptions": "IR",
    "ScanningSequence": "GR_IR",
    "SequenceName": "_tfl3d1_16ns",
    "SequenceVariant": "SK_SP_MP",
    "SeriesDescription": "MPRAGE",
    "SeriesNumber": 2,
    "ShiftedAquisitionDate": "1817-03-25 00:00:00",
    "ShimSetting": [
      -2851,
      8065,
      -15920,
      -530,
      404,
      -610,
      -324,
      -43
    ],
    "SliceThickness": 1,
    "SoftwareVersions": "syngo_MR_E11",
    "StationName": "AWP45239",
    "TxRefAmp": 341.774,
    "acq_id": "D2S2",
    "dataset": "ds003604",
    "modality": "T1w",
    "session_id": "7",
    "subject_id": "5153"
  },
  "cjv": 0.5020325106000534,
  "cnr": 2.7242803890354295,
  "efc": 0.5324794127145783,
  "fber": -1.0,
  "fwhm_avg": 6.701226666666666,
  "fwhm_x": 6.8871,
  "fwhm_y": 6.37052,
  "fwhm_z": 6.84606,
  "icvs_csf": 0.12289715762731834,
  "icvs_gm": 0.46343107130040356,
  "icvs_wm": 0.4136717710722781,
  "inu_med": 0.9575106501579285,
  "inu_range": 1.3871952116489408,
  "provenance": {
    "md5sum": "8d9de37ab10fbcfbae94d736536a2ae2",
    "settings": {
      "testing": false
    },
    "software": "mriqc",
    "version": "22.0.6",
    "warnings": {
      "large_rot_frame": true,
      "small_air_mask": false
    },
    "webapi_port": null,
    "webapi_url": "https://mriqc.nimh.nih.gov/api/v1"
  },
  "qi_1": 0.0,
  "qi_2": 0.004230086403235718,
  "rpve_csf": 39.16841031673528,
  "rpve_gm": 11.757448645161903,
  "rpve_wm": 14.083343509171822,
  "size_x": 192,
  "size_y": 256,
  "size_z": 256,
  "snr_csf": 2.505542421981194,
  "snr_gm": 17.55860441904327,
  "snr_total": 11.667135917177978,
  "snr_wm": 14.937260910509465,
  "snrd_csf": 25.369570759932323,
  "snrd_gm": 53.834672074277336,
  "snrd_total": 49.41857867073787,
  "snrd_wm": 69.05149317800397,
  "spacing_x": 1.0,
  "spacing_y": 1.0,
  "spacing_z": 1.0,
  "summary_bg_k": 35.6371393946062,
  "summary_bg_mad": 0.0,
  "summary_bg_mean": 5.993818013128894,
  "summary_bg_median": 0.0,
  "summary_bg_n": 2355713.0,
  "summary_bg_p05": 0.0,
  "summary_bg_p95": 26.15823244303465,
  "summary_bg_stdv": 9.488326281455837,
  "summary_csf_k": 43.51249907647982,
  "summary_csf_mad": 91.09074244092879,
  "summary_csf_mean": 386.806895850125,
  "summary_csf_median": 367.4269434437156,
  "summary_csf_n": 16954.0,
  "summary_csf_p05": 224.16250962764025,
  "summary_csf_p95": 601.072703279927,
  "summary_csf_stdv": 146.64134363275474,
  "summary_gm_k": 0.16556128120600544,
  "summary_gm_mad": 43.643244348148016,
  "summary_gm_mean": 779.9086659966183,
  "summary_gm_median": 779.6863888129592,
  "summary_gm_n": 52704.0,
  "summary_gm_p05": 706.9244498770684,
  "summary_gm_p95": 852.5908794242888,
  "summary_gm_stdv": 44.40438279306693,
  "summary_wm_k": 0.17465586006026657,
  "summary_wm_mad": 66.99713539158799,
  "summary_wm_mean": 1008.2268874184825,
  "summary_wm_median": 1000.0712790414691,
  "summary_wm_n": 202897.0,
  "summary_wm_p05": 915.1817563176155,
  "summary_wm_p95": 1133.9273022785783,
  "summary_wm_stdv": 66.95128514857824,
  "tpm_overlap_csf": 0.12474607474636167,
  "tpm_overlap_gm": 0.44909421964044594,
  "tpm_overlap_wm": 0.4395103685797571,
  "wm2max": 0.3041819324907321
}