{
  "bids_meta": {
    "AcquisitionMatrixPE": 256,
    "AcquisitionNumber": 1,
    "AcquisitionTime": "09:36:41.572500",
    "BaseResolution": 256,
    "BodyPartExamined": "BRAIN",
    "ConsistencyInfo": "N4_VE11A_LATEST_20140830",
    "ConversionSoftware": "dcm2niix",
    "ConversionSoftwareVersion": "v1.0.20190902",
    "DeviceSerialNumber": "45239",
    "DwellTime": 1.09e-05,
    "EchoTime": 0.00243,
    "FlipAngle": 9,
    "ImageOrientationPatientDICOM": [
      0,
      1,
      0,
      0,
      0,
      -1
    ],
    "ImageType": [
      "ORIGINAL",
      "PRIMARY",
      "M",
      "ND"
    ],
    "ImagingFrequency": 123.224,
    "InPlanePhaseEncodingDirectionDICOM": "ROW",
    "InstitutionAddress": "E_24th_St._100_Austin_Southmiddle_US_78712",
    "InstitutionName": "The_Univ._of_Texas_at_Austin_IRC",
    "InstitutionalDepartmentName": "IRC",
    "InversionTime": 0.9,
    "MRAcquisitionType": "3D",
    "MagneticFieldStrength": 3,
    "Manufacturer": "Siemens",
    "ManufacturersModelName": "Skyra",
    "Modality": "MR",
    "ParallelReductionFactorInPlane": 2,
    "PartialFourier": 1,
    "PatientPosition": "HFS",
    "PercentPhaseFOV": 100,
    "PhaseEncodingSteps": 255,
    "PhaseResolution": 1,
    "PixelBandwidth": 180,
    "ProcedureStepDescription": "Booth_Language",
    "ProtocolName": "MPRAGE",
    "PulseSequenceDetails": "%SiemensSeq%_tfl",
    "ReceiveCoilActiveElements": "HC1-6",
    "ReceiveCoilName": "HeadNeck_64",
    "ReconMatrixPE": 256,
    "RefLinesPE": 24,
    "RepetitionTime": 1.9,
    "SAR": 0.302226,
    "ScanOptions": "IR",
    "ScanningSequence": "GR_IR",
    "SequenceName": "_tfl3d1_16ns",
    "SequenceVariant": "SK_SP_MP",
    "SeriesDescription": "MPRAGE",
    "SeriesNumber": 2,
    "ShiftedAquisitionDate": "1815-07-30 00:00:00",
    "ShimSetting": [
      -2849,
      8022,
      -16018,
      -1233,
      -75,
      -527,
      -219,
      169
    ],
    "SliceThickness": 1,
    "SoftwareVersions": "syngo_MR_E11",
    "StationName": "AWP45239",
    "TxRefAmp": 323.619,
    "acq_id": "D2S2",
    "dataset": "ds003604",
    "modality": "T1w",
    "session_id": "5",
    "subject_id": "5140"
  },
  "cjv": 0.5638547254298107,
  "cnr": 1.536195411778901,
  "efc": 0.5046952536984761,
  "fber": 1506.9068138136274,
  "fwhm_avg": 5.848933333333332,
  "fwhm_x": 5.00668,
  "fwhm_y": 5.27253,
  "fwhm_z": 7.26759,
  "icvs_csf": 0.11491452255582685,
  "icvs_gm": 0.5112060868914335,
  "icvs_wm": 0.3738793905527396,
  "inu_med": 1.6933016777038574,
  "inu_range": 1.1811721920967102,
  "provenance": {
    "md5sum": "36db7eacf8af2413e838613fa7c070ee",
    "settings": {
      "testing": false
    },
    "software": "mriqc",
    "version": "21.0.0rc2",
    "warnings": {
      "large_rot_frame": true,
      "small_air_mask": false
    },
    "webapi_port": null,
    "webapi_url": "https://mriqc.nimh.nih.gov/api/v1"
  },
  "qi_1": 0.0,
  "qi_2": 0.0020084588675759476,
  "rpve_csf": 48.43599085142058,
  "rpve_gm": 11.933070866141732,
  "rpve_wm": 15.743112735181064,
  "size_x": 192,
  "size_y": 256,
  "size_z": 256,
  "snr_csf": 0.40594469413141204,
  "snr_gm": 9.882199224376802,
  "snr_total": 5.139207935580135,
  "snr_wm": 5.129479888232193,
  "snrd_csf": 22.002079671549474,
  "snrd_gm": 34.054432268199086,
  "snrd_total": 35.34939427955109,
  "snrd_wm": 49.99167089890471,
  "spacing_x": 1.0,
  "spacing_y": 1.0,
  "spacing_z": 1.0,
  "summary_bg_k": 26.705607178112295,
  "summary_bg_mad": 13.102980366108104,
  "summary_bg_mean": 21.050643632776076,
  "summary_bg_median": 18.11754320561886,
  "summary_bg_n": 2575104.0,
  "summary_bg_p05": 3.0932390838861465,
  "summary_bg_p95": 49.34452824294567,
  "summary_bg_stdv": 17.573358112995734,
  "summary_csf_k": 1.8064007192326077,
  "summary_csf_mad": 215.5440270224783,
  "summary_csf_mean": 1092.5631627951295,
  "summary_csf_median": 440.0500839576125,
  "summary_csf_n": 16284.0,
  "summary_csf_p05": 266.6077496111393,
  "summary_csf_p95": 3068.8687788181,
  "summary_csf_stdv": 1083.9815826631702,
  "summary_gm_k": 0.8067069278424426,
  "summary_gm_mad": 62.6759227512171,
  "summary_gm_mean": 679.6583073656623,
  "summary_gm_median": 681.1017868518829,
  "summary_gm_n": 132211.0,
  "summary_gm_p05": 559.7289770841599,
  "summary_gm_p95": 786.8611041009426,
  "summary_gm_stdv": 68.92182555410406,
  "summary_wm_k": 1.2673967572907676,
  "summary_wm_mad": 117.05329127056574,
  "summary_wm_mean": 1070.458191714233,
  "summary_wm_median": 999.8527095913887,
  "summary_wm_n": 127170.0,
  "summary_wm_p05": 877.5961172282696,
  "summary_wm_p95": 1495.6547456085682,
  "summary_wm_stdv": 194.92205841603274,
  "tpm_overlap_csf": 0.11321773380041122,
  "tpm_overlap_gm": 0.43873417377471924,
  "tpm_overlap_wm": 0.37746456265449524,
  "wm2max": 0.21007971315019738
}