{
  "bids_meta": {
    "AcquisitionMatrixPE": 256,
    "AcquisitionNumber": 1,
    "AcquisitionTime": "10:04:50.492500",
    "BaseResolution": 256,
    "BodyPartExamined": "BRAIN",
    "ConsistencyInfo": "N4_VE11A_LATEST_20140830",
    "ConversionSoftware": "dcm2niix",
    "ConversionSoftwareVersion": "v1.0.20190902",
    "DeviceSerialNumber": "45239",
    "DwellTime": 1.09e-05,
    "EchoTime": 0.00243,
    "FlipAngle": 9,
    "ImageOrientationPatientDICOM": [
      0,
      1,
      0,
      0,
      0,
      -1
    ],
    "ImageType": [
      "ORIGINAL",
      "PRIMARY",
      "M",
      "ND"
    ],
    "ImagingFrequency": 123.224,
    "InPlanePhaseEncodingDirectionDICOM": "ROW",
    "InstitutionAddress": "E_24th_St._100_Austin_Southmiddle_US_78712",
    "InstitutionName": "The_Univ._of_Texas_at_Austin_IRC",
    "InstitutionalDepartmentName": "IRC",
    "InversionTime": 0.9,
    "MRAcquisitionType": "3D",
    "MagneticFieldStrength": 3,
    "Manufacturer": "Siemens",
    "ManufacturersModelName": "Skyra",
    "Modality": "MR",
    "ParallelReductionFactorInPlane": 2,
    "PartialFourier": 1,
    "PatientPosition": "HFS",
    "PercentPhaseFOV": 100,
    "PhaseEncodingSteps": 255,
    "PhaseResolution": 1,
    "PixelBandwidth": 180,
    "ProcedureStepDescription": "Booth_Language",
    "ProtocolName": "MPRAGE",
    "PulseSequenceDetails": "%SiemensSeq%_tfl",
    "ReceiveCoilActiveElements": "HC1-6",
    "ReceiveCoilName": "HeadNeck_64",
    "ReconMatrixPE": 256,
    "RefLinesPE": 24,
    "RepetitionTime": 1.9,
    "SAR": 0.241348,
    "ScanOptions": "IR",
    "ScanningSequence": "GR_IR",
    "SequenceName": "_tfl3d1_16ns",
    "SequenceVariant": "SK_SP_MP",
    "SeriesDescription": "MPRAGE",
    "SeriesNumber": 2,
    "ShiftedAquisitionDate": "1816-10-01 00:00:00",
    "ShimSetting": [
      -2851,
      8065,
      -15920,
      -530,
      404,
      -610,
      -324,
      -43
    ],
    "SliceThickness": 1,
    "SoftwareVersions": "syngo_MR_E11",
    "StationName": "AWP45239",
    "TxRefAmp": 343.897,
    "acq_id": "D2S2",
    "dataset": "ds003604",
    "modality": "T1w",
    "session_id": "7",
    "subject_id": "5139"
  },
  "cjv": 0.5258364269786304,
  "cnr": 2.2737351815188633,
  "efc": 0.5350559405079199,
  "fber": 1736.111111111111,
  "fwhm_avg": 4.65079,
  "fwhm_x": 5.47976,
  "fwhm_y": 3.54784,
  "fwhm_z": 4.92477,
  "icvs_csf": 0.1300624746867444,
  "icvs_gm": 0.5000799202756221,
  "icvs_wm": 0.36985760503763354,
  "inu_med": 1.4177663326263428,
  "inu_range": 1.0332365125417708,
  "provenance": {
    "md5sum": "7df4a95a54b296cdc129c6e20a02ed4d",
    "settings": {
      "testing": false
    },
    "software": "mriqc",
    "version": "21.0.0rc2",
    "warnings": {
      "large_rot_frame": true,
      "small_air_mask": false
    },
    "webapi_port": null,
    "webapi_url": "https://mriqc.nimh.nih.gov/api/v1"
  },
  "qi_1": 2.3559282559265057e-06,
  "qi_2": 0.0013706315698645403,
  "rpve_csf": 44.36900613375264,
  "rpve_gm": 12.255442574388606,
  "rpve_wm": 16.355764707119185,
  "size_x": 192,
  "size_y": 256,
  "size_z": 256,
  "snr_csf": 0.6649061977339237,
  "snr_gm": 11.91276737082844,
  "snr_total": 7.919426591670709,
  "snr_wm": 11.180606206449763,
  "snrd_csf": 35.9438013218935,
  "snrd_gm": 36.887605285246494,
  "snrd_total": 40.73726877953361,
  "snrd_wm": 49.38039973146083,
  "spacing_x": 1.0,
  "spacing_y": 1.0,
  "spacing_z": 1.0,
  "summary_bg_k": 14.012615255714202,
  "summary_bg_mad": 13.267133654658846,
  "summary_bg_mean": 22.877681461124347,
  "summary_bg_median": 17.994358129799366,
  "summary_bg_n": 2748614.0,
  "summary_bg_p05": 3.015270821750164,
  "summary_bg_p95": 63.02888685464859,
  "summary_bg_stdv": 21.18172816802676,
  "summary_csf_k": 3.8877922852484526,
  "summary_csf_mad": 566.1605079151157,
  "summary_csf_mean": 1198.3664317353318,
  "summary_csf_median": 727.8961030505598,
  "summary_csf_n": 15120.0,
  "summary_csf_p05": 304.8341533988714,
  "summary_csf_p95": 3824.759180569276,
  "summary_csf_stdv": 1094.6988229240392,
  "summary_gm_k": 0.27287552976753915,
  "summary_gm_mad": 62.65836492336162,
  "summary_gm_mean": 749.5234586869991,
  "summary_gm_median": 747.0090293884277,
  "summary_gm_n": 88306.0,
  "summary_gm_p05": 650.5203630924225,
  "summary_gm_p95": 855.7533125728369,
  "summary_gm_stdv": 62.70623579403509,
  "summary_wm_k": 2.227297315745118,
  "summary_wm_mad": 70.37349155949475,
  "summary_wm_mean": 1017.0984791848157,
  "summary_wm_median": 999.9999780133367,
  "summary_wm_n": 95618.0,
  "summary_wm_p05": 904.7757801264524,
  "summary_wm_p95": 1196.1871150285006,
  "summary_wm_stdv": 89.44011893397652,
  "tpm_overlap_csf": 0.12298950552940369,
  "tpm_overlap_gm": 0.44952693581581116,
  "tpm_overlap_wm": 0.3920867145061493,
  "wm2max": 0.26825131764337523
}