{
  "aor": 0.0011750632911392404,
  "aqi": 0.008195271455696203,
  "bids_meta": {
    "AcquisitionMatrixPE": 128,
    "AcquisitionNumber": 1,
    "AcquisitionTime": "09:53:5.447500",
    "BandwidthPerPixelPhaseEncode": 23.321,
    "BaseResolution": 128,
    "BodyPartExamined": "BRAIN",
    "ConsistencyInfo": "N4_VE11C_LATEST_20160120",
    "ConversionSoftware": "dcm2niix",
    "ConversionSoftwareVersion": "v1.0.20190902",
    "DerivedVendorReportedEchoSpacing": 0.000669997,
    "DeviceSerialNumber": "45239",
    "DwellTime": 2.2e-06,
    "EchoTime": 0.03,
    "EchoTrainLength": 63,
    "EffectiveEchoSpacing": 0.000334999,
    "FlipAngle": 80,
    "ImageComments": "Unaliased_MB4_PE4_LB",
    "ImageOrientationPatientDICOM": [
      1,
      0,
      0,
      0,
      1,
      0
    ],
    "ImageType": [
      "ORIGINAL",
      "PRIMARY",
      "M",
      "MB",
      "ND",
      "MOSAIC"
    ],
    "ImagingFrequency": 123.186,
    "InPlanePhaseEncodingDirectionDICOM": "COL",
    "InstitutionAddress": "E_24th_St._100_Austin_Southmiddle_US_78712",
    "InstitutionName": "The_Univ._of_Texas_at_Austin_IRC",
    "InstitutionalDepartmentName": "IRC",
    "MRAcquisitionType": "2D",
    "MagneticFieldStrength": 3,
    "Manufacturer": "Siemens",
    "ManufacturersModelName": "Skyra",
    "Modality": "MR",
    "MultibandAccelerationFactor": 4,
    "ParallelReductionFactorInPlane": 2,
    "PartialFourier": 1,
    "PatientPosition": "HFS",
    "PercentPhaseFOV": 100,
    "PhaseEncodingDirection": "j-",
    "PhaseEncodingSteps": 127,
    "PhaseResolution": 1,
    "PixelBandwidth": 1775,
    "ProcedureStepDescription": "Booth_Language",
    "ProtocolName": "Phon2",
    "PulseSequenceDetails": "%CustomerSeq%_cmrr_mbep2d_bold",
    "ReceiveCoilActiveElements": "HC3-6",
    "ReceiveCoilName": "HeadNeck_64",
    "ReconMatrixPE": 128,
    "RefLinesPE": 58,
    "RepetitionTime": 1.25,
    "SAR": 0.188158,
    "ScanOptions": "FS",
    "ScanningSequence": "EP",
    "SequenceName": "epfid2d1_128",
    "SequenceVariant": "SK_SS",
    "SeriesDescription": "Phon2",
    "SeriesNumber": 2,
    "ShiftedAquisitionDate": "1819-02-08",
    "ShimSetting": [
      -2751,
      7848,
      -15361,
      -11,
      450,
      -352,
      169,
      112
    ],
    "SliceThickness": 2,
    "SliceTiming": [
      0,
      0.265,
      0.5275,
      0.7925,
      1.055,
      0.0875,
      0.3525,
      0.615,
      0.88,
      1.1425,
      0.1775,
      0.44,
      0.7025,
      0.9675,
      0,
      0.265,
      0.5275,
      0.7925,
      1.055,
      0.0875,
      0.3525,
      0.615,
      0.88,
      1.1425,
      0.1775,
      0.44,
      0.7025,
      0.9675,
      0,
      0.265,
      0.5275,
      0.7925,
      1.055,
      0.0875,
      0.3525,
      0.615,
      0.88,
      1.1425,
      0.1775,
      0.44,
      0.7025,
      0.9675,
      0,
      0.265,
      0.5275,
      0.7925,
      1.055,
      0.0875,
      0.3525,
      0.615,
      0.88,
      1.1425,
      0.1775,
      0.44,
      0.7025,
      0.9675
    ],
    "SoftwareVersions": "syngo_MR_E11",
    "SpacingBetweenSlices": 2,
    "StationName": "AWP45239",
    "TotalReadoutTime": 0.0425448,
    "TxRefAmp": 327.732,
    "WipMemBlock": "2369b9a4-04d1-408e-b23a-0ce2ca1f834c||Sequence: R016 ve11c/master r/e634e98; Dec 19 2017 11:00:25 by eja",
    "acq_id": "D3S2",
    "dataset": "ds003604",
    "modality": "bold",
    "run_id": 2,
    "session_id": "9",
    "subject_id": "5036",
    "task_id": "Phon"
  },
  "dummy_trs": 0,
  "dvars_nstd": 49.2980479098726,
  "dvars_std": 1.1063445521656048,
  "dvars_vstd": 1.0194314957961788,
  "efc": 0.4334175960719225,
  "fber": 2757.881591796875,
  "fd_mean": 0.1416655071313239,
  "fd_num": 25,
  "fd_perc": 15.822784810126583,
  "fwhm_avg": 3.2334633333333334,
  "fwhm_x": 2.97464,
  "fwhm_y": 3.39745,
  "fwhm_z": 3.3283,
  "gcor": 0.00860388,
  "gsr_x": -0.01345217227935791,
  "gsr_y": 0.014724942855536938,
  "provenance": {
    "md5sum": "025f63869effd8806a9ee304349d920c",
    "settings": {
      "fd_thres": 0.2,
      "testing": false
    },
    "software": "mriqc",
    "version": "23.0.1",
    "webapi_port": null,
    "webapi_url": "https://mriqc.nimh.nih.gov/api/v1"
  },
  "size_t": 158,
  "size_x": 128,
  "size_y": 128,
  "size_z": 56,
  "snr": 2.4126026311957247,
  "spacing_tr": 1.25,
  "spacing_x": 2.0,
  "spacing_y": 2.0,
  "spacing_z": 2.0,
  "summary_bg_k": 59.45512097823025,
  "summary_bg_mad": 4.194450633895709,
  "summary_bg_mean": 25.98130226135254,
  "summary_bg_median": 11.702531814575195,
  "summary_bg_n": 669375.0,
  "summary_bg_p05": 8.329113960266113,
  "summary_bg_p95": 89.02532196044922,
  "summary_bg_stdv": 56.67156982421875,
  "summary_fg_k": 0.5363905056897376,
  "summary_fg_mad": 242.16152199504234,
  "summary_fg_mean": 667.5642700195312,
  "summary_fg_median": 617.0791015625,
  "summary_fg_n": 145494.0,
  "summary_fg_p05": 349.6772155761719,
  "summary_fg_p95": 1158.6620483398444,
  "summary_fg_stdv": 255.77232360839844,
  "tsnr": 30.576382257975638
}