{
  "aor": 0.004023981481481482,
  "aqi": 0.009489993981481482,
  "bids_meta": {
    "AcquisitionMatrixPE": 128,
    "AcquisitionNumber": 1,
    "AcquisitionTime": "14:10:52.650000",
    "BandwidthPerPixelPhaseEncode": 23.321,
    "BaseResolution": 128,
    "BodyPartExamined": "BRAIN",
    "ConsistencyInfo": "N4_VE11C_LATEST_20160120",
    "ConversionSoftware": "dcm2niix",
    "ConversionSoftwareVersion": "v1.0.20190902",
    "DerivedVendorReportedEchoSpacing": 0.000669997,
    "DeviceSerialNumber": "45239",
    "DwellTime": 2.2e-06,
    "EchoTime": 0.03,
    "EchoTrainLength": 63,
    "EffectiveEchoSpacing": 0.000334999,
    "FlipAngle": 80,
    "ImageComments": "Unaliased_MB4_PE4_LB",
    "ImageOrientationPatientDICOM": [
      1,
      0,
      0,
      0,
      1,
      0
    ],
    "ImageType": [
      "ORIGINAL",
      "PRIMARY",
      "M",
      "MB",
      "ND",
      "MOSAIC"
    ],
    "ImagingFrequency": 123.186,
    "InPlanePhaseEncodingDirectionDICOM": "COL",
    "InstitutionAddress": "E_24th_St._100_Austin_Southmiddle_US_78712",
    "InstitutionName": "The_Univ._of_Texas_at_Austin_IRC",
    "InstitutionalDepartmentName": "IRC",
    "MRAcquisitionType": "2D",
    "MagneticFieldStrength": 3,
    "Manufacturer": "Siemens",
    "ManufacturersModelName": "Skyra",
    "Modality": "MR",
    "MultibandAccelerationFactor": 4,
    "ParallelReductionFactorInPlane": 2,
    "PartialFourier": 1,
    "PatientPosition": "HFS",
    "PercentPhaseFOV": 100,
    "PhaseEncodingDirection": "j-",
    "PhaseEncodingSteps": 127,
    "PhaseResolution": 1,
    "PixelBandwidth": 1775,
    "ProcedureStepDescription": "Booth_Language",
    "ProtocolName": "Gram2",
    "PulseSequenceDetails": "%CustomerSeq%_cmrr_mbep2d_bold",
    "ReceiveCoilActiveElements": "HC3-6",
    "ReceiveCoilName": "HeadNeck_64",
    "ReconMatrixPE": 128,
    "RefLinesPE": 58,
    "RepetitionTime": 1.25,
    "SAR": 0.23573,
    "ScanOptions": "FS",
    "ScanningSequence": "EP",
    "SequenceName": "epfid2d1_128",
    "SequenceVariant": "SK_SS",
    "SeriesDescription": "Gram2",
    "SeriesNumber": 7,
    "ShiftedAquisitionDate": "1819-03-01",
    "ShimSetting": [
      -2707,
      7816,
      -15441,
      -11,
      257,
      -638,
      268,
      -63
    ],
    "SliceThickness": 2,
    "SliceTiming": [
      0,
      0.265,
      0.5275,
      0.7925,
      1.055,
      0.0875,
      0.3525,
      0.615,
      0.88,
      1.1425,
      0.1775,
      0.44,
      0.7025,
      0.9675,
      0,
      0.265,
      0.5275,
      0.7925,
      1.055,
      0.0875,
      0.3525,
      0.615,
      0.88,
      1.1425,
      0.1775,
      0.44,
      0.7025,
      0.9675,
      0,
      0.265,
      0.5275,
      0.7925,
      1.055,
      0.0875,
      0.3525,
      0.615,
      0.88,
      1.1425,
      0.1775,
      0.44,
      0.7025,
      0.9675,
      0,
      0.265,
      0.5275,
      0.7925,
      1.055,
      0.0875,
      0.3525,
      0.615,
      0.88,
      1.1425,
      0.1775,
      0.44,
      0.7025,
      0.9675
    ],
    "SoftwareVersions": "syngo_MR_E11",
    "SpacingBetweenSlices": 2,
    "StationName": "AWP45239",
    "TotalReadoutTime": 0.0425448,
    "TxRefAmp": 331.026,
    "WipMemBlock": "f1f34447-f011-4ba7-af77-2999da20ded4||Sequence: R016 ve11c/master r/e634e98; Dec 19 2017 11:00:25 by eja",
    "acq_id": "D1S7",
    "dataset": "ds003604",
    "modality": "bold",
    "run_id": 2,
    "session_id": "9",
    "subject_id": "5389",
    "task_id": "Gram"
  },
  "dummy_trs": 2,
  "dvars_nstd": 63.242972315999964,
  "dvars_std": 1.2124938709767439,
  "dvars_vstd": 1.0226161200465118,
  "efc": 0.43230216442616365,
  "fber": 2982.146240234375,
  "fd_mean": 0.22041794570804038,
  "fd_num": 90,
  "fd_perc": 41.666666666666664,
  "fwhm_avg": 3.4477783333333334,
  "fwhm_x": 3.25986,
  "fwhm_y": 3.521445,
  "fwhm_z": 3.56203,
  "gcor": 0.0158336,
  "gsr_x": -0.01877453364431858,
  "gsr_y": 0.025380941107869148,
  "provenance": {
    "md5sum": "a95ae0f385230fff913b5152e75609a4",
    "settings": {
      "fd_thres": 0.2,
      "testing": false
    },
    "software": "mriqc",
    "version": "23.0.1",
    "webapi_port": null,
    "webapi_url": "https://mriqc.nimh.nih.gov/api/v1"
  },
  "size_t": 216,
  "size_x": 128,
  "size_y": 128,
  "size_z": 56,
  "snr": 2.1745498951476203,
  "spacing_tr": 1.25,
  "spacing_x": 2.0,
  "spacing_y": 2.0,
  "spacing_z": 2.0,
  "summary_bg_k": 103.9359587072188,
  "summary_bg_mad": 4.015381951065777,
  "summary_bg_mean": 21.076332092285156,
  "summary_bg_median": 11.324073791503906,
  "summary_bg_n": 653165.0,
  "summary_bg_p05": 7.907407283782959,
  "summary_bg_p95": 57.28240966796875,
  "summary_bg_stdv": 40.04589080810547,
  "summary_fg_k": 1.4305490650664128,
  "summary_fg_mad": 256.34605448728917,
  "summary_fg_mean": 682.8358154296875,
  "summary_fg_median": 622.8934936523438,
  "summary_fg_n": 160136.0,
  "summary_fg_p05": 344.06018829345703,
  "summary_fg_p95": 1246.7245788574219,
  "summary_fg_stdv": 286.4461975097656,
  "tsnr": 27.05893033836037
}