{
  "bids_meta": {
    "AcquisitionMatrixPE": 256,
    "AcquisitionNumber": 1,
    "AcquisitionTime": "16:11:11.045000",
    "BaseResolution": 256,
    "BodyPartExamined": "BRAIN",
    "ConsistencyInfo": "N4_VE11A_LATEST_20140830",
    "ConversionSoftware": "dcm2niix",
    "ConversionSoftwareVersion": "v1.0.20190902",
    "DeviceSerialNumber": "45239",
    "DwellTime": 1.09e-05,
    "EchoTime": 0.00243,
    "FlipAngle": 9,
    "ImageOrientationPatientDICOM": [
      0,
      1,
      0,
      0,
      0,
      -1
    ],
    "ImageType": [
      "ORIGINAL",
      "PRIMARY",
      "M",
      "ND"
    ],
    "ImagingFrequency": 123.224,
    "InPlanePhaseEncodingDirectionDICOM": "ROW",
    "InstitutionAddress": "E_24th_St._100_Austin_Southmiddle_US_78712",
    "InstitutionName": "The_Univ._of_Texas_at_Austin_IRC",
    "InstitutionalDepartmentName": "IRC",
    "InversionTime": 0.9,
    "MRAcquisitionType": "3D",
    "MagneticFieldStrength": 3,
    "Manufacturer": "Siemens",
    "ManufacturersModelName": "Skyra",
    "Modality": "MR",
    "ParallelReductionFactorInPlane": 2,
    "PartialFourier": 1,
    "PatientPosition": "HFS",
    "PercentPhaseFOV": 100,
    "PhaseEncodingSteps": 255,
    "PhaseResolution": 1,
    "PixelBandwidth": 180,
    "ProcedureStepDescription": "Booth_Language",
    "ProtocolName": "MPRAGE",
    "PulseSequenceDetails": "%SiemensSeq%_tfl",
    "ReceiveCoilActiveElements": "HC1-6",
    "ReceiveCoilName": "HeadNeck_64",
    "ReconMatrixPE": 256,
    "RefLinesPE": 24,
    "RepetitionTime": 1.9,
    "SAR": 0.223685,
    "ScanOptions": "IR",
    "ScanningSequence": "GR_IR",
    "SequenceName": "_tfl3d1_16ns",
    "SequenceVariant": "SK_SP_MP",
    "SeriesDescription": "MPRAGE",
    "SeriesNumber": 2,
    "ShiftedAquisitionDate": "1816-05-31 00:00:00",
    "ShimSetting": [
      -2849,
      8022,
      -16018,
      -1233,
      -75,
      -527,
      -219,
      169
    ],
    "SliceThickness": 1,
    "SoftwareVersions": "syngo_MR_E11",
    "StationName": "AWP45239",
    "TxRefAmp": 341.672,
    "acq_id": "D1S2",
    "dataset": "ds003604",
    "modality": "T1w",
    "session_id": "7",
    "subject_id": "5109"
  },
  "cjv": 0.41713441646072014,
  "cnr": 3.170940745596947,
  "efc": 0.5123371092244539,
  "fber": -1.0,
  "fwhm_avg": 5.952096666666667,
  "fwhm_x": 6.00402,
  "fwhm_y": 5.55543,
  "fwhm_z": 6.29684,
  "icvs_csf": 0.11224499772624229,
  "icvs_gm": 0.4828345108041863,
  "icvs_wm": 0.40492049146957143,
  "inu_med": 1.0357551574707031,
  "inu_range": 1.3042332172393798,
  "provenance": {
    "md5sum": "f6ac7b270b60cbbd30ad71615ae7c61c",
    "settings": {
      "testing": false
    },
    "software": "mriqc",
    "version": "23.0.1",
    "warnings": {
      "large_rot_frame": true,
      "small_air_mask": false
    },
    "webapi_port": null,
    "webapi_url": "https://mriqc.nimh.nih.gov/api/v1"
  },
  "qi_1": 0.0,
  "qi_2": 0.0027167848063905506,
  "rpve_csf": 41.063254859136684,
  "rpve_gm": 10.961054442538776,
  "rpve_wm": 13.558346017526523,
  "size_x": 192,
  "size_y": 256,
  "size_z": 256,
  "snr_csf": 2.2044627003532526,
  "snr_gm": 16.684813686681434,
  "snr_total": 11.89569509031191,
  "snr_wm": 16.797808883901045,
  "snrd_csf": 24.60944202396285,
  "snrd_gm": 49.68808217993643,
  "snrd_total": 46.55383865810475,
  "snrd_wm": 65.36399177041497,
  "spacing_x": 1.0,
  "spacing_y": 1.0,
  "spacing_z": 1.0,
  "summary_bg_k": 16.845924512186528,
  "summary_bg_mad": 0.0,
  "summary_bg_mean": 6.0792421991294985,
  "summary_bg_median": 0.0,
  "summary_bg_n": 2840508.0,
  "summary_bg_p05": 0.0,
  "summary_bg_p95": 25.482737086713314,
  "summary_bg_stdv": 10.022894890061112,
  "summary_csf_k": 31.66343810942356,
  "summary_csf_mad": 88.97103516074854,
  "summary_csf_mean": 394.89508993563896,
  "summary_csf_median": 376.4984676614404,
  "summary_csf_n": 16288.0,
  "summary_csf_p05": 189.27213243208826,
  "summary_csf_p95": 620.4328657034783,
  "summary_csf_stdv": 170.78397828293566,
  "summary_gm_k": 0.12213885635395139,
  "summary_gm_mad": 45.23049036282073,
  "summary_gm_mean": 760.1969573572366,
  "summary_gm_median": 760.1751711219549,
  "summary_gm_n": 65182.0,
  "summary_gm_p05": 685.3061717376113,
  "summary_gm_p95": 834.3981292843819,
  "summary_gm_stdv": 45.56055309939494,
  "summary_wm_k": 0.7110612150016467,
  "summary_wm_mad": 54.80871185141806,
  "summary_wm_mean": 1008.715472711451,
  "summary_wm_median": 1000.000029169023,
  "summary_wm_n": 189280.0,
  "summary_wm_p05": 927.2127181664109,
  "summary_wm_p95": 1121.8146906793118,
  "summary_wm_stdv": 59.53141832293798,
  "tpm_overlap_csf": 0.12750085190041116,
  "tpm_overlap_gm": 0.45066572858564086,
  "tpm_overlap_wm": 0.4177097316898866,
  "wm2max": 0.26926761672653815
}