{
  "bids_meta": {
    "AcquisitionMatrixPE": 256,
    "AcquisitionNumber": 1,
    "AcquisitionTime": "14:15:6.630000",
    "BaseResolution": 256,
    "BodyPartExamined": "BRAIN",
    "ConsistencyInfo": "N4_VE11C_LATEST_20160120",
    "ConversionSoftware": "dcm2niix",
    "ConversionSoftwareVersion": "v1.0.20190902",
    "DeviceSerialNumber": "45239",
    "DwellTime": 1.09e-05,
    "EchoTime": 0.00243,
    "FlipAngle": 9,
    "ImageOrientationPatientDICOM": [
      0,
      1,
      0,
      0,
      0,
      -1
    ],
    "ImageType": [
      "ORIGINAL",
      "PRIMARY",
      "M",
      "ND"
    ],
    "ImagingFrequency": 123.172,
    "InPlanePhaseEncodingDirectionDICOM": "ROW",
    "InstitutionAddress": "E_24th_St._100_Austin_Southmiddle_US_78712",
    "InstitutionName": "The_Univ._of_Texas_at_Austin_IRC",
    "InstitutionalDepartmentName": "IRC",
    "InversionTime": 0.9,
    "MRAcquisitionType": "3D",
    "MagneticFieldStrength": 3,
    "Manufacturer": "Siemens",
    "ManufacturersModelName": "Skyra",
    "Modality": "MR",
    "ParallelReductionFactorInPlane": 2,
    "PartialFourier": 1,
    "PatientPosition": "HFS",
    "PercentPhaseFOV": 100,
    "PhaseEncodingSteps": 255,
    "PhaseResolution": 1,
    "PixelBandwidth": 180,
    "ProcedureStepDescription": "Booth_Language",
    "ProtocolName": "MPRAGE",
    "PulseSequenceDetails": "%SiemensSeq%_tfl",
    "ReceiveCoilActiveElements": "HC1-6",
    "ReceiveCoilName": "HeadNeck_64",
    "ReconMatrixPE": 256,
    "RefLinesPE": 24,
    "RepetitionTime": 1.9,
    "SAR": 0.200464,
    "ScanOptions": "IR",
    "ScanningSequence": "GR_IR",
    "SequenceName": "_tfl3d1_16ns",
    "SequenceVariant": "SK_SP_MP",
    "SeriesDescription": "MPRAGE",
    "SeriesNumber": 2,
    "ShiftedAquisitionDate": "1817-03-06 00:00:00",
    "ShimSetting": [
      -2751,
      8072,
      -15888,
      -462,
      637,
      -681,
      -484,
      -138
    ],
    "SliceThickness": 1,
    "SoftwareVersions": "syngo_MR_E11",
    "StationName": "AWP45239",
    "TxRefAmp": 317.661,
    "acq_id": "D2S2",
    "dataset": "ds003604",
    "modality": "T1w",
    "session_id": "7",
    "subject_id": "5452"
  },
  "cjv": 0.4228253248783031,
  "cnr": 3.1075445696558766,
  "efc": 0.5043789806716488,
  "fber": 11784.04643194707,
  "fwhm_avg": 5.6196866666666665,
  "fwhm_x": 5.90229,
  "fwhm_y": 5.14264,
  "fwhm_z": 5.81413,
  "icvs_csf": 0.12275464755597407,
  "icvs_gm": 0.4717751898402332,
  "icvs_wm": 0.40547016260379276,
  "inu_med": 0.9875060319900513,
  "inu_range": 1.169338881969452,
  "provenance": {
    "md5sum": "302985ee007f2daf85a3cd612644be02",
    "settings": {
      "testing": false
    },
    "software": "mriqc",
    "version": "22.0.6",
    "warnings": {
      "large_rot_frame": true,
      "small_air_mask": false
    },
    "webapi_port": null,
    "webapi_url": "https://mriqc.nimh.nih.gov/api/v1"
  },
  "qi_1": 3.921070906376177e-05,
  "qi_2": 0.002477006562435128,
  "rpve_csf": 44.77563437984856,
  "rpve_gm": 13.077596125883499,
  "rpve_wm": 16.214932353258657,
  "size_x": 192,
  "size_y": 256,
  "size_z": 256,
  "snr_csf": 2.2272687635472646,
  "snr_gm": 15.347773668207346,
  "snr_total": 11.174324422083126,
  "snr_wm": 15.947930834494766,
  "snrd_csf": 13.989984251359914,
  "snrd_gm": 27.327410381424276,
  "snrd_total": 25.964836191046132,
  "snrd_wm": 36.5771139403542,
  "spacing_x": 1.0,
  "spacing_y": 1.0,
  "spacing_z": 1.0,
  "summary_bg_k": 9.371292582795872,
  "summary_bg_mad": 0.0,
  "summary_bg_mean": 10.940324283933977,
  "summary_bg_median": 0.0,
  "summary_bg_n": 2687266.0,
  "summary_bg_p05": 0.0,
  "summary_bg_p95": 46.20434316247702,
  "summary_bg_stdv": 17.91260908281945,
  "summary_csf_k": 8.57864462844617,
  "summary_csf_mad": 132.63812270118646,
  "summary_csf_mean": 404.99079125026554,
  "summary_csf_median": 382.5113655254245,
  "summary_csf_n": 10116.0,
  "summary_csf_p05": 181.70341873914003,
  "summary_csf_p95": 665.7128495723009,
  "summary_csf_stdv": 171.7316136528029,
  "summary_gm_k": 0.1517048618618162,
  "summary_gm_mad": 47.914430025640264,
  "summary_gm_mean": 747.4386411781436,
  "summary_gm_median": 747.1806167513132,
  "summary_gm_n": 44528.0,
  "summary_gm_p05": 668.2376770675182,
  "summary_gm_p95": 828.0592575147748,
  "summary_gm_stdv": 48.6827759418449,
  "summary_wm_k": 0.5619085424768366,
  "summary_wm_mad": 59.0195974013746,
  "summary_wm_mean": 1008.4452555695235,
  "summary_wm_median": 1000.0841708555818,
  "summary_wm_n": 160978.0,
  "summary_wm_p05": 920.2996220067143,
  "summary_wm_p95": 1124.8948100358248,
  "summary_wm_stdv": 62.709142330345344,
  "tpm_overlap_csf": 0.14411119958401047,
  "tpm_overlap_gm": 0.4698975228794836,
  "tpm_overlap_wm": 0.4534617378455478,
  "wm2max": 0.23720456723091665
}