{
  "bids_meta": {
    "AcquisitionMatrixPE": 256,
    "AcquisitionNumber": 1,
    "AcquisitionTime": "16:07:52.920000",
    "BaseResolution": 256,
    "BodyPartExamined": "BRAIN",
    "ConsistencyInfo": "N4_VE11A_LATEST_20140830",
    "ConversionSoftware": "dcm2niix",
    "ConversionSoftwareVersion": "v1.0.20190902",
    "DeviceSerialNumber": "45239",
    "DwellTime": 1.09e-05,
    "EchoTime": 0.00243,
    "FlipAngle": 9,
    "ImageOrientationPatientDICOM": [
      0,
      1,
      0,
      0,
      0,
      -1
    ],
    "ImageType": [
      "ORIGINAL",
      "PRIMARY",
      "M",
      "ND"
    ],
    "ImagingFrequency": 123.225,
    "InPlanePhaseEncodingDirectionDICOM": "ROW",
    "InstitutionAddress": "E_24th_St._100_Austin_Southmiddle_US_78712",
    "InstitutionName": "The_Univ._of_Texas_at_Austin_IRC",
    "InstitutionalDepartmentName": "IRC",
    "InversionTime": 0.9,
    "MRAcquisitionType": "3D",
    "MagneticFieldStrength": 3,
    "Manufacturer": "Siemens",
    "ManufacturersModelName": "Skyra",
    "Modality": "MR",
    "ParallelReductionFactorInPlane": 2,
    "PartialFourier": 1,
    "PatientPosition": "HFS",
    "PercentPhaseFOV": 100,
    "PhaseEncodingSteps": 255,
    "PhaseResolution": 1,
    "PixelBandwidth": 180,
    "ProcedureStepDescription": "Booth_Language",
    "ProtocolName": "MPRAGE",
    "PulseSequenceDetails": "%SiemensSeq%_tfl",
    "ReceiveCoilActiveElements": "HC1-6",
    "ReceiveCoilName": "HeadNeck_64",
    "ReconMatrixPE": 256,
    "RefLinesPE": 24,
    "RepetitionTime": 1.9,
    "SAR": 0.186681,
    "ScanOptions": "IR",
    "ScanningSequence": "GR_IR",
    "SequenceName": "_tfl3d1_16ns",
    "SequenceVariant": "SK_SP_MP",
    "SeriesDescription": "MPRAGE",
    "SeriesNumber": 10,
    "ShiftedAquisitionDate": "1816-03-15 00:00:00",
    "ShimSetting": [
      -2851,
      8065,
      -15920,
      -530,
      404,
      -610,
      -324,
      -43
    ],
    "SliceThickness": 1,
    "SoftwareVersions": "syngo_MR_E11",
    "StationName": "AWP45239",
    "TxRefAmp": 344.119,
    "acq_id": "D1S10",
    "dataset": "ds003604",
    "modality": "T1w",
    "session_id": "7",
    "subject_id": "5382"
  },
  "cjv": 0.47316111821170076,
  "cnr": 2.864107150109149,
  "efc": 0.5151976278705136,
  "fber": -1.0,
  "fwhm_avg": 5.59864,
  "fwhm_x": 5.74909,
  "fwhm_y": 5.05566,
  "fwhm_z": 5.99117,
  "icvs_csf": 0.12403194741170732,
  "icvs_gm": 0.4659074366886762,
  "icvs_wm": 0.41006061589961645,
  "inu_med": 1.0055896639823914,
  "inu_range": 1.2718973010778418,
  "provenance": {
    "md5sum": "7a89f59cc90ce7ce70220305efc1c60e",
    "settings": {
      "testing": false
    },
    "software": "mriqc",
    "version": "22.0.6",
    "warnings": {
      "large_rot_frame": true,
      "small_air_mask": false
    },
    "webapi_port": null,
    "webapi_url": "https://mriqc.nimh.nih.gov/api/v1"
  },
  "qi_1": 0.00025505032751425556,
  "qi_2": 0.0021384855980929357,
  "rpve_csf": 40.268831273206565,
  "rpve_gm": 11.681505664762547,
  "rpve_wm": 13.850055857964989,
  "size_x": 192,
  "size_y": 256,
  "size_z": 256,
  "snr_csf": 1.805507498534374,
  "snr_gm": 15.605337133832162,
  "snr_total": 10.841536445090592,
  "snr_wm": 15.113764702905245,
  "snrd_csf": 13.950024580495997,
  "snrd_gm": 28.32100314013966,
  "snrd_total": 26.521029944534757,
  "snrd_wm": 37.292062112968615,
  "spacing_x": 1.0,
  "spacing_y": 1.0,
  "spacing_z": 1.0,
  "summary_bg_k": 17.151444440991817,
  "summary_bg_mad": 0.0,
  "summary_bg_mean": 9.026378480322927,
  "summary_bg_median": 0.0,
  "summary_bg_n": 2937339.0,
  "summary_bg_p05": 0.0,
  "summary_bg_p95": 39.62320536375046,
  "summary_bg_stdv": 17.56903038147153,
  "summary_csf_k": 35.404973364891575,
  "summary_csf_mad": 100.08894965182895,
  "summary_csf_mean": 397.62205382656094,
  "summary_csf_median": 374.10286724567413,
  "summary_csf_n": 23650.0,
  "summary_csf_p05": 183.87036307901144,
  "summary_csf_p95": 623.6543002724648,
  "summary_csf_stdv": 207.19656845192355,
  "summary_gm_k": 0.08217177391722386,
  "summary_gm_mad": 48.10476649932864,
  "summary_gm_mean": 759.1439823845607,
  "summary_gm_median": 759.4946099817753,
  "summary_gm_n": 67115.0,
  "summary_gm_p05": 678.2296586036682,
  "summary_gm_p95": 838.965303003788,
  "summary_gm_stdv": 48.66853854478271,
  "summary_wm_k": 0.18737865396689646,
  "summary_wm_mad": 65.72840215230849,
  "summary_wm_mean": 1008.0011645324132,
  "summary_wm_median": 1000.0747512280941,
  "summary_wm_n": 177850.0,
  "summary_wm_p05": 914.4736754894257,
  "summary_wm_p95": 1130.4575251042843,
  "summary_wm_stdv": 66.1696115636804,
  "tpm_overlap_csf": 0.13840927598753985,
  "tpm_overlap_gm": 0.4621343707541276,
  "tpm_overlap_wm": 0.43413988114351615,
  "wm2max": 0.29199772985244044
}