{
  "bids_meta": {
    "AcquisitionMatrixPE": 256,
    "AcquisitionNumber": 1,
    "AcquisitionTime": "16:09:39.870000",
    "BaseResolution": 256,
    "BodyPartExamined": "BRAIN",
    "ConsistencyInfo": "N4_VE11A_LATEST_20140830",
    "ConversionSoftware": "dcm2niix",
    "ConversionSoftwareVersion": "v1.0.20190902",
    "DeviceSerialNumber": "45239",
    "DwellTime": 1.09e-05,
    "EchoTime": 0.00243,
    "FlipAngle": 9,
    "ImageOrientationPatientDICOM": [
      0,
      1,
      0,
      0,
      0,
      -1
    ],
    "ImageType": [
      "ORIGINAL",
      "PRIMARY",
      "M",
      "ND"
    ],
    "ImagingFrequency": 123.225,
    "InPlanePhaseEncodingDirectionDICOM": "ROW",
    "InstitutionAddress": "E_24th_St._100_Austin_Southmiddle_US_78712",
    "InstitutionName": "The_Univ._of_Texas_at_Austin_IRC",
    "InstitutionalDepartmentName": "IRC",
    "InversionTime": 0.9,
    "MRAcquisitionType": "3D",
    "MagneticFieldStrength": 3,
    "Manufacturer": "Siemens",
    "ManufacturersModelName": "Skyra",
    "Modality": "MR",
    "ParallelReductionFactorInPlane": 2,
    "PartialFourier": 1,
    "PatientPosition": "HFS",
    "PercentPhaseFOV": 100,
    "PhaseEncodingSteps": 255,
    "PhaseResolution": 1,
    "PixelBandwidth": 180,
    "ProcedureStepDescription": "Booth_Language",
    "ProtocolName": "MPRAGE",
    "PulseSequenceDetails": "%SiemensSeq%_tfl",
    "ReceiveCoilActiveElements": "HC1-6",
    "ReceiveCoilName": "HeadNeck_64",
    "ReconMatrixPE": 256,
    "RefLinesPE": 24,
    "RepetitionTime": 1.9,
    "SAR": 0.231579,
    "ScanOptions": "IR",
    "ScanningSequence": "GR_IR",
    "SequenceName": "_tfl3d1_16ns",
    "SequenceVariant": "SK_SP_MP",
    "SeriesDescription": "MPRAGE",
    "SeriesNumber": 2,
    "ShiftedAquisitionDate": "1817-04-14 00:00:00",
    "ShimSetting": [
      -2851,
      8065,
      -15920,
      -530,
      404,
      -610,
      -324,
      -43
    ],
    "SliceThickness": 1,
    "SoftwareVersions": "syngo_MR_E11",
    "StationName": "AWP45239",
    "TxRefAmp": 335.282,
    "acq_id": "D1S2",
    "dataset": "ds003604",
    "modality": "T1w",
    "session_id": "7",
    "subject_id": "5035"
  },
  "cjv": 0.5191805585223822,
  "cnr": 2.2808646386835223,
  "efc": 0.5029706809946373,
  "fber": 2135.4812537195,
  "fwhm_avg": 5.743259999999999,
  "fwhm_x": 5.37289,
  "fwhm_y": 5.63838,
  "fwhm_z": 6.21851,
  "icvs_csf": 0.10351437562553667,
  "icvs_gm": 0.5014035131636739,
  "icvs_wm": 0.3950821112107894,
  "inu_med": 1.4926791191101074,
  "inu_range": 1.1031734347343445,
  "provenance": {
    "md5sum": "8f279fb656f1ee81bb4a1344d278b0ff",
    "settings": {
      "testing": false
    },
    "software": "mriqc",
    "version": "21.0.0rc2",
    "warnings": {
      "large_rot_frame": true,
      "small_air_mask": false
    },
    "webapi_port": null,
    "webapi_url": "https://mriqc.nimh.nih.gov/api/v1"
  },
  "qi_1": 0.0,
  "qi_2": 0.00402250004578733,
  "rpve_csf": 65.40917265718262,
  "rpve_gm": 14.718028502747659,
  "rpve_wm": 18.276410917939547,
  "size_x": 192,
  "size_y": 256,
  "size_z": 256,
  "snr_csf": 0.6240867541042373,
  "snr_gm": 12.227996526355547,
  "snr_total": 7.297758790028766,
  "snr_wm": 9.041193089626514,
  "snrd_csf": 37.274652966570635,
  "snrd_gm": 56.73590670115456,
  "snrd_total": 57.837544999911366,
  "snrd_wm": 79.5020753320089,
  "spacing_x": 1.0,
  "spacing_y": 1.0,
  "spacing_z": 1.0,
  "summary_bg_k": 7.090615558046238,
  "summary_bg_mad": 8.240493786208557,
  "summary_bg_mean": 16.048979463600293,
  "summary_bg_median": 13.663732796907425,
  "summary_bg_n": 1752738.0,
  "summary_bg_p05": 2.663269951939583,
  "summary_bg_p95": 35.66465848684311,
  "summary_bg_stdv": 11.096640480284345,
  "summary_csf_k": 1.1685674506772417,
  "summary_csf_mad": 234.6823959530645,
  "summary_csf_mean": 866.8672076222853,
  "summary_csf_median": 468.8513058871031,
  "summary_csf_n": 7339.0,
  "summary_csf_p05": 257.526624917984,
  "summary_csf_p95": 2267.67014916539,
  "summary_csf_stdv": 751.2086408886189,
  "summary_gm_k": -0.028857844432613078,
  "summary_gm_mad": 59.91525690389138,
  "summary_gm_mean": 714.2159631421589,
  "summary_gm_median": 713.6405527740717,
  "summary_gm_n": 97022.0,
  "summary_gm_p05": 620.1945157647133,
  "summary_gm_p95": 809.7498597353697,
  "summary_gm_stdv": 58.3608993919024,
  "summary_wm_k": 0.8731964757838417,
  "summary_wm_mad": 88.75698515562132,
  "summary_wm_mean": 1024.480807215102,
  "summary_wm_median": 999.9999697804451,
  "summary_wm_n": 111342.0,
  "summary_wm_p05": 881.0791767090559,
  "summary_wm_p95": 1250.6947282999754,
  "summary_wm_stdv": 110.6043714794079,
  "tpm_overlap_csf": 0.1333101987838745,
  "tpm_overlap_gm": 0.46240249276161194,
  "tpm_overlap_wm": 0.3963566720485687,
  "wm2max": 0.22484898979379295
}