{
  "bids_meta": {
    "AcquisitionMatrixPE": 256,
    "BaseResolution": 256,
    "BodyPartExamined": "BRAIN",
    "ConversionSoftware": "spm8",
    "DeviceSerialNumber": "45239",
    "DwellTime": 1.09e-05,
    "EchoTime": 0.00243,
    "FlipAngle": 9,
    "ImageType": [
      "ORIGINAL",
      "PRIMARY",
      "M",
      "ND"
    ],
    "ImagingFrequency": 123.204,
    "InPlanePhaseEncodingDirectionDICOM": "ROW",
    "InstitutionAddress": "E_24th_St._100_Austin_Southmiddle_US_78712",
    "InstitutionName": "The_Univ._of_Texas_at_Austin_IRC",
    "InstitutionalDepartmentName": "IRC",
    "InversionTime": 0.9,
    "MRAcquisitionType": "3D",
    "MagneticFieldStrength": 3,
    "Manufacturer": "Siemens",
    "ManufacturersModelName": "Skyra",
    "Modality": "MR",
    "ParallelReductionFactorInPlane": 2,
    "PartialFourier": 1,
    "PatientPosition": "HFS",
    "PercentPhaseFOV": 100,
    "PhaseEncodingSteps": 255,
    "PhaseResolution": 1,
    "PixelBandwidth": 180,
    "ProcedureStepDescription": "Booth_Language",
    "ProtocolName": "MPRAGE",
    "PulseSequenceDetails": "%SiemensSeq%_tfl",
    "ReceiveCoilActiveElements": "HC1-6",
    "ReceiveCoilName": "HeadNeck_64",
    "ReconMatrixPE": 256,
    "RefLinesPE": 24,
    "RepetitionTime": 1.9,
    "ScanOptions": "IR",
    "ScanningSequence": "GR_IR",
    "SequenceName": "_tfl3d1_16ns",
    "SequenceVariant": "SK_SP_MP",
    "SeriesDescription": "MPRAGE",
    "ShiftedAquisitionDate": "1815-04-25",
    "SliceThickness": 1,
    "SoftwareVersions": "syngo_MR_D13",
    "StationName": "AWP45239",
    "acq_id": "D1S2",
    "dataset": "ds003604",
    "modality": "T1w",
    "session_id": "5",
    "subject_id": "5085"
  },
  "cjv": 0.5350830630851308,
  "cnr": 2.0679991566614366,
  "efc": 0.5189556198287145,
  "fber": 1734.195930770247,
  "fwhm_avg": 5.571823333333334,
  "fwhm_x": 5.72332,
  "fwhm_y": 5.1802,
  "fwhm_z": 5.81195,
  "icvs_csf": 0.1277590584853757,
  "icvs_gm": 0.47189695132767956,
  "icvs_wm": 0.4003439901869448,
  "inu_med": 1.0955994129180908,
  "inu_range": 0.8798297643661499,
  "provenance": {
    "md5sum": "05bd8a823ebf2803798b027ec44a826e",
    "settings": {
      "testing": false
    },
    "software": "mriqc",
    "version": "21.0.0rc2",
    "warnings": {
      "large_rot_frame": true,
      "small_air_mask": false
    },
    "webapi_port": null,
    "webapi_url": "https://mriqc.nimh.nih.gov/api/v1"
  },
  "qi_1": 0.0,
  "qi_2": 0.00395478787893844,
  "rpve_csf": 39.850206115010586,
  "rpve_gm": 11.712115519475173,
  "rpve_wm": 14.416498583464323,
  "size_x": 192,
  "size_y": 256,
  "size_z": 256,
  "snr_csf": 1.2153519254528578,
  "snr_gm": 13.816991804093457,
  "snr_total": 7.826491779801212,
  "snr_wm": 8.447131609857319,
  "snrd_csf": 30.43792503515759,
  "snrd_gm": 61.14444548053148,
  "snrd_total": 58.41516953801095,
  "snrd_wm": 83.66313809834377,
  "spacing_x": 1.0,
  "spacing_y": 1.0,
  "spacing_z": 1.0,
  "summary_bg_k": 7.93222957315426,
  "summary_bg_mad": 7.830645291572073,
  "summary_bg_mean": 17.148668547878177,
  "summary_bg_median": 15.534382313489914,
  "summary_bg_n": 2383649.0,
  "summary_bg_p05": 2.5890637189149857,
  "summary_bg_p95": 36.971829906105995,
  "summary_bg_stdv": 11.307428368249624,
  "summary_csf_k": 11.38901161218425,
  "summary_csf_mad": 118.84155795444676,
  "summary_csf_mean": 448.98832667651425,
  "summary_csf_median": 363.8152337819338,
  "summary_csf_n": 11831.0,
  "summary_csf_p05": 245.49502182751894,
  "summary_csf_p95": 1270.1428792253137,
  "summary_csf_stdv": 299.3370482504542,
  "summary_gm_k": 0.4243021197359451,
  "summary_gm_mad": 50.82242336294816,
  "summary_gm_mean": 730.6030913872842,
  "summary_gm_median": 730.8409065753222,
  "summary_gm_n": 58034.0,
  "summary_gm_p05": 643.6412405222654,
  "summary_gm_p95": 816.9013845920563,
  "summary_gm_stdv": 52.89390196136482,
  "summary_wm_k": 1.5983891716061098,
  "summary_wm_mad": 93.20003317616172,
  "summary_wm_mean": 1032.6191358341039,
  "summary_wm_median": 999.9999707937241,
  "summary_wm_n": 147819.0,
  "summary_wm_p05": 895.6089216470718,
  "summary_wm_p95": 1270.2982230484486,
  "summary_wm_stdv": 118.38297714055507,
  "tpm_overlap_csf": 0.1505880057811737,
  "tpm_overlap_gm": 0.43485382199287415,
  "tpm_overlap_wm": 0.3828437030315399,
  "wm2max": 0.20420617129617366
}