{
  "bids_meta": {
    "AcquisitionMatrixPE": 256,
    "AcquisitionNumber": 1,
    "AcquisitionTime": "10:40:0.792500",
    "BaseResolution": 256,
    "BodyPartExamined": "BRAIN",
    "ConsistencyInfo": "N4_VE11A_LATEST_20140830",
    "ConversionSoftware": "dcm2niix",
    "ConversionSoftwareVersion": "v1.0.20190902",
    "DeviceSerialNumber": "45239",
    "DwellTime": 1.09e-05,
    "EchoTime": 0.00243,
    "FlipAngle": 9,
    "ImageOrientationPatientDICOM": [
      0,
      1,
      0,
      0,
      0,
      -1
    ],
    "ImageType": [
      "ORIGINAL",
      "PRIMARY",
      "M",
      "ND"
    ],
    "ImagingFrequency": 123.225,
    "InPlanePhaseEncodingDirectionDICOM": "ROW",
    "InstitutionAddress": "E_24th_St._100_Austin_Southmiddle_US_78712",
    "InstitutionName": "The_Univ._of_Texas_at_Austin_IRC",
    "InstitutionalDepartmentName": "IRC",
    "InversionTime": 0.9,
    "MRAcquisitionType": "3D",
    "MagneticFieldStrength": 3,
    "Manufacturer": "Siemens",
    "ManufacturersModelName": "Skyra",
    "Modality": "MR",
    "ParallelReductionFactorInPlane": 2,
    "PartialFourier": 1,
    "PatientPosition": "HFS",
    "PercentPhaseFOV": 100,
    "PhaseEncodingSteps": 255,
    "PhaseResolution": 1,
    "PixelBandwidth": 180,
    "ProcedureStepDescription": "Booth_Language",
    "ProtocolName": "MPRAGE",
    "PulseSequenceDetails": "%SiemensSeq%_tfl",
    "ReceiveCoilActiveElements": "HC1-6",
    "ReceiveCoilName": "HeadNeck_64",
    "ReconMatrixPE": 256,
    "RefLinesPE": 24,
    "RepetitionTime": 1.9,
    "SAR": 0.255299,
    "ScanOptions": "IR",
    "ScanningSequence": "GR_IR",
    "SequenceName": "_tfl3d1_16ns",
    "SequenceVariant": "SK_SP_MP",
    "SeriesDescription": "MPRAGE",
    "SeriesNumber": 15,
    "ShiftedAquisitionDate": "1817-01-25 00:00:00",
    "ShimSetting": [
      -2851,
      8065,
      -15920,
      -530,
      404,
      -610,
      -324,
      -43
    ],
    "SliceThickness": 1,
    "SoftwareVersions": "syngo_MR_E11",
    "StationName": "AWP45239",
    "TxRefAmp": 341.28,
    "acq_id": "D1S15",
    "dataset": "ds003604",
    "modality": "T1w",
    "session_id": "7",
    "subject_id": "5169"
  },
  "cjv": 0.4613577927192235,
  "cnr": 2.9779152671102027,
  "efc": 0.5308583260880192,
  "fber": -1.0,
  "fwhm_avg": 7.227580000000001,
  "fwhm_x": 7.41274,
  "fwhm_y": 6.38902,
  "fwhm_z": 7.88098,
  "icvs_csf": 0.11547485698351648,
  "icvs_gm": 0.48205555658401145,
  "icvs_wm": 0.4024695864324721,
  "inu_med": 0.9473156929016113,
  "inu_range": 1.6608339965343473,
  "provenance": {
    "md5sum": "b9e50d04253a80eadcf9debe42cc27fa",
    "settings": {
      "testing": false
    },
    "software": "mriqc",
    "version": "22.0.6",
    "warnings": {
      "large_rot_frame": true,
      "small_air_mask": false
    },
    "webapi_port": null,
    "webapi_url": "https://mriqc.nimh.nih.gov/api/v1"
  },
  "qi_1": 0.0002988771247110317,
  "qi_2": 0.0019458443301038936,
  "rpve_csf": 44.34149224154709,
  "rpve_gm": 11.94526540189898,
  "rpve_wm": 14.615974257932326,
  "size_x": 192,
  "size_y": 256,
  "size_z": 256,
  "snr_csf": 1.2377595707288116,
  "snr_gm": 17.112844622439493,
  "snr_total": 11.386415006233127,
  "snr_wm": 15.808640825531079,
  "snrd_csf": 17.448417933595522,
  "snrd_gm": 35.72393843564116,
  "snrd_total": 33.27939084444416,
  "snrd_wm": 46.665816164095794,
  "spacing_x": 1.0,
  "spacing_y": 1.0,
  "spacing_z": 1.0,
  "summary_bg_k": 16.07807332124516,
  "summary_bg_mad": 0.0,
  "summary_bg_mean": 8.213650301815216,
  "summary_bg_median": 0.0,
  "summary_bg_n": 2415940.0,
  "summary_bg_p05": 0.0,
  "summary_bg_p95": 31.019202321767807,
  "summary_bg_stdv": 14.039929829490791,
  "summary_csf_k": 5.297843936016413,
  "summary_csf_mad": 116.28682082284702,
  "summary_csf_mean": 461.8090412875233,
  "summary_csf_median": 373.9290984645486,
  "summary_csf_n": 15989.0,
  "summary_csf_p05": 217.22304254472257,
  "summary_csf_p95": 1329.9852271676052,
  "summary_csf_stdv": 302.0921136873568,
  "summary_gm_k": 0.08434408579801911,
  "summary_gm_mad": 44.4561669059095,
  "summary_gm_mean": 765.6029615010589,
  "summary_gm_median": 765.5834553986788,
  "summary_gm_n": 72878.0,
  "summary_gm_p05": 692.6883299425244,
  "summary_gm_p95": 838.9955675601959,
  "summary_gm_stdv": 44.73705101467089,
  "summary_wm_k": 0.010210670131761912,
  "summary_wm_mad": 63.727805761673224,
  "summary_wm_mean": 1008.0688102965992,
  "summary_wm_median": 1000.0738539025187,
  "summary_wm_n": 175321.0,
  "summary_wm_p05": 918.0206782370806,
  "summary_wm_p95": 1123.855242215097,
  "summary_wm_stdv": 63.261036341661196,
  "tpm_overlap_csf": 0.13260450140647362,
  "tpm_overlap_gm": 0.4733608882533054,
  "tpm_overlap_wm": 0.44022712972045747,
  "wm2max": 0.3025546924135794
}