{
  "aor": 0.003751650943396227,
  "aqi": 0.013828168537735849,
  "bids_meta": {
    "AcquisitionMatrixPE": 128,
    "AcquisitionNumber": 1,
    "AcquisitionTime": "16:50:31.180000",
    "BandwidthPerPixelPhaseEncode": 23.321,
    "BaseResolution": 128,
    "BodyPartExamined": "BRAIN",
    "ConsistencyInfo": "N4_VE11C_LATEST_20160120",
    "ConversionSoftware": "dcm2niix",
    "ConversionSoftwareVersion": "v1.0.20190902",
    "DerivedVendorReportedEchoSpacing": 0.000669997,
    "DeviceSerialNumber": "45239",
    "DwellTime": 2.2e-06,
    "EchoTime": 0.03,
    "EchoTrainLength": 63,
    "EffectiveEchoSpacing": 0.000334999,
    "FlipAngle": 80,
    "ImageComments": "Unaliased_MB4_PE4_LB",
    "ImageOrientationPatientDICOM": [
      1,
      0,
      0,
      0,
      1,
      0
    ],
    "ImageType": [
      "ORIGINAL",
      "PRIMARY",
      "M",
      "MB",
      "ND",
      "MOSAIC"
    ],
    "ImagingFrequency": 123.186,
    "InPlanePhaseEncodingDirectionDICOM": "COL",
    "InstitutionAddress": "E_24th_St._100_Austin_Southmiddle_US_78712",
    "InstitutionName": "The_Univ._of_Texas_at_Austin_IRC",
    "InstitutionalDepartmentName": "IRC",
    "MRAcquisitionType": "2D",
    "MagneticFieldStrength": 3,
    "Manufacturer": "Siemens",
    "ManufacturersModelName": "Skyra",
    "Modality": "MR",
    "MultibandAccelerationFactor": 4,
    "ParallelReductionFactorInPlane": 2,
    "PartialFourier": 1,
    "PatientPosition": "HFS",
    "PercentPhaseFOV": 100,
    "PhaseEncodingDirection": "j-",
    "PhaseEncodingSteps": 127,
    "PhaseResolution": 1,
    "PixelBandwidth": 1775,
    "ProcedureStepDescription": "Booth_Language",
    "ProtocolName": "Plaus1",
    "PulseSequenceDetails": "%CustomerSeq%_cmrr_mbep2d_bold",
    "ReceiveCoilActiveElements": "HC3-7",
    "ReceiveCoilName": "HeadNeck_64",
    "ReconMatrixPE": 128,
    "RefLinesPE": 58,
    "RepetitionTime": 1.25,
    "SAR": 0.256498,
    "ScanOptions": "FS",
    "ScanningSequence": "EP",
    "SequenceName": "epfid2d1_128",
    "SequenceVariant": "SK_SS",
    "SeriesDescription": "Plaus1",
    "SeriesNumber": 10,
    "ShiftedAquisitionDate": "1818-06-15",
    "ShimSetting": [
      -2697,
      7859,
      -15388,
      243,
      489,
      -594,
      184,
      19
    ],
    "SliceThickness": 2,
    "SliceTiming": [
      0,
      0.2625,
      0.5275,
      0.79,
      1.055,
      0.0875,
      0.35,
      0.615,
      0.8775,
      1.1425,
      0.175,
      0.44,
      0.7025,
      0.965,
      0,
      0.2625,
      0.5275,
      0.79,
      1.055,
      0.0875,
      0.35,
      0.615,
      0.8775,
      1.1425,
      0.175,
      0.44,
      0.7025,
      0.965,
      0,
      0.2625,
      0.5275,
      0.79,
      1.055,
      0.0875,
      0.35,
      0.615,
      0.8775,
      1.1425,
      0.175,
      0.44,
      0.7025,
      0.965,
      0,
      0.2625,
      0.5275,
      0.79,
      1.055,
      0.0875,
      0.35,
      0.615,
      0.8775,
      1.1425,
      0.175,
      0.44,
      0.7025,
      0.965
    ],
    "SoftwareVersions": "syngo_MR_E11",
    "SpacingBetweenSlices": 2,
    "StationName": "AWP45239",
    "TotalReadoutTime": 0.0425448,
    "TxRefAmp": 325.139,
    "WipMemBlock": "6fec2150-f058-41f2-8d1c-e39ffc072c91||Sequence: R016 ve11c/master r/e634e98; Dec 19 2017 11:00:25 by eja",
    "acq_id": "D1S10",
    "dataset": "ds003604",
    "modality": "bold",
    "run_id": 1,
    "session_id": "7",
    "subject_id": "5524",
    "task_id": "Plaus"
  },
  "dummy_trs": 0,
  "dvars_nstd": 62.082362423696694,
  "dvars_std": 1.1444320769194318,
  "dvars_vstd": 1.0153134929383885,
  "efc": 0.4430323554696819,
  "fber": 2459.736572265625,
  "fd_mean": 0.28985129338295357,
  "fd_num": 143,
  "fd_perc": 67.45283018867924,
  "fwhm_avg": 3.4715249999999997,
  "fwhm_x": 3.108185,
  "fwhm_y": 3.629795,
  "fwhm_z": 3.676595,
  "gcor": 0.00901278,
  "gsr_x": -0.020887698978185654,
  "gsr_y": 0.025532130151987076,
  "provenance": {
    "md5sum": "b0bbd48be523053dad2cfd4ab67f0fbc",
    "settings": {
      "fd_thres": 0.2,
      "testing": false
    },
    "software": "mriqc",
    "version": "23.0.1",
    "webapi_port": null,
    "webapi_url": "https://mriqc.nimh.nih.gov/api/v1"
  },
  "size_t": 212,
  "size_x": 128,
  "size_y": 128,
  "size_z": 56,
  "snr": 2.345095487173662,
  "spacing_tr": 1.25,
  "spacing_x": 2.0,
  "spacing_y": 2.0,
  "spacing_z": 2.0,
  "summary_bg_k": 63.02694304906571,
  "summary_bg_mad": 4.238003601097541,
  "summary_bg_mean": 25.44784927368164,
  "summary_bg_median": 12.650943756103516,
  "summary_bg_n": 655101.0,
  "summary_bg_p05": 9.18396282196045,
  "summary_bg_p95": 79.5424575805664,
  "summary_bg_stdv": 50.137672424316406,
  "summary_fg_k": 1.8781175450555816,
  "summary_fg_mad": 240.85295631930657,
  "summary_fg_mean": 678.1346435546875,
  "summary_fg_median": 626.1273803710938,
  "summary_fg_n": 157647.0,
  "summary_fg_p05": 358.14292907714844,
  "summary_fg_p95": 1180.02216796875,
  "summary_fg_stdv": 266.9935607910156,
  "tsnr": 24.51246749027632
}