{
  "aor": 0.0014518987341772152,
  "aqi": 0.009603441202531645,
  "bids_meta": {
    "AcquisitionMatrixPE": 128,
    "AcquisitionNumber": 1,
    "AcquisitionTime": "12:47:39.665000",
    "BandwidthPerPixelPhaseEncode": 23.321,
    "BaseResolution": 128,
    "BodyPartExamined": "BRAIN",
    "ConsistencyInfo": "N4_VE11C_LATEST_20160120",
    "ConversionSoftware": "dcm2niix",
    "ConversionSoftwareVersion": "v1.0.20190902",
    "DerivedVendorReportedEchoSpacing": 0.000669997,
    "DeviceSerialNumber": "45239",
    "DwellTime": 2.2e-06,
    "EchoTime": 0.03,
    "EchoTrainLength": 63,
    "EffectiveEchoSpacing": 0.000334999,
    "FlipAngle": 80,
    "ImageComments": "Unaliased_MB4_PE4_LB",
    "ImageOrientationPatientDICOM": [
      0.993768,
      0,
      0.111469,
      0,
      1,
      0
    ],
    "ImageType": [
      "ORIGINAL",
      "PRIMARY",
      "M",
      "MB",
      "ND",
      "MOSAIC"
    ],
    "ImagingFrequency": 123.186,
    "InPlanePhaseEncodingDirectionDICOM": "COL",
    "InstitutionAddress": "E_24th_St._100_Austin_Southmiddle_US_78712",
    "InstitutionName": "The_Univ._of_Texas_at_Austin_IRC",
    "InstitutionalDepartmentName": "IRC",
    "MRAcquisitionType": "2D",
    "MagneticFieldStrength": 3,
    "Manufacturer": "Siemens",
    "ManufacturersModelName": "Skyra",
    "Modality": "MR",
    "MultibandAccelerationFactor": 4,
    "ParallelReductionFactorInPlane": 2,
    "PartialFourier": 1,
    "PatientPosition": "HFS",
    "PercentPhaseFOV": 100,
    "PhaseEncodingDirection": "j-",
    "PhaseEncodingSteps": 127,
    "PhaseResolution": 1,
    "PixelBandwidth": 1775,
    "ProcedureStepDescription": "Booth_Language",
    "ProtocolName": "Phon1",
    "PulseSequenceDetails": "%CustomerSeq%_cmrr_mbep2d_bold",
    "ReceiveCoilActiveElements": "HC1-7",
    "ReceiveCoilName": "HeadNeck_64",
    "ReconMatrixPE": 128,
    "RefLinesPE": 58,
    "RepetitionTime": 1.25,
    "SAR": 0.262785,
    "ScanOptions": "FS",
    "ScanningSequence": "EP",
    "SequenceName": "epfid2d1_128",
    "SequenceVariant": "SK_SS",
    "SeriesDescription": "Phon1",
    "SeriesNumber": 7,
    "ShiftedAquisitionDate": "1819-03-03",
    "ShimSetting": [
      -2629,
      7770,
      -15329,
      125,
      921,
      -679,
      49,
      123
    ],
    "SliceThickness": 2,
    "SliceTiming": [
      0,
      0.265,
      0.5275,
      0.79,
      1.055,
      0.0875,
      0.3525,
      0.615,
      0.88,
      1.1425,
      0.175,
      0.44,
      0.7025,
      0.9675,
      0,
      0.265,
      0.5275,
      0.79,
      1.055,
      0.0875,
      0.3525,
      0.615,
      0.88,
      1.1425,
      0.175,
      0.44,
      0.7025,
      0.9675,
      0,
      0.265,
      0.5275,
      0.79,
      1.055,
      0.0875,
      0.3525,
      0.615,
      0.88,
      1.1425,
      0.175,
      0.44,
      0.7025,
      0.9675,
      0,
      0.265,
      0.5275,
      0.79,
      1.055,
      0.0875,
      0.3525,
      0.615,
      0.88,
      1.1425,
      0.175,
      0.44,
      0.7025,
      0.9675
    ],
    "SoftwareVersions": "syngo_MR_E11",
    "SpacingBetweenSlices": 2,
    "StationName": "AWP45239",
    "TotalReadoutTime": 0.0425448,
    "TxRefAmp": 325.319,
    "WipMemBlock": "0f8d5f35-d4f1-42cc-b386-0a507cd32a6c||Sequence: R016 ve11c/master r/e634e98; Dec 19 2017 11:00:25 by eja",
    "acq_id": "D1S7",
    "dataset": "ds003604",
    "modality": "bold",
    "run_id": 1,
    "session_id": "7",
    "subject_id": "5567",
    "task_id": "Phon"
  },
  "dummy_trs": 0,
  "dvars_nstd": 52.19137109101912,
  "dvars_std": 1.1233595892993635,
  "dvars_vstd": 1.0115705584713377,
  "efc": 0.43212877164986063,
  "fber": 2458.7333984375,
  "fd_mean": 0.31158576531130056,
  "fd_num": 108,
  "fd_perc": 68.35443037974683,
  "fwhm_avg": 3.338238333333333,
  "fwhm_x": 3.068555,
  "fwhm_y": 3.48273,
  "fwhm_z": 3.46343,
  "gcor": 0.00280586,
  "gsr_x": -0.01020281296223402,
  "gsr_y": 0.01153468806296587,
  "provenance": {
    "md5sum": "02150df928dcb7eade7465d4a11379a3",
    "settings": {
      "fd_thres": 0.2,
      "testing": false
    },
    "software": "mriqc",
    "version": "23.0.1",
    "webapi_port": null,
    "webapi_url": "https://mriqc.nimh.nih.gov/api/v1"
  },
  "size_t": 158,
  "size_x": 128,
  "size_y": 128,
  "size_z": 56,
  "snr": 2.380320763306213,
  "spacing_tr": 1.25,
  "spacing_x": 2.0,
  "spacing_y": 2.0,
  "spacing_z": 2.0,
  "summary_bg_k": 90.48677242258599,
  "summary_bg_mad": 3.706505546264005,
  "summary_bg_mean": 23.44966697692871,
  "summary_bg_median": 13.284810066223145,
  "summary_bg_n": 662584.0,
  "summary_bg_p05": 10.189873695373535,
  "summary_bg_p95": 64.62025451660156,
  "summary_bg_stdv": 41.79493713378906,
  "summary_fg_k": 0.891844408041186,
  "summary_fg_mad": 251.11344324250572,
  "summary_fg_mean": 708.4009399414062,
  "summary_fg_median": 657.8038330078125,
  "summary_fg_n": 151182.0,
  "summary_fg_p05": 364.0569763183594,
  "summary_fg_p95": 1241.6705810546873,
  "summary_fg_stdv": 276.3500061035156,
  "tsnr": 29.04721750470344
}