{
  "bids_meta": {
    "AcquisitionMatrixPE": 256,
    "AcquisitionNumber": 1,
    "AcquisitionTime": "16:30:7.952500",
    "BaseResolution": 256,
    "BodyPartExamined": "BRAIN",
    "ConsistencyInfo": "N4_VE11A_LATEST_20140830",
    "ConversionSoftware": "dcm2niix",
    "ConversionSoftwareVersion": "v1.0.20190902",
    "DeviceSerialNumber": "45239",
    "DwellTime": 1.09e-05,
    "EchoTime": 0.00243,
    "FlipAngle": 9,
    "ImageOrientationPatientDICOM": [
      0,
      1,
      0,
      0,
      0,
      -1
    ],
    "ImageType": [
      "ORIGINAL",
      "PRIMARY",
      "M",
      "ND"
    ],
    "ImagingFrequency": 123.224,
    "InPlanePhaseEncodingDirectionDICOM": "ROW",
    "InstitutionAddress": "E_24th_St._100_Austin_Southmiddle_US_78712",
    "InstitutionName": "The_Univ._of_Texas_at_Austin_IRC",
    "InstitutionalDepartmentName": "IRC",
    "InversionTime": 0.9,
    "MRAcquisitionType": "3D",
    "MagneticFieldStrength": 3,
    "Manufacturer": "Siemens",
    "ManufacturersModelName": "Skyra",
    "Modality": "MR",
    "ParallelReductionFactorInPlane": 2,
    "PartialFourier": 1,
    "PatientPosition": "HFS",
    "PercentPhaseFOV": 100,
    "PhaseEncodingSteps": 255,
    "PhaseResolution": 1,
    "PixelBandwidth": 180,
    "ProcedureStepDescription": "Booth_Language",
    "ProtocolName": "MPRAGE",
    "PulseSequenceDetails": "%SiemensSeq%_tfl",
    "ReceiveCoilActiveElements": "HC1-6",
    "ReceiveCoilName": "HeadNeck_64",
    "ReconMatrixPE": 256,
    "RefLinesPE": 24,
    "RepetitionTime": 1.9,
    "SAR": 0.269194,
    "ScanOptions": "IR",
    "ScanningSequence": "GR_IR",
    "SequenceName": "_tfl3d1_16ns",
    "SequenceVariant": "SK_SP_MP",
    "SeriesDescription": "MPRAGE",
    "SeriesNumber": 2,
    "ShiftedAquisitionDate": "1816-01-15 00:00:00",
    "ShimSetting": [
      -2849,
      8022,
      -16018,
      -1233,
      -75,
      -527,
      -219,
      169
    ],
    "SliceThickness": 1,
    "SoftwareVersions": "syngo_MR_E11",
    "StationName": "AWP45239",
    "TxRefAmp": 330.534,
    "acq_id": "D1S2",
    "dataset": "ds003604",
    "modality": "T1w",
    "session_id": "5",
    "subject_id": "5259"
  },
  "cjv": 0.4610707316520899,
  "cnr": 3.0089210660171877,
  "efc": 0.5073761703410771,
  "fber": -1.0,
  "fwhm_avg": 5.939183333333333,
  "fwhm_x": 6.39721,
  "fwhm_y": 5.16091,
  "fwhm_z": 6.25943,
  "icvs_csf": 0.11277303966154471,
  "icvs_gm": 0.48668540102470476,
  "icvs_wm": 0.4005415593137505,
  "inu_med": 0.9346282780170441,
  "inu_range": 1.3164909482002258,
  "provenance": {
    "md5sum": "1177fbe778435b5c0c2891fbbe41d4c4",
    "settings": {
      "testing": false
    },
    "software": "mriqc",
    "version": "22.0.6",
    "warnings": {
      "large_rot_frame": true,
      "small_air_mask": false
    },
    "webapi_port": null,
    "webapi_url": "https://mriqc.nimh.nih.gov/api/v1"
  },
  "qi_1": 0.0,
  "qi_2": 0.0023245995127447513,
  "rpve_csf": 55.14596232322522,
  "rpve_gm": 14.406163383165945,
  "rpve_wm": 17.852010719257606,
  "size_x": 192,
  "size_y": 256,
  "size_z": 256,
  "snr_csf": 2.8767468541233754,
  "snr_gm": 16.127201917667296,
  "snr_total": 11.406017420894377,
  "snr_wm": 15.214103490892457,
  "snrd_csf": 17.945873652796315,
  "snrd_gm": 38.48734022893642,
  "snrd_total": 35.820810402221674,
  "snrd_wm": 51.02921732493229,
  "spacing_x": 1.0,
  "spacing_y": 1.0,
  "spacing_z": 1.0,
  "summary_bg_k": 12.737190964056152,
  "summary_bg_mad": 0.0,
  "summary_bg_mean": 7.746226956874421,
  "summary_bg_median": 0.0,
  "summary_bg_n": 2533109.0,
  "summary_bg_p05": 0.0,
  "summary_bg_p95": 30.83549814671278,
  "summary_bg_stdv": 12.83933442387442,
  "summary_csf_k": 11.485259449430716,
  "summary_csf_mad": 88.79799887776623,
  "summary_csf_mean": 364.6652244258749,
  "summary_csf_median": 351.7024444937706,
  "summary_csf_n": 15990.0,
  "summary_csf_p05": 205.21331687904896,
  "summary_csf_p95": 571.7591907467693,
  "summary_csf_stdv": 122.25317853145478,
  "summary_gm_k": 0.07088937686455088,
  "summary_gm_mad": 46.42635101143485,
  "summary_gm_mean": 754.5343307460098,
  "summary_gm_median": 754.2732052206993,
  "summary_gm_n": 56810.0,
  "summary_gm_p05": 677.4545268554241,
  "summary_gm_p95": 830.780793748796,
  "summary_gm_stdv": 46.76983462363859,
  "summary_wm_k": 0.029451540634947815,
  "summary_wm_mad": 66.90260189420744,
  "summary_wm_mean": 1006.9857689434344,
  "summary_wm_median": 1000.068362288177,
  "summary_wm_n": 142841.0,
  "summary_wm_p05": 911.7325228080153,
  "summary_wm_p95": 1125.5298680514097,
  "summary_wm_stdv": 65.73275002670216,
  "tpm_overlap_csf": 0.11893163886739196,
  "tpm_overlap_gm": 0.4737850874205593,
  "tpm_overlap_wm": 0.4412170560661006,
  "wm2max": 0.2904167947593573
}