{
  "bids_meta": {
    "AcquisitionMatrixPE": 256,
    "AcquisitionNumber": 1,
    "AcquisitionTime": "15:08:58.900000",
    "BaseResolution": 256,
    "BodyPartExamined": "BRAIN",
    "ConsistencyInfo": "N4_VE11A_LATEST_20140830",
    "ConversionSoftware": "dcm2niix",
    "ConversionSoftwareVersion": "v1.0.20190902",
    "DeviceSerialNumber": "45239",
    "DwellTime": 1.09e-05,
    "EchoTime": 0.00243,
    "FlipAngle": 9,
    "ImageOrientationPatientDICOM": [
      0,
      1,
      0,
      0,
      0,
      -1
    ],
    "ImageType": [
      "ORIGINAL",
      "PRIMARY",
      "M",
      "ND"
    ],
    "ImagingFrequency": 123.224,
    "InPlanePhaseEncodingDirectionDICOM": "ROW",
    "InstitutionAddress": "E_24th_St._100_Austin_Southmiddle_US_78712",
    "InstitutionName": "The_Univ._of_Texas_at_Austin_IRC",
    "InstitutionalDepartmentName": "IRC",
    "InversionTime": 0.9,
    "MRAcquisitionType": "3D",
    "MagneticFieldStrength": 3,
    "Manufacturer": "Siemens",
    "ManufacturersModelName": "Skyra",
    "Modality": "MR",
    "ParallelReductionFactorInPlane": 2,
    "PartialFourier": 1,
    "PatientPosition": "HFS",
    "PercentPhaseFOV": 100,
    "PhaseEncodingSteps": 255,
    "PhaseResolution": 1,
    "PixelBandwidth": 180,
    "ProcedureStepDescription": "Booth_Language",
    "ProtocolName": "MPRAGE",
    "PulseSequenceDetails": "%SiemensSeq%_tfl",
    "ReceiveCoilActiveElements": "HC1-6",
    "ReceiveCoilName": "HeadNeck_64",
    "ReconMatrixPE": 256,
    "RefLinesPE": 24,
    "RepetitionTime": 1.9,
    "SAR": 0.261835,
    "ScanOptions": "IR",
    "ScanningSequence": "GR_IR",
    "SequenceName": "_tfl3d1_16ns",
    "SequenceVariant": "SK_SP_MP",
    "SeriesDescription": "MPRAGE",
    "SeriesNumber": 2,
    "ShiftedAquisitionDate": "1816-06-16 00:00:00",
    "ShimSetting": [
      -2849,
      8022,
      -16018,
      -1233,
      -75,
      -527,
      -219,
      169
    ],
    "SliceThickness": 1,
    "SoftwareVersions": "syngo_MR_E11",
    "StationName": "AWP45239",
    "TxRefAmp": 335.995,
    "acq_id": "D1S2",
    "dataset": "ds003604",
    "modality": "T1w",
    "session_id": "5",
    "subject_id": "5272"
  },
  "cjv": 0.4805960794908354,
  "cnr": 2.8110941188410843,
  "efc": 0.5077738951319772,
  "fber": -1.0,
  "fwhm_avg": 6.31044,
  "fwhm_x": 6.56964,
  "fwhm_y": 5.53318,
  "fwhm_z": 6.8285,
  "icvs_csf": 0.11766240484072309,
  "icvs_gm": 0.47665580927026746,
  "icvs_wm": 0.4056817858890095,
  "inu_med": 0.9680682420730591,
  "inu_range": 1.4137992143630982,
  "provenance": {
    "md5sum": "05c833f6eaa61f16bc2cc30a331e9477",
    "settings": {
      "testing": false
    },
    "software": "mriqc",
    "version": "22.0.6",
    "warnings": {
      "large_rot_frame": true,
      "small_air_mask": false
    },
    "webapi_port": null,
    "webapi_url": "https://mriqc.nimh.nih.gov/api/v1"
  },
  "qi_1": 0.006169902417895997,
  "qi_2": 0.0013897095322021396,
  "rpve_csf": 49.25930089059024,
  "rpve_gm": 13.204523626942233,
  "rpve_wm": 16.078833655683535,
  "size_x": 192,
  "size_y": 256,
  "size_z": 256,
  "snr_csf": 2.267379029001483,
  "snr_gm": 14.698183668930582,
  "snr_total": 10.421017896982102,
  "snr_wm": 14.297490993014243,
  "snrd_csf": 13.837171116430138,
  "snrd_gm": 28.856301039482595,
  "snrd_total": 27.026377284425177,
  "snrd_wm": 38.385659697362804,
  "spacing_x": 1.0,
  "spacing_y": 1.0,
  "spacing_z": 1.0,
  "summary_bg_k": 11.231136219760277,
  "summary_bg_mad": 0.0,
  "summary_bg_mean": 9.805289864224804,
  "summary_bg_median": 0.0,
  "summary_bg_n": 2875727.0,
  "summary_bg_p05": 0.0,
  "summary_bg_p95": 44.54000920057297,
  "summary_bg_stdv": 17.0685280627852,
  "summary_csf_k": 17.46063761403035,
  "summary_csf_mad": 107.13628376258737,
  "summary_csf_mean": 383.0332716288226,
  "summary_csf_median": 360.5052986070514,
  "summary_csf_n": 14744.0,
  "summary_csf_p05": 198.51021341979504,
  "summary_csf_p95": 605.0529870539904,
  "summary_csf_stdv": 158.9910942533615,
  "summary_gm_k": -0.05333276950415344,
  "summary_gm_mad": 51.34799572468321,
  "summary_gm_mean": 751.9975294945439,
  "summary_gm_median": 751.8046380579472,
  "summary_gm_n": 43694.0,
  "summary_gm_p05": 668.1769311279058,
  "summary_gm_p95": 836.5842417776585,
  "summary_gm_stdv": 51.148907366898705,
  "summary_wm_k": 0.21173545547248196,
  "summary_wm_mad": 67.97062848699751,
  "summary_wm_mean": 1008.0780278104725,
  "summary_wm_median": 1000.0767927914858,
  "summary_wm_n": 133703.0,
  "summary_wm_p05": 907.3107046633959,
  "summary_wm_p95": 1136.9221314042807,
  "summary_wm_stdv": 69.94745115447748,
  "tpm_overlap_csf": 0.14603560974547844,
  "tpm_overlap_gm": 0.4663248559744261,
  "tpm_overlap_wm": 0.4322098158791039,
  "wm2max": 0.27401529265397756
}