{
  "bids_meta": {
    "AcquisitionMatrixPE": 256,
    "AcquisitionNumber": 1,
    "AcquisitionTime": "11:24:48.025000",
    "BaseResolution": 256,
    "BodyPartExamined": "BRAIN",
    "ConsistencyInfo": "N4_VE11A_LATEST_20140830",
    "ConversionSoftware": "dcm2niix",
    "ConversionSoftwareVersion": "v1.0.20190902",
    "DeviceSerialNumber": "45239",
    "DwellTime": 1.09e-05,
    "EchoTime": 0.00243,
    "FlipAngle": 9,
    "ImageOrientationPatientDICOM": [
      0,
      1,
      0,
      0,
      0,
      -1
    ],
    "ImageType": [
      "ORIGINAL",
      "PRIMARY",
      "M",
      "ND"
    ],
    "ImagingFrequency": 123.225,
    "InPlanePhaseEncodingDirectionDICOM": "ROW",
    "InstitutionAddress": "E_24th_St._100_Austin_Southmiddle_US_78712",
    "InstitutionName": "The_Univ._of_Texas_at_Austin_IRC",
    "InstitutionalDepartmentName": "IRC",
    "InversionTime": 0.9,
    "MRAcquisitionType": "3D",
    "MagneticFieldStrength": 3,
    "Manufacturer": "Siemens",
    "ManufacturersModelName": "Skyra",
    "Modality": "MR",
    "ParallelReductionFactorInPlane": 2,
    "PartialFourier": 1,
    "PatientPosition": "HFS",
    "PercentPhaseFOV": 100,
    "PhaseEncodingSteps": 255,
    "PhaseResolution": 1,
    "PixelBandwidth": 180,
    "ProcedureStepDescription": "Booth_Language",
    "ProtocolName": "MPRAGE",
    "PulseSequenceDetails": "%SiemensSeq%_tfl",
    "ReceiveCoilActiveElements": "HC1-6",
    "ReceiveCoilName": "HeadNeck_64",
    "ReconMatrixPE": 256,
    "RefLinesPE": 24,
    "RepetitionTime": 1.9,
    "SAR": 0.227392,
    "ScanOptions": "IR",
    "ScanningSequence": "GR_IR",
    "SequenceName": "_tfl3d1_16ns",
    "SequenceVariant": "SK_SP_MP",
    "SeriesDescription": "MPRAGE",
    "SeriesNumber": 2,
    "ShiftedAquisitionDate": "1817-01-19 00:00:00",
    "ShimSetting": [
      -2849,
      8055,
      -15936,
      -670,
      286,
      -583,
      -301,
      11
    ],
    "SliceThickness": 1,
    "SoftwareVersions": "syngo_MR_E11",
    "StationName": "AWP45239",
    "TxRefAmp": 358.535,
    "acq_id": "D1S2",
    "dataset": "ds003604",
    "modality": "T1w",
    "session_id": "7",
    "subject_id": "5430"
  },
  "cjv": 0.47680298980526903,
  "cnr": 2.8729101479711976,
  "efc": 0.5038471074395768,
  "fber": -1.0,
  "fwhm_avg": 7.075656666666667,
  "fwhm_x": 7.40383,
  "fwhm_y": 6.39779,
  "fwhm_z": 7.42535,
  "icvs_csf": 0.11144315303512684,
  "icvs_gm": 0.48462373629059663,
  "icvs_wm": 0.4039331106742765,
  "inu_med": 0.9208513498306274,
  "inu_range": 1.5353470981121062,
  "provenance": {
    "md5sum": "0f43b785cf5fc7b2d4e1e3ac9d44e5da",
    "settings": {
      "testing": false
    },
    "software": "mriqc",
    "version": "23.0.1",
    "warnings": {
      "large_rot_frame": true,
      "small_air_mask": false
    },
    "webapi_port": null,
    "webapi_url": "https://mriqc.nimh.nih.gov/api/v1"
  },
  "qi_1": 0.0,
  "qi_2": 0.005277495973169581,
  "rpve_csf": 48.827132984815314,
  "rpve_gm": 12.81712633438181,
  "rpve_wm": 15.738820192294334,
  "size_x": 192,
  "size_y": 256,
  "size_z": 256,
  "snr_csf": 1.4827903492047128,
  "snr_gm": 16.799118488491768,
  "snr_total": 11.270737352692933,
  "snr_wm": 15.530303220382313,
  "snrd_csf": 21.378488770815608,
  "snrd_gm": 48.81191231023326,
  "snrd_total": 44.50268268311783,
  "snrd_wm": 63.31764696830463,
  "spacing_x": 1.0,
  "spacing_y": 1.0,
  "spacing_z": 1.0,
  "summary_bg_k": 17.02389619982132,
  "summary_bg_mad": 0.0,
  "summary_bg_mean": 4.1495001972220305,
  "summary_bg_median": 0.0,
  "summary_bg_n": 2416680.0,
  "summary_bg_p05": 0.0,
  "summary_bg_p95": 29.836263701319695,
  "summary_bg_stdv": 10.34744885958493,
  "summary_csf_k": 32.38224762729007,
  "summary_csf_mad": 103.84508927356997,
  "summary_csf_mean": 378.61596243499554,
  "summary_csf_median": 337.6591794490814,
  "summary_csf_n": 12831.0,
  "summary_csf_p05": 149.30260413140059,
  "summary_csf_p95": 653.3353394027799,
  "summary_csf_stdv": 227.70988591138072,
  "summary_gm_k": 0.10901311169539962,
  "summary_gm_mad": 45.224311605719215,
  "summary_gm_mean": 770.8921488227442,
  "summary_gm_median": 770.9520740546286,
  "summary_gm_n": 58481.0,
  "summary_gm_p05": 695.5730582401156,
  "summary_gm_p95": 845.66401893273,
  "summary_gm_stdv": 45.89202005330217,
  "summary_wm_k": 0.03466775617825446,
  "summary_wm_mad": 64.01532775998426,
  "summary_wm_mean": 1007.0988173572886,
  "summary_wm_median": 1000.0606193058193,
  "summary_wm_n": 159062.0,
  "summary_wm_p05": 913.1594691351056,
  "summary_wm_p95": 1124.68159878999,
  "summary_wm_stdv": 64.39394398748634,
  "tpm_overlap_csf": 0.12599475763595602,
  "tpm_overlap_gm": 0.4661387342552328,
  "tpm_overlap_wm": 0.4329199710335179,
  "wm2max": 0.32554237321594254
}