{
  "bids_meta": {
    "AcquisitionMatrixPE": 256,
    "AcquisitionNumber": 1,
    "AcquisitionTime": "16:42:39.885000",
    "BaseResolution": 256,
    "BodyPartExamined": "BRAIN",
    "ConsistencyInfo": "N4_VE11A_LATEST_20140830",
    "ConversionSoftware": "dcm2niix",
    "ConversionSoftwareVersion": "v1.0.20190902",
    "DeviceSerialNumber": "45239",
    "DwellTime": 1.09e-05,
    "EchoTime": 0.00243,
    "FlipAngle": 9,
    "ImageOrientationPatientDICOM": [
      0,
      1,
      0,
      0,
      0,
      -1
    ],
    "ImageType": [
      "ORIGINAL",
      "PRIMARY",
      "M",
      "ND"
    ],
    "ImagingFrequency": 123.225,
    "InPlanePhaseEncodingDirectionDICOM": "ROW",
    "InstitutionAddress": "E_24th_St._100_Austin_Southmiddle_US_78712",
    "InstitutionName": "The_Univ._of_Texas_at_Austin_IRC",
    "InstitutionalDepartmentName": "IRC",
    "InversionTime": 0.9,
    "MRAcquisitionType": "3D",
    "MagneticFieldStrength": 3,
    "Manufacturer": "Siemens",
    "ManufacturersModelName": "Skyra",
    "Modality": "MR",
    "ParallelReductionFactorInPlane": 2,
    "PartialFourier": 1,
    "PatientPosition": "HFS",
    "PercentPhaseFOV": 100,
    "PhaseEncodingSteps": 255,
    "PhaseResolution": 1,
    "PixelBandwidth": 180,
    "ProcedureStepDescription": "Booth_Language",
    "ProtocolName": "MPRAGE",
    "PulseSequenceDetails": "%SiemensSeq%_tfl",
    "ReceiveCoilActiveElements": "HC1-6",
    "ReceiveCoilName": "HeadNeck_64",
    "ReconMatrixPE": 256,
    "RefLinesPE": 24,
    "RepetitionTime": 1.9,
    "SAR": 0.273899,
    "ScanOptions": "IR",
    "ScanningSequence": "GR_IR",
    "SequenceName": "_tfl3d1_16ns",
    "SequenceVariant": "SK_SP_MP",
    "SeriesDescription": "MPRAGE",
    "SeriesNumber": 14,
    "ShiftedAquisitionDate": "1817-01-15 00:00:00",
    "ShimSetting": [
      -2851,
      8065,
      -15920,
      -530,
      404,
      -610,
      -324,
      -43
    ],
    "SliceThickness": 1,
    "SoftwareVersions": "syngo_MR_E11",
    "StationName": "AWP45239",
    "TxRefAmp": 343.697,
    "acq_id": "D1S14",
    "dataset": "ds003604",
    "modality": "T1w",
    "session_id": "7",
    "subject_id": "5069"
  },
  "cjv": 0.5587632770216643,
  "cnr": 1.7498082092393408,
  "efc": 0.5076191331360264,
  "fber": 2779.7118791088383,
  "fwhm_avg": 5.535126666666667,
  "fwhm_x": 5.69218,
  "fwhm_y": 5.20518,
  "fwhm_z": 5.70802,
  "icvs_csf": 0.1506116179751048,
  "icvs_gm": 0.46061616503295877,
  "icvs_wm": 0.3887722169919364,
  "inu_med": 1.5822120904922485,
  "inu_range": 1.2957050502300262,
  "provenance": {
    "md5sum": "98b7cc6fb158305fe1aa5485dc36cd22",
    "settings": {
      "testing": false
    },
    "software": "mriqc",
    "version": "21.0.0rc2",
    "warnings": {
      "large_rot_frame": true,
      "small_air_mask": false
    },
    "webapi_port": null,
    "webapi_url": "https://mriqc.nimh.nih.gov/api/v1"
  },
  "qi_1": 0.0001456299409530389,
  "qi_2": 0.004897509731371786,
  "rpve_csf": 34.579924437290146,
  "rpve_gm": 12.216229696336402,
  "rpve_wm": 15.778947114890963,
  "size_x": 192,
  "size_y": 256,
  "size_z": 256,
  "snr_csf": 1.525497659059939,
  "snr_gm": 12.041724087498626,
  "snr_total": 7.44032419015199,
  "snr_wm": 8.753750823897404,
  "snrd_csf": 35.54238217976742,
  "snrd_gm": 65.04014153984652,
  "snrd_total": 61.67460671932118,
  "snrd_wm": 84.44129643834962,
  "spacing_x": 1.0,
  "spacing_y": 1.0,
  "spacing_z": 1.0,
  "summary_bg_k": 10.512175549235367,
  "summary_bg_mad": 7.758482974609508,
  "summary_bg_mean": 14.664318107592834,
  "summary_bg_median": 12.934438847005367,
  "summary_bg_n": 2625732.0,
  "summary_bg_p05": 2.5671405345201492,
  "summary_bg_p95": 32.03495178555174,
  "summary_bg_stdv": 9.989825914646648,
  "summary_csf_k": 14.747174068826034,
  "summary_csf_mad": 128.67370820154258,
  "summary_csf_mean": 487.72947441540543,
  "summary_csf_median": 420.91231148689985,
  "summary_csf_n": 11434.0,
  "summary_csf_p05": 276.52546684630215,
  "summary_csf_p95": 908.1753321737051,
  "summary_csf_stdv": 275.9059657771684,
  "summary_gm_k": 0.39946778704887853,
  "summary_gm_mad": 63.67811498028558,
  "summary_gm_mean": 768.0737249192898,
  "summary_gm_median": 770.2408965304494,
  "summary_gm_n": 43824.0,
  "summary_gm_p05": 660.4462705925107,
  "summary_gm_p95": 866.6074027493596,
  "summary_gm_stdv": 63.96360712092162,
  "summary_wm_k": 8.467024654850611,
  "summary_wm_mad": 64.7028202788189,
  "summary_wm_mean": 1027.1201795163975,
  "summary_wm_median": 999.9999743700027,
  "summary_wm_n": 140059.0,
  "summary_wm_p05": 911.8186970092356,
  "summary_wm_p95": 1247.9265083000064,
  "summary_wm_stdv": 114.2363341791346,
  "tpm_overlap_csf": 0.15091632306575775,
  "tpm_overlap_gm": 0.43643221259117126,
  "tpm_overlap_wm": 0.3915368318557739,
  "wm2max": 0.252914907992828
}