{
  "bids_meta": {
    "AcquisitionMatrixPE": 256,
    "AcquisitionNumber": 1,
    "AcquisitionTime": "09:34:0.185000",
    "BaseResolution": 256,
    "BodyPartExamined": "BRAIN",
    "ConsistencyInfo": "N4_VE11A_LATEST_20140830",
    "ConversionSoftware": "dcm2niix",
    "ConversionSoftwareVersion": "v1.0.20190902",
    "DeviceSerialNumber": "45239",
    "DwellTime": 1.09e-05,
    "EchoTime": 0.00243,
    "FlipAngle": 9,
    "ImageOrientationPatientDICOM": [
      0,
      1,
      0,
      0,
      0,
      -1
    ],
    "ImageType": [
      "ORIGINAL",
      "PRIMARY",
      "M",
      "ND"
    ],
    "ImagingFrequency": 123.224,
    "InPlanePhaseEncodingDirectionDICOM": "ROW",
    "InstitutionAddress": "E_24th_St._100_Austin_Southmiddle_US_78712",
    "InstitutionName": "The_Univ._of_Texas_at_Austin_IRC",
    "InstitutionalDepartmentName": "IRC",
    "InversionTime": 0.9,
    "MRAcquisitionType": "3D",
    "MagneticFieldStrength": 3,
    "Manufacturer": "Siemens",
    "ManufacturersModelName": "Skyra",
    "Modality": "MR",
    "ParallelReductionFactorInPlane": 2,
    "PartialFourier": 1,
    "PatientPosition": "HFS",
    "PercentPhaseFOV": 100,
    "PhaseEncodingSteps": 255,
    "PhaseResolution": 1,
    "PixelBandwidth": 180,
    "ProcedureStepDescription": "Booth_Language",
    "ProtocolName": "MPRAGE",
    "PulseSequenceDetails": "%SiemensSeq%_tfl",
    "ReceiveCoilActiveElements": "HC1-6",
    "ReceiveCoilName": "HeadNeck_64",
    "ReconMatrixPE": 256,
    "RefLinesPE": 24,
    "RepetitionTime": 1.9,
    "SAR": 0.252379,
    "ScanOptions": "IR",
    "ScanningSequence": "GR_IR",
    "SequenceName": "_tfl3d1_16ns",
    "SequenceVariant": "SK_SP_MP",
    "SeriesDescription": "MPRAGE",
    "SeriesNumber": 2,
    "ShiftedAquisitionDate": "1817-06-15 00:00:00",
    "ShimSetting": [
      -2849,
      8055,
      -15936,
      -670,
      286,
      -583,
      -301,
      11
    ],
    "SliceThickness": 1,
    "SoftwareVersions": "syngo_MR_E11",
    "StationName": "AWP45239",
    "TxRefAmp": 374.085,
    "acq_id": "D1S2",
    "dataset": "ds003604",
    "modality": "T1w",
    "session_id": "7",
    "subject_id": "5274"
  },
  "cjv": 0.45397017373264936,
  "cnr": 2.9331949336967895,
  "efc": 0.5127576004374691,
  "fber": -1.0,
  "fwhm_avg": 5.453526666666666,
  "fwhm_x": 5.71125,
  "fwhm_y": 5.01902,
  "fwhm_z": 5.63031,
  "icvs_csf": 0.13930991295923278,
  "icvs_gm": 0.47212514831268454,
  "icvs_wm": 0.3885649387280827,
  "inu_med": 0.9526902437210083,
  "inu_range": 1.150363290309905,
  "provenance": {
    "md5sum": "e75c6ba5e017143c2753cb4c3120b435",
    "settings": {
      "testing": false
    },
    "software": "mriqc",
    "version": "23.0.1",
    "warnings": {
      "large_rot_frame": true,
      "small_air_mask": false
    },
    "webapi_port": null,
    "webapi_url": "https://mriqc.nimh.nih.gov/api/v1"
  },
  "qi_1": 9.029872206470112e-06,
  "qi_2": 0.006747887860653918,
  "rpve_csf": 35.498254331555046,
  "rpve_gm": 11.948673753214333,
  "rpve_wm": 15.31397484358627,
  "size_x": 192,
  "size_y": 256,
  "size_z": 256,
  "snr_csf": 2.8725399891828256,
  "snr_gm": 16.24975131670559,
  "snr_total": 11.543547039661016,
  "snr_wm": 15.508349813094638,
  "snrd_csf": 25.1645426130137,
  "snrd_gm": 55.01322626679434,
  "snrd_total": 50.716604650289405,
  "snrd_wm": 71.97204507106017,
  "spacing_x": 1.0,
  "spacing_y": 1.0,
  "spacing_z": 1.0,
  "summary_bg_k": 13.540260104829478,
  "summary_bg_mad": 0.0,
  "summary_bg_mean": 5.144665448345253,
  "summary_bg_median": 0.0,
  "summary_bg_n": 2656273.0,
  "summary_bg_p05": 0.0,
  "summary_bg_p95": 18.980950891971588,
  "summary_bg_stdv": 9.103263165956005,
  "summary_csf_k": 4.445302730081853,
  "summary_csf_mad": 93.20525073852939,
  "summary_csf_mean": 356.63838802349875,
  "summary_csf_median": 349.6668080985546,
  "summary_csf_n": 19292.0,
  "summary_csf_p05": 162.65396056026222,
  "summary_csf_p95": 569.256890501082,
  "summary_csf_stdv": 121.72423945907033,
  "summary_gm_k": 0.17061418305949294,
  "summary_gm_mad": 45.80429345715737,
  "summary_gm_mean": 764.7693962811912,
  "summary_gm_median": 764.4207775890827,
  "summary_gm_n": 52985.0,
  "summary_gm_p05": 687.8911989927292,
  "summary_gm_p95": 842.4984479248524,
  "summary_gm_stdv": 47.041554612029465,
  "summary_wm_k": 0.5819842052844209,
  "summary_wm_mad": 61.17218276522325,
  "summary_wm_mean": 1009.0576141330314,
  "summary_wm_median": 1000.0672636628151,
  "summary_wm_n": 194485.0,
  "summary_wm_p05": 920.6434265971184,
  "summary_wm_p95": 1131.5204448401928,
  "summary_wm_stdv": 64.48556452794291,
  "tpm_overlap_csf": 0.15598767112572415,
  "tpm_overlap_gm": 0.4765990882073514,
  "tpm_overlap_wm": 0.46497645907036983,
  "wm2max": 0.3253086696610496
}