{
  "bids_meta": {
    "AcquisitionMatrixPE": 256,
    "AcquisitionNumber": 1,
    "AcquisitionTime": "12:30:51.522500",
    "BaseResolution": 256,
    "BodyPartExamined": "BRAIN",
    "ConsistencyInfo": "N4_VE11C_LATEST_20160120",
    "ConversionSoftware": "dcm2niix",
    "ConversionSoftwareVersion": "v1.0.20190902",
    "DeviceSerialNumber": "45239",
    "DwellTime": 1.09e-05,
    "EchoTime": 0.00243,
    "FlipAngle": 9,
    "ImageOrientationPatientDICOM": [
      0,
      1,
      0,
      0,
      0,
      -1
    ],
    "ImageType": [
      "ORIGINAL",
      "PRIMARY",
      "M",
      "ND"
    ],
    "ImagingFrequency": 123.186,
    "InPlanePhaseEncodingDirectionDICOM": "ROW",
    "InstitutionAddress": "E_24th_St._100_Austin_Southmiddle_US_78712",
    "InstitutionName": "The_Univ._of_Texas_at_Austin_IRC",
    "InstitutionalDepartmentName": "IRC",
    "InversionTime": 0.9,
    "MRAcquisitionType": "3D",
    "MagneticFieldStrength": 3,
    "Manufacturer": "Siemens",
    "ManufacturersModelName": "Skyra",
    "Modality": "MR",
    "ParallelReductionFactorInPlane": 2,
    "PartialFourier": 1,
    "PatientPosition": "HFS",
    "PercentPhaseFOV": 100,
    "PhaseEncodingSteps": 255,
    "PhaseResolution": 1,
    "PixelBandwidth": 180,
    "ProcedureStepDescription": "Booth_Language",
    "ProtocolName": "MPRAGE",
    "PulseSequenceDetails": "%SiemensSeq%_tfl",
    "ReceiveCoilActiveElements": "HC1-6",
    "ReceiveCoilName": "HeadNeck_64",
    "ReconMatrixPE": 256,
    "RefLinesPE": 24,
    "RepetitionTime": 1.9,
    "SAR": 0.236095,
    "ScanOptions": "IR",
    "ScanningSequence": "GR_IR",
    "SequenceName": "_tfl3d1_16ns",
    "SequenceVariant": "SK_SP_MP",
    "SeriesDescription": "MPRAGE",
    "SeriesNumber": 13,
    "ShiftedAquisitionDate": "1818-12-22 00:00:00",
    "ShimSetting": [
      -2727,
      7934,
      -15901,
      -500,
      562,
      -716,
      -526,
      132
    ],
    "SliceThickness": 1,
    "SoftwareVersions": "syngo_MR_E11",
    "StationName": "AWP45239",
    "TxRefAmp": 322.116,
    "acq_id": "D1S13",
    "dataset": "ds003604",
    "modality": "T1w",
    "session_id": "9",
    "subject_id": "5169"
  },
  "cjv": 0.4016384739644423,
  "cnr": 3.391504730941588,
  "efc": 0.48835490388347774,
  "fber": -1.0,
  "fwhm_avg": 5.048826666666667,
  "fwhm_x": 5.17488,
  "fwhm_y": 4.99798,
  "fwhm_z": 4.97362,
  "icvs_csf": 0.11813095581729026,
  "icvs_gm": 0.48390267090129435,
  "icvs_wm": 0.3979663732814154,
  "inu_med": 1.0310871005058289,
  "inu_range": 1.1425766289234156,
  "provenance": {
    "md5sum": "4034ecc7b0d8512e9162a6934cd56558",
    "settings": {
      "testing": false
    },
    "software": "mriqc",
    "version": "22.0.6",
    "warnings": {
      "large_rot_frame": true,
      "small_air_mask": false
    },
    "webapi_port": null,
    "webapi_url": "https://mriqc.nimh.nih.gov/api/v1"
  },
  "qi_1": 0.0,
  "qi_2": 0.00439430068901741,
  "rpve_csf": 43.95764441794395,
  "rpve_gm": 12.01569812811392,
  "rpve_wm": 14.846327388698997,
  "size_x": 192,
  "size_y": 256,
  "size_z": 256,
  "snr_csf": 1.1529223472519774,
  "snr_gm": 17.151634527344893,
  "snr_total": 12.030299403259278,
  "snr_wm": 17.78634133518096,
  "snrd_csf": 29.495457121434363,
  "snrd_gm": 63.71067270450507,
  "snrd_total": 59.15066613595752,
  "snrd_wm": 84.24586858193314,
  "spacing_x": 1.0,
  "spacing_y": 1.0,
  "spacing_z": 1.0,
  "summary_bg_k": 9.695065528449236,
  "summary_bg_mad": 0.0,
  "summary_bg_mean": 4.568746115833104,
  "summary_bg_median": 0.0,
  "summary_bg_n": 3237397.0,
  "summary_bg_p05": 0.0,
  "summary_bg_p95": 18.146468192338943,
  "summary_bg_stdv": 7.776481160119098,
  "summary_csf_k": 13.468106603072446,
  "summary_csf_mad": 102.81169135715454,
  "summary_csf_mean": 411.6900186937978,
  "summary_csf_median": 350.11162044107914,
  "summary_csf_n": 16501.0,
  "summary_csf_p05": 135.09037432074547,
  "summary_csf_p95": 963.6350688487291,
  "summary_csf_stdv": 303.6639998476342,
  "summary_gm_k": 0.09018558447071845,
  "summary_gm_mad": 43.985894952385955,
  "summary_gm_mean": 756.7174043648098,
  "summary_gm_median": 756.2468609362841,
  "summary_gm_n": 84968.0,
  "summary_gm_p05": 685.5332428216934,
  "summary_gm_p95": 829.4808218553662,
  "summary_gm_stdv": 44.091565123498896,
  "summary_wm_k": 0.36061084146635913,
  "summary_wm_mad": 53.91474988095851,
  "summary_wm_mean": 1006.5454264029951,
  "summary_wm_median": 1000.0000150278211,
  "summary_wm_n": 181201.0,
  "summary_wm_p05": 926.6940443143249,
  "summary_wm_p95": 1110.6070592477918,
  "summary_wm_stdv": 56.22276311988524,
  "tpm_overlap_csf": 0.12592255956897375,
  "tpm_overlap_gm": 0.48531074596132645,
  "tpm_overlap_wm": 0.454078835698481,
  "wm2max": 0.2875214807759995
}