{
  "aor": 0.0020217088607594937,
  "aqi": 0.007610402721518988,
  "bids_meta": {
    "AcquisitionMatrixPE": 128,
    "AcquisitionNumber": 1,
    "AcquisitionTime": "16:01:30.395000",
    "BandwidthPerPixelPhaseEncode": 23.321,
    "BaseResolution": 128,
    "BodyPartExamined": "BRAIN",
    "ConsistencyInfo": "N4_VE11A_LATEST_20140830",
    "ConversionSoftware": "dcm2niix",
    "ConversionSoftwareVersion": "v1.0.20190902",
    "DerivedVendorReportedEchoSpacing": 0.000669997,
    "DeviceSerialNumber": "45239",
    "DwellTime": 2.2e-06,
    "EchoTime": 0.03,
    "EchoTrainLength": 63,
    "EffectiveEchoSpacing": 0.000334999,
    "FlipAngle": 80,
    "ImageComments": "Unaliased_MB4_PE4_LB",
    "ImageOrientationPatientDICOM": [
      1,
      0,
      0,
      0,
      1,
      0
    ],
    "ImageType": [
      "ORIGINAL",
      "PRIMARY",
      "M",
      "MB",
      "ND",
      "MOSAIC"
    ],
    "ImagingFrequency": 123.225,
    "InPlanePhaseEncodingDirectionDICOM": "COL",
    "InstitutionAddress": "E_24th_St._100_Austin_Southmiddle_US_78712",
    "InstitutionName": "The_Univ._of_Texas_at_Austin_IRC",
    "InstitutionalDepartmentName": "IRC",
    "MRAcquisitionType": "2D",
    "MagneticFieldStrength": 3,
    "Manufacturer": "Siemens",
    "ManufacturersModelName": "Skyra",
    "Modality": "MR",
    "MultibandAccelerationFactor": 4,
    "ParallelReductionFactorInPlane": 2,
    "PartialFourier": 1,
    "PatientPosition": "HFS",
    "PercentPhaseFOV": 100,
    "PhaseEncodingDirection": "j-",
    "PhaseEncodingSteps": 127,
    "PhaseResolution": 1,
    "PixelBandwidth": 1775,
    "ProcedureStepDescription": "Booth_Language",
    "ProtocolName": "Phon2",
    "PulseSequenceDetails": "%CustomerSeq%_cmrr_mbep2d_bold",
    "ReceiveCoilActiveElements": "HC1-6",
    "ReceiveCoilName": "HeadNeck_64",
    "ReconMatrixPE": 128,
    "RefLinesPE": 58,
    "RepetitionTime": 1.25,
    "SAR": 0.329857,
    "ScanOptions": "FS",
    "ScanningSequence": "EP",
    "SequenceName": "epfid2d1_128",
    "SequenceVariant": "SK_SS",
    "SeriesDescription": "Phon2",
    "SeriesNumber": 5,
    "ShiftedAquisitionDate": "1816-09-17",
    "ShimSetting": [
      -2891,
      7840,
      -15386,
      -251,
      484,
      -723,
      432,
      -143
    ],
    "SliceThickness": 2,
    "SliceTiming": [
      0,
      0.2625,
      0.525,
      0.79,
      1.0525,
      0.0875,
      0.35,
      0.6125,
      0.8775,
      1.14,
      0.175,
      0.4375,
      0.7025,
      0.965,
      0,
      0.2625,
      0.525,
      0.79,
      1.0525,
      0.0875,
      0.35,
      0.6125,
      0.8775,
      1.14,
      0.175,
      0.4375,
      0.7025,
      0.965,
      0,
      0.2625,
      0.525,
      0.79,
      1.0525,
      0.0875,
      0.35,
      0.6125,
      0.8775,
      1.14,
      0.175,
      0.4375,
      0.7025,
      0.965,
      0,
      0.2625,
      0.525,
      0.79,
      1.0525,
      0.0875,
      0.35,
      0.6125,
      0.8775,
      1.14,
      0.175,
      0.4375,
      0.7025,
      0.965
    ],
    "SoftwareVersions": "syngo_MR_E11",
    "SpacingBetweenSlices": 2,
    "StationName": "AWP45239",
    "TotalReadoutTime": 0.0425448,
    "TxRefAmp": 338.49,
    "WipMemBlock": "e94d1b3a-bdb7-4768-89bf-0f11a7fd557c||Sequence: ve11a/master r/5a7612f; Mar  3 2017 11:38:58 by eja",
    "acq_id": "D1S5",
    "dataset": "ds003604",
    "modality": "bold",
    "run_id": 2,
    "session_id": "7",
    "subject_id": "5192",
    "task_id": "Phon"
  },
  "dummy_trs": 0,
  "dvars_nstd": 47.36722025343951,
  "dvars_std": 1.1374040985350324,
  "dvars_vstd": 1.0295285489808916,
  "efc": 0.43221973788153994,
  "fber": 2711.2421875,
  "fd_mean": 0.2200082072919991,
  "fd_num": 83,
  "fd_perc": 52.53164556962025,
  "fwhm_avg": 3.4798633333333338,
  "fwhm_x": 3.248095,
  "fwhm_y": 3.584525,
  "fwhm_z": 3.60697,
  "gcor": 0.00555891,
  "gsr_x": -0.0202033631503582,
  "gsr_y": 0.01683793030679226,
  "provenance": {
    "md5sum": "5eb5ba10e7a47226ef3a9dcdaf372f06",
    "settings": {
      "fd_thres": 0.2,
      "testing": false
    },
    "software": "mriqc",
    "version": "23.0.1",
    "webapi_port": null,
    "webapi_url": "https://mriqc.nimh.nih.gov/api/v1"
  },
  "size_t": 158,
  "size_x": 128,
  "size_y": 128,
  "size_z": 56,
  "snr": 2.360481576230635,
  "spacing_tr": 1.25,
  "spacing_x": 2.0,
  "spacing_y": 2.0,
  "spacing_z": 2.0,
  "summary_bg_k": 64.9990729667012,
  "summary_bg_mad": 4.081847486313113,
  "summary_bg_mean": 24.558992385864258,
  "summary_bg_median": 12.588607788085938,
  "summary_bg_n": 664043.0,
  "summary_bg_p05": 9.443037986755371,
  "summary_bg_p95": 71.89746932983428,
  "summary_bg_stdv": 47.39862823486328,
  "summary_fg_k": 0.8443049762321206,
  "summary_fg_mad": 258.42320426598377,
  "summary_fg_mean": 713.1052856445312,
  "summary_fg_median": 663.259521484375,
  "summary_fg_n": 148469.0,
  "summary_fg_p05": 361.8000122070313,
  "summary_fg_p95": 1265.7063232421876,
  "summary_fg_stdv": 280.98388671875,
  "tsnr": 31.54735113121569
}