{
  "aor": 0.002115045871559633,
  "aqi": 0.006065530091743119,
  "bids_meta": {
    "AcquisitionMatrixPE": 128,
    "AcquisitionNumber": 1,
    "AcquisitionTime": "16:28:24.480000",
    "BandwidthPerPixelPhaseEncode": 23.321,
    "BaseResolution": 128,
    "BodyPartExamined": "BRAIN",
    "ConsistencyInfo": "N4_VE11A_LATEST_20140830",
    "ConversionSoftware": "dcm2niix",
    "ConversionSoftwareVersion": "v1.0.20190902",
    "DerivedVendorReportedEchoSpacing": 0.000669997,
    "DeviceSerialNumber": "45239",
    "DwellTime": 2.2e-06,
    "EchoTime": 0.03,
    "EchoTrainLength": 63,
    "EffectiveEchoSpacing": 0.000334999,
    "FlipAngle": 80,
    "ImageComments": "Unaliased_MB4_PE4_LB",
    "ImageOrientationPatientDICOM": [
      1,
      0,
      0,
      0,
      1,
      0
    ],
    "ImageType": [
      "ORIGINAL",
      "PRIMARY",
      "M",
      "MB",
      "ND",
      "MOSAIC"
    ],
    "ImagingFrequency": 123.225,
    "InPlanePhaseEncodingDirectionDICOM": "COL",
    "InstitutionAddress": "E_24th_St._100_Austin_Southmiddle_US_78712",
    "InstitutionName": "The_Univ._of_Texas_at_Austin_IRC",
    "InstitutionalDepartmentName": "IRC",
    "MRAcquisitionType": "2D",
    "MagneticFieldStrength": 3,
    "Manufacturer": "Siemens",
    "ManufacturersModelName": "Skyra",
    "Modality": "MR",
    "MultibandAccelerationFactor": 4,
    "ParallelReductionFactorInPlane": 2,
    "PartialFourier": 1,
    "PatientPosition": "HFS",
    "PercentPhaseFOV": 100,
    "PhaseEncodingDirection": "j-",
    "PhaseEncodingSteps": 127,
    "PhaseResolution": 1,
    "PixelBandwidth": 1775,
    "ProcedureStepDescription": "Booth_Language",
    "ProtocolName": "Gram1",
    "PulseSequenceDetails": "%CustomerSeq%_cmrr_mbep2d_bold",
    "ReceiveCoilActiveElements": "HC1-6",
    "ReceiveCoilName": "HeadNeck_64",
    "ReconMatrixPE": 128,
    "RefLinesPE": 58,
    "RepetitionTime": 1.25,
    "SAR": 0.335023,
    "ScanOptions": "FS",
    "ScanningSequence": "EP",
    "SequenceName": "epfid2d1_128",
    "SequenceVariant": "SK_SS",
    "SeriesDescription": "Gram1",
    "SeriesNumber": 11,
    "ShiftedAquisitionDate": "1816-09-17",
    "ShimSetting": [
      -2891,
      7840,
      -15386,
      -251,
      484,
      -723,
      432,
      -143
    ],
    "SliceThickness": 2,
    "SliceTiming": [
      0,
      0.265,
      0.5275,
      0.79,
      1.055,
      0.0875,
      0.3525,
      0.615,
      0.8775,
      1.1425,
      0.175,
      0.44,
      0.7025,
      0.9675,
      0,
      0.265,
      0.5275,
      0.79,
      1.055,
      0.0875,
      0.3525,
      0.615,
      0.8775,
      1.1425,
      0.175,
      0.44,
      0.7025,
      0.9675,
      0,
      0.265,
      0.5275,
      0.79,
      1.055,
      0.0875,
      0.3525,
      0.615,
      0.8775,
      1.1425,
      0.175,
      0.44,
      0.7025,
      0.9675,
      0,
      0.265,
      0.5275,
      0.79,
      1.055,
      0.0875,
      0.3525,
      0.615,
      0.8775,
      1.1425,
      0.175,
      0.44,
      0.7025,
      0.9675
    ],
    "SoftwareVersions": "syngo_MR_E11",
    "SpacingBetweenSlices": 2,
    "StationName": "AWP45239",
    "TotalReadoutTime": 0.0425448,
    "TxRefAmp": 338.49,
    "WipMemBlock": "e2139a1e-5391-49d5-993e-53188971699d||Sequence: ve11a/master r/5a7612f; Mar  3 2017 11:38:58 by eja",
    "acq_id": "D1S11",
    "dataset": "ds003604",
    "modality": "bold",
    "run_id": 1,
    "session_id": "7",
    "subject_id": "5192",
    "task_id": "Gram"
  },
  "dummy_trs": 0,
  "dvars_nstd": 43.41378116193547,
  "dvars_std": 1.1162134437327182,
  "dvars_vstd": 1.0384212329953921,
  "efc": 0.4325849023258525,
  "fber": 2611.835693359375,
  "fd_mean": 0.18373089117848962,
  "fd_num": 87,
  "fd_perc": 39.908256880733944,
  "fwhm_avg": 3.4945516666666667,
  "fwhm_x": 3.257285,
  "fwhm_y": 3.602455,
  "fwhm_z": 3.623915,
  "gcor": 0.00551464,
  "gsr_x": -0.02095958963036537,
  "gsr_y": 0.01872064173221588,
  "provenance": {
    "md5sum": "3de5f769e12c57b6d0d37fddda006416",
    "settings": {
      "fd_thres": 0.2,
      "testing": false
    },
    "software": "mriqc",
    "version": "23.0.1",
    "webapi_port": null,
    "webapi_url": "https://mriqc.nimh.nih.gov/api/v1"
  },
  "size_t": 218,
  "size_x": 128,
  "size_y": 128,
  "size_z": 56,
  "snr": 2.267662224007641,
  "spacing_tr": 1.25,
  "spacing_x": 2.0,
  "spacing_y": 2.0,
  "spacing_z": 2.0,
  "summary_bg_k": 69.43709134598195,
  "summary_bg_mad": 3.8833289246782465,
  "summary_bg_mean": 25.139917373657227,
  "summary_bg_median": 12.568806648254395,
  "summary_bg_n": 663895.0,
  "summary_bg_p05": 9.54128360748291,
  "summary_bg_p95": 73.46926345825163,
  "summary_bg_stdv": 51.02549743652344,
  "summary_fg_k": 1.189608378917729,
  "summary_fg_mad": 253.83441285360465,
  "summary_fg_mean": 699.2562255859375,
  "summary_fg_median": 646.3050537109375,
  "summary_fg_n": 150270.0,
  "summary_fg_p05": 350.5041198730469,
  "summary_fg_p95": 1261.1400573730468,
  "summary_fg_stdv": 285.0084533691406,
  "tsnr": 33.12043826840818
}