{
  "bids_meta": {
    "AcquisitionMatrixPE": 256,
    "AcquisitionNumber": 1,
    "AcquisitionTime": "16:55:4.372500",
    "BaseResolution": 256,
    "BodyPartExamined": "BRAIN",
    "ConsistencyInfo": "N4_VD13A_LATEST_20120616",
    "ConversionSoftware": "dcm2niix",
    "ConversionSoftwareVersion": "v1.0.20190902",
    "DeviceSerialNumber": "45239",
    "DwellTime": 1.09e-05,
    "EchoTime": 0.00243,
    "FlipAngle": 9,
    "ImageOrientationPatientDICOM": [
      0,
      1,
      0,
      0,
      0,
      -1
    ],
    "ImageType": [
      "ORIGINAL",
      "PRIMARY",
      "M",
      "ND"
    ],
    "ImagingFrequency": 123.224,
    "InPlanePhaseEncodingDirectionDICOM": "ROW",
    "InstitutionAddress": "E_24th_St._100_Austin_Southmiddle_US_78712",
    "InstitutionName": "The_Univ._of_Texas_at_Austin_IRC",
    "InstitutionalDepartmentName": "IRC",
    "InversionTime": 0.9,
    "MRAcquisitionType": "3D",
    "MagneticFieldStrength": 3,
    "Manufacturer": "Siemens",
    "ManufacturersModelName": "Skyra",
    "Modality": "MR",
    "ParallelReductionFactorInPlane": 2,
    "PartialFourier": 1,
    "PatientPosition": "HFS",
    "PercentPhaseFOV": 100,
    "PhaseEncodingSteps": 255,
    "PhaseResolution": 1,
    "PixelBandwidth": 180,
    "ProcedureStepDescription": "Booth_Language",
    "ProtocolName": "MPRAGE",
    "PulseSequenceDetails": "%SiemensSeq%_tfl",
    "ReceiveCoilActiveElements": "HC1-6",
    "ReceiveCoilName": "HeadNeck_64",
    "ReconMatrixPE": 256,
    "RefLinesPE": 24,
    "RepetitionTime": 1.9,
    "SAR": 0.230802,
    "ScanOptions": "IR",
    "ScanningSequence": "GR_IR",
    "SequenceName": "_tfl3d1_16ns",
    "SequenceVariant": "SK_SP_MP",
    "SeriesDescription": "MPRAGE",
    "SeriesNumber": 9,
    "ShiftedAquisitionDate": "1815-07-18 00:00:00",
    "ShimSetting": [
      -2849,
      8022,
      -16018,
      -1233,
      -75,
      -527,
      -219,
      169
    ],
    "SliceThickness": 1,
    "SoftwareVersions": "syngo_MR_D13",
    "StationName": "AWP45239",
    "TxRefAmp": 327.205,
    "acq_id": "D1S9",
    "dataset": "ds003604",
    "modality": "T1w",
    "session_id": "5",
    "subject_id": "5126"
  },
  "cjv": 0.469398155571811,
  "cnr": 2.925239823229757,
  "efc": 0.5288531653245749,
  "fber": -1.0,
  "fwhm_avg": 6.127203333333333,
  "fwhm_x": 6.4956,
  "fwhm_y": 5.48115,
  "fwhm_z": 6.40486,
  "icvs_csf": 0.11202414522560492,
  "icvs_gm": 0.4836992787292187,
  "icvs_wm": 0.4042765760451764,
  "inu_med": 0.941653311252594,
  "inu_range": 1.2958063125610348,
  "provenance": {
    "md5sum": "659ca796218f4ef21213f9b2d0ba9ba5",
    "settings": {
      "testing": false
    },
    "software": "mriqc",
    "version": "22.0.6",
    "warnings": {
      "large_rot_frame": true,
      "small_air_mask": false
    },
    "webapi_port": null,
    "webapi_url": "https://mriqc.nimh.nih.gov/api/v1"
  },
  "qi_1": 0.0,
  "qi_2": 0.003299785926277787,
  "rpve_csf": 46.455471681324056,
  "rpve_gm": 12.360226592556666,
  "rpve_wm": 15.246526753935735,
  "size_x": 192,
  "size_y": 256,
  "size_z": 256,
  "snr_csf": 2.87817584672223,
  "snr_gm": 16.512834601469816,
  "snr_total": 11.271686018962322,
  "snr_wm": 14.424047608694922,
  "snrd_csf": 23.141683022083956,
  "snrd_gm": 49.04957305263859,
  "snrd_total": 45.71186846996451,
  "snrd_wm": 64.94434933517097,
  "spacing_x": 1.0,
  "spacing_y": 1.0,
  "spacing_z": 1.0,
  "summary_bg_k": 18.59780315524018,
  "summary_bg_mad": 0.0,
  "summary_bg_mean": 5.348177812779405,
  "summary_bg_median": 0.0,
  "summary_bg_n": 2343973.0,
  "summary_bg_p05": 0.0,
  "summary_bg_p95": 21.32860728725791,
  "summary_bg_stdv": 10.088274751111536,
  "summary_csf_k": 5.5902237959861765,
  "summary_csf_mad": 94.50309347403275,
  "summary_csf_mean": 368.63728535241916,
  "summary_csf_median": 356.3527481146157,
  "summary_csf_n": 15317.0,
  "summary_csf_p05": 179.18474660813808,
  "summary_csf_p95": 579.8447734713554,
  "summary_csf_stdv": 123.80797224082563,
  "summary_gm_k": 0.17879458138582205,
  "summary_gm_mad": 44.85046142823222,
  "summary_gm_mean": 755.5999834356646,
  "summary_gm_median": 755.3015973158181,
  "summary_gm_n": 64268.0,
  "summary_gm_p05": 681.1709364578128,
  "summary_gm_p95": 831.2045493237674,
  "summary_gm_stdv": 45.739919240669636,
  "summary_wm_k": 0.11224141434838497,
  "summary_wm_mad": 70.03920542226972,
  "summary_wm_mean": 1007.9784837075593,
  "summary_wm_median": 1000.0611164718866,
  "summary_wm_n": 176678.0,
  "summary_wm_p05": 909.1853599213064,
  "summary_wm_p95": 1134.5199569391084,
  "summary_wm_stdv": 69.33270836439473,
  "tpm_overlap_csf": 0.13132701538433725,
  "tpm_overlap_gm": 0.4639203141960453,
  "tpm_overlap_wm": 0.4555193077851686,
  "wm2max": 0.3262945903371817
}