{
  "bids_meta": {
    "AcquisitionMatrixPE": 256,
    "AcquisitionNumber": 1,
    "AcquisitionTime": "12:30:20.922500",
    "BaseResolution": 256,
    "BodyPartExamined": "BRAIN",
    "ConsistencyInfo": "N4_VE11A_LATEST_20140830",
    "ConversionSoftware": "dcm2niix",
    "ConversionSoftwareVersion": "v1.0.20190902",
    "DeviceSerialNumber": "45239",
    "DwellTime": 1.09e-05,
    "EchoTime": 0.00243,
    "FlipAngle": 9,
    "ImageOrientationPatientDICOM": [
      0,
      1,
      0,
      0,
      0,
      -1
    ],
    "ImageType": [
      "ORIGINAL",
      "PRIMARY",
      "M",
      "ND"
    ],
    "ImagingFrequency": 123.224,
    "InPlanePhaseEncodingDirectionDICOM": "ROW",
    "InstitutionAddress": "E_24th_St._100_Austin_Southmiddle_US_78712",
    "InstitutionName": "The_Univ._of_Texas_at_Austin_IRC",
    "InstitutionalDepartmentName": "IRC",
    "InversionTime": 0.9,
    "MRAcquisitionType": "3D",
    "MagneticFieldStrength": 3,
    "Manufacturer": "Siemens",
    "ManufacturersModelName": "Skyra",
    "Modality": "MR",
    "ParallelReductionFactorInPlane": 2,
    "PartialFourier": 1,
    "PatientPosition": "HFS",
    "PercentPhaseFOV": 100,
    "PhaseEncodingSteps": 255,
    "PhaseResolution": 1,
    "PixelBandwidth": 180,
    "ProcedureStepDescription": "Booth_Language",
    "ProtocolName": "MPRAGE",
    "PulseSequenceDetails": "%SiemensSeq%_tfl",
    "ReceiveCoilActiveElements": "HC1-6",
    "ReceiveCoilName": "HeadNeck_64",
    "ReconMatrixPE": 256,
    "RefLinesPE": 24,
    "RepetitionTime": 1.9,
    "SAR": 0.212155,
    "ScanOptions": "IR",
    "ScanningSequence": "GR_IR",
    "SequenceName": "_tfl3d1_16ns",
    "SequenceVariant": "SK_SP_MP",
    "SeriesDescription": "MPRAGE",
    "SeriesNumber": 10,
    "ShiftedAquisitionDate": "1815-04-21 00:00:00",
    "ShimSetting": [
      -2849,
      8022,
      -16018,
      -1233,
      -75,
      -527,
      -219,
      169
    ],
    "SliceThickness": 1,
    "SoftwareVersions": "syngo_MR_E11",
    "StationName": "AWP45239",
    "TxRefAmp": 343.439,
    "acq_id": "D1S10",
    "dataset": "ds003604",
    "modality": "T1w",
    "session_id": "5",
    "subject_id": "5148"
  },
  "cjv": 0.4663304057535243,
  "cnr": 2.7285192774773077,
  "efc": 0.5336649915971915,
  "fber": 1894.7300867137374,
  "fwhm_avg": 4.2397133333333334,
  "fwhm_x": 5.15354,
  "fwhm_y": 3.48689,
  "fwhm_z": 4.07871,
  "icvs_csf": 0.10102175343416199,
  "icvs_gm": 0.5133379728342096,
  "icvs_wm": 0.3856402737316284,
  "inu_med": 1.1279398202896118,
  "inu_range": 0.8778129011392594,
  "provenance": {
    "md5sum": "1d286f20b20a0570fa6d3110bb48224a",
    "settings": {
      "testing": false
    },
    "software": "mriqc",
    "version": "21.0.0rc2",
    "warnings": {
      "large_rot_frame": true,
      "small_air_mask": false
    },
    "webapi_port": null,
    "webapi_url": "https://mriqc.nimh.nih.gov/api/v1"
  },
  "qi_1": 2.8029646239790365e-05,
  "qi_2": 0.0014767710142040203,
  "rpve_csf": 54.84647682194513,
  "rpve_gm": 11.623262378910116,
  "rpve_wm": 15.04300279559283,
  "size_x": 192,
  "size_y": 256,
  "size_z": 256,
  "snr_csf": 0.48726381040672495,
  "snr_gm": 11.940311303036887,
  "snr_total": 8.370208257636902,
  "snr_wm": 12.683049659467093,
  "snrd_csf": 27.725449513653732,
  "snrd_gm": 42.27524809224753,
  "snrd_total": 42.77640782106576,
  "snrd_wm": 58.328525857296015,
  "spacing_x": 1.0,
  "spacing_y": 1.0,
  "spacing_z": 1.0,
  "summary_bg_k": 22.616879499030517,
  "summary_bg_mad": 11.231835146673612,
  "summary_bg_mean": 19.522306565682516,
  "summary_bg_median": 15.243902653455734,
  "summary_bg_n": 2837389.0,
  "summary_bg_p05": 2.5868440866470337,
  "summary_bg_p95": 47.02513000369072,
  "summary_bg_stdv": 16.536173223097183,
  "summary_csf_k": 3.159633330067522,
  "summary_csf_mad": 271.34470031171253,
  "summary_csf_mean": 984.2092327794857,
  "summary_csf_median": 475.33260092139244,
  "summary_csf_n": 11131.0,
  "summary_csf_p05": 269.308946877718,
  "summary_csf_p95": 3400.9608756303787,
  "summary_csf_stdv": 975.4700401362732,
  "summary_gm_k": 0.14727485543493124,
  "summary_gm_mad": 60.542330912557766,
  "summary_gm_mean": 724.9665812542404,
  "summary_gm_median": 724.7782807052135,
  "summary_gm_n": 124302.0,
  "summary_gm_p05": 625.3695579469204,
  "summary_gm_p95": 823.9976095214483,
  "summary_gm_stdv": 60.69987179667048,
  "summary_wm_k": 1.402870210320045,
  "summary_wm_mad": 67.80193167809071,
  "summary_wm_mean": 1013.189143357078,
  "summary_wm_median": 1000.0000140666962,
  "summary_wm_n": 114059.0,
  "summary_wm_p05": 909.1833091676235,
  "summary_wm_p95": 1166.297133922577,
  "summary_wm_stdv": 78.84504572718718,
  "tpm_overlap_csf": 0.13984401524066925,
  "tpm_overlap_gm": 0.44176051020622253,
  "tpm_overlap_wm": 0.37967872619628906,
  "wm2max": 0.24382222422453992
}