{
  "bids_meta": {
    "AcquisitionMatrixPE": 256,
    "AcquisitionNumber": 1,
    "AcquisitionTime": "16:17:21.285000",
    "BaseResolution": 256,
    "BodyPartExamined": "BRAIN",
    "ConsistencyInfo": "N4_VE11C_LATEST_20160120",
    "ConversionSoftware": "dcm2niix",
    "ConversionSoftwareVersion": "v1.0.20190902",
    "DeviceSerialNumber": "45239",
    "DwellTime": 1.09e-05,
    "EchoTime": 0.00243,
    "FlipAngle": 9,
    "ImageOrientationPatientDICOM": [
      0,
      1,
      0,
      0,
      0,
      -1
    ],
    "ImageType": [
      "ORIGINAL",
      "PRIMARY",
      "M",
      "ND"
    ],
    "ImagingFrequency": 123.186,
    "InPlanePhaseEncodingDirectionDICOM": "ROW",
    "InstitutionAddress": "E_24th_St._100_Austin_Southmiddle_US_78712",
    "InstitutionName": "The_Univ._of_Texas_at_Austin_IRC",
    "InstitutionalDepartmentName": "IRC",
    "InversionTime": 0.9,
    "MRAcquisitionType": "3D",
    "MagneticFieldStrength": 3,
    "Manufacturer": "Siemens",
    "ManufacturersModelName": "Skyra",
    "Modality": "MR",
    "ParallelReductionFactorInPlane": 2,
    "PartialFourier": 1,
    "PatientPosition": "HFS",
    "PercentPhaseFOV": 100,
    "PhaseEncodingSteps": 255,
    "PhaseResolution": 1,
    "PixelBandwidth": 180,
    "ProcedureStepDescription": "Booth_Language",
    "ProtocolName": "MPRAGE",
    "PulseSequenceDetails": "%SiemensSeq%_tfl",
    "ReceiveCoilActiveElements": "HC1-6",
    "ReceiveCoilName": "HeadNeck_64",
    "ReconMatrixPE": 256,
    "RefLinesPE": 24,
    "RepetitionTime": 1.9,
    "SAR": 0.214979,
    "ScanOptions": "IR",
    "ScanningSequence": "GR_IR",
    "SequenceName": "_tfl3d1_16ns",
    "SequenceVariant": "SK_SP_MP",
    "SeriesDescription": "MPRAGE",
    "SeriesNumber": 2,
    "ShiftedAquisitionDate": "1818-09-26 00:00:00",
    "ShimSetting": [
      -2727,
      7934,
      -15901,
      -500,
      562,
      -716,
      -526,
      132
    ],
    "SliceThickness": 1,
    "SoftwareVersions": "syngo_MR_E11",
    "StationName": "AWP45239",
    "TxRefAmp": 326.733,
    "acq_id": "D1S2",
    "dataset": "ds003604",
    "modality": "T1w",
    "session_id": "7",
    "subject_id": "5565"
  },
  "cjv": 0.4671156535308203,
  "cnr": 2.9036702923330857,
  "efc": 0.520770025675218,
  "fber": 6605.256198347107,
  "fwhm_avg": 4.968416666666667,
  "fwhm_x": 5.08204,
  "fwhm_y": 4.48607,
  "fwhm_z": 5.33714,
  "icvs_csf": 0.11351223453976089,
  "icvs_gm": 0.4800076742280391,
  "icvs_wm": 0.4064800912322,
  "inu_med": 1.0091243982315063,
  "inu_range": 1.032646542787552,
  "provenance": {
    "md5sum": "39dd513bff9093c05676ebc7279865ef",
    "settings": {
      "testing": false
    },
    "software": "mriqc",
    "version": "23.0.1",
    "warnings": {
      "large_rot_frame": true,
      "small_air_mask": false
    },
    "webapi_port": null,
    "webapi_url": "https://mriqc.nimh.nih.gov/api/v1"
  },
  "qi_1": 2.7214110905277397e-06,
  "qi_2": 0.003045622199313158,
  "rpve_csf": 52.32941706768392,
  "rpve_gm": 13.67649528303444,
  "rpve_wm": 16.628513215477216,
  "size_x": 192,
  "size_y": 256,
  "size_z": 256,
  "snr_csf": 2.399498048141302,
  "snr_gm": 14.876836864345542,
  "snr_total": 10.840718439974644,
  "snr_wm": 15.245820407437089,
  "snrd_csf": 13.611024360449818,
  "snrd_gm": 28.828977642542096,
  "snrd_total": 26.88824222993043,
  "snrd_wm": 38.22472468679938,
  "spacing_x": 1.0,
  "spacing_y": 1.0,
  "spacing_z": 1.0,
  "summary_bg_k": 11.052713134080612,
  "summary_bg_mad": 0.0,
  "summary_bg_mean": 10.21967851460525,
  "summary_bg_median": 0.0,
  "summary_bg_n": 2364233.0,
  "summary_bg_p05": 0.0,
  "summary_bg_p95": 43.59599217772484,
  "summary_bg_stdv": 17.139074296961464,
  "summary_csf_k": 10.315815623755329,
  "summary_csf_mad": 125.05566978560101,
  "summary_csf_mean": 364.2562167990373,
  "summary_csf_median": 356.0790665447712,
  "summary_csf_n": 13117.0,
  "summary_csf_p05": 142.97319173812866,
  "summary_csf_p95": 594.3406411856411,
  "summary_csf_stdv": 148.39165773519957,
  "summary_gm_k": 0.03198352160900475,
  "summary_gm_mad": 50.2832187500691,
  "summary_gm_mean": 754.6232106611302,
  "summary_gm_median": 754.1971255466342,
  "summary_gm_n": 55309.0,
  "summary_gm_p05": 670.7284013926983,
  "summary_gm_p95": 838.0043279007077,
  "summary_gm_stdv": 50.69560917823748,
  "summary_wm_k": 0.1443224331340427,
  "summary_wm_mad": 64.53514901455975,
  "summary_wm_mean": 1006.6229721831955,
  "summary_wm_median": 999.9999944865704,
  "summary_wm_n": 149051.0,
  "summary_wm_p05": 910.8448365703225,
  "summary_wm_p95": 1126.3877544179559,
  "summary_wm_stdv": 65.59152693656671,
  "tpm_overlap_csf": 0.13039441016975095,
  "tpm_overlap_gm": 0.4726326108949141,
  "tpm_overlap_wm": 0.45392174032457533,
  "wm2max": 0.3126216879708795
}