{
  "bids_meta": {
    "AcquisitionMatrixPE": 256,
    "AcquisitionNumber": 1,
    "AcquisitionTime": "10:41:59.712500",
    "BaseResolution": 256,
    "BodyPartExamined": "BRAIN",
    "ConsistencyInfo": "N4_VE11A_LATEST_20140830",
    "ConversionSoftware": "dcm2niix",
    "ConversionSoftwareVersion": "v1.0.20190902",
    "DeviceSerialNumber": "45239",
    "DwellTime": 1.09e-05,
    "EchoTime": 0.00243,
    "FlipAngle": 9,
    "ImageOrientationPatientDICOM": [
      0,
      1,
      0,
      0,
      0,
      -1
    ],
    "ImageType": [
      "ORIGINAL",
      "PRIMARY",
      "M",
      "ND"
    ],
    "ImagingFrequency": 123.224,
    "InPlanePhaseEncodingDirectionDICOM": "ROW",
    "InstitutionAddress": "E_24th_St._100_Austin_Southmiddle_US_78712",
    "InstitutionName": "The_Univ._of_Texas_at_Austin_IRC",
    "InstitutionalDepartmentName": "IRC",
    "InversionTime": 0.9,
    "MRAcquisitionType": "3D",
    "MagneticFieldStrength": 3,
    "Manufacturer": "Siemens",
    "ManufacturersModelName": "Skyra",
    "Modality": "MR",
    "ParallelReductionFactorInPlane": 2,
    "PartialFourier": 1,
    "PatientPosition": "HFS",
    "PercentPhaseFOV": 100,
    "PhaseEncodingSteps": 255,
    "PhaseResolution": 1,
    "PixelBandwidth": 180,
    "ProcedureStepDescription": "Booth_Language",
    "ProtocolName": "MPRAGE",
    "PulseSequenceDetails": "%SiemensSeq%_tfl",
    "ReceiveCoilActiveElements": "HC1-6",
    "ReceiveCoilName": "HeadNeck_64",
    "ReconMatrixPE": 256,
    "RefLinesPE": 24,
    "RepetitionTime": 1.9,
    "SAR": 0.241348,
    "ScanOptions": "IR",
    "ScanningSequence": "GR_IR",
    "SequenceName": "_tfl3d1_16ns",
    "SequenceVariant": "SK_SP_MP",
    "SeriesDescription": "MPRAGE",
    "SeriesNumber": 13,
    "ShiftedAquisitionDate": "1816-10-01 00:00:00",
    "ShimSetting": [
      -2851,
      8065,
      -15920,
      -530,
      404,
      -610,
      -324,
      -43
    ],
    "SliceThickness": 1,
    "SoftwareVersions": "syngo_MR_E11",
    "StationName": "AWP45239",
    "TxRefAmp": 343.897,
    "acq_id": "D2S13",
    "dataset": "ds003604",
    "modality": "T1w",
    "session_id": "7",
    "subject_id": "5139"
  },
  "cjv": 0.5116945709886591,
  "cnr": 2.301326374104828,
  "efc": 0.5291066325710958,
  "fber": 1805.0359183673472,
  "fwhm_avg": 5.038326666666666,
  "fwhm_x": 5.23132,
  "fwhm_y": 4.86398,
  "fwhm_z": 5.01968,
  "icvs_csf": 0.11838945811745599,
  "icvs_gm": 0.49255846749210586,
  "icvs_wm": 0.38905207439043815,
  "inu_med": 1.517512321472168,
  "inu_range": 1.2108368635177613,
  "provenance": {
    "md5sum": "fbe944b502c977a84546eececf7cd5f4",
    "settings": {
      "testing": false
    },
    "software": "mriqc",
    "version": "21.0.0rc2",
    "warnings": {
      "large_rot_frame": true,
      "small_air_mask": false
    },
    "webapi_port": null,
    "webapi_url": "https://mriqc.nimh.nih.gov/api/v1"
  },
  "qi_1": 0.0,
  "qi_2": 0.002122914267050439,
  "rpve_csf": 50.37755536626916,
  "rpve_gm": 12.786650565963086,
  "rpve_wm": 16.089487490954202,
  "size_x": 192,
  "size_y": 256,
  "size_z": 256,
  "snr_csf": 1.1956948356741737,
  "snr_gm": 11.436182604400026,
  "snr_total": 7.826471913117025,
  "snr_wm": 10.847538299276877,
  "snrd_csf": 34.371767490706176,
  "snrd_gm": 39.20451071478593,
  "snrd_total": 42.22870419837289,
  "snrd_wm": 53.10983438962654,
  "spacing_x": 1.0,
  "spacing_y": 1.0,
  "spacing_z": 1.0,
  "summary_bg_k": 9.020208955569082,
  "summary_bg_mad": 12.335500556494079,
  "summary_bg_mean": 20.41318471622528,
  "summary_bg_median": 16.640337377786636,
  "summary_bg_n": 2648815.0,
  "summary_bg_p05": 2.7382833659648895,
  "summary_bg_p95": 52.2380211353302,
  "summary_bg_stdv": 16.70154629024033,
  "summary_csf_k": -0.12915144891075236,
  "summary_csf_mad": 456.10122943695194,
  "summary_csf_mean": 867.3967204054395,
  "summary_csf_median": 647.1827416867018,
  "summary_csf_n": 11593.0,
  "summary_csf_p05": 295.52396634221077,
  "summary_csf_p95": 1871.4271071732044,
  "summary_csf_stdv": 541.237453842632,
  "summary_gm_k": 0.05255883219966817,
  "summary_gm_mad": 63.23895854911522,
  "summary_gm_mean": 740.4906728247549,
  "summary_gm_median": 738.178004309535,
  "summary_gm_n": 92471.0,
  "summary_gm_p05": 637.1774755418301,
  "summary_gm_p95": 850.7635780870914,
  "summary_gm_stdv": 64.54723909462597,
  "summary_wm_k": 2.3557981212538524,
  "summary_wm_mad": 70.73394622901036,
  "summary_wm_mean": 1017.4643192557306,
  "summary_wm_median": 1000.0000215321779,
  "summary_wm_n": 117209.0,
  "summary_wm_p05": 901.9484133124352,
  "summary_wm_p95": 1204.3180880695581,
  "summary_wm_stdv": 92.1864231358031,
  "tpm_overlap_csf": 0.11794314533472061,
  "tpm_overlap_gm": 0.44372108578681946,
  "tpm_overlap_wm": 0.38747596740722656,
  "wm2max": 0.2677589464482107
}