{
  "bids_meta": {
    "AcquisitionMatrixPE": 256,
    "AcquisitionNumber": 1,
    "AcquisitionTime": "15:43:31.662500",
    "BaseResolution": 256,
    "BodyPartExamined": "BRAIN",
    "ConsistencyInfo": "N4_VE11C_LATEST_20160120",
    "ConversionSoftware": "dcm2niix",
    "ConversionSoftwareVersion": "v1.0.20190902",
    "DeviceSerialNumber": "45239",
    "DwellTime": 1.09e-05,
    "EchoTime": 0.00243,
    "FlipAngle": 9,
    "ImageOrientationPatientDICOM": [
      0,
      1,
      0,
      0,
      0,
      -1
    ],
    "ImageType": [
      "ORIGINAL",
      "PRIMARY",
      "M",
      "ND"
    ],
    "ImagingFrequency": 123.172,
    "InPlanePhaseEncodingDirectionDICOM": "ROW",
    "InstitutionAddress": "E_24th_St._100_Austin_Southmiddle_US_78712",
    "InstitutionName": "The_Univ._of_Texas_at_Austin_IRC",
    "InstitutionalDepartmentName": "IRC",
    "InversionTime": 0.9,
    "MRAcquisitionType": "3D",
    "MagneticFieldStrength": 3,
    "Manufacturer": "Siemens",
    "ManufacturersModelName": "Skyra",
    "Modality": "MR",
    "ParallelReductionFactorInPlane": 2,
    "PartialFourier": 1,
    "PatientPosition": "HFS",
    "PercentPhaseFOV": 100,
    "PhaseEncodingSteps": 255,
    "PhaseResolution": 1,
    "PixelBandwidth": 180,
    "ProcedureStepDescription": "Booth_Language",
    "ProtocolName": "MPRAGE",
    "PulseSequenceDetails": "%SiemensSeq%_tfl",
    "ReceiveCoilActiveElements": "HC1-6",
    "ReceiveCoilName": "HeadNeck_64",
    "ReconMatrixPE": 256,
    "RefLinesPE": 24,
    "RepetitionTime": 1.9,
    "SAR": 0.226266,
    "ScanOptions": "IR",
    "ScanningSequence": "GR_IR",
    "SequenceName": "_tfl3d1_16ns",
    "SequenceVariant": "SK_SP_MP",
    "SeriesDescription": "MPRAGE",
    "SeriesNumber": 2,
    "ShiftedAquisitionDate": "1818-01-15 00:00:00",
    "ShimSetting": [
      -2751,
      8072,
      -15888,
      -462,
      637,
      -681,
      -484,
      -138
    ],
    "SliceThickness": 1,
    "SoftwareVersions": "syngo_MR_E11",
    "StationName": "AWP45239",
    "TxRefAmp": 324.397,
    "acq_id": "D1S2",
    "dataset": "ds003604",
    "modality": "T1w",
    "session_id": "9",
    "subject_id": "5217"
  },
  "cjv": 0.44201528235230186,
  "cnr": 2.994539153124529,
  "efc": 0.49338664455454934,
  "fber": -1.0,
  "fwhm_avg": 4.971443333333333,
  "fwhm_x": 5.16274,
  "fwhm_y": 4.65476,
  "fwhm_z": 5.09683,
  "icvs_csf": 0.13769811655646588,
  "icvs_gm": 0.45771740392176824,
  "icvs_wm": 0.4045844795217659,
  "inu_med": 0.9921277463436127,
  "inu_range": 1.059566643834114,
  "provenance": {
    "md5sum": "793c0b1dff84ec6d31c323051d6c9168",
    "settings": {
      "testing": false
    },
    "software": "mriqc",
    "version": "22.0.6",
    "warnings": {
      "large_rot_frame": true,
      "small_air_mask": false
    },
    "webapi_port": null,
    "webapi_url": "https://mriqc.nimh.nih.gov/api/v1"
  },
  "qi_1": 5.369185172458228e-05,
  "qi_2": 0.003564963446127484,
  "rpve_csf": 45.78921083300757,
  "rpve_gm": 14.964743616756143,
  "rpve_wm": 17.87976426951928,
  "size_x": 192,
  "size_y": 256,
  "size_z": 256,
  "snr_csf": 2.830110053440865,
  "snr_gm": 16.989087932593115,
  "snr_total": 11.811158617178867,
  "snr_wm": 15.614277865502615,
  "snrd_csf": 20.92500165203927,
  "snrd_gm": 44.56435095580314,
  "snrd_total": 41.290229719955654,
  "snrd_wm": 58.38133655202454,
  "spacing_x": 1.0,
  "spacing_y": 1.0,
  "spacing_z": 1.0,
  "summary_bg_k": 33.843755502827456,
  "summary_bg_mad": 0.0,
  "summary_bg_mean": 5.950127791992671,
  "summary_bg_median": 0.0,
  "summary_bg_n": 2950381.0,
  "summary_bg_p05": 0.0,
  "summary_bg_p95": 26.34576916694641,
  "summary_bg_stdv": 11.222473755952134,
  "summary_csf_k": 15.900810208694313,
  "summary_csf_mad": 89.20527017243998,
  "summary_csf_mean": 366.051871831888,
  "summary_csf_median": 358.44487023353577,
  "summary_csf_n": 16172.0,
  "summary_csf_p05": 173.92123913168908,
  "summary_csf_p95": 570.0583604693411,
  "summary_csf_stdv": 126.65012350265673,
  "summary_gm_k": 0.1675772030072098,
  "summary_gm_mad": 44.233145801482074,
  "summary_gm_mean": 762.9041869595238,
  "summary_gm_median": 763.3864628076553,
  "summary_gm_n": 36229.0,
  "summary_gm_p05": 688.2939002037049,
  "summary_gm_p95": 835.9441351890564,
  "summary_gm_stdv": 44.933308379587494,
  "summary_wm_k": 0.3651057748313886,
  "summary_wm_mad": 60.38510596288245,
  "summary_wm_mean": 1010.9122986696061,
  "summary_wm_median": 1000.0711566209793,
  "summary_wm_n": 137463.0,
  "summary_wm_p05": 924.0244499444962,
  "summary_wm_p95": 1132.0136168003082,
  "summary_wm_stdv": 64.04827220493037,
  "tpm_overlap_csf": 0.14718677639574287,
  "tpm_overlap_gm": 0.4726135635726765,
  "tpm_overlap_wm": 0.4443717323823404,
  "wm2max": 0.2808269849839042
}