{
  "aor": 0.001053669724770642,
  "aqi": 0.00725595752293578,
  "bids_meta": {
    "AcquisitionMatrixPE": 128,
    "AcquisitionNumber": 1,
    "AcquisitionTime": "11:15:4.842500",
    "BandwidthPerPixelPhaseEncode": 23.321,
    "BaseResolution": 128,
    "BodyPartExamined": "BRAIN",
    "ConsistencyInfo": "N4_VE11A_LATEST_20140830",
    "ConversionSoftware": "dcm2niix",
    "ConversionSoftwareVersion": "v1.0.20190902",
    "DerivedVendorReportedEchoSpacing": 0.000669997,
    "DeviceSerialNumber": "45239",
    "DwellTime": 2.2e-06,
    "EchoTime": 0.03,
    "EchoTrainLength": 63,
    "EffectiveEchoSpacing": 0.000334999,
    "FlipAngle": 80,
    "ImageComments": "Unaliased_MB4_PE4_LB",
    "ImageOrientationPatientDICOM": [
      1,
      0,
      0,
      0,
      1,
      0
    ],
    "ImageType": [
      "ORIGINAL",
      "PRIMARY",
      "M",
      "MB",
      "ND",
      "MOSAIC"
    ],
    "ImagingFrequency": 123.224,
    "InPlanePhaseEncodingDirectionDICOM": "COL",
    "InstitutionAddress": "E_24th_St._100_Austin_Southmiddle_US_78712",
    "InstitutionName": "The_Univ._of_Texas_at_Austin_IRC",
    "InstitutionalDepartmentName": "IRC",
    "MRAcquisitionType": "2D",
    "MagneticFieldStrength": 3,
    "Manufacturer": "Siemens",
    "ManufacturersModelName": "Skyra",
    "Modality": "MR",
    "MultibandAccelerationFactor": 4,
    "ParallelReductionFactorInPlane": 2,
    "PartialFourier": 1,
    "PatientPosition": "HFS",
    "PercentPhaseFOV": 100,
    "PhaseEncodingDirection": "j-",
    "PhaseEncodingSteps": 127,
    "PhaseResolution": 1,
    "PixelBandwidth": 1775,
    "ProcedureStepDescription": "Booth_Language",
    "ProtocolName": "Gram1",
    "PulseSequenceDetails": "%CustomerSeq%_cmrr_mbep2d_bold",
    "ReceiveCoilActiveElements": "HC1-6",
    "ReceiveCoilName": "HeadNeck_64",
    "ReconMatrixPE": 128,
    "RefLinesPE": 58,
    "RepetitionTime": 1.25,
    "SAR": 0.362755,
    "ScanOptions": "FS",
    "ScanningSequence": "EP",
    "SequenceName": "epfid2d1_128",
    "SequenceVariant": "SK_SS",
    "SeriesDescription": "Gram1",
    "SeriesNumber": 5,
    "ShiftedAquisitionDate": "1817-01-31",
    "ShimSetting": [
      -2903,
      7929,
      -15412,
      -280,
      351,
      -225,
      354,
      -252
    ],
    "SliceThickness": 2,
    "SliceTiming": [
      0,
      0.265,
      0.5275,
      0.7925,
      1.055,
      0.0875,
      0.3525,
      0.615,
      0.88,
      1.1425,
      0.1775,
      0.44,
      0.7025,
      0.9675,
      0,
      0.265,
      0.5275,
      0.7925,
      1.055,
      0.0875,
      0.3525,
      0.615,
      0.88,
      1.1425,
      0.1775,
      0.44,
      0.7025,
      0.9675,
      0,
      0.265,
      0.5275,
      0.7925,
      1.055,
      0.0875,
      0.3525,
      0.615,
      0.88,
      1.1425,
      0.1775,
      0.44,
      0.7025,
      0.9675,
      0,
      0.265,
      0.5275,
      0.7925,
      1.055,
      0.0875,
      0.3525,
      0.615,
      0.88,
      1.1425,
      0.1775,
      0.44,
      0.7025,
      0.9675
    ],
    "SoftwareVersions": "syngo_MR_E11",
    "SpacingBetweenSlices": 2,
    "StationName": "AWP45239",
    "TotalReadoutTime": 0.0425448,
    "TxRefAmp": 342.421,
    "WipMemBlock": "9923776e-fa31-471b-a33d-61c44deec46c||Sequence: ve11a/master r/5a7612f; Mar  3 2017 11:38:58 by eja",
    "acq_id": "D1S5",
    "dataset": "ds003604",
    "modality": "bold",
    "run_id": 1,
    "session_id": "7",
    "subject_id": "5414",
    "task_id": "Gram"
  },
  "dummy_trs": 0,
  "dvars_nstd": 54.25651036999995,
  "dvars_std": 1.2826981341013826,
  "dvars_vstd": 0.9996564788018442,
  "efc": 0.44290641365014877,
  "fber": 2736.879638671875,
  "fd_mean": 0.16779025638762063,
  "fd_num": 41,
  "fd_perc": 18.807339449541285,
  "fwhm_avg": 3.6050533333333337,
  "fwhm_x": 3.36041,
  "fwhm_y": 3.674385,
  "fwhm_z": 3.780365,
  "gcor": 0.00691503,
  "gsr_x": -0.020171942189335823,
  "gsr_y": 0.01432486530393362,
  "provenance": {
    "md5sum": "6cb74f79d6cb6e481f6ceda5b41b36ea",
    "settings": {
      "fd_thres": 0.2,
      "testing": false
    },
    "software": "mriqc",
    "version": "23.0.1",
    "webapi_port": null,
    "webapi_url": "https://mriqc.nimh.nih.gov/api/v1"
  },
  "size_t": 218,
  "size_x": 128,
  "size_y": 128,
  "size_z": 56,
  "snr": 2.1940359222154755,
  "spacing_tr": 1.25,
  "spacing_x": 2.0,
  "spacing_y": 2.0,
  "spacing_z": 2.0,
  "summary_bg_k": 50.38627987437095,
  "summary_bg_mad": 4.84226054757277,
  "summary_bg_mean": 27.234375,
  "summary_bg_median": 13.403669357299805,
  "summary_bg_n": 646941.0,
  "summary_bg_p05": 9.582568168640137,
  "summary_bg_p95": 83.80733489990234,
  "summary_bg_stdv": 54.811737060546875,
  "summary_fg_k": 1.5081485220467146,
  "summary_fg_mad": 285.4042752240767,
  "summary_fg_mean": 775.4163208007812,
  "summary_fg_median": 711.4105224609375,
  "summary_fg_n": 161054.0,
  "summary_fg_p05": 391.42015533447267,
  "summary_fg_p95": 1418.6626037597657,
  "summary_fg_stdv": 324.2464294433594,
  "tsnr": 33.855726149864495
}