{
  "bids_meta": {
    "AcquisitionMatrixPE": 256,
    "AcquisitionNumber": 1,
    "AcquisitionTime": "09:21:22.430000",
    "BaseResolution": 256,
    "BodyPartExamined": "BRAIN",
    "ConsistencyInfo": "N4_VE11C_LATEST_20160120",
    "ConversionSoftware": "dcm2niix",
    "ConversionSoftwareVersion": "v1.0.20190902",
    "DeviceSerialNumber": "45239",
    "DwellTime": 1.09e-05,
    "EchoTime": 0.00243,
    "FlipAngle": 9,
    "ImageOrientationPatientDICOM": [
      0,
      1,
      0,
      0,
      0,
      -1
    ],
    "ImageType": [
      "ORIGINAL",
      "PRIMARY",
      "M",
      "ND"
    ],
    "ImagingFrequency": 123.172,
    "InPlanePhaseEncodingDirectionDICOM": "ROW",
    "InstitutionAddress": "E_24th_St._100_Austin_Southmiddle_US_78712",
    "InstitutionName": "The_Univ._of_Texas_at_Austin_IRC",
    "InstitutionalDepartmentName": "IRC",
    "InversionTime": 0.9,
    "MRAcquisitionType": "3D",
    "MagneticFieldStrength": 3,
    "Manufacturer": "Siemens",
    "ManufacturersModelName": "Skyra",
    "Modality": "MR",
    "ParallelReductionFactorInPlane": 2,
    "PartialFourier": 1,
    "PatientPosition": "HFS",
    "PercentPhaseFOV": 100,
    "PhaseEncodingSteps": 255,
    "PhaseResolution": 1,
    "PixelBandwidth": 180,
    "ProcedureStepDescription": "Booth_Language",
    "ProtocolName": "MPRAGE",
    "PulseSequenceDetails": "%SiemensSeq%_tfl",
    "ReceiveCoilActiveElements": "HC1-6",
    "ReceiveCoilName": "HeadNeck_64",
    "ReconMatrixPE": 256,
    "RefLinesPE": 24,
    "RepetitionTime": 1.9,
    "SAR": 0.174532,
    "ScanOptions": "IR",
    "ScanningSequence": "GR_IR",
    "SequenceName": "_tfl3d1_16ns",
    "SequenceVariant": "SK_SP_MP",
    "SeriesDescription": "MPRAGE",
    "SeriesNumber": 2,
    "ShiftedAquisitionDate": "1818-09-06 00:00:00",
    "ShimSetting": [
      -2751,
      8072,
      -15888,
      -462,
      637,
      -681,
      -484,
      -138
    ],
    "SliceThickness": 1,
    "SoftwareVersions": "syngo_MR_E11",
    "StationName": "AWP45239",
    "TxRefAmp": 324.536,
    "acq_id": "D1S2",
    "dataset": "ds003604",
    "modality": "T1w",
    "session_id": "9",
    "subject_id": "5036"
  },
  "cjv": 0.39367072166181544,
  "cnr": 3.3485325579292278,
  "efc": 0.5062405041408445,
  "fber": -1.0,
  "fwhm_avg": 5.51959,
  "fwhm_x": 5.87381,
  "fwhm_y": 5.20305,
  "fwhm_z": 5.48191,
  "icvs_csf": 0.12123028271058528,
  "icvs_gm": 0.476742922687501,
  "icvs_wm": 0.4020267946019137,
  "inu_med": 1.0110621452331543,
  "inu_range": 1.2784619331359863,
  "provenance": {
    "md5sum": "f0f76020ed6c281a6dc89cad8c08d881",
    "settings": {
      "testing": false
    },
    "software": "mriqc",
    "version": "23.0.1",
    "warnings": {
      "large_rot_frame": true,
      "small_air_mask": false
    },
    "webapi_port": null,
    "webapi_url": "https://mriqc.nimh.nih.gov/api/v1"
  },
  "qi_1": 2.422262154352507e-05,
  "qi_2": 0.003555399680202241,
  "rpve_csf": 44.904469694254274,
  "rpve_gm": 13.104602457472305,
  "rpve_wm": 16.340274702091584,
  "size_x": 192,
  "size_y": 256,
  "size_z": 256,
  "snr_csf": 1.791381971477333,
  "snr_gm": 16.757989611775432,
  "snr_total": 12.014213409444404,
  "snr_wm": 17.493268645080448,
  "snrd_csf": 22.657145450214454,
  "snrd_gm": 47.195667153708875,
  "snrd_total": 44.1514211972111,
  "snrd_wm": 62.601450987709974,
  "spacing_x": 1.0,
  "spacing_y": 1.0,
  "spacing_z": 1.0,
  "summary_bg_k": 12.42502553096242,
  "summary_bg_mad": 0.0,
  "summary_bg_mean": 6.258679249670472,
  "summary_bg_median": 0.0,
  "summary_bg_n": 2474593.0,
  "summary_bg_p05": 0.0,
  "summary_bg_p95": 25.590382784605026,
  "summary_bg_stdv": 10.46609407994014,
  "summary_csf_k": 16.077951345986236,
  "summary_csf_mad": 121.96933973399574,
  "summary_csf_mean": 389.90687752181066,
  "summary_csf_median": 361.95793099701405,
  "summary_csf_n": 11180.0,
  "summary_csf_p05": 139.54057887867094,
  "summary_csf_p95": 669.7638640612358,
  "summary_csf_stdv": 202.04610108565487,
  "summary_gm_k": 0.14192423867073378,
  "summary_gm_mad": 44.43350685507778,
  "summary_gm_mean": 754.0104272483719,
  "summary_gm_median": 753.971680700779,
  "summary_gm_n": 51141.0,
  "summary_gm_p05": 680.3778617531061,
  "summary_gm_p95": 827.9948684871197,
  "summary_gm_stdv": 44.99133408196862,
  "summary_wm_k": 0.5857807074864403,
  "summary_wm_mad": 52.454455083931364,
  "summary_wm_mean": 1008.9579358108631,
  "summary_wm_median": 1000.0858990252018,
  "summary_wm_n": 175208.0,
  "summary_wm_p05": 931.129263535142,
  "summary_wm_p95": 1117.0459706783295,
  "summary_wm_stdv": 57.16959279112617,
  "tpm_overlap_csf": 0.13976237729839563,
  "tpm_overlap_gm": 0.4784605067144541,
  "tpm_overlap_wm": 0.4613243977073115,
  "wm2max": 0.2508346076805445
}