{
  "aor": 0.0011815137614678897,
  "aqi": 0.0076200793577981644,
  "bids_meta": {
    "AcquisitionMatrixPE": 128,
    "AcquisitionNumber": 1,
    "AcquisitionTime": "10:43:24.327500",
    "BandwidthPerPixelPhaseEncode": 23.321,
    "BaseResolution": 128,
    "BodyPartExamined": "BRAIN",
    "ConsistencyInfo": "N4_VE11C_LATEST_20160120",
    "ConversionSoftware": "dcm2niix",
    "ConversionSoftwareVersion": "v1.0.20190902",
    "DerivedVendorReportedEchoSpacing": 0.000669997,
    "DeviceSerialNumber": "45239",
    "DwellTime": 2.2e-06,
    "EchoTime": 0.03,
    "EchoTrainLength": 63,
    "EffectiveEchoSpacing": 0.000334999,
    "FlipAngle": 80,
    "ImageComments": "Unaliased_MB4_PE4_LB",
    "ImageOrientationPatientDICOM": [
      1,
      0,
      0,
      0,
      1,
      0
    ],
    "ImageType": [
      "ORIGINAL",
      "PRIMARY",
      "M",
      "MB",
      "ND",
      "MOSAIC"
    ],
    "ImagingFrequency": 123.186,
    "InPlanePhaseEncodingDirectionDICOM": "COL",
    "InstitutionAddress": "E_24th_St._100_Austin_Southmiddle_US_78712",
    "InstitutionName": "The_Univ._of_Texas_at_Austin_IRC",
    "InstitutionalDepartmentName": "IRC",
    "MRAcquisitionType": "2D",
    "MagneticFieldStrength": 3,
    "Manufacturer": "Siemens",
    "ManufacturersModelName": "Skyra",
    "Modality": "MR",
    "MultibandAccelerationFactor": 4,
    "ParallelReductionFactorInPlane": 2,
    "PartialFourier": 1,
    "PatientPosition": "HFS",
    "PercentPhaseFOV": 100,
    "PhaseEncodingDirection": "j-",
    "PhaseEncodingSteps": 127,
    "PhaseResolution": 1,
    "PixelBandwidth": 1775,
    "ProcedureStepDescription": "Booth_Language",
    "ProtocolName": "Gram2",
    "PulseSequenceDetails": "%CustomerSeq%_cmrr_mbep2d_bold",
    "ReceiveCoilActiveElements": "HC1-6",
    "ReceiveCoilName": "HeadNeck_64",
    "ReconMatrixPE": 128,
    "RefLinesPE": 58,
    "RepetitionTime": 1.25,
    "SAR": 0.27451,
    "ScanOptions": "FS",
    "ScanningSequence": "EP",
    "SequenceName": "epfid2d1_128",
    "SequenceVariant": "SK_SS",
    "SeriesDescription": "Gram2",
    "SeriesNumber": 7,
    "ShiftedAquisitionDate": "1818-10-17",
    "ShimSetting": [
      -2727,
      7835,
      -15464,
      20,
      831,
      -975,
      -170,
      4
    ],
    "SliceThickness": 2,
    "SliceTiming": [
      0,
      0.2625,
      0.525,
      0.79,
      1.0525,
      0.0875,
      0.35,
      0.615,
      0.8775,
      1.14,
      0.175,
      0.4375,
      0.7025,
      0.965,
      0,
      0.2625,
      0.525,
      0.79,
      1.0525,
      0.0875,
      0.35,
      0.615,
      0.8775,
      1.14,
      0.175,
      0.4375,
      0.7025,
      0.965,
      0,
      0.2625,
      0.525,
      0.79,
      1.0525,
      0.0875,
      0.35,
      0.615,
      0.8775,
      1.14,
      0.175,
      0.4375,
      0.7025,
      0.965,
      0,
      0.2625,
      0.525,
      0.79,
      1.0525,
      0.0875,
      0.35,
      0.615,
      0.8775,
      1.14,
      0.175,
      0.4375,
      0.7025,
      0.965
    ],
    "SoftwareVersions": "syngo_MR_E11",
    "SpacingBetweenSlices": 2,
    "StationName": "AWP45239",
    "TotalReadoutTime": 0.0425448,
    "TxRefAmp": 329.851,
    "WipMemBlock": "6141f576-39c1-49ad-8a43-af0988310a52||Sequence: R016 ve11c/master r/e634e98; Dec 19 2017 11:00:25 by eja",
    "acq_id": "D1S7",
    "dataset": "ds003604",
    "modality": "bold",
    "run_id": 2,
    "session_id": "9",
    "subject_id": "5215",
    "task_id": "Gram"
  },
  "dummy_trs": 0,
  "dvars_nstd": 40.235340312027645,
  "dvars_std": 1.040090226543779,
  "dvars_vstd": 0.9968597178341018,
  "efc": 0.41820897036199906,
  "fber": 3224.662109375,
  "fd_mean": 0.1373036255991251,
  "fd_num": 31,
  "fd_perc": 14.220183486238533,
  "fwhm_avg": 3.33557,
  "fwhm_x": 3.08919,
  "fwhm_y": 3.46683,
  "fwhm_z": 3.45069,
  "gcor": 0.00944772,
  "gsr_x": -0.015072395093739033,
  "gsr_y": 0.015519101172685623,
  "provenance": {
    "md5sum": "94e1974c46ffbe182d71cc85332e4153",
    "settings": {
      "fd_thres": 0.2,
      "testing": false
    },
    "software": "mriqc",
    "version": "23.0.1",
    "webapi_port": null,
    "webapi_url": "https://mriqc.nimh.nih.gov/api/v1"
  },
  "size_t": 218,
  "size_x": 128,
  "size_y": 128,
  "size_z": 56,
  "snr": 2.5488596819512277,
  "spacing_tr": 1.25,
  "spacing_x": 2.0,
  "spacing_y": 2.0,
  "spacing_z": 2.0,
  "summary_bg_k": 64.43396583246208,
  "summary_bg_mad": 3.1148254151398875,
  "summary_bg_mean": 22.413280487060547,
  "summary_bg_median": 11.660550117492676,
  "summary_bg_n": 679463.0,
  "summary_bg_p05": 9.059632301330566,
  "summary_bg_p95": 69.93577575683594,
  "summary_bg_stdv": 42.3646125793457,
  "summary_fg_k": 0.6476416333774471,
  "summary_fg_mad": 247.49937410775317,
  "summary_fg_mean": 702.1223754882812,
  "summary_fg_median": 662.4174194335938,
  "summary_fg_n": 137615.0,
  "summary_fg_p05": 363.4619140625,
  "summary_fg_p95": 1204.5926513671873,
  "summary_fg_stdv": 259.8868103027344,
  "tsnr": 32.746939775533974
}