{
  "aor": 0.0035720253164556967,
  "aqi": 0.010149868924050634,
  "bids_meta": {
    "AcquisitionMatrixPE": 128,
    "AcquisitionNumber": 1,
    "AcquisitionTime": "11:55:10.045000",
    "BandwidthPerPixelPhaseEncode": 23.321,
    "BaseResolution": 128,
    "BodyPartExamined": "BRAIN",
    "ConsistencyInfo": "N4_VE11C_LATEST_20160120",
    "ConversionSoftware": "dcm2niix",
    "ConversionSoftwareVersion": "v1.0.20190902",
    "DerivedVendorReportedEchoSpacing": 0.000669997,
    "DeviceSerialNumber": "45239",
    "DwellTime": 2.2e-06,
    "EchoTime": 0.03,
    "EchoTrainLength": 63,
    "EffectiveEchoSpacing": 0.000334999,
    "FlipAngle": 80,
    "ImageComments": "Unaliased_MB4_PE4_LB",
    "ImageOrientationPatientDICOM": [
      1,
      0,
      0,
      0,
      1,
      0
    ],
    "ImageType": [
      "ORIGINAL",
      "PRIMARY",
      "M",
      "MB",
      "ND",
      "MOSAIC"
    ],
    "ImagingFrequency": 123.186,
    "InPlanePhaseEncodingDirectionDICOM": "COL",
    "InstitutionAddress": "E_24th_St._100_Austin_Southmiddle_US_78712",
    "InstitutionName": "The_Univ._of_Texas_at_Austin_IRC",
    "InstitutionalDepartmentName": "IRC",
    "MRAcquisitionType": "2D",
    "MagneticFieldStrength": 3,
    "Manufacturer": "Siemens",
    "ManufacturersModelName": "Skyra",
    "Modality": "MR",
    "MultibandAccelerationFactor": 4,
    "ParallelReductionFactorInPlane": 2,
    "PartialFourier": 1,
    "PatientPosition": "HFS",
    "PercentPhaseFOV": 100,
    "PhaseEncodingDirection": "j-",
    "PhaseEncodingSteps": 127,
    "PhaseResolution": 1,
    "PixelBandwidth": 1775,
    "ProcedureStepDescription": "Booth_Language",
    "ProtocolName": "SEM2",
    "PulseSequenceDetails": "%CustomerSeq%_cmrr_mbep2d_bold",
    "ReceiveCoilActiveElements": "HC3-6",
    "ReceiveCoilName": "HeadNeck_64",
    "ReconMatrixPE": 128,
    "RefLinesPE": 58,
    "RepetitionTime": 1.25,
    "SAR": 0.231341,
    "ScanOptions": "FS",
    "ScanningSequence": "EP",
    "SequenceName": "epfid2d1_128",
    "SequenceVariant": "SK_SS",
    "SeriesDescription": "SEM2",
    "SeriesNumber": 4,
    "ShiftedAquisitionDate": "1818-11-14",
    "ShimSetting": [
      -2685,
      7809,
      -15458,
      -228,
      977,
      -1127,
      -166,
      -1
    ],
    "SliceThickness": 2,
    "SliceTiming": [
      0,
      0.2625,
      0.5275,
      0.79,
      1.0525,
      0.0875,
      0.35,
      0.615,
      0.8775,
      1.1425,
      0.175,
      0.4375,
      0.7025,
      0.965,
      0,
      0.2625,
      0.5275,
      0.79,
      1.0525,
      0.0875,
      0.35,
      0.615,
      0.8775,
      1.1425,
      0.175,
      0.4375,
      0.7025,
      0.965,
      0,
      0.2625,
      0.5275,
      0.79,
      1.0525,
      0.0875,
      0.35,
      0.615,
      0.8775,
      1.1425,
      0.175,
      0.4375,
      0.7025,
      0.965,
      0,
      0.2625,
      0.5275,
      0.79,
      1.0525,
      0.0875,
      0.35,
      0.615,
      0.8775,
      1.1425,
      0.175,
      0.4375,
      0.7025,
      0.965
    ],
    "SoftwareVersions": "syngo_MR_E11",
    "SpacingBetweenSlices": 2,
    "StationName": "AWP45239",
    "TotalReadoutTime": 0.0425448,
    "TxRefAmp": 322.954,
    "WipMemBlock": "4b5e2e8a-d869-4fa1-bd30-a0dd764421f2||Sequence: R016 ve11c/master r/e634e98; Dec 19 2017 11:00:25 by eja",
    "acq_id": "D3S4",
    "dataset": "ds003604",
    "modality": "bold",
    "run_id": 2,
    "session_id": "9",
    "subject_id": "5054",
    "task_id": "Sem"
  },
  "dummy_trs": 0,
  "dvars_nstd": 56.404798471337564,
  "dvars_std": 1.1738290175159238,
  "dvars_vstd": 1.0472816596815293,
  "efc": 0.4309676341138172,
  "fber": 3009.034912109375,
  "fd_mean": 0.28095474386196356,
  "fd_num": 90,
  "fd_perc": 56.962025316455694,
  "fwhm_avg": 3.410918333333333,
  "fwhm_x": 3.15478,
  "fwhm_y": 3.56548,
  "fwhm_z": 3.512495,
  "gcor": 0.00778617,
  "gsr_x": -0.019675489515066147,
  "gsr_y": 0.023343771696090698,
  "provenance": {
    "md5sum": "0c24eac67316937178a45172fd8fe0da",
    "settings": {
      "fd_thres": 0.2,
      "testing": false
    },
    "software": "mriqc",
    "version": "23.0.1",
    "webapi_port": null,
    "webapi_url": "https://mriqc.nimh.nih.gov/api/v1"
  },
  "size_t": 158,
  "size_x": 128,
  "size_y": 128,
  "size_z": 56,
  "snr": 2.2616302381757856,
  "spacing_tr": 1.25,
  "spacing_x": 2.0,
  "spacing_y": 2.0,
  "spacing_z": 2.0,
  "summary_bg_k": 66.88104682870325,
  "summary_bg_mad": 4.025546619481644,
  "summary_bg_mean": 24.043067932128906,
  "summary_bg_median": 11.582279205322266,
  "summary_bg_n": 662262.0,
  "summary_bg_p05": 8.316455841064453,
  "summary_bg_p95": 77.417724609375,
  "summary_bg_stdv": 48.769832611083984,
  "summary_fg_k": 1.0502151084493327,
  "summary_fg_mad": 254.84804620019833,
  "summary_fg_mean": 698.8790893554688,
  "summary_fg_median": 639.7848510742188,
  "summary_fg_n": 151633.0,
  "summary_fg_p05": 359.18988037109375,
  "summary_fg_p95": 1260.3127197265624,
  "summary_fg_stdv": 282.8856506347656,
  "tsnr": 28.803858303115703
}