{
  "aor": 0.005585896226415093,
  "aqi": 0.009068511509433962,
  "bids_meta": {
    "AcquisitionMatrixPE": 128,
    "AcquisitionNumber": 1,
    "AcquisitionTime": "12:05:37.975000",
    "BandwidthPerPixelPhaseEncode": 23.321,
    "BaseResolution": 128,
    "BodyPartExamined": "BRAIN",
    "ConsistencyInfo": "N4_VE11C_LATEST_20160120",
    "ConversionSoftware": "dcm2niix",
    "ConversionSoftwareVersion": "v1.0.20190902",
    "DerivedVendorReportedEchoSpacing": 0.000669997,
    "DeviceSerialNumber": "45239",
    "DwellTime": 2.2e-06,
    "EchoTime": 0.03,
    "EchoTrainLength": 63,
    "EffectiveEchoSpacing": 0.000334999,
    "FlipAngle": 80,
    "ImageComments": "Unaliased_MB4_PE4_LB",
    "ImageOrientationPatientDICOM": [
      1,
      0,
      0,
      0,
      1,
      0
    ],
    "ImageType": [
      "ORIGINAL",
      "PRIMARY",
      "M",
      "MB",
      "ND",
      "MOSAIC"
    ],
    "ImagingFrequency": 123.186,
    "InPlanePhaseEncodingDirectionDICOM": "COL",
    "InstitutionAddress": "E_24th_St._100_Austin_Southmiddle_US_78712",
    "InstitutionName": "The_Univ._of_Texas_at_Austin_IRC",
    "InstitutionalDepartmentName": "IRC",
    "MRAcquisitionType": "2D",
    "MagneticFieldStrength": 3,
    "Manufacturer": "Siemens",
    "ManufacturersModelName": "Skyra",
    "Modality": "MR",
    "MultibandAccelerationFactor": 4,
    "ParallelReductionFactorInPlane": 2,
    "PartialFourier": 1,
    "PatientPosition": "HFS",
    "PercentPhaseFOV": 100,
    "PhaseEncodingDirection": "j-",
    "PhaseEncodingSteps": 127,
    "PhaseResolution": 1,
    "PixelBandwidth": 1775,
    "ProcedureStepDescription": "Booth_Language",
    "ProtocolName": "Plaus2",
    "PulseSequenceDetails": "%CustomerSeq%_cmrr_mbep2d_bold",
    "ReceiveCoilActiveElements": "HC3-6",
    "ReceiveCoilName": "HeadNeck_64",
    "ReconMatrixPE": 128,
    "RefLinesPE": 58,
    "RepetitionTime": 1.25,
    "SAR": 0.234621,
    "ScanOptions": "FS",
    "ScanningSequence": "EP",
    "SequenceName": "epfid2d1_128",
    "SequenceVariant": "SK_SS",
    "SeriesDescription": "Plaus2",
    "SeriesNumber": 8,
    "ShiftedAquisitionDate": "1818-11-14",
    "ShimSetting": [
      -2685,
      7809,
      -15458,
      -228,
      977,
      -1127,
      -166,
      -1
    ],
    "SliceThickness": 2,
    "SliceTiming": [
      0,
      0.2625,
      0.525,
      0.79,
      1.0525,
      0.0875,
      0.35,
      0.615,
      0.8775,
      1.14,
      0.175,
      0.4375,
      0.7025,
      0.965,
      0,
      0.2625,
      0.525,
      0.79,
      1.0525,
      0.0875,
      0.35,
      0.615,
      0.8775,
      1.14,
      0.175,
      0.4375,
      0.7025,
      0.965,
      0,
      0.2625,
      0.525,
      0.79,
      1.0525,
      0.0875,
      0.35,
      0.615,
      0.8775,
      1.14,
      0.175,
      0.4375,
      0.7025,
      0.965,
      0,
      0.2625,
      0.525,
      0.79,
      1.0525,
      0.0875,
      0.35,
      0.615,
      0.8775,
      1.14,
      0.175,
      0.4375,
      0.7025,
      0.965
    ],
    "SoftwareVersions": "syngo_MR_E11",
    "SpacingBetweenSlices": 2,
    "StationName": "AWP45239",
    "TotalReadoutTime": 0.0425448,
    "TxRefAmp": 322.954,
    "WipMemBlock": "abe425ca-408d-4cc5-a7c5-2540fbbaec3b||Sequence: R016 ve11c/master r/e634e98; Dec 19 2017 11:00:25 by eja",
    "acq_id": "D3S8",
    "dataset": "ds003604",
    "modality": "bold",
    "run_id": 2,
    "session_id": "9",
    "subject_id": "5054",
    "task_id": "Plaus"
  },
  "dummy_trs": 0,
  "dvars_nstd": 51.06556945725118,
  "dvars_std": 1.1687166083412315,
  "dvars_vstd": 1.064808763886255,
  "efc": 0.427835128385524,
  "fber": 3116.224853515625,
  "fd_mean": 0.1968504880253575,
  "fd_num": 84,
  "fd_perc": 39.62264150943396,
  "fwhm_avg": 3.386185,
  "fwhm_x": 3.13832,
  "fwhm_y": 3.55664,
  "fwhm_z": 3.463595,
  "gcor": 0.00417874,
  "gsr_x": -0.01946377381682396,
  "gsr_y": 0.021465975791215897,
  "provenance": {
    "md5sum": "82e06c2ad8c4296490ab871d33b00e67",
    "settings": {
      "fd_thres": 0.2,
      "testing": false
    },
    "software": "mriqc",
    "version": "23.0.1",
    "webapi_port": null,
    "webapi_url": "https://mriqc.nimh.nih.gov/api/v1"
  },
  "size_t": 212,
  "size_x": 128,
  "size_y": 128,
  "size_z": 56,
  "snr": 2.2997733598451684,
  "spacing_tr": 1.25,
  "spacing_x": 2.0,
  "spacing_y": 2.0,
  "spacing_z": 2.0,
  "summary_bg_k": 66.80937453567654,
  "summary_bg_mad": 4.258984754891261,
  "summary_bg_mean": 24.615598678588867,
  "summary_bg_median": 11.43396282196045,
  "summary_bg_n": 666776.0,
  "summary_bg_p05": 7.778302192687988,
  "summary_bg_p95": 81.68514060974121,
  "summary_bg_stdv": 51.96827697753906,
  "summary_fg_k": 1.1892434515095802,
  "summary_fg_mad": 249.15408993829476,
  "summary_fg_mean": 696.9608154296875,
  "summary_fg_median": 637.8160400390625,
  "summary_fg_n": 147057.0,
  "summary_fg_p05": 367.4,
  "summary_fg_p95": 1250.1236083984375,
  "summary_fg_stdv": 277.33770751953125,
  "tsnr": 29.806644576368853
}