{
  "bids_meta": {
    "AcquisitionMatrixPE": 256,
    "AcquisitionNumber": 1,
    "AcquisitionTime": "12:32:57.560000",
    "BaseResolution": 256,
    "BodyPartExamined": "BRAIN",
    "ConsistencyInfo": "N4_VE11C_LATEST_20160120",
    "ConversionSoftware": "dcm2niix",
    "ConversionSoftwareVersion": "v1.0.20190902",
    "DeviceSerialNumber": "45239",
    "DwellTime": 1.09e-05,
    "EchoTime": 0.00243,
    "FlipAngle": 9,
    "ImageOrientationPatientDICOM": [
      0,
      1,
      0,
      0,
      0,
      -1
    ],
    "ImageType": [
      "ORIGINAL",
      "PRIMARY",
      "M",
      "ND"
    ],
    "ImagingFrequency": 123.186,
    "InPlanePhaseEncodingDirectionDICOM": "ROW",
    "InstitutionAddress": "E_24th_St._100_Austin_Southmiddle_US_78712",
    "InstitutionName": "The_Univ._of_Texas_at_Austin_IRC",
    "InstitutionalDepartmentName": "IRC",
    "InversionTime": 0.9,
    "MRAcquisitionType": "3D",
    "MagneticFieldStrength": 3,
    "Manufacturer": "Siemens",
    "ManufacturersModelName": "Skyra",
    "Modality": "MR",
    "ParallelReductionFactorInPlane": 2,
    "PartialFourier": 1,
    "PatientPosition": "HFS",
    "PercentPhaseFOV": 100,
    "PhaseEncodingSteps": 255,
    "PhaseResolution": 1,
    "PixelBandwidth": 180,
    "ProcedureStepDescription": "Booth_Language",
    "ProtocolName": "MPRAGE",
    "PulseSequenceDetails": "%SiemensSeq%_tfl",
    "ReceiveCoilActiveElements": "HC1-6",
    "ReceiveCoilName": "HeadNeck_64",
    "ReconMatrixPE": 256,
    "RefLinesPE": 24,
    "RepetitionTime": 1.9,
    "SAR": 0.206935,
    "ScanOptions": "IR",
    "ScanningSequence": "GR_IR",
    "SequenceName": "_tfl3d1_16ns",
    "SequenceVariant": "SK_SP_MP",
    "SeriesDescription": "MPRAGE",
    "SeriesNumber": 2,
    "ShiftedAquisitionDate": "1818-10-12 00:00:00",
    "ShimSetting": [
      -2727,
      7934,
      -15901,
      -500,
      562,
      -716,
      -526,
      132
    ],
    "SliceThickness": 1,
    "SoftwareVersions": "syngo_MR_E11",
    "StationName": "AWP45239",
    "TxRefAmp": 323.336,
    "acq_id": "D1S2",
    "dataset": "ds003604",
    "modality": "T1w",
    "session_id": "9",
    "subject_id": "5163"
  },
  "cjv": 0.4307405827825076,
  "cnr": 3.14184674223399,
  "efc": 0.514650496643831,
  "fber": 18033.03293794726,
  "fwhm_avg": 4.97099,
  "fwhm_x": 5.04711,
  "fwhm_y": 4.62899,
  "fwhm_z": 5.23687,
  "icvs_csf": 0.11672052287376779,
  "icvs_gm": 0.4771117192408942,
  "icvs_wm": 0.40616775788533804,
  "inu_med": 1.0334399342536926,
  "inu_range": 1.066006907820701,
  "provenance": {
    "md5sum": "afa9017ad2e9500bd5d16a76a7892944",
    "settings": {
      "testing": false
    },
    "software": "mriqc",
    "version": "22.0.6",
    "warnings": {
      "large_rot_frame": true,
      "small_air_mask": false
    },
    "webapi_port": null,
    "webapi_url": "https://mriqc.nimh.nih.gov/api/v1"
  },
  "qi_1": 0.0,
  "qi_2": 0.002694035727092832,
  "rpve_csf": 46.14535707842581,
  "rpve_gm": 12.678758281070802,
  "rpve_wm": 15.328479661075328,
  "size_x": 192,
  "size_y": 256,
  "size_z": 256,
  "snr_csf": 2.297028389815448,
  "snr_gm": 17.10667084669723,
  "snr_total": 12.009269862612896,
  "snr_wm": 16.624110351326006,
  "snrd_csf": 16.498616684623737,
  "snrd_gm": 34.11667377086795,
  "snrd_total": 31.824354660389147,
  "snrd_wm": 44.85777352567576,
  "spacing_x": 1.0,
  "spacing_y": 1.0,
  "spacing_z": 1.0,
  "summary_bg_k": 13.527071922401337,
  "summary_bg_mad": 0.0,
  "summary_bg_mean": 8.161780768662487,
  "summary_bg_median": 0.0,
  "summary_bg_n": 2725461.0,
  "summary_bg_p05": 0.0,
  "summary_bg_p95": 37.46610879898071,
  "summary_bg_stdv": 14.6056465555799,
  "summary_csf_k": 17.504375532968144,
  "summary_csf_mad": 110.27242529792477,
  "summary_csf_mean": 383.59706617761475,
  "summary_csf_median": 367.82105825841427,
  "summary_csf_n": 14865.0,
  "summary_csf_p05": 172.22085669636726,
  "summary_csf_p95": 632.5363710522652,
  "summary_csf_stdv": 160.12370053009636,
  "summary_gm_k": 0.10278920176135165,
  "summary_gm_mad": 44.035881519138144,
  "summary_gm_mean": 760.5153931625637,
  "summary_gm_median": 760.5989817529917,
  "summary_gm_n": 67870.0,
  "summary_gm_p05": 687.5770427286625,
  "summary_gm_p95": 833.7441645562649,
  "summary_gm_stdv": 44.4618000309123,
  "summary_wm_k": 0.2428988753388972,
  "summary_wm_mad": 59.11040527568958,
  "summary_wm_mean": 1006.5082852141873,
  "summary_wm_median": 1000.0616442412138,
  "summary_wm_n": 173055.0,
  "summary_wm_p05": 919.7683222591877,
  "summary_wm_p95": 1116.0956621170044,
  "summary_wm_stdv": 60.15712923394447,
  "tpm_overlap_csf": 0.13966576383197896,
  "tpm_overlap_gm": 0.4728289067409898,
  "tpm_overlap_wm": 0.4455735132110402,
  "wm2max": 0.3094034837528189
}