{
  "bids_meta": {
    "AcquisitionMatrixPE": 256,
    "AcquisitionNumber": 1,
    "AcquisitionTime": "15:43:10.992500",
    "BaseResolution": 256,
    "BodyPartExamined": "BRAIN",
    "ConsistencyInfo": "N4_VE11C_LATEST_20160120",
    "ConversionSoftware": "dcm2niix",
    "ConversionSoftwareVersion": "v1.0.20190902",
    "DeviceSerialNumber": "45239",
    "DwellTime": 1.09e-05,
    "EchoTime": 0.00243,
    "FlipAngle": 9,
    "ImageOrientationPatientDICOM": [
      0,
      1,
      0,
      0,
      0,
      -1
    ],
    "ImageType": [
      "ORIGINAL",
      "PRIMARY",
      "M",
      "ND"
    ],
    "ImagingFrequency": 123.186,
    "InPlanePhaseEncodingDirectionDICOM": "ROW",
    "InstitutionAddress": "E_24th_St._100_Austin_Southmiddle_US_78712",
    "InstitutionName": "The_Univ._of_Texas_at_Austin_IRC",
    "InstitutionalDepartmentName": "IRC",
    "InversionTime": 0.9,
    "MRAcquisitionType": "3D",
    "MagneticFieldStrength": 3,
    "Manufacturer": "Siemens",
    "ManufacturersModelName": "Skyra",
    "Modality": "MR",
    "ParallelReductionFactorInPlane": 2,
    "PartialFourier": 1,
    "PatientPosition": "HFS",
    "PercentPhaseFOV": 100,
    "PhaseEncodingSteps": 255,
    "PhaseResolution": 1,
    "PixelBandwidth": 180,
    "ProcedureStepDescription": "Booth_Language",
    "ProtocolName": "MPRAGE",
    "PulseSequenceDetails": "%SiemensSeq%_tfl",
    "ReceiveCoilActiveElements": "HC1-6",
    "ReceiveCoilName": "HeadNeck_64",
    "ReconMatrixPE": 256,
    "RefLinesPE": 24,
    "RepetitionTime": 1.9,
    "SAR": 0.162336,
    "ScanOptions": "IR",
    "ScanningSequence": "GR_IR",
    "SequenceName": "_tfl3d1_16ns",
    "SequenceVariant": "SK_SP_MP",
    "SeriesDescription": "MPRAGE",
    "SeriesNumber": 3,
    "ShiftedAquisitionDate": "1819-04-19 00:00:00",
    "ShimSetting": [
      -2727,
      7934,
      -15901,
      -500,
      562,
      -716,
      -526,
      132
    ],
    "SliceThickness": 1,
    "SoftwareVersions": "syngo_MR_E11",
    "StationName": "AWP45239",
    "TxRefAmp": 336.617,
    "acq_id": "D1S3",
    "dataset": "ds003604",
    "modality": "T1w",
    "session_id": "9",
    "subject_id": "5222"
  },
  "cjv": 0.4480978263742756,
  "cnr": 2.9353031414566395,
  "efc": 0.4996642031217741,
  "fber": -1.0,
  "fwhm_avg": 7.109743333333334,
  "fwhm_x": 7.21193,
  "fwhm_y": 6.73973,
  "fwhm_z": 7.37757,
  "icvs_csf": 0.13739451360790392,
  "icvs_gm": 0.47500286592763996,
  "icvs_wm": 0.38760262046445615,
  "inu_med": 0.9573392868041992,
  "inu_range": 1.4417095065116883,
  "provenance": {
    "md5sum": "b6172fe794f5e13a7a9166a86a43d604",
    "settings": {
      "testing": false
    },
    "software": "mriqc",
    "version": "22.0.6",
    "warnings": {
      "large_rot_frame": true,
      "small_air_mask": false
    },
    "webapi_port": null,
    "webapi_url": "https://mriqc.nimh.nih.gov/api/v1"
  },
  "qi_1": 0.0,
  "qi_2": 0.003109086780010543,
  "rpve_csf": 40.11097052360482,
  "rpve_gm": 13.159561567164179,
  "rpve_wm": 16.984308214766674,
  "size_x": 192,
  "size_y": 256,
  "size_z": 256,
  "snr_csf": 3.374633194364336,
  "snr_gm": 17.353145156047677,
  "snr_total": 12.2758889171095,
  "snr_wm": 16.099888400916488,
  "snrd_csf": 19.672369349380766,
  "snrd_gm": 41.88898200569379,
  "snrd_total": 38.58691209908202,
  "snrd_wm": 54.199384942171505,
  "spacing_x": 1.0,
  "spacing_y": 1.0,
  "spacing_z": 1.0,
  "summary_bg_k": 3.689019049062389,
  "summary_bg_mad": 0.0,
  "summary_bg_mean": 6.216548537536902,
  "summary_bg_median": 0.0,
  "summary_bg_n": 3012648.0,
  "summary_bg_p05": 0.0,
  "summary_bg_p95": 34.11146628856659,
  "summary_bg_stdv": 12.088566213119396,
  "summary_csf_k": 1.8158974378926045,
  "summary_csf_mad": 87.48234566463863,
  "summary_csf_mean": 376.5508107051845,
  "summary_csf_median": 362.99423974752426,
  "summary_csf_n": 18978.0,
  "summary_csf_p05": 225.85925406217575,
  "summary_csf_p95": 580.4246883139012,
  "summary_csf_stdv": 107.562705385031,
  "summary_gm_k": 0.17535972165809932,
  "summary_gm_mad": 43.6773171055568,
  "summary_gm_mean": 772.4473528647611,
  "summary_gm_median": 772.9348156750202,
  "summary_gm_n": 36614.0,
  "summary_gm_p05": 698.0790979862213,
  "summary_gm_p95": 844.4310707747936,
  "summary_gm_stdv": 44.5408744911171,
  "summary_wm_k": 0.6020725297152021,
  "summary_wm_mad": 58.108711353884054,
  "summary_wm_mean": 1008.4462322843664,
  "summary_wm_median": 1000.086170732975,
  "summary_wm_n": 154875.0,
  "summary_wm_p05": 921.6987103223801,
  "summary_wm_p95": 1124.2140063941479,
  "summary_wm_stdv": 62.11738349581546,
  "tpm_overlap_csf": 0.1535424733330065,
  "tpm_overlap_gm": 0.4673890558170064,
  "tpm_overlap_wm": 0.4486158375629019,
  "wm2max": 0.259377583163915
}