{
  "bids_meta": {
    "AcquisitionMatrixPE": 256,
    "AcquisitionNumber": 1,
    "AcquisitionTime": "12:32:1.062500",
    "BaseResolution": 256,
    "BodyPartExamined": "BRAIN",
    "ConsistencyInfo": "N4_VE11A_LATEST_20140830",
    "ConversionSoftware": "dcm2niix",
    "ConversionSoftwareVersion": "v1.0.20190902",
    "DeviceSerialNumber": "45239",
    "DwellTime": 1.09e-05,
    "EchoTime": 0.00243,
    "FlipAngle": 9,
    "ImageOrientationPatientDICOM": [
      0,
      1,
      0,
      0,
      0,
      -1
    ],
    "ImageType": [
      "ORIGINAL",
      "PRIMARY",
      "M",
      "ND"
    ],
    "ImagingFrequency": 123.224,
    "InPlanePhaseEncodingDirectionDICOM": "ROW",
    "InstitutionAddress": "E_24th_St._100_Austin_Southmiddle_US_78712",
    "InstitutionName": "The_Univ._of_Texas_at_Austin_IRC",
    "InstitutionalDepartmentName": "IRC",
    "InversionTime": 0.9,
    "MRAcquisitionType": "3D",
    "MagneticFieldStrength": 3,
    "Manufacturer": "Siemens",
    "ManufacturersModelName": "Skyra",
    "Modality": "MR",
    "ParallelReductionFactorInPlane": 2,
    "PartialFourier": 1,
    "PatientPosition": "HFS",
    "PercentPhaseFOV": 100,
    "PhaseEncodingSteps": 255,
    "PhaseResolution": 1,
    "PixelBandwidth": 180,
    "ProcedureStepDescription": "Booth_Language",
    "ProtocolName": "MPRAGE",
    "PulseSequenceDetails": "%SiemensSeq%_tfl",
    "ReceiveCoilActiveElements": "HC1-6",
    "ReceiveCoilName": "HeadNeck_64",
    "ReconMatrixPE": 256,
    "RefLinesPE": 24,
    "RepetitionTime": 1.9,
    "SAR": 0.238605,
    "ScanOptions": "IR",
    "ScanningSequence": "GR_IR",
    "SequenceName": "_tfl3d1_16ns",
    "SequenceVariant": "SK_SP_MP",
    "SeriesDescription": "MPRAGE",
    "SeriesNumber": 2,
    "ShiftedAquisitionDate": "1816-09-16 00:00:00",
    "ShimSetting": [
      -2851,
      8065,
      -15920,
      -530,
      404,
      -610,
      -324,
      -43
    ],
    "SliceThickness": 1,
    "SoftwareVersions": "syngo_MR_E11",
    "StationName": "AWP45239",
    "TxRefAmp": 341.562,
    "acq_id": "D1S2",
    "dataset": "ds003604",
    "modality": "T1w",
    "session_id": "7",
    "subject_id": "5075"
  },
  "cjv": 0.48735412976065756,
  "cnr": 1.978192634730323,
  "efc": 0.48268982920137216,
  "fber": 1832.7978874272578,
  "fwhm_avg": 4.822753333333332,
  "fwhm_x": 5.11511,
  "fwhm_y": 4.73187,
  "fwhm_z": 4.62128,
  "icvs_csf": 0.11913387603504638,
  "icvs_gm": 0.5338875647621004,
  "icvs_wm": 0.3469785592028532,
  "inu_med": 1.1547514200210571,
  "inu_range": 0.834804058074951,
  "provenance": {
    "md5sum": "ddbdff6540f8837aeb9bcf52583f9781",
    "settings": {
      "testing": false
    },
    "software": "mriqc",
    "version": "21.0.0rc2",
    "warnings": {
      "large_rot_frame": true,
      "small_air_mask": false
    },
    "webapi_port": null,
    "webapi_url": "https://mriqc.nimh.nih.gov/api/v1"
  },
  "qi_1": 0.0009278065943482901,
  "qi_2": 0.0020177525473268525,
  "rpve_csf": 44.470934050914664,
  "rpve_gm": 10.81582748018638,
  "rpve_wm": 15.581497101676328,
  "size_x": 192,
  "size_y": 256,
  "size_z": 256,
  "snr_csf": 0.5824408342916665,
  "snr_gm": 10.197756909313577,
  "snr_total": 6.135756537582085,
  "snr_wm": 7.627071869141011,
  "snrd_csf": 67.43336622191269,
  "snrd_gm": 58.64709250662233,
  "snrd_total": 69.7352671718835,
  "snrd_wm": 83.12534278711549,
  "spacing_x": 1.0,
  "spacing_y": 1.0,
  "spacing_z": 1.0,
  "summary_bg_k": 18.70401844589168,
  "summary_bg_mad": 7.88130734739426,
  "summary_bg_mean": 16.838605171753667,
  "summary_bg_median": 12.980590872466564,
  "summary_bg_n": 2202708.0,
  "summary_bg_p05": 2.472493499517441,
  "summary_bg_p95": 38.69452326744795,
  "summary_bg_stdv": 13.51886601710403,
  "summary_csf_k": 0.6035158240136989,
  "summary_csf_mad": 776.0338443922627,
  "summary_csf_mean": 1440.5132797052936,
  "summary_csf_median": 811.2251171916723,
  "summary_csf_n": 17255.0,
  "summary_csf_p05": 266.99221054539083,
  "summary_csf_p95": 4497.416225752234,
  "summary_csf_stdv": 1392.7622552078083,
  "summary_gm_k": 1.4321015720659407,
  "summary_gm_mad": 60.85102417057894,
  "summary_gm_mean": 703.6137735986263,
  "summary_gm_median": 705.5260200873017,
  "summary_gm_n": 116904.0,
  "summary_gm_p05": 584.6396316621453,
  "summary_gm_p95": 810.7120747905213,
  "summary_gm_stdv": 69.18413615960006,
  "summary_wm_k": 2.9308384582182674,
  "summary_wm_mad": 82.6620840389491,
  "summary_wm_mean": 1038.4579570117605,
  "summary_wm_median": 999.9999958798289,
  "summary_wm_n": 83506.0,
  "summary_wm_p05": 899.6167597994208,
  "summary_wm_p95": 1317.9626599177718,
  "summary_wm_stdv": 131.11112959537968,
  "tpm_overlap_csf": 0.13842974603176117,
  "tpm_overlap_gm": 0.44756704568862915,
  "tpm_overlap_wm": 0.36451560258865356,
  "wm2max": 0.17893426912998983
}