{
  "aor": 0.004456392405063291,
  "aqi": 0.008865747341772152,
  "bids_meta": {
    "AcquisitionMatrixPE": 128,
    "AcquisitionNumber": 1,
    "AcquisitionTime": "12:49:23.237500",
    "BandwidthPerPixelPhaseEncode": 22.645,
    "BaseResolution": 128,
    "BodyPartExamined": "BRAIN",
    "ConsistencyInfo": "N4_VD13A_LATEST_20120616",
    "ConversionSoftware": "dcm2niix",
    "ConversionSoftwareVersion": "v1.0.20190902",
    "DerivedVendorReportedEchoSpacing": 0.000689998,
    "DeviceSerialNumber": "45239",
    "DwellTime": 2.2e-06,
    "EchoTime": 0.03,
    "EchoTrainLength": 63,
    "EffectiveEchoSpacing": 0.000344999,
    "FlipAngle": 80,
    "ImageComments": "Unaliased_MB4_PE4",
    "ImageOrientationPatientDICOM": [
      0.999967,
      -0.000187887,
      -0.00807493,
      0.000231384,
      0.999985,
      0.00538607
    ],
    "ImageType": [
      "ORIGINAL",
      "PRIMARY",
      "M",
      "MB",
      "ND",
      "MOSAIC"
    ],
    "ImagingFrequency": 123.224,
    "InPlanePhaseEncodingDirectionDICOM": "COL",
    "InstitutionAddress": "E_24th_St._100_Austin_Southmiddle_US_78712",
    "InstitutionName": "The_Univ._of_Texas_at_Austin_IRC",
    "InstitutionalDepartmentName": "IRC",
    "MRAcquisitionType": "2D",
    "MagneticFieldStrength": 3,
    "Manufacturer": "Siemens",
    "ManufacturersModelName": "Skyra",
    "Modality": "MR",
    "MultibandAccelerationFactor": 4,
    "ParallelReductionFactorInPlane": 2,
    "PartialFourier": 1,
    "PatientPosition": "HFS",
    "PercentPhaseFOV": 100,
    "PhaseEncodingDirection": "j-",
    "PhaseEncodingSteps": 127,
    "PhaseResolution": 1,
    "PixelBandwidth": 1775,
    "ProcedureStepDescription": "Booth_Language",
    "ProtocolName": "SEM2",
    "PulseSequenceDetails": "%CustomerSeq%_cmrr_mbep2d_bold",
    "ReceiveCoilActiveElements": "HC3-6",
    "ReceiveCoilName": "HeadNeck_64",
    "ReconMatrixPE": 128,
    "RefLinesPE": 100,
    "RepetitionTime": 1.25,
    "SAR": 0.215471,
    "ScanOptions": "FS",
    "ScanningSequence": "EP",
    "SequenceName": "epfid2d1_128",
    "SequenceVariant": "SK_SS",
    "SeriesDescription": "SEM2",
    "SeriesNumber": 5,
    "ShiftedAquisitionDate": "1815-08-31",
    "ShimSetting": [
      -2853,
      7940,
      -15555,
      -866,
      7,
      -488,
      200,
      40
    ],
    "SliceThickness": 2,
    "SliceTiming": [
      0,
      0.2625,
      0.5275,
      0.79,
      1.0525,
      0.0875,
      0.35,
      0.615,
      0.8775,
      1.1425,
      0.175,
      0.44,
      0.7025,
      0.965,
      0,
      0.2625,
      0.5275,
      0.79,
      1.0525,
      0.0875,
      0.35,
      0.615,
      0.8775,
      1.1425,
      0.175,
      0.44,
      0.7025,
      0.965,
      0,
      0.2625,
      0.5275,
      0.79,
      1.0525,
      0.0875,
      0.35,
      0.615,
      0.8775,
      1.1425,
      0.175,
      0.44,
      0.7025,
      0.965,
      0,
      0.2625,
      0.5275,
      0.79,
      1.0525,
      0.0875,
      0.35,
      0.615,
      0.8775,
      1.1425,
      0.175,
      0.44,
      0.7025,
      0.965
    ],
    "SoftwareVersions": "syngo_MR_D13",
    "SpacingBetweenSlices": 2,
    "StationName": "AWP45239",
    "TotalReadoutTime": 0.0438149,
    "TxRefAmp": 322.576,
    "WipMemBlock": "89d125af-e9b2-47ff-9bb9-35e1e0ae99f4||Sequence: vd13a/R012 r/b64934c; Jul  9 2015 19:58:09 by eja",
    "acq_id": "D2S5",
    "dataset": "ds003604",
    "modality": "bold",
    "run_id": 2,
    "session_id": "5",
    "subject_id": "5102",
    "task_id": "Sem"
  },
  "dummy_trs": 0,
  "dvars_nstd": 59.580753302675156,
  "dvars_std": 1.1892281182802549,
  "dvars_vstd": 1.056483718407644,
  "efc": 0.42233505011467504,
  "fber": 1433.2353515625,
  "fd_mean": 0.25099263263822735,
  "fd_num": 87,
  "fd_perc": 55.063291139240505,
  "fwhm_avg": 3.7636249999999998,
  "fwhm_x": 3.509915,
  "fwhm_y": 3.747435,
  "fwhm_z": 4.033525,
  "gcor": 0.0202457,
  "gsr_x": -0.01973351091146469,
  "gsr_y": 0.01641380600631237,
  "provenance": {
    "md5sum": "bca7da0c08e84b4458ec74ec9b38d333",
    "settings": {
      "fd_thres": 0.2,
      "testing": false
    },
    "software": "mriqc",
    "version": "23.0.1",
    "webapi_port": null,
    "webapi_url": "https://mriqc.nimh.nih.gov/api/v1"
  },
  "size_t": 158,
  "size_x": 128,
  "size_y": 128,
  "size_z": 56,
  "snr": 1.9981324935772757,
  "spacing_tr": 1.25,
  "spacing_x": 2.0,
  "spacing_y": 2.0,
  "spacing_z": 2.0,
  "summary_bg_k": 67.02308168621846,
  "summary_bg_mad": 37.9541733885389,
  "summary_bg_mean": 314.99505615234375,
  "summary_bg_median": 191.0052032470703,
  "summary_bg_n": 677893.0,
  "summary_bg_p05": 159.8222625732422,
  "summary_bg_p95": 760.4946166992189,
  "summary_bg_stdv": 498.2808532714844,
  "summary_fg_k": 2.707766763445127,
  "summary_fg_mad": 2784.704132249927,
  "summary_fg_mean": 8209.720703125,
  "summary_fg_median": 7256.8125,
  "summary_fg_n": 139377.0,
  "summary_fg_p05": 4338.19384765625,
  "summary_fg_p95": 15670.104101562492,
  "summary_fg_stdv": 3631.784423828125,
  "tsnr": 28.261882781982422
}