{
  "bids_meta": {
    "AcquisitionMatrixPE": 256,
    "AcquisitionNumber": 1,
    "AcquisitionTime": "14:33:3.232500",
    "BaseResolution": 256,
    "BodyPartExamined": "BRAIN",
    "ConsistencyInfo": "N4_VE11A_LATEST_20140830",
    "ConversionSoftware": "dcm2niix",
    "ConversionSoftwareVersion": "v1.0.20190902",
    "DeviceSerialNumber": "45239",
    "DwellTime": 1.09e-05,
    "EchoTime": 0.00243,
    "FlipAngle": 9,
    "ImageOrientationPatientDICOM": [
      0,
      1,
      0,
      0,
      0,
      -1
    ],
    "ImageType": [
      "ORIGINAL",
      "PRIMARY",
      "M",
      "ND"
    ],
    "ImagingFrequency": 123.225,
    "InPlanePhaseEncodingDirectionDICOM": "ROW",
    "InstitutionAddress": "E_24th_St._100_Austin_Southmiddle_US_78712",
    "InstitutionName": "The_Univ._of_Texas_at_Austin_IRC",
    "InstitutionalDepartmentName": "IRC",
    "InversionTime": 0.9,
    "MRAcquisitionType": "3D",
    "MagneticFieldStrength": 3,
    "Manufacturer": "Siemens",
    "ManufacturersModelName": "Skyra",
    "Modality": "MR",
    "ParallelReductionFactorInPlane": 2,
    "PartialFourier": 1,
    "PatientPosition": "HFS",
    "PercentPhaseFOV": 100,
    "PhaseEncodingSteps": 255,
    "PhaseResolution": 1,
    "PixelBandwidth": 180,
    "ProcedureStepDescription": "Booth_Language",
    "ProtocolName": "MPRAGE",
    "PulseSequenceDetails": "%SiemensSeq%_tfl",
    "ReceiveCoilActiveElements": "HC1-6",
    "ReceiveCoilName": "HeadNeck_64",
    "ReconMatrixPE": 256,
    "RefLinesPE": 24,
    "RepetitionTime": 1.9,
    "SAR": 0.217216,
    "ScanOptions": "IR",
    "ScanningSequence": "GR_IR",
    "SequenceName": "_tfl3d1_16ns",
    "SequenceVariant": "SK_SP_MP",
    "SeriesDescription": "MPRAGE",
    "SeriesNumber": 2,
    "ShiftedAquisitionDate": "1817-09-24 00:00:00",
    "ShimSetting": [
      -2849,
      8055,
      -15936,
      -670,
      286,
      -583,
      -301,
      11
    ],
    "SliceThickness": 1,
    "SoftwareVersions": "syngo_MR_E11",
    "StationName": "AWP45239",
    "TxRefAmp": 370.708,
    "acq_id": "D1S2",
    "dataset": "ds003604",
    "modality": "T1w",
    "session_id": "7",
    "subject_id": "5448"
  },
  "cjv": 0.47042746404319197,
  "cnr": 2.6972639348959278,
  "efc": 0.5159119571374845,
  "fber": 3328.8141407163357,
  "fwhm_avg": 5.300316666666666,
  "fwhm_x": 5.63687,
  "fwhm_y": 4.70448,
  "fwhm_z": 5.5596,
  "icvs_csf": 0.11211645100564407,
  "icvs_gm": 0.4822715332163374,
  "icvs_wm": 0.40561201577801853,
  "inu_med": 0.9936926364898682,
  "inu_range": 1.1443529844284055,
  "provenance": {
    "md5sum": "47e52719699e9dc72b420cdd015d9214",
    "settings": {
      "testing": false
    },
    "software": "mriqc",
    "version": "22.0.6",
    "warnings": {
      "large_rot_frame": true,
      "small_air_mask": false
    },
    "webapi_port": null,
    "webapi_url": "https://mriqc.nimh.nih.gov/api/v1"
  },
  "qi_1": 0.0032724496722261595,
  "qi_2": 0.0020581266995558004,
  "rpve_csf": 52.14083845184578,
  "rpve_gm": 13.404798636358732,
  "rpve_wm": 16.264848892048974,
  "size_x": 192,
  "size_y": 256,
  "size_z": 256,
  "snr_csf": 2.4255987607939513,
  "snr_gm": 15.166264392681729,
  "snr_total": 10.944404824817852,
  "snr_wm": 15.24135132097787,
  "snrd_csf": 7.333991290307362,
  "snrd_gm": 14.67094521090772,
  "snrd_total": 13.775243318992446,
  "snrd_wm": 19.320793455762256,
  "spacing_x": 1.0,
  "spacing_y": 1.0,
  "spacing_z": 1.0,
  "summary_bg_k": 22.289895445298562,
  "summary_bg_mad": 0.0,
  "summary_bg_mean": 19.297063003929967,
  "summary_bg_median": 0.0,
  "summary_bg_n": 2499470.0,
  "summary_bg_p05": 0.0,
  "summary_bg_p95": 82.34933173656464,
  "summary_bg_stdv": 33.9109584120638,
  "summary_csf_k": 21.006812208935518,
  "summary_csf_mad": 109.81396430133299,
  "summary_csf_mean": 392.7983627486025,
  "summary_csf_median": 379.61968475580215,
  "summary_csf_n": 15047.0,
  "summary_csf_p05": 189.20410706996918,
  "summary_csf_p95": 613.2264901578426,
  "summary_csf_stdv": 156.50035620804258,
  "summary_gm_k": 0.047283284573115036,
  "summary_gm_mad": 49.56406670329315,
  "summary_gm_mean": 759.9306982347534,
  "summary_gm_median": 759.3927202224731,
  "summary_gm_n": 55551.0,
  "summary_gm_p05": 677.7334666848183,
  "summary_gm_p95": 842.892182290554,
  "summary_gm_stdv": 50.070727071274305,
  "summary_wm_k": 0.2872486188076313,
  "summary_wm_mad": 63.66026916019304,
  "summary_wm_mean": 1007.2547236059627,
  "summary_wm_median": 1000.0766609311104,
  "summary_wm_n": 142328.0,
  "summary_wm_p05": 912.5134050250053,
  "summary_wm_p95": 1127.1277248859406,
  "summary_wm_stdv": 65.61577950551877,
  "tpm_overlap_csf": 0.1419003305695971,
  "tpm_overlap_gm": 0.47121402109529525,
  "tpm_overlap_wm": 0.43889135290588055,
  "wm2max": 0.2544749958708501
}