{
  "bids_meta": {
    "AcquisitionMatrixPE": 256,
    "AcquisitionNumber": 1,
    "AcquisitionTime": "15:31:34.285000",
    "BaseResolution": 256,
    "BodyPartExamined": "BRAIN",
    "ConsistencyInfo": "N4_VE11C_LATEST_20160120",
    "ConversionSoftware": "dcm2niix",
    "ConversionSoftwareVersion": "v1.0.20190902",
    "DeviceSerialNumber": "45239",
    "DwellTime": 1.09e-05,
    "EchoTime": 0.00243,
    "FlipAngle": 9,
    "ImageOrientationPatientDICOM": [
      0,
      1,
      0,
      0,
      0,
      -1
    ],
    "ImageType": [
      "ORIGINAL",
      "PRIMARY",
      "M",
      "ND"
    ],
    "ImagingFrequency": 123.172,
    "InPlanePhaseEncodingDirectionDICOM": "ROW",
    "InstitutionAddress": "E_24th_St._100_Austin_Southmiddle_US_78712",
    "InstitutionName": "The_Univ._of_Texas_at_Austin_IRC",
    "InstitutionalDepartmentName": "IRC",
    "InversionTime": 0.9,
    "MRAcquisitionType": "3D",
    "MagneticFieldStrength": 3,
    "Manufacturer": "Siemens",
    "ManufacturersModelName": "Skyra",
    "Modality": "MR",
    "ParallelReductionFactorInPlane": 2,
    "PartialFourier": 1,
    "PatientPosition": "HFS",
    "PercentPhaseFOV": 100,
    "PhaseEncodingSteps": 255,
    "PhaseResolution": 1,
    "PixelBandwidth": 180,
    "ProcedureStepDescription": "Booth_Language",
    "ProtocolName": "MPRAGE",
    "PulseSequenceDetails": "%SiemensSeq%_tfl",
    "ReceiveCoilActiveElements": "HC1-6",
    "ReceiveCoilName": "HeadNeck_64",
    "ReconMatrixPE": 256,
    "RefLinesPE": 24,
    "RepetitionTime": 1.9,
    "SAR": 0.123141,
    "ScanOptions": "IR",
    "ScanningSequence": "GR_IR",
    "SequenceName": "_tfl3d1_16ns",
    "SequenceVariant": "SK_SP_MP",
    "SeriesDescription": "MPRAGE",
    "SeriesNumber": 11,
    "ShiftedAquisitionDate": "1818-02-08 00:00:00",
    "ShimSetting": [
      -2751,
      8072,
      -15888,
      -462,
      637,
      -681,
      -484,
      -138
    ],
    "SliceThickness": 1,
    "SoftwareVersions": "syngo_MR_E11",
    "StationName": "AWP45239",
    "TxRefAmp": 326.742,
    "acq_id": "D1S11",
    "dataset": "ds003604",
    "modality": "T1w",
    "session_id": "9",
    "subject_id": "5147"
  },
  "cjv": 0.5678633324225425,
  "cnr": 2.3162785929516243,
  "efc": 0.4835399171217607,
  "fber": 1373.3351338488994,
  "fwhm_avg": 4.55651,
  "fwhm_x": 4.64986,
  "fwhm_y": 4.36162,
  "fwhm_z": 4.65805,
  "icvs_csf": 0.14615766733004984,
  "icvs_gm": 0.4581438579757938,
  "icvs_wm": 0.39569847469415637,
  "inu_med": 1.2163257598876953,
  "inu_range": 0.8052239954471586,
  "provenance": {
    "md5sum": "6fd283ed3371388acdf0207db8390523",
    "settings": {
      "testing": false
    },
    "software": "mriqc",
    "version": "21.0.0rc2",
    "warnings": {
      "large_rot_frame": true,
      "small_air_mask": false
    },
    "webapi_port": null,
    "webapi_url": "https://mriqc.nimh.nih.gov/api/v1"
  },
  "qi_1": 0.00014369784394938805,
  "qi_2": 0.0013265561475831135,
  "rpve_csf": 41.37812710621258,
  "rpve_gm": 13.767607612097901,
  "rpve_wm": 16.908173016881417,
  "size_x": 192,
  "size_y": 256,
  "size_z": 256,
  "snr_csf": 1.626263699947226,
  "snr_gm": 14.157240747553415,
  "snr_total": 9.441551774003036,
  "snr_wm": 12.541150874508466,
  "snrd_csf": 22.703143684257356,
  "snrd_gm": 40.959133833357626,
  "snrd_total": 38.965940391167265,
  "snrd_wm": 53.235543655886815,
  "spacing_x": 1.0,
  "spacing_y": 1.0,
  "spacing_z": 1.0,
  "summary_bg_k": 13.703908455727586,
  "summary_bg_mad": 12.306371403473108,
  "summary_bg_mean": 24.402559606339373,
  "summary_bg_median": 16.707459688186646,
  "summary_bg_n": 3206577.0,
  "summary_bg_p05": 2.7668404579162598,
  "summary_bg_p95": 72.25710272789001,
  "summary_bg_stdv": 24.503898862884338,
  "summary_csf_k": 13.997760184574595,
  "summary_csf_mad": 121.17042612650444,
  "summary_csf_mean": 484.27915417600207,
  "summary_csf_median": 426.4658898115158,
  "summary_csf_n": 10706.0,
  "summary_csf_p05": 270.3788420557976,
  "summary_csf_p95": 976.6680774092674,
  "summary_csf_stdv": 262.2243687884835,
  "summary_gm_k": 0.0027951187323838056,
  "summary_gm_mad": 54.11647937681123,
  "summary_gm_mean": 768.1769356313126,
  "summary_gm_median": 769.3944811820984,
  "summary_gm_n": 46565.0,
  "summary_gm_p05": 676.3860750198364,
  "summary_gm_p95": 854.9537014961243,
  "summary_gm_stdv": 54.345774953365506,
  "summary_wm_k": 0.5161612732074334,
  "summary_wm_mad": 76.8359342755308,
  "summary_wm_mean": 1011.0193047635079,
  "summary_wm_median": 999.9999916553497,
  "summary_wm_n": 119529.0,
  "summary_wm_p05": 900.0106341838838,
  "summary_wm_p95": 1157.071396112442,
  "summary_wm_stdv": 79.7371643613651,
  "tpm_overlap_csf": 0.1386503130197525,
  "tpm_overlap_gm": 0.4354141652584076,
  "tpm_overlap_wm": 0.3986337184906006,
  "wm2max": 0.2329014098986822
}