{
  "bids_meta": {
    "AcquisitionMatrixPE": 256,
    "AcquisitionNumber": 1,
    "AcquisitionTime": "15:05:1.342500",
    "BaseResolution": 256,
    "BodyPartExamined": "BRAIN",
    "ConsistencyInfo": "N4_VE11C_LATEST_20160120",
    "ConversionSoftware": "dcm2niix",
    "ConversionSoftwareVersion": "v1.0.20190902",
    "DeviceSerialNumber": "45239",
    "DwellTime": 1.09e-05,
    "EchoTime": 0.00243,
    "FlipAngle": 9,
    "ImageOrientationPatientDICOM": [
      0,
      1,
      0,
      0,
      0,
      -1
    ],
    "ImageType": [
      "ORIGINAL",
      "PRIMARY",
      "M",
      "ND"
    ],
    "ImagingFrequency": 123.172,
    "InPlanePhaseEncodingDirectionDICOM": "ROW",
    "InstitutionAddress": "E_24th_St._100_Austin_Southmiddle_US_78712",
    "InstitutionName": "The_Univ._of_Texas_at_Austin_IRC",
    "InstitutionalDepartmentName": "IRC",
    "InversionTime": 0.9,
    "MRAcquisitionType": "3D",
    "MagneticFieldStrength": 3,
    "Manufacturer": "Siemens",
    "ManufacturersModelName": "Skyra",
    "Modality": "MR",
    "ParallelReductionFactorInPlane": 2,
    "PartialFourier": 1,
    "PatientPosition": "HFS",
    "PercentPhaseFOV": 100,
    "PhaseEncodingSteps": 255,
    "PhaseResolution": 1,
    "PixelBandwidth": 180,
    "ProcedureStepDescription": "Booth_Language",
    "ProtocolName": "MPRAGE",
    "PulseSequenceDetails": "%SiemensSeq%_tfl",
    "ReceiveCoilActiveElements": "HC1-6",
    "ReceiveCoilName": "HeadNeck_64",
    "ReconMatrixPE": 256,
    "RefLinesPE": 24,
    "RepetitionTime": 1.9,
    "SAR": 0.123141,
    "ScanOptions": "IR",
    "ScanningSequence": "GR_IR",
    "SequenceName": "_tfl3d1_16ns",
    "SequenceVariant": "SK_SP_MP",
    "SeriesDescription": "MPRAGE",
    "SeriesNumber": 2,
    "ShiftedAquisitionDate": "1818-02-08 00:00:00",
    "ShimSetting": [
      -2751,
      8072,
      -15888,
      -462,
      637,
      -681,
      -484,
      -138
    ],
    "SliceThickness": 1,
    "SoftwareVersions": "syngo_MR_E11",
    "StationName": "AWP45239",
    "TxRefAmp": 326.742,
    "acq_id": "D1S2",
    "dataset": "ds003604",
    "modality": "T1w",
    "session_id": "9",
    "subject_id": "5147"
  },
  "cjv": 0.5718514548963018,
  "cnr": 2.381111064672683,
  "efc": 0.4776929849900843,
  "fber": 1824.311229914934,
  "fwhm_avg": 4.7007,
  "fwhm_x": 4.7164,
  "fwhm_y": 4.60457,
  "fwhm_z": 4.78113,
  "icvs_csf": 0.13794251340220123,
  "icvs_gm": 0.4629714233109239,
  "icvs_wm": 0.3990860632868749,
  "inu_med": 1.576241135597229,
  "inu_range": 1.0935103416442866,
  "provenance": {
    "md5sum": "c08b73e93de87833a01bdbfb4d1a0a0f",
    "settings": {
      "testing": false
    },
    "software": "mriqc",
    "version": "21.0.0rc2",
    "warnings": {
      "large_rot_frame": true,
      "small_air_mask": false
    },
    "webapi_port": null,
    "webapi_url": "https://mriqc.nimh.nih.gov/api/v1"
  },
  "qi_1": 0.0005976884052832767,
  "qi_2": 0.0017165068965160756,
  "rpve_csf": 43.66751609675834,
  "rpve_gm": 13.70704862369908,
  "rpve_wm": 16.845190502723785,
  "size_x": 192,
  "size_y": 256,
  "size_z": 256,
  "snr_csf": 1.3884368054552851,
  "snr_gm": 13.475176020118353,
  "snr_total": 9.46797010155626,
  "snr_wm": 13.540297479095143,
  "snrd_csf": 22.78772673020943,
  "snrd_gm": 42.10191926811153,
  "snrd_total": 39.864538145852386,
  "snrd_wm": 54.703968439236185,
  "spacing_x": 1.0,
  "spacing_y": 1.0,
  "spacing_z": 1.0,
  "summary_bg_k": 18.285408990221885,
  "summary_bg_mad": 11.976030129707377,
  "summary_bg_mean": 23.84171325923941,
  "summary_bg_median": 16.155419141054153,
  "summary_bg_n": 3640890.0,
  "summary_bg_p05": 2.658486694097519,
  "summary_bg_p95": 72.29038818180561,
  "summary_bg_stdv": 25.374293665509253,
  "summary_csf_k": 8.478148796938093,
  "summary_csf_mad": 127.9464484743421,
  "summary_csf_mean": 498.1531458212816,
  "summary_csf_median": 416.5644150674343,
  "summary_csf_n": 9886.0,
  "summary_csf_p05": 263.52249355241656,
  "summary_csf_p95": 1318.3026518076658,
  "summary_csf_stdv": 300.0088621228351,
  "summary_gm_k": -0.05549044241392487,
  "summary_gm_mad": 58.06100683136614,
  "summary_gm_mean": 768.7210341554056,
  "summary_gm_median": 769.6318979412317,
  "summary_gm_n": 52947.0,
  "summary_gm_p05": 674.0286264419556,
  "summary_gm_p95": 860.736191958189,
  "summary_gm_stdv": 57.114254300770604,
  "summary_wm_k": 0.1319017705842671,
  "summary_wm_mad": 73.675324595415,
  "summary_wm_mean": 1005.2788565422281,
  "summary_wm_median": 999.9999949336052,
  "summary_wm_n": 121041.0,
  "summary_wm_p05": 894.6830220520496,
  "summary_wm_p95": 1135.3783173561096,
  "summary_wm_stdv": 73.85331567768621,
  "tpm_overlap_csf": 0.1432788074016571,
  "tpm_overlap_gm": 0.440088152885437,
  "tpm_overlap_wm": 0.40162840485572815,
  "wm2max": 0.23622877713600643
}