{
  "aor": 0.004749303797468353,
  "aqi": 0.009711995949367088,
  "bids_meta": {
    "AcquisitionMatrixPE": 128,
    "AcquisitionNumber": 1,
    "AcquisitionTime": "10:55:24.590000",
    "BandwidthPerPixelPhaseEncode": 23.321,
    "BaseResolution": 128,
    "BodyPartExamined": "BRAIN",
    "ConsistencyInfo": "N4_VE11A_LATEST_20140830",
    "ConversionSoftware": "dcm2niix",
    "ConversionSoftwareVersion": "v1.0.20190902",
    "DerivedVendorReportedEchoSpacing": 0.000669997,
    "DeviceSerialNumber": "45239",
    "DwellTime": 2.2e-06,
    "EchoTime": 0.03,
    "EchoTrainLength": 63,
    "EffectiveEchoSpacing": 0.000334999,
    "FlipAngle": 80,
    "ImageComments": "Unaliased_MB4_PE4_LB",
    "ImageOrientationPatientDICOM": [
      1,
      0,
      0,
      0,
      1,
      0
    ],
    "ImageType": [
      "ORIGINAL",
      "PRIMARY",
      "M",
      "MB",
      "ND",
      "MOSAIC"
    ],
    "ImagingFrequency": 123.224,
    "InPlanePhaseEncodingDirectionDICOM": "COL",
    "InstitutionAddress": "E_24th_St._100_Austin_Southmiddle_US_78712",
    "InstitutionName": "The_Univ._of_Texas_at_Austin_IRC",
    "InstitutionalDepartmentName": "IRC",
    "MRAcquisitionType": "2D",
    "MagneticFieldStrength": 3,
    "Manufacturer": "Siemens",
    "ManufacturersModelName": "Skyra",
    "Modality": "MR",
    "MultibandAccelerationFactor": 4,
    "ParallelReductionFactorInPlane": 2,
    "PartialFourier": 1,
    "PatientPosition": "HFS",
    "PercentPhaseFOV": 100,
    "PhaseEncodingDirection": "j-",
    "PhaseEncodingSteps": 127,
    "PhaseResolution": 1,
    "PixelBandwidth": 1775,
    "ProcedureStepDescription": "Booth_Language",
    "ProtocolName": "SEM2",
    "PulseSequenceDetails": "%CustomerSeq%_cmrr_mbep2d_bold",
    "ReceiveCoilActiveElements": "HC1-6",
    "ReceiveCoilName": "HeadNeck_64",
    "ReconMatrixPE": 128,
    "RefLinesPE": 58,
    "RepetitionTime": 1.25,
    "SAR": 0.357763,
    "ScanOptions": "FS",
    "ScanningSequence": "EP",
    "SequenceName": "epfid2d1_128",
    "SequenceVariant": "SK_SS",
    "SeriesDescription": "SEM2",
    "SeriesNumber": 9,
    "ShiftedAquisitionDate": "1815-11-18",
    "ShimSetting": [
      -2878,
      7996,
      -15581,
      -819,
      -710,
      489,
      -284,
      80
    ],
    "SliceThickness": 2,
    "SliceTiming": [
      0,
      0.265,
      0.5275,
      0.79,
      1.055,
      0.0875,
      0.3525,
      0.615,
      0.88,
      1.1425,
      0.175,
      0.44,
      0.7025,
      0.9675,
      0,
      0.265,
      0.5275,
      0.79,
      1.055,
      0.0875,
      0.3525,
      0.615,
      0.88,
      1.1425,
      0.175,
      0.44,
      0.7025,
      0.9675,
      0,
      0.265,
      0.5275,
      0.79,
      1.055,
      0.0875,
      0.3525,
      0.615,
      0.88,
      1.1425,
      0.175,
      0.44,
      0.7025,
      0.9675,
      0,
      0.265,
      0.5275,
      0.79,
      1.055,
      0.0875,
      0.3525,
      0.615,
      0.88,
      1.1425,
      0.175,
      0.44,
      0.7025,
      0.9675
    ],
    "SoftwareVersions": "syngo_MR_E11",
    "SpacingBetweenSlices": 2,
    "StationName": "AWP45239",
    "TotalReadoutTime": 0.0425448,
    "TxRefAmp": 353.429,
    "WipMemBlock": "f7ef7672-a428-4607-a285-4e50ba8cd1ca||Sequence: ve11a/master r/3765ccc; Dec 14 2015 15:37:15 by eja",
    "acq_id": "D2S9",
    "dataset": "ds003604",
    "modality": "bold",
    "run_id": 2,
    "session_id": "5",
    "subject_id": "5159",
    "task_id": "Sem"
  },
  "dummy_trs": 0,
  "dvars_nstd": 49.984333329554126,
  "dvars_std": 1.0892282202547774,
  "dvars_vstd": 1.044478393821656,
  "efc": 0.4129350081527529,
  "fber": 1565.7879638671875,
  "fd_mean": 0.31509371876799686,
  "fd_num": 95,
  "fd_perc": 60.12658227848101,
  "fwhm_avg": 3.89481,
  "fwhm_x": 3.51259,
  "fwhm_y": 3.84105,
  "fwhm_z": 4.33079,
  "gcor": 0.0128139,
  "gsr_x": -0.019486352801322937,
  "gsr_y": 0.01663772016763687,
  "provenance": {
    "md5sum": "51211e1881520dba455d2349a873db57",
    "settings": {
      "fd_thres": 0.2,
      "testing": false
    },
    "software": "mriqc",
    "version": "23.0.1",
    "webapi_port": null,
    "webapi_url": "https://mriqc.nimh.nih.gov/api/v1"
  },
  "size_t": 158,
  "size_x": 128,
  "size_y": 128,
  "size_z": 56,
  "snr": 1.9582589045946255,
  "spacing_tr": 1.25,
  "spacing_x": 2.0,
  "spacing_y": 2.0,
  "spacing_z": 2.0,
  "summary_bg_k": 90.12507321978009,
  "summary_bg_mad": 2.589862496962095,
  "summary_bg_mean": 25.115827560424805,
  "summary_bg_median": 15.322785377502441,
  "summary_bg_n": 683211.0,
  "summary_bg_p05": 12.86708927154541,
  "summary_bg_p95": 62.5379753112793,
  "summary_bg_stdv": 42.70796585083008,
  "summary_fg_k": 3.3952341910952715,
  "summary_fg_mad": 237.14124754870394,
  "summary_fg_mean": 690.8993530273438,
  "summary_fg_median": 610.1012573242188,
  "summary_fg_n": 135377.0,
  "summary_fg_p05": 354.56329345703125,
  "summary_fg_p95": 1310.4367187499997,
  "summary_fg_stdv": 311.5517578125,
  "tsnr": 27.029728898545727
}