{
  "bids_meta": {
    "AcquisitionMatrixPE": 256,
    "AcquisitionNumber": 1,
    "AcquisitionTime": "11:55:37.190000",
    "BaseResolution": 256,
    "BodyPartExamined": "BRAIN",
    "ConsistencyInfo": "N4_VE11A_LATEST_20140830",
    "ConversionSoftware": "dcm2niix",
    "ConversionSoftwareVersion": "v1.0.20190902",
    "DeviceSerialNumber": "45239",
    "DwellTime": 1.09e-05,
    "EchoTime": 0.00243,
    "FlipAngle": 9,
    "ImageOrientationPatientDICOM": [
      0,
      1,
      0,
      0,
      0,
      -1
    ],
    "ImageType": [
      "ORIGINAL",
      "PRIMARY",
      "M",
      "ND"
    ],
    "ImagingFrequency": 123.224,
    "InPlanePhaseEncodingDirectionDICOM": "ROW",
    "InstitutionAddress": "E_24th_St._100_Austin_Southmiddle_US_78712",
    "InstitutionName": "The_Univ._of_Texas_at_Austin_IRC",
    "InstitutionalDepartmentName": "IRC",
    "InversionTime": 0.9,
    "MRAcquisitionType": "3D",
    "MagneticFieldStrength": 3,
    "Manufacturer": "Siemens",
    "ManufacturersModelName": "Skyra",
    "Modality": "MR",
    "ParallelReductionFactorInPlane": 2,
    "PartialFourier": 1,
    "PatientPosition": "HFS",
    "PercentPhaseFOV": 100,
    "PhaseEncodingSteps": 255,
    "PhaseResolution": 1,
    "PixelBandwidth": 180,
    "ProcedureStepDescription": "Booth_Language",
    "ProtocolName": "MPRAGE",
    "PulseSequenceDetails": "%SiemensSeq%_tfl",
    "ReceiveCoilActiveElements": "HC1-6",
    "ReceiveCoilName": "HeadNeck_64",
    "ReconMatrixPE": 256,
    "RefLinesPE": 24,
    "RepetitionTime": 1.9,
    "SAR": 0.255266,
    "ScanOptions": "IR",
    "ScanningSequence": "GR_IR",
    "SequenceName": "_tfl3d1_16ns",
    "SequenceVariant": "SK_SP_MP",
    "SeriesDescription": "MPRAGE",
    "SeriesNumber": 14,
    "ShiftedAquisitionDate": "1816-04-22 00:00:00",
    "ShimSetting": [
      -2849,
      8022,
      -16018,
      -1233,
      -75,
      -527,
      -219,
      169
    ],
    "SliceThickness": 1,
    "SoftwareVersions": "syngo_MR_E11",
    "StationName": "AWP45239",
    "TxRefAmp": 326.034,
    "acq_id": "D1S14",
    "dataset": "ds003604",
    "modality": "T1w",
    "session_id": "7",
    "subject_id": "5290"
  },
  "cjv": 0.39378095453459294,
  "cnr": 3.4438674860634633,
  "efc": 0.5189527387983014,
  "fber": -1.0,
  "fwhm_avg": 6.221946666666667,
  "fwhm_x": 6.56136,
  "fwhm_y": 5.67918,
  "fwhm_z": 6.4253,
  "icvs_csf": 0.12132186179607636,
  "icvs_gm": 0.4935344984751451,
  "icvs_wm": 0.3851436397287786,
  "inu_med": 0.9565016031265259,
  "inu_range": 1.3519810318946832,
  "provenance": {
    "md5sum": "e15fe8ba240b50cb13814b5fc3bef6bb",
    "settings": {
      "testing": false
    },
    "software": "mriqc",
    "version": "22.0.6",
    "warnings": {
      "large_rot_frame": true,
      "small_air_mask": false
    },
    "webapi_port": null,
    "webapi_url": "https://mriqc.nimh.nih.gov/api/v1"
  },
  "qi_1": 1.2879677693221104e-05,
  "qi_2": 0.004077235508213292,
  "rpve_csf": 42.558275517623315,
  "rpve_gm": 12.261487397572866,
  "rpve_wm": 16.099060416898034,
  "size_x": 192,
  "size_y": 256,
  "size_z": 256,
  "snr_csf": 2.791788482009735,
  "snr_gm": 17.189902588937034,
  "snr_total": 12.712401532831882,
  "snr_wm": 18.15551352754887,
  "snrd_csf": 23.80185333520966,
  "snrd_gm": 53.545367543668775,
  "snrd_total": 49.41407939081187,
  "snrd_wm": 70.89501729355717,
  "spacing_x": 1.0,
  "spacing_y": 1.0,
  "spacing_z": 1.0,
  "summary_bg_k": 20.322155496979153,
  "summary_bg_mad": 0.0,
  "summary_bg_mean": 5.249060039516636,
  "summary_bg_median": 0.0,
  "summary_bg_n": 2581736.0,
  "summary_bg_p05": 0.0,
  "summary_bg_p95": 20.7984109967947,
  "summary_bg_stdv": 9.241511048557296,
  "summary_csf_k": 5.1750091537690235,
  "summary_csf_mad": 94.53234651624057,
  "summary_csf_mean": 350.5250646339806,
  "summary_csf_median": 335.7546467781067,
  "summary_csf_n": 16343.0,
  "summary_csf_p05": 181.9767835006118,
  "summary_csf_p95": 567.5482809767126,
  "summary_csf_stdv": 120.26139396320688,
  "summary_gm_k": 0.0443377076938547,
  "summary_gm_mad": 44.090549154118044,
  "summary_gm_mean": 755.0885133107754,
  "summary_gm_median": 755.3237856328487,
  "summary_gm_n": 67687.0,
  "summary_gm_p05": 682.8087287843227,
  "summary_gm_p95": 826.4543512418865,
  "summary_gm_stdv": 43.939644344739534,
  "summary_wm_k": 0.7175704594569998,
  "summary_wm_mad": 52.282738871689034,
  "summary_wm_mean": 1003.8902649852716,
  "summary_wm_median": 1000.062102496624,
  "summary_wm_n": 172643.0,
  "summary_wm_p05": 921.8973280340433,
  "summary_wm_p95": 1100.701577797532,
  "summary_wm_stdv": 55.08294792351869,
  "tpm_overlap_csf": 0.14930341530611782,
  "tpm_overlap_gm": 0.47738379163382677,
  "tpm_overlap_wm": 0.45635223967901495,
  "wm2max": 0.331089180529505
}