{
  "bids_meta": {
    "AcquisitionMatrixPE": 256,
    "AcquisitionNumber": 1,
    "AcquisitionTime": "12:29:49.725000",
    "BaseResolution": 256,
    "BodyPartExamined": "BRAIN",
    "ConsistencyInfo": "N4_VE11C_LATEST_20160120",
    "ConversionSoftware": "dcm2niix",
    "ConversionSoftwareVersion": "v1.0.20190902",
    "DeviceSerialNumber": "45239",
    "DwellTime": 1.09e-05,
    "EchoTime": 0.00243,
    "FlipAngle": 9,
    "ImageOrientationPatientDICOM": [
      0,
      1,
      0,
      0,
      0,
      -1
    ],
    "ImageType": [
      "ORIGINAL",
      "PRIMARY",
      "M",
      "ND"
    ],
    "ImagingFrequency": 123.172,
    "InPlanePhaseEncodingDirectionDICOM": "ROW",
    "InstitutionAddress": "E_24th_St._100_Austin_Southmiddle_US_78712",
    "InstitutionName": "The_Univ._of_Texas_at_Austin_IRC",
    "InstitutionalDepartmentName": "IRC",
    "InversionTime": 0.9,
    "MRAcquisitionType": "3D",
    "MagneticFieldStrength": 3,
    "Manufacturer": "Siemens",
    "ManufacturersModelName": "Skyra",
    "Modality": "MR",
    "ParallelReductionFactorInPlane": 2,
    "PartialFourier": 1,
    "PatientPosition": "HFS",
    "PercentPhaseFOV": 100,
    "PhaseEncodingSteps": 255,
    "PhaseResolution": 1,
    "PixelBandwidth": 180,
    "ProcedureStepDescription": "Booth_Language",
    "ProtocolName": "MPRAGE",
    "PulseSequenceDetails": "%SiemensSeq%_tfl",
    "ReceiveCoilActiveElements": "HC1-6",
    "ReceiveCoilName": "HeadNeck_64",
    "ReconMatrixPE": 256,
    "RefLinesPE": 24,
    "RepetitionTime": 1.9,
    "SAR": 0.177867,
    "ScanOptions": "IR",
    "ScanningSequence": "GR_IR",
    "SequenceName": "_tfl3d1_16ns",
    "SequenceVariant": "SK_SP_MP",
    "SeriesDescription": "MPRAGE",
    "SeriesNumber": 3,
    "ShiftedAquisitionDate": "1817-12-02 00:00:00",
    "ShimSetting": [
      -2751,
      8072,
      -15888,
      -462,
      637,
      -681,
      -484,
      -138
    ],
    "SliceThickness": 1,
    "SoftwareVersions": "syngo_MR_E11",
    "StationName": "AWP45239",
    "TxRefAmp": 352.149,
    "acq_id": "D1S3",
    "dataset": "ds003604",
    "modality": "T1w",
    "session_id": "7",
    "subject_id": "5259"
  },
  "cjv": 0.47214899501309204,
  "cnr": 2.9448762453339596,
  "efc": 0.4942553970465601,
  "fber": -1.0,
  "fwhm_avg": 6.727679999999999,
  "fwhm_x": 7.15156,
  "fwhm_y": 6.03847,
  "fwhm_z": 6.99301,
  "icvs_csf": 0.11432979265684011,
  "icvs_gm": 0.46649480398486204,
  "icvs_wm": 0.4191754033582979,
  "inu_med": 0.9431876540184021,
  "inu_range": 1.5065998792648325,
  "provenance": {
    "md5sum": "9feb170433713c36ac93161c7d006149",
    "settings": {
      "testing": false
    },
    "software": "mriqc",
    "version": "22.0.6",
    "warnings": {
      "large_rot_frame": true,
      "small_air_mask": false
    },
    "webapi_port": null,
    "webapi_url": "https://mriqc.nimh.nih.gov/api/v1"
  },
  "qi_1": 9.046744528981247e-06,
  "qi_2": 0.002052639859451621,
  "rpve_csf": 56.49944824542044,
  "rpve_gm": 14.910251523476644,
  "rpve_wm": 17.304224441759793,
  "size_x": 192,
  "size_y": 256,
  "size_z": 256,
  "snr_csf": 1.354606925270715,
  "snr_gm": 15.511196174681519,
  "snr_total": 10.798489466801295,
  "snr_wm": 15.529665300451654,
  "snrd_csf": 22.414716779097695,
  "snrd_gm": 43.09334676242092,
  "snrd_total": 40.75213355946546,
  "snrd_wm": 56.748337136877765,
  "spacing_x": 1.0,
  "spacing_y": 1.0,
  "spacing_z": 1.0,
  "summary_bg_k": 7.888205378968264,
  "summary_bg_mad": 0.0,
  "summary_bg_mean": 6.096686351587984,
  "summary_bg_median": 0.0,
  "summary_bg_n": 2871860.0,
  "summary_bg_p05": 0.0,
  "summary_bg_p95": 26.917702317237854,
  "summary_bg_stdv": 11.54544102308196,
  "summary_csf_k": 11.885646104672006,
  "summary_csf_mad": 137.498079679403,
  "summary_csf_mean": 466.0926959112975,
  "summary_csf_median": 395.0136042237282,
  "summary_csf_n": 19595.0,
  "summary_csf_p05": 210.98036239743234,
  "summary_csf_p95": 1201.985726916789,
  "summary_csf_stdv": 291.6001072172582,
  "summary_gm_k": 0.07858978746684242,
  "summary_gm_mad": 48.3042421078315,
  "summary_gm_mean": 760.0242797687677,
  "summary_gm_median": 759.4322243928909,
  "summary_gm_n": 51418.0,
  "summary_gm_p05": 680.1500301361084,
  "summary_gm_p95": 841.2149702310562,
  "summary_gm_stdv": 48.95978562309199,
  "summary_wm_k": -0.16257186486259423,
  "summary_wm_mad": 65.31431382074733,
  "summary_wm_mean": 1008.0995711345971,
  "summary_wm_median": 1000.0735412836075,
  "summary_wm_n": 144749.0,
  "summary_wm_p05": 915.2754244208336,
  "summary_wm_p95": 1125.6894854307175,
  "summary_wm_stdv": 64.3974011944242,
  "tpm_overlap_csf": 0.12737338002522328,
  "tpm_overlap_gm": 0.4681127029072828,
  "tpm_overlap_wm": 0.4491639590485215,
  "wm2max": 0.28380283992556177
}