{
  "bids_meta": {
    "AcquisitionMatrixPE": 256,
    "AcquisitionNumber": 1,
    "AcquisitionTime": "09:08:52.790000",
    "BaseResolution": 256,
    "BodyPartExamined": "BRAIN",
    "ConsistencyInfo": "N4_VE11C_LATEST_20160120",
    "ConversionSoftware": "dcm2niix",
    "ConversionSoftwareVersion": "v1.0.20190902",
    "DeviceSerialNumber": "45239",
    "DwellTime": 1.09e-05,
    "EchoTime": 0.00243,
    "FlipAngle": 9,
    "ImageOrientationPatientDICOM": [
      0,
      1,
      0,
      0,
      0,
      -1
    ],
    "ImageType": [
      "ORIGINAL",
      "PRIMARY",
      "M",
      "ND"
    ],
    "ImagingFrequency": 123.172,
    "InPlanePhaseEncodingDirectionDICOM": "ROW",
    "InstitutionAddress": "E_24th_St._100_Austin_Southmiddle_US_78712",
    "InstitutionName": "The_Univ._of_Texas_at_Austin_IRC",
    "InstitutionalDepartmentName": "IRC",
    "InversionTime": 0.9,
    "MRAcquisitionType": "3D",
    "MagneticFieldStrength": 3,
    "Manufacturer": "Siemens",
    "ManufacturersModelName": "Skyra",
    "Modality": "MR",
    "ParallelReductionFactorInPlane": 2,
    "PartialFourier": 1,
    "PatientPosition": "HFS",
    "PercentPhaseFOV": 100,
    "PhaseEncodingSteps": 255,
    "PhaseResolution": 1,
    "PixelBandwidth": 180,
    "ProcedureStepDescription": "Booth_Language",
    "ProtocolName": "MPRAGE",
    "PulseSequenceDetails": "%SiemensSeq%_tfl",
    "ReceiveCoilActiveElements": "HC1-6",
    "ReceiveCoilName": "HeadNeck_64",
    "ReconMatrixPE": 256,
    "RefLinesPE": 24,
    "RepetitionTime": 1.9,
    "SAR": 0.241783,
    "ScanOptions": "IR",
    "ScanningSequence": "GR_IR",
    "SequenceName": "_tfl3d1_16ns",
    "SequenceVariant": "SK_SP_MP",
    "SeriesDescription": "MPRAGE",
    "SeriesNumber": 2,
    "ShiftedAquisitionDate": "1817-06-16 00:00:00",
    "ShimSetting": [
      -2751,
      8072,
      -15888,
      -462,
      637,
      -681,
      -484,
      -138
    ],
    "SliceThickness": 1,
    "SoftwareVersions": "syngo_MR_E11",
    "StationName": "AWP45239",
    "TxRefAmp": 318.504,
    "acq_id": "D1S2",
    "dataset": "ds003604",
    "modality": "T1w",
    "session_id": "7",
    "subject_id": "5304"
  },
  "cjv": 0.4454844979368969,
  "cnr": 2.9911531763870878,
  "efc": 0.5138157440757644,
  "fber": -1.0,
  "fwhm_avg": 5.64058,
  "fwhm_x": 5.77171,
  "fwhm_y": 5.21023,
  "fwhm_z": 5.9398,
  "icvs_csf": 0.14682110416380328,
  "icvs_gm": 0.45888562074278,
  "icvs_wm": 0.3942932750934167,
  "inu_med": 0.9406089782714844,
  "inu_range": 1.2535967826843262,
  "provenance": {
    "md5sum": "bcb87d8765809f553ea4e956523a3e08",
    "settings": {
      "testing": false
    },
    "software": "mriqc",
    "version": "22.0.6",
    "warnings": {
      "large_rot_frame": true,
      "small_air_mask": false
    },
    "webapi_port": null,
    "webapi_url": "https://mriqc.nimh.nih.gov/api/v1"
  },
  "qi_1": 0.0,
  "qi_2": 0.0058016389998340545,
  "rpve_csf": 42.22417303142043,
  "rpve_gm": 14.952747172108321,
  "rpve_wm": 18.526361723033446,
  "size_x": 192,
  "size_y": 256,
  "size_z": 256,
  "snr_csf": 2.8030228023644583,
  "snr_gm": 17.316180025052653,
  "snr_total": 11.97153339122121,
  "snr_wm": 15.795397346246519,
  "snrd_csf": 23.907502310495,
  "snrd_gm": 52.424054610947856,
  "snrd_total": 48.2239078023556,
  "snrd_wm": 68.34016648562393,
  "spacing_x": 1.0,
  "spacing_y": 1.0,
  "spacing_z": 1.0,
  "summary_bg_k": 5.178173346516065,
  "summary_bg_mad": 0.0,
  "summary_bg_mean": 5.827448534508832,
  "summary_bg_median": 0.0,
  "summary_bg_n": 2152687.0,
  "summary_bg_p05": 0.0,
  "summary_bg_p95": 21.723576426506042,
  "summary_bg_stdv": 9.587026485047627,
  "summary_csf_k": 9.14409578692868,
  "summary_csf_mad": 96.23655017546774,
  "summary_csf_mean": 359.72627244686646,
  "summary_csf_median": 349.85364550352097,
  "summary_csf_n": 13405.0,
  "summary_csf_p05": 172.12357082366944,
  "summary_csf_p95": 571.9414421081542,
  "summary_csf_stdv": 124.8083303474038,
  "summary_gm_k": 0.2527755808066092,
  "summary_gm_mad": 42.91108700208732,
  "summary_gm_mean": 767.3480902728037,
  "summary_gm_median": 767.1544429659843,
  "summary_gm_n": 36961.0,
  "summary_gm_p05": 694.1137952804565,
  "summary_gm_p95": 839.8698874115944,
  "summary_gm_stdv": 44.302153471210865,
  "summary_wm_k": 0.35802817035152357,
  "summary_wm_mad": 60.846957074869884,
  "summary_wm_mean": 1008.3117252448465,
  "summary_wm_median": 1000.0650033950806,
  "summary_wm_n": 143888.0,
  "summary_wm_p05": 919.6747624874115,
  "summary_wm_p95": 1126.8292263150215,
  "summary_wm_stdv": 63.31347710451013,
  "tpm_overlap_csf": 0.1423169840662682,
  "tpm_overlap_gm": 0.4723540870453593,
  "tpm_overlap_wm": 0.44887149506011254,
  "wm2max": 0.3294763006771235
}