{
  "bids_meta": {
    "AcquisitionMatrixPE": 256,
    "AcquisitionNumber": 1,
    "AcquisitionTime": "11:15:25.665000",
    "BaseResolution": 256,
    "BodyPartExamined": "BRAIN",
    "ConsistencyInfo": "N4_VE11C_LATEST_20160120",
    "ConversionSoftware": "dcm2niix",
    "ConversionSoftwareVersion": "v1.0.20190902",
    "DeviceSerialNumber": "45239",
    "DwellTime": 1.09e-05,
    "EchoTime": 0.00243,
    "FlipAngle": 9,
    "ImageOrientationPatientDICOM": [
      0,
      1,
      0,
      0,
      0,
      -1
    ],
    "ImageType": [
      "ORIGINAL",
      "PRIMARY",
      "M",
      "ND"
    ],
    "ImagingFrequency": 123.186,
    "InPlanePhaseEncodingDirectionDICOM": "ROW",
    "InstitutionAddress": "E_24th_St._100_Austin_Southmiddle_US_78712",
    "InstitutionName": "The_Univ._of_Texas_at_Austin_IRC",
    "InstitutionalDepartmentName": "IRC",
    "InversionTime": 0.9,
    "MRAcquisitionType": "3D",
    "MagneticFieldStrength": 3,
    "Manufacturer": "Siemens",
    "ManufacturersModelName": "Skyra",
    "Modality": "MR",
    "ParallelReductionFactorInPlane": 2,
    "PartialFourier": 1,
    "PatientPosition": "HFS",
    "PercentPhaseFOV": 100,
    "PhaseEncodingSteps": 255,
    "PhaseResolution": 1,
    "PixelBandwidth": 180,
    "ProcedureStepDescription": "Booth_Language",
    "ProtocolName": "MPRAGE",
    "PulseSequenceDetails": "%SiemensSeq%_tfl",
    "ReceiveCoilActiveElements": "HC1-6",
    "ReceiveCoilName": "HeadNeck_64",
    "ReconMatrixPE": 256,
    "RefLinesPE": 24,
    "RepetitionTime": 1.9,
    "SAR": 0.187707,
    "ScanOptions": "IR",
    "ScanningSequence": "GR_IR",
    "SequenceName": "_tfl3d1_16ns",
    "SequenceVariant": "SK_SP_MP",
    "SeriesDescription": "MPRAGE",
    "SeriesNumber": 2,
    "ShiftedAquisitionDate": "1819-04-18 00:00:00",
    "ShimSetting": [
      -2727,
      7934,
      -15901,
      -500,
      562,
      -716,
      -526,
      132
    ],
    "SliceThickness": 1,
    "SoftwareVersions": "syngo_MR_E11",
    "StationName": "AWP45239",
    "TxRefAmp": 326.849,
    "acq_id": "D1S2",
    "dataset": "ds003604",
    "modality": "T1w",
    "session_id": "9",
    "subject_id": "5091"
  },
  "cjv": 0.4951363713449227,
  "cnr": 2.697779338629238,
  "efc": 0.5452335385219553,
  "fber": 1652.0673249128097,
  "fwhm_avg": 4.118293333333333,
  "fwhm_x": 4.01812,
  "fwhm_y": 4.53427,
  "fwhm_z": 3.80249,
  "icvs_csf": 0.1264769169787448,
  "icvs_gm": 0.49209100972185177,
  "icvs_wm": 0.38143207329940343,
  "inu_med": 1.5871156454086304,
  "inu_range": 1.1554382681846618,
  "provenance": {
    "md5sum": "ba86343a554e12a8b764f2f6718f67e4",
    "settings": {
      "testing": false
    },
    "software": "mriqc",
    "version": "21.0.0rc2",
    "warnings": {
      "large_rot_frame": true,
      "small_air_mask": false
    },
    "webapi_port": null,
    "webapi_url": "https://mriqc.nimh.nih.gov/api/v1"
  },
  "qi_1": 0.00020033107345824151,
  "qi_2": 0.003420734275612626,
  "rpve_csf": 52.66695636475088,
  "rpve_gm": 13.441212910793295,
  "rpve_wm": 17.127080998961993,
  "size_x": 192,
  "size_y": 256,
  "size_z": 256,
  "snr_csf": 1.2745269525903504,
  "snr_gm": 12.294242221242486,
  "snr_total": 9.27655347748769,
  "snr_wm": 14.260891258630238,
  "snrd_csf": 63.27393054330287,
  "snrd_gm": 57.51104272975057,
  "snrd_total": 65.91540755603226,
  "snrd_wm": 76.96124939504335,
  "spacing_x": 1.0,
  "spacing_y": 1.0,
  "spacing_z": 1.0,
  "summary_bg_k": 14.092718496560185,
  "summary_bg_mad": 8.513363357204152,
  "summary_bg_mean": 16.77580531283225,
  "summary_bg_median": 14.164034932851791,
  "summary_bg_n": 1185467.0,
  "summary_bg_p05": 2.8710881620645523,
  "summary_bg_p95": 38.85539312660694,
  "summary_bg_stdv": 12.824045101283556,
  "summary_csf_k": 1.2525278699672677,
  "summary_csf_mad": 628.9247180134568,
  "summary_csf_mean": 989.3884546913816,
  "summary_csf_median": 822.23179814592,
  "summary_csf_n": 17082.0,
  "summary_csf_p05": 300.2201188132167,
  "summary_csf_p95": 2269.882300928235,
  "summary_csf_stdv": 645.1081547732562,
  "summary_gm_k": -0.00391299733125372,
  "summary_gm_mad": 60.87054800400969,
  "summary_gm_mean": 748.4054641823293,
  "summary_gm_median": 747.344248585403,
  "summary_gm_n": 92056.0,
  "summary_gm_p05": 650.2057657688856,
  "summary_gm_p95": 850.6077194809914,
  "summary_gm_stdv": 60.78782050514482,
  "summary_wm_k": 1.195793336072299,
  "summary_wm_mad": 64.27589334689135,
  "summary_wm_mean": 1006.4524348300807,
  "summary_wm_median": 1000.095709785819,
  "summary_wm_n": 88508.0,
  "summary_wm_p05": 904.1056622341275,
  "summary_wm_p95": 1129.3903800174594,
  "summary_wm_stdv": 70.1281597261393,
  "tpm_overlap_csf": 0.10902965068817139,
  "tpm_overlap_gm": 0.44456401467323303,
  "tpm_overlap_wm": 0.3848118185997009,
  "wm2max": 0.29652044746835354
}