{
  "aor": 0.026932911392405067,
  "aqi": 0.033107141455696196,
  "bids_meta": {
    "AcquisitionMatrixPE": 128,
    "AcquisitionNumber": 1,
    "AcquisitionTime": "14:23:52.630000",
    "BandwidthPerPixelPhaseEncode": 23.321,
    "BaseResolution": 128,
    "BodyPartExamined": "BRAIN",
    "ConsistencyInfo": "N4_VE11A_LATEST_20140830",
    "ConversionSoftware": "dcm2niix",
    "ConversionSoftwareVersion": "v1.0.20190902",
    "DerivedVendorReportedEchoSpacing": 0.000669997,
    "DeviceSerialNumber": "45239",
    "DwellTime": 2.2e-06,
    "EchoTime": 0.03,
    "EchoTrainLength": 63,
    "EffectiveEchoSpacing": 0.000334999,
    "FlipAngle": 80,
    "ImageComments": "Unaliased_MB4_PE4_LB",
    "ImageOrientationPatientDICOM": [
      1,
      0,
      0,
      0,
      1,
      0
    ],
    "ImageType": [
      "ORIGINAL",
      "PRIMARY",
      "M",
      "MB",
      "ND",
      "MOSAIC"
    ],
    "ImagingFrequency": 123.224,
    "InPlanePhaseEncodingDirectionDICOM": "COL",
    "InstitutionAddress": "E_24th_St._100_Austin_Southmiddle_US_78712",
    "InstitutionName": "The_Univ._of_Texas_at_Austin_IRC",
    "InstitutionalDepartmentName": "IRC",
    "Instructions": "In this game you will hear two words one after the other. I want you to answer the question 'Do the two words have any of the same sounds?' For example, some words rhyme, like 'cat, hat', so you would say 'yes', because they have the same sound, 'at'. Other words start with the same sound, like 'fit, feed', so you would say 'yes', because they have the same sound, 'f'. If the two words do not have any of the same sounds, like 'luck, sit', you would say 'no' because they do not have any of the same sounds. Now we will try it on the computer. You will hear the two words, and you have to decide “do the two words have any of the same sounds?” If the answer is 'yes', please press the button under your index finger. If the answer is 'no', press the button under your middle finger. When you hear the shhh sound, press the button under your index finger for 'yes'. You will see a blue circle appear on the screen. When the circle changes to yellow, that is a reminder to go ahead and give your answer. If you aren’t sure, you can just take your best guess.",
    "MRAcquisitionType": "2D",
    "MagneticFieldStrength": 3,
    "Manufacturer": "Siemens",
    "ManufacturersModelName": "Skyra",
    "Modality": "MR",
    "MultibandAccelerationFactor": 4,
    "ParallelReductionFactorInPlane": 2,
    "PartialFourier": 1,
    "PatientPosition": "HFS",
    "PercentPhaseFOV": 100,
    "PhaseEncodingDirection": "j-",
    "PhaseEncodingSteps": 127,
    "PhaseResolution": 1,
    "PixelBandwidth": 1775,
    "ProcedureStepDescription": "Booth_Language",
    "ProtocolName": "Phon1",
    "PulseSequenceDetails": "%CustomerSeq%_cmrr_mbep2d_bold",
    "ReceiveCoilActiveElements": "HC1-6",
    "ReceiveCoilName": "HeadNeck_64",
    "ReconMatrixPE": 128,
    "RefLinesPE": 58,
    "RepetitionTime": 1.25,
    "SAR": 0.329748,
    "ScanOptions": "FS",
    "ScanningSequence": "EP",
    "SequenceName": "epfid2d1_128",
    "SequenceVariant": "SK_SS",
    "SeriesDescription": "Phon1",
    "SeriesNumber": 9,
    "ShiftedAquisitionDate": "1815-05-13",
    "ShimSetting": [
      -2859,
      8012,
      -15383,
      -1012,
      33,
      -26,
      45,
      -197
    ],
    "SliceThickness": 2,
    "SliceTiming": [
      0,
      0.2625,
      0.5275,
      0.79,
      1.055,
      0.0875,
      0.35,
      0.615,
      0.8775,
      1.1425,
      0.175,
      0.44,
      0.7025,
      0.965,
      0,
      0.2625,
      0.5275,
      0.79,
      1.055,
      0.0875,
      0.35,
      0.615,
      0.8775,
      1.1425,
      0.175,
      0.44,
      0.7025,
      0.965,
      0,
      0.2625,
      0.5275,
      0.79,
      1.055,
      0.0875,
      0.35,
      0.615,
      0.8775,
      1.1425,
      0.175,
      0.44,
      0.7025,
      0.965,
      0,
      0.2625,
      0.5275,
      0.79,
      1.055,
      0.0875,
      0.35,
      0.615,
      0.8775,
      1.1425,
      0.175,
      0.44,
      0.7025,
      0.965
    ],
    "SoftwareVersions": "syngo_MR_E11",
    "SpacingBetweenSlices": 2,
    "StationName": "AWP45239",
    "TaskDescription": "Participants were presented through earphones with two sequentially presented one-syllable words. The task included three different experimental conditions: two related conditions in which the two words share the rhyme (P_R) or the onset (P_O), and one unrelated condition in which the two words do not share any of the sounds (P_U). The three word-conditions were designed according to the following standards. For the rhyme condition, the word pairs shared the same vowel and final phoneme/cluster (corresponding to 2-3 letters at the end of its written form, e.g., WIDE – RIDE). For the onset condition, the word pairs only shared the same initial phoneme (corresponding to one letter of its written form, e.g., COAT - CUP). For the non-match condition, there were no shared phonemes (or letters of its written form, e.g., ZIP - CONE). Stimuli were controlled so that there were no significant differences between conditions in phonotactic frequency, written word frequency, part of speech, or phonological and orthographic consistency. Neither irregular forms nor inflected forms of words were used. In addition to the three experimental conditions, the task included a perceptual/motor control condition (P_C) in which participants heard two sequentially presented frequency modulated noise sounds and were asked to press ‘yes’ whenever they heard the “sh-shh” sound. Participants completed two runs of the task with 12 trials per condition per run for a total of 24 stimuli for each of the four conditions. The task included a total number of 96 trials divided into two separate 48 trials runs titled task-Phon_run-01 and task-Phon_run-02. Stimuli duration ranged between 1490 and 1865 ms and was followed by jittered response interval between 1500 and 2736 ms. A blue circle appeared simultaneous to the auditory presentation of the stimuli, to help maintain attention in the task. The blue circle changed to yellow to provide an approximately 1000 ms warning for the participants to respond, if they hadn’t already, before moving on to the next trial. Total trial duration ranged from 3000 – 4530 ms. All the individual words were recorded by a single voice in a sound booth, and the duration of each word was controlled (using Praat software) to be in the range of 439 to 706 ms.  Responses were recorded in two windows. Window 1 consisted of the first 750ms of the trial and window 2 begins after window 1 until the end of the trial. Word pairs were combined into one stimuli file, adding a pause after the first word so that the second word began approximately 1000ms after the onset of the first word.",
    "TaskName": "Sound Task",
    "TotalReadoutTime": 0.0425448,
    "TxRefAmp": 336.4,
    "WipMemBlock": "9aca2f5b-68b6-489a-93ab-9056ca5adabd||Sequence: ve11a/master r/3765ccc; Dec 14 2015 15:37:15 by eja",
    "acq_id": "D1S9",
    "dataset": "ds003604",
    "modality": "bold",
    "run_id": 1,
    "session_id": "7",
    "subject_id": "5200",
    "task_id": "Phon"
  },
  "dummy_trs": 0,
  "dvars_nstd": 92.36799563286625,
  "dvars_std": 1.124021379235669,
  "dvars_vstd": 1.0943156392356688,
  "efc": 0.43201523094109523,
  "fber": 1918.6702880859375,
  "fd_mean": 1.1502445977379985,
  "fd_num": 130,
  "fd_perc": 82.27848101265823,
  "fwhm_avg": 3.976568333333333,
  "fwhm_x": 3.706375,
  "fwhm_y": 4.152405,
  "fwhm_z": 4.070925,
  "gcor": 0.133486,
  "gsr_x": -0.010806776583194733,
  "gsr_y": 0.005124717950820923,
  "provenance": {
    "md5sum": "44078030cb3e642876d9ac6aa980ce86",
    "settings": {
      "fd_thres": 0.2,
      "testing": false
    },
    "software": "mriqc",
    "version": "22.0.6",
    "webapi_port": null,
    "webapi_url": "https://mriqc.nimh.nih.gov/api/v1"
  },
  "size_t": 158,
  "size_x": 128,
  "size_y": 128,
  "size_z": 56,
  "snr": 2.003484972732147,
  "spacing_tr": 1.25,
  "spacing_x": 2.0,
  "spacing_y": 2.0,
  "spacing_z": 2.0,
  "summary_bg_k": 47.109859473823875,
  "summary_bg_mad": 4.128765582299167,
  "summary_bg_mean": 30.260251998901367,
  "summary_bg_median": 17.01898765563965,
  "summary_bg_n": 656005.0,
  "summary_bg_p05": 11.829113960266113,
  "summary_bg_p95": 97.01772308349565,
  "summary_bg_stdv": 51.0004768371582,
  "summary_fg_k": 1.7094841328449188,
  "summary_fg_mad": 322.11876910258036,
  "summary_fg_mean": 837.2381591796875,
  "summary_fg_median": 755.3734130859375,
  "summary_fg_n": 152774.0,
  "summary_fg_p05": 402.8291320800781,
  "summary_fg_p95": 1598.5149169921876,
  "summary_fg_stdv": 377.02850341796875,
  "tsnr": 13.260979822603986
}