{
  "aor": 0.0019415131578947367,
  "aqi": 0.01091607394736842,
  "bids_meta": {
    "AcquisitionMatrixPE": 128,
    "AcquisitionNumber": 1,
    "AcquisitionTime": "10:17:6.755000",
    "BandwidthPerPixelPhaseEncode": 22.645,
    "BaseResolution": 128,
    "BodyPartExamined": "BRAIN",
    "ConsistencyInfo": "N4_VD13A_LATEST_20120616",
    "ConversionSoftware": "dcm2niix",
    "ConversionSoftwareVersion": "v1.0.20190902",
    "DerivedVendorReportedEchoSpacing": 0.000689998,
    "DeviceSerialNumber": "45239",
    "DwellTime": 2.2e-06,
    "EchoTime": 0.03,
    "EchoTrainLength": 63,
    "EffectiveEchoSpacing": 0.000344999,
    "FlipAngle": 80,
    "ImageComments": "Unaliased_MB4_PE4",
    "ImageOrientationPatientDICOM": [
      0.999999,
      -0.00022549,
      -0.00109391,
      0.00023138,
      0.999985,
      0.00538751
    ],
    "ImageType": [
      "ORIGINAL",
      "PRIMARY",
      "M",
      "MB",
      "ND",
      "MOSAIC"
    ],
    "ImagingFrequency": 123.224,
    "InPlanePhaseEncodingDirectionDICOM": "COL",
    "InstitutionAddress": "E_24th_St._100_Austin_Southmiddle_US_78712",
    "InstitutionName": "The_Univ._of_Texas_at_Austin_IRC",
    "InstitutionalDepartmentName": "IRC",
    "MRAcquisitionType": "2D",
    "MagneticFieldStrength": 3,
    "Manufacturer": "Siemens",
    "ManufacturersModelName": "Skyra",
    "Modality": "MR",
    "MultibandAccelerationFactor": 4,
    "ParallelReductionFactorInPlane": 2,
    "PartialFourier": 1,
    "PatientPosition": "HFS",
    "PercentPhaseFOV": 100,
    "PhaseEncodingDirection": "j-",
    "PhaseEncodingSteps": 127,
    "PhaseResolution": 1,
    "PixelBandwidth": 1775,
    "ProcedureStepDescription": "Booth_Language",
    "ProtocolName": "SEM2",
    "PulseSequenceDetails": "%CustomerSeq%_cmrr_mbep2d_bold",
    "ReceiveCoilActiveElements": "HC1-6",
    "ReceiveCoilName": "HeadNeck_64",
    "ReconMatrixPE": 128,
    "RefLinesPE": 100,
    "RepetitionTime": 1.25,
    "SAR": 0.218387,
    "ScanOptions": "FS",
    "ScanningSequence": "EP",
    "SequenceName": "epfid2d1_128",
    "SequenceVariant": "SK_SS",
    "SeriesDescription": "SEM2",
    "SeriesNumber": 12,
    "ShiftedAquisitionDate": "1814-05-02",
    "ShimSetting": [
      -2926,
      7930,
      -15510,
      -1113,
      -110,
      -179,
      453,
      74
    ],
    "SliceThickness": 2,
    "SliceTiming": [
      0,
      0.2625,
      0.5275,
      0.79,
      1.055,
      0.0875,
      0.3525,
      0.615,
      0.8775,
      1.1425,
      0.175,
      0.44,
      0.7025,
      0.9675,
      0,
      0.2625,
      0.5275,
      0.79,
      1.055,
      0.0875,
      0.3525,
      0.615,
      0.8775,
      1.1425,
      0.175,
      0.44,
      0.7025,
      0.9675,
      0,
      0.2625,
      0.5275,
      0.79,
      1.055,
      0.0875,
      0.3525,
      0.615,
      0.8775,
      1.1425,
      0.175,
      0.44,
      0.7025,
      0.9675,
      0,
      0.2625,
      0.5275,
      0.79,
      1.055,
      0.0875,
      0.3525,
      0.615,
      0.8775,
      1.1425,
      0.175,
      0.44,
      0.7025,
      0.9675
    ],
    "SoftwareVersions": "syngo_MR_D13",
    "SpacingBetweenSlices": 2,
    "StationName": "AWP45239",
    "TotalReadoutTime": 0.0438149,
    "TxRefAmp": 323.129,
    "WipMemBlock": "f6b546b1-b260-4925-90c1-432e4b769a18||Sequence: vd13a/master r/58f62de; Dec 19 2014 18:04:02 by eja",
    "acq_id": "D2S12",
    "dataset": "ds003604",
    "modality": "bold",
    "run_id": 2,
    "session_id": "5",
    "subject_id": "5023",
    "task_id": "Sem"
  },
  "dummy_trs": 0,
  "dvars_nstd": 58.09863869834439,
  "dvars_std": 1.1022032702649014,
  "dvars_vstd": 1.015319351324503,
  "efc": 0.4451851363182521,
  "fber": 1072.494140625,
  "fd_mean": 0.28193000068674007,
  "fd_num": 85,
  "fd_perc": 55.921052631578945,
  "fwhm_avg": 3.5002549999999997,
  "fwhm_x": 3.173455,
  "fwhm_y": 3.614715,
  "fwhm_z": 3.712595,
  "gcor": 0.0283358,
  "gsr_x": -0.023335900157690048,
  "gsr_y": 0.02152540534734726,
  "provenance": {
    "md5sum": "bcd8dcad38e13ac62042cf7d43b8d017",
    "settings": {
      "fd_thres": 0.2,
      "testing": false
    },
    "software": "mriqc",
    "version": "23.0.1",
    "webapi_port": null,
    "webapi_url": "https://mriqc.nimh.nih.gov/api/v1"
  },
  "size_t": 152,
  "size_x": 128,
  "size_y": 128,
  "size_z": 56,
  "snr": 2.3307607756532613,
  "spacing_tr": 1.25,
  "spacing_x": 2.0,
  "spacing_y": 2.0,
  "spacing_z": 2.0,
  "summary_bg_k": 56.0687603065514,
  "summary_bg_mad": 42.14688631517587,
  "summary_bg_mean": 372.4048156738281,
  "summary_bg_median": 225.43421936035156,
  "summary_bg_n": 676221.0,
  "summary_bg_p05": 190.92105102539062,
  "summary_bg_p95": 964.9736938476562,
  "summary_bg_stdv": 553.87939453125,
  "summary_fg_k": 2.2167506872661322,
  "summary_fg_mad": 2781.107663587068,
  "summary_fg_mean": 8061.6904296875,
  "summary_fg_median": 7437.447265625,
  "summary_fg_n": 139709.0,
  "summary_fg_p05": 4242.4078125,
  "summary_fg_p95": 14303.58046875,
  "summary_fg_stdv": 3190.984130859375,
  "tsnr": 25.391591225692537
}